{
  "bids_meta": {
    "AcquisitionMatrixPE": 192,
    "AcquisitionNumber": 1,
    "AcquisitionTime": "12:55:21.570000",
    "BaseResolution": 192,
    "BodyPartExamined": "BRAIN",
    "CoilString": "HE1-4;NE1_2",
    "ConsistencyInfo": "N4_VE11C_LATEST_20160120",
    "ConversionSoftware": "dcm2niix",
    "ConversionSoftwareVersion": "v1.0.20190410  GCC6.3.0",
    "DeviceSerialNumber": "166048",
    "DwellTime": 3.5e-06,
    "EchoTime": 0.567,
    "EchoTrainLength": 314,
    "FlipAngle": 120,
    "ImageOrientationPatientDICOM": [
      0,
      1,
      0,
      0,
      0,
      -1
    ],
    "ImageType": [
      "ORIGINAL",
      "PRIMARY",
      "M",
      "ND",
      "NORM"
    ],
    "ImagingFrequency": 123.246,
    "InPlanePhaseEncodingDirectionDICOM": "ROW",
    "InstitutionAddress": "North_13th_1701_Philadelphia_PA_US_19122",
    "InstitutionName": "Temple_University_-_Weiss_Hall",
    "InstitutionalDepartmentName": "Department",
    "MRAcquisitionType": "3D",
    "MagneticFieldStrength": 3,
    "Manufacturer": "Siemens",
    "ManufacturersModelName": "Prisma",
    "Modality": "MR",
    "PartialFourier": 1,
    "PatientPosition": "HFS",
    "PercentPhaseFOV": 100,
    "PhaseEncodingSteps": 209,
    "PhaseOversampling": 0.1,
    "PhaseResolution": 1,
    "PixelBandwidth": 745,
    "ProcedureStepDescription": "SMITH_SRNDNA",
    "ProtocolName": "T2w-anat_spc_07sag_iso",
    "PulseSequenceDetails": "%SiemensSeq%_tse_vfl",
    "ReceiveCoilActiveElements": "HE1-4;NE1,2",
    "ReceiveCoilName": "HeadNeck_20",
    "ReconMatrixPE": 192,
    "RefLinesPE": 32,
    "RepetitionTime": 3.2,
    "SAR": 0.241221,
    "ScanOptions": "PFP",
    "ScanningSequence": "SE",
    "SequenceName": "_spc_314ns",
    "SequenceVariant": "SK_SP_OSP",
    "SeriesDescription": "T2w-anat_spc_07sag_iso",
    "SeriesNumber": 3,
    "ShimSetting": [
      1401,
      -7514,
      6450,
      -133,
      -64,
      -214,
      -11,
      -86
    ],
    "SliceThickness": 1,
    "SoftwareVersions": "syngo_MR_E11",
    "StationName": "AWP166048",
    "TxRefAmp": 349.084,
    "dataset": "<unset>",
    "modality": "T2w",
    "subject_id": "144"
  },
  "cjv": 0.4767813867035837,
  "cnr": 2.833135278814308,
  "efc": 0.6599741130970157,
  "fber": 3340.9495743581683,
  "fwhm_avg": 2.7944366666666665,
  "fwhm_x": 2.66857,
  "fwhm_y": 3.04977,
  "fwhm_z": 2.66497,
  "icvs_csf": 0.28715770784344363,
  "icvs_gm": 0.6559694697299456,
  "icvs_wm": 0.05687282242661073,
  "inu_med": 0.9719744324684143,
  "inu_range": 0.23456242084503176,
  "provenance": {
    "md5sum": "aa3042d4618c2dc29507f102fb778eea",
    "settings": {
      "testing": false
    },
    "software": "mriqc",
    "version": "22.0.6",
    "warnings": {
      "large_rot_frame": true,
      "small_air_mask": false
    },
    "webapi_port": null,
    "webapi_url": "https://mriqc.nimh.nih.gov/api/v1"
  },
  "qi_1": 0.0,
  "qi_2": 0.0007425307270448466,
  "rpve_csf": 11.061205787679478,
  "rpve_gm": 6.289236520948163,
  "rpve_wm": 61.432924016813594,
  "size_x": 192,
  "size_y": 192,
  "size_z": 192,
  "snr_csf": 4.457522082290418,
  "snr_gm": 6.162241785224431,
  "snr_total": 3.965445262609092,
  "snr_wm": 1.2765719203124273,
  "snrd_csf": 61.95188368718793,
  "snrd_gm": 21.949477035651988,
  "snrd_total": 29.862795927808993,
  "snrd_wm": 5.687027060587061,
  "spacing_x": 1.0,
  "spacing_y": 1.0,
  "spacing_z": 1.0,
  "summary_bg_k": 15.874850677091363,
  "summary_bg_mad": 0.0,
  "summary_bg_mean": 68.34595542147378,
  "summary_bg_median": 0.0,
  "summary_bg_n": 1034546.0,
  "summary_bg_p05": 0.0,
  "summary_bg_p95": 290.6515637040138,
  "summary_bg_stdv": 115.26366725725089,
  "summary_csf_k": -0.2858899736014653,
  "summary_csf_mad": 2522.523823466976,
  "summary_csf_mean": 11303.199798293115,
  "summary_csf_median": 10899.716925024986,
  "summary_csf_n": 75935.0,
  "summary_csf_p05": 7688.300432220101,
  "summary_csf_p95": 15187.53570497036,
  "summary_csf_stdv": 2445.225161765627,
  "summary_gm_k": 0.010826431319483465,
  "summary_gm_mad": 624.9609472725375,
  "summary_gm_mean": 3882.400137324808,
  "summary_gm_median": 3861.7564487457275,
  "summary_gm_n": 314531.0,
  "summary_gm_p05": 2886.402322202921,
  "summary_gm_p95": 4949.008594453335,
  "summary_gm_stdv": 626.679452774491,
  "summary_wm_k": 1.0835076094049914,
  "summary_wm_mad": 739.2011204298831,
  "summary_wm_mean": 1170.1495336593478,
  "summary_wm_median": 1000.5665916204453,
  "summary_wm_n": 1397.0,
  "summary_wm_p05": 173.03116482496262,
  "summary_wm_p95": 2668.0453774631023,
  "summary_wm_stdv": 783.5112139011146,
  "tpm_overlap_csf": 0.16130158776174341,
  "tpm_overlap_gm": 0.4007292916922862,
  "tpm_overlap_wm": 0.030969741453734274,
  "wm2max": 0.06459400146305778
}