{
  "bids_meta": {
    "AcquisitionMatrixPE": 192,
    "AcquisitionNumber": 1,
    "AcquisitionTime": "12:59:29.325000",
    "BaseResolution": 192,
    "BodyPartExamined": "BRAIN",
    "CoilString": "HE1-4;NE1_2",
    "ConsistencyInfo": "N4_VE11C_LATEST_20160120",
    "ConversionSoftware": "dcm2niix",
    "ConversionSoftwareVersion": "v1.0.20190410  GCC6.3.0",
    "DeviceSerialNumber": "166048",
    "DwellTime": 1.24e-05,
    "EchoTime": 0.0022,
    "FlipAngle": 8,
    "ImageOrientationPatientDICOM": [
      0,
      1,
      0,
      0,
      0,
      -1
    ],
    "ImageType": [
      "ORIGINAL",
      "PRIMARY",
      "M",
      "ND",
      "NORM",
      "FM3",
      "2",
      "FIL"
    ],
    "ImagingFrequency": 123.246,
    "InPlanePhaseEncodingDirectionDICOM": "ROW",
    "InstitutionAddress": "North_13th_1701_Philadelphia_PA_US_19122",
    "InstitutionName": "Temple_University_-_Weiss_Hall",
    "InstitutionalDepartmentName": "Department",
    "InversionTime": 1.15,
    "MRAcquisitionType": "3D",
    "MagneticFieldStrength": 3,
    "Manufacturer": "Siemens",
    "ManufacturersModelName": "Prisma",
    "Modality": "MR",
    "PartialFourier": 1,
    "PatientPosition": "HFS",
    "PercentPhaseFOV": 100,
    "PhaseEncodingSteps": 211,
    "PhaseOversampling": 0.1,
    "PhaseResolution": 1,
    "PixelBandwidth": 210,
    "ProcedureStepDescription": "SMITH_SRNDNA",
    "ProtocolName": "T1w-anat_mpg_07sag_iso",
    "PulseSequenceDetails": "%SiemensSeq%_tfl",
    "ReceiveCoilActiveElements": "HE1-4;NE1,2",
    "ReceiveCoilName": "HeadNeck_20",
    "ReconMatrixPE": 192,
    "RefLinesPE": 32,
    "RepetitionTime": 2.4,
    "SAR": 0.065669,
    "ScanOptions": "IR_WE",
    "ScanningSequence": "GR_IR",
    "SequenceName": "_tfl3d1_16ns",
    "SequenceVariant": "SK_SP_MP_OSP",
    "SeriesDescription": "T1w-anat_mpg_07sag_iso",
    "SeriesNumber": 5,
    "ShimSetting": [
      1401,
      -7514,
      6450,
      -133,
      -64,
      -214,
      -11,
      -86
    ],
    "SliceThickness": 1,
    "SoftwareVersions": "syngo_MR_E11",
    "StationName": "AWP166048",
    "TxRefAmp": 349.084,
    "dataset": "<unset>",
    "modality": "T1w",
    "subject_id": "144"
  },
  "cjv": 0.46519834868603005,
  "cnr": 2.874668734695333,
  "efc": 0.6987217268513005,
  "fber": -1.0,
  "fwhm_avg": 4.094046666666666,
  "fwhm_x": 3.93993,
  "fwhm_y": 4.20807,
  "fwhm_z": 4.13414,
  "icvs_csf": 0.26756080250890124,
  "icvs_gm": 0.3467881265828627,
  "icvs_wm": 0.3856510709082361,
  "inu_med": 0.6151143610477448,
  "inu_range": 0.30179327279329304,
  "provenance": {
    "md5sum": "7093b5b291b12909254863f43bd1444c",
    "settings": {
      "testing": false
    },
    "software": "mriqc",
    "version": "22.0.6",
    "warnings": {
      "large_rot_frame": true,
      "small_air_mask": false
    },
    "webapi_port": null,
    "webapi_url": "https://mriqc.nimh.nih.gov/api/v1"
  },
  "qi_1": 0.0,
  "qi_2": 0.006349892708439561,
  "rpve_csf": 13.645112164038567,
  "rpve_gm": 9.213898043932678,
  "rpve_wm": 10.187304789930657,
  "size_x": 192,
  "size_y": 192,
  "size_z": 192,
  "snr_csf": 2.7167705948100815,
  "snr_gm": 11.765681431399985,
  "snr_total": 11.071983419714293,
  "snr_wm": 18.73349823293281,
  "snrd_csf": 13.858082717396266,
  "snrd_gm": 40.6125420685637,
  "snrd_total": 36.037358474026874,
  "snrd_wm": 53.64145063612066,
  "spacing_x": 1.0,
  "spacing_y": 1.0,
  "spacing_z": 1.0,
  "summary_bg_k": 7.111063926203199,
  "summary_bg_mad": 0.0,
  "summary_bg_mean": 6.478515685937627,
  "summary_bg_median": 0.0,
  "summary_bg_n": 1045599.0,
  "summary_bg_p05": 0.0,
  "summary_bg_p95": 34.27521559596062,
  "summary_bg_stdv": 12.21402296515159,
  "summary_csf_k": 1.249952591859672,
  "summary_csf_mad": 79.841098114565,
  "summary_csf_mean": 269.2118913755331,
  "summary_csf_median": 258.3629005551338,
  "summary_csf_n": 73165.0,
  "summary_csf_p05": 132.34921512007713,
  "summary_csf_p95": 449.06234407424927,
  "summary_csf_stdv": 95.09862018697038,
  "summary_gm_k": 0.13942619533488365,
  "summary_gm_mad": 63.02750215867425,
  "summary_gm_mean": 753.6483891147122,
  "summary_gm_median": 757.1591526567936,
  "summary_gm_n": 10870.0,
  "summary_gm_p05": 641.6624464988708,
  "summary_gm_p95": 852.9523614943027,
  "summary_gm_stdv": 64.35023150526963,
  "summary_wm_k": 0.9000220598630975,
  "summary_wm_mad": 49.971134349351274,
  "summary_wm_mean": 1005.238096507621,
  "summary_wm_median": 1000.0633607804775,
  "summary_wm_n": 188119.0,
  "summary_wm_p05": 927.5215458869934,
  "summary_wm_p95": 1100.7349274754524,
  "summary_wm_stdv": 53.383553369567124,
  "tpm_overlap_csf": 0.1743022391060453,
  "tpm_overlap_gm": 0.412851263093395,
  "tpm_overlap_wm": 0.5011446122833836,
  "wm2max": 0.33334741199079254
}