{
  "bids_meta": {
    "AcquisitionMatrixPE": 192,
    "AcquisitionNumber": 1,
    "AcquisitionTime": "13:24:30.290000",
    "BaseResolution": 192,
    "BodyPartExamined": "BRAIN",
    "CoilString": "HE1-4;NE1_2",
    "ConsistencyInfo": "N4_VE11C_LATEST_20160120",
    "ConversionSoftware": "dcm2niix",
    "ConversionSoftwareVersion": "v1.0.20190410  GCC6.3.0",
    "DeviceSerialNumber": "166048",
    "DwellTime": 1.24e-05,
    "EchoTime": 0.0022,
    "FlipAngle": 8,
    "ImageOrientationPatientDICOM": [
      0,
      1,
      0,
      0,
      0,
      -1
    ],
    "ImageType": [
      "ORIGINAL",
      "PRIMARY",
      "M",
      "ND",
      "NORM",
      "FM3",
      "2",
      "FIL"
    ],
    "ImagingFrequency": 123.246,
    "InPlanePhaseEncodingDirectionDICOM": "ROW",
    "InstitutionAddress": "North_13th_1701_Philadelphia_PA_US_19122",
    "InstitutionName": "Temple_University_-_Weiss_Hall",
    "InstitutionalDepartmentName": "Department",
    "InversionTime": 1.15,
    "MRAcquisitionType": "3D",
    "MagneticFieldStrength": 3,
    "Manufacturer": "Siemens",
    "ManufacturersModelName": "Prisma",
    "Modality": "MR",
    "PartialFourier": 1,
    "PatientPosition": "HFS",
    "PercentPhaseFOV": 100,
    "PhaseEncodingSteps": 211,
    "PhaseOversampling": 0.1,
    "PhaseResolution": 1,
    "PixelBandwidth": 210,
    "ProcedureStepDescription": "SMITH_SRNDNA",
    "ProtocolName": "T1w-anat_mpg_07sag_iso",
    "PulseSequenceDetails": "%SiemensSeq%_tfl",
    "ReceiveCoilActiveElements": "HE1-4;NE1,2",
    "ReceiveCoilName": "HeadNeck_20",
    "ReconMatrixPE": 192,
    "RefLinesPE": 32,
    "RepetitionTime": 2.4,
    "SAR": 0.0417689,
    "ScanOptions": "IR_WE",
    "ScanningSequence": "GR_IR",
    "SequenceName": "_tfl3d1_16ns",
    "SequenceVariant": "SK_SP_MP_OSP",
    "SeriesDescription": "T1w-anat_mpg_07sag_iso",
    "SeriesNumber": 5,
    "ShimSetting": [
      1407,
      -7453,
      6497,
      264,
      27,
      -353,
      -80,
      27
    ],
    "SliceThickness": 1,
    "SoftwareVersions": "syngo_MR_E11",
    "StationName": "AWP166048",
    "TxRefAmp": 245.267,
    "dataset": "<unset>",
    "modality": "T1w",
    "subject_id": "117"
  },
  "cjv": 0.3165735624784434,
  "cnr": 4.182666199969551,
  "efc": 0.6253014381077362,
  "fber": 43413.38063049939,
  "fwhm_avg": 3.9122,
  "fwhm_x": 3.81411,
  "fwhm_y": 3.95784,
  "fwhm_z": 3.96465,
  "icvs_csf": 0.19688234279657815,
  "icvs_gm": 0.4662331859110532,
  "icvs_wm": 0.33688447129236865,
  "inu_med": 0.4348611533641815,
  "inu_range": 0.17303914427757267,
  "provenance": {
    "md5sum": "398bb907e96cca5aa85de89d1f7122aa",
    "settings": {
      "testing": false
    },
    "software": "mriqc",
    "version": "22.0.6",
    "warnings": {
      "large_rot_frame": true,
      "small_air_mask": false
    },
    "webapi_port": null,
    "webapi_url": "https://mriqc.nimh.nih.gov/api/v1"
  },
  "qi_1": 0.0,
  "qi_2": 0.006282682223195625,
  "rpve_csf": 16.35763114980071,
  "rpve_gm": 7.481989350938514,
  "rpve_wm": 11.703739971625613,
  "size_x": 192,
  "size_y": 192,
  "size_z": 192,
  "snr_csf": 2.4095266102854778,
  "snr_gm": 11.450110510517767,
  "snr_total": 14.75027694192824,
  "snr_wm": 30.391193704981475,
  "snrd_csf": 37.209724836436976,
  "snrd_gm": 110.67491423157828,
  "snrd_total": 101.484670187556,
  "snrd_wm": 156.56937149465278,
  "spacing_x": 1.0,
  "spacing_y": 1.0,
  "spacing_z": 1.0,
  "summary_bg_k": 8.221153084495782,
  "summary_bg_mad": 0.0,
  "summary_bg_mean": 2.3802545023448762,
  "summary_bg_median": 0.0,
  "summary_bg_n": 1501614.0,
  "summary_bg_p05": 0.0,
  "summary_bg_p95": 10.199474865570664,
  "summary_bg_stdv": 4.184492139814438,
  "summary_csf_k": 2.0649431869684545,
  "summary_csf_mad": 83.36747189820304,
  "summary_csf_mean": 247.91378040343372,
  "summary_csf_median": 237.66623424179852,
  "summary_csf_n": 28436.0,
  "summary_csf_p05": 109.58278855821118,
  "summary_csf_p95": 435.70945822866634,
  "summary_csf_stdv": 98.6343351524535,
  "summary_gm_k": 0.08474237670313078,
  "summary_gm_mad": 61.034725776567626,
  "summary_gm_mean": 705.809150506534,
  "summary_gm_median": 706.9036443047225,
  "summary_gm_n": 47577.0,
  "summary_gm_p05": 601.9947599731386,
  "summary_gm_p95": 805.4506831467152,
  "summary_gm_stdv": 61.73706485786616,
  "summary_wm_k": 0.7590787575090103,
  "summary_wm_mad": 31.76483235829342,
  "summary_wm_mean": 1000.9103420467573,
  "summary_wm_median": 1000.0410667993128,
  "summary_wm_n": 165871.0,
  "summary_wm_p05": 948.8795158136636,
  "summary_wm_p95": 1054.4040626119822,
  "summary_wm_stdv": 32.9055206579911,
  "tpm_overlap_csf": 0.16111199127768908,
  "tpm_overlap_gm": 0.4733089793176371,
  "tpm_overlap_wm": 0.49298226837675757,
  "wm2max": 0.8984144542772862
}