{
  "bids_meta": {
    "AcquisitionMatrixPE": 192,
    "AcquisitionNumber": 1,
    "AcquisitionTime": "13:20:27.550000",
    "BaseResolution": 192,
    "BodyPartExamined": "BRAIN",
    "CoilString": "HE1-4;NE1_2",
    "ConsistencyInfo": "N4_VE11C_LATEST_20160120",
    "ConversionSoftware": "dcm2niix",
    "ConversionSoftwareVersion": "v1.0.20190410  GCC6.3.0",
    "DeviceSerialNumber": "166048",
    "DwellTime": 3.5e-06,
    "EchoTime": 0.567,
    "EchoTrainLength": 314,
    "FlipAngle": 120,
    "ImageOrientationPatientDICOM": [
      0,
      1,
      0,
      0,
      0,
      -1
    ],
    "ImageType": [
      "ORIGINAL",
      "PRIMARY",
      "M",
      "ND",
      "NORM"
    ],
    "ImagingFrequency": 123.246,
    "InPlanePhaseEncodingDirectionDICOM": "ROW",
    "InstitutionAddress": "North_13th_1701_Philadelphia_PA_US_19122",
    "InstitutionName": "Temple_University_-_Weiss_Hall",
    "InstitutionalDepartmentName": "Department",
    "MRAcquisitionType": "3D",
    "MagneticFieldStrength": 3,
    "Manufacturer": "Siemens",
    "ManufacturersModelName": "Prisma",
    "Modality": "MR",
    "PartialFourier": 1,
    "PatientPosition": "HFS",
    "PercentPhaseFOV": 100,
    "PhaseEncodingSteps": 209,
    "PhaseOversampling": 0.1,
    "PhaseResolution": 1,
    "PixelBandwidth": 745,
    "ProcedureStepDescription": "SMITH_SRNDNA",
    "ProtocolName": "T2w-anat_spc_07sag_iso",
    "PulseSequenceDetails": "%SiemensSeq%_tse_vfl",
    "ReceiveCoilActiveElements": "HE1-4;NE1,2",
    "ReceiveCoilName": "HeadNeck_20",
    "ReconMatrixPE": 192,
    "RefLinesPE": 32,
    "RepetitionTime": 3.2,
    "SAR": 0.153429,
    "ScanOptions": "PFP",
    "ScanningSequence": "SE",
    "SequenceName": "_spc_314ns",
    "SequenceVariant": "SK_SP_OSP",
    "SeriesDescription": "T2w-anat_spc_07sag_iso",
    "SeriesNumber": 3,
    "ShimSetting": [
      1407,
      -7453,
      6497,
      264,
      27,
      -353,
      -80,
      27
    ],
    "SliceThickness": 1,
    "SoftwareVersions": "syngo_MR_E11",
    "StationName": "AWP166048",
    "TxRefAmp": 245.267,
    "dataset": "<unset>",
    "modality": "T2w",
    "subject_id": "117"
  },
  "cjv": 0.3409752847674512,
  "cnr": 1.9716911156258927,
  "efc": 0.6067785032776034,
  "fber": 5493.008401822302,
  "fwhm_avg": 2.45632,
  "fwhm_x": 2.31891,
  "fwhm_y": 2.75915,
  "fwhm_z": 2.2909,
  "icvs_csf": 0.3414426983243094,
  "icvs_gm": 0.5172221939413686,
  "icvs_wm": 0.141335107734322,
  "inu_med": 0.931860625743866,
  "inu_range": 0.23071028590202336,
  "provenance": {
    "md5sum": "70a08dbd2aa7c5cedb737b09171e10b6",
    "settings": {
      "testing": false
    },
    "software": "mriqc",
    "version": "22.0.6",
    "warnings": {
      "large_rot_frame": true,
      "small_air_mask": false
    },
    "webapi_port": null,
    "webapi_url": "https://mriqc.nimh.nih.gov/api/v1"
  },
  "qi_1": 0.0,
  "qi_2": 0.0010628875188216722,
  "rpve_csf": 9.148904839327967,
  "rpve_gm": 7.0285760269041635,
  "rpve_wm": 28.040059535874537,
  "size_x": 192,
  "size_y": 192,
  "size_z": 192,
  "snr_csf": 9.483637327019375,
  "snr_gm": 9.251738903249526,
  "snr_total": 7.2068857652132605,
  "snr_wm": 2.8852810653708802,
  "snrd_csf": 76.66296937952224,
  "snrd_gm": 45.27029826717569,
  "snrd_total": 88.80309297309806,
  "snrd_wm": 144.47601127259625,
  "spacing_x": 1.0,
  "spacing_y": 1.0,
  "spacing_z": 1.0,
  "summary_bg_k": 5.188434099151271,
  "summary_bg_mad": 0.0,
  "summary_bg_mean": 3.0031686101307526,
  "summary_bg_median": 0.0,
  "summary_bg_n": 1512785.0,
  "summary_bg_p05": 0.0,
  "summary_bg_p95": 12.388042610138655,
  "summary_bg_stdv": 4.535755592063375,
  "summary_csf_k": 1.3291571878838715,
  "summary_csf_mad": 51.57864640862013,
  "summary_csf_mean": 534.5226555819166,
  "summary_csf_median": 530.7665580287576,
  "summary_csf_n": 26508.0,
  "summary_csf_p05": 451.6178222505376,
  "summary_csf_p95": 631.111641831696,
  "summary_csf_stdv": 55.965504393672525,
  "summary_gm_k": 0.42810285025456185,
  "summary_gm_mad": 33.283963522531124,
  "summary_gm_mean": 313.4076539136132,
  "summary_gm_median": 313.42329401895404,
  "summary_gm_n": 193690.0,
  "summary_gm_p05": 258.36532686278224,
  "summary_gm_p95": 367.8027298897505,
  "summary_gm_stdv": 33.877143336044924,
  "summary_wm_k": 0.22025421322049787,
  "summary_wm_mad": 200.9109715220143,
  "summary_wm_mean": 851.2375504911948,
  "summary_wm_median": 1000.2617409881204,
  "summary_wm_n": 20772.0,
  "summary_wm_p05": 78.96456300076096,
  "summary_wm_p95": 1171.1866797653959,
  "summary_wm_stdv": 346.66905610625645,
  "tpm_overlap_csf": 0.11582901579725602,
  "tpm_overlap_gm": 0.3299295891893059,
  "tpm_overlap_wm": 0.04292089874787225,
  "wm2max": 0.8706182746413029
}