{
  "bids_meta": {
    "AcquisitionMatrixPE": 192,
    "AcquisitionNumber": 1,
    "AcquisitionTime": "12:04:41.287500",
    "BaseResolution": 192,
    "BodyPartExamined": "HEAD",
    "CoilString": "HE1-4;NE1_2",
    "ConsistencyInfo": "N4_VE11C_LATEST_20160120",
    "ConversionSoftware": "dcm2niix",
    "ConversionSoftwareVersion": "v1.0.20190410  GCC6.3.0",
    "DeviceSerialNumber": "166048",
    "DwellTime": 1.24e-05,
    "EchoTime": 0.0022,
    "FlipAngle": 8,
    "ImageOrientationPatientDICOM": [
      0,
      1,
      0,
      0,
      0,
      -1
    ],
    "ImageType": [
      "ORIGINAL",
      "PRIMARY",
      "M",
      "ND",
      "NORM",
      "FM3",
      "2",
      "FIL"
    ],
    "ImagingFrequency": 123.246,
    "InPlanePhaseEncodingDirectionDICOM": "ROW",
    "InstitutionAddress": "North_13th_1701_Philadelphia_PA_US_19122",
    "InstitutionName": "Temple_University_-_Weiss_Hall",
    "InstitutionalDepartmentName": "Department",
    "InversionTime": 1.15,
    "MRAcquisitionType": "3D",
    "MagneticFieldStrength": 3,
    "Manufacturer": "Siemens",
    "ManufacturersModelName": "Prisma",
    "Modality": "MR",
    "PartialFourier": 1,
    "PatientPosition": "HFS",
    "PercentPhaseFOV": 100,
    "PhaseEncodingSteps": 211,
    "PhaseOversampling": 0.1,
    "PhaseResolution": 1,
    "PixelBandwidth": 210,
    "ProcedureStepDescription": "SMITH_SRNDNA",
    "ProtocolName": "T1w-anat_mpg_07sag_iso",
    "PulseSequenceDetails": "%SiemensSeq%_tfl",
    "ReceiveCoilActiveElements": "HE1-4;NE1,2",
    "ReceiveCoilName": "HeadNeck_20",
    "ReconMatrixPE": 192,
    "RefLinesPE": 32,
    "RepetitionTime": 2.4,
    "SAR": 0.0389324,
    "ScanOptions": "IR_WE",
    "ScanningSequence": "GR_IR",
    "SequenceName": "_tfl3d1_16ns",
    "SequenceVariant": "SK_SP_MP_OSP",
    "SeriesDescription": "T1w-anat_mpg_07sag_iso",
    "SeriesNumber": 5,
    "ShimSetting": [
      1406,
      -7274,
      6352,
      420,
      -126,
      123,
      -483,
      61
    ],
    "SliceThickness": 1,
    "SoftwareVersions": "syngo_MR_E11",
    "StationName": "AWP166048",
    "TxRefAmp": 248.237,
    "dataset": "<unset>",
    "modality": "T1w",
    "subject_id": "108"
  },
  "cjv": 0.3181830957022459,
  "cnr": 4.15218212047977,
  "efc": 0.5978905814349066,
  "fber": 44561.521216,
  "fwhm_avg": 4.001386666666667,
  "fwhm_x": 3.90159,
  "fwhm_y": 4.06118,
  "fwhm_z": 4.04139,
  "icvs_csf": 0.21614264458963417,
  "icvs_gm": 0.44648856572537765,
  "icvs_wm": 0.3373687896849882,
  "inu_med": 0.39349237084388733,
  "inu_range": 0.12658011317253115,
  "provenance": {
    "md5sum": "a14e90b036d69702baa8376ba2e5025b",
    "settings": {
      "testing": false
    },
    "software": "mriqc",
    "version": "22.0.6",
    "warnings": {
      "large_rot_frame": true,
      "small_air_mask": false
    },
    "webapi_port": null,
    "webapi_url": "https://mriqc.nimh.nih.gov/api/v1"
  },
  "qi_1": 0.0,
  "qi_2": 0.006595597700300984,
  "rpve_csf": 18.205630358135018,
  "rpve_gm": 9.193753686320873,
  "rpve_wm": 13.957775713501428,
  "size_x": 192,
  "size_y": 192,
  "size_z": 192,
  "snr_csf": 2.2896963340234904,
  "snr_gm": 11.870733268084537,
  "snr_total": 14.849420746328265,
  "snr_wm": 30.38783263687677,
  "snrd_csf": 37.24469310730686,
  "snrd_gm": 111.19336078087375,
  "snrd_total": 101.3466186633911,
  "snrd_wm": 155.6018021019927,
  "spacing_x": 1.0,
  "spacing_y": 1.0,
  "spacing_z": 1.0,
  "summary_bg_k": 13.158041924502026,
  "summary_bg_mad": 0.0,
  "summary_bg_mean": 2.476038905324318,
  "summary_bg_median": 0.0,
  "summary_bg_n": 1587008.0,
  "summary_bg_p05": 0.0,
  "summary_bg_p95": 11.577338261529803,
  "summary_bg_stdv": 4.21054860166486,
  "summary_csf_k": 0.8997058213542641,
  "summary_csf_mad": 95.9214849393869,
  "summary_csf_mean": 249.62943214438835,
  "summary_csf_median": 239.37090120837092,
  "summary_csf_n": 24459.0,
  "summary_csf_p05": 104.37476827204227,
  "summary_csf_p95": 452.5726491387933,
  "summary_csf_stdv": 104.54050359966327,
  "summary_gm_k": 0.24575858400422668,
  "summary_gm_mad": 58.23594143956639,
  "summary_gm_mean": 712.9949633809549,
  "summary_gm_median": 714.6375163253397,
  "summary_gm_n": 35952.0,
  "summary_gm_p05": 610.9399131214246,
  "summary_gm_p95": 809.2420437317342,
  "summary_gm_stdv": 60.20079479039484,
  "summary_wm_k": 0.38691009524192843,
  "summary_wm_mad": 32.57738584574328,
  "summary_wm_mean": 1000.6866309317612,
  "summary_wm_median": 1000.0496847024187,
  "summary_wm_n": 150174.0,
  "summary_wm_p05": 947.9119460992515,
  "summary_wm_p95": 1053.00161004439,
  "summary_wm_stdv": 32.90943342391295,
  "tpm_overlap_csf": 0.1519431668304835,
  "tpm_overlap_gm": 0.4688117749925138,
  "tpm_overlap_wm": 0.5071037872296187,
  "wm2max": 0.9096237559380814
}