{
  "bids_meta": {
    "AcquisitionMatrixPE": 192,
    "AcquisitionNumber": 1,
    "AcquisitionTime": "12:00:38.530000",
    "BaseResolution": 192,
    "BodyPartExamined": "HEAD",
    "CoilString": "HE1-4;NE1_2",
    "ConsistencyInfo": "N4_VE11C_LATEST_20160120",
    "ConversionSoftware": "dcm2niix",
    "ConversionSoftwareVersion": "v1.0.20190410  GCC6.3.0",
    "DeviceSerialNumber": "166048",
    "DwellTime": 3.5e-06,
    "EchoTime": 0.567,
    "EchoTrainLength": 314,
    "FlipAngle": 120,
    "ImageOrientationPatientDICOM": [
      0,
      1,
      0,
      0,
      0,
      -1
    ],
    "ImageType": [
      "ORIGINAL",
      "PRIMARY",
      "M",
      "ND",
      "NORM"
    ],
    "ImagingFrequency": 123.246,
    "InPlanePhaseEncodingDirectionDICOM": "ROW",
    "InstitutionAddress": "North_13th_1701_Philadelphia_PA_US_19122",
    "InstitutionName": "Temple_University_-_Weiss_Hall",
    "InstitutionalDepartmentName": "Department",
    "MRAcquisitionType": "3D",
    "MagneticFieldStrength": 3,
    "Manufacturer": "Siemens",
    "ManufacturersModelName": "Prisma",
    "Modality": "MR",
    "PartialFourier": 1,
    "PatientPosition": "HFS",
    "PercentPhaseFOV": 100,
    "PhaseEncodingSteps": 209,
    "PhaseOversampling": 0.1,
    "PhaseResolution": 1,
    "PixelBandwidth": 745,
    "ProcedureStepDescription": "SMITH_SRNDNA",
    "ProtocolName": "T2w-anat_spc_07sag_iso",
    "PulseSequenceDetails": "%SiemensSeq%_tse_vfl",
    "ReceiveCoilActiveElements": "HE1-4;NE1,2",
    "ReceiveCoilName": "HeadNeck_20",
    "ReconMatrixPE": 192,
    "RefLinesPE": 32,
    "RepetitionTime": 3.2,
    "SAR": 0.14301,
    "ScanOptions": "PFP",
    "ScanningSequence": "SE",
    "SequenceName": "_spc_314ns",
    "SequenceVariant": "SK_SP_OSP",
    "SeriesDescription": "T2w-anat_spc_07sag_iso",
    "SeriesNumber": 3,
    "ShimSetting": [
      1406,
      -7274,
      6352,
      420,
      -126,
      123,
      -483,
      61
    ],
    "SliceThickness": 1,
    "SoftwareVersions": "syngo_MR_E11",
    "StationName": "AWP166048",
    "TxRefAmp": 248.237,
    "dataset": "<unset>",
    "modality": "T2w",
    "subject_id": "108"
  },
  "cjv": 0.2601650583376009,
  "cnr": 2.5817571668482513,
  "efc": 0.5734324016395984,
  "fber": 5553.260509131721,
  "fwhm_avg": 2.4240066666666666,
  "fwhm_x": 2.35139,
  "fwhm_y": 2.67036,
  "fwhm_z": 2.25027,
  "icvs_csf": 0.29995250181918975,
  "icvs_gm": 0.5584623990408873,
  "icvs_wm": 0.14158509913992287,
  "inu_med": 0.8953848779201508,
  "inu_range": 0.2186880648136139,
  "provenance": {
    "md5sum": "1366c6a64027d1e1b7c14a5e4b00042f",
    "settings": {
      "testing": false
    },
    "software": "mriqc",
    "version": "22.0.6",
    "warnings": {
      "large_rot_frame": true,
      "small_air_mask": false
    },
    "webapi_port": null,
    "webapi_url": "https://mriqc.nimh.nih.gov/api/v1"
  },
  "qi_1": 0.0013906543067988672,
  "qi_2": 0.000714151871187099,
  "rpve_csf": 11.85225292803928,
  "rpve_gm": 8.064025532932074,
  "rpve_wm": 33.5220922337703,
  "size_x": 192,
  "size_y": 192,
  "size_z": 192,
  "snr_csf": 8.650696444467139,
  "snr_gm": 8.342110892240205,
  "snr_total": 6.931669064618035,
  "snr_wm": 3.8021998571467583,
  "snrd_csf": 87.39717580421559,
  "snrd_gm": 50.33006665807115,
  "snrd_total": 99.33684503830835,
  "snrd_wm": 160.28329265263832,
  "spacing_x": 1.0,
  "spacing_y": 1.0,
  "spacing_z": 1.0,
  "summary_bg_k": 20.316554664510743,
  "summary_bg_mad": 0.0,
  "summary_bg_mean": 2.3928571995631023,
  "summary_bg_median": 0.0,
  "summary_bg_n": 1595542.0,
  "summary_bg_p05": 0.0,
  "summary_bg_p95": 8.327238231897354,
  "summary_bg_stdv": 4.085525827903493,
  "summary_csf_k": 1.6174871006707185,
  "summary_csf_mad": 56.37720327675416,
  "summary_csf_mean": 550.5168146466946,
  "summary_csf_median": 545.0214932858944,
  "summary_csf_n": 15906.0,
  "summary_csf_p05": 461.45371907018125,
  "summary_csf_p95": 662.9625690095127,
  "summary_csf_stdv": 63.001211976364964,
  "summary_gm_k": 0.5399819706946163,
  "summary_gm_mad": 36.17595139978159,
  "summary_gm_mean": 315.6274719223288,
  "summary_gm_median": 313.8656121864915,
  "summary_gm_n": 186772.0,
  "summary_gm_p05": 257.36698873676363,
  "summary_gm_p95": 380.295967631042,
  "summary_gm_stdv": 37.6241428581338,
  "summary_wm_k": 2.7790231268581804,
  "summary_wm_mad": 142.21514483795767,
  "summary_wm_mean": 903.2731053368765,
  "summary_wm_median": 999.549913443625,
  "summary_wm_n": 14174.0,
  "summary_wm_p05": 194.50102884620435,
  "summary_wm_p95": 1133.3427498735487,
  "summary_wm_stdv": 262.8779891627607,
  "tpm_overlap_csf": 0.1190469493221338,
  "tpm_overlap_gm": 0.34389780932840713,
  "tpm_overlap_wm": 0.04172823877223568,
  "wm2max": 0.8981437040543448
}