{
  "bids_meta": {
    "AcquisitionMatrixPE": 192,
    "AcquisitionNumber": 1,
    "AcquisitionTime": "13:25:30.280000",
    "BaseResolution": 192,
    "BodyPartExamined": "BRAIN",
    "CoilString": "HE1-4;NE1_2",
    "ConsistencyInfo": "N4_VE11C_LATEST_20160120",
    "ConversionSoftware": "dcm2niix",
    "ConversionSoftwareVersion": "v1.0.20190410  GCC6.3.0",
    "DeviceSerialNumber": "166048",
    "DwellTime": 1.24e-05,
    "EchoTime": 0.0022,
    "FlipAngle": 8,
    "ImageOrientationPatientDICOM": [
      0,
      1,
      0,
      0.0784591,
      0,
      -0.996917
    ],
    "ImageType": [
      "ORIGINAL",
      "PRIMARY",
      "M",
      "ND",
      "NORM",
      "FM3",
      "2",
      "FIL"
    ],
    "ImagingFrequency": 123.246,
    "InPlanePhaseEncodingDirectionDICOM": "ROW",
    "InstitutionAddress": "North_13th_1701_Philadelphia_PA_US_19122",
    "InstitutionName": "Temple_University_-_Weiss_Hall",
    "InstitutionalDepartmentName": "Department",
    "InversionTime": 1.15,
    "MRAcquisitionType": "3D",
    "MagneticFieldStrength": 3,
    "Manufacturer": "Siemens",
    "ManufacturersModelName": "Prisma",
    "Modality": "MR",
    "PartialFourier": 1,
    "PatientPosition": "HFS",
    "PercentPhaseFOV": 100,
    "PhaseEncodingSteps": 211,
    "PhaseOversampling": 0.1,
    "PhaseResolution": 1,
    "PixelBandwidth": 210,
    "ProcedureStepDescription": "SMITH_SRNDNA",
    "ProtocolName": "T1w-anat_mpg_07sag_iso",
    "PulseSequenceDetails": "%SiemensSeq%_tfl",
    "ReceiveCoilActiveElements": "HE1-4;NE1,2",
    "ReceiveCoilName": "HeadNeck_20",
    "ReconMatrixPE": 192,
    "RefLinesPE": 32,
    "RepetitionTime": 2.4,
    "SAR": 0.0463045,
    "ScanOptions": "IR_WE",
    "ScanningSequence": "GR_IR",
    "SequenceName": "_tfl3d1_16ns",
    "SequenceVariant": "SK_SP_MP_OSP",
    "SeriesDescription": "T1w-anat_mpg_07sag_iso",
    "SeriesNumber": 5,
    "ShimSetting": [
      1410,
      -7533,
      6504,
      -2,
      -111,
      -394,
      -116,
      25
    ],
    "SliceThickness": 1,
    "SoftwareVersions": "syngo_MR_E11",
    "StationName": "AWP166048",
    "TxRefAmp": 276.4,
    "dataset": "<unset>",
    "modality": "T1w",
    "subject_id": "129"
  },
  "cjv": 0.4705744310243305,
  "cnr": 2.928871738005783,
  "efc": 0.6695365768614807,
  "fber": 14303.36708281188,
  "fwhm_avg": 4.039246666666666,
  "fwhm_x": 4.012,
  "fwhm_y": 4.0986,
  "fwhm_z": 4.00714,
  "icvs_csf": 0.285649656092844,
  "icvs_gm": 0.3365265319431311,
  "icvs_wm": 0.3778238119640249,
  "inu_med": 0.6209971308708191,
  "inu_range": 0.29662638902664185,
  "provenance": {
    "md5sum": "7d6535b1a74e1c7065ff9af913d8aacf",
    "settings": {
      "testing": false
    },
    "software": "mriqc",
    "version": "22.0.6",
    "warnings": {
      "large_rot_frame": true,
      "small_air_mask": false
    },
    "webapi_port": null,
    "webapi_url": "https://mriqc.nimh.nih.gov/api/v1"
  },
  "qi_1": 0.0,
  "qi_2": 0.004685311772440728,
  "rpve_csf": 12.84880779651006,
  "rpve_gm": 9.21413638500247,
  "rpve_wm": 10.204546217689956,
  "size_x": 192,
  "size_y": 192,
  "size_z": 192,
  "snr_csf": 2.765645645024169,
  "snr_gm": 10.55543057076659,
  "snr_total": 10.392419786961483,
  "snr_wm": 17.856183145093688,
  "snrd_csf": 25.018851034020518,
  "snrd_gm": 74.02089032054509,
  "snrd_total": 66.54478592170487,
  "snrd_wm": 100.594616410549,
  "spacing_x": 1.0,
  "spacing_y": 1.0,
  "spacing_z": 1.0,
  "summary_bg_k": 10.809761908891184,
  "summary_bg_mad": 6.513175390517375,
  "summary_bg_mean": 7.452071019820292,
  "summary_bg_median": 4.393070042133331,
  "summary_bg_n": 1380058.0,
  "summary_bg_p05": 0.0,
  "summary_bg_p95": 31.602647615596652,
  "summary_bg_stdv": 11.81482995646746,
  "summary_csf_k": 1.2320496151557165,
  "summary_csf_mad": 74.57585822142394,
  "summary_csf_mean": 258.62608495994374,
  "summary_csf_median": 248.73013444803655,
  "summary_csf_n": 87549.0,
  "summary_csf_p05": 128.2227318547666,
  "summary_csf_p95": 428.87346286326647,
  "summary_csf_stdv": 89.9351348108964,
  "summary_gm_k": 0.021472261426654704,
  "summary_gm_mad": 70.01663544806178,
  "summary_gm_mean": 732.9653985806301,
  "summary_gm_median": 735.8941454328597,
  "summary_gm_n": 7925.0,
  "summary_gm_p05": 613.3878959704191,
  "summary_gm_p95": 841.67927204743,
  "summary_gm_stdv": 69.71271426419806,
  "summary_wm_k": 0.6180534937557449,
  "summary_wm_mad": 54.30359981843861,
  "summary_wm_mean": 1002.4855167737958,
  "summary_wm_median": 1000.0823950916529,
  "summary_wm_n": 163681.0,
  "summary_wm_p05": 917.1906547341496,
  "summary_wm_p95": 1098.8715576641262,
  "summary_wm_stdv": 56.00745310387273,
  "tpm_overlap_csf": 0.16836718102908285,
  "tpm_overlap_gm": 0.3785571790813286,
  "tpm_overlap_wm": 0.4815395363797942,
  "wm2max": 0.7417725643532095
}