{
  "bids_meta": {
    "AcquisitionMatrixPE": 192,
    "AcquisitionNumber": 1,
    "AcquisitionTime": "13:21:27.527500",
    "BaseResolution": 192,
    "BodyPartExamined": "BRAIN",
    "CoilString": "HE1-4;NE1_2",
    "ConsistencyInfo": "N4_VE11C_LATEST_20160120",
    "ConversionSoftware": "dcm2niix",
    "ConversionSoftwareVersion": "v1.0.20190410  GCC6.3.0",
    "DeviceSerialNumber": "166048",
    "DwellTime": 3.5e-06,
    "EchoTime": 0.567,
    "EchoTrainLength": 314,
    "FlipAngle": 120,
    "ImageOrientationPatientDICOM": [
      0,
      1,
      0,
      0.0784591,
      0,
      -0.996917
    ],
    "ImageType": [
      "ORIGINAL",
      "PRIMARY",
      "M",
      "ND",
      "NORM"
    ],
    "ImagingFrequency": 123.246,
    "InPlanePhaseEncodingDirectionDICOM": "ROW",
    "InstitutionAddress": "North_13th_1701_Philadelphia_PA_US_19122",
    "InstitutionName": "Temple_University_-_Weiss_Hall",
    "InstitutionalDepartmentName": "Department",
    "MRAcquisitionType": "3D",
    "MagneticFieldStrength": 3,
    "Manufacturer": "Siemens",
    "ManufacturersModelName": "Prisma",
    "Modality": "MR",
    "PartialFourier": 1,
    "PatientPosition": "HFS",
    "PercentPhaseFOV": 100,
    "PhaseEncodingSteps": 209,
    "PhaseOversampling": 0.1,
    "PhaseResolution": 1,
    "PixelBandwidth": 745,
    "ProcedureStepDescription": "SMITH_SRNDNA",
    "ProtocolName": "T2w-anat_spc_07sag_iso",
    "PulseSequenceDetails": "%SiemensSeq%_tse_vfl",
    "ReceiveCoilActiveElements": "HE1-4;NE1,2",
    "ReceiveCoilName": "HeadNeck_20",
    "ReconMatrixPE": 192,
    "RefLinesPE": 32,
    "RepetitionTime": 3.2,
    "SAR": 0.170089,
    "ScanOptions": "PFP",
    "ScanningSequence": "SE",
    "SequenceName": "_spc_314ns",
    "SequenceVariant": "SK_SP_OSP",
    "SeriesDescription": "T2w-anat_spc_07sag_iso",
    "SeriesNumber": 3,
    "ShimSetting": [
      1410,
      -7533,
      6504,
      -2,
      -111,
      -394,
      -116,
      25
    ],
    "SliceThickness": 1,
    "SoftwareVersions": "syngo_MR_E11",
    "StationName": "AWP166048",
    "TxRefAmp": 276.4,
    "dataset": "<unset>",
    "modality": "T2w",
    "subject_id": "129"
  },
  "cjv": 0.5628484582438622,
  "cnr": 2.510585424216321,
  "efc": 0.6307671106913951,
  "fber": 345.4938014772756,
  "fwhm_avg": 2.859246666666667,
  "fwhm_x": 2.72023,
  "fwhm_y": 3.10515,
  "fwhm_z": 2.75236,
  "icvs_csf": 0.2930558945353196,
  "icvs_gm": 0.6158663968118936,
  "icvs_wm": 0.09107770865278679,
  "inu_med": 0.9240195751190186,
  "inu_range": 0.3958256095647812,
  "provenance": {
    "md5sum": "0ac84e7140b79245cf585fa1e99ee310",
    "settings": {
      "testing": false
    },
    "software": "mriqc",
    "version": "22.0.6",
    "warnings": {
      "large_rot_frame": true,
      "small_air_mask": false
    },
    "webapi_port": null,
    "webapi_url": "https://mriqc.nimh.nih.gov/api/v1"
  },
  "qi_1": 0.0,
  "qi_2": 0.0006769942987931702,
  "rpve_csf": 11.127505667343666,
  "rpve_gm": 6.328783738097863,
  "rpve_wm": 35.27956248277245,
  "size_x": 192,
  "size_y": 192,
  "size_z": 192,
  "snr_csf": 6.591447689917704,
  "snr_gm": 6.189559122844613,
  "snr_total": 4.836112382320311,
  "snr_wm": 1.7273303341986157,
  "snrd_csf": 90.0853274943131,
  "snrd_gm": 33.806383629052775,
  "snrd_total": 45.171546226634156,
  "snrd_wm": 11.6229275565366,
  "spacing_x": 1.0,
  "spacing_y": 1.0,
  "spacing_z": 1.0,
  "summary_bg_k": 2.7743518243807586,
  "summary_bg_mad": 56.46864191940686,
  "summary_bg_mean": 109.6308686633307,
  "summary_bg_median": 38.08752018213272,
  "summary_bg_n": 1375318.0,
  "summary_bg_p05": 0.0,
  "summary_bg_p95": 423.21717904508114,
  "summary_bg_stdv": 148.70258915410176,
  "summary_csf_k": 0.20660445600273514,
  "summary_csf_mad": 1270.2440780700617,
  "summary_csf_mean": 7638.05335091942,
  "summary_csf_median": 7764.789287343621,
  "summary_csf_n": 75769.0,
  "summary_csf_p05": 5639.546179819107,
  "summary_csf_p95": 9286.183125427364,
  "summary_csf_stdv": 1178.0019219706764,
  "summary_gm_k": -0.013982008225100984,
  "summary_gm_mad": 470.9725028171806,
  "summary_gm_mean": 2928.3896506681313,
  "summary_gm_median": 2913.8978871256113,
  "summary_gm_n": 188834.0,
  "summary_gm_p05": 2175.2431074231863,
  "summary_gm_p95": 3722.720819035919,
  "summary_gm_stdv": 470.77507683214066,
  "summary_wm_k": 1.162589215833564,
  "summary_wm_mad": 605.2357099340682,
  "summary_wm_mean": 1059.1690733003222,
  "summary_wm_median": 1001.8233367055655,
  "summary_wm_n": 4184.0,
  "summary_wm_p05": 230.11547765359285,
  "summary_wm_p95": 2035.9906765870749,
  "summary_wm_stdv": 579.9143273043502,
  "tpm_overlap_csf": 0.16048812723902944,
  "tpm_overlap_gm": 0.399190277220908,
  "tpm_overlap_wm": 0.08750171813243149,
  "wm2max": 0.10464722563169256
}