{
    "AcquisitionMatrixPE": 74,
    "AcquisitionNumber": 1,
    "AcquisitionTime": "14:32:27.125000",
    "BaseResolution": 74,
    "BodyPartExamined": "BRAIN",
    "CoilString": "HE1-4;NE1_2",
    "ConsistencyInfo": "N4_VE11C_LATEST_20160120",
    "ConversionSoftware": "dcm2niix",
    "ConversionSoftwareVersion": "v1.0.20190410  GCC6.3.0",
    "DeviceSerialNumber": "166048",
    "DwellTime": 1.93e-05,
    "EchoNumber": 2,
    "EchoTime": 0.00738,
    "FlipAngle": 60,
    "ImageOrientationPatientDICOM": [
        1,
        0,
        0,
        0,
        1,
        0
    ],
    "ImageType": [
        "ORIGINAL",
        "PRIMARY",
        "M",
        "ND",
        "NORM"
    ],
    "ImagingFrequency": 123.246,
    "InPlanePhaseEncodingDirectionDICOM": "COL",
    "InstitutionAddress": "North_13th_1701_Philadelphia_PA_US_19122",
    "InstitutionName": "Temple_University_-_Weiss_Hall",
    "InstitutionalDepartmentName": "Department",
    "IntendedFor": [
        "func/sub-158_task-ultimatum_run-01_bold.nii.gz",
        "func/sub-158_task-trust_run-01_bold.nii.gz",
        "func/sub-158_task-sharedreward_run-02_bold.nii.gz",
        "func/sub-158_task-trust_run-02_bold.nii.gz",
        "func/sub-158_task-trust_run-03_bold.nii.gz",
        "func/sub-158_task-trust_run-04_bold.nii.gz",
        "func/sub-158_task-trust_run-05_bold.nii.gz",
        "func/sub-158_task-ultimatum_run-02_bold.nii.gz",
        "func/sub-158_task-sharedreward_run-01_bold.nii.gz"
    ],
    "MRAcquisitionType": "2D",
    "MagneticFieldStrength": 3,
    "Manufacturer": "Siemens",
    "ManufacturersModelName": "Prisma",
    "Modality": "MR",
    "PartialFourier": 1,
    "PatientPosition": "HFS",
    "PercentPhaseFOV": 100,
    "PhaseEncodingDirection": "j-",
    "PhaseEncodingSteps": 74,
    "PhaseResolution": 1,
    "PixelBandwidth": 350,
    "ProcedureStepDescription": "SMITH_SRNDNA",
    "ProtocolName": "fmap_gre_field_mapping3mm",
    "PulseSequenceDetails": "%SiemensSeq%_gre_field_mapping",
    "ReceiveCoilActiveElements": "HE1-4;NE1,2",
    "ReceiveCoilName": "HeadNeck_20",
    "ReconMatrixPE": 74,
    "RepetitionTime": 0.645,
    "SAR": 0.0920799,
    "ScanningSequence": "GR",
    "SequenceName": "_fm2d2r",
    "SequenceVariant": "SP",
    "SeriesDescription": "fmap_gre_field_mapping3mm",
    "SeriesNumber": 7,
    "ShimSetting": [
        1434,
        -7450,
        6480,
        416,
        160,
        124,
        -108,
        72
    ],
    "SliceThickness": 2.8,
    "SoftwareVersions": "syngo_MR_E11",
    "SpacingBetweenSlices": 3.22,
    "StationName": "AWP166048",
    "TxRefAmp": 282.602
}