{
  "bids_meta": {
    "AcquisitionMatrixPE": 192,
    "AcquisitionNumber": 1,
    "AcquisitionTime": "12:57:13.292500",
    "BaseResolution": 192,
    "BodyPartExamined": "BRAIN",
    "CoilString": "HE1-4;NE1_2",
    "ConsistencyInfo": "N4_VE11C_LATEST_20160120",
    "ConversionSoftware": "dcm2niix",
    "ConversionSoftwareVersion": "v1.0.20190410  GCC6.3.0",
    "DeviceSerialNumber": "166048",
    "DwellTime": 1.24e-05,
    "EchoTime": 0.0022,
    "FlipAngle": 8,
    "ImageOrientationPatientDICOM": [
      0,
      1,
      0,
      0,
      0,
      -1
    ],
    "ImageType": [
      "ORIGINAL",
      "PRIMARY",
      "M",
      "ND",
      "NORM",
      "FM3",
      "2",
      "FIL"
    ],
    "ImagingFrequency": 123.245,
    "InPlanePhaseEncodingDirectionDICOM": "ROW",
    "InstitutionAddress": "North_13th_1701_Philadelphia_PA_US_19122",
    "InstitutionName": "Temple_University_-_Weiss_Hall",
    "InstitutionalDepartmentName": "Department",
    "InversionTime": 1.15,
    "MRAcquisitionType": "3D",
    "MagneticFieldStrength": 3,
    "Manufacturer": "Siemens",
    "ManufacturersModelName": "Prisma",
    "Modality": "MR",
    "PartialFourier": 1,
    "PatientPosition": "HFS",
    "PercentPhaseFOV": 100,
    "PhaseEncodingSteps": 211,
    "PhaseOversampling": 0.1,
    "PhaseResolution": 1,
    "PixelBandwidth": 210,
    "ProcedureStepDescription": "SMITH_SRNDNA",
    "ProtocolName": "T1w-anat_mpg_07sag_iso",
    "PulseSequenceDetails": "%SiemensSeq%_tfl",
    "ReceiveCoilActiveElements": "HE1-4;NE1,2",
    "ReceiveCoilName": "HeadNeck_20",
    "ReconMatrixPE": 192,
    "RefLinesPE": 32,
    "RepetitionTime": 2.4,
    "SAR": 0.0672494,
    "ScanOptions": "IR_WE",
    "ScanningSequence": "GR_IR",
    "SequenceName": "_tfl3d1_16ns",
    "SequenceVariant": "SK_SP_MP_OSP",
    "SeriesDescription": "T1w-anat_mpg_07sag_iso",
    "SeriesNumber": 5,
    "ShimSetting": [
      1415,
      -7602,
      6467,
      31,
      -35,
      -422,
      -16,
      35
    ],
    "SliceThickness": 1,
    "SoftwareVersions": "syngo_MR_E11",
    "StationName": "AWP166048",
    "TxRefAmp": 280.286,
    "dataset": "<unset>",
    "modality": "T1w",
    "subject_id": "149"
  },
  "cjv": 0.3815309880569167,
  "cnr": 3.4494135765612577,
  "efc": 0.6594631094375455,
  "fber": 5724.101895357748,
  "fwhm_avg": 4.269613333333333,
  "fwhm_x": 4.1475,
  "fwhm_y": 4.33629,
  "fwhm_z": 4.32505,
  "icvs_csf": 0.32505467905333807,
  "icvs_gm": 0.33746971761033373,
  "icvs_wm": 0.33747560333632814,
  "inu_med": 0.5684369504451752,
  "inu_range": 0.24378950744867323,
  "provenance": {
    "md5sum": "992b573f157dbaa364efe4f8777d72dd",
    "settings": {
      "testing": false
    },
    "software": "mriqc",
    "version": "22.0.6",
    "warnings": {
      "large_rot_frame": true,
      "small_air_mask": false
    },
    "webapi_port": null,
    "webapi_url": "https://mriqc.nimh.nih.gov/api/v1"
  },
  "qi_1": 0.0,
  "qi_2": 0.005128020810663979,
  "rpve_csf": 12.06203834750359,
  "rpve_gm": 9.738817441349086,
  "rpve_wm": 11.972755705962724,
  "size_x": 192,
  "size_y": 192,
  "size_z": 192,
  "snr_csf": 2.6767561005699827,
  "snr_gm": 11.137860598407215,
  "snr_total": 12.092005343231468,
  "snr_wm": 22.461399330717207,
  "snrd_csf": 23.31418049245561,
  "snrd_gm": 76.0344098334835,
  "snrd_total": 68.0545810592151,
  "snrd_wm": 104.81515285170619,
  "spacing_x": 1.0,
  "spacing_y": 1.0,
  "spacing_z": 1.0,
  "summary_bg_k": 13.242584740615769,
  "summary_bg_mad": 6.250563339931075,
  "summary_bg_mean": 7.054726351708533,
  "summary_bg_median": 4.215940905734897,
  "summary_bg_n": 1022508.0,
  "summary_bg_p05": 0.0,
  "summary_bg_p95": 27.549450321123004,
  "summary_bg_stdv": 10.637207369627838,
  "summary_csf_k": 1.4234312119663768,
  "summary_csf_mad": 67.4982217274318,
  "summary_csf_mean": 233.8305231517358,
  "summary_csf_median": 222.4372846428305,
  "summary_csf_n": 112448.0,
  "summary_csf_p05": 118.0993760637939,
  "summary_csf_p95": 396.00677627138793,
  "summary_csf_stdv": 83.099201875712,
  "summary_gm_k": 0.3310982868021086,
  "summary_gm_mad": 62.30907480371543,
  "summary_gm_mean": 720.9655216892564,
  "summary_gm_median": 725.4335046540946,
  "summary_gm_n": 8795.0,
  "summary_gm_p05": 605.2235066022724,
  "summary_gm_p95": 820.2577050760387,
  "summary_gm_stdv": 65.12850971937834,
  "summary_wm_k": 0.6043805798883191,
  "summary_wm_mad": 42.45665664858843,
  "summary_wm_mean": 1000.0423584122425,
  "summary_wm_median": 1000.0264859106392,
  "summary_wm_n": 138827.0,
  "summary_wm_p05": 928.8857975453138,
  "summary_wm_p95": 1073.1213556895027,
  "summary_wm_stdv": 44.52184253882614,
  "tpm_overlap_csf": 0.1528014389508011,
  "tpm_overlap_gm": 0.38478373382796344,
  "tpm_overlap_wm": 0.46866391534242785,
  "wm2max": 0.8492637081807861
}