{
  "bids_meta": {
    "AcquisitionMatrixPE": 192,
    "AcquisitionNumber": 1,
    "AcquisitionTime": "12:53:10.535000",
    "BaseResolution": 192,
    "BodyPartExamined": "BRAIN",
    "CoilString": "HE1-4;NE1_2",
    "ConsistencyInfo": "N4_VE11C_LATEST_20160120",
    "ConversionSoftware": "dcm2niix",
    "ConversionSoftwareVersion": "v1.0.20190410  GCC6.3.0",
    "DeviceSerialNumber": "166048",
    "DwellTime": 3.5e-06,
    "EchoTime": 0.567,
    "EchoTrainLength": 314,
    "FlipAngle": 120,
    "ImageOrientationPatientDICOM": [
      0,
      1,
      0,
      0,
      0,
      -1
    ],
    "ImageType": [
      "ORIGINAL",
      "PRIMARY",
      "M",
      "ND",
      "NORM"
    ],
    "ImagingFrequency": 123.245,
    "InPlanePhaseEncodingDirectionDICOM": "ROW",
    "InstitutionAddress": "North_13th_1701_Philadelphia_PA_US_19122",
    "InstitutionName": "Temple_University_-_Weiss_Hall",
    "InstitutionalDepartmentName": "Department",
    "MRAcquisitionType": "3D",
    "MagneticFieldStrength": 3,
    "Manufacturer": "Siemens",
    "ManufacturersModelName": "Prisma",
    "Modality": "MR",
    "PartialFourier": 1,
    "PatientPosition": "HFS",
    "PercentPhaseFOV": 100,
    "PhaseEncodingSteps": 209,
    "PhaseOversampling": 0.1,
    "PhaseResolution": 1,
    "PixelBandwidth": 745,
    "ProcedureStepDescription": "SMITH_SRNDNA",
    "ProtocolName": "T2w-anat_spc_07sag_iso",
    "PulseSequenceDetails": "%SiemensSeq%_tse_vfl",
    "ReceiveCoilActiveElements": "HE1-4;NE1,2",
    "ReceiveCoilName": "HeadNeck_20",
    "ReconMatrixPE": 192,
    "RefLinesPE": 32,
    "RepetitionTime": 3.2,
    "SAR": 0.247026,
    "ScanOptions": "PFP",
    "ScanningSequence": "SE",
    "SequenceName": "_spc_314ns",
    "SequenceVariant": "SK_SP_OSP",
    "SeriesDescription": "T2w-anat_spc_07sag_iso",
    "SeriesNumber": 3,
    "ShimSetting": [
      1415,
      -7602,
      6467,
      31,
      -35,
      -422,
      -16,
      35
    ],
    "SliceThickness": 1,
    "SoftwareVersions": "syngo_MR_E11",
    "StationName": "AWP166048",
    "TxRefAmp": 280.286,
    "dataset": "<unset>",
    "modality": "T2w",
    "subject_id": "149"
  },
  "cjv": 0.5135660852181639,
  "cnr": 2.4057082402169594,
  "efc": 0.5859093729327078,
  "fber": 970.8824194610206,
  "fwhm_avg": 2.905113333333334,
  "fwhm_x": 2.76523,
  "fwhm_y": 3.15927,
  "fwhm_z": 2.79084,
  "icvs_csf": 0.3238047734009804,
  "icvs_gm": 0.6068190557615459,
  "icvs_wm": 0.06937617083747365,
  "inu_med": 0.8579680323600769,
  "inu_range": 0.15851954221725462,
  "provenance": {
    "md5sum": "47d081da1f66f2717075f5a84ef03ea7",
    "settings": {
      "testing": false
    },
    "software": "mriqc",
    "version": "22.0.6",
    "warnings": {
      "large_rot_frame": true,
      "small_air_mask": false
    },
    "webapi_port": null,
    "webapi_url": "https://mriqc.nimh.nih.gov/api/v1"
  },
  "qi_1": 0.0,
  "qi_2": 0.0015524548866375706,
  "rpve_csf": 10.644120551402125,
  "rpve_gm": 6.973491501607804,
  "rpve_wm": 52.54958397580579,
  "size_x": 192,
  "size_y": 192,
  "size_z": 192,
  "snr_csf": 4.295039496937413,
  "snr_gm": 5.664596147149367,
  "snr_total": 3.7690388368130123,
  "snr_wm": 1.3474808663522588,
  "snrd_csf": 63.634544848741065,
  "snrd_gm": 22.17184049639525,
  "snrd_total": 30.859442526066072,
  "snrd_wm": 6.771942233061899,
  "spacing_x": 1.0,
  "spacing_y": 1.0,
  "spacing_z": 1.0,
  "summary_bg_k": 4.1594101059786,
  "summary_bg_mad": 0.0,
  "summary_bg_mean": 69.70649642752676,
  "summary_bg_median": 0.0,
  "summary_bg_n": 1018364.0,
  "summary_bg_p05": 0.0,
  "summary_bg_p95": 267.5458187162876,
  "summary_bg_stdv": 97.79149338719704,
  "summary_csf_k": -0.9743899392422675,
  "summary_csf_mad": 2408.814363594869,
  "summary_csf_mean": 10067.942346329446,
  "summary_csf_median": 9498.658862143755,
  "summary_csf_n": 100558.0,
  "summary_csf_p05": 7128.710284264385,
  "summary_csf_p95": 13379.973099410534,
  "summary_csf_stdv": 2211.530683023299,
  "summary_gm_k": 0.46013605215210607,
  "summary_gm_mad": 559.0411103844468,
  "summary_gm_mean": 3358.7946057762297,
  "summary_gm_median": 3309.566364020109,
  "summary_gm_n": 237515.0,
  "summary_gm_p05": 2483.907003670931,
  "summary_gm_p95": 4395.842620462179,
  "summary_gm_stdv": 584.2533714623519,
  "summary_wm_k": 8.532819685718977,
  "summary_wm_mad": 621.506581224677,
  "summary_wm_mean": 1120.9709587628442,
  "summary_wm_median": 1010.8404053002596,
  "summary_wm_n": 888.0,
  "summary_wm_p05": 209.89047708064317,
  "summary_wm_p95": 2337.427344276011,
  "summary_wm_stdv": 749.7479951693521,
  "tpm_overlap_csf": 0.14938944268039941,
  "tpm_overlap_gm": 0.391215310290806,
  "tpm_overlap_wm": 0.039336813733348096,
  "wm2max": 0.07446896097480651
}