{
  "AcquisitionMatrixPE": 74,
  "AcquisitionNumber": 1,
  "AcquisitionTime": "19:50:23.890000",
  "BandwidthPerPixelPhaseEncode": 27.579,
  "BaseResolution": 74,
  "BodyPartExamined": "BRAIN",
  "CoilString": "HE1-4;NE1_2",
  "ConsistencyInfo": "N4_VE11C_LATEST_20160120",
  "ConversionSoftware": "dcm2niix",
  "ConversionSoftwareVersion": "v1.0.20190410  GCC6.3.0",
  "DerivedVendorReportedEchoSpacing": 0.000489993,
  "DeviceSerialNumber": "166048",
  "DwellTime": 2.9e-06,
  "EchoTime": 0.023,
  "EchoTrainLength": 74,
  "EffectiveEchoSpacing": 0.000489993,
  "FlipAngle": 76,
  "ImageOrientationPatientDICOM": [1, 0, 0, 0, 0.986856, -0.161604],
  "ImageType": [
    "ORIGINAL",
    "PRIMARY",
    "M",
    "ND",
    "NORM",
    "MOSAIC"
],
  "ImagingFrequency": 123.246,
  "InPlanePhaseEncodingDirectionDICOM": "COL",
  "InstitutionAddress": "North_13th_1701_Philadelphia_PA_US_19122",
  "InstitutionName": "Temple_University_-_Weiss_Hall",
  "InstitutionalDepartmentName": "Department",
  "MRAcquisitionType": "2D",
  "MagneticFieldStrength": 3,
  "Manufacturer": "Siemens",
  "ManufacturersModelName": "Prisma",
  "Modality": "MR",
  "PartialFourier": 1,
  "PatientPosition": "HFS",
  "PercentPhaseFOV": 100,
  "PhaseEncodingDirection": "j-",
  "PhaseEncodingSteps": 74,
  "PhaseResolution": 1,
  "PixelBandwidth": 2330,
  "ProcedureStepDescription": "SMITH_SRNDNA",
  "ProtocolName": "func-bold_task-UG_run0",
  "PulseSequenceDetails": "%SiemensSeq%_ep2d_bold",
  "ReceiveCoilActiveElements": "HE1-4;NE1,2",
  "ReceiveCoilName": "HeadNeck_20",
  "ReconMatrixPE": 74,
  "RepetitionTime": 2.02,
  "SAR": 0.102705,
  "ScanOptions": "FS",
  "ScanningSequence": "EP",
  "SequenceName": "_epfid2d1_74",
  "SequenceVariant": "SK",
  "SeriesDescription": "func-bold_task-UG_run0",
  "SeriesNumber": 16,
  "ShimSetting": [1421, -7432, 6503, 312, 83, 83, -163, 114],
  "SliceThickness": 2.8,
  "SliceTiming": [1.945, 1.89, 1.835, 1.78, 1.7225, 1.6675, 1.6125, 1.5575, 1.5, 1.445, 1.39, 1.335, 1.28, 1.2225, 1.1675, 1.1125, 1.0575, 1, 0.945, 0.89, 0.835, 0.78, 0.7225, 0.6675, 0.6125, 0.5575, 0.5, 0.445, 0.39, 0.335, 0.28, 0.2225, 0.1675, 0.1125, 0.0575, 0],
  "SoftwareVersions": "syngo_MR_E11",
  "SpacingBetweenSlices": 3.22,
  "StationName": "AWP166048",
  "TaskName": "ultimatum",
  "TotalReadoutTime": 0.0357695,
  "TxRefAmp": 266.646}