{
  "aor": 0.0009288557213930347,
  "aqi": 0.008960712587064676,
  "bids_meta": {
    "AcquisitionMatrixPE": 74,
    "AcquisitionNumber": 1,
    "AcquisitionTime": "10:55:55.347500",
    "BandwidthPerPixelPhaseEncode": 27.579,
    "BaseResolution": 74,
    "BodyPartExamined": "BRAIN",
    "CogAtlasID": "http://www.cognitiveatlas.org/task/id/TODO",
    "CoilString": "HE1-4;NE1_2",
    "ConsistencyInfo": "N4_VE11C_LATEST_20160120",
    "ConversionSoftware": "dcm2niix",
    "ConversionSoftwareVersion": "v1.0.20190410  GCC6.3.0",
    "DerivedVendorReportedEchoSpacing": 0.000489993,
    "DeviceSerialNumber": "166048",
    "DwellTime": 2.9e-06,
    "EchoTime": 0.023,
    "EchoTrainLength": 74,
    "EffectiveEchoSpacing": 0.000489993,
    "FlipAngle": 76,
    "ImageOrientationPatientDICOM": [
      1,
      0,
      0,
      0,
      0.937889,
      -0.346936
    ],
    "ImageType": [
      "ORIGINAL",
      "PRIMARY",
      "M",
      "ND",
      "NORM",
      "MOSAIC"
    ],
    "ImagingFrequency": 123.246,
    "InPlanePhaseEncodingDirectionDICOM": "COL",
    "InstitutionAddress": "North_13th_1701_Philadelphia_PA_US_19122",
    "InstitutionName": "Temple_University_-_Weiss_Hall",
    "InstitutionalDepartmentName": "Department",
    "MRAcquisitionType": "2D",
    "MagneticFieldStrength": 3,
    "Manufacturer": "Siemens",
    "ManufacturersModelName": "Prisma",
    "Modality": "MR",
    "PartialFourier": 1,
    "PatientPosition": "HFS",
    "PercentPhaseFOV": 100,
    "PhaseEncodingDirection": "j-",
    "PhaseEncodingSteps": 74,
    "PhaseResolution": 1,
    "PixelBandwidth": 2330,
    "ProcedureStepDescription": "SMITH_SRNDNA",
    "ProtocolName": "func-bold_task-reward_run0",
    "PulseSequenceDetails": "%SiemensSeq%_ep2d_bold",
    "ReceiveCoilActiveElements": "HE1-4;NE1,2",
    "ReceiveCoilName": "HeadNeck_20",
    "ReconMatrixPE": 74,
    "RepetitionTime": 2.02,
    "SAR": 0.0887982,
    "ScanOptions": "FS",
    "ScanningSequence": "EP",
    "SequenceName": "_epfid2d1_74",
    "SequenceVariant": "SK",
    "SeriesDescription": "func-bold_task-reward_run0",
    "SeriesNumber": 12,
    "ShimSetting": [
      1418,
      -7392,
      6464,
      311,
      -104,
      249,
      -36,
      65
    ],
    "SliceThickness": 2.8,
    "SliceTiming": [
      1.945,
      1.89,
      1.8325,
      1.7775,
      1.7225,
      1.6675,
      1.6125,
      1.555,
      1.5,
      1.445,
      1.39,
      1.3325,
      1.2775,
      1.2225,
      1.1675,
      1.1125,
      1.055,
      1,
      0.945,
      0.89,
      0.8325,
      0.7775,
      0.7225,
      0.6675,
      0.6125,
      0.555,
      0.5,
      0.445,
      0.39,
      0.335,
      0.2775,
      0.2225,
      0.1675,
      0.1125,
      0.055,
      0
    ],
    "SoftwareVersions": "syngo_MR_E11",
    "SpacingBetweenSlices": 3.22,
    "StationName": "AWP166048",
    "TaskName": "sharedreward",
    "TotalReadoutTime": 0.0357695,
    "TxRefAmp": 277.551,
    "dataset": "<unset>",
    "modality": "bold",
    "run_id": 1,
    "subject_id": "109",
    "task_id": "sharedreward"
  },
  "dummy_trs": 1,
  "dvars_nstd": 24.9916197013,
  "dvars_std": 1.3689727348000003,
  "dvars_vstd": 0.9860210005999993,
  "efc": 0.5073060149387004,
  "fber": 2320.67138671875,
  "fd_mean": 0.15247298330969086,
  "fd_num": 36,
  "fd_perc": 17.91044776119403,
  "fwhm_avg": 1.732723445915,
  "fwhm_x": 1.6499578754008164,
  "fwhm_y": 1.8618367009303942,
  "fwhm_z": 1.6863757614137895,
  "gcor": 0.0175885,
  "gsr_x": -0.008991080336272717,
  "gsr_y": 0.035579316318035126,
  "provenance": {
    "md5sum": "be5c745906431c72d99f6378852daecf",
    "settings": {
      "fd_thres": 0.2,
      "testing": false
    },
    "software": "mriqc",
    "version": "22.0.6",
    "webapi_port": null,
    "webapi_url": "https://mriqc.nimh.nih.gov/api/v1"
  },
  "size_t": 201,
  "size_x": 74,
  "size_y": 74,
  "size_z": 36,
  "snr": 7.569578578528277,
  "spacing_tr": 2.0199999809265137,
  "spacing_x": 2.972972869873047,
  "spacing_y": 2.972972869873047,
  "spacing_z": 3.2200000286102295,
  "summary_bg_k": 26.38767339457185,
  "summary_bg_mad": 8.04735907714853,
  "summary_bg_mean": 39.218631744384766,
  "summary_bg_median": 16.850746154785156,
  "summary_bg_n": 125177.0,
  "summary_bg_p05": 9.363183975219727,
  "summary_bg_p95": 159.41790771484375,
  "summary_bg_stdv": 65.90995788574219,
  "summary_fg_k": 3.7891900596518164,
  "summary_fg_mad": 96.37285432804471,
  "summary_fg_mean": 834.1630859375,
  "summary_fg_median": 824.6318359375,
  "summary_fg_n": 34264.0,
  "summary_fg_p05": 690.3775848388672,
  "summary_fg_p95": 1011.6171356201171,
  "summary_fg_stdv": 108.93866729736328,
  "tsnr": 82.84531947271898
}