{
  "aor": 0.0019017821782178219,
  "aqi": 0.011475348069306932,
  "bids_meta": {
    "AcquisitionMatrixPE": 74,
    "AcquisitionNumber": 1,
    "AcquisitionTime": "11:03:9.350000",
    "BandwidthPerPixelPhaseEncode": 27.579,
    "BaseResolution": 74,
    "BodyPartExamined": "BRAIN",
    "CogAtlasID": "http://www.cognitiveatlas.org/task/id/TODO",
    "CoilString": "HE1-4;NE1_2",
    "ConsistencyInfo": "N4_VE11C_LATEST_20160120",
    "ConversionSoftware": "dcm2niix",
    "ConversionSoftwareVersion": "v1.0.20190410  GCC6.3.0",
    "DerivedVendorReportedEchoSpacing": 0.000489993,
    "DeviceSerialNumber": "166048",
    "DwellTime": 2.9e-06,
    "EchoTime": 0.023,
    "EchoTrainLength": 74,
    "EffectiveEchoSpacing": 0.000489993,
    "FlipAngle": 76,
    "ImageOrientationPatientDICOM": [
      1,
      0,
      0,
      0,
      0.937889,
      -0.346936
    ],
    "ImageType": [
      "ORIGINAL",
      "PRIMARY",
      "M",
      "ND",
      "NORM",
      "MOSAIC"
    ],
    "ImagingFrequency": 123.246,
    "InPlanePhaseEncodingDirectionDICOM": "COL",
    "InstitutionAddress": "North_13th_1701_Philadelphia_PA_US_19122",
    "InstitutionName": "Temple_University_-_Weiss_Hall",
    "InstitutionalDepartmentName": "Department",
    "MRAcquisitionType": "2D",
    "MagneticFieldStrength": 3,
    "Manufacturer": "Siemens",
    "ManufacturersModelName": "Prisma",
    "Modality": "MR",
    "PartialFourier": 1,
    "PatientPosition": "HFS",
    "PercentPhaseFOV": 100,
    "PhaseEncodingDirection": "j-",
    "PhaseEncodingSteps": 74,
    "PhaseResolution": 1,
    "PixelBandwidth": 2330,
    "ProcedureStepDescription": "SMITH_SRNDNA",
    "ProtocolName": "func-bold_task-reward_run1",
    "PulseSequenceDetails": "%SiemensSeq%_ep2d_bold",
    "ReceiveCoilActiveElements": "HE1-4;NE1,2",
    "ReceiveCoilName": "HeadNeck_20",
    "ReconMatrixPE": 74,
    "RepetitionTime": 2.02,
    "SAR": 0.0887982,
    "ScanOptions": "FS",
    "ScanningSequence": "EP",
    "SequenceName": "_epfid2d1_74",
    "SequenceVariant": "SK",
    "SeriesDescription": "func-bold_task-reward_run1",
    "SeriesNumber": 13,
    "ShimSetting": [
      1418,
      -7392,
      6464,
      311,
      -104,
      249,
      -36,
      65
    ],
    "SliceThickness": 2.8,
    "SliceTiming": [
      1.9425,
      1.8875,
      1.8325,
      1.7775,
      1.72,
      1.665,
      1.61,
      1.555,
      1.5,
      1.4425,
      1.3875,
      1.3325,
      1.2775,
      1.22,
      1.165,
      1.11,
      1.055,
      1,
      0.9425,
      0.8875,
      0.8325,
      0.7775,
      0.7225,
      0.665,
      0.61,
      0.555,
      0.5,
      0.4425,
      0.3875,
      0.3325,
      0.2775,
      0.2225,
      0.165,
      0.11,
      0.055,
      0
    ],
    "SoftwareVersions": "syngo_MR_E11",
    "SpacingBetweenSlices": 3.22,
    "StationName": "AWP166048",
    "TaskName": "sharedreward",
    "TotalReadoutTime": 0.0357695,
    "TxRefAmp": 277.551,
    "dataset": "<unset>",
    "modality": "bold",
    "run_id": 2,
    "subject_id": "109",
    "task_id": "sharedreward"
  },
  "dummy_trs": 0,
  "dvars_nstd": 26.059184562935318,
  "dvars_std": 1.3344374474129357,
  "dvars_vstd": 1.0095833428855723,
  "efc": 0.5079852041208291,
  "fber": 2315.31201171875,
  "fd_mean": 0.22639267329935822,
  "fd_num": 94,
  "fd_perc": 46.53465346534654,
  "fwhm_avg": 1.730797247286908,
  "fwhm_x": 1.64005532960286,
  "fwhm_y": 1.8665289738203907,
  "fwhm_z": 1.6858074384374728,
  "gcor": 0.0295316,
  "gsr_x": -0.009674198925495148,
  "gsr_y": 0.036811500787734985,
  "provenance": {
    "md5sum": "a647184f3e8baf6bd7ed00aa22d16df9",
    "settings": {
      "fd_thres": 0.2,
      "testing": false
    },
    "software": "mriqc",
    "version": "22.0.6",
    "webapi_port": null,
    "webapi_url": "https://mriqc.nimh.nih.gov/api/v1"
  },
  "size_t": 202,
  "size_x": 74,
  "size_y": 74,
  "size_z": 36,
  "snr": 7.5956565882669365,
  "spacing_tr": 2.0199999809265137,
  "spacing_x": 2.972972869873047,
  "spacing_y": 2.972972869873047,
  "spacing_z": 3.2200000286102295,
  "summary_bg_k": 24.32301993502605,
  "summary_bg_mad": 8.25706739895076,
  "summary_bg_mean": 39.5572624206543,
  "summary_bg_median": 16.846534729003906,
  "summary_bg_n": 125227.0,
  "summary_bg_p05": 9.232672691345215,
  "summary_bg_p95": 161.2460372924803,
  "summary_bg_stdv": 66.22386932373047,
  "summary_fg_k": 3.7312176194850775,
  "summary_fg_mad": 96.00215852798928,
  "summary_fg_mean": 831.245849609375,
  "summary_fg_median": 822.019775390625,
  "summary_fg_n": 34208.0,
  "summary_fg_p05": 688.5519927978515,
  "summary_fg_p95": 1005.8576599121093,
  "summary_fg_stdv": 108.22076416015625,
  "tsnr": 69.65817833365873
}