{
  "aor": 0.0010163316582914572,
  "aqi": 0.008946832010050252,
  "bids_meta": {
    "AcquisitionMatrixPE": 74,
    "AcquisitionNumber": 1,
    "AcquisitionTime": "11:12:46.915000",
    "BandwidthPerPixelPhaseEncode": 27.579,
    "BaseResolution": 74,
    "BodyPartExamined": "BRAIN",
    "CogAtlasID": "http://www.cognitiveatlas.org/task/id/TODO",
    "CoilString": "HE1-4;NE1_2",
    "ConsistencyInfo": "N4_VE11C_LATEST_20160120",
    "ConversionSoftware": "dcm2niix",
    "ConversionSoftwareVersion": "v1.0.20190410  GCC6.3.0",
    "DerivedVendorReportedEchoSpacing": 0.000489993,
    "DeviceSerialNumber": "166048",
    "DwellTime": 2.9e-06,
    "EchoTime": 0.023,
    "EchoTrainLength": 74,
    "EffectiveEchoSpacing": 0.000489993,
    "FlipAngle": 76,
    "ImageOrientationPatientDICOM": [
      1,
      0,
      0,
      0,
      0.937889,
      -0.346936
    ],
    "ImageType": [
      "ORIGINAL",
      "PRIMARY",
      "M",
      "ND",
      "NORM",
      "MOSAIC"
    ],
    "ImagingFrequency": 123.246,
    "InPlanePhaseEncodingDirectionDICOM": "COL",
    "InstitutionAddress": "North_13th_1701_Philadelphia_PA_US_19122",
    "InstitutionName": "Temple_University_-_Weiss_Hall",
    "InstitutionalDepartmentName": "Department",
    "MRAcquisitionType": "2D",
    "MagneticFieldStrength": 3,
    "Manufacturer": "Siemens",
    "ManufacturersModelName": "Prisma",
    "Modality": "MR",
    "PartialFourier": 1,
    "PatientPosition": "HFS",
    "PercentPhaseFOV": 100,
    "PhaseEncodingDirection": "j-",
    "PhaseEncodingSteps": 74,
    "PhaseResolution": 1,
    "PixelBandwidth": 2330,
    "ProcedureStepDescription": "SMITH_SRNDNA",
    "ProtocolName": "func-bold_task-UG_run0",
    "PulseSequenceDetails": "%SiemensSeq%_ep2d_bold",
    "ReceiveCoilActiveElements": "HE1-4;NE1,2",
    "ReceiveCoilName": "HeadNeck_20",
    "ReconMatrixPE": 74,
    "RepetitionTime": 2.02,
    "SAR": 0.088795,
    "ScanOptions": "FS",
    "ScanningSequence": "EP",
    "SequenceName": "_epfid2d1_74",
    "SequenceVariant": "SK",
    "SeriesDescription": "func-bold_task-UG_run0",
    "SeriesNumber": 14,
    "ShimSetting": [
      1418,
      -7392,
      6464,
      311,
      -104,
      249,
      -36,
      65
    ],
    "SliceThickness": 2.8,
    "SliceTiming": [
      1.945,
      1.89,
      1.8325,
      1.7775,
      1.7225,
      1.6675,
      1.61,
      1.555,
      1.5,
      1.445,
      1.39,
      1.3325,
      1.2775,
      1.2225,
      1.1675,
      1.11,
      1.055,
      1,
      0.945,
      0.89,
      0.8325,
      0.7775,
      0.7225,
      0.6675,
      0.6125,
      0.555,
      0.5,
      0.445,
      0.39,
      0.3325,
      0.2775,
      0.2225,
      0.1675,
      0.1125,
      0.055,
      0
    ],
    "SoftwareVersions": "syngo_MR_E11",
    "SpacingBetweenSlices": 3.22,
    "StationName": "AWP166048",
    "TaskName": "ultimatum",
    "TotalReadoutTime": 0.0357695,
    "TxRefAmp": 277.551,
    "dataset": "<unset>",
    "modality": "bold",
    "run_id": 1,
    "subject_id": "109",
    "task_id": "ultimatum"
  },
  "dummy_trs": 1,
  "dvars_nstd": 25.820858656868694,
  "dvars_std": 1.3300987027272726,
  "dvars_vstd": 0.9941068641414139,
  "efc": 0.5088880986182748,
  "fber": 2283.499267578125,
  "fd_mean": 0.19475047096550135,
  "fd_num": 73,
  "fd_perc": 36.68341708542714,
  "fwhm_avg": 1.733633906461035,
  "fwhm_x": 1.6312627838433973,
  "fwhm_y": 1.8665861556405556,
  "fwhm_z": 1.703052779899152,
  "gcor": 0.0228692,
  "gsr_x": -0.009792308323085308,
  "gsr_y": 0.03692854940891266,
  "provenance": {
    "md5sum": "1aed38869e2e186b30f015c889571479",
    "settings": {
      "fd_thres": 0.2,
      "testing": false
    },
    "software": "mriqc",
    "version": "22.0.6",
    "webapi_port": null,
    "webapi_url": "https://mriqc.nimh.nih.gov/api/v1"
  },
  "size_t": 199,
  "size_x": 74,
  "size_y": 74,
  "size_z": 36,
  "snr": 7.57783868082176,
  "spacing_tr": 2.0199999809265137,
  "spacing_x": 2.972972869873047,
  "spacing_y": 2.972972869873047,
  "spacing_z": 3.2200000286102295,
  "summary_bg_k": 25.724786614134718,
  "summary_bg_mad": 8.180387708099552,
  "summary_bg_mean": 39.90507888793945,
  "summary_bg_median": 16.899497985839844,
  "summary_bg_n": 125092.0,
  "summary_bg_p05": 9.32663345336914,
  "summary_bg_p95": 162.81407165527344,
  "summary_bg_stdv": 67.53478240966797,
  "summary_fg_k": 3.7453605412000277,
  "summary_fg_mad": 95.51608688390341,
  "summary_fg_mean": 829.1388549804688,
  "summary_fg_median": 819.7939453125,
  "summary_fg_n": 34258.0,
  "summary_fg_p05": 686.1188262939453,
  "summary_fg_p95": 1004.7175964355465,
  "summary_fg_stdv": 108.18150329589844,
  "tsnr": 79.93461954360828
}