{
  "aor": 0.0006932718894009217,
  "aqi": 0.005766143963133641,
  "bids_meta": {
    "AcquisitionMatrixPE": 74,
    "AcquisitionNumber": 1,
    "AcquisitionTime": "10:34:55.635000",
    "BandwidthPerPixelPhaseEncode": 27.579,
    "BaseResolution": 74,
    "BodyPartExamined": "BRAIN",
    "CogAtlasID": "http://www.cognitiveatlas.org/task/id/TODO",
    "CoilString": "HE1-4;NE1_2",
    "ConsistencyInfo": "N4_VE11C_LATEST_20160120",
    "ConversionSoftware": "dcm2niix",
    "ConversionSoftwareVersion": "v1.0.20190410  GCC6.3.0",
    "DerivedVendorReportedEchoSpacing": 0.000489993,
    "DeviceSerialNumber": "166048",
    "DwellTime": 2.9e-06,
    "EchoTime": 0.023,
    "EchoTrainLength": 74,
    "EffectiveEchoSpacing": 0.000489993,
    "FlipAngle": 76,
    "ImageOrientationPatientDICOM": [
      1,
      0,
      0,
      0,
      0.937889,
      -0.346936
    ],
    "ImageType": [
      "ORIGINAL",
      "PRIMARY",
      "M",
      "ND",
      "NORM",
      "MOSAIC"
    ],
    "ImagingFrequency": 123.246,
    "InPlanePhaseEncodingDirectionDICOM": "COL",
    "InstitutionAddress": "North_13th_1701_Philadelphia_PA_US_19122",
    "InstitutionName": "Temple_University_-_Weiss_Hall",
    "InstitutionalDepartmentName": "Department",
    "MRAcquisitionType": "2D",
    "MagneticFieldStrength": 3,
    "Manufacturer": "Siemens",
    "ManufacturersModelName": "Prisma",
    "Modality": "MR",
    "PartialFourier": 1,
    "PatientPosition": "HFS",
    "PercentPhaseFOV": 100,
    "PhaseEncodingDirection": "j-",
    "PhaseEncodingSteps": 74,
    "PhaseResolution": 1,
    "PixelBandwidth": 2330,
    "ProcedureStepDescription": "SMITH_SRNDNA",
    "ProtocolName": "func-bold_trust_run0",
    "PulseSequenceDetails": "%SiemensSeq%_ep2d_bold",
    "ReceiveCoilActiveElements": "HE1-4;NE1,2",
    "ReceiveCoilName": "HeadNeck_20",
    "ReconMatrixPE": 74,
    "RepetitionTime": 2.02,
    "SAR": 0.0888203,
    "ScanOptions": "FS",
    "ScanningSequence": "EP",
    "SequenceName": "_epfid2d1_74",
    "SequenceVariant": "SK",
    "SeriesDescription": "func-bold_trust_run0",
    "SeriesNumber": 9,
    "ShimSetting": [
      1418,
      -7392,
      6464,
      311,
      -104,
      249,
      -36,
      65
    ],
    "SliceThickness": 2.8,
    "SliceTiming": [
      1.9425,
      1.8875,
      1.8325,
      1.7775,
      1.72,
      1.665,
      1.61,
      1.555,
      1.5,
      1.4425,
      1.3875,
      1.3325,
      1.2775,
      1.2225,
      1.165,
      1.11,
      1.055,
      1,
      0.9425,
      0.8875,
      0.8325,
      0.7775,
      0.7225,
      0.665,
      0.61,
      0.555,
      0.5,
      0.4425,
      0.3875,
      0.3325,
      0.2775,
      0.2225,
      0.165,
      0.11,
      0.055,
      0
    ],
    "SoftwareVersions": "syngo_MR_E11",
    "SpacingBetweenSlices": 3.22,
    "StationName": "AWP166048",
    "TaskName": "trust",
    "TotalReadoutTime": 0.0357695,
    "TxRefAmp": 277.551,
    "dataset": "<unset>",
    "modality": "bold",
    "run_id": 1,
    "subject_id": "109",
    "task_id": "trust"
  },
  "dummy_trs": 0,
  "dvars_nstd": 24.292528567407405,
  "dvars_std": 1.362151338842592,
  "dvars_vstd": 0.9919475058333335,
  "efc": 0.5048152637212852,
  "fber": 2361.10595703125,
  "fd_mean": 0.1328574157029482,
  "fd_num": 14,
  "fd_perc": 6.451612903225806,
  "fwhm_avg": 1.7324807575794525,
  "fwhm_x": 1.6374619658765608,
  "fwhm_y": 1.8595797008521238,
  "fwhm_z": 1.7004006060096735,
  "gcor": 0.00779912,
  "gsr_x": -0.007877110503613949,
  "gsr_y": 0.03414549678564072,
  "provenance": {
    "md5sum": "babcd0f01f58ffb1292efa81d62ecd83",
    "settings": {
      "fd_thres": 0.2,
      "testing": false
    },
    "software": "mriqc",
    "version": "22.0.6",
    "webapi_port": null,
    "webapi_url": "https://mriqc.nimh.nih.gov/api/v1"
  },
  "size_t": 217,
  "size_x": 74,
  "size_y": 74,
  "size_z": 36,
  "snr": 7.528787246205066,
  "spacing_tr": 2.0199999809265137,
  "spacing_x": 2.972972869873047,
  "spacing_y": 2.972972869873047,
  "spacing_z": 3.2200000286102295,
  "summary_bg_k": 27.37083607245541,
  "summary_bg_mad": 7.76145745285718,
  "summary_bg_mean": 37.62881851196289,
  "summary_bg_median": 16.599079132080078,
  "summary_bg_n": 125274.0,
  "summary_bg_p05": 9.304147720336914,
  "summary_bg_p95": 150.1368621826171,
  "summary_bg_stdv": 62.873931884765625,
  "summary_fg_k": 3.8477081596241574,
  "summary_fg_mad": 96.44425161505649,
  "summary_fg_mean": 828.0515747070312,
  "summary_fg_median": 818.6359252929688,
  "summary_fg_n": 34210.0,
  "summary_fg_p05": 683.1511779785156,
  "summary_fg_p95": 1003.9958526611326,
  "summary_fg_stdv": 108.73251342773438,
  "tsnr": 94.81515595456585
}