{
  "bids_meta": {
    "AcquisitionMatrixPE": 192,
    "AcquisitionNumber": 1,
    "AcquisitionTime": "13:45:47.555000",
    "BaseResolution": 192,
    "BodyPartExamined": "BRAIN",
    "CoilString": "HE1-4;NE1_2",
    "ConsistencyInfo": "N4_VE11C_LATEST_20160120",
    "ConversionSoftware": "dcm2niix",
    "ConversionSoftwareVersion": "v1.0.20190410  GCC6.3.0",
    "DeviceSerialNumber": "166048",
    "DwellTime": 3.5e-06,
    "EchoTime": 0.567,
    "EchoTrainLength": 314,
    "FlipAngle": 120,
    "ImageOrientationPatientDICOM": [
      0,
      1,
      0,
      0,
      0,
      -1
    ],
    "ImageType": [
      "ORIGINAL",
      "PRIMARY",
      "M",
      "ND",
      "NORM"
    ],
    "ImagingFrequency": 123.246,
    "InPlanePhaseEncodingDirectionDICOM": "ROW",
    "InstitutionAddress": "North_13th_1701_Philadelphia_PA_US_19122",
    "InstitutionName": "Temple_University_-_Weiss_Hall",
    "InstitutionalDepartmentName": "Department",
    "MRAcquisitionType": "3D",
    "MagneticFieldStrength": 3,
    "Manufacturer": "Siemens",
    "ManufacturersModelName": "Prisma",
    "Modality": "MR",
    "PartialFourier": 1,
    "PatientPosition": "HFS",
    "PercentPhaseFOV": 100,
    "PhaseEncodingSteps": 209,
    "PhaseOversampling": 0.1,
    "PhaseResolution": 1,
    "PixelBandwidth": 745,
    "ProcedureStepDescription": "SMITH_SRNDNA",
    "ProtocolName": "T2w-anat_spc_07sag_iso",
    "PulseSequenceDetails": "%SiemensSeq%_tse_vfl",
    "ReceiveCoilActiveElements": "HE1-4;NE1,2",
    "ReceiveCoilName": "HeadNeck_20",
    "ReconMatrixPE": 192,
    "RefLinesPE": 32,
    "RepetitionTime": 3.2,
    "SAR": 0.175459,
    "ScanOptions": "PFP",
    "ScanningSequence": "SE",
    "SequenceName": "_spc_314ns",
    "SequenceVariant": "SK_SP_OSP",
    "SeriesDescription": "T2w-anat_spc_07sag_iso",
    "SeriesNumber": 3,
    "ShimSetting": [
      1444,
      -7413,
      6462,
      170,
      30,
      -238,
      19,
      37
    ],
    "SliceThickness": 1,
    "SoftwareVersions": "syngo_MR_E11",
    "StationName": "AWP166048",
    "TxRefAmp": 266.623,
    "dataset": "<unset>",
    "modality": "T2w",
    "subject_id": "118"
  },
  "cjv": 0.3334454800659523,
  "cnr": 1.8197845919851559,
  "efc": 0.6396489570489229,
  "fber": 1311.2022160664822,
  "fwhm_avg": 2.6202633333333334,
  "fwhm_x": 2.46193,
  "fwhm_y": 2.91717,
  "fwhm_z": 2.48169,
  "icvs_csf": 0.4283798783477059,
  "icvs_gm": 0.43941387462533427,
  "icvs_wm": 0.13220624702695982,
  "inu_med": 0.9573247730731964,
  "inu_range": 0.3301982134580612,
  "provenance": {
    "md5sum": "50989aee4ea83b4f3f1425fcbc380ae1",
    "settings": {
      "testing": false
    },
    "software": "mriqc",
    "version": "22.0.6",
    "warnings": {
      "large_rot_frame": true,
      "small_air_mask": false
    },
    "webapi_port": null,
    "webapi_url": "https://mriqc.nimh.nih.gov/api/v1"
  },
  "qi_1": 0.0,
  "qi_2": 0.0006166005174133171,
  "rpve_csf": 8.22473491918275,
  "rpve_gm": 8.411281715319689,
  "rpve_wm": 27.89457324770192,
  "size_x": 192,
  "size_y": 192,
  "size_z": 192,
  "snr_csf": 9.61799337179632,
  "snr_gm": 7.602942118982415,
  "snr_total": 6.612219044627971,
  "snr_wm": 2.6157216431051804,
  "snrd_csf": 56.03271225888613,
  "snrd_gm": 31.38848957492894,
  "snrd_total": 63.99976838850893,
  "snrd_wm": 104.57810333171174,
  "spacing_x": 1.0,
  "spacing_y": 1.0,
  "spacing_z": 1.0,
  "summary_bg_k": 12.11467650477212,
  "summary_bg_mad": 6.263974061346592,
  "summary_bg_mean": 10.354705266162965,
  "summary_bg_median": 4.224986299872398,
  "summary_bg_n": 1540660.0,
  "summary_bg_p05": 0.0,
  "summary_bg_p95": 37.00993585586548,
  "summary_bg_stdv": 14.0970454780334,
  "summary_csf_k": 0.2686580107299066,
  "summary_csf_mad": 54.24111617367161,
  "summary_csf_mean": 536.4685829170157,
  "summary_csf_median": 535.7471454441547,
  "summary_csf_n": 72994.0,
  "summary_csf_p05": 446.78640039265156,
  "summary_csf_p95": 629.0980997234583,
  "summary_csf_stdv": 55.7022088619825,
  "summary_gm_k": -0.11117899201749015,
  "summary_gm_mad": 40.24340877401442,
  "summary_gm_mean": 299.87796968329707,
  "summary_gm_median": 300.11564694345,
  "summary_gm_n": 193849.0,
  "summary_gm_p05": 234.64016093313694,
  "summary_gm_p95": 364.26934953033924,
  "summary_gm_stdv": 39.473518034116715,
  "summary_wm_k": 0.2097712873805997,
  "summary_wm_mad": 193.09837357827092,
  "summary_wm_mean": 873.6198631344168,
  "summary_wm_median": 999.9055565446615,
  "summary_wm_n": 14373.0,
  "summary_wm_p05": 45.22387570142746,
  "summary_wm_p95": 1337.4323950260878,
  "summary_wm_stdv": 382.2542717463637,
  "tpm_overlap_csf": 0.1101563839224451,
  "tpm_overlap_gm": 0.26525210902823587,
  "tpm_overlap_wm": 0.032168514347800076,
  "wm2max": 0.8569424816981861
}