{
  "bids_meta": {
    "AcquisitionMatrixPE": 192,
    "AcquisitionNumber": 1,
    "AcquisitionTime": "13:49:50.307500",
    "BaseResolution": 192,
    "BodyPartExamined": "BRAIN",
    "CoilString": "HE1-4;NE1_2",
    "ConsistencyInfo": "N4_VE11C_LATEST_20160120",
    "ConversionSoftware": "dcm2niix",
    "ConversionSoftwareVersion": "v1.0.20190410  GCC6.3.0",
    "DeviceSerialNumber": "166048",
    "DwellTime": 1.24e-05,
    "EchoTime": 0.0022,
    "FlipAngle": 8,
    "ImageOrientationPatientDICOM": [
      0,
      1,
      0,
      0,
      0,
      -1
    ],
    "ImageType": [
      "ORIGINAL",
      "PRIMARY",
      "M",
      "ND",
      "NORM",
      "FM3",
      "2",
      "FIL"
    ],
    "ImagingFrequency": 123.246,
    "InPlanePhaseEncodingDirectionDICOM": "ROW",
    "InstitutionAddress": "North_13th_1701_Philadelphia_PA_US_19122",
    "InstitutionName": "Temple_University_-_Weiss_Hall",
    "InstitutionalDepartmentName": "Department",
    "InversionTime": 1.15,
    "MRAcquisitionType": "3D",
    "MagneticFieldStrength": 3,
    "Manufacturer": "Siemens",
    "ManufacturersModelName": "Prisma",
    "Modality": "MR",
    "PartialFourier": 1,
    "PatientPosition": "HFS",
    "PercentPhaseFOV": 100,
    "PhaseEncodingSteps": 211,
    "PhaseOversampling": 0.1,
    "PhaseResolution": 1,
    "PixelBandwidth": 210,
    "ProcedureStepDescription": "SMITH_SRNDNA",
    "ProtocolName": "T1w-anat_mpg_07sag_iso",
    "PulseSequenceDetails": "%SiemensSeq%_tfl",
    "ReceiveCoilActiveElements": "HE1-4;NE1,2",
    "ReceiveCoilName": "HeadNeck_20",
    "ReconMatrixPE": 192,
    "RefLinesPE": 32,
    "RepetitionTime": 2.4,
    "SAR": 0.0477661,
    "ScanOptions": "IR_WE",
    "ScanningSequence": "GR_IR",
    "SequenceName": "_tfl3d1_16ns",
    "SequenceVariant": "SK_SP_MP_OSP",
    "SeriesDescription": "T1w-anat_mpg_07sag_iso",
    "SeriesNumber": 5,
    "ShimSetting": [
      1444,
      -7413,
      6462,
      170,
      30,
      -238,
      19,
      37
    ],
    "SliceThickness": 1,
    "SoftwareVersions": "syngo_MR_E11",
    "StationName": "AWP166048",
    "TxRefAmp": 266.623,
    "dataset": "<unset>",
    "modality": "T1w",
    "subject_id": "118"
  },
  "cjv": 0.30089153978428657,
  "cnr": 4.433969184505456,
  "efc": 0.6293919600412522,
  "fber": 38777.73645754598,
  "fwhm_avg": 4.149103333333333,
  "fwhm_x": 4.05356,
  "fwhm_y": 4.20116,
  "fwhm_z": 4.19259,
  "icvs_csf": 0.16063027376099026,
  "icvs_gm": 0.4612406165104642,
  "icvs_wm": 0.3781291097285456,
  "inu_med": 0.3490494042634964,
  "inu_range": 0.10932644158601762,
  "provenance": {
    "md5sum": "1ae85003761b21b17d5b02551bb0040f",
    "settings": {
      "testing": false
    },
    "software": "mriqc",
    "version": "22.0.6",
    "warnings": {
      "large_rot_frame": true,
      "small_air_mask": false
    },
    "webapi_port": null,
    "webapi_url": "https://mriqc.nimh.nih.gov/api/v1"
  },
  "qi_1": 0.0,
  "qi_2": 0.005519787208698043,
  "rpve_csf": 18.837434959732175,
  "rpve_gm": 7.45776184706371,
  "rpve_wm": 10.429744551367502,
  "size_x": 192,
  "size_y": 192,
  "size_z": 192,
  "snr_csf": 2.612967944019958,
  "snr_gm": 11.795546629197657,
  "snr_total": 15.661136627641854,
  "snr_wm": 32.57489530970795,
  "snrd_csf": 45.47583369468914,
  "snrd_gm": 122.9881694309544,
  "snrd_total": 114.55049380407081,
  "snrd_wm": 175.18747828656888,
  "spacing_x": 1.0,
  "spacing_y": 1.0,
  "spacing_z": 1.0,
  "summary_bg_k": 94.41328650118727,
  "summary_bg_mad": 3.739792904441939,
  "summary_bg_mean": 3.798135850438025,
  "summary_bg_median": 2.5224519819021225,
  "summary_bg_n": 1527320.0,
  "summary_bg_p05": 0.0,
  "summary_bg_p95": 15.09122134000063,
  "summary_bg_stdv": 5.5861556635320335,
  "summary_csf_k": 1.1371471596718967,
  "summary_csf_mad": 79.82523475343312,
  "summary_csf_mean": 265.9389104342595,
  "summary_csf_median": 259.5951013788581,
  "summary_csf_n": 14941.0,
  "summary_csf_p05": 107.83482222631574,
  "summary_csf_p95": 451.5189047604799,
  "summary_csf_stdv": 99.34542614169123,
  "summary_gm_k": 0.0033333549110574623,
  "summary_gm_mad": 59.96564484708627,
  "summary_gm_mean": 701.8784052138881,
  "summary_gm_median": 702.0679714456201,
  "summary_gm_n": 66908.0,
  "summary_gm_p05": 602.8442783989012,
  "summary_gm_p95": 798.3560522720218,
  "summary_gm_stdv": 59.51930393550387,
  "summary_wm_k": 0.4974106076948295,
  "summary_wm_mad": 29.692666077508846,
  "summary_wm_mean": 1000.6734427503404,
  "summary_wm_median": 1000.0434844456613,
  "summary_wm_n": 222438.0,
  "summary_wm_p05": 951.4862837940454,
  "summary_wm_p95": 1051.2101181820035,
  "summary_wm_stdv": 30.69975289314249,
  "tpm_overlap_csf": 0.12787506910426882,
  "tpm_overlap_gm": 0.4626240361769363,
  "tpm_overlap_wm": 0.49921274922321396,
  "wm2max": 0.8906900625568919
}