{
  "aor": 0.001633134328358209,
  "aqi": 0.005797526218905472,
  "bids_meta": {
    "AcquisitionMatrixPE": 74,
    "AcquisitionNumber": 1,
    "AcquisitionTime": "14:24:23.217500",
    "BandwidthPerPixelPhaseEncode": 27.579,
    "BaseResolution": 74,
    "BodyPartExamined": "BRAIN",
    "CogAtlasID": "http://www.cognitiveatlas.org/task/id/TODO",
    "CoilString": "HE1-4;NE1_2",
    "ConsistencyInfo": "N4_VE11C_LATEST_20160120",
    "ConversionSoftware": "dcm2niix",
    "ConversionSoftwareVersion": "v1.0.20190410  GCC6.3.0",
    "DerivedVendorReportedEchoSpacing": 0.000489993,
    "DeviceSerialNumber": "166048",
    "DwellTime": 2.9e-06,
    "EchoTime": 0.023,
    "EchoTrainLength": 74,
    "EffectiveEchoSpacing": 0.000489993,
    "FlipAngle": 76,
    "ImageOrientationPatientDICOM": [
      1,
      0,
      0,
      0,
      0.957319,
      -0.289032
    ],
    "ImageType": [
      "ORIGINAL",
      "PRIMARY",
      "M",
      "ND",
      "NORM",
      "MOSAIC"
    ],
    "ImagingFrequency": 123.246,
    "InPlanePhaseEncodingDirectionDICOM": "COL",
    "InstitutionAddress": "North_13th_1701_Philadelphia_PA_US_19122",
    "InstitutionName": "Temple_University_-_Weiss_Hall",
    "InstitutionalDepartmentName": "Department",
    "MRAcquisitionType": "2D",
    "MagneticFieldStrength": 3,
    "Manufacturer": "Siemens",
    "ManufacturersModelName": "Prisma",
    "Modality": "MR",
    "PartialFourier": 1,
    "PatientPosition": "HFS",
    "PercentPhaseFOV": 100,
    "PhaseEncodingDirection": "j-",
    "PhaseEncodingSteps": 74,
    "PhaseResolution": 1,
    "PixelBandwidth": 2330,
    "ProcedureStepDescription": "SMITH_SRNDNA",
    "ProtocolName": "func-bold_task-reward_run1",
    "PulseSequenceDetails": "%SiemensSeq%_ep2d_bold",
    "ReceiveCoilActiveElements": "HE1-4;NE1,2",
    "ReceiveCoilName": "HeadNeck_20",
    "ReconMatrixPE": 74,
    "RepetitionTime": 2.02,
    "SAR": 0.0860894,
    "ScanOptions": "FS",
    "ScanningSequence": "EP",
    "SequenceName": "_epfid2d1_74",
    "SequenceVariant": "SK",
    "SeriesDescription": "func-bold_task-reward_run1",
    "SeriesNumber": 15,
    "ShimSetting": [
      1407,
      -7404,
      6568,
      468,
      0,
      5,
      -6,
      37
    ],
    "SliceThickness": 2.8,
    "SliceTiming": [
      1.945,
      1.8875,
      1.8325,
      1.7775,
      1.7225,
      1.6675,
      1.61,
      1.555,
      1.5,
      1.445,
      1.3875,
      1.3325,
      1.2775,
      1.2225,
      1.1675,
      1.11,
      1.055,
      1,
      0.945,
      0.8875,
      0.8325,
      0.7775,
      0.7225,
      0.6675,
      0.61,
      0.555,
      0.5,
      0.445,
      0.3875,
      0.3325,
      0.2775,
      0.2225,
      0.1675,
      0.11,
      0.055,
      0
    ],
    "SoftwareVersions": "syngo_MR_E11",
    "SpacingBetweenSlices": 3.22,
    "StationName": "AWP166048",
    "TaskName": "sharedreward",
    "TotalReadoutTime": 0.0357695,
    "TxRefAmp": 245.267,
    "dataset": "<unset>",
    "modality": "bold",
    "run_id": 2,
    "subject_id": "117",
    "task_id": "sharedreward"
  },
  "dummy_trs": 1,
  "dvars_nstd": 21.32815648074999,
  "dvars_std": 1.2249217736999995,
  "dvars_vstd": 1.0011149425499994,
  "efc": 0.5016217801413791,
  "fber": 2798.728759765625,
  "fd_mean": 0.1502134974687759,
  "fd_num": 35,
  "fd_perc": 17.412935323383085,
  "fwhm_avg": 1.7381884621894426,
  "fwhm_x": 1.6464428752789193,
  "fwhm_y": 1.900659793185834,
  "fwhm_z": 1.6674627181035742,
  "gcor": 0.0240055,
  "gsr_x": -0.0027100439183413982,
  "gsr_y": 0.043537016957998276,
  "provenance": {
    "md5sum": "576097f2c8c781117fde0045249cf17d",
    "settings": {
      "fd_thres": 0.2,
      "testing": false
    },
    "software": "mriqc",
    "version": "22.0.6",
    "webapi_port": null,
    "webapi_url": "https://mriqc.nimh.nih.gov/api/v1"
  },
  "size_t": 201,
  "size_x": 74,
  "size_y": 74,
  "size_z": 36,
  "snr": 6.655698567814071,
  "spacing_tr": 2.0199999809265137,
  "spacing_x": 2.972972869873047,
  "spacing_y": 2.972972869873047,
  "spacing_z": 3.2200000286102295,
  "summary_bg_k": 28.98998712223467,
  "summary_bg_mad": 11.29285470525117,
  "summary_bg_mean": 43.9504508972168,
  "summary_bg_median": 19.22885513305664,
  "summary_bg_n": 125425.0,
  "summary_bg_p05": 9.273632049560547,
  "summary_bg_p95": 170.19303588867183,
  "summary_bg_stdv": 75.57331848144531,
  "summary_fg_k": 3.2476237937189785,
  "summary_fg_mad": 143.8788354848617,
  "summary_fg_mean": 1035.416015625,
  "summary_fg_median": 1026.671630859375,
  "summary_fg_n": 35685.0,
  "summary_fg_p05": 827.544287109375,
  "summary_fg_p95": 1277.905395507812,
  "summary_fg_stdv": 154.2523651123047,
  "tsnr": 86.40239428728819
}