{
  "aor": 0.0009870833333333333,
  "aqi": 0.007901934444444444,
  "bids_meta": {
    "AcquisitionMatrixPE": 74,
    "AcquisitionNumber": 1,
    "AcquisitionTime": "13:34:15.322500",
    "BandwidthPerPixelPhaseEncode": 27.579,
    "BaseResolution": 74,
    "BodyPartExamined": "BRAIN",
    "CogAtlasID": "http://www.cognitiveatlas.org/task/id/TODO",
    "CoilString": "HE1-4;NE1_2",
    "ConsistencyInfo": "N4_VE11C_LATEST_20160120",
    "ConversionSoftware": "dcm2niix",
    "ConversionSoftwareVersion": "v1.0.20190410  GCC6.3.0",
    "DerivedVendorReportedEchoSpacing": 0.000489993,
    "DeviceSerialNumber": "166048",
    "DwellTime": 2.9e-06,
    "EchoTime": 0.023,
    "EchoTrainLength": 74,
    "EffectiveEchoSpacing": 0.000489993,
    "FlipAngle": 76,
    "ImageOrientationPatientDICOM": [
      1,
      0,
      0,
      0,
      0.957319,
      -0.289032
    ],
    "ImageType": [
      "ORIGINAL",
      "PRIMARY",
      "M",
      "ND",
      "NORM",
      "MOSAIC"
    ],
    "ImagingFrequency": 123.246,
    "InPlanePhaseEncodingDirectionDICOM": "COL",
    "InstitutionAddress": "North_13th_1701_Philadelphia_PA_US_19122",
    "InstitutionName": "Temple_University_-_Weiss_Hall",
    "InstitutionalDepartmentName": "Department",
    "MRAcquisitionType": "2D",
    "MagneticFieldStrength": 3,
    "Manufacturer": "Siemens",
    "ManufacturersModelName": "Prisma",
    "Modality": "MR",
    "PartialFourier": 1,
    "PatientPosition": "HFS",
    "PercentPhaseFOV": 100,
    "PhaseEncodingDirection": "j-",
    "PhaseEncodingSteps": 74,
    "PhaseResolution": 1,
    "PixelBandwidth": 2330,
    "ProcedureStepDescription": "SMITH_SRNDNA",
    "ProtocolName": "func-bold_trust_run0",
    "PulseSequenceDetails": "%SiemensSeq%_ep2d_bold",
    "ReceiveCoilActiveElements": "HE1-4;NE1,2",
    "ReceiveCoilName": "HeadNeck_20",
    "ReconMatrixPE": 74,
    "RepetitionTime": 2.02,
    "SAR": 0.0861107,
    "ScanOptions": "FS",
    "ScanningSequence": "EP",
    "SequenceName": "_epfid2d1_74",
    "SequenceVariant": "SK",
    "SeriesDescription": "func-bold_trust_run0",
    "SeriesNumber": 9,
    "ShimSetting": [
      1407,
      -7404,
      6568,
      468,
      0,
      5,
      -6,
      37
    ],
    "SliceThickness": 2.8,
    "SliceTiming": [
      1.945,
      1.8875,
      1.8325,
      1.7775,
      1.7225,
      1.6675,
      1.61,
      1.555,
      1.5,
      1.445,
      1.3875,
      1.3325,
      1.2775,
      1.2225,
      1.1675,
      1.11,
      1.055,
      1,
      0.945,
      0.8875,
      0.8325,
      0.7775,
      0.7225,
      0.6675,
      0.61,
      0.555,
      0.5,
      0.445,
      0.3875,
      0.3325,
      0.2775,
      0.2225,
      0.1675,
      0.11,
      0.055,
      0
    ],
    "SoftwareVersions": "syngo_MR_E11",
    "SpacingBetweenSlices": 3.22,
    "StationName": "AWP166048",
    "TaskName": "trust",
    "TotalReadoutTime": 0.0357695,
    "TxRefAmp": 245.267,
    "dataset": "<unset>",
    "modality": "bold",
    "run_id": 1,
    "subject_id": "117",
    "task_id": "trust"
  },
  "dummy_trs": 1,
  "dvars_nstd": 22.092307516511617,
  "dvars_std": 1.1991629519999993,
  "dvars_vstd": 0.9789264465581394,
  "efc": 0.5003811627808098,
  "fber": 2877.40576171875,
  "fd_mean": 0.15323353730759062,
  "fd_num": 51,
  "fd_perc": 23.61111111111111,
  "fwhm_avg": 1.7423903835330379,
  "fwhm_x": 1.6367488749427406,
  "fwhm_y": 1.9142017936554578,
  "fwhm_z": 1.6762204820009152,
  "gcor": 0.0179855,
  "gsr_x": -0.002180292969569564,
  "gsr_y": 0.043229181319475174,
  "provenance": {
    "md5sum": "bc302641e4b7012dd58b54240ca261fd",
    "settings": {
      "fd_thres": 0.2,
      "testing": false
    },
    "software": "mriqc",
    "version": "22.0.6",
    "webapi_port": null,
    "webapi_url": "https://mriqc.nimh.nih.gov/api/v1"
  },
  "size_t": 216,
  "size_x": 74,
  "size_y": 74,
  "size_z": 36,
  "snr": 6.714713553262199,
  "spacing_tr": 2.0199999809265137,
  "spacing_x": 2.972972869873047,
  "spacing_y": 2.972972869873047,
  "spacing_z": 3.2200000286102295,
  "summary_bg_k": 31.63262099516743,
  "summary_bg_mad": 11.181290788616643,
  "summary_bg_mean": 42.81266403198242,
  "summary_bg_median": 18.935184478759766,
  "summary_bg_n": 125344.0,
  "summary_bg_p05": 9.093286752700807,
  "summary_bg_p95": 161.9768524169922,
  "summary_bg_stdv": 74.40577697753906,
  "summary_fg_k": 3.064113477376166,
  "summary_fg_mad": 142.98876740495317,
  "summary_fg_mean": 1034.99658203125,
  "summary_fg_median": 1025.50927734375,
  "summary_fg_n": 35751.0,
  "summary_fg_p05": 827.7222290039062,
  "summary_fg_p95": 1277.2222290039062,
  "summary_fg_stdv": 152.7235565185547,
  "tsnr": 80.00088194396812
}