{
  "aor": 0.0014488888888888887,
  "aqi": 0.007164906898148148,
  "bids_meta": {
    "AcquisitionMatrixPE": 74,
    "AcquisitionNumber": 1,
    "AcquisitionTime": "13:42:14.977500",
    "BandwidthPerPixelPhaseEncode": 27.579,
    "BaseResolution": 74,
    "BodyPartExamined": "BRAIN",
    "CogAtlasID": "http://www.cognitiveatlas.org/task/id/TODO",
    "CoilString": "HE1-4;NE1_2",
    "ConsistencyInfo": "N4_VE11C_LATEST_20160120",
    "ConversionSoftware": "dcm2niix",
    "ConversionSoftwareVersion": "v1.0.20190410  GCC6.3.0",
    "DerivedVendorReportedEchoSpacing": 0.000489993,
    "DeviceSerialNumber": "166048",
    "DwellTime": 2.9e-06,
    "EchoTime": 0.023,
    "EchoTrainLength": 74,
    "EffectiveEchoSpacing": 0.000489993,
    "FlipAngle": 76,
    "ImageOrientationPatientDICOM": [
      1,
      0,
      0,
      0,
      0.957319,
      -0.289032
    ],
    "ImageType": [
      "ORIGINAL",
      "PRIMARY",
      "M",
      "ND",
      "NORM",
      "MOSAIC"
    ],
    "ImagingFrequency": 123.246,
    "InPlanePhaseEncodingDirectionDICOM": "COL",
    "InstitutionAddress": "North_13th_1701_Philadelphia_PA_US_19122",
    "InstitutionName": "Temple_University_-_Weiss_Hall",
    "InstitutionalDepartmentName": "Department",
    "MRAcquisitionType": "2D",
    "MagneticFieldStrength": 3,
    "Manufacturer": "Siemens",
    "ManufacturersModelName": "Prisma",
    "Modality": "MR",
    "PartialFourier": 1,
    "PatientPosition": "HFS",
    "PercentPhaseFOV": 100,
    "PhaseEncodingDirection": "j-",
    "PhaseEncodingSteps": 74,
    "PhaseResolution": 1,
    "PixelBandwidth": 2330,
    "ProcedureStepDescription": "SMITH_SRNDNA",
    "ProtocolName": "func-bold_trust_run1",
    "PulseSequenceDetails": "%SiemensSeq%_ep2d_bold",
    "ReceiveCoilActiveElements": "HE1-4;NE1,2",
    "ReceiveCoilName": "HeadNeck_20",
    "ReconMatrixPE": 74,
    "RepetitionTime": 2.02,
    "SAR": 0.0861107,
    "ScanOptions": "FS",
    "ScanningSequence": "EP",
    "SequenceName": "_epfid2d1_74",
    "SequenceVariant": "SK",
    "SeriesDescription": "func-bold_trust_run1",
    "SeriesNumber": 10,
    "ShimSetting": [
      1407,
      -7404,
      6568,
      468,
      0,
      5,
      -6,
      37
    ],
    "SliceThickness": 2.8,
    "SliceTiming": [
      1.945,
      1.8875,
      1.8325,
      1.7775,
      1.7225,
      1.6675,
      1.61,
      1.555,
      1.5,
      1.445,
      1.3875,
      1.3325,
      1.2775,
      1.2225,
      1.1675,
      1.11,
      1.055,
      1,
      0.945,
      0.8875,
      0.8325,
      0.7775,
      0.7225,
      0.6675,
      0.61,
      0.555,
      0.5,
      0.445,
      0.3875,
      0.3325,
      0.2775,
      0.2225,
      0.1675,
      0.11,
      0.055,
      0
    ],
    "SoftwareVersions": "syngo_MR_E11",
    "SpacingBetweenSlices": 3.22,
    "StationName": "AWP166048",
    "TaskName": "trust",
    "TotalReadoutTime": 0.0357695,
    "TxRefAmp": 245.267,
    "dataset": "<unset>",
    "modality": "bold",
    "run_id": 2,
    "subject_id": "117",
    "task_id": "trust"
  },
  "dummy_trs": 1,
  "dvars_nstd": 23.29090786413955,
  "dvars_std": 1.2187594618139526,
  "dvars_vstd": 0.978753681348837,
  "efc": 0.500170356602626,
  "fber": 2884.682373046875,
  "fd_mean": 0.15862010762464934,
  "fd_num": 50,
  "fd_perc": 23.14814814814815,
  "fwhm_avg": 1.73942249532304,
  "fwhm_x": 1.6384676931841657,
  "fwhm_y": 1.9098929753242138,
  "fwhm_z": 1.66990681746074,
  "gcor": 0.0201022,
  "gsr_x": -0.0025966218672692776,
  "gsr_y": 0.04345857724547386,
  "provenance": {
    "md5sum": "e952b8ad5f744e46aba64e38522f195d",
    "settings": {
      "fd_thres": 0.2,
      "testing": false
    },
    "software": "mriqc",
    "version": "22.0.6",
    "webapi_port": null,
    "webapi_url": "https://mriqc.nimh.nih.gov/api/v1"
  },
  "size_t": 216,
  "size_x": 74,
  "size_y": 74,
  "size_z": 36,
  "snr": 6.706533264545619,
  "spacing_tr": 2.0199999809265137,
  "spacing_x": 2.972972869873047,
  "spacing_y": 2.972972869873047,
  "spacing_z": 3.2200000286102295,
  "summary_bg_k": 31.190740755356806,
  "summary_bg_mad": 11.167563042664542,
  "summary_bg_mean": 42.7968864440918,
  "summary_bg_median": 18.949073791503906,
  "summary_bg_n": 125452.0,
  "summary_bg_p05": 9.074073791503906,
  "summary_bg_p95": 162.90486679077148,
  "summary_bg_stdv": 73.98761749267578,
  "summary_fg_k": 3.0639262734424024,
  "summary_fg_mad": 142.865156892839,
  "summary_fg_mean": 1036.352783203125,
  "summary_fg_median": 1027.75,
  "summary_fg_n": 35677.0,
  "summary_fg_p05": 828.6564819335938,
  "summary_fg_p95": 1278.7555419921873,
  "summary_fg_stdv": 153.2439422607422,
  "tsnr": 80.85900304326788
}