{
  "aor": 0.002617889447236181,
  "aqi": 0.006452773366834171,
  "bids_meta": {
    "AcquisitionMatrixPE": 74,
    "AcquisitionNumber": 1,
    "AcquisitionTime": "14:36:8.717500",
    "BandwidthPerPixelPhaseEncode": 27.579,
    "BaseResolution": 74,
    "BodyPartExamined": "BRAIN",
    "CogAtlasID": "http://www.cognitiveatlas.org/task/id/TODO",
    "CoilString": "HE1-4;NE1_2",
    "ConsistencyInfo": "N4_VE11C_LATEST_20160120",
    "ConversionSoftware": "dcm2niix",
    "ConversionSoftwareVersion": "v1.0.20190410  GCC6.3.0",
    "DerivedVendorReportedEchoSpacing": 0.000489993,
    "DeviceSerialNumber": "166048",
    "DwellTime": 2.9e-06,
    "EchoTime": 0.023,
    "EchoTrainLength": 74,
    "EffectiveEchoSpacing": 0.000489993,
    "FlipAngle": 76,
    "ImageOrientationPatientDICOM": [
      1,
      0,
      0,
      0,
      0.957319,
      -0.289032
    ],
    "ImageType": [
      "ORIGINAL",
      "PRIMARY",
      "M",
      "ND",
      "NORM",
      "MOSAIC"
    ],
    "ImagingFrequency": 123.246,
    "InPlanePhaseEncodingDirectionDICOM": "COL",
    "InstitutionAddress": "North_13th_1701_Philadelphia_PA_US_19122",
    "InstitutionName": "Temple_University_-_Weiss_Hall",
    "InstitutionalDepartmentName": "Department",
    "MRAcquisitionType": "2D",
    "MagneticFieldStrength": 3,
    "Manufacturer": "Siemens",
    "ManufacturersModelName": "Prisma",
    "Modality": "MR",
    "PartialFourier": 1,
    "PatientPosition": "HFS",
    "PercentPhaseFOV": 100,
    "PhaseEncodingDirection": "j-",
    "PhaseEncodingSteps": 74,
    "PhaseResolution": 1,
    "PixelBandwidth": 2330,
    "ProcedureStepDescription": "SMITH_SRNDNA",
    "ProtocolName": "func-bold_task-UG_run0",
    "PulseSequenceDetails": "%SiemensSeq%_ep2d_bold",
    "ReceiveCoilActiveElements": "HE1-4;NE1,2",
    "ReceiveCoilName": "HeadNeck_20",
    "ReconMatrixPE": 74,
    "RepetitionTime": 2.02,
    "SAR": 0.0860863,
    "ScanOptions": "FS",
    "ScanningSequence": "EP",
    "SequenceName": "_epfid2d1_74",
    "SequenceVariant": "SK",
    "SeriesDescription": "func-bold_task-UG_run0",
    "SeriesNumber": 16,
    "ShimSetting": [
      1407,
      -7404,
      6568,
      468,
      0,
      5,
      -6,
      37
    ],
    "SliceThickness": 2.8,
    "SliceTiming": [
      1.945,
      1.8875,
      1.8325,
      1.7775,
      1.7225,
      1.665,
      1.61,
      1.555,
      1.5,
      1.445,
      1.3875,
      1.3325,
      1.2775,
      1.2225,
      1.165,
      1.11,
      1.055,
      1,
      0.945,
      0.8875,
      0.8325,
      0.7775,
      0.7225,
      0.665,
      0.61,
      0.555,
      0.5,
      0.445,
      0.3875,
      0.3325,
      0.2775,
      0.2225,
      0.1675,
      0.11,
      0.055,
      0
    ],
    "SoftwareVersions": "syngo_MR_E11",
    "SpacingBetweenSlices": 3.22,
    "StationName": "AWP166048",
    "TaskName": "ultimatum",
    "TotalReadoutTime": 0.0357695,
    "TxRefAmp": 245.267,
    "dataset": "<unset>",
    "modality": "bold",
    "run_id": 1,
    "subject_id": "117",
    "task_id": "ultimatum"
  },
  "dummy_trs": 1,
  "dvars_nstd": 20.761841537979798,
  "dvars_std": 1.2279208555050503,
  "dvars_vstd": 1.0059947017676767,
  "efc": 0.5038242401540554,
  "fber": 2734.568115234375,
  "fd_mean": 0.1327001595089604,
  "fd_num": 23,
  "fd_perc": 11.557788944723619,
  "fwhm_avg": 1.7565624042373258,
  "fwhm_x": 1.6661739668722664,
  "fwhm_y": 1.9193952483810164,
  "fwhm_z": 1.6841179974586948,
  "gcor": 0.0125333,
  "gsr_x": -0.0028432903345674276,
  "gsr_y": 0.04515697434544563,
  "provenance": {
    "md5sum": "08866f87d2abd939c0c6e00e5f2b16e1",
    "settings": {
      "fd_thres": 0.2,
      "testing": false
    },
    "software": "mriqc",
    "version": "22.0.6",
    "webapi_port": null,
    "webapi_url": "https://mriqc.nimh.nih.gov/api/v1"
  },
  "size_t": 199,
  "size_x": 74,
  "size_y": 74,
  "size_z": 36,
  "snr": 6.662506160074178,
  "spacing_tr": 2.0199999809265137,
  "spacing_x": 2.972972869873047,
  "spacing_y": 2.972972869873047,
  "spacing_z": 3.2200000286102295,
  "summary_bg_k": 26.07436208772275,
  "summary_bg_mad": 11.883168989986398,
  "summary_bg_mean": 45.117740631103516,
  "summary_bg_median": 19.35175895690918,
  "summary_bg_n": 125138.0,
  "summary_bg_p05": 8.928894662857058,
  "summary_bg_p95": 177.22839660644522,
  "summary_bg_stdv": 77.84947967529297,
  "summary_fg_k": 2.9442128694214285,
  "summary_fg_mad": 144.34884500164137,
  "summary_fg_mean": 1030.8756103515625,
  "summary_fg_median": 1021.8165893554688,
  "summary_fg_n": 35776.0,
  "summary_fg_p05": 821.3529815673828,
  "summary_fg_p95": 1269.6909790039062,
  "summary_fg_stdv": 153.36605834960938,
  "tsnr": 84.62347306602169
}