{
  "bids_meta": {
    "AcquisitionMatrixPE": 192,
    "AcquisitionNumber": 1,
    "AcquisitionTime": "18:21:59.285000",
    "BaseResolution": 192,
    "BodyPartExamined": "BRAIN",
    "CoilString": "HE1-4;NE1_2",
    "ConsistencyInfo": "N4_VE11C_LATEST_20160120",
    "ConversionSoftware": "dcm2niix",
    "ConversionSoftwareVersion": "v1.0.20190410  GCC6.3.0",
    "DeviceSerialNumber": "166048",
    "DwellTime": 1.24e-05,
    "EchoTime": 0.0022,
    "FlipAngle": 8,
    "ImageOrientationPatientDICOM": [
      0,
      1,
      0,
      0,
      0,
      -1
    ],
    "ImageType": [
      "ORIGINAL",
      "PRIMARY",
      "M",
      "ND",
      "NORM",
      "FM3",
      "2",
      "FIL"
    ],
    "ImagingFrequency": 123.246,
    "InPlanePhaseEncodingDirectionDICOM": "ROW",
    "InstitutionAddress": "North_13th_1701_Philadelphia_PA_US_19122",
    "InstitutionName": "Temple_University_-_Weiss_Hall",
    "InstitutionalDepartmentName": "Department",
    "InversionTime": 1.15,
    "MRAcquisitionType": "3D",
    "MagneticFieldStrength": 3,
    "Manufacturer": "Siemens",
    "ManufacturersModelName": "Prisma",
    "Modality": "MR",
    "PartialFourier": 1,
    "PatientPosition": "HFS",
    "PercentPhaseFOV": 100,
    "PhaseEncodingSteps": 211,
    "PhaseOversampling": 0.1,
    "PhaseResolution": 1,
    "PixelBandwidth": 210,
    "ProcedureStepDescription": "SMITH_SRNDNA",
    "ProtocolName": "T1w-anat_mpg_07sag_iso",
    "PulseSequenceDetails": "%SiemensSeq%_tfl",
    "ReceiveCoilActiveElements": "HE1-4;NE1,2",
    "ReceiveCoilName": "HeadNeck_20",
    "ReconMatrixPE": 192,
    "RefLinesPE": 32,
    "RepetitionTime": 2.4,
    "SAR": 0.0541371,
    "ScanOptions": "IR_WE",
    "ScanningSequence": "GR_IR",
    "SequenceName": "_tfl3d1_16ns",
    "SequenceVariant": "SK_SP_MP_OSP",
    "SeriesDescription": "T1w-anat_mpg_07sag_iso",
    "SeriesNumber": 6,
    "ShimSetting": [
      1442,
      -7453,
      6469,
      154,
      102,
      -204,
      -75,
      39
    ],
    "SliceThickness": 1,
    "SoftwareVersions": "syngo_MR_E11",
    "StationName": "AWP166048",
    "TxRefAmp": 278.861,
    "dataset": "<unset>",
    "modality": "T1w",
    "subject_id": "104"
  },
  "cjv": 0.3194276024419795,
  "cnr": 4.215498154670208,
  "efc": 0.6471547984202828,
  "fber": -1.0,
  "fwhm_avg": 4.080253333333333,
  "fwhm_x": 4.02525,
  "fwhm_y": 4.00155,
  "fwhm_z": 4.21396,
  "icvs_csf": 0.2115093767618572,
  "icvs_gm": 0.4704684374908471,
  "icvs_wm": 0.31802218574729574,
  "inu_med": 0.4996589124202728,
  "inu_range": 0.23737173974513998,
  "provenance": {
    "md5sum": "5fd51ee8f8b1d0fa00490acab7054f44",
    "settings": {
      "testing": false
    },
    "software": "mriqc",
    "version": "22.0.6",
    "warnings": {
      "large_rot_frame": true,
      "small_air_mask": false
    },
    "webapi_port": null,
    "webapi_url": "https://mriqc.nimh.nih.gov/api/v1"
  },
  "qi_1": 0.0,
  "qi_2": 0.007702179049846366,
  "rpve_csf": 15.313464586726719,
  "rpve_gm": 7.285373413336333,
  "rpve_wm": 11.779148902520687,
  "size_x": 192,
  "size_y": 192,
  "size_z": 192,
  "snr_csf": 2.4799620604886656,
  "snr_gm": 13.155740849897306,
  "snr_total": 14.186677306264025,
  "snr_wm": 26.9243290084061,
  "snrd_csf": 33.92695612472169,
  "snrd_gm": 94.93785528185792,
  "snrd_total": 86.88855781788017,
  "snrd_wm": 131.8008620470609,
  "spacing_x": 1.0,
  "spacing_y": 1.0,
  "spacing_z": 1.0,
  "summary_bg_k": 11.66589118051897,
  "summary_bg_mad": 0.0,
  "summary_bg_mean": 2.6194745076585133,
  "summary_bg_median": 0.0,
  "summary_bg_n": 1575380.0,
  "summary_bg_p05": 0.0,
  "summary_bg_p95": 12.964694917201996,
  "summary_bg_stdv": 4.970904744282751,
  "summary_csf_k": 0.6547306704806388,
  "summary_csf_mad": 99.06746105365457,
  "summary_csf_mean": 265.13473972942757,
  "summary_csf_median": 257.423747420311,
  "summary_csf_n": 36801.0,
  "summary_csf_p05": 114.9131925702095,
  "summary_csf_p95": 454.6488529443741,
  "summary_csf_stdv": 103.8000758106778,
  "summary_gm_k": 0.08995305992695668,
  "summary_gm_mad": 54.535812996820816,
  "summary_gm_mean": 718.5476745957474,
  "summary_gm_median": 720.3492818176746,
  "summary_gm_n": 55974.0,
  "summary_gm_p05": 625.9698409438133,
  "summary_gm_p95": 805.2857241421938,
  "summary_gm_stdv": 54.755019525716236,
  "summary_wm_k": 0.7439162278327403,
  "summary_wm_mad": 34.808498985947466,
  "summary_wm_mean": 1000.465860650522,
  "summary_wm_median": 1000.0505703091621,
  "summary_wm_n": 160181.0,
  "summary_wm_p05": 941.1913608312607,
  "summary_wm_p95": 1061.7655507922173,
  "summary_wm_stdv": 37.14289215398353,
  "tpm_overlap_csf": 0.16666600721304467,
  "tpm_overlap_gm": 0.48218414860055125,
  "tpm_overlap_wm": 0.5024923118983246,
  "wm2max": 0.8689082564432832
}