{
  "bids_meta": {
    "AcquisitionMatrixPE": 192,
    "AcquisitionNumber": 1,
    "AcquisitionTime": "18:17:40.532500",
    "BaseResolution": 192,
    "BodyPartExamined": "BRAIN",
    "CoilString": "HE1-4;NE1_2",
    "ConsistencyInfo": "N4_VE11C_LATEST_20160120",
    "ConversionSoftware": "dcm2niix",
    "ConversionSoftwareVersion": "v1.0.20190410  GCC6.3.0",
    "DeviceSerialNumber": "166048",
    "DwellTime": 3.5e-06,
    "EchoTime": 0.567,
    "EchoTrainLength": 314,
    "FlipAngle": 120,
    "ImageOrientationPatientDICOM": [
      0,
      1,
      0,
      0,
      0,
      -1
    ],
    "ImageType": [
      "ORIGINAL",
      "PRIMARY",
      "M",
      "ND",
      "NORM"
    ],
    "ImagingFrequency": 123.246,
    "InPlanePhaseEncodingDirectionDICOM": "ROW",
    "InstitutionAddress": "North_13th_1701_Philadelphia_PA_US_19122",
    "InstitutionName": "Temple_University_-_Weiss_Hall",
    "InstitutionalDepartmentName": "Department",
    "MRAcquisitionType": "3D",
    "MagneticFieldStrength": 3,
    "Manufacturer": "Siemens",
    "ManufacturersModelName": "Prisma",
    "Modality": "MR",
    "PartialFourier": 1,
    "PatientPosition": "HFS",
    "PercentPhaseFOV": 100,
    "PhaseEncodingSteps": 209,
    "PhaseOversampling": 0.1,
    "PhaseResolution": 1,
    "PixelBandwidth": 745,
    "ProcedureStepDescription": "SMITH_SRNDNA",
    "ProtocolName": "T2w-anat_spc_07sag_iso",
    "PulseSequenceDetails": "%SiemensSeq%_tse_vfl",
    "ReceiveCoilActiveElements": "HE1-4;NE1,2",
    "ReceiveCoilName": "HeadNeck_20",
    "ReconMatrixPE": 192,
    "RefLinesPE": 32,
    "RepetitionTime": 3.2,
    "SAR": 0.198861,
    "ScanOptions": "PFP",
    "ScanningSequence": "SE",
    "SequenceName": "_spc_314ns",
    "SequenceVariant": "SK_SP_OSP",
    "SeriesDescription": "T2w-anat_spc_07sag_iso",
    "SeriesNumber": 4,
    "ShimSetting": [
      1442,
      -7450,
      6470,
      165,
      102,
      -188,
      -53,
      38
    ],
    "SliceThickness": 1,
    "SoftwareVersions": "syngo_MR_E11",
    "StationName": "AWP166048",
    "TxRefAmp": 278.861,
    "dataset": "<unset>",
    "modality": "T2w",
    "subject_id": "104"
  },
  "cjv": 0.378161855766153,
  "cnr": 1.6784882627484403,
  "efc": 0.5952707071456312,
  "fber": 5775.2438058463895,
  "fwhm_avg": 2.4455299999999998,
  "fwhm_x": 2.34235,
  "fwhm_y": 2.67408,
  "fwhm_z": 2.32016,
  "icvs_csf": 0.2776342755781881,
  "icvs_gm": 0.5904365319350628,
  "icvs_wm": 0.13192919248674906,
  "inu_med": 0.9803878664970398,
  "inu_range": 0.3036078333854675,
  "provenance": {
    "md5sum": "d643b78dc1b963c582be22a5e67576c5",
    "settings": {
      "testing": false
    },
    "software": "mriqc",
    "version": "22.0.6",
    "warnings": {
      "large_rot_frame": true,
      "small_air_mask": false
    },
    "webapi_port": null,
    "webapi_url": "https://mriqc.nimh.nih.gov/api/v1"
  },
  "qi_1": 0.0,
  "qi_2": 0.0017730622039477267,
  "rpve_csf": 10.040343666119785,
  "rpve_gm": 6.208791376462986,
  "rpve_wm": 28.75305023363058,
  "size_x": 192,
  "size_y": 192,
  "size_z": 192,
  "snr_csf": 7.365576633940266,
  "snr_gm": 8.630287611174017,
  "snr_total": 6.216671700047197,
  "snr_wm": 2.6541508550273076,
  "snrd_csf": 91.75039658263415,
  "snrd_gm": 55.93082641636269,
  "snrd_total": 100.49753262639861,
  "snrd_wm": 153.81137488019897,
  "spacing_x": 1.0,
  "spacing_y": 1.0,
  "spacing_z": 1.0,
  "summary_bg_k": 356.33149124229254,
  "summary_bg_mad": 0.0,
  "summary_bg_mean": 2.406790895087249,
  "summary_bg_median": 0.0,
  "summary_bg_n": 1597403.0,
  "summary_bg_p05": 0.0,
  "summary_bg_p95": 8.915738180279732,
  "summary_bg_stdv": 4.258817232160187,
  "summary_csf_k": 1.3666608424329292,
  "summary_csf_mad": 67.51314520480246,
  "summary_csf_mean": 610.9084803549016,
  "summary_csf_median": 596.4378868639469,
  "summary_csf_n": 18878.0,
  "summary_csf_p05": 503.7777448391542,
  "summary_csf_p95": 761.1717731175941,
  "summary_csf_stdv": 80.97425620936978,
  "summary_gm_k": 0.4901795761802803,
  "summary_gm_mad": 40.242281885570726,
  "summary_gm_mean": 366.61023935595125,
  "summary_gm_median": 363.5871359780431,
  "summary_gm_n": 238342.0,
  "summary_gm_p05": 303.3027889994905,
  "summary_gm_p95": 441.9748060069978,
  "summary_gm_stdv": 42.12911430251899,
  "summary_wm_k": -0.24863343090629453,
  "summary_wm_mad": 200.37753252001755,
  "summary_wm_mean": 831.0005715384981,
  "summary_wm_median": 999.8750395216048,
  "summary_wm_n": 19473.0,
  "summary_wm_p05": 41.45401630550623,
  "summary_wm_p95": 1201.0582549363373,
  "summary_wm_stdv": 376.7115813816238,
  "tpm_overlap_csf": 0.11443427251060825,
  "tpm_overlap_gm": 0.3760098963596614,
  "tpm_overlap_wm": 0.03705418653803793,
  "wm2max": 0.8496902106567534
}