{
  "bids_meta": {
    "AcquisitionMatrixPE": 192,
    "AcquisitionNumber": 1,
    "AcquisitionTime": "13:06:22.540000",
    "BaseResolution": 192,
    "BodyPartExamined": "HEAD",
    "CoilString": "HE1-4;NE1_2",
    "ConsistencyInfo": "N4_VE11C_LATEST_20160120",
    "ConversionSoftware": "dcm2niix",
    "ConversionSoftwareVersion": "v1.0.20190410  GCC6.3.0",
    "DeviceSerialNumber": "166048",
    "DwellTime": 3.5e-06,
    "EchoTime": 0.567,
    "EchoTrainLength": 314,
    "FlipAngle": 120,
    "ImageOrientationPatientDICOM": [
      0,
      1,
      0,
      0,
      0,
      -1
    ],
    "ImageType": [
      "ORIGINAL",
      "PRIMARY",
      "M",
      "ND",
      "NORM"
    ],
    "ImagingFrequency": 123.246,
    "InPlanePhaseEncodingDirectionDICOM": "ROW",
    "InstitutionAddress": "North_13th_1701_Philadelphia_PA_US_19122",
    "InstitutionName": "Temple_University_-_Weiss_Hall",
    "InstitutionalDepartmentName": "Department",
    "MRAcquisitionType": "3D",
    "MagneticFieldStrength": 3,
    "Manufacturer": "Siemens",
    "ManufacturersModelName": "Prisma",
    "Modality": "MR",
    "PartialFourier": 1,
    "PatientPosition": "HFS",
    "PercentPhaseFOV": 100,
    "PhaseEncodingSteps": 209,
    "PhaseOversampling": 0.1,
    "PhaseResolution": 1,
    "PixelBandwidth": 745,
    "ProcedureStepDescription": "SMITH_SRNDNA",
    "ProtocolName": "T2w-anat_spc_07sag_iso",
    "PulseSequenceDetails": "%SiemensSeq%_tse_vfl",
    "ReceiveCoilActiveElements": "HE1-4;NE1,2",
    "ReceiveCoilName": "HeadNeck_20",
    "ReconMatrixPE": 192,
    "RefLinesPE": 32,
    "RepetitionTime": 3.2,
    "SAR": 0.180973,
    "ScanOptions": "PFP",
    "ScanningSequence": "SE",
    "SequenceName": "_spc_314ns",
    "SequenceVariant": "SK_SP_OSP",
    "SeriesDescription": "T2w-anat_spc_07sag_iso",
    "SeriesNumber": 3,
    "ShimSetting": [
      1416,
      -7488,
      6535,
      88,
      84,
      -298,
      85,
      12
    ],
    "SliceThickness": 1,
    "SoftwareVersions": "syngo_MR_E11",
    "StationName": "AWP166048",
    "TxRefAmp": 301.681,
    "dataset": "<unset>",
    "modality": "T2w",
    "subject_id": "112"
  },
  "cjv": 0.37247969599064024,
  "cnr": 1.9876642764349544,
  "efc": 0.5958886096598767,
  "fber": -1.0,
  "fwhm_avg": 2.52775,
  "fwhm_x": 2.43874,
  "fwhm_y": 2.81495,
  "fwhm_z": 2.32956,
  "icvs_csf": 0.34663727701921543,
  "icvs_gm": 0.5134973739353971,
  "icvs_wm": 0.13986534904538747,
  "inu_med": 0.9689875543117523,
  "inu_range": 0.2647764325141908,
  "provenance": {
    "md5sum": "517b5ea3331a4f55aefff3ce65b03e8c",
    "settings": {
      "testing": false
    },
    "software": "mriqc",
    "version": "22.0.6",
    "warnings": {
      "large_rot_frame": true,
      "small_air_mask": false
    },
    "webapi_port": null,
    "webapi_url": "https://mriqc.nimh.nih.gov/api/v1"
  },
  "qi_1": 0.0,
  "qi_2": 0.0033312503345363956,
  "rpve_csf": 8.437636625277827,
  "rpve_gm": 6.853975942248729,
  "rpve_wm": 25.035991115059975,
  "size_x": 192,
  "size_y": 192,
  "size_z": 192,
  "snr_csf": 10.19583546558647,
  "snr_gm": 9.848056123010275,
  "snr_total": 7.619007079087768,
  "snr_wm": 2.81312964866656,
  "snrd_csf": 105.37527283710882,
  "snrd_gm": 65.51600834749647,
  "snrd_total": 132.01376462814528,
  "snrd_wm": 225.15001269983057,
  "spacing_x": 1.0,
  "spacing_y": 1.0,
  "spacing_z": 1.0,
  "summary_bg_k": 3.1983786696978536,
  "summary_bg_mad": 0.0,
  "summary_bg_mean": 1.9711370945702098,
  "summary_bg_median": 0.0,
  "summary_bg_n": 1923300.0,
  "summary_bg_p05": 0.0,
  "summary_bg_p95": 7.9926040805876255,
  "summary_bg_stdv": 2.910037734350945,
  "summary_csf_k": 1.1709769772204561,
  "summary_csf_mad": 43.12520962248287,
  "summary_csf_mean": 469.8140749482642,
  "summary_csf_median": 468.06439120694995,
  "summary_csf_n": 27648.0,
  "summary_csf_p05": 400.31315415417777,
  "summary_csf_p95": 547.2806410534306,
  "summary_csf_stdv": 45.90657901493872,
  "summary_gm_k": 0.06349422742375221,
  "summary_gm_mad": 29.889926559943696,
  "summary_gm_mean": 290.64761092726775,
  "summary_gm_median": 291.014293352142,
  "summary_gm_n": 206638.0,
  "summary_gm_p05": 242.00491758435965,
  "summary_gm_p95": 338.13486964814365,
  "summary_gm_stdv": 29.550358522715456,
  "summary_wm_k": 0.4130388807941139,
  "summary_wm_mad": 234.22618978827674,
  "summary_wm_mean": 866.9715315000693,
  "summary_wm_median": 1000.0894971583039,
  "summary_wm_n": 22809.0,
  "summary_wm_p05": 45.39878646172584,
  "summary_wm_p95": 1187.5697445172816,
  "summary_wm_stdv": 355.499994199946,
  "tpm_overlap_csf": 0.11382942279228031,
  "tpm_overlap_gm": 0.32185608335094984,
  "tpm_overlap_wm": 0.03694091884266062,
  "wm2max": 0.8514184717895765
}