{
  "bids_meta": {
    "AcquisitionMatrixPE": 192,
    "AcquisitionNumber": 1,
    "AcquisitionTime": "13:10:25.280000",
    "BaseResolution": 192,
    "BodyPartExamined": "HEAD",
    "CoilString": "HE1-4;NE1_2",
    "ConsistencyInfo": "N4_VE11C_LATEST_20160120",
    "ConversionSoftware": "dcm2niix",
    "ConversionSoftwareVersion": "v1.0.20190410  GCC6.3.0",
    "DeviceSerialNumber": "166048",
    "DwellTime": 1.24e-05,
    "EchoTime": 0.0022,
    "FlipAngle": 8,
    "ImageOrientationPatientDICOM": [
      0,
      1,
      0,
      0,
      0,
      -1
    ],
    "ImageType": [
      "ORIGINAL",
      "PRIMARY",
      "M",
      "ND",
      "NORM",
      "FM3",
      "2",
      "FIL"
    ],
    "ImagingFrequency": 123.246,
    "InPlanePhaseEncodingDirectionDICOM": "ROW",
    "InstitutionAddress": "North_13th_1701_Philadelphia_PA_US_19122",
    "InstitutionName": "Temple_University_-_Weiss_Hall",
    "InstitutionalDepartmentName": "Department",
    "InversionTime": 1.15,
    "MRAcquisitionType": "3D",
    "MagneticFieldStrength": 3,
    "Manufacturer": "Siemens",
    "ManufacturersModelName": "Prisma",
    "Modality": "MR",
    "PartialFourier": 1,
    "PatientPosition": "HFS",
    "PercentPhaseFOV": 100,
    "PhaseEncodingSteps": 211,
    "PhaseOversampling": 0.1,
    "PhaseResolution": 1,
    "PixelBandwidth": 210,
    "ProcedureStepDescription": "SMITH_SRNDNA",
    "ProtocolName": "T1w-anat_mpg_07sag_iso",
    "PulseSequenceDetails": "%SiemensSeq%_tfl",
    "ReceiveCoilActiveElements": "HE1-4;NE1,2",
    "ReceiveCoilName": "HeadNeck_20",
    "ReconMatrixPE": 192,
    "RefLinesPE": 32,
    "RepetitionTime": 2.4,
    "SAR": 0.0492673,
    "ScanOptions": "IR_WE",
    "ScanningSequence": "GR_IR",
    "SequenceName": "_tfl3d1_16ns",
    "SequenceVariant": "SK_SP_MP_OSP",
    "SeriesDescription": "T1w-anat_mpg_07sag_iso",
    "SeriesNumber": 5,
    "ShimSetting": [
      1416,
      -7488,
      6535,
      88,
      84,
      -298,
      85,
      12
    ],
    "SliceThickness": 1,
    "SoftwareVersions": "syngo_MR_E11",
    "StationName": "AWP166048",
    "TxRefAmp": 301.681,
    "dataset": "<unset>",
    "modality": "T1w",
    "subject_id": "112"
  },
  "cjv": 0.3194182195243734,
  "cnr": 4.123769260958961,
  "efc": 0.6145100225244815,
  "fber": 32378.403599999998,
  "fwhm_avg": 4.01669,
  "fwhm_x": 3.95169,
  "fwhm_y": 4.03186,
  "fwhm_z": 4.06652,
  "icvs_csf": 0.18381247027918102,
  "icvs_gm": 0.4463990974561253,
  "icvs_wm": 0.36978843226469366,
  "inu_med": 0.3654155284166336,
  "inu_range": 0.13115363270044328,
  "provenance": {
    "md5sum": "26eb6b507e5ebd4273e96d41c2168a86",
    "settings": {
      "testing": false
    },
    "software": "mriqc",
    "version": "22.0.6",
    "warnings": {
      "large_rot_frame": true,
      "small_air_mask": false
    },
    "webapi_port": null,
    "webapi_url": "https://mriqc.nimh.nih.gov/api/v1"
  },
  "qi_1": 0.0,
  "qi_2": 0.01475946185309024,
  "rpve_csf": 16.191096600187823,
  "rpve_gm": 7.240841350530632,
  "rpve_wm": 10.028062325049413,
  "size_x": 192,
  "size_y": 192,
  "size_z": 192,
  "snr_csf": 2.480174429521365,
  "snr_gm": 12.856604619998087,
  "snr_total": 14.92650225082536,
  "snr_wm": 29.442727702956628,
  "snrd_csf": 37.97144498816061,
  "snrd_gm": 104.68355592201486,
  "snrd_total": 95.5350585019139,
  "snrd_wm": 143.9501745955662,
  "spacing_x": 1.0,
  "spacing_y": 1.0,
  "spacing_z": 1.0,
  "summary_bg_k": 14.3983545140638,
  "summary_bg_mad": 4.551325689642834,
  "summary_bg_mean": 3.8037196400898794,
  "summary_bg_median": 3.0698225274682045,
  "summary_bg_n": 1928284.0,
  "summary_bg_p05": 0.0,
  "summary_bg_p95": 13.316678412258625,
  "summary_bg_stdv": 4.754050664818403,
  "summary_csf_k": 1.5708875590869251,
  "summary_csf_mad": 84.62326937432469,
  "summary_csf_mean": 275.78824777255613,
  "summary_csf_median": 263.7930254638195,
  "summary_csf_n": 23603.0,
  "summary_csf_p05": 119.11334830373526,
  "summary_csf_p95": 477.57334915772066,
  "summary_csf_stdv": 106.35842146417339,
  "summary_gm_k": 0.22107268973386374,
  "summary_gm_mad": 54.64729672874603,
  "summary_gm_mean": 726.2755135082394,
  "summary_gm_median": 727.25154235214,
  "summary_gm_n": 37544.0,
  "summary_gm_p05": 631.0528313767165,
  "summary_gm_p95": 816.9962161034346,
  "summary_gm_stdv": 56.56562354210713,
  "summary_wm_k": 0.8240725294244271,
  "summary_wm_mad": 32.48704888814023,
  "summary_wm_mean": 1000.6267239239162,
  "summary_wm_median": 1000.042323499918,
  "summary_wm_n": 217582.0,
  "summary_wm_p05": 946.8814658001065,
  "summary_wm_p95": 1056.357688486576,
  "summary_wm_stdv": 33.96560384978824,
  "tpm_overlap_csf": 0.1606141191653501,
  "tpm_overlap_gm": 0.4628997926223437,
  "tpm_overlap_wm": 0.5097011910740343,
  "wm2max": 0.8924398642926886
}