{
  "bids_meta": {
    "AcquisitionMatrixPE": 192,
    "AcquisitionNumber": 1,
    "AcquisitionTime": "16:20:45.292500",
    "BaseResolution": 192,
    "BodyPartExamined": "BRAIN",
    "CoilString": "HE1-4;NE1_2",
    "ConsistencyInfo": "N4_VE11C_LATEST_20160120",
    "ConversionSoftware": "dcm2niix",
    "ConversionSoftwareVersion": "v1.0.20190410  GCC6.3.0",
    "DeviceSerialNumber": "166048",
    "DwellTime": 1.24e-05,
    "EchoTime": 0.0022,
    "FlipAngle": 8,
    "ImageOrientationPatientDICOM": [
      0,
      1,
      0,
      0,
      0,
      -1
    ],
    "ImageType": [
      "ORIGINAL",
      "PRIMARY",
      "M",
      "ND",
      "NORM",
      "FM3",
      "2",
      "FIL"
    ],
    "ImagingFrequency": 123.246,
    "InPlanePhaseEncodingDirectionDICOM": "ROW",
    "InstitutionAddress": "North_13th_1701_Philadelphia_PA_US_19122",
    "InstitutionName": "Temple_University_-_Weiss_Hall",
    "InstitutionalDepartmentName": "Department",
    "InversionTime": 1.15,
    "MRAcquisitionType": "3D",
    "MagneticFieldStrength": 3,
    "Manufacturer": "Siemens",
    "ManufacturersModelName": "Prisma",
    "Modality": "MR",
    "PartialFourier": 1,
    "PatientPosition": "HFS",
    "PercentPhaseFOV": 100,
    "PhaseEncodingSteps": 211,
    "PhaseOversampling": 0.1,
    "PhaseResolution": 1,
    "PixelBandwidth": 210,
    "ProcedureStepDescription": "SMITH_SRNDNA",
    "ProtocolName": "T1w-anat_mpg_07sag_iso",
    "PulseSequenceDetails": "%SiemensSeq%_tfl",
    "ReceiveCoilActiveElements": "HE1-4;NE1,2",
    "ReceiveCoilName": "HeadNeck_20",
    "ReconMatrixPE": 192,
    "RefLinesPE": 32,
    "RepetitionTime": 2.4,
    "SAR": 0.0596068,
    "ScanOptions": "IR_WE",
    "ScanningSequence": "GR_IR",
    "SequenceName": "_tfl3d1_16ns",
    "SequenceVariant": "SK_SP_MP_OSP",
    "SeriesDescription": "T1w-anat_mpg_07sag_iso",
    "SeriesNumber": 5,
    "ShimSetting": [
      1424,
      -7605,
      6473,
      38,
      39,
      -430,
      -105,
      24
    ],
    "SliceThickness": 1,
    "SoftwareVersions": "syngo_MR_E11",
    "StationName": "AWP166048",
    "TxRefAmp": 290.758,
    "dataset": "<unset>",
    "modality": "T1w",
    "subject_id": "147"
  },
  "cjv": 0.39180146286565193,
  "cnr": 3.472796166362886,
  "efc": 0.6218780714548617,
  "fber": 16041.76378040928,
  "fwhm_avg": 4.38851,
  "fwhm_x": 4.3342,
  "fwhm_y": 4.44584,
  "fwhm_z": 4.38549,
  "icvs_csf": 0.26487058508405714,
  "icvs_gm": 0.37614492813139405,
  "icvs_wm": 0.3589844867845488,
  "inu_med": 0.48977166414260864,
  "inu_range": 0.20242283940315248,
  "provenance": {
    "md5sum": "1f949dfec7c9e5e35104a7c1e37d69ac",
    "settings": {
      "testing": false
    },
    "software": "mriqc",
    "version": "22.0.6",
    "warnings": {
      "large_rot_frame": true,
      "small_air_mask": false
    },
    "webapi_port": null,
    "webapi_url": "https://mriqc.nimh.nih.gov/api/v1"
  },
  "qi_1": 0.0,
  "qi_2": 0.006623022906826353,
  "rpve_csf": 14.800959014887745,
  "rpve_gm": 9.555340049232786,
  "rpve_wm": 11.948888160970133,
  "size_x": 192,
  "size_y": 192,
  "size_z": 192,
  "snr_csf": 2.3002670938524723,
  "snr_gm": 12.024339128458598,
  "snr_total": 13.108076975440676,
  "snr_wm": 24.999624704010962,
  "snrd_csf": 27.247631226560742,
  "snrd_gm": 91.3748540565572,
  "snrd_total": 80.51393541788,
  "snrd_wm": 122.91932097052205,
  "spacing_x": 1.0,
  "spacing_y": 1.0,
  "spacing_z": 1.0,
  "summary_bg_k": 12.430286423594698,
  "summary_bg_mad": 5.330161027696225,
  "summary_bg_mean": 4.354351939080987,
  "summary_bg_median": 3.595138980075717,
  "summary_bg_n": 1478449.0,
  "summary_bg_p05": 0.0,
  "summary_bg_p95": 17.137564340606332,
  "summary_bg_stdv": 6.240296453618661,
  "summary_csf_k": 1.0362021445038225,
  "summary_csf_mad": 83.61485734858434,
  "summary_csf_mean": 236.99697646724246,
  "summary_csf_median": 221.68553305976093,
  "summary_csf_n": 62548.0,
  "summary_csf_p05": 104.7442639041692,
  "summary_csf_p95": 422.07924149120214,
  "summary_csf_stdv": 96.37305229547475,
  "summary_gm_k": 0.008959383058280146,
  "summary_gm_mad": 61.70560649854464,
  "summary_gm_mean": 740.3049775096831,
  "summary_gm_median": 743.4218065179884,
  "summary_gm_n": 13434.0,
  "summary_gm_p05": 634.0634133215993,
  "summary_gm_p95": 835.9403922831639,
  "summary_gm_stdv": 61.82411595743807,
  "summary_wm_k": 0.4756685967403391,
  "summary_wm_mad": 38.84804479081666,
  "summary_wm_mean": 1001.222904929239,
  "summary_wm_median": 1000.0662063471973,
  "summary_wm_n": 163150.0,
  "summary_wm_p05": 938.1327691935003,
  "summary_wm_p95": 1067.403380004689,
  "summary_wm_stdv": 40.00312617951942,
  "tpm_overlap_csf": 0.15716678517468055,
  "tpm_overlap_gm": 0.44046242888617726,
  "tpm_overlap_wm": 0.5081780366659425,
  "wm2max": 0.8883262765872305
}