{
  "bids_meta": {
    "AcquisitionMatrixPE": 192,
    "AcquisitionNumber": 1,
    "AcquisitionTime": "16:16:42.550000",
    "BaseResolution": 192,
    "BodyPartExamined": "BRAIN",
    "CoilString": "HE1-4;NE1_2",
    "ConsistencyInfo": "N4_VE11C_LATEST_20160120",
    "ConversionSoftware": "dcm2niix",
    "ConversionSoftwareVersion": "v1.0.20190410  GCC6.3.0",
    "DeviceSerialNumber": "166048",
    "DwellTime": 3.5e-06,
    "EchoTime": 0.567,
    "EchoTrainLength": 314,
    "FlipAngle": 120,
    "ImageOrientationPatientDICOM": [
      0,
      1,
      0,
      0,
      0,
      -1
    ],
    "ImageType": [
      "ORIGINAL",
      "PRIMARY",
      "M",
      "ND",
      "NORM"
    ],
    "ImagingFrequency": 123.246,
    "InPlanePhaseEncodingDirectionDICOM": "ROW",
    "InstitutionAddress": "North_13th_1701_Philadelphia_PA_US_19122",
    "InstitutionName": "Temple_University_-_Weiss_Hall",
    "InstitutionalDepartmentName": "Department",
    "MRAcquisitionType": "3D",
    "MagneticFieldStrength": 3,
    "Manufacturer": "Siemens",
    "ManufacturersModelName": "Prisma",
    "Modality": "MR",
    "PartialFourier": 1,
    "PatientPosition": "HFS",
    "PercentPhaseFOV": 100,
    "PhaseEncodingSteps": 209,
    "PhaseOversampling": 0.1,
    "PhaseResolution": 1,
    "PixelBandwidth": 745,
    "ProcedureStepDescription": "SMITH_SRNDNA",
    "ProtocolName": "T2w-anat_spc_07sag_iso",
    "PulseSequenceDetails": "%SiemensSeq%_tse_vfl",
    "ReceiveCoilActiveElements": "HE1-4;NE1,2",
    "ReceiveCoilName": "HeadNeck_20",
    "ReconMatrixPE": 192,
    "RefLinesPE": 32,
    "RepetitionTime": 3.2,
    "SAR": 0.218953,
    "ScanOptions": "PFP",
    "ScanningSequence": "SE",
    "SequenceName": "_spc_314ns",
    "SequenceVariant": "SK_SP_OSP",
    "SeriesDescription": "T2w-anat_spc_07sag_iso",
    "SeriesNumber": 3,
    "ShimSetting": [
      1424,
      -7605,
      6473,
      38,
      39,
      -430,
      -105,
      24
    ],
    "SliceThickness": 1,
    "SoftwareVersions": "syngo_MR_E11",
    "StationName": "AWP166048",
    "TxRefAmp": 290.758,
    "dataset": "<unset>",
    "modality": "T2w",
    "subject_id": "147"
  },
  "cjv": 0.10089391247294213,
  "cnr": 2.0812791002606215,
  "efc": 0.5982703884809347,
  "fber": 5117.063632581361,
  "fwhm_avg": 2.5748300000000004,
  "fwhm_x": 2.47067,
  "fwhm_y": 2.79381,
  "fwhm_z": 2.46001,
  "icvs_csf": 0.2625127053931996,
  "icvs_gm": 0.6577740226855233,
  "icvs_wm": 0.07971327192127708,
  "inu_med": 0.9222382307052612,
  "inu_range": 0.20132507681846623,
  "provenance": {
    "md5sum": "8f5c041bf9bbe08045f8f18e241915b0",
    "settings": {
      "testing": false
    },
    "software": "mriqc",
    "version": "22.0.6",
    "warnings": {
      "large_rot_frame": true,
      "small_air_mask": false
    },
    "webapi_port": null,
    "webapi_url": "https://mriqc.nimh.nih.gov/api/v1"
  },
  "qi_1": 0.0,
  "qi_2": 0.00222837234134791,
  "rpve_csf": 12.093932234063946,
  "rpve_gm": 6.718615816457887,
  "rpve_wm": 52.152437899088326,
  "size_x": 192,
  "size_y": 192,
  "size_z": 192,
  "snr_csf": 5.931397390307966,
  "snr_gm": 7.462523314727515,
  "snr_total": 5.424003673448483,
  "snr_wm": 2.878090315309966,
  "snrd_csf": 106.49206458764426,
  "snrd_gm": 43.95854931768059,
  "snrd_total": 103.85464743015108,
  "snrd_wm": 161.11332838512837,
  "spacing_x": 1.0,
  "spacing_y": 1.0,
  "spacing_z": 1.0,
  "summary_bg_k": 4.387983451959002,
  "summary_bg_mad": 0.0,
  "summary_bg_mean": 3.009859247857539,
  "summary_bg_median": 0.0,
  "summary_bg_n": 1446107.0,
  "summary_bg_p05": 0.0,
  "summary_bg_p95": 11.274640947580338,
  "summary_bg_stdv": 4.066525513305594,
  "summary_csf_k": 2.9016461049411904,
  "summary_csf_mad": 75.85591207471658,
  "summary_csf_mean": 665.8838616829976,
  "summary_csf_median": 661.0115047954023,
  "summary_csf_n": 33001.0,
  "summary_csf_p05": 488.76995677500963,
  "summary_csf_p95": 868.2365510724485,
  "summary_csf_stdv": 111.4411067410992,
  "summary_gm_k": 0.18688272116111815,
  "summary_gm_mad": 35.970725391079,
  "summary_gm_mean": 274.9842681548781,
  "summary_gm_median": 272.85701470449567,
  "summary_gm_n": 297612.0,
  "summary_gm_p05": 218.55320608988404,
  "summary_gm_p95": 338.14021852668395,
  "summary_gm_stdv": 36.56357840182289,
  "summary_wm_k": 1.2454608156770517,
  "summary_wm_mad": 37.39897478160714,
  "summary_wm_mean": 853.0624218879974,
  "summary_wm_median": 1000.0535162016749,
  "summary_wm_n": 11927.0,
  "summary_wm_p05": 42.087235638499266,
  "summary_wm_p95": 1063.8087564207613,
  "summary_wm_stdv": 347.45664028316116,
  "tpm_overlap_csf": 0.1407029537190171,
  "tpm_overlap_gm": 0.40533510303593523,
  "tpm_overlap_wm": 0.01997740009446791,
  "wm2max": 0.9602425529728156
}