{
  "aor": 0.0014547029702970298,
  "aqi": 0.0054360491089108925,
  "bids_meta": {
    "AcquisitionMatrixPE": 74,
    "AcquisitionNumber": 1,
    "AcquisitionTime": "14:21:19.200000",
    "BandwidthPerPixelPhaseEncode": 27.579,
    "BaseResolution": 74,
    "BodyPartExamined": "BRAIN",
    "CogAtlasID": "http://www.cognitiveatlas.org/task/id/TODO",
    "CoilString": "HE1-4;NE1_2",
    "ConsistencyInfo": "N4_VE11C_LATEST_20160120",
    "ConversionSoftware": "dcm2niix",
    "ConversionSoftwareVersion": "v1.0.20190410  GCC6.3.0",
    "DerivedVendorReportedEchoSpacing": 0.000489993,
    "DeviceSerialNumber": "166048",
    "DwellTime": 2.9e-06,
    "EchoTime": 0.023,
    "EchoTrainLength": 74,
    "EffectiveEchoSpacing": 0.000489993,
    "FlipAngle": 76,
    "ImageOrientationPatientDICOM": [
      1,
      0,
      0,
      0,
      0.932954,
      -0.359997
    ],
    "ImageType": [
      "ORIGINAL",
      "PRIMARY",
      "M",
      "ND",
      "NORM",
      "MOSAIC"
    ],
    "ImagingFrequency": 123.246,
    "InPlanePhaseEncodingDirectionDICOM": "COL",
    "InstitutionAddress": "North_13th_1701_Philadelphia_PA_US_19122",
    "InstitutionName": "Temple_University_-_Weiss_Hall",
    "InstitutionalDepartmentName": "Department",
    "MRAcquisitionType": "2D",
    "MagneticFieldStrength": 3,
    "Manufacturer": "Siemens",
    "ManufacturersModelName": "Prisma",
    "Modality": "MR",
    "PartialFourier": 1,
    "PatientPosition": "HFS",
    "PercentPhaseFOV": 100,
    "PhaseEncodingDirection": "j-",
    "PhaseEncodingSteps": 74,
    "PhaseResolution": 1,
    "PixelBandwidth": 2330,
    "ProcedureStepDescription": "SMITH_SRNDNA",
    "ProtocolName": "func-bold_task-reward_run0",
    "PulseSequenceDetails": "%SiemensSeq%_ep2d_bold",
    "ReceiveCoilActiveElements": "HE1-4;NE1,2",
    "ReceiveCoilName": "HeadNeck_20",
    "ReconMatrixPE": 74,
    "RepetitionTime": 2.02,
    "SAR": 0.0871347,
    "ScanOptions": "FS",
    "ScanningSequence": "EP",
    "SequenceName": "_epfid2d1_74",
    "SequenceVariant": "SK",
    "SeriesDescription": "func-bold_task-reward_run0",
    "SeriesNumber": 11,
    "ShimSetting": [
      1431,
      -7395,
      6509,
      442,
      104,
      120,
      -119,
      32
    ],
    "SliceThickness": 2.8,
    "SliceTiming": [
      1.945,
      1.89,
      1.8325,
      1.7775,
      1.7225,
      1.6675,
      1.6125,
      1.555,
      1.5,
      1.445,
      1.39,
      1.3325,
      1.2775,
      1.2225,
      1.1675,
      1.1125,
      1.055,
      1,
      0.945,
      0.89,
      0.8325,
      0.7775,
      0.7225,
      0.6675,
      0.6125,
      0.555,
      0.5,
      0.445,
      0.39,
      0.3325,
      0.2775,
      0.2225,
      0.1675,
      0.1125,
      0.055,
      0
    ],
    "SoftwareVersions": "syngo_MR_E11",
    "SpacingBetweenSlices": 3.22,
    "StationName": "AWP166048",
    "TaskName": "sharedreward",
    "TotalReadoutTime": 0.0357695,
    "TxRefAmp": 263.168,
    "dataset": "<unset>",
    "modality": "bold",
    "run_id": 1,
    "subject_id": "110",
    "task_id": "sharedreward"
  },
  "dummy_trs": 0,
  "dvars_nstd": 18.8688275302985,
  "dvars_std": 1.2311494170646766,
  "dvars_vstd": 1.0027718043283584,
  "efc": 0.560064974175451,
  "fber": 1873.874267578125,
  "fd_mean": 0.07153183657363787,
  "fd_num": 8,
  "fd_perc": 3.9603960396039604,
  "fwhm_avg": 1.7880034811847902,
  "fwhm_x": 1.7312468782198431,
  "fwhm_y": 1.9451237038187097,
  "fwhm_z": 1.687639861515818,
  "gcor": 0.0179204,
  "gsr_x": 0.010188871994614601,
  "gsr_y": 0.06195223331451416,
  "provenance": {
    "md5sum": "2be1595d061a92e4b4ae6dd2351ac7dd",
    "settings": {
      "fd_thres": 0.2,
      "testing": false
    },
    "software": "mriqc",
    "version": "22.0.6",
    "webapi_port": null,
    "webapi_url": "https://mriqc.nimh.nih.gov/api/v1"
  },
  "size_t": 202,
  "size_x": 74,
  "size_y": 74,
  "size_z": 36,
  "snr": 6.195682074632736,
  "spacing_tr": 2.0199999809265137,
  "spacing_x": 2.972972869873047,
  "spacing_y": 2.972972869873047,
  "spacing_z": 3.2199997901916504,
  "summary_bg_k": 14.917049035457826,
  "summary_bg_mad": 11.622279604431549,
  "summary_bg_mean": 60.27884292602539,
  "summary_bg_median": 20.6782169342041,
  "summary_bg_n": 116316.0,
  "summary_bg_p05": 10.410890579223633,
  "summary_bg_p95": 273.87127685546875,
  "summary_bg_stdv": 103.65460968017578,
  "summary_fg_k": 2.230186601824939,
  "summary_fg_mad": 142.65277484896495,
  "summary_fg_mean": 923.6334838867188,
  "summary_fg_median": 910.9356079101562,
  "summary_fg_n": 42323.0,
  "summary_fg_p05": 721.5480224609375,
  "summary_fg_p95": 1160.0119140625,
  "summary_fg_stdv": 147.0257568359375,
  "tsnr": 86.4273144020699
}