{
  "aor": 0.011140597014925372,
  "aqi": 0.010287519999999998,
  "bids_meta": {
    "AcquisitionMatrixPE": 74,
    "AcquisitionNumber": 1,
    "AcquisitionTime": "14:28:40.147500",
    "BandwidthPerPixelPhaseEncode": 27.579,
    "BaseResolution": 74,
    "BodyPartExamined": "BRAIN",
    "CogAtlasID": "http://www.cognitiveatlas.org/task/id/TODO",
    "CoilString": "HE1-4;NE1_2",
    "ConsistencyInfo": "N4_VE11C_LATEST_20160120",
    "ConversionSoftware": "dcm2niix",
    "ConversionSoftwareVersion": "v1.0.20190410  GCC6.3.0",
    "DerivedVendorReportedEchoSpacing": 0.000489993,
    "DeviceSerialNumber": "166048",
    "DwellTime": 2.9e-06,
    "EchoTime": 0.023,
    "EchoTrainLength": 74,
    "EffectiveEchoSpacing": 0.000489993,
    "FlipAngle": 76,
    "ImageOrientationPatientDICOM": [
      1,
      0,
      0,
      0,
      0.932954,
      -0.359997
    ],
    "ImageType": [
      "ORIGINAL",
      "PRIMARY",
      "M",
      "ND",
      "NORM",
      "MOSAIC"
    ],
    "ImagingFrequency": 123.246,
    "InPlanePhaseEncodingDirectionDICOM": "COL",
    "InstitutionAddress": "North_13th_1701_Philadelphia_PA_US_19122",
    "InstitutionName": "Temple_University_-_Weiss_Hall",
    "InstitutionalDepartmentName": "Department",
    "MRAcquisitionType": "2D",
    "MagneticFieldStrength": 3,
    "Manufacturer": "Siemens",
    "ManufacturersModelName": "Prisma",
    "Modality": "MR",
    "PartialFourier": 1,
    "PatientPosition": "HFS",
    "PercentPhaseFOV": 100,
    "PhaseEncodingDirection": "j-",
    "PhaseEncodingSteps": 74,
    "PhaseResolution": 1,
    "PixelBandwidth": 2330,
    "ProcedureStepDescription": "SMITH_SRNDNA",
    "ProtocolName": "func-bold_task-reward_run1",
    "PulseSequenceDetails": "%SiemensSeq%_ep2d_bold",
    "ReceiveCoilActiveElements": "HE1-4;NE1,2",
    "ReceiveCoilName": "HeadNeck_20",
    "ReconMatrixPE": 74,
    "RepetitionTime": 2.02,
    "SAR": 0.0871347,
    "ScanOptions": "FS",
    "ScanningSequence": "EP",
    "SequenceName": "_epfid2d1_74",
    "SequenceVariant": "SK",
    "SeriesDescription": "func-bold_task-reward_run1",
    "SeriesNumber": 12,
    "ShimSetting": [
      1431,
      -7395,
      6509,
      442,
      104,
      120,
      -119,
      32
    ],
    "SliceThickness": 2.8,
    "SliceTiming": [
      1.945,
      1.89,
      1.8325,
      1.7775,
      1.7225,
      1.6675,
      1.6125,
      1.555,
      1.5,
      1.445,
      1.39,
      1.3325,
      1.2775,
      1.2225,
      1.1675,
      1.1125,
      1.055,
      1,
      0.945,
      0.89,
      0.8325,
      0.7775,
      0.7225,
      0.6675,
      0.6125,
      0.555,
      0.5,
      0.445,
      0.39,
      0.335,
      0.2775,
      0.2225,
      0.1675,
      0.1125,
      0.055,
      0
    ],
    "SoftwareVersions": "syngo_MR_E11",
    "SpacingBetweenSlices": 3.22,
    "StationName": "AWP166048",
    "TaskName": "sharedreward",
    "TotalReadoutTime": 0.0357695,
    "TxRefAmp": 263.168,
    "dataset": "<unset>",
    "modality": "bold",
    "run_id": 2,
    "subject_id": "110",
    "task_id": "sharedreward"
  },
  "dummy_trs": 1,
  "dvars_nstd": 20.58836166855,
  "dvars_std": 1.2975107062500004,
  "dvars_vstd": 1.0799895004999998,
  "efc": 0.5597407367738756,
  "fber": 1871.943603515625,
  "fd_mean": 0.1073577714669642,
  "fd_num": 15,
  "fd_perc": 7.462686567164179,
  "fwhm_avg": 1.8151598884233768,
  "fwhm_x": 1.7522460607662569,
  "fwhm_y": 1.9749322503069877,
  "fwhm_z": 1.7183013541968857,
  "gcor": 0.027904,
  "gsr_x": 0.010587154887616634,
  "gsr_y": 0.0627434179186821,
  "provenance": {
    "md5sum": "289bf0ca74f08ed16bd48b6e010cde6c",
    "settings": {
      "fd_thres": 0.2,
      "testing": false
    },
    "software": "mriqc",
    "version": "22.0.6",
    "webapi_port": null,
    "webapi_url": "https://mriqc.nimh.nih.gov/api/v1"
  },
  "size_t": 201,
  "size_x": 74,
  "size_y": 74,
  "size_z": 36,
  "snr": 6.17768675211118,
  "spacing_tr": 2.0199999809265137,
  "spacing_x": 2.972972869873047,
  "spacing_y": 2.972972869873047,
  "spacing_z": 3.2199997901916504,
  "summary_bg_k": 14.2955563605381,
  "summary_bg_mad": 11.85343991527336,
  "summary_bg_mean": 60.5218505859375,
  "summary_bg_median": 20.721391677856445,
  "summary_bg_n": 116542.0,
  "summary_bg_p05": 10.313432693481445,
  "summary_bg_p95": 273.3532409667969,
  "summary_bg_stdv": 103.18345642089844,
  "summary_fg_k": 2.3297755529508466,
  "summary_fg_mad": 142.2486426768552,
  "summary_fg_mean": 924.1928100585938,
  "summary_fg_median": 911.119384765625,
  "summary_fg_n": 42215.0,
  "summary_fg_p05": 722.8407592773438,
  "summary_fg_p95": 1161.910949707031,
  "summary_fg_stdv": 147.48377990722656,
  "tsnr": 66.33566635893658
}