{
  "aor": 0.009880150753768843,
  "aqi": 0.006054175175879397,
  "bids_meta": {
    "AcquisitionMatrixPE": 74,
    "AcquisitionNumber": 1,
    "AcquisitionTime": "14:38:47.700000",
    "BandwidthPerPixelPhaseEncode": 27.579,
    "BaseResolution": 74,
    "BodyPartExamined": "BRAIN",
    "CogAtlasID": "http://www.cognitiveatlas.org/task/id/TODO",
    "CoilString": "HE1-4;NE1_2",
    "ConsistencyInfo": "N4_VE11C_LATEST_20160120",
    "ConversionSoftware": "dcm2niix",
    "ConversionSoftwareVersion": "v1.0.20190410  GCC6.3.0",
    "DerivedVendorReportedEchoSpacing": 0.000489993,
    "DeviceSerialNumber": "166048",
    "DwellTime": 2.9e-06,
    "EchoTime": 0.023,
    "EchoTrainLength": 74,
    "EffectiveEchoSpacing": 0.000489993,
    "FlipAngle": 76,
    "ImageOrientationPatientDICOM": [
      1,
      0,
      0,
      0,
      0.932954,
      -0.359997
    ],
    "ImageType": [
      "ORIGINAL",
      "PRIMARY",
      "M",
      "ND",
      "NORM",
      "MOSAIC"
    ],
    "ImagingFrequency": 123.246,
    "InPlanePhaseEncodingDirectionDICOM": "COL",
    "InstitutionAddress": "North_13th_1701_Philadelphia_PA_US_19122",
    "InstitutionName": "Temple_University_-_Weiss_Hall",
    "InstitutionalDepartmentName": "Department",
    "MRAcquisitionType": "2D",
    "MagneticFieldStrength": 3,
    "Manufacturer": "Siemens",
    "ManufacturersModelName": "Prisma",
    "Modality": "MR",
    "PartialFourier": 1,
    "PatientPosition": "HFS",
    "PercentPhaseFOV": 100,
    "PhaseEncodingDirection": "j-",
    "PhaseEncodingSteps": 74,
    "PhaseResolution": 1,
    "PixelBandwidth": 2330,
    "ProcedureStepDescription": "SMITH_SRNDNA",
    "ProtocolName": "func-bold_task-UG_run0",
    "PulseSequenceDetails": "%SiemensSeq%_ep2d_bold",
    "ReceiveCoilActiveElements": "HE1-4;NE1,2",
    "ReceiveCoilName": "HeadNeck_20",
    "ReconMatrixPE": 74,
    "RepetitionTime": 2.02,
    "SAR": 0.0871315,
    "ScanOptions": "FS",
    "ScanningSequence": "EP",
    "SequenceName": "_epfid2d1_74",
    "SequenceVariant": "SK",
    "SeriesDescription": "func-bold_task-UG_run0",
    "SeriesNumber": 13,
    "ShimSetting": [
      1431,
      -7395,
      6509,
      442,
      104,
      120,
      -119,
      32
    ],
    "SliceThickness": 2.8,
    "SliceTiming": [
      1.945,
      1.89,
      1.835,
      1.7775,
      1.7225,
      1.6675,
      1.6125,
      1.5575,
      1.5,
      1.445,
      1.39,
      1.335,
      1.2775,
      1.2225,
      1.1675,
      1.1125,
      1.0575,
      1,
      0.945,
      0.89,
      0.835,
      0.7775,
      0.7225,
      0.6675,
      0.6125,
      0.5575,
      0.5,
      0.445,
      0.39,
      0.335,
      0.2775,
      0.2225,
      0.1675,
      0.1125,
      0.0575,
      0
    ],
    "SoftwareVersions": "syngo_MR_E11",
    "SpacingBetweenSlices": 3.22,
    "StationName": "AWP166048",
    "TaskName": "ultimatum",
    "TotalReadoutTime": 0.0357695,
    "TxRefAmp": 263.168,
    "dataset": "<unset>",
    "modality": "bold",
    "run_id": 1,
    "subject_id": "110",
    "task_id": "ultimatum"
  },
  "dummy_trs": 1,
  "dvars_nstd": 21.117507096666664,
  "dvars_std": 1.4026753856060608,
  "dvars_vstd": 1.1209208786363634,
  "efc": 0.5604470321847352,
  "fber": 1855.448974609375,
  "fd_mean": 0.08889260163628797,
  "fd_num": 17,
  "fd_perc": 8.542713567839195,
  "fwhm_avg": 1.8019251489818682,
  "fwhm_x": 1.7417649694936914,
  "fwhm_y": 1.9496780676130143,
  "fwhm_z": 1.7143324098388986,
  "gcor": 0.0417005,
  "gsr_x": 0.011545902118086815,
  "gsr_y": 0.06131692975759506,
  "provenance": {
    "md5sum": "50dbc1ee9f59aceb266cb76d4cebe53d",
    "settings": {
      "fd_thres": 0.2,
      "testing": false
    },
    "software": "mriqc",
    "version": "22.0.6",
    "webapi_port": null,
    "webapi_url": "https://mriqc.nimh.nih.gov/api/v1"
  },
  "size_t": 199,
  "size_x": 74,
  "size_y": 74,
  "size_z": 36,
  "snr": 6.197233787448803,
  "spacing_tr": 2.0199999809265137,
  "spacing_x": 2.972972869873047,
  "spacing_y": 2.972972869873047,
  "spacing_z": 3.2199997901916504,
  "summary_bg_k": 14.852626733592427,
  "summary_bg_mad": 11.540457487786975,
  "summary_bg_mean": 60.876007080078125,
  "summary_bg_median": 20.74371910095215,
  "summary_bg_n": 116402.0,
  "summary_bg_p05": 10.547739028930664,
  "summary_bg_p95": 276.59245452880856,
  "summary_bg_stdv": 104.67234802246094,
  "summary_fg_k": 2.2887940692510913,
  "summary_fg_mad": 142.13616254028278,
  "summary_fg_mean": 922.5045776367188,
  "summary_fg_median": 910.5075073242188,
  "summary_fg_n": 42225.0,
  "summary_fg_p05": 720.8271484375,
  "summary_fg_p95": 1158.3456787109376,
  "summary_fg_stdv": 146.91986083984375,
  "tsnr": 80.59173070883844
}