{
  "aor": 0.002928190954773869,
  "aqi": 0.0059877384924623125,
  "bids_meta": {
    "AcquisitionMatrixPE": 74,
    "AcquisitionNumber": 1,
    "AcquisitionTime": "14:45:59.177500",
    "BandwidthPerPixelPhaseEncode": 27.579,
    "BaseResolution": 74,
    "BodyPartExamined": "BRAIN",
    "CogAtlasID": "http://www.cognitiveatlas.org/task/id/TODO",
    "CoilString": "HE1-4;NE1_2",
    "ConsistencyInfo": "N4_VE11C_LATEST_20160120",
    "ConversionSoftware": "dcm2niix",
    "ConversionSoftwareVersion": "v1.0.20190410  GCC6.3.0",
    "DerivedVendorReportedEchoSpacing": 0.000489993,
    "DeviceSerialNumber": "166048",
    "DwellTime": 2.9e-06,
    "EchoTime": 0.023,
    "EchoTrainLength": 74,
    "EffectiveEchoSpacing": 0.000489993,
    "FlipAngle": 76,
    "ImageOrientationPatientDICOM": [
      1,
      0,
      0,
      0,
      0.932954,
      -0.359997
    ],
    "ImageType": [
      "ORIGINAL",
      "PRIMARY",
      "M",
      "ND",
      "NORM",
      "MOSAIC"
    ],
    "ImagingFrequency": 123.246,
    "InPlanePhaseEncodingDirectionDICOM": "COL",
    "InstitutionAddress": "North_13th_1701_Philadelphia_PA_US_19122",
    "InstitutionName": "Temple_University_-_Weiss_Hall",
    "InstitutionalDepartmentName": "Department",
    "MRAcquisitionType": "2D",
    "MagneticFieldStrength": 3,
    "Manufacturer": "Siemens",
    "ManufacturersModelName": "Prisma",
    "Modality": "MR",
    "PartialFourier": 1,
    "PatientPosition": "HFS",
    "PercentPhaseFOV": 100,
    "PhaseEncodingDirection": "j-",
    "PhaseEncodingSteps": 74,
    "PhaseResolution": 1,
    "PixelBandwidth": 2330,
    "ProcedureStepDescription": "SMITH_SRNDNA",
    "ProtocolName": "func-bold_task-UG_run1",
    "PulseSequenceDetails": "%SiemensSeq%_ep2d_bold",
    "ReceiveCoilActiveElements": "HE1-4;NE1,2",
    "ReceiveCoilName": "HeadNeck_20",
    "ReconMatrixPE": 74,
    "RepetitionTime": 2.02,
    "SAR": 0.0871315,
    "ScanOptions": "FS",
    "ScanningSequence": "EP",
    "SequenceName": "_epfid2d1_74",
    "SequenceVariant": "SK",
    "SeriesDescription": "func-bold_task-UG_run1",
    "SeriesNumber": 14,
    "ShimSetting": [
      1431,
      -7395,
      6509,
      442,
      104,
      120,
      -119,
      32
    ],
    "SliceThickness": 2.8,
    "SliceTiming": [
      1.945,
      1.89,
      1.8325,
      1.7775,
      1.7225,
      1.6675,
      1.6125,
      1.555,
      1.5,
      1.445,
      1.39,
      1.3325,
      1.2775,
      1.2225,
      1.1675,
      1.1125,
      1.055,
      1,
      0.945,
      0.89,
      0.835,
      0.7775,
      0.7225,
      0.6675,
      0.6125,
      0.555,
      0.5,
      0.445,
      0.39,
      0.335,
      0.2775,
      0.2225,
      0.1675,
      0.1125,
      0.055,
      0
    ],
    "SoftwareVersions": "syngo_MR_E11",
    "SpacingBetweenSlices": 3.22,
    "StationName": "AWP166048",
    "TaskName": "ultimatum",
    "TotalReadoutTime": 0.0357695,
    "TxRefAmp": 263.168,
    "dataset": "<unset>",
    "modality": "bold",
    "run_id": 2,
    "subject_id": "110",
    "task_id": "ultimatum"
  },
  "dummy_trs": 1,
  "dvars_nstd": 19.589417626262623,
  "dvars_std": 1.25084351520202,
  "dvars_vstd": 1.0172535277272716,
  "efc": 0.5606902666132644,
  "fber": 1847.84033203125,
  "fd_mean": 0.08205236918145291,
  "fd_num": 12,
  "fd_perc": 6.030150753768845,
  "fwhm_avg": 1.8014986151410668,
  "fwhm_x": 1.7422056058726088,
  "fwhm_y": 1.9519888858749697,
  "fwhm_z": 1.7103013536756226,
  "gcor": 0.0470768,
  "gsr_x": 0.011428664438426495,
  "gsr_y": 0.06129743158817291,
  "provenance": {
    "md5sum": "6bd8801cfcffe08834903afb7e70e6e7",
    "settings": {
      "fd_thres": 0.2,
      "testing": false
    },
    "software": "mriqc",
    "version": "22.0.6",
    "webapi_port": null,
    "webapi_url": "https://mriqc.nimh.nih.gov/api/v1"
  },
  "size_t": 199,
  "size_x": 74,
  "size_y": 74,
  "size_z": 36,
  "snr": 6.196106448064241,
  "spacing_tr": 2.0199999809265137,
  "spacing_x": 2.972972869873047,
  "spacing_y": 2.972972869873047,
  "spacing_z": 3.2199997901916504,
  "summary_bg_k": 14.662244099974043,
  "summary_bg_mad": 11.64475951306194,
  "summary_bg_mean": 61.30423355102539,
  "summary_bg_median": 20.763818740844727,
  "summary_bg_n": 116483.0,
  "summary_bg_p05": 10.517587661743164,
  "summary_bg_p95": 277.9673370361327,
  "summary_bg_stdv": 105.38880157470703,
  "summary_fg_k": 2.2977384059318355,
  "summary_fg_mad": 141.74868068605664,
  "summary_fg_mean": 921.7225341796875,
  "summary_fg_median": 909.5828857421875,
  "summary_fg_n": 42124.0,
  "summary_fg_p05": 720.4421997070312,
  "summary_fg_p95": 1157.8778930664062,
  "summary_fg_stdv": 146.79736328125,
  "tsnr": 81.26978972693905
}