{
  "bids_meta": {
    "AcquisitionMatrixPE": 192,
    "AcquisitionNumber": 1,
    "AcquisitionTime": "18:04:52.545000",
    "BaseResolution": 192,
    "BodyPartExamined": "BRAIN",
    "CoilString": "HE1-4;NE1_2",
    "ConsistencyInfo": "N4_VE11C_LATEST_20160120",
    "ConversionSoftware": "dcm2niix",
    "ConversionSoftwareVersion": "v1.0.20190410  GCC6.3.0",
    "DeviceSerialNumber": "166048",
    "DwellTime": 3.5e-06,
    "EchoTime": 0.567,
    "EchoTrainLength": 314,
    "FlipAngle": 120,
    "ImageOrientationPatientDICOM": [
      0,
      1,
      0,
      0,
      0,
      -1
    ],
    "ImageType": [
      "ORIGINAL",
      "PRIMARY",
      "M",
      "ND",
      "NORM"
    ],
    "ImagingFrequency": 123.245,
    "InPlanePhaseEncodingDirectionDICOM": "ROW",
    "InstitutionAddress": "North_13th_1701_Philadelphia_PA_US_19122",
    "InstitutionName": "Temple_University_-_Weiss_Hall",
    "InstitutionalDepartmentName": "Department",
    "MRAcquisitionType": "3D",
    "MagneticFieldStrength": 3,
    "Manufacturer": "Siemens",
    "ManufacturersModelName": "Prisma",
    "Modality": "MR",
    "PartialFourier": 1,
    "PatientPosition": "HFS",
    "PercentPhaseFOV": 100,
    "PhaseEncodingSteps": 209,
    "PhaseOversampling": 0.1,
    "PhaseResolution": 1,
    "PixelBandwidth": 745,
    "ProcedureStepDescription": "SMITH_SRNDNA",
    "ProtocolName": "T2w-anat_spc_07sag_iso",
    "PulseSequenceDetails": "%SiemensSeq%_tse_vfl",
    "ReceiveCoilActiveElements": "HE1-4;NE1,2",
    "ReceiveCoilName": "HeadNeck_20",
    "ReconMatrixPE": 192,
    "RefLinesPE": 32,
    "RepetitionTime": 3.2,
    "SAR": 0.244973,
    "ScanOptions": "PFP",
    "ScanningSequence": "SE",
    "SequenceName": "_spc_314ns",
    "SequenceVariant": "SK_SP_OSP",
    "SeriesDescription": "T2w-anat_spc_07sag_iso",
    "SeriesNumber": 3,
    "ShimSetting": [
      1394,
      -7517,
      6486,
      -7,
      29,
      -328,
      -11,
      28
    ],
    "SliceThickness": 1,
    "SoftwareVersions": "syngo_MR_E11",
    "StationName": "AWP166048",
    "TxRefAmp": 354.935,
    "dataset": "<unset>",
    "modality": "T2w",
    "subject_id": "140"
  },
  "cjv": 0.5093076689149283,
  "cnr": 2.4861712959334628,
  "efc": 0.6376390167643633,
  "fber": 5476.736343159822,
  "fwhm_avg": 2.4271433333333334,
  "fwhm_x": 2.37428,
  "fwhm_y": 2.66272,
  "fwhm_z": 2.24443,
  "icvs_csf": 0.27695283787829805,
  "icvs_gm": 0.647794249712171,
  "icvs_wm": 0.07525291240953084,
  "inu_med": 0.8637642860412598,
  "inu_range": 0.19705978631973253,
  "provenance": {
    "md5sum": "a427125851ccccfa80b042d8d33c1b78",
    "settings": {
      "testing": false
    },
    "software": "mriqc",
    "version": "22.0.6",
    "warnings": {
      "large_rot_frame": true,
      "small_air_mask": false
    },
    "webapi_port": null,
    "webapi_url": "https://mriqc.nimh.nih.gov/api/v1"
  },
  "qi_1": 0.00017506859477225023,
  "qi_2": 0.00046157281887800457,
  "rpve_csf": 10.946232247940369,
  "rpve_gm": 6.42446644429029,
  "rpve_wm": 50.3348708552852,
  "size_x": 192,
  "size_y": 192,
  "size_z": 192,
  "snr_csf": 4.923765395000972,
  "snr_gm": 7.646659447051376,
  "snr_total": 4.5336407972887045,
  "snr_wm": 1.030497549813765,
  "snrd_csf": 65.77056434172205,
  "snrd_gm": 23.033180221198613,
  "snrd_total": 31.6709123810724,
  "snrd_wm": 6.208992580296555,
  "spacing_x": 1.0,
  "spacing_y": 1.0,
  "spacing_z": 1.0,
  "summary_bg_k": 135.2354577383552,
  "summary_bg_mad": 0.0,
  "summary_bg_mean": 36.69131666171833,
  "summary_bg_median": 0.0,
  "summary_bg_n": 1411450.0,
  "summary_bg_p05": 0.0,
  "summary_bg_p95": 134.81133276224136,
  "summary_bg_stdv": 105.54956613631526,
  "summary_csf_k": 1.6902895347224565,
  "summary_csf_mad": 2057.1500267116994,
  "summary_csf_mean": 10351.30746036626,
  "summary_csf_median": 10596.349906384945,
  "summary_csf_n": 36645.0,
  "summary_csf_p05": 6309.0360098183155,
  "summary_csf_p95": 13069.936317390202,
  "summary_csf_stdv": 2152.0532507584353,
  "summary_gm_k": 0.33023859649629994,
  "summary_gm_mad": 469.797819205464,
  "summary_gm_mean": 3742.5724139183903,
  "summary_gm_median": 3710.8946764171124,
  "summary_gm_n": 309720.0,
  "summary_gm_p05": 3001.9035144150257,
  "summary_gm_p95": 4594.782268464565,
  "summary_gm_stdv": 485.295404010474,
  "summary_wm_k": 4.429588904638395,
  "summary_wm_mad": 910.7105428131362,
  "summary_wm_mean": 1206.9389631836555,
  "summary_wm_median": 1000.3359193503857,
  "summary_wm_n": 2975.0,
  "summary_wm_p05": 140.85768821835518,
  "summary_wm_p95": 2908.117823117969,
  "summary_wm_stdv": 970.5678404735648,
  "tpm_overlap_csf": 0.15606349095688,
  "tpm_overlap_gm": 0.3999452451080268,
  "tpm_overlap_wm": 0.021312053675794463,
  "wm2max": 0.07616101235938767
}