{
  "bids_meta": {
    "AcquisitionMatrixPE": 192,
    "AcquisitionNumber": 1,
    "AcquisitionTime": "18:09:28.305000",
    "BaseResolution": 192,
    "BodyPartExamined": "BRAIN",
    "CoilString": "HE1-4;NE1_2",
    "ConsistencyInfo": "N4_VE11C_LATEST_20160120",
    "ConversionSoftware": "dcm2niix",
    "ConversionSoftwareVersion": "v1.0.20190410  GCC6.3.0",
    "DeviceSerialNumber": "166048",
    "DwellTime": 1.24e-05,
    "EchoTime": 0.0022,
    "FlipAngle": 8,
    "ImageOrientationPatientDICOM": [
      0,
      1,
      0,
      0,
      0,
      -1
    ],
    "ImageType": [
      "ORIGINAL",
      "PRIMARY",
      "M",
      "ND",
      "NORM",
      "FM3",
      "2",
      "FIL"
    ],
    "ImagingFrequency": 123.245,
    "InPlanePhaseEncodingDirectionDICOM": "ROW",
    "InstitutionAddress": "North_13th_1701_Philadelphia_PA_US_19122",
    "InstitutionName": "Temple_University_-_Weiss_Hall",
    "InstitutionalDepartmentName": "Department",
    "InversionTime": 1.15,
    "MRAcquisitionType": "3D",
    "MagneticFieldStrength": 3,
    "Manufacturer": "Siemens",
    "ManufacturersModelName": "Prisma",
    "Modality": "MR",
    "PartialFourier": 1,
    "PatientPosition": "HFS",
    "PercentPhaseFOV": 100,
    "PhaseEncodingSteps": 211,
    "PhaseOversampling": 0.1,
    "PhaseResolution": 1,
    "PixelBandwidth": 210,
    "ProcedureStepDescription": "SMITH_SRNDNA",
    "ProtocolName": "T1w-anat_mpg_07sag_iso",
    "PulseSequenceDetails": "%SiemensSeq%_tfl",
    "ReceiveCoilActiveElements": "HE1-4;NE1,2",
    "ReceiveCoilName": "HeadNeck_20",
    "ReconMatrixPE": 192,
    "RefLinesPE": 32,
    "RepetitionTime": 2.4,
    "SAR": 0.0666906,
    "ScanOptions": "IR_WE",
    "ScanningSequence": "GR_IR",
    "SequenceName": "_tfl3d1_16ns",
    "SequenceVariant": "SK_SP_MP_OSP",
    "SeriesDescription": "T1w-anat_mpg_07sag_iso",
    "SeriesNumber": 5,
    "ShimSetting": [
      1394,
      -7517,
      6486,
      -7,
      29,
      -328,
      -11,
      28
    ],
    "SliceThickness": 1,
    "SoftwareVersions": "syngo_MR_E11",
    "StationName": "AWP166048",
    "TxRefAmp": 354.935,
    "dataset": "<unset>",
    "modality": "T1w",
    "subject_id": "140"
  },
  "cjv": 0.44199743502494926,
  "cnr": 3.068803273881281,
  "efc": 0.6961444293243793,
  "fber": 12631.919599192915,
  "fwhm_avg": 3.77584,
  "fwhm_x": 3.75365,
  "fwhm_y": 3.77688,
  "fwhm_z": 3.79699,
  "icvs_csf": 0.24510702240876647,
  "icvs_gm": 0.3820257772121186,
  "icvs_wm": 0.3728672003791149,
  "inu_med": 0.6044736504554749,
  "inu_range": 0.29575854539871205,
  "provenance": {
    "md5sum": "e16ef5b20ae56ab2c8141e345595584a",
    "settings": {
      "testing": false
    },
    "software": "mriqc",
    "version": "22.0.6",
    "warnings": {
      "large_rot_frame": true,
      "small_air_mask": false
    },
    "webapi_port": null,
    "webapi_url": "https://mriqc.nimh.nih.gov/api/v1"
  },
  "qi_1": 0.0,
  "qi_2": 0.004073339596297418,
  "rpve_csf": 14.22541226765497,
  "rpve_gm": 8.607749531250777,
  "rpve_wm": 10.61080176569511,
  "size_x": 192,
  "size_y": 192,
  "size_z": 192,
  "snr_csf": 2.4090858969547493,
  "snr_gm": 11.224607662734808,
  "snr_total": 11.010790267034755,
  "snr_wm": 19.398677241414703,
  "snrd_csf": 25.466257355635634,
  "snrd_gm": 68.78043664607175,
  "snrd_total": 62.36024798980876,
  "snrd_wm": 92.83404996771893,
  "spacing_x": 1.0,
  "spacing_y": 1.0,
  "spacing_z": 1.0,
  "summary_bg_k": 2559.3086846959873,
  "summary_bg_mad": 7.057489831713946,
  "summary_bg_mean": 6.487241544678806,
  "summary_bg_median": 4.760204553604126,
  "summary_bg_n": 1375379.0,
  "summary_bg_p05": 0.0,
  "summary_bg_p95": 23.44400742650032,
  "summary_bg_stdv": 10.710785235651676,
  "summary_csf_k": 0.41361935978779885,
  "summary_csf_mad": 104.05386570633249,
  "summary_csf_mean": 287.22252439101777,
  "summary_csf_median": 274.3365386798978,
  "summary_csf_n": 42072.0,
  "summary_csf_p05": 116.90913627259434,
  "summary_csf_p95": 498.6150637868791,
  "summary_csf_stdv": 113.87442792523466,
  "summary_gm_k": 0.03346887793569975,
  "summary_gm_mad": 66.09780320514592,
  "summary_gm_mean": 738.9732751369828,
  "summary_gm_median": 740.9407144077122,
  "summary_gm_n": 15698.0,
  "summary_gm_p05": 626.1706950563937,
  "summary_gm_p95": 843.0619777217507,
  "summary_gm_stdv": 66.00828612008257,
  "summary_wm_k": 0.7427822834328119,
  "summary_wm_mad": 48.43202397013695,
  "summary_wm_mean": 1004.9237164949557,
  "summary_wm_median": 1000.0594741553068,
  "summary_wm_n": 179114.0,
  "summary_wm_p05": 929.1621775850654,
  "summary_wm_p95": 1095.6503318473697,
  "summary_wm_stdv": 51.55282857802753,
  "tpm_overlap_csf": 0.17024949918367763,
  "tpm_overlap_gm": 0.4214385177821324,
  "tpm_overlap_wm": 0.5021296996631662,
  "wm2max": 0.6662034715297267
}