{
  "aor": 0.00110205,
  "aqi": 0.0044029625,
  "bids_meta": {
    "AcquisitionMatrixPE": 74,
    "AcquisitionNumber": 1,
    "AcquisitionTime": "21:53:6.835000",
    "BandwidthPerPixelPhaseEncode": 27.579,
    "BaseResolution": 74,
    "BodyPartExamined": "BRAIN",
    "CogAtlasID": "http://www.cognitiveatlas.org/task/id/TODO",
    "CoilString": "HE1-4;NE1_2",
    "ConsistencyInfo": "N4_VE11C_LATEST_20160120",
    "ConversionSoftware": "dcm2niix",
    "ConversionSoftwareVersion": "v1.0.20190410  GCC6.3.0",
    "DerivedVendorReportedEchoSpacing": 0.000489993,
    "DeviceSerialNumber": "166048",
    "DwellTime": 2.9e-06,
    "EchoTime": 0.023,
    "EchoTrainLength": 74,
    "EffectiveEchoSpacing": 0.000489993,
    "FlipAngle": 76,
    "ImageOrientationPatientDICOM": [
      1,
      0,
      0,
      0,
      0.956814,
      -0.290702
    ],
    "ImageType": [
      "ORIGINAL",
      "PRIMARY",
      "M",
      "ND",
      "NORM",
      "MOSAIC"
    ],
    "ImagingFrequency": 123.246,
    "InPlanePhaseEncodingDirectionDICOM": "COL",
    "InstitutionAddress": "North_13th_1701_Philadelphia_PA_US_19122",
    "InstitutionName": "Temple_University_-_Weiss_Hall",
    "InstitutionalDepartmentName": "Department",
    "MRAcquisitionType": "2D",
    "MagneticFieldStrength": 3,
    "Manufacturer": "Siemens",
    "ManufacturersModelName": "Prisma",
    "Modality": "MR",
    "PartialFourier": 1,
    "PatientPosition": "HFS",
    "PercentPhaseFOV": 100,
    "PhaseEncodingDirection": "j-",
    "PhaseEncodingSteps": 74,
    "PhaseResolution": 1,
    "PixelBandwidth": 2330,
    "ProcedureStepDescription": "SMITH_SRNDNA",
    "ProtocolName": "func-bold_task-UG_run0",
    "PulseSequenceDetails": "%SiemensSeq%_ep2d_bold",
    "ReceiveCoilActiveElements": "HE1-4;NE1,2",
    "ReceiveCoilName": "HeadNeck_20",
    "ReconMatrixPE": 74,
    "RepetitionTime": 2.02,
    "SAR": 0.0869435,
    "ScanOptions": "FS",
    "ScanningSequence": "EP",
    "SequenceName": "_epfid2d1_74",
    "SequenceVariant": "SK",
    "SeriesDescription": "func-bold_task-UG_run0",
    "SeriesNumber": 16,
    "ShimSetting": [
      1440,
      -7373,
      6508,
      390,
      -2,
      286,
      -58,
      35
    ],
    "SliceThickness": 2.8,
    "SliceTiming": [
      1.9425,
      1.8875,
      1.8325,
      1.7775,
      1.72,
      1.665,
      1.61,
      1.555,
      1.5,
      1.4425,
      1.3875,
      1.3325,
      1.2775,
      1.22,
      1.165,
      1.11,
      1.055,
      1,
      0.9425,
      0.8875,
      0.8325,
      0.7775,
      0.7225,
      0.665,
      0.61,
      0.555,
      0.5,
      0.4425,
      0.3875,
      0.3325,
      0.2775,
      0.2225,
      0.165,
      0.11,
      0.055,
      0
    ],
    "SoftwareVersions": "syngo_MR_E11",
    "SpacingBetweenSlices": 3.22,
    "StationName": "AWP166048",
    "TaskName": "ultimatum",
    "TotalReadoutTime": 0.0357695,
    "TxRefAmp": 243.917,
    "dataset": "<unset>",
    "modality": "bold",
    "run_id": 1,
    "subject_id": "122",
    "task_id": "ultimatum"
  },
  "dummy_trs": 0,
  "dvars_nstd": 20.792738679748734,
  "dvars_std": 1.3146709175879403,
  "dvars_vstd": 0.9970631179396986,
  "efc": 0.5265231584601122,
  "fber": 1986.4349365234375,
  "fd_mean": 0.12923261173867645,
  "fd_num": 16,
  "fd_perc": 8.0,
  "fwhm_avg": 1.6801779099404026,
  "fwhm_x": 1.6570854211025385,
  "fwhm_y": 1.736584969314054,
  "fwhm_z": 1.6468633394046155,
  "gcor": 0.0287181,
  "gsr_x": -0.006614157930016518,
  "gsr_y": 0.017359942197799683,
  "provenance": {
    "md5sum": "54797625afed686fd7cae595293e3868",
    "settings": {
      "fd_thres": 0.2,
      "testing": false
    },
    "software": "mriqc",
    "version": "22.0.6",
    "webapi_port": null,
    "webapi_url": "https://mriqc.nimh.nih.gov/api/v1"
  },
  "size_t": 200,
  "size_x": 74,
  "size_y": 74,
  "size_z": 36,
  "snr": 7.16879291737703,
  "spacing_tr": 2.0199999809265137,
  "spacing_x": 2.972972869873047,
  "spacing_y": 2.972972869873047,
  "spacing_z": 3.2200000286102295,
  "summary_bg_k": 20.588426812773143,
  "summary_bg_mad": 12.461269836722423,
  "summary_bg_mean": 54.548187255859375,
  "summary_bg_median": 21.439998626708984,
  "summary_bg_n": 122065.0,
  "summary_bg_p05": 9.8149995803833,
  "summary_bg_p95": 232.24199523925765,
  "summary_bg_stdv": 96.3655014038086,
  "summary_fg_k": 2.259824265915179,
  "summary_fg_mad": 138.5788764189648,
  "summary_fg_mean": 981.5780029296875,
  "summary_fg_median": 974.5599975585938,
  "summary_fg_n": 36129.0,
  "summary_fg_p05": 791.9499877929687,
  "summary_fg_p95": 1195.25400390625,
  "summary_fg_stdv": 135.94290161132812,
  "tsnr": 95.11895288713276
}