{
  "aor": 0.0009354000000000001,
  "aqi": 0.0036663015500000003,
  "bids_meta": {
    "AcquisitionMatrixPE": 74,
    "AcquisitionNumber": 1,
    "AcquisitionTime": "21:43:35.305000",
    "BandwidthPerPixelPhaseEncode": 27.579,
    "BaseResolution": 74,
    "BodyPartExamined": "BRAIN",
    "CogAtlasID": "http://www.cognitiveatlas.org/task/id/TODO",
    "CoilString": "HE1-4;NE1_2",
    "ConsistencyInfo": "N4_VE11C_LATEST_20160120",
    "ConversionSoftware": "dcm2niix",
    "ConversionSoftwareVersion": "v1.0.20190410  GCC6.3.0",
    "DerivedVendorReportedEchoSpacing": 0.000489993,
    "DeviceSerialNumber": "166048",
    "DwellTime": 2.9e-06,
    "EchoTime": 0.023,
    "EchoTrainLength": 74,
    "EffectiveEchoSpacing": 0.000489993,
    "FlipAngle": 76,
    "ImageOrientationPatientDICOM": [
      1,
      0,
      0,
      0,
      0.956814,
      -0.290702
    ],
    "ImageType": [
      "ORIGINAL",
      "PRIMARY",
      "M",
      "ND",
      "NORM",
      "MOSAIC"
    ],
    "ImagingFrequency": 123.246,
    "InPlanePhaseEncodingDirectionDICOM": "COL",
    "InstitutionAddress": "North_13th_1701_Philadelphia_PA_US_19122",
    "InstitutionName": "Temple_University_-_Weiss_Hall",
    "InstitutionalDepartmentName": "Department",
    "MRAcquisitionType": "2D",
    "MagneticFieldStrength": 3,
    "Manufacturer": "Siemens",
    "ManufacturersModelName": "Prisma",
    "Modality": "MR",
    "PartialFourier": 1,
    "PatientPosition": "HFS",
    "PercentPhaseFOV": 100,
    "PhaseEncodingDirection": "j-",
    "PhaseEncodingSteps": 74,
    "PhaseResolution": 1,
    "PixelBandwidth": 2330,
    "ProcedureStepDescription": "SMITH_SRNDNA",
    "ProtocolName": "func-bold_task-reward_run1",
    "PulseSequenceDetails": "%SiemensSeq%_ep2d_bold",
    "ReceiveCoilActiveElements": "HE1-4;NE1,2",
    "ReceiveCoilName": "HeadNeck_20",
    "ReconMatrixPE": 74,
    "RepetitionTime": 2.02,
    "SAR": 0.0869466,
    "ScanOptions": "FS",
    "ScanningSequence": "EP",
    "SequenceName": "_epfid2d1_74",
    "SequenceVariant": "SK",
    "SeriesDescription": "func-bold_task-reward_run1",
    "SeriesNumber": 15,
    "ShimSetting": [
      1440,
      -7373,
      6508,
      390,
      -2,
      286,
      -58,
      35
    ],
    "SliceThickness": 2.8,
    "SliceTiming": [
      1.945,
      1.89,
      1.835,
      1.7775,
      1.7225,
      1.6675,
      1.6125,
      1.5575,
      1.5,
      1.445,
      1.39,
      1.335,
      1.2775,
      1.2225,
      1.1675,
      1.1125,
      1.0575,
      1,
      0.945,
      0.89,
      0.835,
      0.7775,
      0.7225,
      0.6675,
      0.6125,
      0.5575,
      0.5,
      0.445,
      0.39,
      0.335,
      0.2775,
      0.2225,
      0.1675,
      0.1125,
      0.0575,
      0
    ],
    "SoftwareVersions": "syngo_MR_E11",
    "SpacingBetweenSlices": 3.22,
    "StationName": "AWP166048",
    "TaskName": "sharedreward",
    "TotalReadoutTime": 0.0357695,
    "TxRefAmp": 243.917,
    "dataset": "<unset>",
    "modality": "bold",
    "run_id": 2,
    "subject_id": "122",
    "task_id": "sharedreward"
  },
  "dummy_trs": 2,
  "dvars_nstd": 21.107926234271357,
  "dvars_std": 1.3189252758291456,
  "dvars_vstd": 1.0038668287939698,
  "efc": 0.5262041979782731,
  "fber": 1972.929443359375,
  "fd_mean": 0.1350063054367421,
  "fd_num": 21,
  "fd_perc": 10.5,
  "fwhm_avg": 1.6727122449701577,
  "fwhm_x": 1.6512865118105287,
  "fwhm_y": 1.7250241507313173,
  "fwhm_z": 1.6418260723686269,
  "gcor": 0.0299181,
  "gsr_x": -0.006508068647235632,
  "gsr_y": 0.017508653923869133,
  "provenance": {
    "md5sum": "86650936865af058474b77e56e333da1",
    "settings": {
      "fd_thres": 0.2,
      "testing": false
    },
    "software": "mriqc",
    "version": "22.0.6",
    "webapi_port": null,
    "webapi_url": "https://mriqc.nimh.nih.gov/api/v1"
  },
  "size_t": 200,
  "size_x": 74,
  "size_y": 74,
  "size_z": 36,
  "snr": 7.168813991214417,
  "spacing_tr": 2.0199999809265137,
  "spacing_x": 2.972972869873047,
  "spacing_y": 2.972972869873047,
  "spacing_z": 3.2200000286102295,
  "summary_bg_k": 21.52155000061486,
  "summary_bg_mad": 12.49092255977397,
  "summary_bg_mean": 54.58926773071289,
  "summary_bg_median": 21.524999618530273,
  "summary_bg_n": 122135.0,
  "summary_bg_p05": 9.824999809265137,
  "summary_bg_p95": 230.88149108886714,
  "summary_bg_stdv": 96.93547821044922,
  "summary_fg_k": 2.266305296186606,
  "summary_fg_mad": 138.878944104302,
  "summary_fg_mean": 981.9742431640625,
  "summary_fg_median": 975.3724975585938,
  "summary_fg_n": 36002.0,
  "summary_fg_p05": 792.040478515625,
  "summary_fg_p95": 1196.1595336914063,
  "summary_fg_stdv": 136.0558319091797,
  "tsnr": 102.80392344947904
}