{
  "bids_meta": {
    "AcquisitionMatrixPE": 192,
    "AcquisitionNumber": 1,
    "AcquisitionTime": "17:06:24.302500",
    "BaseResolution": 192,
    "BodyPartExamined": "BRAIN",
    "CoilString": "HE1-4;NE1_2",
    "ConsistencyInfo": "N4_VE11C_LATEST_20160120",
    "ConversionSoftware": "dcm2niix",
    "ConversionSoftwareVersion": "v1.0.20190410  GCC6.3.0",
    "DeviceSerialNumber": "166048",
    "DwellTime": 1.24e-05,
    "EchoTime": 0.0022,
    "FlipAngle": 8,
    "ImageOrientationPatientDICOM": [
      0,
      1,
      0,
      0.101056,
      0,
      -0.994881
    ],
    "ImageType": [
      "ORIGINAL",
      "PRIMARY",
      "M",
      "ND",
      "NORM",
      "FM3",
      "2",
      "FIL"
    ],
    "ImagingFrequency": 123.246,
    "InPlanePhaseEncodingDirectionDICOM": "ROW",
    "InstitutionAddress": "North_13th_1701_Philadelphia_PA_US_19122",
    "InstitutionName": "Temple_University_-_Weiss_Hall",
    "InstitutionalDepartmentName": "Department",
    "InversionTime": 1.15,
    "MRAcquisitionType": "3D",
    "MagneticFieldStrength": 3,
    "Manufacturer": "Siemens",
    "ManufacturersModelName": "Prisma",
    "Modality": "MR",
    "PartialFourier": 1,
    "PatientPosition": "HFS",
    "PercentPhaseFOV": 100,
    "PhaseEncodingSteps": 211,
    "PhaseOversampling": 0.1,
    "PhaseResolution": 1,
    "PixelBandwidth": 210,
    "ProcedureStepDescription": "SMITH_SRNDNA",
    "ProtocolName": "T1w-anat_mpg_07sag_iso",
    "PulseSequenceDetails": "%SiemensSeq%_tfl",
    "ReceiveCoilActiveElements": "HE1-4;NE1,2",
    "ReceiveCoilName": "HeadNeck_20",
    "ReconMatrixPE": 192,
    "RefLinesPE": 32,
    "RepetitionTime": 2.4,
    "SAR": 0.0665573,
    "ScanOptions": "IR_WE",
    "ScanningSequence": "GR_IR",
    "SequenceName": "_tfl3d1_16ns",
    "SequenceVariant": "SK_SP_MP_OSP",
    "SeriesDescription": "T1w-anat_mpg_07sag_iso",
    "SeriesNumber": 5,
    "ShimSetting": [
      1408,
      -7447,
      6539,
      91,
      -58,
      -101,
      90,
      33
    ],
    "SliceThickness": 1,
    "SoftwareVersions": "syngo_MR_E11",
    "StationName": "AWP166048",
    "TxRefAmp": 359.52,
    "dataset": "<unset>",
    "modality": "T1w",
    "subject_id": "145"
  },
  "cjv": 0.465621663933785,
  "cnr": 2.89235204753006,
  "efc": 0.7274985272581039,
  "fber": 3994.6746250030787,
  "fwhm_avg": 4.4810533333333336,
  "fwhm_x": 4.30565,
  "fwhm_y": 4.73525,
  "fwhm_z": 4.40226,
  "icvs_csf": 0.2447393329444228,
  "icvs_gm": 0.3440585075135882,
  "icvs_wm": 0.411202159541989,
  "inu_med": 0.7623229026794434,
  "inu_range": 0.48747593760490404,
  "provenance": {
    "md5sum": "4ebd2f17252597f4acae29ff971c1bd0",
    "settings": {
      "testing": false
    },
    "software": "mriqc",
    "version": "22.0.6",
    "warnings": {
      "large_rot_frame": true,
      "small_air_mask": false
    },
    "webapi_port": null,
    "webapi_url": "https://mriqc.nimh.nih.gov/api/v1"
  },
  "qi_1": 0.0,
  "qi_2": 0.003908163745794097,
  "rpve_csf": 11.798739478061178,
  "rpve_gm": 7.229149172154419,
  "rpve_wm": 7.621372626976538,
  "size_x": 192,
  "size_y": 192,
  "size_z": 192,
  "snr_csf": 2.6791702059580107,
  "snr_gm": 11.18191978675979,
  "snr_total": 9.760052872547952,
  "snr_wm": 15.419068624926055,
  "snrd_csf": 16.21121914763313,
  "snrd_gm": 45.29962336925187,
  "snrd_total": 41.211417386263896,
  "snrd_wm": 62.1234096419067,
  "spacing_x": 1.0,
  "spacing_y": 1.0,
  "spacing_z": 1.0,
  "summary_bg_k": 348.3322849264619,
  "summary_bg_mad": 10.546369280073595,
  "summary_bg_mean": 12.194181666835306,
  "summary_bg_median": 7.11341798119247,
  "summary_bg_n": 1224649.0,
  "summary_bg_p05": 0.0,
  "summary_bg_p95": 44.787056559696794,
  "summary_bg_stdv": 17.559632969527726,
  "summary_csf_k": 0.7121141052735753,
  "summary_csf_mad": 87.17728426361263,
  "summary_csf_mean": 268.53553395135,
  "summary_csf_median": 260.9677978679538,
  "summary_csf_n": 84504.0,
  "summary_csf_p05": 121.38605104386806,
  "summary_csf_p95": 447.93162497878075,
  "summary_csf_stdv": 97.40562699898011,
  "summary_gm_k": 0.1989560960392578,
  "summary_gm_mad": 63.91190310499535,
  "summary_gm_mean": 729.142110175402,
  "summary_gm_median": 729.2321969904006,
  "summary_gm_n": 15689.0,
  "summary_gm_p05": 621.9203334543854,
  "summary_gm_p95": 836.4097298864275,
  "summary_gm_stdv": 65.21321653954367,
  "summary_wm_k": 0.4158232291881352,
  "summary_wm_mad": 62.191894381206524,
  "summary_wm_mean": 1007.2289639416452,
  "summary_wm_median": 1000.0610850211233,
  "summary_wm_n": 233251.0,
  "summary_wm_p05": 914.0284160468727,
  "summary_wm_p95": 1124.7443426828831,
  "summary_wm_stdv": 64.85858294045607,
  "tpm_overlap_csf": 0.16449155075729469,
  "tpm_overlap_gm": 0.37683357739950846,
  "tpm_overlap_wm": 0.45469545117329624,
  "wm2max": 0.6185110752086305
}