{
  "bids_meta": {
    "AcquisitionMatrixPE": 192,
    "AcquisitionNumber": 1,
    "AcquisitionTime": "17:02:21.547500",
    "BaseResolution": 192,
    "BodyPartExamined": "BRAIN",
    "CoilString": "HE1-4;NE1_2",
    "ConsistencyInfo": "N4_VE11C_LATEST_20160120",
    "ConversionSoftware": "dcm2niix",
    "ConversionSoftwareVersion": "v1.0.20190410  GCC6.3.0",
    "DeviceSerialNumber": "166048",
    "DwellTime": 3.5e-06,
    "EchoTime": 0.567,
    "EchoTrainLength": 314,
    "FlipAngle": 120,
    "ImageOrientationPatientDICOM": [
      0,
      1,
      0,
      0.101056,
      0,
      -0.994881
    ],
    "ImageType": [
      "ORIGINAL",
      "PRIMARY",
      "M",
      "ND",
      "NORM"
    ],
    "ImagingFrequency": 123.246,
    "InPlanePhaseEncodingDirectionDICOM": "ROW",
    "InstitutionAddress": "North_13th_1701_Philadelphia_PA_US_19122",
    "InstitutionName": "Temple_University_-_Weiss_Hall",
    "InstitutionalDepartmentName": "Department",
    "MRAcquisitionType": "3D",
    "MagneticFieldStrength": 3,
    "Manufacturer": "Siemens",
    "ManufacturersModelName": "Prisma",
    "Modality": "MR",
    "PartialFourier": 1,
    "PatientPosition": "HFS",
    "PercentPhaseFOV": 100,
    "PhaseEncodingSteps": 209,
    "PhaseOversampling": 0.1,
    "PhaseResolution": 1,
    "PixelBandwidth": 745,
    "ProcedureStepDescription": "SMITH_SRNDNA",
    "ProtocolName": "T2w-anat_spc_07sag_iso",
    "PulseSequenceDetails": "%SiemensSeq%_tse_vfl",
    "ReceiveCoilActiveElements": "HE1-4;NE1,2",
    "ReceiveCoilName": "HeadNeck_20",
    "ReconMatrixPE": 192,
    "RefLinesPE": 32,
    "RepetitionTime": 3.2,
    "SAR": 0.244484,
    "ScanOptions": "PFP",
    "ScanningSequence": "SE",
    "SequenceName": "_spc_314ns",
    "SequenceVariant": "SK_SP_OSP",
    "SeriesDescription": "T2w-anat_spc_07sag_iso",
    "SeriesNumber": 3,
    "ShimSetting": [
      1408,
      -7447,
      6539,
      91,
      -58,
      -101,
      90,
      33
    ],
    "SliceThickness": 1,
    "SoftwareVersions": "syngo_MR_E11",
    "StationName": "AWP166048",
    "TxRefAmp": 359.52,
    "dataset": "<unset>",
    "modality": "T2w",
    "subject_id": "145"
  },
  "cjv": 0.5741980253722855,
  "cnr": 2.3392537061059224,
  "efc": 0.6692413880627123,
  "fber": 740.6913229845036,
  "fwhm_avg": 2.6736066666666667,
  "fwhm_x": 2.43238,
  "fwhm_y": 2.94199,
  "fwhm_z": 2.64645,
  "icvs_csf": 0.2616922707272109,
  "icvs_gm": 0.6518907947882652,
  "icvs_wm": 0.08641693448452388,
  "inu_med": 0.9776665568351746,
  "inu_range": 0.5024463057518005,
  "provenance": {
    "md5sum": "66fee465a947d883ef4dc272d5993f5c",
    "settings": {
      "testing": false
    },
    "software": "mriqc",
    "version": "22.0.6",
    "warnings": {
      "large_rot_frame": true,
      "small_air_mask": false
    },
    "webapi_port": null,
    "webapi_url": "https://mriqc.nimh.nih.gov/api/v1"
  },
  "qi_1": 0.0,
  "qi_2": 0.0003651909777079453,
  "rpve_csf": 9.682080495029,
  "rpve_gm": 4.974511858579842,
  "rpve_wm": 30.592051828340363,
  "size_x": 192,
  "size_y": 192,
  "size_z": 192,
  "snr_csf": 5.317236227273772,
  "snr_gm": 6.291924728346262,
  "snr_total": 4.457112267178178,
  "snr_wm": 1.7621758459144985,
  "snrd_csf": 74.42541903276499,
  "snrd_gm": 27.44167001293627,
  "snrd_total": 37.28854109631726,
  "snrd_wm": 9.998534243250523,
  "spacing_x": 1.0,
  "spacing_y": 1.0,
  "spacing_z": 1.0,
  "summary_bg_k": 6.344220582184581,
  "summary_bg_mad": 65.54779605277626,
  "summary_bg_mean": 141.99224500954656,
  "summary_bg_median": 44.21131658554077,
  "summary_bg_n": 1232783.0,
  "summary_bg_p05": 0.0,
  "summary_bg_p95": 582.6152312755585,
  "summary_bg_stdv": 209.7140088067676,
  "summary_csf_k": 0.3274560015003698,
  "summary_csf_mad": 1461.7714009566164,
  "summary_csf_mean": 7415.531514144636,
  "summary_csf_median": 7446.422131180763,
  "summary_csf_n": 84643.0,
  "summary_csf_p05": 5054.159030902386,
  "summary_csf_p95": 9540.82085276842,
  "summary_csf_stdv": 1400.4226680068386,
  "summary_gm_k": -0.011670338906436761,
  "summary_gm_mad": 436.0594906900794,
  "summary_gm_mean": 2758.2774422808034,
  "summary_gm_median": 2745.5976943969727,
  "summary_gm_n": 320388.0,
  "summary_gm_p05": 2059.1982707977295,
  "summary_gm_p95": 3496.628068089485,
  "summary_gm_stdv": 436.36780923699814,
  "summary_wm_k": 3.092475935900829,
  "summary_wm_mad": 566.044103201517,
  "summary_wm_mean": 1050.702360817824,
  "summary_wm_median": 1000.3747057914734,
  "summary_wm_n": 4815.0,
  "summary_wm_p05": 243.72424948215485,
  "summary_wm_p95": 2002.1544322371492,
  "summary_wm_stdv": 567.633940532206,
  "tpm_overlap_csf": 0.14563850857644314,
  "tpm_overlap_gm": 0.4118041579106216,
  "tpm_overlap_wm": 0.06702032477325316,
  "wm2max": 0.10081357594126686
}