{
  "aor": 0.0017430150753768845,
  "aqi": 0.004407876432160804,
  "bids_meta": {
    "AcquisitionMatrixPE": 74,
    "AcquisitionNumber": 1,
    "AcquisitionTime": "19:19:8.002500",
    "BandwidthPerPixelPhaseEncode": 27.579,
    "BaseResolution": 74,
    "BodyPartExamined": "BRAIN",
    "CogAtlasID": "http://www.cognitiveatlas.org/task/id/TODO",
    "CoilString": "HE1-4;NE1_2",
    "ConsistencyInfo": "N4_VE11C_LATEST_20160120",
    "ConversionSoftware": "dcm2niix",
    "ConversionSoftwareVersion": "v1.0.20190410  GCC6.3.0",
    "DerivedVendorReportedEchoSpacing": 0.000489993,
    "DeviceSerialNumber": "166048",
    "DwellTime": 2.9e-06,
    "EchoTime": 0.023,
    "EchoTrainLength": 74,
    "EffectiveEchoSpacing": 0.000489993,
    "FlipAngle": 76,
    "ImageOrientationPatientDICOM": [
      1,
      0,
      0,
      0,
      0.940881,
      -0.338738
    ],
    "ImageType": [
      "ORIGINAL",
      "PRIMARY",
      "M",
      "ND",
      "NORM",
      "MOSAIC"
    ],
    "ImagingFrequency": 123.246,
    "InPlanePhaseEncodingDirectionDICOM": "COL",
    "InstitutionAddress": "North_13th_1701_Philadelphia_PA_US_19122",
    "InstitutionName": "Temple_University_-_Weiss_Hall",
    "InstitutionalDepartmentName": "Department",
    "MRAcquisitionType": "2D",
    "MagneticFieldStrength": 3,
    "Manufacturer": "Siemens",
    "ManufacturersModelName": "Prisma",
    "Modality": "MR",
    "PartialFourier": 1,
    "PatientPosition": "HFS",
    "PercentPhaseFOV": 100,
    "PhaseEncodingDirection": "j-",
    "PhaseEncodingSteps": 74,
    "PhaseResolution": 1,
    "PixelBandwidth": 2330,
    "ProcedureStepDescription": "SMITH_SRNDNA",
    "ProtocolName": "func-bold_task-UG_run1",
    "PulseSequenceDetails": "%SiemensSeq%_ep2d_bold",
    "ReceiveCoilActiveElements": "HE1-4;NE1,2",
    "ReceiveCoilName": "HeadNeck_20",
    "ReconMatrixPE": 74,
    "RepetitionTime": 2.02,
    "SAR": 0.093286,
    "ScanOptions": "FS",
    "ScanningSequence": "EP",
    "SequenceName": "_epfid2d1_74",
    "SequenceVariant": "SK",
    "SeriesDescription": "func-bold_task-UG_run1",
    "SeriesNumber": 17,
    "ShimSetting": [
      1416,
      -7343,
      6506,
      448,
      81,
      237,
      -220,
      58
    ],
    "SliceThickness": 2.8,
    "SliceTiming": [
      1.945,
      1.89,
      1.835,
      1.7775,
      1.7225,
      1.6675,
      1.6125,
      1.555,
      1.5,
      1.445,
      1.39,
      1.335,
      1.2775,
      1.2225,
      1.1675,
      1.1125,
      1.055,
      1,
      0.945,
      0.89,
      0.835,
      0.7775,
      0.7225,
      0.6675,
      0.6125,
      0.555,
      0.5,
      0.445,
      0.39,
      0.335,
      0.2775,
      0.2225,
      0.1675,
      0.1125,
      0.055,
      0
    ],
    "SoftwareVersions": "syngo_MR_E11",
    "SpacingBetweenSlices": 3.22,
    "StationName": "AWP166048",
    "TaskName": "ultimatum",
    "TotalReadoutTime": 0.0357695,
    "TxRefAmp": 251.962,
    "dataset": "<unset>",
    "modality": "bold",
    "run_id": 2,
    "subject_id": "121",
    "task_id": "ultimatum"
  },
  "dummy_trs": 1,
  "dvars_nstd": 20.87967394828282,
  "dvars_std": 1.3080395248484855,
  "dvars_vstd": 1.0096934180303034,
  "efc": 0.48908205987466674,
  "fber": 2549.47607421875,
  "fd_mean": 0.10096755519585493,
  "fd_num": 8,
  "fd_perc": 4.0201005025125625,
  "fwhm_avg": 1.6460430679484463,
  "fwhm_x": 1.5780298729064204,
  "fwhm_y": 1.7752701524738017,
  "fwhm_z": 1.584829178465116,
  "gcor": 0.0245378,
  "gsr_x": -0.0037974242586642504,
  "gsr_y": 0.028935302048921585,
  "provenance": {
    "md5sum": "5d2c6cd06ff2e1040743e720da565323",
    "settings": {
      "fd_thres": 0.2,
      "testing": false
    },
    "software": "mriqc",
    "version": "22.0.6",
    "webapi_port": null,
    "webapi_url": "https://mriqc.nimh.nih.gov/api/v1"
  },
  "size_t": 199,
  "size_x": 74,
  "size_y": 74,
  "size_z": 36,
  "snr": 7.048447712684481,
  "spacing_tr": 2.0199999809265137,
  "spacing_x": 2.972972869873047,
  "spacing_y": 2.972972869873047,
  "spacing_z": 3.2200000286102295,
  "summary_bg_k": 26.219550043321053,
  "summary_bg_mad": 9.61828744272199,
  "summary_bg_mean": 40.67698287963867,
  "summary_bg_median": 17.879396438598633,
  "summary_bg_n": 129167.0,
  "summary_bg_p05": 8.735175800323487,
  "summary_bg_p95": 169.6874374389648,
  "summary_bg_stdv": 68.25763702392578,
  "summary_fg_k": 2.8856964244644523,
  "summary_fg_mad": 126.27447248469474,
  "summary_fg_mean": 914.046630859375,
  "summary_fg_median": 905.371826171875,
  "summary_fg_n": 32063.0,
  "summary_fg_p05": 743.0974670410156,
  "summary_fg_p95": 1115.8371948242186,
  "summary_fg_stdv": 128.44781494140625,
  "tsnr": 97.61075216706377
}