{
  "aor": 0.002940497512437811,
  "aqi": 0.004306808109452736,
  "bids_meta": {
    "AcquisitionMatrixPE": 74,
    "AcquisitionNumber": 1,
    "AcquisitionTime": "18:54:58.967500",
    "BandwidthPerPixelPhaseEncode": 27.579,
    "BaseResolution": 74,
    "BodyPartExamined": "BRAIN",
    "CogAtlasID": "http://www.cognitiveatlas.org/task/id/TODO",
    "CoilString": "HE1-4;NE1_2",
    "ConsistencyInfo": "N4_VE11C_LATEST_20160120",
    "ConversionSoftware": "dcm2niix",
    "ConversionSoftwareVersion": "v1.0.20190410  GCC6.3.0",
    "DerivedVendorReportedEchoSpacing": 0.000489993,
    "DeviceSerialNumber": "166048",
    "DwellTime": 2.9e-06,
    "EchoTime": 0.023,
    "EchoTrainLength": 74,
    "EffectiveEchoSpacing": 0.000489993,
    "FlipAngle": 76,
    "ImageOrientationPatientDICOM": [
      1,
      0,
      0,
      0,
      0.940881,
      -0.338738
    ],
    "ImageType": [
      "ORIGINAL",
      "PRIMARY",
      "M",
      "ND",
      "NORM",
      "MOSAIC"
    ],
    "ImagingFrequency": 123.246,
    "InPlanePhaseEncodingDirectionDICOM": "COL",
    "InstitutionAddress": "North_13th_1701_Philadelphia_PA_US_19122",
    "InstitutionName": "Temple_University_-_Weiss_Hall",
    "InstitutionalDepartmentName": "Department",
    "MRAcquisitionType": "2D",
    "MagneticFieldStrength": 3,
    "Manufacturer": "Siemens",
    "ManufacturersModelName": "Prisma",
    "Modality": "MR",
    "PartialFourier": 1,
    "PatientPosition": "HFS",
    "PercentPhaseFOV": 100,
    "PhaseEncodingDirection": "j-",
    "PhaseEncodingSteps": 74,
    "PhaseResolution": 1,
    "PixelBandwidth": 2330,
    "ProcedureStepDescription": "SMITH_SRNDNA",
    "ProtocolName": "func-bold_task-reward_run0",
    "PulseSequenceDetails": "%SiemensSeq%_ep2d_bold",
    "ReceiveCoilActiveElements": "HE1-4;NE1,2",
    "ReceiveCoilName": "HeadNeck_20",
    "ReconMatrixPE": 74,
    "RepetitionTime": 2.02,
    "SAR": 0.0932894,
    "ScanOptions": "FS",
    "ScanningSequence": "EP",
    "SequenceName": "_epfid2d1_74",
    "SequenceVariant": "SK",
    "SeriesDescription": "func-bold_task-reward_run0",
    "SeriesNumber": 14,
    "ShimSetting": [
      1416,
      -7343,
      6506,
      448,
      81,
      237,
      -220,
      58
    ],
    "SliceThickness": 2.8,
    "SliceTiming": [
      1.945,
      1.8875,
      1.8325,
      1.7775,
      1.7225,
      1.6675,
      1.61,
      1.555,
      1.5,
      1.445,
      1.3875,
      1.3325,
      1.2775,
      1.2225,
      1.1675,
      1.11,
      1.055,
      1,
      0.945,
      0.8875,
      0.8325,
      0.7775,
      0.7225,
      0.6675,
      0.61,
      0.555,
      0.5,
      0.445,
      0.3875,
      0.3325,
      0.2775,
      0.2225,
      0.1675,
      0.11,
      0.055,
      0
    ],
    "SoftwareVersions": "syngo_MR_E11",
    "SpacingBetweenSlices": 3.22,
    "StationName": "AWP166048",
    "TaskName": "sharedreward",
    "TotalReadoutTime": 0.0357695,
    "TxRefAmp": 251.962,
    "dataset": "<unset>",
    "modality": "bold",
    "run_id": 1,
    "subject_id": "121",
    "task_id": "sharedreward"
  },
  "dummy_trs": 1,
  "dvars_nstd": 20.482859382850002,
  "dvars_std": 1.31867071465,
  "dvars_vstd": 1.0321583584500007,
  "efc": 0.48862373458953545,
  "fber": 2579.36083984375,
  "fd_mean": 0.10675036900574239,
  "fd_num": 15,
  "fd_perc": 7.462686567164179,
  "fwhm_avg": 1.6339826995626456,
  "fwhm_x": 1.5777708728974384,
  "fwhm_y": 1.7521586062177696,
  "fwhm_z": 1.5720186195727286,
  "gcor": 0.0313859,
  "gsr_x": -0.004400206264108419,
  "gsr_y": 0.029611114412546158,
  "provenance": {
    "md5sum": "ef6ee56df482cc1df090bd24a6000b77",
    "settings": {
      "fd_thres": 0.2,
      "testing": false
    },
    "software": "mriqc",
    "version": "22.0.6",
    "webapi_port": null,
    "webapi_url": "https://mriqc.nimh.nih.gov/api/v1"
  },
  "size_t": 201,
  "size_x": 74,
  "size_y": 74,
  "size_z": 36,
  "snr": 7.057396008034985,
  "spacing_tr": 2.0199999809265137,
  "spacing_x": 2.972972869873047,
  "spacing_y": 2.972972869873047,
  "spacing_z": 3.2200000286102295,
  "summary_bg_k": 26.752415708973363,
  "summary_bg_mad": 9.552087724370212,
  "summary_bg_mean": 40.323123931884766,
  "summary_bg_median": 17.78109359741211,
  "summary_bg_n": 129100.0,
  "summary_bg_p05": 8.746268272399902,
  "summary_bg_p95": 166.0604385375975,
  "summary_bg_stdv": 67.71292114257812,
  "summary_fg_k": 2.8497892556970017,
  "summary_fg_mad": 125.91793850392618,
  "summary_fg_mean": 915.1434326171875,
  "summary_fg_median": 905.7611694335938,
  "summary_fg_n": 32051.0,
  "summary_fg_p05": 743.0149230957031,
  "summary_fg_p95": 1117.1168823242188,
  "summary_fg_stdv": 128.34011840820312,
  "tsnr": 99.73733230051585
}