{
  "aor": 0.0038477114427860697,
  "aqi": 0.008499659004975124,
  "bids_meta": {
    "AcquisitionMatrixPE": 74,
    "AcquisitionNumber": 1,
    "AcquisitionTime": "17:19:50.987500",
    "BandwidthPerPixelPhaseEncode": 27.579,
    "BaseResolution": 74,
    "BodyPartExamined": "BRAIN",
    "CogAtlasID": "http://www.cognitiveatlas.org/task/id/TODO",
    "CoilString": "HE1-4;NE1_2",
    "ConsistencyInfo": "N4_VE11C_LATEST_20160120",
    "ConversionSoftware": "dcm2niix",
    "ConversionSoftwareVersion": "v1.0.20190410  GCC6.3.0",
    "DerivedVendorReportedEchoSpacing": 0.000489993,
    "DeviceSerialNumber": "166048",
    "DwellTime": 2.9e-06,
    "EchoTime": 0.023,
    "EchoTrainLength": 74,
    "EffectiveEchoSpacing": 0.000489993,
    "FlipAngle": 76,
    "ImageOrientationPatientDICOM": [
      1,
      0,
      0,
      0,
      0.96363,
      -0.267238
    ],
    "ImageType": [
      "ORIGINAL",
      "PRIMARY",
      "M",
      "ND",
      "NORM",
      "MOSAIC"
    ],
    "ImagingFrequency": 123.246,
    "InPlanePhaseEncodingDirectionDICOM": "COL",
    "InstitutionAddress": "North_13th_1701_Philadelphia_PA_US_19122",
    "InstitutionName": "Temple_University_-_Weiss_Hall",
    "InstitutionalDepartmentName": "Department",
    "MRAcquisitionType": "2D",
    "MagneticFieldStrength": 3,
    "Manufacturer": "Siemens",
    "ManufacturersModelName": "Prisma",
    "Modality": "MR",
    "PartialFourier": 1,
    "PatientPosition": "HFS",
    "PercentPhaseFOV": 100,
    "PhaseEncodingDirection": "j-",
    "PhaseEncodingSteps": 74,
    "PhaseResolution": 1,
    "PixelBandwidth": 2330,
    "ProcedureStepDescription": "SMITH_SRNDNA",
    "ProtocolName": "func-bold_task-reward_run1",
    "PulseSequenceDetails": "%SiemensSeq%_ep2d_bold",
    "ReceiveCoilActiveElements": "HE1-4;NE1,2",
    "ReceiveCoilName": "HeadNeck_20",
    "ReconMatrixPE": 74,
    "RepetitionTime": 2.02,
    "SAR": 0.122855,
    "ScanOptions": "FS",
    "ScanningSequence": "EP",
    "SequenceName": "_epfid2d1_74",
    "SequenceVariant": "SK",
    "SeriesDescription": "func-bold_task-reward_run1",
    "SeriesNumber": 15,
    "ShimSetting": [
      1441,
      -7503,
      6605,
      351,
      82,
      -239,
      0,
      21
    ],
    "SliceThickness": 2.8,
    "SliceTiming": [
      1.9425,
      1.8875,
      1.8325,
      1.7775,
      1.7225,
      1.665,
      1.61,
      1.555,
      1.5,
      1.4425,
      1.3875,
      1.3325,
      1.2775,
      1.2225,
      1.165,
      1.11,
      1.055,
      1,
      0.9425,
      0.8875,
      0.8325,
      0.7775,
      0.7225,
      0.665,
      0.61,
      0.555,
      0.5,
      0.4425,
      0.3875,
      0.3325,
      0.2775,
      0.2225,
      0.165,
      0.11,
      0.055,
      0
    ],
    "SoftwareVersions": "syngo_MR_E11",
    "SpacingBetweenSlices": 3.22,
    "StationName": "AWP166048",
    "TaskName": "sharedreward",
    "TotalReadoutTime": 0.0357695,
    "TxRefAmp": 290.758,
    "dataset": "<unset>",
    "modality": "bold",
    "run_id": 2,
    "subject_id": "147",
    "task_id": "sharedreward"
  },
  "dummy_trs": 1,
  "dvars_nstd": 35.190593614799994,
  "dvars_std": 1.4813755030999993,
  "dvars_vstd": 1.0175548562500005,
  "efc": 0.5021292664736264,
  "fber": 1777.373779296875,
  "fd_mean": 0.22152791145921327,
  "fd_num": 63,
  "fd_perc": 31.34328358208955,
  "fwhm_avg": 1.7671674949618035,
  "fwhm_x": 1.7084481501564772,
  "fwhm_y": 1.81905124490118,
  "fwhm_z": 1.774003089827753,
  "gcor": 0.0192993,
  "gsr_x": -0.020460451021790504,
  "gsr_y": 0.016373414546251297,
  "provenance": {
    "md5sum": "e9c0bc2b387ba09af83998e8bfc53d84",
    "settings": {
      "fd_thres": 0.2,
      "testing": false
    },
    "software": "mriqc",
    "version": "22.0.6",
    "webapi_port": null,
    "webapi_url": "https://mriqc.nimh.nih.gov/api/v1"
  },
  "size_t": 201,
  "size_x": 74,
  "size_y": 74,
  "size_z": 36,
  "snr": 6.089925522322386,
  "spacing_tr": 2.0199999809265137,
  "spacing_x": 2.972972869873047,
  "spacing_y": 2.972972869873047,
  "spacing_z": 3.2200000286102295,
  "summary_bg_k": 53.98071361849263,
  "summary_bg_mad": 5.90090461253487,
  "summary_bg_mean": 26.589345932006836,
  "summary_bg_median": 13.06965160369873,
  "summary_bg_n": 125733.0,
  "summary_bg_p05": 7.820895195007324,
  "summary_bg_p95": 82.86467437744135,
  "summary_bg_stdv": 43.379966735839844,
  "summary_fg_k": 2.7245564167417875,
  "summary_fg_mad": 81.64632684142906,
  "summary_fg_mean": 572.861572265625,
  "summary_fg_median": 557.8656005859375,
  "summary_fg_n": 34318.0,
  "summary_fg_p05": 459.0780975341797,
  "summary_fg_p95": 739.0721069335937,
  "summary_fg_stdv": 91.60333251953125,
  "tsnr": 73.26935784006491
}