{
  "aor": 0.007353718592964825,
  "aqi": 0.015928588442211056,
  "bids_meta": {
    "AcquisitionMatrixPE": 74,
    "AcquisitionNumber": 1,
    "AcquisitionTime": "17:37:13.675000",
    "BandwidthPerPixelPhaseEncode": 27.579,
    "BaseResolution": 74,
    "BodyPartExamined": "BRAIN",
    "CogAtlasID": "http://www.cognitiveatlas.org/task/id/TODO",
    "CoilString": "HE1-4;NE1_2",
    "ConsistencyInfo": "N4_VE11C_LATEST_20160120",
    "ConversionSoftware": "dcm2niix",
    "ConversionSoftwareVersion": "v1.0.20190410  GCC6.3.0",
    "DerivedVendorReportedEchoSpacing": 0.000489993,
    "DeviceSerialNumber": "166048",
    "DwellTime": 2.9e-06,
    "EchoTime": 0.023,
    "EchoTrainLength": 74,
    "EffectiveEchoSpacing": 0.000489993,
    "FlipAngle": 76,
    "ImageOrientationPatientDICOM": [
      1,
      0,
      0,
      0,
      0.96363,
      -0.267238
    ],
    "ImageType": [
      "ORIGINAL",
      "PRIMARY",
      "M",
      "ND",
      "NORM",
      "MOSAIC"
    ],
    "ImagingFrequency": 123.246,
    "InPlanePhaseEncodingDirectionDICOM": "COL",
    "InstitutionAddress": "North_13th_1701_Philadelphia_PA_US_19122",
    "InstitutionName": "Temple_University_-_Weiss_Hall",
    "InstitutionalDepartmentName": "Department",
    "MRAcquisitionType": "2D",
    "MagneticFieldStrength": 3,
    "Manufacturer": "Siemens",
    "ManufacturersModelName": "Prisma",
    "Modality": "MR",
    "PartialFourier": 1,
    "PatientPosition": "HFS",
    "PercentPhaseFOV": 100,
    "PhaseEncodingDirection": "j-",
    "PhaseEncodingSteps": 74,
    "PhaseResolution": 1,
    "PixelBandwidth": 2330,
    "ProcedureStepDescription": "SMITH_SRNDNA",
    "ProtocolName": "func-bold_task-UG_run1",
    "PulseSequenceDetails": "%SiemensSeq%_ep2d_bold",
    "ReceiveCoilActiveElements": "HE1-4;NE1,2",
    "ReceiveCoilName": "HeadNeck_20",
    "ReconMatrixPE": 74,
    "RepetitionTime": 2.02,
    "SAR": 0.12285,
    "ScanOptions": "FS",
    "ScanningSequence": "EP",
    "SequenceName": "_epfid2d1_74",
    "SequenceVariant": "SK",
    "SeriesDescription": "func-bold_task-UG_run1",
    "SeriesNumber": 17,
    "ShimSetting": [
      1441,
      -7503,
      6605,
      351,
      82,
      -239,
      0,
      21
    ],
    "SliceThickness": 2.8,
    "SliceTiming": [
      1.9425,
      1.8875,
      1.8325,
      1.7775,
      1.7225,
      1.665,
      1.61,
      1.555,
      1.5,
      1.445,
      1.3875,
      1.3325,
      1.2775,
      1.2225,
      1.165,
      1.11,
      1.055,
      1,
      0.945,
      0.8875,
      0.8325,
      0.7775,
      0.7225,
      0.665,
      0.61,
      0.555,
      0.5,
      0.445,
      0.3875,
      0.3325,
      0.2775,
      0.2225,
      0.165,
      0.11,
      0.055,
      0
    ],
    "SoftwareVersions": "syngo_MR_E11",
    "SpacingBetweenSlices": 3.22,
    "StationName": "AWP166048",
    "TaskName": "ultimatum",
    "TotalReadoutTime": 0.0357695,
    "TxRefAmp": 290.758,
    "dataset": "<unset>",
    "modality": "bold",
    "run_id": 2,
    "subject_id": "147",
    "task_id": "ultimatum"
  },
  "dummy_trs": 1,
  "dvars_nstd": 36.9937909631818,
  "dvars_std": 1.3857100149494943,
  "dvars_vstd": 1.025780257727273,
  "efc": 0.5037322774246337,
  "fber": 1743.4974365234375,
  "fd_mean": 0.3928662291331919,
  "fd_num": 125,
  "fd_perc": 62.814070351758794,
  "fwhm_avg": 1.7499733637113524,
  "fwhm_x": 1.7108598775128407,
  "fwhm_y": 1.8147558811158573,
  "fwhm_z": 1.7243043325053595,
  "gcor": 0.0175264,
  "gsr_x": -0.020993297919631004,
  "gsr_y": 0.018337534740567207,
  "provenance": {
    "md5sum": "d84eb2f7108316fb099b09bcdd3f0e2f",
    "settings": {
      "fd_thres": 0.2,
      "testing": false
    },
    "software": "mriqc",
    "version": "22.0.6",
    "webapi_port": null,
    "webapi_url": "https://mriqc.nimh.nih.gov/api/v1"
  },
  "size_t": 199,
  "size_x": 74,
  "size_y": 74,
  "size_z": 36,
  "snr": 6.157013104404316,
  "spacing_tr": 2.0199999809265137,
  "spacing_x": 2.972972869873047,
  "spacing_y": 2.972972869873047,
  "spacing_z": 3.2200000286102295,
  "summary_bg_k": 51.464035653060634,
  "summary_bg_mad": 6.474277311937099,
  "summary_bg_mean": 27.163684844970703,
  "summary_bg_median": 13.346733093261719,
  "summary_bg_n": 125716.0,
  "summary_bg_p05": 7.502512454986572,
  "summary_bg_p95": 86.45728302001953,
  "summary_bg_stdv": 43.48959732055664,
  "summary_fg_k": 2.4009690884050086,
  "summary_fg_mad": 81.35311383859013,
  "summary_fg_mean": 572.6717529296875,
  "summary_fg_median": 557.422119140625,
  "summary_fg_n": 34430.0,
  "summary_fg_p05": 458.7057739257813,
  "summary_fg_p95": 738.4075164794922,
  "summary_fg_stdv": 90.53318786621094,
  "tsnr": 51.74248057301156
}