{
  "aor": 0.009106000000000001,
  "aqi": 0.0282390221,
  "bids_meta": {
    "AcquisitionMatrixPE": 74,
    "AcquisitionNumber": 1,
    "AcquisitionTime": "11:40:10.540000",
    "BandwidthPerPixelPhaseEncode": 27.579,
    "BaseResolution": 74,
    "BodyPartExamined": "BRAIN",
    "CogAtlasID": "http://www.cognitiveatlas.org/task/id/TODO",
    "CoilString": "HE1-4;NE1_2",
    "ConsistencyInfo": "N4_VE11C_LATEST_20160120",
    "ConversionSoftware": "dcm2niix",
    "ConversionSoftwareVersion": "v1.0.20190410  GCC6.3.0",
    "DerivedVendorReportedEchoSpacing": 0.000489993,
    "DeviceSerialNumber": "166048",
    "DwellTime": 2.9e-06,
    "EchoTime": 0.023,
    "EchoTrainLength": 74,
    "EffectiveEchoSpacing": 0.000489993,
    "FlipAngle": 76,
    "ImageOrientationPatientDICOM": [
      1,
      0,
      0,
      0,
      0.998806,
      0.0488498
    ],
    "ImageType": [
      "ORIGINAL",
      "PRIMARY",
      "M",
      "ND",
      "NORM",
      "MOSAIC"
    ],
    "ImagingFrequency": 123.246,
    "InPlanePhaseEncodingDirectionDICOM": "COL",
    "InstitutionAddress": "North_13th_1701_Philadelphia_PA_US_19122",
    "InstitutionName": "Temple_University_-_Weiss_Hall",
    "InstitutionalDepartmentName": "Department",
    "MRAcquisitionType": "2D",
    "MagneticFieldStrength": 3,
    "Manufacturer": "Siemens",
    "ManufacturersModelName": "Prisma",
    "Modality": "MR",
    "PartialFourier": 1,
    "PatientPosition": "HFS",
    "PercentPhaseFOV": 100,
    "PhaseEncodingDirection": "j-",
    "PhaseEncodingSteps": 74,
    "PhaseResolution": 1,
    "PixelBandwidth": 2330,
    "ProcedureStepDescription": "SMITH_SRNDNA",
    "ProtocolName": "func-bold_task-UG_run0",
    "PulseSequenceDetails": "%SiemensSeq%_ep2d_bold",
    "ReceiveCoilActiveElements": "HE1-4;NE1,2",
    "ReceiveCoilName": "HeadNeck_20",
    "ReconMatrixPE": 74,
    "RepetitionTime": 2.02,
    "SAR": 0.118776,
    "ScanOptions": "FS",
    "ScanningSequence": "EP",
    "SequenceName": "_epfid2d1_74",
    "SequenceVariant": "SK",
    "SeriesDescription": "func-bold_task-UG_run0",
    "SeriesNumber": 14,
    "ShimSetting": [
      1421,
      -7521,
      6561,
      273,
      36,
      -146,
      -129,
      84
    ],
    "SliceThickness": 2.8,
    "SliceTiming": [
      1.945,
      1.89,
      1.8325,
      1.7775,
      1.7225,
      1.6675,
      1.6125,
      1.555,
      1.5,
      1.445,
      1.39,
      1.3325,
      1.2775,
      1.2225,
      1.1675,
      1.1125,
      1.055,
      1,
      0.945,
      0.89,
      0.8325,
      0.7775,
      0.7225,
      0.6675,
      0.6125,
      0.555,
      0.5,
      0.445,
      0.39,
      0.3325,
      0.2775,
      0.2225,
      0.1675,
      0.1125,
      0.055,
      0
    ],
    "SoftwareVersions": "syngo_MR_E11",
    "SpacingBetweenSlices": 3.22,
    "StationName": "AWP166048",
    "TaskName": "ultimatum",
    "TotalReadoutTime": 0.0357695,
    "TxRefAmp": 262.205,
    "dataset": "<unset>",
    "modality": "bold",
    "run_id": 1,
    "subject_id": "156",
    "task_id": "ultimatum"
  },
  "dummy_trs": 0,
  "dvars_nstd": 32.680242202713565,
  "dvars_std": 1.1458783843718594,
  "dvars_vstd": 0.9422485355276382,
  "efc": 0.485802702318881,
  "fber": 2117.1005859375,
  "fd_mean": 0.40237141427580697,
  "fd_num": 94,
  "fd_perc": 47.0,
  "fwhm_avg": 1.7800057226815893,
  "fwhm_x": 1.7294305145204896,
  "fwhm_y": 1.9209593393443485,
  "fwhm_z": 1.68962731417993,
  "gcor": 0.0279543,
  "gsr_x": -0.016838857904076576,
  "gsr_y": 0.034384988248348236,
  "provenance": {
    "md5sum": "53fd256a1b7ef4fd0be34f355e44364e",
    "settings": {
      "fd_thres": 0.2,
      "testing": false
    },
    "software": "mriqc",
    "version": "22.0.6",
    "webapi_port": null,
    "webapi_url": "https://mriqc.nimh.nih.gov/api/v1"
  },
  "size_t": 200,
  "size_x": 74,
  "size_y": 74,
  "size_z": 36,
  "snr": 6.95959326457202,
  "spacing_tr": 2.0199999809265137,
  "spacing_x": 2.972972869873047,
  "spacing_y": 2.972972869873047,
  "spacing_z": 3.2200000286102295,
  "summary_bg_k": 25.707083520582113,
  "summary_bg_mad": 6.137973693624269,
  "summary_bg_mean": 29.62785530090332,
  "summary_bg_median": 13.529999732971191,
  "summary_bg_n": 130417.0,
  "summary_bg_p05": 7.949999809265137,
  "summary_bg_p95": 109.77599487304686,
  "summary_bg_stdv": 47.14762496948242,
  "summary_fg_k": 2.0623553885541313,
  "summary_fg_mad": 84.79744474633088,
  "summary_fg_mean": 633.8095092773438,
  "summary_fg_median": 625.552490234375,
  "summary_fg_n": 30518.0,
  "summary_fg_p05": 512.7142150878906,
  "summary_fg_p95": 786.6607238769532,
  "summary_fg_stdv": 89.88201141357422,
  "tsnr": 41.451625088229775
}