{
  "aor": 0.008105124378109453,
  "aqi": 0.01992838368159204,
  "bids_meta": {
    "AcquisitionMatrixPE": 74,
    "AcquisitionNumber": 1,
    "AcquisitionTime": "11:30:36.795000",
    "BandwidthPerPixelPhaseEncode": 27.579,
    "BaseResolution": 74,
    "BodyPartExamined": "BRAIN",
    "CogAtlasID": "http://www.cognitiveatlas.org/task/id/TODO",
    "CoilString": "HE1-4;NE1_2",
    "ConsistencyInfo": "N4_VE11C_LATEST_20160120",
    "ConversionSoftware": "dcm2niix",
    "ConversionSoftwareVersion": "v1.0.20190410  GCC6.3.0",
    "DerivedVendorReportedEchoSpacing": 0.000489993,
    "DeviceSerialNumber": "166048",
    "DwellTime": 2.9e-06,
    "EchoTime": 0.023,
    "EchoTrainLength": 74,
    "EffectiveEchoSpacing": 0.000489993,
    "FlipAngle": 76,
    "ImageOrientationPatientDICOM": [
      1,
      0,
      0,
      0,
      0.998806,
      0.0488498
    ],
    "ImageType": [
      "ORIGINAL",
      "PRIMARY",
      "M",
      "ND",
      "NORM",
      "MOSAIC"
    ],
    "ImagingFrequency": 123.246,
    "InPlanePhaseEncodingDirectionDICOM": "COL",
    "InstitutionAddress": "North_13th_1701_Philadelphia_PA_US_19122",
    "InstitutionName": "Temple_University_-_Weiss_Hall",
    "InstitutionalDepartmentName": "Department",
    "MRAcquisitionType": "2D",
    "MagneticFieldStrength": 3,
    "Manufacturer": "Siemens",
    "ManufacturersModelName": "Prisma",
    "Modality": "MR",
    "PartialFourier": 1,
    "PatientPosition": "HFS",
    "PercentPhaseFOV": 100,
    "PhaseEncodingDirection": "j-",
    "PhaseEncodingSteps": 74,
    "PhaseResolution": 1,
    "PixelBandwidth": 2330,
    "ProcedureStepDescription": "SMITH_SRNDNA",
    "ProtocolName": "func-bold_task-reward_run1",
    "PulseSequenceDetails": "%SiemensSeq%_ep2d_bold",
    "ReceiveCoilActiveElements": "HE1-4;NE1,2",
    "ReceiveCoilName": "HeadNeck_20",
    "ReconMatrixPE": 74,
    "RepetitionTime": 2.02,
    "SAR": 0.11878,
    "ScanOptions": "FS",
    "ScanningSequence": "EP",
    "SequenceName": "_epfid2d1_74",
    "SequenceVariant": "SK",
    "SeriesDescription": "func-bold_task-reward_run1",
    "SeriesNumber": 13,
    "ShimSetting": [
      1421,
      -7521,
      6561,
      273,
      36,
      -146,
      -129,
      84
    ],
    "SliceThickness": 2.8,
    "SliceTiming": [
      1.945,
      1.89,
      1.8325,
      1.7775,
      1.7225,
      1.6675,
      1.61,
      1.555,
      1.5,
      1.445,
      1.39,
      1.3325,
      1.2775,
      1.2225,
      1.1675,
      1.11,
      1.055,
      1,
      0.945,
      0.89,
      0.8325,
      0.7775,
      0.7225,
      0.6675,
      0.61,
      0.555,
      0.5,
      0.445,
      0.39,
      0.3325,
      0.2775,
      0.2225,
      0.1675,
      0.11,
      0.055,
      0
    ],
    "SoftwareVersions": "syngo_MR_E11",
    "SpacingBetweenSlices": 3.22,
    "StationName": "AWP166048",
    "TaskName": "sharedreward",
    "TotalReadoutTime": 0.0357695,
    "TxRefAmp": 262.205,
    "dataset": "<unset>",
    "modality": "bold",
    "run_id": 2,
    "subject_id": "156",
    "task_id": "sharedreward"
  },
  "dummy_trs": 1,
  "dvars_nstd": 29.273711214000016,
  "dvars_std": 1.2556616399500005,
  "dvars_vstd": 0.98319272835,
  "efc": 0.4856016832482423,
  "fber": 2160.37646484375,
  "fd_mean": 0.23783475502877593,
  "fd_num": 65,
  "fd_perc": 32.33830845771144,
  "fwhm_avg": 1.7615440747391518,
  "fwhm_x": 1.7263191507762268,
  "fwhm_y": 1.9060584297366898,
  "fwhm_z": 1.6522546437045391,
  "gcor": 0.0186615,
  "gsr_x": -0.018577953800559044,
  "gsr_y": 0.035365991294384,
  "provenance": {
    "md5sum": "a8da35da281520f40a4070d2d8fe3c65",
    "settings": {
      "fd_thres": 0.2,
      "testing": false
    },
    "software": "mriqc",
    "version": "22.0.6",
    "webapi_port": null,
    "webapi_url": "https://mriqc.nimh.nih.gov/api/v1"
  },
  "size_t": 201,
  "size_x": 74,
  "size_y": 74,
  "size_z": 36,
  "snr": 6.884571200369714,
  "spacing_tr": 2.0199999809265137,
  "spacing_x": 2.972972869873047,
  "spacing_y": 2.972972869873047,
  "spacing_z": 3.2200000286102295,
  "summary_bg_k": 25.227759783448953,
  "summary_bg_mad": 6.3360963577551095,
  "summary_bg_mean": 29.87227439880371,
  "summary_bg_median": 13.437810897827148,
  "summary_bg_n": 130515.0,
  "summary_bg_p05": 7.860696315765381,
  "summary_bg_p95": 112.23382568359375,
  "summary_bg_stdv": 48.351261138916016,
  "summary_fg_k": 2.012663284415919,
  "summary_fg_mad": 86.3155193811972,
  "summary_fg_mean": 638.68505859375,
  "summary_fg_median": 629.4676513671875,
  "summary_fg_n": 30383.0,
  "summary_fg_p05": 515.9905456542969,
  "summary_fg_p95": 796.6964721679685,
  "summary_fg_stdv": 91.43013763427734,
  "tsnr": 49.108291735872626
}