{
  "aor": 0.008997336683417087,
  "aqi": 0.01606680728643216,
  "bids_meta": {
    "AcquisitionMatrixPE": 74,
    "AcquisitionNumber": 1,
    "AcquisitionTime": "11:47:33.112500",
    "BandwidthPerPixelPhaseEncode": 27.579,
    "BaseResolution": 74,
    "BodyPartExamined": "BRAIN",
    "CogAtlasID": "http://www.cognitiveatlas.org/task/id/TODO",
    "CoilString": "HE1-4;NE1_2",
    "ConsistencyInfo": "N4_VE11C_LATEST_20160120",
    "ConversionSoftware": "dcm2niix",
    "ConversionSoftwareVersion": "v1.0.20190410  GCC6.3.0",
    "DerivedVendorReportedEchoSpacing": 0.000489993,
    "DeviceSerialNumber": "166048",
    "DwellTime": 2.9e-06,
    "EchoTime": 0.023,
    "EchoTrainLength": 74,
    "EffectiveEchoSpacing": 0.000489993,
    "FlipAngle": 76,
    "ImageOrientationPatientDICOM": [
      1,
      0,
      0,
      0,
      0.998806,
      0.0488498
    ],
    "ImageType": [
      "ORIGINAL",
      "PRIMARY",
      "M",
      "ND",
      "NORM",
      "MOSAIC"
    ],
    "ImagingFrequency": 123.246,
    "InPlanePhaseEncodingDirectionDICOM": "COL",
    "InstitutionAddress": "North_13th_1701_Philadelphia_PA_US_19122",
    "InstitutionName": "Temple_University_-_Weiss_Hall",
    "InstitutionalDepartmentName": "Department",
    "MRAcquisitionType": "2D",
    "MagneticFieldStrength": 3,
    "Manufacturer": "Siemens",
    "ManufacturersModelName": "Prisma",
    "Modality": "MR",
    "PartialFourier": 1,
    "PatientPosition": "HFS",
    "PercentPhaseFOV": 100,
    "PhaseEncodingDirection": "j-",
    "PhaseEncodingSteps": 74,
    "PhaseResolution": 1,
    "PixelBandwidth": 2330,
    "ProcedureStepDescription": "SMITH_SRNDNA",
    "ProtocolName": "func-bold_task-UG_run1",
    "PulseSequenceDetails": "%SiemensSeq%_ep2d_bold",
    "ReceiveCoilActiveElements": "HE1-4;NE1,2",
    "ReceiveCoilName": "HeadNeck_20",
    "ReconMatrixPE": 74,
    "RepetitionTime": 2.02,
    "SAR": 0.118776,
    "ScanOptions": "FS",
    "ScanningSequence": "EP",
    "SequenceName": "_epfid2d1_74",
    "SequenceVariant": "SK",
    "SeriesDescription": "func-bold_task-UG_run1",
    "SeriesNumber": 15,
    "ShimSetting": [
      1421,
      -7521,
      6561,
      273,
      36,
      -146,
      -129,
      84
    ],
    "SliceThickness": 2.8,
    "SliceTiming": [
      1.945,
      1.89,
      1.8325,
      1.7775,
      1.7225,
      1.6675,
      1.61,
      1.555,
      1.5,
      1.445,
      1.39,
      1.3325,
      1.2775,
      1.2225,
      1.1675,
      1.11,
      1.055,
      1,
      0.945,
      0.89,
      0.8325,
      0.7775,
      0.7225,
      0.6675,
      0.61,
      0.555,
      0.5,
      0.445,
      0.39,
      0.3325,
      0.2775,
      0.2225,
      0.1675,
      0.1125,
      0.055,
      0
    ],
    "SoftwareVersions": "syngo_MR_E11",
    "SpacingBetweenSlices": 3.22,
    "StationName": "AWP166048",
    "TaskName": "ultimatum",
    "TotalReadoutTime": 0.0357695,
    "TxRefAmp": 262.205,
    "dataset": "<unset>",
    "modality": "bold",
    "run_id": 2,
    "subject_id": "156",
    "task_id": "ultimatum"
  },
  "dummy_trs": 1,
  "dvars_nstd": 29.41974475141413,
  "dvars_std": 1.2621338509090914,
  "dvars_vstd": 1.0144753636363637,
  "efc": 0.48699907473704596,
  "fber": 1996.28857421875,
  "fd_mean": 0.3022020969768644,
  "fd_num": 81,
  "fd_perc": 40.7035175879397,
  "fwhm_avg": 1.7422508020194363,
  "fwhm_x": 1.6917241495765043,
  "fwhm_y": 1.8904847928329742,
  "fwhm_z": 1.6445434636488303,
  "gcor": 0.0243702,
  "gsr_x": -0.01642683893442154,
  "gsr_y": 0.037331171333789825,
  "provenance": {
    "md5sum": "80670efc9ebff46c12d7926c7840a2ef",
    "settings": {
      "fd_thres": 0.2,
      "testing": false
    },
    "software": "mriqc",
    "version": "22.0.6",
    "webapi_port": null,
    "webapi_url": "https://mriqc.nimh.nih.gov/api/v1"
  },
  "size_t": 199,
  "size_x": 74,
  "size_y": 74,
  "size_z": 36,
  "snr": 7.046841948495,
  "spacing_tr": 2.0199999809265137,
  "spacing_x": 2.972972869873047,
  "spacing_y": 2.972972869873047,
  "spacing_z": 3.2200000286102295,
  "summary_bg_k": 24.89358065207837,
  "summary_bg_mad": 5.908057632080825,
  "summary_bg_mean": 29.88806915283203,
  "summary_bg_median": 13.758793830871582,
  "summary_bg_n": 130817.0,
  "summary_bg_p05": 8.211054801940918,
  "summary_bg_p95": 111.59095153808589,
  "summary_bg_stdv": 47.15395736694336,
  "summary_fg_k": 2.073001948673981,
  "summary_fg_mad": 83.13748044602161,
  "summary_fg_mean": 626.567626953125,
  "summary_fg_median": 618.7939453125,
  "summary_fg_n": 30394.0,
  "summary_fg_p05": 507.4603073120117,
  "summary_fg_p95": 775.110806274414,
  "summary_fg_stdv": 87.8100814819336,
  "tsnr": 51.74834848451428
}