{
  "aor": 0.0016706018518518517,
  "aqi": 0.007187344305555556,
  "bids_meta": {
    "AcquisitionMatrixPE": 74,
    "AcquisitionNumber": 1,
    "AcquisitionTime": "12:01:43.865000",
    "BandwidthPerPixelPhaseEncode": 27.579,
    "BaseResolution": 74,
    "BodyPartExamined": "BRAIN",
    "CogAtlasID": "http://www.cognitiveatlas.org/task/id/TODO",
    "CoilString": "HE1-4;NE1_2",
    "ConsistencyInfo": "N4_VE11C_LATEST_20160120",
    "ConversionSoftware": "dcm2niix",
    "ConversionSoftwareVersion": "v1.0.20190410  GCC6.3.0",
    "DerivedVendorReportedEchoSpacing": 0.000489993,
    "DeviceSerialNumber": "166048",
    "DwellTime": 2.9e-06,
    "EchoTime": 0.023,
    "EchoTrainLength": 74,
    "EffectiveEchoSpacing": 0.000489993,
    "FlipAngle": 76,
    "ImageOrientationPatientDICOM": [
      1,
      0,
      0,
      0,
      0.946085,
      -0.323917
    ],
    "ImageType": [
      "ORIGINAL",
      "PRIMARY",
      "M",
      "ND",
      "NORM",
      "MOSAIC"
    ],
    "ImagingFrequency": 123.246,
    "InPlanePhaseEncodingDirectionDICOM": "COL",
    "InstitutionAddress": "North_13th_1701_Philadelphia_PA_US_19122",
    "InstitutionName": "Temple_University_-_Weiss_Hall",
    "InstitutionalDepartmentName": "Department",
    "MRAcquisitionType": "2D",
    "MagneticFieldStrength": 3,
    "Manufacturer": "Siemens",
    "ManufacturersModelName": "Prisma",
    "Modality": "MR",
    "PartialFourier": 1,
    "PatientPosition": "HFS",
    "PercentPhaseFOV": 100,
    "PhaseEncodingDirection": "j-",
    "PhaseEncodingSteps": 74,
    "PhaseResolution": 1,
    "PixelBandwidth": 2330,
    "ProcedureStepDescription": "SMITH_SRNDNA",
    "ProtocolName": "func-bold_trust_run0",
    "PulseSequenceDetails": "%SiemensSeq%_ep2d_bold",
    "ReceiveCoilActiveElements": "HE1-4;NE1,2",
    "ReceiveCoilName": "HeadNeck_20",
    "ReconMatrixPE": 74,
    "RepetitionTime": 2.02,
    "SAR": 0.0869716,
    "ScanOptions": "FS",
    "ScanningSequence": "EP",
    "SequenceName": "_epfid2d1_74",
    "SequenceVariant": "SK",
    "SeriesDescription": "func-bold_trust_run0",
    "SeriesNumber": 9,
    "ShimSetting": [
      1440,
      -7338,
      6404,
      226,
      39,
      225,
      -53,
      19
    ],
    "SliceThickness": 2.8,
    "SliceTiming": [
      1.945,
      1.89,
      1.8325,
      1.7775,
      1.7225,
      1.6675,
      1.6125,
      1.555,
      1.5,
      1.445,
      1.39,
      1.3325,
      1.2775,
      1.2225,
      1.1675,
      1.1125,
      1.055,
      1,
      0.945,
      0.89,
      0.8325,
      0.7775,
      0.7225,
      0.6675,
      0.6125,
      0.555,
      0.5,
      0.445,
      0.39,
      0.3325,
      0.2775,
      0.2225,
      0.1675,
      0.1125,
      0.055,
      0
    ],
    "SoftwareVersions": "syngo_MR_E11",
    "SpacingBetweenSlices": 3.22,
    "StationName": "AWP166048",
    "TaskName": "trust",
    "TotalReadoutTime": 0.0357695,
    "TxRefAmp": 256.601,
    "dataset": "<unset>",
    "modality": "bold",
    "run_id": 1,
    "subject_id": "127",
    "task_id": "trust"
  },
  "dummy_trs": 1,
  "dvars_nstd": 29.95330635776743,
  "dvars_std": 1.4251099877674418,
  "dvars_vstd": 0.9943200057674416,
  "efc": 0.5354557207210946,
  "fber": 1956.0767822265625,
  "fd_mean": 0.16994516218825367,
  "fd_num": 56,
  "fd_perc": 25.925925925925927,
  "fwhm_avg": 1.6681257494799144,
  "fwhm_x": 1.6059816920575816,
  "fwhm_y": 1.778647243500007,
  "fwhm_z": 1.6197483128821546,
  "gcor": 0.0272358,
  "gsr_x": -0.019911309704184532,
  "gsr_y": 0.041504599153995514,
  "provenance": {
    "md5sum": "0de9ef61242c860d73ea0c9e54bd4bb6",
    "settings": {
      "fd_thres": 0.2,
      "testing": false
    },
    "software": "mriqc",
    "version": "22.0.6",
    "webapi_port": null,
    "webapi_url": "https://mriqc.nimh.nih.gov/api/v1"
  },
  "size_t": 216,
  "size_x": 74,
  "size_y": 74,
  "size_z": 36,
  "snr": 6.733280494110011,
  "spacing_tr": 2.0199999809265137,
  "spacing_x": 2.972972869873047,
  "spacing_y": 2.972972869873047,
  "spacing_z": 3.2200002670288086,
  "summary_bg_k": 37.98286336769396,
  "summary_bg_mad": 11.847090002092713,
  "summary_bg_mean": 47.175270080566406,
  "summary_bg_median": 21.087963104248047,
  "summary_bg_n": 117341.0,
  "summary_bg_p05": 10.05555534362793,
  "summary_bg_p95": 165.35647583007812,
  "summary_bg_stdv": 78.91998291015625,
  "summary_fg_k": 2.6672294288360687,
  "summary_fg_mad": 117.35886069402919,
  "summary_fg_mean": 968.3325805664062,
  "summary_fg_median": 948.8009033203125,
  "summary_fg_n": 40711.0,
  "summary_fg_p05": 790.9212951660156,
  "summary_fg_p95": 1231.21533203125,
  "summary_fg_stdv": 140.910400390625,
  "tsnr": 82.86298252642155
}