{
  "aor": 0.0019127860696517413,
  "aqi": 0.008039315621890548,
  "bids_meta": {
    "AcquisitionMatrixPE": 74,
    "AcquisitionNumber": 1,
    "AcquisitionTime": "12:52:2.730000",
    "BandwidthPerPixelPhaseEncode": 27.579,
    "BaseResolution": 74,
    "BodyPartExamined": "BRAIN",
    "CogAtlasID": "http://www.cognitiveatlas.org/task/id/TODO",
    "CoilString": "HE1-4;NE1_2",
    "ConsistencyInfo": "N4_VE11C_LATEST_20160120",
    "ConversionSoftware": "dcm2niix",
    "ConversionSoftwareVersion": "v1.0.20190410  GCC6.3.0",
    "DerivedVendorReportedEchoSpacing": 0.000489993,
    "DeviceSerialNumber": "166048",
    "DwellTime": 2.9e-06,
    "EchoTime": 0.023,
    "EchoTrainLength": 74,
    "EffectiveEchoSpacing": 0.000489993,
    "FlipAngle": 76,
    "ImageOrientationPatientDICOM": [
      1,
      0,
      0,
      0,
      0.946085,
      -0.323917
    ],
    "ImageType": [
      "ORIGINAL",
      "PRIMARY",
      "M",
      "ND",
      "NORM",
      "MOSAIC"
    ],
    "ImagingFrequency": 123.246,
    "InPlanePhaseEncodingDirectionDICOM": "COL",
    "InstitutionAddress": "North_13th_1701_Philadelphia_PA_US_19122",
    "InstitutionName": "Temple_University_-_Weiss_Hall",
    "InstitutionalDepartmentName": "Department",
    "MRAcquisitionType": "2D",
    "MagneticFieldStrength": 3,
    "Manufacturer": "Siemens",
    "ManufacturersModelName": "Prisma",
    "Modality": "MR",
    "PartialFourier": 1,
    "PatientPosition": "HFS",
    "PercentPhaseFOV": 100,
    "PhaseEncodingDirection": "j-",
    "PhaseEncodingSteps": 74,
    "PhaseResolution": 1,
    "PixelBandwidth": 2330,
    "ProcedureStepDescription": "SMITH_SRNDNA",
    "ProtocolName": "func-bold_task-reward_run1",
    "PulseSequenceDetails": "%SiemensSeq%_ep2d_bold",
    "ReceiveCoilActiveElements": "HE1-4;NE1,2",
    "ReceiveCoilName": "HeadNeck_20",
    "ReconMatrixPE": 74,
    "RepetitionTime": 2.02,
    "SAR": 0.08695,
    "ScanOptions": "FS",
    "ScanningSequence": "EP",
    "SequenceName": "_epfid2d1_74",
    "SequenceVariant": "SK",
    "SeriesDescription": "func-bold_task-reward_run1",
    "SeriesNumber": 15,
    "ShimSetting": [
      1440,
      -7338,
      6404,
      226,
      39,
      225,
      -53,
      19
    ],
    "SliceThickness": 2.8,
    "SliceTiming": [
      1.945,
      1.89,
      1.8325,
      1.7775,
      1.7225,
      1.6675,
      1.6125,
      1.555,
      1.5,
      1.445,
      1.39,
      1.3325,
      1.2775,
      1.2225,
      1.1675,
      1.1125,
      1.055,
      1,
      0.945,
      0.89,
      0.835,
      0.7775,
      0.7225,
      0.6675,
      0.6125,
      0.555,
      0.5,
      0.445,
      0.39,
      0.335,
      0.2775,
      0.2225,
      0.1675,
      0.1125,
      0.055,
      0
    ],
    "SoftwareVersions": "syngo_MR_E11",
    "SpacingBetweenSlices": 3.22,
    "StationName": "AWP166048",
    "TaskName": "sharedreward",
    "TotalReadoutTime": 0.0357695,
    "TxRefAmp": 256.601,
    "dataset": "<unset>",
    "modality": "bold",
    "run_id": 2,
    "subject_id": "127",
    "task_id": "sharedreward"
  },
  "dummy_trs": 1,
  "dvars_nstd": 29.00019447315,
  "dvars_std": 1.4115928142999998,
  "dvars_vstd": 1.0036092918499997,
  "efc": 0.5383996105076609,
  "fber": 1881.9923095703125,
  "fd_mean": 0.16801116337315436,
  "fd_num": 52,
  "fd_perc": 25.870646766169155,
  "fwhm_avg": 1.6741987404603158,
  "fwhm_x": 1.6193016925195067,
  "fwhm_y": 1.7929561530871356,
  "fwhm_z": 1.610338375774305,
  "gcor": 0.0180662,
  "gsr_x": -0.019658707082271576,
  "gsr_y": 0.041802503168582916,
  "provenance": {
    "md5sum": "18ec20d3cd5a32dfb28d6fea6754c946",
    "settings": {
      "fd_thres": 0.2,
      "testing": false
    },
    "software": "mriqc",
    "version": "22.0.6",
    "webapi_port": null,
    "webapi_url": "https://mriqc.nimh.nih.gov/api/v1"
  },
  "size_t": 201,
  "size_x": 74,
  "size_y": 74,
  "size_z": 36,
  "snr": 6.663513519058389,
  "spacing_tr": 2.0199999809265137,
  "spacing_x": 2.972972869873047,
  "spacing_y": 2.972972869873047,
  "spacing_z": 3.2200002670288086,
  "summary_bg_k": 33.06531752658362,
  "summary_bg_mad": 12.428779376918804,
  "summary_bg_mean": 50.447914123535156,
  "summary_bg_median": 21.55223846435547,
  "summary_bg_n": 117489.0,
  "summary_bg_p05": 10.13432788848877,
  "summary_bg_p95": 180.85073852539062,
  "summary_bg_stdv": 83.83745574951172,
  "summary_fg_k": 2.6704026145751705,
  "summary_fg_mad": 118.92530269253024,
  "summary_fg_mean": 967.7416381835938,
  "summary_fg_median": 948.644287109375,
  "summary_fg_n": 40702.0,
  "summary_fg_p05": 786.771615600586,
  "summary_fg_p95": 1233.9490112304682,
  "summary_fg_stdv": 142.3622283935547,
  "tsnr": 79.21496868843678
}