{
  "aor": 0.0014193969849246233,
  "aqi": 0.006846599597989949,
  "bids_meta": {
    "AcquisitionMatrixPE": 74,
    "AcquisitionNumber": 1,
    "AcquisitionTime": "13:10:41.447500",
    "BandwidthPerPixelPhaseEncode": 27.579,
    "BaseResolution": 74,
    "BodyPartExamined": "BRAIN",
    "CogAtlasID": "http://www.cognitiveatlas.org/task/id/TODO",
    "CoilString": "HE1-4;NE1_2",
    "ConsistencyInfo": "N4_VE11C_LATEST_20160120",
    "ConversionSoftware": "dcm2niix",
    "ConversionSoftwareVersion": "v1.0.20190410  GCC6.3.0",
    "DerivedVendorReportedEchoSpacing": 0.000489993,
    "DeviceSerialNumber": "166048",
    "DwellTime": 2.9e-06,
    "EchoTime": 0.023,
    "EchoTrainLength": 74,
    "EffectiveEchoSpacing": 0.000489993,
    "FlipAngle": 76,
    "ImageOrientationPatientDICOM": [
      1,
      0,
      0,
      0,
      0.946085,
      -0.323917
    ],
    "ImageType": [
      "ORIGINAL",
      "PRIMARY",
      "M",
      "ND",
      "NORM",
      "MOSAIC"
    ],
    "ImagingFrequency": 123.246,
    "InPlanePhaseEncodingDirectionDICOM": "COL",
    "InstitutionAddress": "North_13th_1701_Philadelphia_PA_US_19122",
    "InstitutionName": "Temple_University_-_Weiss_Hall",
    "InstitutionalDepartmentName": "Department",
    "MRAcquisitionType": "2D",
    "MagneticFieldStrength": 3,
    "Manufacturer": "Siemens",
    "ManufacturersModelName": "Prisma",
    "Modality": "MR",
    "PartialFourier": 1,
    "PatientPosition": "HFS",
    "PercentPhaseFOV": 100,
    "PhaseEncodingDirection": "j-",
    "PhaseEncodingSteps": 74,
    "PhaseResolution": 1,
    "PixelBandwidth": 2330,
    "ProcedureStepDescription": "SMITH_SRNDNA",
    "ProtocolName": "func-bold_task-UG_run1",
    "PulseSequenceDetails": "%SiemensSeq%_ep2d_bold",
    "ReceiveCoilActiveElements": "HE1-4;NE1,2",
    "ReceiveCoilName": "HeadNeck_20",
    "ReconMatrixPE": 74,
    "RepetitionTime": 2.02,
    "SAR": 0.0869468,
    "ScanOptions": "FS",
    "ScanningSequence": "EP",
    "SequenceName": "_epfid2d1_74",
    "SequenceVariant": "SK",
    "SeriesDescription": "func-bold_task-UG_run1",
    "SeriesNumber": 17,
    "ShimSetting": [
      1440,
      -7338,
      6404,
      226,
      39,
      225,
      -53,
      19
    ],
    "SliceThickness": 2.8,
    "SliceTiming": [
      1.945,
      1.8875,
      1.8325,
      1.7775,
      1.7225,
      1.665,
      1.61,
      1.555,
      1.5,
      1.445,
      1.3875,
      1.3325,
      1.2775,
      1.2225,
      1.165,
      1.11,
      1.055,
      1,
      0.945,
      0.8875,
      0.8325,
      0.7775,
      0.7225,
      0.665,
      0.61,
      0.555,
      0.5,
      0.445,
      0.3875,
      0.3325,
      0.2775,
      0.2225,
      0.165,
      0.11,
      0.055,
      0
    ],
    "SoftwareVersions": "syngo_MR_E11",
    "SpacingBetweenSlices": 3.22,
    "StationName": "AWP166048",
    "TaskName": "ultimatum",
    "TotalReadoutTime": 0.0357695,
    "TxRefAmp": 256.601,
    "dataset": "<unset>",
    "modality": "bold",
    "run_id": 2,
    "subject_id": "127",
    "task_id": "ultimatum"
  },
  "dummy_trs": 1,
  "dvars_nstd": 30.510515338181794,
  "dvars_std": 1.3844871809595956,
  "dvars_vstd": 1.0042512899999998,
  "efc": 0.5389282045188535,
  "fber": 1823.9036865234375,
  "fd_mean": 0.1779216528895002,
  "fd_num": 66,
  "fd_perc": 33.165829145728644,
  "fwhm_avg": 1.6750178376181177,
  "fwhm_x": 1.6114206922462009,
  "fwhm_y": 1.7939248803934575,
  "fwhm_z": 1.6197079402146952,
  "gcor": 0.0205912,
  "gsr_x": -0.019508879631757736,
  "gsr_y": 0.04244736209511757,
  "provenance": {
    "md5sum": "cf8d7364135620393dff578bec5ebf93",
    "settings": {
      "fd_thres": 0.2,
      "testing": false
    },
    "software": "mriqc",
    "version": "22.0.6",
    "webapi_port": null,
    "webapi_url": "https://mriqc.nimh.nih.gov/api/v1"
  },
  "size_t": 199,
  "size_x": 74,
  "size_y": 74,
  "size_z": 36,
  "snr": 6.703891143375358,
  "spacing_tr": 2.0199999809265137,
  "spacing_x": 2.972972869873047,
  "spacing_y": 2.972972869873047,
  "spacing_z": 3.2200002670288086,
  "summary_bg_k": 33.577169291683596,
  "summary_bg_mad": 12.516440981747762,
  "summary_bg_mean": 50.88184356689453,
  "summary_bg_median": 21.798994064331055,
  "summary_bg_n": 117596.0,
  "summary_bg_p05": 10.241206169128418,
  "summary_bg_p95": 184.9610595703125,
  "summary_bg_stdv": 84.5710678100586,
  "summary_fg_k": 2.6472354970738037,
  "summary_fg_mad": 118.12016028291393,
  "summary_fg_mean": 967.0567626953125,
  "summary_fg_median": 948.6959838867188,
  "summary_fg_n": 40504.0,
  "summary_fg_p05": 787.8248565673828,
  "summary_fg_p95": 1230.0544921874998,
  "summary_fg_stdv": 141.51248168945312,
  "tsnr": 83.65008466504514
}