{
  "aor": 0.0011992964824120603,
  "aqi": 0.008201191256281406,
  "bids_meta": {
    "AcquisitionMatrixPE": 74,
    "AcquisitionNumber": 1,
    "AcquisitionTime": "13:03:30.377500",
    "BandwidthPerPixelPhaseEncode": 27.579,
    "BaseResolution": 74,
    "BodyPartExamined": "BRAIN",
    "CogAtlasID": "http://www.cognitiveatlas.org/task/id/TODO",
    "CoilString": "HE1-4;NE1_2",
    "ConsistencyInfo": "N4_VE11C_LATEST_20160120",
    "ConversionSoftware": "dcm2niix",
    "ConversionSoftwareVersion": "v1.0.20190410  GCC6.3.0",
    "DerivedVendorReportedEchoSpacing": 0.000489993,
    "DeviceSerialNumber": "166048",
    "DwellTime": 2.9e-06,
    "EchoTime": 0.023,
    "EchoTrainLength": 74,
    "EffectiveEchoSpacing": 0.000489993,
    "FlipAngle": 76,
    "ImageOrientationPatientDICOM": [
      1,
      0,
      0,
      0,
      0.946085,
      -0.323917
    ],
    "ImageType": [
      "ORIGINAL",
      "PRIMARY",
      "M",
      "ND",
      "NORM",
      "MOSAIC"
    ],
    "ImagingFrequency": 123.246,
    "InPlanePhaseEncodingDirectionDICOM": "COL",
    "InstitutionAddress": "North_13th_1701_Philadelphia_PA_US_19122",
    "InstitutionName": "Temple_University_-_Weiss_Hall",
    "InstitutionalDepartmentName": "Department",
    "MRAcquisitionType": "2D",
    "MagneticFieldStrength": 3,
    "Manufacturer": "Siemens",
    "ManufacturersModelName": "Prisma",
    "Modality": "MR",
    "PartialFourier": 1,
    "PatientPosition": "HFS",
    "PercentPhaseFOV": 100,
    "PhaseEncodingDirection": "j-",
    "PhaseEncodingSteps": 74,
    "PhaseResolution": 1,
    "PixelBandwidth": 2330,
    "ProcedureStepDescription": "SMITH_SRNDNA",
    "ProtocolName": "func-bold_task-UG_run0",
    "PulseSequenceDetails": "%SiemensSeq%_ep2d_bold",
    "ReceiveCoilActiveElements": "HE1-4;NE1,2",
    "ReceiveCoilName": "HeadNeck_20",
    "ReconMatrixPE": 74,
    "RepetitionTime": 2.02,
    "SAR": 0.0869468,
    "ScanOptions": "FS",
    "ScanningSequence": "EP",
    "SequenceName": "_epfid2d1_74",
    "SequenceVariant": "SK",
    "SeriesDescription": "func-bold_task-UG_run0",
    "SeriesNumber": 16,
    "ShimSetting": [
      1440,
      -7338,
      6404,
      226,
      39,
      225,
      -53,
      19
    ],
    "SliceThickness": 2.8,
    "SliceTiming": [
      1.945,
      1.8875,
      1.8325,
      1.7775,
      1.7225,
      1.6675,
      1.61,
      1.555,
      1.5,
      1.445,
      1.39,
      1.3325,
      1.2775,
      1.2225,
      1.1675,
      1.11,
      1.055,
      1,
      0.945,
      0.89,
      0.8325,
      0.7775,
      0.7225,
      0.6675,
      0.61,
      0.555,
      0.5,
      0.445,
      0.39,
      0.3325,
      0.2775,
      0.2225,
      0.1675,
      0.11,
      0.055,
      0
    ],
    "SoftwareVersions": "syngo_MR_E11",
    "SpacingBetweenSlices": 3.22,
    "StationName": "AWP166048",
    "TaskName": "ultimatum",
    "TotalReadoutTime": 0.0357695,
    "TxRefAmp": 256.601,
    "dataset": "<unset>",
    "modality": "bold",
    "run_id": 1,
    "subject_id": "127",
    "task_id": "ultimatum"
  },
  "dummy_trs": 1,
  "dvars_nstd": 29.749477165252525,
  "dvars_std": 1.3647172931818186,
  "dvars_vstd": 0.9872804130303034,
  "efc": 0.5387758052727938,
  "fber": 1830.15771484375,
  "fd_mean": 0.18619595673467915,
  "fd_num": 81,
  "fd_perc": 40.7035175879397,
  "fwhm_avg": 1.6756766041092082,
  "fwhm_x": 1.609950783104317,
  "fwhm_y": 1.7937499712964828,
  "fwhm_z": 1.623329057926825,
  "gcor": 0.018989,
  "gsr_x": -0.019751740619540215,
  "gsr_y": 0.0426342748105526,
  "provenance": {
    "md5sum": "9375c2c5c1cf7c50aad96aa963610602",
    "settings": {
      "fd_thres": 0.2,
      "testing": false
    },
    "software": "mriqc",
    "version": "22.0.6",
    "webapi_port": null,
    "webapi_url": "https://mriqc.nimh.nih.gov/api/v1"
  },
  "size_t": 199,
  "size_x": 74,
  "size_y": 74,
  "size_z": 36,
  "snr": 6.71981645899259,
  "spacing_tr": 2.0199999809265137,
  "spacing_x": 2.972972869873047,
  "spacing_y": 2.972972869873047,
  "spacing_z": 3.2200002670288086,
  "summary_bg_k": 34.13040092994014,
  "summary_bg_mad": 12.382334944017925,
  "summary_bg_mean": 50.574459075927734,
  "summary_bg_median": 21.758792877197266,
  "summary_bg_n": 117575.0,
  "summary_bg_p05": 10.281407356262207,
  "summary_bg_p95": 181.89346008300745,
  "summary_bg_stdv": 84.00932312011719,
  "summary_fg_k": 2.6660677898688876,
  "summary_fg_mad": 117.8035327705512,
  "summary_fg_mean": 965.938720703125,
  "summary_fg_median": 947.6884155273438,
  "summary_fg_n": 40577.0,
  "summary_fg_p05": 787.2371704101563,
  "summary_fg_p95": 1229.4733642578124,
  "summary_fg_stdv": 141.0271759033203,
  "tsnr": 76.68071424646769
}