{
  "aor": 0.0013456345177664977,
  "aqi": 0.005794316446700509,
  "bids_meta": {
    "AcquisitionMatrixPE": 74,
    "AcquisitionNumber": 1,
    "AcquisitionTime": "17:11:2.377500",
    "BandwidthPerPixelPhaseEncode": 27.579,
    "BaseResolution": 74,
    "BodyPartExamined": "BRAIN",
    "CogAtlasID": "http://www.cognitiveatlas.org/task/id/TODO",
    "CoilString": "HE1-4;NE1_2",
    "ConsistencyInfo": "N4_VE11C_LATEST_20160120",
    "ConversionSoftware": "dcm2niix",
    "ConversionSoftwareVersion": "v1.0.20190410  GCC6.3.0",
    "DerivedVendorReportedEchoSpacing": 0.000489993,
    "DeviceSerialNumber": "166048",
    "DwellTime": 2.9e-06,
    "EchoTime": 0.023,
    "EchoTrainLength": 74,
    "EffectiveEchoSpacing": 0.000489993,
    "FlipAngle": 76,
    "ImageOrientationPatientDICOM": [
      1,
      0,
      0,
      0,
      0.973976,
      -0.226651
    ],
    "ImageType": [
      "ORIGINAL",
      "PRIMARY",
      "M",
      "ND",
      "NORM",
      "MOSAIC"
    ],
    "ImagingFrequency": 123.245,
    "InPlanePhaseEncodingDirectionDICOM": "COL",
    "InstitutionAddress": "North_13th_1701_Philadelphia_PA_US_19122",
    "InstitutionName": "Temple_University_-_Weiss_Hall",
    "InstitutionalDepartmentName": "Department",
    "MRAcquisitionType": "2D",
    "MagneticFieldStrength": 3,
    "Manufacturer": "Siemens",
    "ManufacturersModelName": "Prisma",
    "Modality": "MR",
    "PartialFourier": 1,
    "PatientPosition": "HFS",
    "PercentPhaseFOV": 100,
    "PhaseEncodingDirection": "j-",
    "PhaseEncodingSteps": 74,
    "PhaseResolution": 1,
    "PixelBandwidth": 2330,
    "ProcedureStepDescription": "SMITH_SRNDNA",
    "ProtocolName": "func-bold_task-UG_run1",
    "PulseSequenceDetails": "%SiemensSeq%_ep2d_bold",
    "ReceiveCoilActiveElements": "HE1-4;NE1,2",
    "ReceiveCoilName": "HeadNeck_20",
    "ReconMatrixPE": 74,
    "RepetitionTime": 2.02,
    "SAR": 0.0853726,
    "ScanOptions": "FS",
    "ScanningSequence": "EP",
    "SequenceName": "_epfid2d1_74",
    "SequenceVariant": "SK",
    "SeriesDescription": "func-bold_task-UG_run1",
    "SeriesNumber": 17,
    "ShimSetting": [
      1420,
      -7433,
      6522,
      420,
      21,
      8,
      -35,
      40
    ],
    "SliceThickness": 2.8,
    "SliceTiming": [
      1.9425,
      1.8875,
      1.8325,
      1.7775,
      1.72,
      1.665,
      1.61,
      1.555,
      1.5,
      1.4425,
      1.3875,
      1.3325,
      1.2775,
      1.22,
      1.165,
      1.11,
      1.055,
      1,
      0.9425,
      0.8875,
      0.8325,
      0.7775,
      0.7225,
      0.665,
      0.61,
      0.555,
      0.5,
      0.4425,
      0.3875,
      0.3325,
      0.2775,
      0.2225,
      0.165,
      0.11,
      0.055,
      0
    ],
    "SoftwareVersions": "syngo_MR_E11",
    "SpacingBetweenSlices": 3.22,
    "StationName": "AWP166048",
    "TaskName": "ultimatum",
    "TotalReadoutTime": 0.0357695,
    "TxRefAmp": 259.454,
    "dataset": "<unset>",
    "modality": "bold",
    "run_id": 2,
    "subject_id": "107",
    "task_id": "ultimatum"
  },
  "dummy_trs": 3,
  "dvars_nstd": 22.165892616020418,
  "dvars_std": 1.2879562317857154,
  "dvars_vstd": 0.9858509727040813,
  "efc": 0.5498295539621376,
  "fber": 1825.1263427734375,
  "fd_mean": 0.10382359381447179,
  "fd_num": 11,
  "fd_perc": 5.583756345177665,
  "fwhm_avg": 1.7757735257282807,
  "fwhm_x": 1.7349704238035175,
  "fwhm_y": 1.8877972472852274,
  "fwhm_z": 1.704552906096097,
  "gcor": 0.0127304,
  "gsr_x": -0.0024904711171984673,
  "gsr_y": 0.030893629416823387,
  "provenance": {
    "md5sum": "358eba72a299efe1842b2bb5b264d98f",
    "settings": {
      "fd_thres": 0.2,
      "testing": false
    },
    "software": "mriqc",
    "version": "22.0.6",
    "webapi_port": null,
    "webapi_url": "https://mriqc.nimh.nih.gov/api/v1"
  },
  "size_t": 197,
  "size_x": 74,
  "size_y": 74,
  "size_z": 36,
  "snr": 5.856538020750146,
  "spacing_tr": 2.0199999809265137,
  "spacing_x": 2.972972869873047,
  "spacing_y": 2.972972869873047,
  "spacing_z": 3.2199997901916504,
  "summary_bg_k": 14.502234571925634,
  "summary_bg_mad": 6.946404880363307,
  "summary_bg_mean": 44.95371627807617,
  "summary_bg_median": 17.48223304748535,
  "summary_bg_n": 116657.0,
  "summary_bg_p05": 10.908629417419434,
  "summary_bg_p95": 211.2030487060547,
  "summary_bg_stdv": 75.11407470703125,
  "summary_fg_k": 2.518004599214195,
  "summary_fg_mad": 126.3900293104413,
  "summary_fg_mean": 771.6302490234375,
  "summary_fg_median": 760.2385864257812,
  "summary_fg_n": 41031.0,
  "summary_fg_p05": 599.5634155273438,
  "summary_fg_p95": 983.9390563964844,
  "summary_fg_stdv": 129.80865478515625,
  "tsnr": 78.3433267637156
}