{
  "aor": 0.0016207462686567164,
  "aqi": 0.004335986019900497,
  "bids_meta": {
    "AcquisitionMatrixPE": 74,
    "AcquisitionNumber": 1,
    "AcquisitionTime": "16:45:48.475000",
    "BandwidthPerPixelPhaseEncode": 27.579,
    "BaseResolution": 74,
    "BodyPartExamined": "BRAIN",
    "CogAtlasID": "http://www.cognitiveatlas.org/task/id/TODO",
    "CoilString": "HE1-4;NE1_2",
    "ConsistencyInfo": "N4_VE11C_LATEST_20160120",
    "ConversionSoftware": "dcm2niix",
    "ConversionSoftwareVersion": "v1.0.20190410  GCC6.3.0",
    "DerivedVendorReportedEchoSpacing": 0.000489993,
    "DeviceSerialNumber": "166048",
    "DwellTime": 2.9e-06,
    "EchoTime": 0.023,
    "EchoTrainLength": 74,
    "EffectiveEchoSpacing": 0.000489993,
    "FlipAngle": 76,
    "ImageOrientationPatientDICOM": [
      1,
      0,
      0,
      0,
      0.973976,
      -0.226651
    ],
    "ImageType": [
      "ORIGINAL",
      "PRIMARY",
      "M",
      "ND",
      "NORM",
      "MOSAIC"
    ],
    "ImagingFrequency": 123.245,
    "InPlanePhaseEncodingDirectionDICOM": "COL",
    "InstitutionAddress": "North_13th_1701_Philadelphia_PA_US_19122",
    "InstitutionName": "Temple_University_-_Weiss_Hall",
    "InstitutionalDepartmentName": "Department",
    "MRAcquisitionType": "2D",
    "MagneticFieldStrength": 3,
    "Manufacturer": "Siemens",
    "ManufacturersModelName": "Prisma",
    "Modality": "MR",
    "PartialFourier": 1,
    "PatientPosition": "HFS",
    "PercentPhaseFOV": 100,
    "PhaseEncodingDirection": "j-",
    "PhaseEncodingSteps": 74,
    "PhaseResolution": 1,
    "PixelBandwidth": 2330,
    "ProcedureStepDescription": "SMITH_SRNDNA",
    "ProtocolName": "func-bold_task-reward_run0",
    "PulseSequenceDetails": "%SiemensSeq%_ep2d_bold",
    "ReceiveCoilActiveElements": "HE1-4;NE1,2",
    "ReceiveCoilName": "HeadNeck_20",
    "ReconMatrixPE": 74,
    "RepetitionTime": 2.02,
    "SAR": 0.0853757,
    "ScanOptions": "FS",
    "ScanningSequence": "EP",
    "SequenceName": "_epfid2d1_74",
    "SequenceVariant": "SK",
    "SeriesDescription": "func-bold_task-reward_run0",
    "SeriesNumber": 14,
    "ShimSetting": [
      1420,
      -7433,
      6522,
      420,
      21,
      8,
      -35,
      40
    ],
    "SliceThickness": 2.8,
    "SliceTiming": [
      1.945,
      1.8875,
      1.8325,
      1.7775,
      1.7225,
      1.665,
      1.61,
      1.555,
      1.5,
      1.445,
      1.3875,
      1.3325,
      1.2775,
      1.2225,
      1.165,
      1.11,
      1.055,
      1,
      0.945,
      0.8875,
      0.8325,
      0.7775,
      0.7225,
      0.665,
      0.61,
      0.555,
      0.5,
      0.445,
      0.3875,
      0.3325,
      0.2775,
      0.2225,
      0.165,
      0.11,
      0.055,
      0
    ],
    "SoftwareVersions": "syngo_MR_E11",
    "SpacingBetweenSlices": 3.22,
    "StationName": "AWP166048",
    "TaskName": "sharedreward",
    "TotalReadoutTime": 0.0357695,
    "TxRefAmp": 259.454,
    "dataset": "<unset>",
    "modality": "bold",
    "run_id": 1,
    "subject_id": "107",
    "task_id": "sharedreward"
  },
  "dummy_trs": 1,
  "dvars_nstd": 23.29453403020001,
  "dvars_std": 1.3610283113000003,
  "dvars_vstd": 1.0095792585500003,
  "efc": 0.5512499925106442,
  "fber": 1787.03955078125,
  "fd_mean": 0.0955621389399505,
  "fd_num": 12,
  "fd_perc": 5.970149253731344,
  "fwhm_avg": 1.7711954882142071,
  "fwhm_x": 1.717348332283309,
  "fwhm_y": 1.8818436107151242,
  "fwhm_z": 1.7143945216441878,
  "gcor": 0.0180564,
  "gsr_x": -0.0043502189218997955,
  "gsr_y": 0.032332390546798706,
  "provenance": {
    "md5sum": "124867c9c4960ee9bf96f87912e53032",
    "settings": {
      "fd_thres": 0.2,
      "testing": false
    },
    "software": "mriqc",
    "version": "22.0.6",
    "webapi_port": null,
    "webapi_url": "https://mriqc.nimh.nih.gov/api/v1"
  },
  "size_t": 201,
  "size_x": 74,
  "size_y": 74,
  "size_z": 36,
  "snr": 5.886227053430898,
  "spacing_tr": 2.0199999809265137,
  "spacing_x": 2.972972869873047,
  "spacing_y": 2.972972869873047,
  "spacing_z": 3.2199997901916504,
  "summary_bg_k": 14.748499645075213,
  "summary_bg_mad": 6.970442928455972,
  "summary_bg_mean": 45.15830993652344,
  "summary_bg_median": 17.542287826538086,
  "summary_bg_n": 116543.0,
  "summary_bg_p05": 10.945273399353027,
  "summary_bg_p95": 211.91442565917964,
  "summary_bg_stdv": 75.59300994873047,
  "summary_fg_k": 2.4033740889554815,
  "summary_fg_mad": 126.30885901075871,
  "summary_fg_mean": 766.9899291992188,
  "summary_fg_median": 755.3084106445312,
  "summary_fg_n": 41147.0,
  "summary_fg_p05": 595.9358215332031,
  "summary_fg_p95": 974.77509765625,
  "summary_fg_stdv": 128.3163604736328,
  "tsnr": 85.58830382395536
}