{
  "aor": 0.0011759203980099503,
  "aqi": 0.009141791194029851,
  "bids_meta": {
    "AcquisitionMatrixPE": 74,
    "AcquisitionNumber": 1,
    "AcquisitionTime": "12:22:25.937500",
    "BandwidthPerPixelPhaseEncode": 27.579,
    "BaseResolution": 74,
    "BodyPartExamined": "BRAIN",
    "CogAtlasID": "http://www.cognitiveatlas.org/task/id/TODO",
    "CoilString": "HE1-4;NE1_2",
    "ConsistencyInfo": "N4_VE11C_LATEST_20160120",
    "ConversionSoftware": "dcm2niix",
    "ConversionSoftwareVersion": "v1.0.20190410  GCC6.3.0",
    "DerivedVendorReportedEchoSpacing": 0.000489993,
    "DeviceSerialNumber": "166048",
    "DwellTime": 2.9e-06,
    "EchoTime": 0.023,
    "EchoTrainLength": 74,
    "EffectiveEchoSpacing": 0.000489993,
    "FlipAngle": 76,
    "ImageOrientationPatientDICOM": [
      1,
      0,
      0,
      0,
      0.968583,
      -0.24869
    ],
    "ImageType": [
      "ORIGINAL",
      "PRIMARY",
      "M",
      "ND",
      "NORM",
      "MOSAIC"
    ],
    "ImagingFrequency": 123.246,
    "InPlanePhaseEncodingDirectionDICOM": "COL",
    "InstitutionAddress": "North_13th_1701_Philadelphia_PA_US_19122",
    "InstitutionName": "Temple_University_-_Weiss_Hall",
    "InstitutionalDepartmentName": "Department",
    "MRAcquisitionType": "2D",
    "MagneticFieldStrength": 3,
    "Manufacturer": "Siemens",
    "ManufacturersModelName": "Prisma",
    "Modality": "MR",
    "PartialFourier": 1,
    "PatientPosition": "HFS",
    "PercentPhaseFOV": 100,
    "PhaseEncodingDirection": "j-",
    "PhaseEncodingSteps": 74,
    "PhaseResolution": 1,
    "PixelBandwidth": 2330,
    "ProcedureStepDescription": "SMITH_SRNDNA",
    "ProtocolName": "func-bold_task-reward_run0",
    "PulseSequenceDetails": "%SiemensSeq%_ep2d_bold",
    "ReceiveCoilActiveElements": "HE1-4;NE1,2",
    "ReceiveCoilName": "HeadNeck_20",
    "ReconMatrixPE": 74,
    "RepetitionTime": 2.02,
    "SAR": 0.0966197,
    "ScanOptions": "FS",
    "ScanningSequence": "EP",
    "SequenceName": "_epfid2d1_74",
    "SequenceVariant": "SK",
    "SeriesDescription": "func-bold_task-reward_run0",
    "SeriesNumber": 12,
    "ShimSetting": [
      1439,
      -7450,
      6574,
      435,
      24,
      -162,
      -30,
      32
    ],
    "SliceThickness": 2.8,
    "SliceTiming": [
      1.945,
      1.89,
      1.835,
      1.7775,
      1.7225,
      1.6675,
      1.6125,
      1.555,
      1.5,
      1.445,
      1.39,
      1.335,
      1.2775,
      1.2225,
      1.1675,
      1.1125,
      1.0575,
      1,
      0.945,
      0.89,
      0.835,
      0.7775,
      0.7225,
      0.6675,
      0.6125,
      0.5575,
      0.5,
      0.445,
      0.39,
      0.335,
      0.2775,
      0.2225,
      0.1675,
      0.1125,
      0.0575,
      0
    ],
    "SoftwareVersions": "syngo_MR_E11",
    "SpacingBetweenSlices": 3.22,
    "StationName": "AWP166048",
    "TaskName": "sharedreward",
    "TotalReadoutTime": 0.0357695,
    "TxRefAmp": 270.936,
    "dataset": "<unset>",
    "modality": "bold",
    "run_id": 1,
    "subject_id": "143",
    "task_id": "sharedreward"
  },
  "dummy_trs": 1,
  "dvars_nstd": 24.00032313825,
  "dvars_std": 1.2850856003000006,
  "dvars_vstd": 0.9773736835000004,
  "efc": 0.5054215682684234,
  "fber": 1736.1727294921875,
  "fd_mean": 0.22157641048502932,
  "fd_num": 111,
  "fd_perc": 55.223880597014926,
  "fwhm_avg": 1.68735474327645,
  "fwhm_x": 1.615682419666721,
  "fwhm_y": 1.7631240611434957,
  "fwhm_z": 1.6832577490191334,
  "gcor": 0.0229998,
  "gsr_x": -0.01557149924337864,
  "gsr_y": 0.015308567322790623,
  "provenance": {
    "md5sum": "5e6791fee536aa006e66d5eb7516c488",
    "settings": {
      "fd_thres": 0.2,
      "testing": false
    },
    "software": "mriqc",
    "version": "22.0.6",
    "webapi_port": null,
    "webapi_url": "https://mriqc.nimh.nih.gov/api/v1"
  },
  "size_t": 201,
  "size_x": 74,
  "size_y": 74,
  "size_z": 36,
  "snr": 6.788204498453593,
  "spacing_tr": 2.0199999809265137,
  "spacing_x": 2.972972869873047,
  "spacing_y": 2.972972869873047,
  "spacing_z": 3.2200000286102295,
  "summary_bg_k": 30.268062256931742,
  "summary_bg_mad": 7.258113366238522,
  "summary_bg_mean": 33.75115203857422,
  "summary_bg_median": 15.741292953491211,
  "summary_bg_n": 126926.0,
  "summary_bg_p05": 9.144278526306152,
  "summary_bg_p95": 115.69900321960449,
  "summary_bg_stdv": 56.126190185546875,
  "summary_fg_k": 3.832442847695167,
  "summary_fg_mad": 72.3820085292174,
  "summary_fg_mean": 670.5515747070312,
  "summary_fg_median": 659.0646362304688,
  "summary_fg_n": 33281.0,
  "summary_fg_p05": 545.855712890625,
  "summary_fg_p95": 841.3880615234375,
  "summary_fg_stdv": 97.08822631835938,
  "tsnr": 83.12361069372855
}