{
  "aor": 0.001011608040201005,
  "aqi": 0.005900969447236181,
  "bids_meta": {
    "AcquisitionMatrixPE": 74,
    "AcquisitionNumber": 1,
    "AcquisitionTime": "12:47:14.207500",
    "BandwidthPerPixelPhaseEncode": 27.579,
    "BaseResolution": 74,
    "BodyPartExamined": "BRAIN",
    "CogAtlasID": "http://www.cognitiveatlas.org/task/id/TODO",
    "CoilString": "HE1-4;NE1_2",
    "ConsistencyInfo": "N4_VE11C_LATEST_20160120",
    "ConversionSoftware": "dcm2niix",
    "ConversionSoftwareVersion": "v1.0.20190410  GCC6.3.0",
    "DerivedVendorReportedEchoSpacing": 0.000489993,
    "DeviceSerialNumber": "166048",
    "DwellTime": 2.9e-06,
    "EchoTime": 0.023,
    "EchoTrainLength": 74,
    "EffectiveEchoSpacing": 0.000489993,
    "FlipAngle": 76,
    "ImageOrientationPatientDICOM": [
      1,
      0,
      0,
      0,
      0.968583,
      -0.24869
    ],
    "ImageType": [
      "ORIGINAL",
      "PRIMARY",
      "M",
      "ND",
      "NORM",
      "MOSAIC"
    ],
    "ImagingFrequency": 123.246,
    "InPlanePhaseEncodingDirectionDICOM": "COL",
    "InstitutionAddress": "North_13th_1701_Philadelphia_PA_US_19122",
    "InstitutionName": "Temple_University_-_Weiss_Hall",
    "InstitutionalDepartmentName": "Department",
    "MRAcquisitionType": "2D",
    "MagneticFieldStrength": 3,
    "Manufacturer": "Siemens",
    "ManufacturersModelName": "Prisma",
    "Modality": "MR",
    "PartialFourier": 1,
    "PatientPosition": "HFS",
    "PercentPhaseFOV": 100,
    "PhaseEncodingDirection": "j-",
    "PhaseEncodingSteps": 74,
    "PhaseResolution": 1,
    "PixelBandwidth": 2330,
    "ProcedureStepDescription": "SMITH_SRNDNA",
    "ProtocolName": "func-bold_task-UG_run1",
    "PulseSequenceDetails": "%SiemensSeq%_ep2d_bold",
    "ReceiveCoilActiveElements": "HE1-4;NE1,2",
    "ReceiveCoilName": "HeadNeck_20",
    "ReconMatrixPE": 74,
    "RepetitionTime": 2.02,
    "SAR": 0.0966163,
    "ScanOptions": "FS",
    "ScanningSequence": "EP",
    "SequenceName": "_epfid2d1_74",
    "SequenceVariant": "SK",
    "SeriesDescription": "func-bold_task-UG_run1",
    "SeriesNumber": 15,
    "ShimSetting": [
      1439,
      -7450,
      6574,
      435,
      24,
      -162,
      -30,
      32
    ],
    "SliceThickness": 2.8,
    "SliceTiming": [
      1.945,
      1.89,
      1.835,
      1.7775,
      1.7225,
      1.6675,
      1.6125,
      1.5575,
      1.5,
      1.445,
      1.39,
      1.335,
      1.2775,
      1.2225,
      1.1675,
      1.1125,
      1.0575,
      1,
      0.945,
      0.89,
      0.835,
      0.7775,
      0.7225,
      0.6675,
      0.6125,
      0.5575,
      0.5,
      0.445,
      0.39,
      0.335,
      0.2775,
      0.2225,
      0.1675,
      0.1125,
      0.0575,
      0
    ],
    "SoftwareVersions": "syngo_MR_E11",
    "SpacingBetweenSlices": 3.22,
    "StationName": "AWP166048",
    "TaskName": "ultimatum",
    "TotalReadoutTime": 0.0357695,
    "TxRefAmp": 270.936,
    "dataset": "<unset>",
    "modality": "bold",
    "run_id": 2,
    "subject_id": "143",
    "task_id": "ultimatum"
  },
  "dummy_trs": 1,
  "dvars_nstd": 28.472573752373716,
  "dvars_std": 1.4309926138383842,
  "dvars_vstd": 1.0046381476262636,
  "efc": 0.5069439821632873,
  "fber": 1742.0557861328125,
  "fd_mean": 0.24596638818921093,
  "fd_num": 125,
  "fd_perc": 62.814070351758794,
  "fwhm_avg": 1.697081232769694,
  "fwhm_x": 1.6312089656597126,
  "fwhm_y": 1.749370151575614,
  "fwhm_z": 1.7106645810737557,
  "gcor": 0.0206766,
  "gsr_x": -0.017334509640932083,
  "gsr_y": 0.015491742640733719,
  "provenance": {
    "md5sum": "4d0a32ecc460d7907573268aed5c72c1",
    "settings": {
      "fd_thres": 0.2,
      "testing": false
    },
    "software": "mriqc",
    "version": "22.0.6",
    "webapi_port": null,
    "webapi_url": "https://mriqc.nimh.nih.gov/api/v1"
  },
  "size_t": 199,
  "size_x": 74,
  "size_y": 74,
  "size_z": 36,
  "snr": 6.763729762624893,
  "spacing_tr": 2.0199999809265137,
  "spacing_x": 2.972972869873047,
  "spacing_y": 2.972972869873047,
  "spacing_z": 3.2200000286102295,
  "summary_bg_k": 28.27281360554459,
  "summary_bg_mad": 7.383209907912453,
  "summary_bg_mean": 34.70724105834961,
  "summary_bg_median": 15.708542823791504,
  "summary_bg_n": 126964.0,
  "summary_bg_p05": 9.16080379486084,
  "summary_bg_p95": 122.00703353881818,
  "summary_bg_stdv": 57.60271072387695,
  "summary_fg_k": 3.586412383046911,
  "summary_fg_mad": 74.79322793316639,
  "summary_fg_mean": 672.0309448242188,
  "summary_fg_median": 661.2009887695312,
  "summary_fg_n": 33151.0,
  "summary_fg_p05": 546.517578125,
  "summary_fg_p95": 841.6105346679688,
  "summary_fg_stdv": 97.75538635253906,
  "tsnr": 95.5426721656695
}