{
  "aor": 0.0008796984924623115,
  "aqi": 0.006206597989949749,
  "bids_meta": {
    "AcquisitionMatrixPE": 74,
    "AcquisitionNumber": 1,
    "AcquisitionTime": "12:40:3.122500",
    "BandwidthPerPixelPhaseEncode": 27.579,
    "BaseResolution": 74,
    "BodyPartExamined": "BRAIN",
    "CogAtlasID": "http://www.cognitiveatlas.org/task/id/TODO",
    "CoilString": "HE1-4;NE1_2",
    "ConsistencyInfo": "N4_VE11C_LATEST_20160120",
    "ConversionSoftware": "dcm2niix",
    "ConversionSoftwareVersion": "v1.0.20190410  GCC6.3.0",
    "DerivedVendorReportedEchoSpacing": 0.000489993,
    "DeviceSerialNumber": "166048",
    "DwellTime": 2.9e-06,
    "EchoTime": 0.023,
    "EchoTrainLength": 74,
    "EffectiveEchoSpacing": 0.000489993,
    "FlipAngle": 76,
    "ImageOrientationPatientDICOM": [
      1,
      0,
      0,
      0,
      0.968583,
      -0.24869
    ],
    "ImageType": [
      "ORIGINAL",
      "PRIMARY",
      "M",
      "ND",
      "NORM",
      "MOSAIC"
    ],
    "ImagingFrequency": 123.246,
    "InPlanePhaseEncodingDirectionDICOM": "COL",
    "InstitutionAddress": "North_13th_1701_Philadelphia_PA_US_19122",
    "InstitutionName": "Temple_University_-_Weiss_Hall",
    "InstitutionalDepartmentName": "Department",
    "MRAcquisitionType": "2D",
    "MagneticFieldStrength": 3,
    "Manufacturer": "Siemens",
    "ManufacturersModelName": "Prisma",
    "Modality": "MR",
    "PartialFourier": 1,
    "PatientPosition": "HFS",
    "PercentPhaseFOV": 100,
    "PhaseEncodingDirection": "j-",
    "PhaseEncodingSteps": 74,
    "PhaseResolution": 1,
    "PixelBandwidth": 2330,
    "ProcedureStepDescription": "SMITH_SRNDNA",
    "ProtocolName": "func-bold_task-UG_run0",
    "PulseSequenceDetails": "%SiemensSeq%_ep2d_bold",
    "ReceiveCoilActiveElements": "HE1-4;NE1,2",
    "ReceiveCoilName": "HeadNeck_20",
    "ReconMatrixPE": 74,
    "RepetitionTime": 2.02,
    "SAR": 0.0966163,
    "ScanOptions": "FS",
    "ScanningSequence": "EP",
    "SequenceName": "_epfid2d1_74",
    "SequenceVariant": "SK",
    "SeriesDescription": "func-bold_task-UG_run0",
    "SeriesNumber": 14,
    "ShimSetting": [
      1439,
      -7450,
      6574,
      435,
      24,
      -162,
      -30,
      32
    ],
    "SliceThickness": 2.8,
    "SliceTiming": [
      1.9425,
      1.8875,
      1.8325,
      1.7775,
      1.7225,
      1.665,
      1.61,
      1.555,
      1.5,
      1.445,
      1.3875,
      1.3325,
      1.2775,
      1.2225,
      1.165,
      1.11,
      1.055,
      1,
      0.945,
      0.8875,
      0.8325,
      0.7775,
      0.7225,
      0.665,
      0.61,
      0.555,
      0.5,
      0.445,
      0.3875,
      0.3325,
      0.2775,
      0.2225,
      0.165,
      0.11,
      0.055,
      0
    ],
    "SoftwareVersions": "syngo_MR_E11",
    "SpacingBetweenSlices": 3.22,
    "StationName": "AWP166048",
    "TaskName": "ultimatum",
    "TotalReadoutTime": 0.0357695,
    "TxRefAmp": 270.936,
    "dataset": "<unset>",
    "modality": "bold",
    "run_id": 1,
    "subject_id": "143",
    "task_id": "ultimatum"
  },
  "dummy_trs": 1,
  "dvars_nstd": 25.607371316111106,
  "dvars_std": 1.3859073101515154,
  "dvars_vstd": 0.9985240504040406,
  "efc": 0.5066892918577237,
  "fber": 1744.4649658203125,
  "fd_mean": 0.20991632371049201,
  "fd_num": 108,
  "fd_perc": 54.2713567839196,
  "fwhm_avg": 1.6840526428373017,
  "fwhm_x": 1.6210036925785307,
  "fwhm_y": 1.7346138783366074,
  "fwhm_z": 1.6965403575967675,
  "gcor": 0.0189819,
  "gsr_x": -0.017476016655564308,
  "gsr_y": 0.01484485063701868,
  "provenance": {
    "md5sum": "6d8a8c0905f00cee8ad1d67e8648673d",
    "settings": {
      "fd_thres": 0.2,
      "testing": false
    },
    "software": "mriqc",
    "version": "22.0.6",
    "webapi_port": null,
    "webapi_url": "https://mriqc.nimh.nih.gov/api/v1"
  },
  "size_t": 199,
  "size_x": 74,
  "size_y": 74,
  "size_z": 36,
  "snr": 6.773757910401931,
  "spacing_tr": 2.0199999809265137,
  "spacing_x": 2.972972869873047,
  "spacing_y": 2.972972869873047,
  "spacing_z": 3.2200000286102295,
  "summary_bg_k": 28.097011414390543,
  "summary_bg_mad": 7.383209907912453,
  "summary_bg_mean": 34.7111930847168,
  "summary_bg_median": 15.708542823791504,
  "summary_bg_n": 127075.0,
  "summary_bg_p05": 9.1356782913208,
  "summary_bg_p95": 121.83216171264637,
  "summary_bg_stdv": 57.82813262939453,
  "summary_fg_k": 3.707480758373909,
  "summary_fg_mad": 73.99600347363061,
  "summary_fg_mean": 671.7035522460938,
  "summary_fg_median": 660.6834106445312,
  "summary_fg_n": 33125.0,
  "summary_fg_p05": 546.9196166992188,
  "summary_fg_p95": 841.6452392578125,
  "summary_fg_stdv": 97.53425598144531,
  "tsnr": 94.99425086867996
}