{
  "aor": 0.0010023611111111112,
  "aqi": 0.00810732074074074,
  "bids_meta": {
    "AcquisitionMatrixPE": 74,
    "AcquisitionNumber": 1,
    "AcquisitionTime": "11:56:47.635000",
    "BandwidthPerPixelPhaseEncode": 27.579,
    "BaseResolution": 74,
    "BodyPartExamined": "BRAIN",
    "CogAtlasID": "http://www.cognitiveatlas.org/task/id/TODO",
    "CoilString": "HE1-4;NE1_2",
    "ConsistencyInfo": "N4_VE11C_LATEST_20160120",
    "ConversionSoftware": "dcm2niix",
    "ConversionSoftwareVersion": "v1.0.20190410  GCC6.3.0",
    "DerivedVendorReportedEchoSpacing": 0.000489993,
    "DeviceSerialNumber": "166048",
    "DwellTime": 2.9e-06,
    "EchoTime": 0.023,
    "EchoTrainLength": 74,
    "EffectiveEchoSpacing": 0.000489993,
    "FlipAngle": 76,
    "ImageOrientationPatientDICOM": [
      1,
      0,
      0,
      0,
      0.968583,
      -0.24869
    ],
    "ImageType": [
      "ORIGINAL",
      "PRIMARY",
      "M",
      "ND",
      "NORM",
      "MOSAIC"
    ],
    "ImagingFrequency": 123.246,
    "InPlanePhaseEncodingDirectionDICOM": "COL",
    "InstitutionAddress": "North_13th_1701_Philadelphia_PA_US_19122",
    "InstitutionName": "Temple_University_-_Weiss_Hall",
    "InstitutionalDepartmentName": "Department",
    "MRAcquisitionType": "2D",
    "MagneticFieldStrength": 3,
    "Manufacturer": "Siemens",
    "ManufacturersModelName": "Prisma",
    "Modality": "MR",
    "PartialFourier": 1,
    "PatientPosition": "HFS",
    "PercentPhaseFOV": 100,
    "PhaseEncodingDirection": "j-",
    "PhaseEncodingSteps": 74,
    "PhaseResolution": 1,
    "PixelBandwidth": 2330,
    "ProcedureStepDescription": "SMITH_SRNDNA",
    "ProtocolName": "func-bold_trust_run0",
    "PulseSequenceDetails": "%SiemensSeq%_ep2d_bold",
    "ReceiveCoilActiveElements": "HE1-4;NE1,2",
    "ReceiveCoilName": "HeadNeck_20",
    "ReconMatrixPE": 74,
    "RepetitionTime": 2.02,
    "SAR": 0.0966437,
    "ScanOptions": "FS",
    "ScanningSequence": "EP",
    "SequenceName": "_epfid2d1_74",
    "SequenceVariant": "SK",
    "SeriesDescription": "func-bold_trust_run0",
    "SeriesNumber": 9,
    "ShimSetting": [
      1439,
      -7450,
      6574,
      435,
      24,
      -162,
      -30,
      32
    ],
    "SliceThickness": 2.8,
    "SliceTiming": [
      1.945,
      1.8875,
      1.8325,
      1.7775,
      1.7225,
      1.6675,
      1.61,
      1.555,
      1.5,
      1.445,
      1.3875,
      1.3325,
      1.2775,
      1.2225,
      1.1675,
      1.11,
      1.055,
      1,
      0.945,
      0.8875,
      0.8325,
      0.7775,
      0.7225,
      0.6675,
      0.61,
      0.555,
      0.5,
      0.445,
      0.3875,
      0.3325,
      0.2775,
      0.2225,
      0.1675,
      0.11,
      0.055,
      0
    ],
    "SoftwareVersions": "syngo_MR_E11",
    "SpacingBetweenSlices": 3.22,
    "StationName": "AWP166048",
    "TaskName": "trust",
    "TotalReadoutTime": 0.0357695,
    "TxRefAmp": 270.936,
    "dataset": "<unset>",
    "modality": "bold",
    "run_id": 1,
    "subject_id": "143",
    "task_id": "trust"
  },
  "dummy_trs": 1,
  "dvars_nstd": 28.02664916897675,
  "dvars_std": 1.3800709044651165,
  "dvars_vstd": 0.9780525790697676,
  "efc": 0.503808183885456,
  "fber": 1867.325439453125,
  "fd_mean": 0.2209414920816453,
  "fd_num": 118,
  "fd_perc": 54.629629629629626,
  "fwhm_avg": 1.6847182573951758,
  "fwhm_x": 1.6138391468755253,
  "fwhm_y": 1.7570392427506618,
  "fwhm_z": 1.6832763825593404,
  "gcor": 0.0255251,
  "gsr_x": -0.01610366441309452,
  "gsr_y": 0.015550065785646439,
  "provenance": {
    "md5sum": "7521d1c8af40c7d04a90d400607b9faa",
    "settings": {
      "fd_thres": 0.2,
      "testing": false
    },
    "software": "mriqc",
    "version": "22.0.6",
    "webapi_port": null,
    "webapi_url": "https://mriqc.nimh.nih.gov/api/v1"
  },
  "size_t": 216,
  "size_x": 74,
  "size_y": 74,
  "size_z": 36,
  "snr": 6.789982978928095,
  "spacing_tr": 2.0199999809265137,
  "spacing_x": 2.972972869873047,
  "spacing_y": 2.972972869873047,
  "spacing_z": 3.2200000286102295,
  "summary_bg_k": 32.329606573786094,
  "summary_bg_mad": 6.815852022732104,
  "summary_bg_mean": 32.530357360839844,
  "summary_bg_median": 14.953703880310059,
  "summary_bg_n": 126812.0,
  "summary_bg_p05": 8.847222328186035,
  "summary_bg_p95": 109.62963104248047,
  "summary_bg_stdv": 55.35090637207031,
  "summary_fg_k": 4.156773637057998,
  "summary_fg_mad": 69.64113092934458,
  "summary_fg_mean": 663.20068359375,
  "summary_fg_median": 651.004638671875,
  "summary_fg_n": 33431.0,
  "summary_fg_p05": 543.4236145019531,
  "summary_fg_p95": 831.9143676757812,
  "summary_fg_stdv": 95.87577819824219,
  "tsnr": 83.80896962829866
}