{
  "bids_meta": {
    "AcquisitionMatrixPE": 192,
    "AcquisitionNumber": 1,
    "AcquisitionTime": "18:06:52.295000",
    "BaseResolution": 192,
    "BodyPartExamined": "BRAIN",
    "CoilString": "HE1-4;NE1_2",
    "ConsistencyInfo": "N4_VE11C_LATEST_20160120",
    "ConversionSoftware": "dcm2niix",
    "ConversionSoftwareVersion": "v1.0.20190410  GCC6.3.0",
    "DeviceSerialNumber": "166048",
    "DwellTime": 1.24e-05,
    "EchoTime": 0.0022,
    "FlipAngle": 8,
    "ImageOrientationPatientDICOM": [
      0,
      1,
      0,
      0,
      0,
      -1
    ],
    "ImageType": [
      "ORIGINAL",
      "PRIMARY",
      "M",
      "ND",
      "NORM",
      "FM3",
      "2",
      "FIL"
    ],
    "ImagingFrequency": 123.246,
    "InPlanePhaseEncodingDirectionDICOM": "ROW",
    "InstitutionAddress": "North_13th_1701_Philadelphia_PA_US_19122",
    "InstitutionName": "Temple_University_-_Weiss_Hall",
    "InstitutionalDepartmentName": "Department",
    "InversionTime": 1.15,
    "MRAcquisitionType": "3D",
    "MagneticFieldStrength": 3,
    "Manufacturer": "Siemens",
    "ManufacturersModelName": "Prisma",
    "Modality": "MR",
    "PartialFourier": 1,
    "PatientPosition": "HFS",
    "PercentPhaseFOV": 100,
    "PhaseEncodingSteps": 211,
    "PhaseOversampling": 0.1,
    "PhaseResolution": 1,
    "PixelBandwidth": 210,
    "ProcedureStepDescription": "SMITH_SRNDNA",
    "ProtocolName": "T1w-anat_mpg_07sag_iso",
    "PulseSequenceDetails": "%SiemensSeq%_tfl",
    "ReceiveCoilActiveElements": "HE1-4;NE1,2",
    "ReceiveCoilName": "HeadNeck_20",
    "ReconMatrixPE": 192,
    "RefLinesPE": 32,
    "RepetitionTime": 2.4,
    "SAR": 0.0719736,
    "ScanOptions": "IR_WE",
    "ScanningSequence": "GR_IR",
    "SequenceName": "_tfl3d1_16ns",
    "SequenceVariant": "SK_SP_MP_OSP",
    "SeriesDescription": "T1w-anat_mpg_07sag_iso",
    "SeriesNumber": 5,
    "ShimSetting": [
      1393,
      -7562,
      6510,
      36,
      -54,
      -291,
      -155,
      45
    ],
    "SliceThickness": 1,
    "SoftwareVersions": "syngo_MR_E11",
    "StationName": "AWP166048",
    "TxRefAmp": 334.047,
    "dataset": "<unset>",
    "modality": "T1w",
    "subject_id": "152"
  },
  "cjv": 0.45701607732330257,
  "cnr": 2.945817138631975,
  "efc": 0.6888843719138045,
  "fber": 3929.4196147858734,
  "fwhm_avg": 4.269213333333333,
  "fwhm_x": 4.16221,
  "fwhm_y": 4.37156,
  "fwhm_z": 4.27387,
  "icvs_csf": 0.2536108504135135,
  "icvs_gm": 0.33327766354537375,
  "icvs_wm": 0.41311148604111275,
  "inu_med": 0.588854044675827,
  "inu_range": 0.2908322274684906,
  "provenance": {
    "md5sum": "b36737d4bd06703d365e5fb2bdd1f28d",
    "settings": {
      "testing": false
    },
    "software": "mriqc",
    "version": "22.0.6",
    "warnings": {
      "large_rot_frame": true,
      "small_air_mask": false
    },
    "webapi_port": null,
    "webapi_url": "https://mriqc.nimh.nih.gov/api/v1"
  },
  "qi_1": 0.0,
  "qi_2": 0.004010190180176879,
  "rpve_csf": 13.294085744733797,
  "rpve_gm": 8.715368803848037,
  "rpve_wm": 9.014711537717027,
  "size_x": 192,
  "size_y": 192,
  "size_z": 192,
  "snr_csf": 2.1645548227730314,
  "snr_gm": 9.943340710872702,
  "snr_total": 9.694772525311597,
  "snr_wm": 16.97642204228906,
  "snrd_csf": 21.02066492505944,
  "snrd_gm": 62.19442385872473,
  "snrd_total": 56.51549743315655,
  "snrd_wm": 86.33140351568547,
  "spacing_x": 1.0,
  "spacing_y": 1.0,
  "spacing_z": 1.0,
  "summary_bg_k": 8.067643929049414,
  "summary_bg_mad": 7.589232088698594,
  "summary_bg_mean": 11.681906579803725,
  "summary_bg_median": 5.118859255686402,
  "summary_bg_n": 1211033.0,
  "summary_bg_p05": 0.0,
  "summary_bg_p95": 46.39133702404797,
  "summary_bg_stdv": 17.013272135282453,
  "summary_csf_k": 0.045811675752382985,
  "summary_csf_mad": 109.18957999865832,
  "summary_csf_mean": 254.87097218902684,
  "summary_csf_median": 243.50761883333325,
  "summary_csf_n": 45457.0,
  "summary_csf_p05": 84.6621800456196,
  "summary_csf_p95": 460.45613021962345,
  "summary_csf_stdv": 112.49654562570727,
  "summary_gm_k": 0.07153959698738399,
  "summary_gm_mad": 72.11757194234528,
  "summary_gm_mean": 719.484425711777,
  "summary_gm_median": 720.4727401603013,
  "summary_gm_n": 7015.0,
  "summary_gm_p05": 598.1936446629464,
  "summary_gm_p95": 835.558632389456,
  "summary_gm_stdv": 72.45265016860795,
  "summary_wm_k": 0.6134703294538579,
  "summary_wm_mad": 55.66761338359545,
  "summary_wm_mean": 1003.9639690136542,
  "summary_wm_median": 1000.0803768858314,
  "summary_wm_n": 214710.0,
  "summary_wm_p05": 915.8470018040389,
  "summary_wm_p95": 1108.5948330443352,
  "summary_wm_stdv": 58.90982478417656,
  "tpm_overlap_csf": 0.15112260543629547,
  "tpm_overlap_gm": 0.40118976767941,
  "tpm_overlap_wm": 0.4863033907269868,
  "wm2max": 0.8135509295014504
}