{
  "bids_meta": {
    "AcquisitionMatrixPE": 192,
    "AcquisitionNumber": 1,
    "AcquisitionTime": "18:02:44.492500",
    "BaseResolution": 192,
    "BodyPartExamined": "BRAIN",
    "CoilString": "HE1-4;NE1_2",
    "ConsistencyInfo": "N4_VE11C_LATEST_20160120",
    "ConversionSoftware": "dcm2niix",
    "ConversionSoftwareVersion": "v1.0.20190410  GCC6.3.0",
    "DeviceSerialNumber": "166048",
    "DwellTime": 3.5e-06,
    "EchoTime": 0.567,
    "EchoTrainLength": 314,
    "FlipAngle": 120,
    "ImageOrientationPatientDICOM": [
      0,
      1,
      0,
      0,
      0,
      -1
    ],
    "ImageType": [
      "ORIGINAL",
      "PRIMARY",
      "M",
      "ND",
      "NORM"
    ],
    "ImagingFrequency": 123.246,
    "InPlanePhaseEncodingDirectionDICOM": "ROW",
    "InstitutionAddress": "North_13th_1701_Philadelphia_PA_US_19122",
    "InstitutionName": "Temple_University_-_Weiss_Hall",
    "InstitutionalDepartmentName": "Department",
    "MRAcquisitionType": "3D",
    "MagneticFieldStrength": 3,
    "Manufacturer": "Siemens",
    "ManufacturersModelName": "Prisma",
    "Modality": "MR",
    "PartialFourier": 1,
    "PatientPosition": "HFS",
    "PercentPhaseFOV": 100,
    "PhaseEncodingSteps": 209,
    "PhaseOversampling": 0.1,
    "PhaseResolution": 1,
    "PixelBandwidth": 745,
    "ProcedureStepDescription": "SMITH_SRNDNA",
    "ProtocolName": "T2w-anat_spc_07sag_iso",
    "PulseSequenceDetails": "%SiemensSeq%_tse_vfl",
    "ReceiveCoilActiveElements": "HE1-4;NE1,2",
    "ReceiveCoilName": "HeadNeck_20",
    "ReconMatrixPE": 192,
    "RefLinesPE": 32,
    "RepetitionTime": 3.2,
    "SAR": 0.26438,
    "ScanOptions": "PFP",
    "ScanningSequence": "SE",
    "SequenceName": "_spc_314ns",
    "SequenceVariant": "SK_SP_OSP",
    "SeriesDescription": "T2w-anat_spc_07sag_iso",
    "SeriesNumber": 3,
    "ShimSetting": [
      1394,
      -7563,
      6520,
      58,
      -60,
      -301,
      -164,
      46
    ],
    "SliceThickness": 1,
    "SoftwareVersions": "syngo_MR_E11",
    "StationName": "AWP166048",
    "TxRefAmp": 334.047,
    "dataset": "<unset>",
    "modality": "T2w",
    "subject_id": "152"
  },
  "cjv": 0.5152729132940577,
  "cnr": 2.699262403597854,
  "efc": 0.6533578121671088,
  "fber": 419.6214008807256,
  "fwhm_avg": 2.7153990322580643,
  "fwhm_x": 2.58085,
  "fwhm_y": 2.9496258064516128,
  "fwhm_z": 2.615721290322581,
  "icvs_csf": 0.2972316290334705,
  "icvs_gm": 0.628652107514344,
  "icvs_wm": 0.07411626345218551,
  "inu_med": 0.8778164386749268,
  "inu_range": 0.3673138201236724,
  "provenance": {
    "md5sum": "57f74283c9417282075b72895889f0f5",
    "settings": {
      "testing": false
    },
    "software": "mriqc",
    "version": "22.0.6",
    "warnings": {
      "large_rot_frame": true,
      "small_air_mask": false
    },
    "webapi_port": null,
    "webapi_url": "https://mriqc.nimh.nih.gov/api/v1"
  },
  "qi_1": 0.0,
  "qi_2": 0.0005657465561335938,
  "rpve_csf": 9.12912535615531,
  "rpve_gm": 5.48453885591575,
  "rpve_wm": 40.85244200739616,
  "size_x": 192,
  "size_y": 192,
  "size_z": 192,
  "snr_csf": 5.379016414413479,
  "snr_gm": 6.041636278547888,
  "snr_total": 4.388981154176587,
  "snr_wm": 1.7462907695683942,
  "snrd_csf": 37.79235853433831,
  "snrd_gm": 14.524680530172086,
  "snrd_total": 18.9939371932398,
  "snrd_wm": 4.664772515208996,
  "spacing_x": 1.0,
  "spacing_y": 0.96875,
  "spacing_z": 0.96875,
  "summary_bg_k": 7.360483461104295,
  "summary_bg_mad": 0.0,
  "summary_bg_mean": 88.58318858141257,
  "summary_bg_median": 0.0,
  "summary_bg_n": 1115787.0,
  "summary_bg_p05": 0.0,
  "summary_bg_p95": 379.8546271175146,
  "summary_bg_stdv": 140.45796214837478,
  "summary_csf_k": 0.19325326068834192,
  "summary_csf_mad": 1683.2077172367244,
  "summary_csf_mean": 8087.394049080733,
  "summary_csf_median": 8102.492342837155,
  "summary_csf_n": 53590.0,
  "summary_csf_p05": 5631.131970585883,
  "summary_csf_p95": 10273.426957375556,
  "summary_csf_stdv": 1506.3008031949048,
  "summary_gm_k": -0.00862833141029462,
  "summary_gm_mad": 517.910066842069,
  "summary_gm_mean": 3130.5284354038563,
  "summary_gm_median": 3114.0187419354916,
  "summary_gm_n": 258270.0,
  "summary_gm_p05": 2312.0353437148037,
  "summary_gm_p95": 4002.2845922261477,
  "summary_gm_stdv": 515.4253863933498,
  "summary_wm_k": 0.49959718093086547,
  "summary_wm_mad": 571.3330136893336,
  "summary_wm_mean": 1074.0052059146617,
  "summary_wm_median": 1000.1038583293557,
  "summary_wm_n": 5254.0,
  "summary_wm_p05": 254.09138520881544,
  "summary_wm_p95": 2121.360366592556,
  "summary_wm_stdv": 572.6472909064883,
  "tpm_overlap_csf": 0.14422055537934272,
  "tpm_overlap_gm": 0.3974951329088375,
  "tpm_overlap_wm": 0.044898090071346035,
  "wm2max": 0.09562912066089443
}