{
  "aor": 0.0020739303482587065,
  "aqi": 0.009522813383084578,
  "bids_meta": {
    "AcquisitionMatrixPE": 74,
    "AcquisitionNumber": 1,
    "AcquisitionTime": "12:08:36.190000",
    "BandwidthPerPixelPhaseEncode": 27.579,
    "BaseResolution": 74,
    "BodyPartExamined": "BRAIN",
    "CogAtlasID": "http://www.cognitiveatlas.org/task/id/TODO",
    "CoilString": "HE1-4;NE1_2",
    "ConsistencyInfo": "N4_VE11C_LATEST_20160120",
    "ConversionSoftware": "dcm2niix",
    "ConversionSoftwareVersion": "v1.0.20190410  GCC6.3.0",
    "DerivedVendorReportedEchoSpacing": 0.000489993,
    "DeviceSerialNumber": "166048",
    "DwellTime": 2.9e-06,
    "EchoTime": 0.023,
    "EchoTrainLength": 74,
    "EffectiveEchoSpacing": 0.000489993,
    "FlipAngle": 76,
    "ImageOrientationPatientDICOM": [
      1,
      0,
      0,
      0,
      0.94721,
      -0.320613
    ],
    "ImageType": [
      "ORIGINAL",
      "PRIMARY",
      "M",
      "ND",
      "NORM",
      "MOSAIC"
    ],
    "ImagingFrequency": 123.245,
    "InPlanePhaseEncodingDirectionDICOM": "COL",
    "InstitutionAddress": "North_13th_1701_Philadelphia_PA_US_19122",
    "InstitutionName": "Temple_University_-_Weiss_Hall",
    "InstitutionalDepartmentName": "Department",
    "MRAcquisitionType": "2D",
    "MagneticFieldStrength": 3,
    "Manufacturer": "Siemens",
    "ManufacturersModelName": "Prisma",
    "Modality": "MR",
    "PartialFourier": 1,
    "PatientPosition": "HFS",
    "PercentPhaseFOV": 100,
    "PhaseEncodingDirection": "j-",
    "PhaseEncodingSteps": 74,
    "PhaseResolution": 1,
    "PixelBandwidth": 2330,
    "ProcedureStepDescription": "SMITH_SRNDNA",
    "ProtocolName": "func-bold_task-reward_run0",
    "PulseSequenceDetails": "%SiemensSeq%_ep2d_bold",
    "ReceiveCoilActiveElements": "HE1-4;NE1,2",
    "ReceiveCoilName": "HeadNeck_20",
    "ReconMatrixPE": 74,
    "RepetitionTime": 2.02,
    "SAR": 0.107363,
    "ScanOptions": "FS",
    "ScanningSequence": "EP",
    "SequenceName": "_epfid2d1_74",
    "SequenceVariant": "SK",
    "SeriesDescription": "func-bold_task-reward_run0",
    "SeriesNumber": 14,
    "ShimSetting": [
      1481,
      -7497,
      6528,
      399,
      206,
      -89,
      -341,
      129
    ],
    "SliceThickness": 2.8,
    "SliceTiming": [
      1.945,
      1.89,
      1.835,
      1.7775,
      1.7225,
      1.6675,
      1.6125,
      1.555,
      1.5,
      1.445,
      1.39,
      1.335,
      1.2775,
      1.2225,
      1.1675,
      1.1125,
      1.055,
      1,
      0.945,
      0.89,
      0.835,
      0.7775,
      0.7225,
      0.6675,
      0.6125,
      0.5575,
      0.5,
      0.445,
      0.39,
      0.335,
      0.2775,
      0.2225,
      0.1675,
      0.1125,
      0.0575,
      0
    ],
    "SoftwareVersions": "syngo_MR_E11",
    "SpacingBetweenSlices": 3.22,
    "StationName": "AWP166048",
    "TaskName": "sharedreward",
    "TotalReadoutTime": 0.0357695,
    "TxRefAmp": 300.213,
    "dataset": "<unset>",
    "modality": "bold",
    "run_id": 1,
    "subject_id": "142",
    "task_id": "sharedreward"
  },
  "dummy_trs": 1,
  "dvars_nstd": 32.4731388378,
  "dvars_std": 1.3123161414499993,
  "dvars_vstd": 1.0072644044999999,
  "efc": 0.5363903669407143,
  "fber": 1638.7657470703125,
  "fd_mean": 0.2648717091763038,
  "fd_num": 119,
  "fd_perc": 59.20398009950249,
  "fwhm_avg": 1.7886195579825737,
  "fwhm_x": 1.709877695660598,
  "fwhm_y": 1.9063039751997506,
  "fwhm_z": 1.7496770030873725,
  "gcor": 0.0121058,
  "gsr_x": -0.03128182142972946,
  "gsr_y": 0.043196044862270355,
  "provenance": {
    "md5sum": "ef3126cb57359a93101adb6f2c527197",
    "settings": {
      "fd_thres": 0.2,
      "testing": false
    },
    "software": "mriqc",
    "version": "22.0.6",
    "webapi_port": null,
    "webapi_url": "https://mriqc.nimh.nih.gov/api/v1"
  },
  "size_t": 201,
  "size_x": 74,
  "size_y": 74,
  "size_z": 36,
  "snr": 6.108302801759092,
  "spacing_tr": 2.0199999809265137,
  "spacing_x": 2.972972869873047,
  "spacing_y": 2.972972869873047,
  "spacing_z": 3.2200000286102295,
  "summary_bg_k": 29.04760153399836,
  "summary_bg_mad": 9.223851224661741,
  "summary_bg_mean": 41.677215576171875,
  "summary_bg_median": 17.0398006439209,
  "summary_bg_n": 120268.0,
  "summary_bg_p05": 8.497511863708496,
  "summary_bg_p95": 149.157453918457,
  "summary_bg_stdv": 72.95606994628906,
  "summary_fg_k": 1.6919247148003196,
  "summary_fg_mad": 104.5639963090572,
  "summary_fg_mean": 727.9203491210938,
  "summary_fg_median": 710.44775390625,
  "summary_fg_n": 38815.0,
  "summary_fg_p05": 579.7646728515625,
  "summary_fg_p95": 938.6621704101561,
  "summary_fg_stdv": 116.30703735351562,
  "tsnr": 64.1223575482145
}