{
  "aor": 0.003488585858585858,
  "aqi": 0.009412202474747474,
  "bids_meta": {
    "AcquisitionMatrixPE": 74,
    "AcquisitionNumber": 1,
    "AcquisitionTime": "12:34:12.497500",
    "BandwidthPerPixelPhaseEncode": 27.579,
    "BaseResolution": 74,
    "BodyPartExamined": "BRAIN",
    "CogAtlasID": "http://www.cognitiveatlas.org/task/id/TODO",
    "CoilString": "HE1-4;NE1_2",
    "ConsistencyInfo": "N4_VE11C_LATEST_20160120",
    "ConversionSoftware": "dcm2niix",
    "ConversionSoftwareVersion": "v1.0.20190410  GCC6.3.0",
    "DerivedVendorReportedEchoSpacing": 0.000489993,
    "DeviceSerialNumber": "166048",
    "DwellTime": 2.9e-06,
    "EchoTime": 0.023,
    "EchoTrainLength": 74,
    "EffectiveEchoSpacing": 0.000489993,
    "FlipAngle": 76,
    "ImageOrientationPatientDICOM": [
      1,
      0,
      0,
      0,
      0.94721,
      -0.320613
    ],
    "ImageType": [
      "ORIGINAL",
      "PRIMARY",
      "M",
      "ND",
      "NORM",
      "MOSAIC"
    ],
    "ImagingFrequency": 123.245,
    "InPlanePhaseEncodingDirectionDICOM": "COL",
    "InstitutionAddress": "North_13th_1701_Philadelphia_PA_US_19122",
    "InstitutionName": "Temple_University_-_Weiss_Hall",
    "InstitutionalDepartmentName": "Department",
    "MRAcquisitionType": "2D",
    "MagneticFieldStrength": 3,
    "Manufacturer": "Siemens",
    "ManufacturersModelName": "Prisma",
    "Modality": "MR",
    "PartialFourier": 1,
    "PatientPosition": "HFS",
    "PercentPhaseFOV": 100,
    "PhaseEncodingDirection": "j-",
    "PhaseEncodingSteps": 74,
    "PhaseResolution": 1,
    "PixelBandwidth": 2330,
    "ProcedureStepDescription": "SMITH_SRNDNA",
    "ProtocolName": "func-bold_task-UG_run1",
    "PulseSequenceDetails": "%SiemensSeq%_ep2d_bold",
    "ReceiveCoilActiveElements": "HE1-4;NE1,2",
    "ReceiveCoilName": "HeadNeck_20",
    "ReconMatrixPE": 74,
    "RepetitionTime": 2.02,
    "SAR": 0.107359,
    "ScanOptions": "FS",
    "ScanningSequence": "EP",
    "SequenceName": "_epfid2d1_74",
    "SequenceVariant": "SK",
    "SeriesDescription": "func-bold_task-UG_run1",
    "SeriesNumber": 17,
    "ShimSetting": [
      1481,
      -7497,
      6528,
      399,
      206,
      -89,
      -341,
      129
    ],
    "SliceThickness": 2.8,
    "SliceTiming": [
      1.945,
      1.8875,
      1.8325,
      1.7775,
      1.7225,
      1.665,
      1.61,
      1.555,
      1.5,
      1.445,
      1.3875,
      1.3325,
      1.2775,
      1.2225,
      1.165,
      1.11,
      1.055,
      1,
      0.945,
      0.8875,
      0.8325,
      0.7775,
      0.7225,
      0.665,
      0.61,
      0.555,
      0.5,
      0.445,
      0.3875,
      0.3325,
      0.2775,
      0.2225,
      0.165,
      0.11,
      0.055,
      0
    ],
    "SoftwareVersions": "syngo_MR_E11",
    "SpacingBetweenSlices": 3.22,
    "StationName": "AWP166048",
    "TaskName": "ultimatum",
    "TotalReadoutTime": 0.0357695,
    "TxRefAmp": 300.213,
    "dataset": "<unset>",
    "modality": "bold",
    "run_id": 2,
    "subject_id": "142",
    "task_id": "ultimatum"
  },
  "dummy_trs": 2,
  "dvars_nstd": 37.82021142969543,
  "dvars_std": 1.2986272939086283,
  "dvars_vstd": 1.0188648741624367,
  "efc": 0.5372714772310434,
  "fber": 1624.810791015625,
  "fd_mean": 0.329757140638288,
  "fd_num": 140,
  "fd_perc": 70.70707070707071,
  "fwhm_avg": 1.7992829450817514,
  "fwhm_x": 1.7138602412532542,
  "fwhm_y": 1.9173737028563658,
  "fwhm_z": 1.7666148911356345,
  "gcor": 0.0134812,
  "gsr_x": -0.031073756515979767,
  "gsr_y": 0.04378402978181839,
  "provenance": {
    "md5sum": "4414241335d3c4e8af1b035cc3e6f4e5",
    "settings": {
      "fd_thres": 0.2,
      "testing": false
    },
    "software": "mriqc",
    "version": "22.0.6",
    "webapi_port": null,
    "webapi_url": "https://mriqc.nimh.nih.gov/api/v1"
  },
  "size_t": 198,
  "size_x": 74,
  "size_y": 74,
  "size_z": 36,
  "snr": 6.057589219119237,
  "spacing_tr": 2.0199999809265137,
  "spacing_x": 2.972972869873047,
  "spacing_y": 2.972972869873047,
  "spacing_z": 3.2200000286102295,
  "summary_bg_k": 28.270354010414252,
  "summary_bg_mad": 9.195128153784825,
  "summary_bg_mean": 42.358482360839844,
  "summary_bg_median": 17.106060028076172,
  "summary_bg_n": 120324.0,
  "summary_bg_p05": 8.535353660583496,
  "summary_bg_p95": 153.65000457763662,
  "summary_bg_stdv": 73.72521209716797,
  "summary_fg_k": 1.6786143929150157,
  "summary_fg_mad": 105.29470998791662,
  "summary_fg_mean": 726.5067138671875,
  "summary_fg_median": 708.3636474609375,
  "summary_fg_n": 38663.0,
  "summary_fg_p05": 577.6671875,
  "summary_fg_p95": 939.0449645996093,
  "summary_fg_stdv": 116.93669891357422,
  "tsnr": 62.60106492834166
}