{
  "aor": 0.00119115,
  "aqi": 0.00781382035,
  "bids_meta": {
    "AcquisitionMatrixPE": 74,
    "AcquisitionNumber": 1,
    "AcquisitionTime": "12:15:56.762500",
    "BandwidthPerPixelPhaseEncode": 27.579,
    "BaseResolution": 74,
    "BodyPartExamined": "BRAIN",
    "CogAtlasID": "http://www.cognitiveatlas.org/task/id/TODO",
    "CoilString": "HE1-4;NE1_2",
    "ConsistencyInfo": "N4_VE11C_LATEST_20160120",
    "ConversionSoftware": "dcm2niix",
    "ConversionSoftwareVersion": "v1.0.20190410  GCC6.3.0",
    "DerivedVendorReportedEchoSpacing": 0.000489993,
    "DeviceSerialNumber": "166048",
    "DwellTime": 2.9e-06,
    "EchoTime": 0.023,
    "EchoTrainLength": 74,
    "EffectiveEchoSpacing": 0.000489993,
    "FlipAngle": 76,
    "ImageOrientationPatientDICOM": [
      1,
      0,
      0,
      0,
      0.94721,
      -0.320613
    ],
    "ImageType": [
      "ORIGINAL",
      "PRIMARY",
      "M",
      "ND",
      "NORM",
      "MOSAIC"
    ],
    "ImagingFrequency": 123.245,
    "InPlanePhaseEncodingDirectionDICOM": "COL",
    "InstitutionAddress": "North_13th_1701_Philadelphia_PA_US_19122",
    "InstitutionName": "Temple_University_-_Weiss_Hall",
    "InstitutionalDepartmentName": "Department",
    "MRAcquisitionType": "2D",
    "MagneticFieldStrength": 3,
    "Manufacturer": "Siemens",
    "ManufacturersModelName": "Prisma",
    "Modality": "MR",
    "PartialFourier": 1,
    "PatientPosition": "HFS",
    "PercentPhaseFOV": 100,
    "PhaseEncodingDirection": "j-",
    "PhaseEncodingSteps": 74,
    "PhaseResolution": 1,
    "PixelBandwidth": 2330,
    "ProcedureStepDescription": "SMITH_SRNDNA",
    "ProtocolName": "func-bold_task-reward_run1",
    "PulseSequenceDetails": "%SiemensSeq%_ep2d_bold",
    "ReceiveCoilActiveElements": "HE1-4;NE1,2",
    "ReceiveCoilName": "HeadNeck_20",
    "ReconMatrixPE": 74,
    "RepetitionTime": 2.02,
    "SAR": 0.107363,
    "ScanOptions": "FS",
    "ScanningSequence": "EP",
    "SequenceName": "_epfid2d1_74",
    "SequenceVariant": "SK",
    "SeriesDescription": "func-bold_task-reward_run1",
    "SeriesNumber": 15,
    "ShimSetting": [
      1481,
      -7497,
      6528,
      399,
      206,
      -89,
      -341,
      129
    ],
    "SliceThickness": 2.8,
    "SliceTiming": [
      1.9425,
      1.8875,
      1.8325,
      1.7775,
      1.72,
      1.665,
      1.61,
      1.555,
      1.5,
      1.4425,
      1.3875,
      1.3325,
      1.2775,
      1.22,
      1.165,
      1.11,
      1.055,
      1,
      0.9425,
      0.8875,
      0.8325,
      0.7775,
      0.72,
      0.665,
      0.61,
      0.555,
      0.5,
      0.4425,
      0.3875,
      0.3325,
      0.2775,
      0.22,
      0.165,
      0.11,
      0.055,
      0
    ],
    "SoftwareVersions": "syngo_MR_E11",
    "SpacingBetweenSlices": 3.22,
    "StationName": "AWP166048",
    "TaskName": "sharedreward",
    "TotalReadoutTime": 0.0357695,
    "TxRefAmp": 300.213,
    "dataset": "<unset>",
    "modality": "bold",
    "run_id": 2,
    "subject_id": "142",
    "task_id": "sharedreward"
  },
  "dummy_trs": 2,
  "dvars_nstd": 36.7998628855276,
  "dvars_std": 1.2913535838190953,
  "dvars_vstd": 0.9868493368341718,
  "efc": 0.5368063415623208,
  "fber": 1622.2032470703125,
  "fd_mean": 0.2910223715038397,
  "fd_num": 143,
  "fd_perc": 71.5,
  "fwhm_avg": 1.7960461109568868,
  "fwhm_x": 1.7073381501179834,
  "fwhm_y": 1.9127722481513367,
  "fwhm_z": 1.7680279346013401,
  "gcor": 0.0113453,
  "gsr_x": -0.031208088621497154,
  "gsr_y": 0.04398828372359276,
  "provenance": {
    "md5sum": "b36de4a26afc11c9e59528b662bb9a85",
    "settings": {
      "fd_thres": 0.2,
      "testing": false
    },
    "software": "mriqc",
    "version": "22.0.6",
    "webapi_port": null,
    "webapi_url": "https://mriqc.nimh.nih.gov/api/v1"
  },
  "size_t": 200,
  "size_x": 74,
  "size_y": 74,
  "size_z": 36,
  "snr": 6.080013591148589,
  "spacing_tr": 2.0199999809265137,
  "spacing_x": 2.972972869873047,
  "spacing_y": 2.972972869873047,
  "spacing_z": 3.2200000286102295,
  "summary_bg_k": 28.798486614020543,
  "summary_bg_mad": 9.08094000226647,
  "summary_bg_mean": 41.65921401977539,
  "summary_bg_median": 17.100000381469727,
  "summary_bg_n": 120171.0,
  "summary_bg_p05": 8.524999618530273,
  "summary_bg_p95": 150.6624984741211,
  "summary_bg_stdv": 72.11812591552734,
  "summary_fg_k": 1.689896228296882,
  "summary_fg_mad": 105.00161009865027,
  "summary_fg_mean": 727.4037475585938,
  "summary_fg_median": 709.6799926757812,
  "summary_fg_n": 38756.0,
  "summary_fg_p05": 578.8399658203125,
  "summary_fg_p95": 940.3249969482422,
  "summary_fg_stdv": 116.72191619873047,
  "tsnr": 69.12693292438053
}