{
  "bids_meta": {
    "AcquisitionMatrixPE": 192,
    "AcquisitionNumber": 1,
    "AcquisitionTime": "17:17:40.570000",
    "BaseResolution": 192,
    "BodyPartExamined": "BRAIN",
    "CoilString": "HE1-4;NE1_2",
    "ConsistencyInfo": "N4_VE11C_LATEST_20160120",
    "ConversionSoftware": "dcm2niix",
    "ConversionSoftwareVersion": "v1.0.20190410  GCC6.3.0",
    "DeviceSerialNumber": "166048",
    "DwellTime": 3.5e-06,
    "EchoTime": 0.567,
    "EchoTrainLength": 314,
    "FlipAngle": 120,
    "ImageOrientationPatientDICOM": [
      0,
      1,
      0,
      0,
      0,
      -1
    ],
    "ImageType": [
      "ORIGINAL",
      "PRIMARY",
      "M",
      "ND",
      "NORM"
    ],
    "ImagingFrequency": 123.246,
    "InPlanePhaseEncodingDirectionDICOM": "ROW",
    "InstitutionAddress": "North_13th_1701_Philadelphia_PA_US_19122",
    "InstitutionName": "Temple_University_-_Weiss_Hall",
    "InstitutionalDepartmentName": "Department",
    "MRAcquisitionType": "3D",
    "MagneticFieldStrength": 3,
    "Manufacturer": "Siemens",
    "ManufacturersModelName": "Prisma",
    "Modality": "MR",
    "PartialFourier": 1,
    "PatientPosition": "HFS",
    "PercentPhaseFOV": 100,
    "PhaseEncodingSteps": 209,
    "PhaseOversampling": 0.1,
    "PhaseResolution": 1,
    "PixelBandwidth": 745,
    "ProcedureStepDescription": "SMITH_SRNDNA",
    "ProtocolName": "T2w-anat_spc_07sag_iso",
    "PulseSequenceDetails": "%SiemensSeq%_tse_vfl",
    "ReceiveCoilActiveElements": "HE1-4;NE1,2",
    "ReceiveCoilName": "HeadNeck_20",
    "ReconMatrixPE": 192,
    "RefLinesPE": 32,
    "RepetitionTime": 3.2,
    "SAR": 0.140318,
    "ScanOptions": "PFP",
    "ScanningSequence": "SE",
    "SequenceName": "_spc_314ns",
    "SequenceVariant": "SK_SP_OSP",
    "SeriesDescription": "T2w-anat_spc_07sag_iso",
    "SeriesNumber": 4,
    "ShimSetting": [
      1414,
      -7404,
      6428,
      369,
      62,
      -302,
      -34,
      28
    ],
    "SliceThickness": 1,
    "SoftwareVersions": "syngo_MR_E11",
    "StationName": "AWP166048",
    "TxRefAmp": 249.625,
    "dataset": "<unset>",
    "modality": "T2w",
    "subject_id": "125"
  },
  "cjv": 0.3630276496973211,
  "cnr": 2.1687855206120994,
  "efc": 0.5917366758322722,
  "fber": 6572.635923734386,
  "fwhm_avg": 2.5621433333333337,
  "fwhm_x": 2.46071,
  "fwhm_y": 2.83324,
  "fwhm_z": 2.39248,
  "icvs_csf": 0.328888526543527,
  "icvs_gm": 0.1450369806439994,
  "icvs_wm": 0.5260744928124736,
  "inu_med": 0.9034241139888763,
  "inu_range": 0.21060325503349286,
  "provenance": {
    "md5sum": "392ff83974d6031acce90df5da76873a",
    "settings": {
      "testing": false
    },
    "software": "mriqc",
    "version": "22.0.6",
    "warnings": {
      "large_rot_frame": true,
      "small_air_mask": false
    },
    "webapi_port": null,
    "webapi_url": "https://mriqc.nimh.nih.gov/api/v1"
  },
  "qi_1": 0.001008802594893795,
  "qi_2": 0.0007381920701575897,
  "rpve_csf": 10.377934826810831,
  "rpve_gm": 30.616079601903714,
  "rpve_wm": 7.928841710076626,
  "size_x": 192,
  "size_y": 192,
  "size_z": 192,
  "snr_csf": 8.796102940519175,
  "snr_gm": 3.183840617698172,
  "snr_total": 7.141184870365042,
  "snr_wm": 9.44361105287778,
  "snrd_csf": 60.955288327769246,
  "snrd_gm": 110.48887223471732,
  "snrd_total": 68.74513368129386,
  "snrd_wm": 34.79124048139506,
  "spacing_x": 1.0,
  "spacing_y": 1.0,
  "spacing_z": 1.0,
  "summary_bg_k": 127.99443417296447,
  "summary_bg_mad": 0.0,
  "summary_bg_mean": 9.305595730312545,
  "summary_bg_median": 0.0,
  "summary_bg_n": 1338191.0,
  "summary_bg_p05": 0.0,
  "summary_bg_p95": 38.80005003511906,
  "summary_bg_stdv": 18.83166580121876,
  "summary_csf_k": 0.9220678653191876,
  "summary_csf_mad": 188.8861345923844,
  "summary_csf_mean": 1763.6475839881814,
  "summary_csf_median": 1752.1383617296815,
  "summary_csf_n": 22546.0,
  "summary_csf_p05": 1467.6614773068577,
  "summary_csf_p95": 2105.538018738851,
  "summary_csf_stdv": 199.1904274176521,
  "summary_gm_k": 1.7423346443332557,
  "summary_gm_mad": 689.3815527667563,
  "summary_gm_mean": 2868.222041748838,
  "summary_gm_median": 3175.9638400152326,
  "summary_gm_n": 18461.0,
  "summary_gm_p05": 253.13003888726234,
  "summary_gm_p95": 3776.1249973475933,
  "summary_gm_stdv": 997.4989963380172,
  "summary_wm_k": 0.7235904614051036,
  "summary_wm_mad": 100.53098090200365,
  "summary_wm_mean": 1001.3907569147664,
  "summary_wm_median": 1000.0619925186038,
  "summary_wm_n": 203628.0,
  "summary_wm_p05": 831.4119347780943,
  "summary_wm_p95": 1174.538255855441,
  "summary_wm_stdv": 105.89800144306302,
  "tpm_overlap_csf": 0.12082412125772204,
  "tpm_overlap_gm": 0.08725088008659933,
  "tpm_overlap_wm": 0.4684014581722555,
  "wm2max": 0.26777835649361664
}