{
  "bids_meta": {
    "AcquisitionMatrixPE": 192,
    "AcquisitionNumber": 1,
    "AcquisitionTime": "17:21:43.275000",
    "BaseResolution": 192,
    "BodyPartExamined": "BRAIN",
    "CoilString": "HE1-4;NE1_2",
    "ConsistencyInfo": "N4_VE11C_LATEST_20160120",
    "ConversionSoftware": "dcm2niix",
    "ConversionSoftwareVersion": "v1.0.20190410  GCC6.3.0",
    "DeviceSerialNumber": "166048",
    "DwellTime": 1.24e-05,
    "EchoTime": 0.0022,
    "FlipAngle": 8,
    "ImageOrientationPatientDICOM": [
      0,
      1,
      0,
      0,
      0,
      -1
    ],
    "ImageType": [
      "ORIGINAL",
      "PRIMARY",
      "M",
      "ND",
      "NORM",
      "FM3",
      "2",
      "FIL"
    ],
    "ImagingFrequency": 123.246,
    "InPlanePhaseEncodingDirectionDICOM": "ROW",
    "InstitutionAddress": "North_13th_1701_Philadelphia_PA_US_19122",
    "InstitutionName": "Temple_University_-_Weiss_Hall",
    "InstitutionalDepartmentName": "Department",
    "InversionTime": 1.15,
    "MRAcquisitionType": "3D",
    "MagneticFieldStrength": 3,
    "Manufacturer": "Siemens",
    "ManufacturersModelName": "Prisma",
    "Modality": "MR",
    "PartialFourier": 1,
    "PatientPosition": "HFS",
    "PercentPhaseFOV": 100,
    "PhaseEncodingSteps": 211,
    "PhaseOversampling": 0.1,
    "PhaseResolution": 1,
    "PixelBandwidth": 210,
    "ProcedureStepDescription": "SMITH_SRNDNA",
    "ProtocolName": "T1w-anat_mpg_07sag_iso",
    "PulseSequenceDetails": "%SiemensSeq%_tfl",
    "ReceiveCoilActiveElements": "HE1-4;NE1,2",
    "ReceiveCoilName": "HeadNeck_20",
    "ReconMatrixPE": 192,
    "RefLinesPE": 32,
    "RepetitionTime": 2.4,
    "SAR": 0.0381996,
    "ScanOptions": "IR_WE",
    "ScanningSequence": "GR_IR",
    "SequenceName": "_tfl3d1_16ns",
    "SequenceVariant": "SK_SP_MP_OSP",
    "SeriesDescription": "T1w-anat_mpg_07sag_iso",
    "SeriesNumber": 6,
    "ShimSetting": [
      1414,
      -7404,
      6428,
      369,
      62,
      -302,
      -34,
      28
    ],
    "SliceThickness": 1,
    "SoftwareVersions": "syngo_MR_E11",
    "StationName": "AWP166048",
    "TxRefAmp": 249.625,
    "dataset": "<unset>",
    "modality": "T1w",
    "subject_id": "125"
  },
  "cjv": 0.3145369845814524,
  "cnr": 4.103039897902427,
  "efc": 0.6129477118457518,
  "fber": 37295.55354358432,
  "fwhm_avg": 3.9885033333333326,
  "fwhm_x": 3.85655,
  "fwhm_y": 4.05906,
  "fwhm_z": 4.0499,
  "icvs_csf": 0.2090885632018994,
  "icvs_gm": 0.4418045265920315,
  "icvs_wm": 0.3491069102060691,
  "inu_med": 0.36945784091949463,
  "inu_range": 0.11584757268428802,
  "provenance": {
    "md5sum": "e72bee9e878ccdbf79de7a6539f444e6",
    "settings": {
      "testing": false
    },
    "software": "mriqc",
    "version": "22.0.6",
    "warnings": {
      "large_rot_frame": true,
      "small_air_mask": false
    },
    "webapi_port": null,
    "webapi_url": "https://mriqc.nimh.nih.gov/api/v1"
  },
  "qi_1": 0.0,
  "qi_2": 0.008119330364162755,
  "rpve_csf": 17.173464159639146,
  "rpve_gm": 8.587877085779398,
  "rpve_wm": 12.61212155546683,
  "size_x": 192,
  "size_y": 192,
  "size_z": 192,
  "snr_csf": 2.401997041391477,
  "snr_gm": 12.243823434711068,
  "snr_total": 15.444933599164239,
  "snr_wm": 31.688980321390176,
  "snrd_csf": 30.362331864251203,
  "snrd_gm": 91.37979054630362,
  "snrd_total": 82.64474109872816,
  "snrd_wm": 126.19210088562964,
  "spacing_x": 1.0,
  "spacing_y": 1.0,
  "spacing_z": 1.0,
  "summary_bg_k": 1855.44045024733,
  "summary_bg_mad": 0.0,
  "summary_bg_mean": 2.9302009278914443,
  "summary_bg_median": 0.0,
  "summary_bg_n": 1352914.0,
  "summary_bg_p05": 0.0,
  "summary_bg_p95": 12.121697388589382,
  "summary_bg_stdv": 5.1917879447177055,
  "summary_csf_k": 1.1713403745001019,
  "summary_csf_mad": 82.08835356264235,
  "summary_csf_mean": 257.6240333938357,
  "summary_csf_median": 240.6136928834021,
  "summary_csf_n": 24620.0,
  "summary_csf_p05": 124.016365881823,
  "summary_csf_p95": 459.14729391466824,
  "summary_csf_stdv": 100.1703175058817,
  "summary_gm_k": 0.2346064328011761,
  "summary_gm_mad": 56.969554622050566,
  "summary_gm_mean": 723.9839003979703,
  "summary_gm_median": 724.1614035628736,
  "summary_gm_n": 37689.0,
  "summary_gm_p05": 625.1075331531465,
  "summary_gm_p95": 820.3948790356517,
  "summary_gm_stdv": 59.14425345112518,
  "summary_wm_k": 0.8465185954987624,
  "summary_wm_mad": 29.804478081811983,
  "summary_wm_mean": 1000.783988484191,
  "summary_wm_median": 1000.040034558624,
  "summary_wm_n": 171528.0,
  "summary_wm_p05": 950.7531329654157,
  "summary_wm_p95": 1052.5403861278667,
  "summary_wm_stdv": 31.557882561044924,
  "tpm_overlap_csf": 0.1666383356011094,
  "tpm_overlap_gm": 0.4810818167355333,
  "tpm_overlap_wm": 0.5245074317068256,
  "wm2max": 0.9049851567591051
}