{
  "aor": 0.0023237688442211057,
  "aqi": 0.006699479949748744,
  "bids_meta": {
    "AcquisitionMatrixPE": 74,
    "AcquisitionNumber": 1,
    "AcquisitionTime": "15:53:46.000000",
    "BandwidthPerPixelPhaseEncode": 27.579,
    "BaseResolution": 74,
    "BodyPartExamined": "BRAIN",
    "CogAtlasID": "http://www.cognitiveatlas.org/task/id/TODO",
    "CoilString": "HE1-4;NE1_2",
    "ConsistencyInfo": "N4_VE11C_LATEST_20160120",
    "ConversionSoftware": "dcm2niix",
    "ConversionSoftwareVersion": "v1.0.20190410  GCC6.3.0",
    "DerivedVendorReportedEchoSpacing": 0.000489993,
    "DeviceSerialNumber": "166048",
    "DwellTime": 2.9e-06,
    "EchoTime": 0.023,
    "EchoTrainLength": 74,
    "EffectiveEchoSpacing": 0.000489993,
    "FlipAngle": 76,
    "ImageOrientationPatientDICOM": [
      1,
      0,
      0,
      0,
      0.970716,
      -0.240228
    ],
    "ImageType": [
      "ORIGINAL",
      "PRIMARY",
      "M",
      "ND",
      "NORM",
      "MOSAIC"
    ],
    "ImagingFrequency": 123.246,
    "InPlanePhaseEncodingDirectionDICOM": "COL",
    "InstitutionAddress": "North_13th_1701_Philadelphia_PA_US_19122",
    "InstitutionName": "Temple_University_-_Weiss_Hall",
    "InstitutionalDepartmentName": "Department",
    "MRAcquisitionType": "2D",
    "MagneticFieldStrength": 3,
    "Manufacturer": "Siemens",
    "ManufacturersModelName": "Prisma",
    "Modality": "MR",
    "PartialFourier": 1,
    "PatientPosition": "HFS",
    "PercentPhaseFOV": 100,
    "PhaseEncodingDirection": "j-",
    "PhaseEncodingSteps": 74,
    "PhaseResolution": 1,
    "PixelBandwidth": 2330,
    "ProcedureStepDescription": "SMITH_SRNDNA",
    "ProtocolName": "func-bold_task-UG_run1",
    "PulseSequenceDetails": "%SiemensSeq%_ep2d_bold",
    "ReceiveCoilActiveElements": "HE1-4;NE1,2",
    "ReceiveCoilName": "HeadNeck_20",
    "ReconMatrixPE": 74,
    "RepetitionTime": 2.02,
    "SAR": 0.151317,
    "ScanOptions": "FS",
    "ScanningSequence": "EP",
    "SequenceName": "_epfid2d1_74",
    "SequenceVariant": "SK",
    "SeriesDescription": "func-bold_task-UG_run1",
    "SeriesNumber": 15,
    "ShimSetting": [
      1386,
      -7434,
      6596,
      194,
      7,
      82,
      66,
      -15
    ],
    "SliceThickness": 2.8,
    "SliceTiming": [
      1.945,
      1.8875,
      1.8325,
      1.7775,
      1.7225,
      1.6675,
      1.61,
      1.555,
      1.5,
      1.445,
      1.3875,
      1.3325,
      1.2775,
      1.2225,
      1.1675,
      1.11,
      1.055,
      1,
      0.945,
      0.8875,
      0.8325,
      0.7775,
      0.7225,
      0.6675,
      0.61,
      0.555,
      0.5,
      0.445,
      0.39,
      0.3325,
      0.2775,
      0.2225,
      0.1675,
      0.11,
      0.055,
      0
    ],
    "SoftwareVersions": "syngo_MR_E11",
    "SpacingBetweenSlices": 3.22,
    "StationName": "AWP166048",
    "TaskName": "ultimatum",
    "TotalReadoutTime": 0.0357695,
    "TxRefAmp": 304.996,
    "dataset": "<unset>",
    "modality": "bold",
    "run_id": 2,
    "subject_id": "154",
    "task_id": "ultimatum"
  },
  "dummy_trs": 1,
  "dvars_nstd": 35.2711779470202,
  "dvars_std": 1.452997480757576,
  "dvars_vstd": 1.0106995954040405,
  "efc": 0.4958704788513409,
  "fber": 1488.7891845703125,
  "fd_mean": 0.22609810838492378,
  "fd_num": 99,
  "fd_perc": 49.74874371859296,
  "fwhm_avg": 1.8456216622636423,
  "fwhm_x": 1.7707426977713394,
  "fwhm_y": 1.9774078867564768,
  "fwhm_z": 1.7887144022631107,
  "gcor": 0.00885431,
  "gsr_x": -0.03167405724525452,
  "gsr_y": 0.019932277500629425,
  "provenance": {
    "md5sum": "22e19828b0ba211d82290145ff4f9067",
    "settings": {
      "fd_thres": 0.2,
      "testing": false
    },
    "software": "mriqc",
    "version": "22.0.6",
    "webapi_port": null,
    "webapi_url": "https://mriqc.nimh.nih.gov/api/v1"
  },
  "size_t": 199,
  "size_x": 74,
  "size_y": 74,
  "size_z": 36,
  "snr": 5.928347287302316,
  "spacing_tr": 2.0199999809265137,
  "spacing_x": 2.972972869873047,
  "spacing_y": 2.972972869873047,
  "spacing_z": 3.2199997901916504,
  "summary_bg_k": 45.447858725518294,
  "summary_bg_mad": 6.578580751131721,
  "summary_bg_mean": 26.302602767944336,
  "summary_bg_median": 12.597990036010742,
  "summary_bg_n": 129774.0,
  "summary_bg_p05": 6.944723606109619,
  "summary_bg_p95": 82.7889404296875,
  "summary_bg_stdv": 43.18776321411133,
  "summary_fg_k": 2.4637520303452654,
  "summary_fg_mad": 74.54360890119938,
  "summary_fg_mean": 516.08203125,
  "summary_fg_median": 503.5527648925781,
  "summary_fg_n": 30690.0,
  "summary_fg_p05": 410.8633148193359,
  "summary_fg_p95": 667.2941955566406,
  "summary_fg_stdv": 84.93843841552734,
  "tsnr": 77.88802606519312
}