{
  "aor": 0.0010247000000000001,
  "aqi": 0.00758217165,
  "bids_meta": {
    "AcquisitionMatrixPE": 74,
    "AcquisitionNumber": 1,
    "AcquisitionTime": "15:29:20.695000",
    "BandwidthPerPixelPhaseEncode": 27.579,
    "BaseResolution": 74,
    "BodyPartExamined": "BRAIN",
    "CogAtlasID": "http://www.cognitiveatlas.org/task/id/TODO",
    "CoilString": "HE1-4;NE1_2",
    "ConsistencyInfo": "N4_VE11C_LATEST_20160120",
    "ConversionSoftware": "dcm2niix",
    "ConversionSoftwareVersion": "v1.0.20190410  GCC6.3.0",
    "DerivedVendorReportedEchoSpacing": 0.000489993,
    "DeviceSerialNumber": "166048",
    "DwellTime": 2.9e-06,
    "EchoTime": 0.023,
    "EchoTrainLength": 74,
    "EffectiveEchoSpacing": 0.000489993,
    "FlipAngle": 76,
    "ImageOrientationPatientDICOM": [
      1,
      0,
      0,
      0,
      0.970716,
      -0.240228
    ],
    "ImageType": [
      "ORIGINAL",
      "PRIMARY",
      "M",
      "ND",
      "NORM",
      "MOSAIC"
    ],
    "ImagingFrequency": 123.246,
    "InPlanePhaseEncodingDirectionDICOM": "COL",
    "InstitutionAddress": "North_13th_1701_Philadelphia_PA_US_19122",
    "InstitutionName": "Temple_University_-_Weiss_Hall",
    "InstitutionalDepartmentName": "Department",
    "MRAcquisitionType": "2D",
    "MagneticFieldStrength": 3,
    "Manufacturer": "Siemens",
    "ManufacturersModelName": "Prisma",
    "Modality": "MR",
    "PartialFourier": 1,
    "PatientPosition": "HFS",
    "PercentPhaseFOV": 100,
    "PhaseEncodingDirection": "j-",
    "PhaseEncodingSteps": 74,
    "PhaseResolution": 1,
    "PixelBandwidth": 2330,
    "ProcedureStepDescription": "SMITH_SRNDNA",
    "ProtocolName": "func-bold_task-reward_run0",
    "PulseSequenceDetails": "%SiemensSeq%_ep2d_bold",
    "ReceiveCoilActiveElements": "HE1-4;NE1,2",
    "ReceiveCoilName": "HeadNeck_20",
    "ReconMatrixPE": 74,
    "RepetitionTime": 2.02,
    "SAR": 0.151323,
    "ScanOptions": "FS",
    "ScanningSequence": "EP",
    "SequenceName": "_epfid2d1_74",
    "SequenceVariant": "SK",
    "SeriesDescription": "func-bold_task-reward_run0",
    "SeriesNumber": 12,
    "ShimSetting": [
      1386,
      -7434,
      6596,
      194,
      7,
      82,
      66,
      -15
    ],
    "SliceThickness": 2.8,
    "SliceTiming": [
      1.945,
      1.8875,
      1.8325,
      1.7775,
      1.7225,
      1.6675,
      1.61,
      1.555,
      1.5,
      1.445,
      1.3875,
      1.3325,
      1.2775,
      1.2225,
      1.1675,
      1.11,
      1.055,
      1,
      0.945,
      0.8875,
      0.8325,
      0.7775,
      0.7225,
      0.6675,
      0.61,
      0.555,
      0.5,
      0.445,
      0.3875,
      0.3325,
      0.2775,
      0.2225,
      0.1675,
      0.11,
      0.055,
      0
    ],
    "SoftwareVersions": "syngo_MR_E11",
    "SpacingBetweenSlices": 3.22,
    "StationName": "AWP166048",
    "TaskName": "sharedreward",
    "TotalReadoutTime": 0.0357695,
    "TxRefAmp": 304.996,
    "dataset": "<unset>",
    "modality": "bold",
    "run_id": 1,
    "subject_id": "154",
    "task_id": "sharedreward"
  },
  "dummy_trs": 2,
  "dvars_nstd": 35.243810155226136,
  "dvars_std": 1.4240448973869357,
  "dvars_vstd": 0.9787093704020106,
  "efc": 0.49518768151896514,
  "fber": 1529.516357421875,
  "fd_mean": 0.1923786435747748,
  "fd_num": 74,
  "fd_perc": 37.0,
  "fwhm_avg": 1.8492917022768882,
  "fwhm_x": 1.785028061903106,
  "fwhm_y": 1.9757227048798547,
  "fwhm_z": 1.7871243400477046,
  "gcor": 0.0108493,
  "gsr_x": -0.030612237751483917,
  "gsr_y": 0.02354181371629238,
  "provenance": {
    "md5sum": "588574551f81892a780a5c51e1e8b24a",
    "settings": {
      "fd_thres": 0.2,
      "testing": false
    },
    "software": "mriqc",
    "version": "22.0.6",
    "webapi_port": null,
    "webapi_url": "https://mriqc.nimh.nih.gov/api/v1"
  },
  "size_t": 200,
  "size_x": 74,
  "size_y": 74,
  "size_z": 36,
  "snr": 5.918020996302808,
  "spacing_tr": 2.0199999809265137,
  "spacing_x": 2.972972869873047,
  "spacing_y": 2.972972869873047,
  "spacing_z": 3.2199997901916504,
  "summary_bg_k": 48.998698744599395,
  "summary_bg_mad": 6.5753400472773365,
  "summary_bg_mean": 25.712871551513672,
  "summary_bg_median": 12.444999694824219,
  "summary_bg_n": 129352.0,
  "summary_bg_p05": 6.799999713897705,
  "summary_bg_p95": 78.93949851989743,
  "summary_bg_stdv": 42.53240966796875,
  "summary_fg_k": 2.3871185018213685,
  "summary_fg_mad": 75.50149987922616,
  "summary_fg_mean": 516.0003662109375,
  "summary_fg_median": 503.91497802734375,
  "summary_fg_n": 30845.0,
  "summary_fg_p05": 408.72998046875,
  "summary_fg_p95": 665.4890014648437,
  "summary_fg_stdv": 85.14785766601562,
  "tsnr": 73.86991745478008
}