{
  "aor": 0.006965771144278607,
  "aqi": 0.012771350796019898,
  "bids_meta": {
    "AcquisitionMatrixPE": 74,
    "AcquisitionNumber": 1,
    "AcquisitionTime": "15:36:38.210000",
    "BandwidthPerPixelPhaseEncode": 27.579,
    "BaseResolution": 74,
    "BodyPartExamined": "BRAIN",
    "CogAtlasID": "http://www.cognitiveatlas.org/task/id/TODO",
    "CoilString": "HE1-4;NE1_2",
    "ConsistencyInfo": "N4_VE11C_LATEST_20160120",
    "ConversionSoftware": "dcm2niix",
    "ConversionSoftwareVersion": "v1.0.20190410  GCC6.3.0",
    "DerivedVendorReportedEchoSpacing": 0.000489993,
    "DeviceSerialNumber": "166048",
    "DwellTime": 2.9e-06,
    "EchoTime": 0.023,
    "EchoTrainLength": 74,
    "EffectiveEchoSpacing": 0.000489993,
    "FlipAngle": 76,
    "ImageOrientationPatientDICOM": [
      1,
      0,
      0,
      0,
      0.970716,
      -0.240228
    ],
    "ImageType": [
      "ORIGINAL",
      "PRIMARY",
      "M",
      "ND",
      "NORM",
      "MOSAIC"
    ],
    "ImagingFrequency": 123.246,
    "InPlanePhaseEncodingDirectionDICOM": "COL",
    "InstitutionAddress": "North_13th_1701_Philadelphia_PA_US_19122",
    "InstitutionName": "Temple_University_-_Weiss_Hall",
    "InstitutionalDepartmentName": "Department",
    "MRAcquisitionType": "2D",
    "MagneticFieldStrength": 3,
    "Manufacturer": "Siemens",
    "ManufacturersModelName": "Prisma",
    "Modality": "MR",
    "PartialFourier": 1,
    "PatientPosition": "HFS",
    "PercentPhaseFOV": 100,
    "PhaseEncodingDirection": "j-",
    "PhaseEncodingSteps": 74,
    "PhaseResolution": 1,
    "PixelBandwidth": 2330,
    "ProcedureStepDescription": "SMITH_SRNDNA",
    "ProtocolName": "func-bold_task-reward_run1",
    "PulseSequenceDetails": "%SiemensSeq%_ep2d_bold",
    "ReceiveCoilActiveElements": "HE1-4;NE1,2",
    "ReceiveCoilName": "HeadNeck_20",
    "ReconMatrixPE": 74,
    "RepetitionTime": 2.02,
    "SAR": 0.151323,
    "ScanOptions": "FS",
    "ScanningSequence": "EP",
    "SequenceName": "_epfid2d1_74",
    "SequenceVariant": "SK",
    "SeriesDescription": "func-bold_task-reward_run1",
    "SeriesNumber": 13,
    "ShimSetting": [
      1386,
      -7434,
      6596,
      194,
      7,
      82,
      66,
      -15
    ],
    "SliceThickness": 2.8,
    "SliceTiming": [
      1.945,
      1.89,
      1.8325,
      1.7775,
      1.7225,
      1.6675,
      1.61,
      1.555,
      1.5,
      1.445,
      1.39,
      1.3325,
      1.2775,
      1.2225,
      1.1675,
      1.1125,
      1.055,
      1,
      0.945,
      0.89,
      0.8325,
      0.7775,
      0.7225,
      0.6675,
      0.6125,
      0.555,
      0.5,
      0.445,
      0.39,
      0.3325,
      0.2775,
      0.2225,
      0.1675,
      0.1125,
      0.055,
      0
    ],
    "SoftwareVersions": "syngo_MR_E11",
    "SpacingBetweenSlices": 3.22,
    "StationName": "AWP166048",
    "TaskName": "sharedreward",
    "TotalReadoutTime": 0.0357695,
    "TxRefAmp": 304.996,
    "dataset": "<unset>",
    "modality": "bold",
    "run_id": 2,
    "subject_id": "154",
    "task_id": "sharedreward"
  },
  "dummy_trs": 1,
  "dvars_nstd": 38.04714895240001,
  "dvars_std": 1.4107785392499994,
  "dvars_vstd": 1.0360033044499997,
  "efc": 0.495199904127927,
  "fber": 1519.6568603515625,
  "fd_mean": 0.31080769954613346,
  "fd_num": 134,
  "fd_perc": 66.66666666666667,
  "fwhm_avg": 1.8666443823941534,
  "fwhm_x": 1.7952636077126107,
  "fwhm_y": 1.9940948873351665,
  "fwhm_z": 1.810574652134683,
  "gcor": 0.0148358,
  "gsr_x": -0.03069678321480751,
  "gsr_y": 0.022830700501799583,
  "provenance": {
    "md5sum": "09b5f16a0daeb10da82ea6c026fe5909",
    "settings": {
      "fd_thres": 0.2,
      "testing": false
    },
    "software": "mriqc",
    "version": "22.0.6",
    "webapi_port": null,
    "webapi_url": "https://mriqc.nimh.nih.gov/api/v1"
  },
  "size_t": 201,
  "size_x": 74,
  "size_y": 74,
  "size_z": 36,
  "snr": 5.9437980990846695,
  "spacing_tr": 2.0199999809265137,
  "spacing_x": 2.972972869873047,
  "spacing_y": 2.972972869873047,
  "spacing_z": 3.2199997901916504,
  "summary_bg_k": 50.095115600743206,
  "summary_bg_mad": 6.513123340599993,
  "summary_bg_mean": 25.673826217651367,
  "summary_bg_median": 12.46766185760498,
  "summary_bg_n": 129388.0,
  "summary_bg_p05": 6.8855719566345215,
  "summary_bg_p95": 78.34154357910154,
  "summary_bg_stdv": 42.172908782958984,
  "summary_fg_k": 2.3161732229981933,
  "summary_fg_mad": 75.54633809939642,
  "summary_fg_mean": 516.0621337890625,
  "summary_fg_median": 504.08953857421875,
  "summary_fg_n": 30777.0,
  "summary_fg_p05": 408.9691528320312,
  "summary_fg_p95": 666.3233642578124,
  "summary_fg_stdv": 84.80795288085938,
  "tsnr": 54.87679020734504
}