{
  "bids_meta": {
    "AcquisitionMatrixPE": 192,
    "AcquisitionNumber": 1,
    "AcquisitionTime": "15:06:53.267500",
    "BaseResolution": 192,
    "BodyPartExamined": "HEAD",
    "CoilString": "HE1-4;NE1_2",
    "ConsistencyInfo": "N4_VE11C_LATEST_20160120",
    "ConversionSoftware": "dcm2niix",
    "ConversionSoftwareVersion": "v1.0.20190410  GCC6.3.0",
    "DeviceSerialNumber": "166048",
    "DwellTime": 1.24e-05,
    "EchoTime": 0.0022,
    "FlipAngle": 8,
    "ImageOrientationPatientDICOM": [
      0,
      1,
      0,
      0,
      0,
      -1
    ],
    "ImageType": [
      "ORIGINAL",
      "PRIMARY",
      "M",
      "ND",
      "NORM",
      "FM3",
      "2",
      "FIL"
    ],
    "ImagingFrequency": 123.246,
    "InPlanePhaseEncodingDirectionDICOM": "ROW",
    "InstitutionAddress": "North_13th_1701_Philadelphia_PA_US_19122",
    "InstitutionName": "Temple_University_-_Weiss_Hall",
    "InstitutionalDepartmentName": "Department",
    "InversionTime": 1.15,
    "MRAcquisitionType": "3D",
    "MagneticFieldStrength": 3,
    "Manufacturer": "Siemens",
    "ManufacturersModelName": "Prisma",
    "Modality": "MR",
    "PartialFourier": 1,
    "PatientPosition": "HFS",
    "PercentPhaseFOV": 100,
    "PhaseEncodingSteps": 211,
    "PhaseOversampling": 0.1,
    "PhaseResolution": 1,
    "PixelBandwidth": 210,
    "ProcedureStepDescription": "SMITH_SRNDNA",
    "ProtocolName": "T1w-anat_mpg_07sag_iso",
    "PulseSequenceDetails": "%SiemensSeq%_tfl",
    "ReceiveCoilActiveElements": "HE1-4;NE1,2",
    "ReceiveCoilName": "HeadNeck_20",
    "ReconMatrixPE": 192,
    "RefLinesPE": 32,
    "RepetitionTime": 2.4,
    "SAR": 0.0562218,
    "ScanOptions": "IR_WE",
    "ScanningSequence": "GR_IR",
    "SequenceName": "_tfl3d1_16ns",
    "SequenceVariant": "SK_SP_MP_OSP",
    "SeriesDescription": "T1w-anat_mpg_07sag_iso",
    "SeriesNumber": 5,
    "ShimSetting": [
      1445,
      -7381,
      6435,
      135,
      -19,
      -118,
      -42,
      66
    ],
    "SliceThickness": 1,
    "SoftwareVersions": "syngo_MR_E11",
    "StationName": "AWP166048",
    "TxRefAmp": 285.422,
    "dataset": "<unset>",
    "modality": "T1w",
    "subject_id": "111"
  },
  "cjv": 0.4203724267469704,
  "cnr": 3.19484811729433,
  "efc": 0.6554522574326505,
  "fber": -1.0,
  "fwhm_avg": 4.0627033333333324,
  "fwhm_x": 3.97267,
  "fwhm_y": 4.09484,
  "fwhm_z": 4.1206,
  "icvs_csf": 0.3090738377600156,
  "icvs_gm": 0.34487066783754683,
  "icvs_wm": 0.34605549440243755,
  "inu_med": 0.471271276473999,
  "inu_range": 0.1692047044634819,
  "provenance": {
    "md5sum": "716854e59d57e2dd4d5b7df4d22f1395",
    "settings": {
      "testing": false
    },
    "software": "mriqc",
    "version": "22.0.6",
    "warnings": {
      "large_rot_frame": true,
      "small_air_mask": false
    },
    "webapi_port": null,
    "webapi_url": "https://mriqc.nimh.nih.gov/api/v1"
  },
  "qi_1": 7.087507087507088e-06,
  "qi_2": 0.006507879985874485,
  "rpve_csf": 10.160244219579699,
  "rpve_gm": 7.942965043035274,
  "rpve_wm": 9.603748495821268,
  "size_x": 192,
  "size_y": 192,
  "size_z": 192,
  "snr_csf": 3.333714604453776,
  "snr_gm": 13.311385050320213,
  "snr_total": 13.371588669709153,
  "snr_wm": 23.46966635435347,
  "snrd_csf": 23.8160378618776,
  "snrd_gm": 73.04703897621138,
  "snrd_total": 63.92977794383768,
  "snrd_wm": 94.92625699342403,
  "spacing_x": 1.0,
  "spacing_y": 1.0,
  "spacing_z": 1.0,
  "summary_bg_k": 2959.821979014833,
  "summary_bg_mad": 0.0,
  "summary_bg_mean": 2.782984099937201,
  "summary_bg_median": 0.0,
  "summary_bg_n": 1499743.0,
  "summary_bg_p05": 0.0,
  "summary_bg_p95": 13.42484887689352,
  "summary_bg_stdv": 6.902011672858564,
  "summary_csf_k": 3.023493060917965,
  "summary_csf_mad": 53.98493464349423,
  "summary_csf_mean": 261.61666900338724,
  "summary_csf_median": 250.90740084648132,
  "summary_csf_n": 125511.0,
  "summary_csf_p05": 164.2275490425527,
  "summary_csf_p95": 413.0991192534566,
  "summary_csf_stdv": 75.26331167215535,
  "summary_gm_k": 0.49072861128634626,
  "summary_gm_mad": 54.67483796162195,
  "summary_gm_mean": 766.640552358368,
  "summary_gm_median": 769.5672468841076,
  "summary_gm_n": 11696.0,
  "summary_gm_p05": 666.1412339378148,
  "summary_gm_p95": 855.5200163181871,
  "summary_gm_stdv": 57.8102387193545,
  "summary_wm_k": 0.4000419432881501,
  "summary_wm_mad": 42.22208306941657,
  "summary_wm_mean": 1000.635518494256,
  "summary_wm_median": 1000.0698081031442,
  "summary_wm_n": 199397.0,
  "summary_wm_p05": 932.3406311869621,
  "summary_wm_p95": 1069.962782151997,
  "summary_wm_stdv": 42.61105740768878,
  "tpm_overlap_csf": 0.162363854716855,
  "tpm_overlap_gm": 0.3810195342519804,
  "tpm_overlap_wm": 0.46922482798605897,
  "wm2max": 0.8668539078905768
}