{
  "aor": 0.0011038613861386142,
  "aqi": 0.004145107227722772,
  "bids_meta": {
    "AcquisitionMatrixPE": 74,
    "AcquisitionNumber": 1,
    "AcquisitionTime": "13:27:18.485000",
    "BandwidthPerPixelPhaseEncode": 27.579,
    "BaseResolution": 74,
    "BodyPartExamined": "BRAIN",
    "CogAtlasID": "http://www.cognitiveatlas.org/task/id/TODO",
    "CoilString": "HE1-4;NE1_2",
    "ConsistencyInfo": "N4_VE11C_LATEST_20160120",
    "ConversionSoftware": "dcm2niix",
    "ConversionSoftwareVersion": "v1.0.20190410  GCC6.3.0",
    "DerivedVendorReportedEchoSpacing": 0.000489993,
    "DeviceSerialNumber": "166048",
    "DwellTime": 2.9e-06,
    "EchoTime": 0.023,
    "EchoTrainLength": 74,
    "EffectiveEchoSpacing": 0.000489993,
    "FlipAngle": 76,
    "ImageOrientationPatientDICOM": [
      1,
      0,
      0,
      0,
      0.962218,
      -0.27228
    ],
    "ImageType": [
      "ORIGINAL",
      "PRIMARY",
      "M",
      "ND",
      "NORM",
      "MOSAIC"
    ],
    "ImagingFrequency": 123.246,
    "InPlanePhaseEncodingDirectionDICOM": "COL",
    "InstitutionAddress": "North_13th_1701_Philadelphia_PA_US_19122",
    "InstitutionName": "Temple_University_-_Weiss_Hall",
    "InstitutionalDepartmentName": "Department",
    "MRAcquisitionType": "2D",
    "MagneticFieldStrength": 3,
    "Manufacturer": "Siemens",
    "ManufacturersModelName": "Prisma",
    "Modality": "MR",
    "PartialFourier": 1,
    "PatientPosition": "HFS",
    "PercentPhaseFOV": 100,
    "PhaseEncodingDirection": "j-",
    "PhaseEncodingSteps": 74,
    "PhaseResolution": 1,
    "PixelBandwidth": 2330,
    "ProcedureStepDescription": "SMITH_SRNDNA",
    "ProtocolName": "func-bold_task-reward_run1",
    "PulseSequenceDetails": "%SiemensSeq%_ep2d_bold",
    "ReceiveCoilActiveElements": "HE1-4;NE1,2",
    "ReceiveCoilName": "HeadNeck_20",
    "ReconMatrixPE": 74,
    "RepetitionTime": 2.02,
    "SAR": 0.10465,
    "ScanOptions": "FS",
    "ScanningSequence": "EP",
    "SequenceName": "_epfid2d1_74",
    "SequenceVariant": "SK",
    "SeriesDescription": "func-bold_task-reward_run1",
    "SeriesNumber": 15,
    "ShimSetting": [
      1457,
      -7349,
      6583,
      407,
      104,
      176,
      -74,
      67
    ],
    "SliceThickness": 2.8,
    "SliceTiming": [
      1.945,
      1.8875,
      1.8325,
      1.7775,
      1.7225,
      1.6675,
      1.61,
      1.555,
      1.5,
      1.445,
      1.3875,
      1.3325,
      1.2775,
      1.2225,
      1.1675,
      1.11,
      1.055,
      1,
      0.945,
      0.8875,
      0.8325,
      0.7775,
      0.7225,
      0.6675,
      0.61,
      0.555,
      0.5,
      0.445,
      0.3875,
      0.3325,
      0.2775,
      0.2225,
      0.1675,
      0.11,
      0.055,
      0
    ],
    "SoftwareVersions": "syngo_MR_E11",
    "SpacingBetweenSlices": 3.22,
    "StationName": "AWP166048",
    "TaskName": "sharedreward",
    "TotalReadoutTime": 0.0357695,
    "TxRefAmp": 282.475,
    "dataset": "<unset>",
    "modality": "bold",
    "run_id": 2,
    "subject_id": "155",
    "task_id": "sharedreward"
  },
  "dummy_trs": 0,
  "dvars_nstd": 19.523257022985078,
  "dvars_std": 1.2725360823880592,
  "dvars_vstd": 1.010999654129353,
  "efc": 0.5462725492448416,
  "fber": 1551.1092529296875,
  "fd_mean": 0.09346508677668473,
  "fd_num": 7,
  "fd_perc": 3.4653465346534653,
  "fwhm_avg": 1.7810914504798203,
  "fwhm_x": 1.7371702420616233,
  "fwhm_y": 1.9111879753691232,
  "fwhm_z": 1.6949161340087144,
  "gcor": 0.0210889,
  "gsr_x": -0.0126702431589365,
  "gsr_y": 0.047964535653591156,
  "provenance": {
    "md5sum": "33770d2a3265072a8f589530388fdcdb",
    "settings": {
      "fd_thres": 0.2,
      "testing": false
    },
    "software": "mriqc",
    "version": "22.0.6",
    "webapi_port": null,
    "webapi_url": "https://mriqc.nimh.nih.gov/api/v1"
  },
  "size_t": 202,
  "size_x": 74,
  "size_y": 74,
  "size_z": 36,
  "snr": 6.381342779845046,
  "spacing_tr": 2.0199999809265137,
  "spacing_x": 2.972972869873047,
  "spacing_y": 2.972972869873047,
  "spacing_z": 3.2200000286102295,
  "summary_bg_k": 15.765228254025967,
  "summary_bg_mad": 10.392893429500978,
  "summary_bg_mean": 53.661964416503906,
  "summary_bg_median": 19.321781158447266,
  "summary_bg_n": 120791.0,
  "summary_bg_p05": 10.12871265411377,
  "summary_bg_p95": 235.32425689697266,
  "summary_bg_stdv": 86.21078491210938,
  "summary_fg_k": 2.4529753498240217,
  "summary_fg_mad": 113.14017689112812,
  "summary_fg_mean": 784.2899169921875,
  "summary_fg_median": 774.6386108398438,
  "summary_fg_n": 37298.0,
  "summary_fg_p05": 619.0358947753906,
  "summary_fg_p95": 985.4158325195312,
  "summary_fg_stdv": 121.38953399658203,
  "tsnr": 93.50760206114501
}