{
  "aor": 0.0019250251256281408,
  "aqi": 0.006790436030150755,
  "bids_meta": {
    "AcquisitionMatrixPE": 74,
    "AcquisitionNumber": 1,
    "AcquisitionTime": "13:37:18.162500",
    "BandwidthPerPixelPhaseEncode": 27.579,
    "BaseResolution": 74,
    "BodyPartExamined": "BRAIN",
    "CogAtlasID": "http://www.cognitiveatlas.org/task/id/TODO",
    "CoilString": "HE1-4;NE1_2",
    "ConsistencyInfo": "N4_VE11C_LATEST_20160120",
    "ConversionSoftware": "dcm2niix",
    "ConversionSoftwareVersion": "v1.0.20190410  GCC6.3.0",
    "DerivedVendorReportedEchoSpacing": 0.000489993,
    "DeviceSerialNumber": "166048",
    "DwellTime": 2.9e-06,
    "EchoTime": 0.023,
    "EchoTrainLength": 74,
    "EffectiveEchoSpacing": 0.000489993,
    "FlipAngle": 76,
    "ImageOrientationPatientDICOM": [
      1,
      0,
      0,
      0,
      0.962218,
      -0.27228
    ],
    "ImageType": [
      "ORIGINAL",
      "PRIMARY",
      "M",
      "ND",
      "NORM",
      "MOSAIC"
    ],
    "ImagingFrequency": 123.246,
    "InPlanePhaseEncodingDirectionDICOM": "COL",
    "InstitutionAddress": "North_13th_1701_Philadelphia_PA_US_19122",
    "InstitutionName": "Temple_University_-_Weiss_Hall",
    "InstitutionalDepartmentName": "Department",
    "MRAcquisitionType": "2D",
    "MagneticFieldStrength": 3,
    "Manufacturer": "Siemens",
    "ManufacturersModelName": "Prisma",
    "Modality": "MR",
    "PartialFourier": 1,
    "PatientPosition": "HFS",
    "PercentPhaseFOV": 100,
    "PhaseEncodingDirection": "j-",
    "PhaseEncodingSteps": 74,
    "PhaseResolution": 1,
    "PixelBandwidth": 2330,
    "ProcedureStepDescription": "SMITH_SRNDNA",
    "ProtocolName": "func-bold_task-UG_run0",
    "PulseSequenceDetails": "%SiemensSeq%_ep2d_bold",
    "ReceiveCoilActiveElements": "HE1-4;NE1,2",
    "ReceiveCoilName": "HeadNeck_20",
    "ReconMatrixPE": 74,
    "RepetitionTime": 2.02,
    "SAR": 0.104646,
    "ScanOptions": "FS",
    "ScanningSequence": "EP",
    "SequenceName": "_epfid2d1_74",
    "SequenceVariant": "SK",
    "SeriesDescription": "func-bold_task-UG_run0",
    "SeriesNumber": 16,
    "ShimSetting": [
      1457,
      -7349,
      6583,
      407,
      104,
      176,
      -74,
      67
    ],
    "SliceThickness": 2.8,
    "SliceTiming": [
      1.945,
      1.89,
      1.835,
      1.7775,
      1.7225,
      1.6675,
      1.6125,
      1.5575,
      1.5,
      1.445,
      1.39,
      1.335,
      1.2775,
      1.2225,
      1.1675,
      1.1125,
      1.0575,
      1,
      0.945,
      0.89,
      0.835,
      0.7775,
      0.7225,
      0.6675,
      0.6125,
      0.5575,
      0.5,
      0.445,
      0.39,
      0.335,
      0.2775,
      0.2225,
      0.1675,
      0.1125,
      0.0575,
      0
    ],
    "SoftwareVersions": "syngo_MR_E11",
    "SpacingBetweenSlices": 3.22,
    "StationName": "AWP166048",
    "TaskName": "ultimatum",
    "TotalReadoutTime": 0.0357695,
    "TxRefAmp": 282.475,
    "dataset": "<unset>",
    "modality": "bold",
    "run_id": 1,
    "subject_id": "155",
    "task_id": "ultimatum"
  },
  "dummy_trs": 1,
  "dvars_nstd": 19.804991519797976,
  "dvars_std": 1.2420780083333334,
  "dvars_vstd": 0.9870400928282834,
  "efc": 0.5484071309309951,
  "fber": 1514.4285888671875,
  "fd_mean": 0.08216108438870862,
  "fd_num": 4,
  "fd_perc": 2.0100502512562812,
  "fwhm_avg": 1.8031752654098847,
  "fwhm_x": 1.756437151820691,
  "fwhm_y": 1.9536942495704737,
  "fwhm_z": 1.6993943948384898,
  "gcor": 0.0162719,
  "gsr_x": -0.012640110217034817,
  "gsr_y": 0.05094420164823532,
  "provenance": {
    "md5sum": "c54c43e348ae457ea13b27478dc60df9",
    "settings": {
      "fd_thres": 0.2,
      "testing": false
    },
    "software": "mriqc",
    "version": "22.0.6",
    "webapi_port": null,
    "webapi_url": "https://mriqc.nimh.nih.gov/api/v1"
  },
  "size_t": 199,
  "size_x": 74,
  "size_y": 74,
  "size_z": 36,
  "snr": 6.369834926619837,
  "spacing_tr": 2.0199999809265137,
  "spacing_x": 2.972972869873047,
  "spacing_y": 2.972972869873047,
  "spacing_z": 3.2200000286102295,
  "summary_bg_k": 15.277791983082096,
  "summary_bg_mad": 10.89973413943198,
  "summary_bg_mean": 53.97319030761719,
  "summary_bg_median": 19.517587661743164,
  "summary_bg_n": 120583.0,
  "summary_bg_p05": 9.793970108032227,
  "summary_bg_p95": 235.39145050048825,
  "summary_bg_stdv": 85.7726821899414,
  "summary_fg_k": 2.2303522956091397,
  "summary_fg_mad": 113.18442692072097,
  "summary_fg_mean": 781.5255126953125,
  "summary_fg_median": 772.542724609375,
  "summary_fg_n": 37611.0,
  "summary_fg_p05": 614.145751953125,
  "summary_fg_p95": 982.4999694824219,
  "summary_fg_stdv": 121.27982330322266,
  "tsnr": 78.80236209696159
}