{
  "bids_meta": {
    "AcquisitionMatrixPE": 192,
    "AcquisitionNumber": 1,
    "AcquisitionTime": "12:30:0.365000",
    "BaseResolution": 192,
    "BodyPartExamined": "BRAIN",
    "CoilString": "HE1-4;NE1_2",
    "ConsistencyInfo": "N4_VE11C_LATEST_20160120",
    "ConversionSoftware": "dcm2niix",
    "ConversionSoftwareVersion": "v1.0.20190410  GCC6.3.0",
    "DeviceSerialNumber": "166048",
    "DwellTime": 1.24e-05,
    "EchoTime": 0.0022,
    "FlipAngle": 8,
    "ImageOrientationPatientDICOM": [
      0,
      1,
      0,
      0,
      0,
      -1
    ],
    "ImageType": [
      "ORIGINAL",
      "PRIMARY",
      "M",
      "ND",
      "NORM",
      "FM3",
      "2",
      "FIL"
    ],
    "ImagingFrequency": 123.246,
    "InPlanePhaseEncodingDirectionDICOM": "ROW",
    "InstitutionAddress": "North_13th_1701_Philadelphia_PA_US_19122",
    "InstitutionName": "Temple_University_-_Weiss_Hall",
    "InstitutionalDepartmentName": "Department",
    "InversionTime": 1.15,
    "MRAcquisitionType": "3D",
    "MagneticFieldStrength": 3,
    "Manufacturer": "Siemens",
    "ManufacturersModelName": "Prisma",
    "Modality": "MR",
    "PartialFourier": 1,
    "PatientPosition": "HFS",
    "PercentPhaseFOV": 100,
    "PhaseEncodingSteps": 211,
    "PhaseOversampling": 0.1,
    "PhaseResolution": 1,
    "PixelBandwidth": 210,
    "ProcedureStepDescription": "SMITH_SRNDNA",
    "ProtocolName": "T1w-anat_mpg_07sag_iso",
    "PulseSequenceDetails": "%SiemensSeq%_tfl",
    "ReceiveCoilActiveElements": "HE1-4;NE1,2",
    "ReceiveCoilName": "HeadNeck_20",
    "ReconMatrixPE": 192,
    "RefLinesPE": 32,
    "RepetitionTime": 2.4,
    "SAR": 0.0507741,
    "ScanOptions": "IR_WE",
    "ScanningSequence": "GR_IR",
    "SequenceName": "_tfl3d1_16ns",
    "SequenceVariant": "SK_SP_MP_OSP",
    "SeriesDescription": "T1w-anat_mpg_07sag_iso",
    "SeriesNumber": 5,
    "ShimSetting": [
      1444,
      -7444,
      6504,
      240,
      48,
      -262,
      32,
      8
    ],
    "SliceThickness": 1,
    "SoftwareVersions": "syngo_MR_E11",
    "StationName": "AWP166048",
    "TxRefAmp": 282.475,
    "dataset": "<unset>",
    "modality": "T1w",
    "subject_id": "155"
  },
  "cjv": 0.3189698686785697,
  "cnr": 4.098547990718101,
  "efc": 0.6402695635701833,
  "fber": 21767.723734567902,
  "fwhm_avg": 4.105903333333334,
  "fwhm_x": 4.02376,
  "fwhm_y": 4.19174,
  "fwhm_z": 4.10221,
  "icvs_csf": 0.20646748531704592,
  "icvs_gm": 0.44291327990053114,
  "icvs_wm": 0.3506192347824229,
  "inu_med": 0.4105605483055115,
  "inu_range": 0.16244620531797405,
  "provenance": {
    "md5sum": "f693d8943f2f88fbc0488a4ad7f331f8",
    "settings": {
      "testing": false
    },
    "software": "mriqc",
    "version": "22.0.6",
    "warnings": {
      "large_rot_frame": true,
      "small_air_mask": false
    },
    "webapi_port": null,
    "webapi_url": "https://mriqc.nimh.nih.gov/api/v1"
  },
  "qi_1": 0.0,
  "qi_2": 0.01028833794216406,
  "rpve_csf": 15.755886979003764,
  "rpve_gm": 7.759909566494599,
  "rpve_wm": 11.27153312503821,
  "size_x": 192,
  "size_y": 192,
  "size_z": 192,
  "snr_csf": 2.4189110133818867,
  "snr_gm": 11.899471572186005,
  "snr_total": 14.726050039753636,
  "snr_wm": 29.859767533693017,
  "snrd_csf": 32.26174748808428,
  "snrd_gm": 93.83409670968402,
  "snrd_total": 85.67791605109198,
  "snrd_wm": 130.93790395550766,
  "spacing_x": 1.0,
  "spacing_y": 1.0,
  "spacing_z": 1.0,
  "summary_bg_k": 10.386901125274573,
  "summary_bg_mad": 5.003632026521632,
  "summary_bg_mean": 4.207972168664769,
  "summary_bg_median": 3.3748985156416893,
  "summary_bg_n": 1353278.0,
  "summary_bg_p05": 0.0,
  "summary_bg_p95": 15.121298544108868,
  "summary_bg_stdv": 5.640770928974712,
  "summary_csf_k": 1.1317197198184585,
  "summary_csf_mad": 89.91916645064036,
  "summary_csf_mean": 256.2549875224621,
  "summary_csf_median": 246.4004640299827,
  "summary_csf_n": 29474.0,
  "summary_csf_p05": 106.79800607971848,
  "summary_csf_p95": 442.81298316270113,
  "summary_csf_stdv": 101.8624838484461,
  "summary_gm_k": 0.2493116192229743,
  "summary_gm_mad": 57.63924165616477,
  "summary_gm_mean": 715.7723648436848,
  "summary_gm_median": 716.6618912890553,
  "summary_gm_n": 46420.0,
  "summary_gm_p05": 614.9547223858535,
  "summary_gm_p95": 814.1230433909218,
  "summary_gm_stdv": 60.22571402247834,
  "summary_wm_k": 0.6558082661036009,
  "summary_wm_mad": 32.75104599177795,
  "summary_wm_mean": 1000.611702918116,
  "summary_wm_median": 1000.043791975826,
  "summary_wm_n": 194560.0,
  "summary_wm_p05": 946.9220127426088,
  "summary_wm_p95": 1054.6119562871754,
  "summary_wm_stdv": 33.491259462426996,
  "tpm_overlap_csf": 0.16838421080317398,
  "tpm_overlap_gm": 0.47296051208426626,
  "tpm_overlap_wm": 0.5163308338618345,
  "wm2max": 0.8951157316594743
}