{
  "bids_meta": {
    "AcquisitionMatrixPE": 192,
    "AcquisitionNumber": 1,
    "AcquisitionTime": "12:25:53.360000",
    "BaseResolution": 192,
    "BodyPartExamined": "BRAIN",
    "CoilString": "HE1-4;NE1_2",
    "ConsistencyInfo": "N4_VE11C_LATEST_20160120",
    "ConversionSoftware": "dcm2niix",
    "ConversionSoftwareVersion": "v1.0.20190410  GCC6.3.0",
    "DeviceSerialNumber": "166048",
    "DwellTime": 3.5e-06,
    "EchoTime": 0.567,
    "EchoTrainLength": 314,
    "FlipAngle": 120,
    "ImageOrientationPatientDICOM": [
      0,
      1,
      0,
      0,
      0,
      -1
    ],
    "ImageType": [
      "ORIGINAL",
      "PRIMARY",
      "M",
      "ND",
      "NORM"
    ],
    "ImagingFrequency": 123.246,
    "InPlanePhaseEncodingDirectionDICOM": "ROW",
    "InstitutionAddress": "North_13th_1701_Philadelphia_PA_US_19122",
    "InstitutionName": "Temple_University_-_Weiss_Hall",
    "InstitutionalDepartmentName": "Department",
    "MRAcquisitionType": "3D",
    "MagneticFieldStrength": 3,
    "Manufacturer": "Siemens",
    "ManufacturersModelName": "Prisma",
    "Modality": "MR",
    "PartialFourier": 1,
    "PatientPosition": "HFS",
    "PercentPhaseFOV": 100,
    "PhaseEncodingSteps": 209,
    "PhaseOversampling": 0.1,
    "PhaseResolution": 1,
    "PixelBandwidth": 745,
    "ProcedureStepDescription": "SMITH_SRNDNA",
    "ProtocolName": "T2w-anat_spc_07sag_iso",
    "PulseSequenceDetails": "%SiemensSeq%_tse_vfl",
    "ReceiveCoilActiveElements": "HE1-4;NE1,2",
    "ReceiveCoilName": "HeadNeck_20",
    "ReconMatrixPE": 192,
    "RefLinesPE": 32,
    "RepetitionTime": 3.2,
    "SAR": 0.186508,
    "ScanOptions": "PFP",
    "ScanningSequence": "SE",
    "SequenceName": "_spc_314ns",
    "SequenceVariant": "SK_SP_OSP",
    "SeriesDescription": "T2w-anat_spc_07sag_iso",
    "SeriesNumber": 3,
    "ShimSetting": [
      1444,
      -7444,
      6504,
      240,
      48,
      -262,
      32,
      8
    ],
    "SliceThickness": 1,
    "SoftwareVersions": "syngo_MR_E11",
    "StationName": "AWP166048",
    "TxRefAmp": 282.475,
    "dataset": "<unset>",
    "modality": "T2w",
    "subject_id": "155"
  },
  "cjv": 0.32951365779928615,
  "cnr": 1.8006275272496755,
  "efc": 0.6057512137624421,
  "fber": 5013.464888302385,
  "fwhm_avg": 2.52866,
  "fwhm_x": 2.45985,
  "fwhm_y": 2.76906,
  "fwhm_z": 2.35707,
  "icvs_csf": 0.3129231584592925,
  "icvs_gm": 0.552574597495657,
  "icvs_wm": 0.1345022440450505,
  "inu_med": 0.933734118938446,
  "inu_range": 0.24741700291633606,
  "provenance": {
    "md5sum": "9546b938a998c9c9422660dd3f44ac6c",
    "settings": {
      "testing": false
    },
    "software": "mriqc",
    "version": "22.0.6",
    "warnings": {
      "large_rot_frame": true,
      "small_air_mask": false
    },
    "webapi_port": null,
    "webapi_url": "https://mriqc.nimh.nih.gov/api/v1"
  },
  "qi_1": 0.0,
  "qi_2": 0.001977176985222329,
  "rpve_csf": 9.526343496320488,
  "rpve_gm": 6.809449843147773,
  "rpve_wm": 28.735075204195475,
  "size_x": 192,
  "size_y": 192,
  "size_z": 192,
  "snr_csf": 8.386077892457372,
  "snr_gm": 8.743280119221232,
  "snr_total": 6.587158379394963,
  "snr_wm": 2.632117126506284,
  "snrd_csf": 86.97087873433766,
  "snrd_gm": 49.475048898230135,
  "snrd_total": 98.19606083505408,
  "snrd_wm": 158.1422548725945,
  "spacing_x": 1.0,
  "spacing_y": 1.0,
  "spacing_z": 1.0,
  "summary_bg_k": 6.133979851023765,
  "summary_bg_mad": 0.0,
  "summary_bg_mean": 2.7892753168422826,
  "summary_bg_median": 0.0,
  "summary_bg_n": 1324187.0,
  "summary_bg_p05": 0.0,
  "summary_bg_p95": 11.89136797748506,
  "summary_bg_stdv": 4.143346072466731,
  "summary_csf_k": 1.2268354652020514,
  "summary_csf_mad": 59.51979413183265,
  "summary_csf_mean": 554.7851115325293,
  "summary_csf_median": 550.0388145474717,
  "summary_csf_n": 23572.0,
  "summary_csf_p05": 458.4093257356435,
  "summary_csf_p95": 670.6091384092346,
  "summary_csf_stdv": 65.58812764084526,
  "summary_gm_k": 0.2118833872452579,
  "summary_gm_mad": 35.51918132535072,
  "summary_gm_mean": 312.9929486047867,
  "summary_gm_median": 312.9001068137586,
  "summary_gm_n": 236316.0,
  "summary_gm_p05": 254.83996920101345,
  "summary_gm_p95": 371.44521049410105,
  "summary_gm_stdv": 35.78742079733689,
  "summary_wm_k": -0.25698165052738187,
  "summary_wm_mad": 190.9407650356303,
  "summary_wm_mean": 823.8907431921555,
  "summary_wm_median": 1000.1552205272019,
  "summary_wm_n": 18961.0,
  "summary_wm_p05": 43.84093251079321,
  "summary_wm_p95": 1172.434566380456,
  "summary_wm_stdv": 379.9712543554675,
  "tpm_overlap_csf": 0.119897967449628,
  "tpm_overlap_gm": 0.341046975461831,
  "tpm_overlap_wm": 0.03677442620266881,
  "wm2max": 0.8745157505573672
}