{
  "bids_meta": {
    "AcquisitionMatrixPE": 192,
    "AcquisitionNumber": 1,
    "AcquisitionTime": "18:40:9.287500",
    "BaseResolution": 192,
    "BodyPartExamined": "BRAIN",
    "CoilString": "HE1-4;NE1_2",
    "ConsistencyInfo": "N4_VE11C_LATEST_20160120",
    "ConversionSoftware": "dcm2niix",
    "ConversionSoftwareVersion": "v1.0.20190410  GCC6.3.0",
    "DeviceSerialNumber": "166048",
    "DwellTime": 1.24e-05,
    "EchoTime": 0.0022,
    "FlipAngle": 8,
    "ImageOrientationPatientDICOM": [
      0,
      1,
      0,
      0,
      0,
      -1
    ],
    "ImageType": [
      "ORIGINAL",
      "PRIMARY",
      "M",
      "ND",
      "NORM",
      "FM3",
      "2",
      "FIL"
    ],
    "ImagingFrequency": 123.246,
    "InPlanePhaseEncodingDirectionDICOM": "ROW",
    "InstitutionAddress": "North_13th_1701_Philadelphia_PA_US_19122",
    "InstitutionName": "Temple_University_-_Weiss_Hall",
    "InstitutionalDepartmentName": "Department",
    "InversionTime": 1.15,
    "MRAcquisitionType": "3D",
    "MagneticFieldStrength": 3,
    "Manufacturer": "Siemens",
    "ManufacturersModelName": "Prisma",
    "Modality": "MR",
    "PartialFourier": 1,
    "PatientPosition": "HFS",
    "PercentPhaseFOV": 100,
    "PhaseEncodingSteps": 211,
    "PhaseOversampling": 0.1,
    "PhaseResolution": 1,
    "PixelBandwidth": 210,
    "ProcedureStepDescription": "SMITH_SRNDNA",
    "ProtocolName": "T1w-anat_mpg_07sag_iso",
    "PulseSequenceDetails": "%SiemensSeq%_tfl",
    "ReceiveCoilActiveElements": "HE1-4;NE1,2",
    "ReceiveCoilName": "HeadNeck_20",
    "ReconMatrixPE": 192,
    "RefLinesPE": 32,
    "RepetitionTime": 2.4,
    "SAR": 0.0453689,
    "ScanOptions": "IR_WE",
    "ScanningSequence": "GR_IR",
    "SequenceName": "_tfl3d1_16ns",
    "SequenceVariant": "SK_SP_MP_OSP",
    "SeriesDescription": "T1w-anat_mpg_07sag_iso",
    "SeriesNumber": 5,
    "ShimSetting": [
      1419,
      -7427,
      6463,
      303,
      -75,
      -222,
      52,
      55
    ],
    "SliceThickness": 1,
    "SoftwareVersions": "syngo_MR_E11",
    "StationName": "AWP166048",
    "TxRefAmp": 244.219,
    "dataset": "<unset>",
    "modality": "T1w",
    "subject_id": "115"
  },
  "cjv": 0.2980930212422313,
  "cnr": 4.482627080934785,
  "efc": 0.6097782328626291,
  "fber": 41724.31528529779,
  "fwhm_avg": 3.9504300000000003,
  "fwhm_x": 3.90303,
  "fwhm_y": 3.97439,
  "fwhm_z": 3.97387,
  "icvs_csf": 0.18790451925063184,
  "icvs_gm": 0.4567162929326908,
  "icvs_wm": 0.3553791878166774,
  "inu_med": 0.3813408762216568,
  "inu_range": 0.11671496033668521,
  "provenance": {
    "md5sum": "9328d97b25cf4bc8f35d595ddece8175",
    "settings": {
      "testing": false
    },
    "software": "mriqc",
    "version": "22.0.6",
    "warnings": {
      "large_rot_frame": true,
      "small_air_mask": false
    },
    "webapi_port": null,
    "webapi_url": "https://mriqc.nimh.nih.gov/api/v1"
  },
  "qi_1": 0.0,
  "qi_2": 0.0064810846456466184,
  "rpve_csf": 17.03670867900835,
  "rpve_gm": 7.7374589986401725,
  "rpve_wm": 11.480107999888592,
  "size_x": 192,
  "size_y": 192,
  "size_z": 192,
  "snr_csf": 2.328293029394695,
  "snr_gm": 12.49086092245296,
  "snr_total": 15.672637144142888,
  "snr_wm": 32.19875748058101,
  "snrd_csf": 29.601180556689112,
  "snrd_gm": 87.9253301095812,
  "snrd_total": 80.51322453907824,
  "snrd_wm": 124.01316295096443,
  "spacing_x": 1.0,
  "spacing_y": 1.0,
  "spacing_z": 1.0,
  "summary_bg_k": 64.08889421252474,
  "summary_bg_mad": 0.0,
  "summary_bg_mean": 3.2201283654079327,
  "summary_bg_median": 0.0,
  "summary_bg_n": 1406507.0,
  "summary_bg_p05": 0.0,
  "summary_bg_p95": 13.675347156822681,
  "summary_bg_stdv": 5.283003653943002,
  "summary_csf_k": 1.1841732587419038,
  "summary_csf_mad": 82.27345949324169,
  "summary_csf_mean": 254.37541408948513,
  "summary_csf_median": 238.7031846223399,
  "summary_csf_n": 22004.0,
  "summary_csf_p05": 114.66192504689099,
  "summary_csf_p95": 463.7691176977938,
  "summary_csf_stdv": 102.52049783295027,
  "summary_gm_k": 0.08782394452699016,
  "summary_gm_mad": 56.97303109424623,
  "summary_gm_mean": 708.5859103433648,
  "summary_gm_median": 709.027677660808,
  "summary_gm_n": 54646.0,
  "summary_gm_p05": 614.7117387517355,
  "summary_gm_p95": 800.105489725247,
  "summary_gm_stdv": 56.763196273749436,
  "summary_wm_k": 0.9017842079453362,
  "summary_wm_mad": 29.775432620683844,
  "summary_wm_mean": 1001.261039873255,
  "summary_wm_median": 1000.0390651579946,
  "summary_wm_n": 191781.0,
  "summary_wm_p05": 952.5074656829238,
  "summary_wm_p95": 1050.7550668995827,
  "summary_wm_stdv": 31.058231315771447,
  "tpm_overlap_csf": 0.15013003634576716,
  "tpm_overlap_gm": 0.468252197134618,
  "tpm_overlap_wm": 0.49952510815067136,
  "wm2max": 0.8981778013221904
}