{
  "bids_meta": {
    "AcquisitionMatrixPE": 192,
    "AcquisitionNumber": 1,
    "AcquisitionTime": "18:36:6.532500",
    "BaseResolution": 192,
    "BodyPartExamined": "BRAIN",
    "CoilString": "HE1-4;NE1_2",
    "ConsistencyInfo": "N4_VE11C_LATEST_20160120",
    "ConversionSoftware": "dcm2niix",
    "ConversionSoftwareVersion": "v1.0.20190410  GCC6.3.0",
    "DeviceSerialNumber": "166048",
    "DwellTime": 3.5e-06,
    "EchoTime": 0.567,
    "EchoTrainLength": 314,
    "FlipAngle": 120,
    "ImageOrientationPatientDICOM": [
      0,
      1,
      0,
      0,
      0,
      -1
    ],
    "ImageType": [
      "ORIGINAL",
      "PRIMARY",
      "M",
      "ND",
      "NORM"
    ],
    "ImagingFrequency": 123.246,
    "InPlanePhaseEncodingDirectionDICOM": "ROW",
    "InstitutionAddress": "North_13th_1701_Philadelphia_PA_US_19122",
    "InstitutionName": "Temple_University_-_Weiss_Hall",
    "InstitutionalDepartmentName": "Department",
    "MRAcquisitionType": "3D",
    "MagneticFieldStrength": 3,
    "Manufacturer": "Siemens",
    "ManufacturersModelName": "Prisma",
    "Modality": "MR",
    "PartialFourier": 1,
    "PatientPosition": "HFS",
    "PercentPhaseFOV": 100,
    "PhaseEncodingSteps": 209,
    "PhaseOversampling": 0.1,
    "PhaseResolution": 1,
    "PixelBandwidth": 745,
    "ProcedureStepDescription": "SMITH_SRNDNA",
    "ProtocolName": "T2w-anat_spc_07sag_iso",
    "PulseSequenceDetails": "%SiemensSeq%_tse_vfl",
    "ReceiveCoilActiveElements": "HE1-4;NE1,2",
    "ReceiveCoilName": "HeadNeck_20",
    "ReconMatrixPE": 192,
    "RefLinesPE": 32,
    "RepetitionTime": 3.2,
    "SAR": 0.166653,
    "ScanOptions": "PFP",
    "ScanningSequence": "SE",
    "SequenceName": "_spc_314ns",
    "SequenceVariant": "SK_SP_OSP",
    "SeriesDescription": "T2w-anat_spc_07sag_iso",
    "SeriesNumber": 3,
    "ShimSetting": [
      1419,
      -7427,
      6463,
      303,
      -75,
      -222,
      52,
      55
    ],
    "SliceThickness": 1,
    "SoftwareVersions": "syngo_MR_E11",
    "StationName": "AWP166048",
    "TxRefAmp": 244.219,
    "dataset": "<unset>",
    "modality": "T2w",
    "subject_id": "115"
  },
  "cjv": 0.3754388059511037,
  "cnr": 2.1325525999901074,
  "efc": 0.585450705081906,
  "fber": 5030.0301290578545,
  "fwhm_avg": 2.6117,
  "fwhm_x": 2.48835,
  "fwhm_y": 2.87948,
  "fwhm_z": 2.46727,
  "icvs_csf": 0.3712377332919456,
  "icvs_gm": 0.12502421106076875,
  "icvs_wm": 0.5037380556472857,
  "inu_med": 0.947676956653595,
  "inu_range": 0.1902902245521545,
  "provenance": {
    "md5sum": "7225df58aca7ddad475d491ab97b5d3c",
    "settings": {
      "testing": false
    },
    "software": "mriqc",
    "version": "22.0.6",
    "warnings": {
      "large_rot_frame": true,
      "small_air_mask": false
    },
    "webapi_port": null,
    "webapi_url": "https://mriqc.nimh.nih.gov/api/v1"
  },
  "qi_1": 1.681142815021916e-05,
  "qi_2": 0.0012576000535942373,
  "rpve_csf": 8.814671098902219,
  "rpve_gm": 32.792886980684074,
  "rpve_wm": 7.338606733528149,
  "size_x": 192,
  "size_y": 192,
  "size_z": 192,
  "snr_csf": 9.376167125634801,
  "snr_gm": 2.9771301626980793,
  "snr_total": 6.909414697805601,
  "snr_wm": 8.37494680508392,
  "snrd_csf": 62.150963554203045,
  "snrd_gm": 121.5488207652889,
  "snrd_total": 72.58089536904633,
  "snrd_wm": 34.04290178764703,
  "spacing_x": 1.0,
  "spacing_y": 1.0,
  "spacing_z": 1.0,
  "summary_bg_k": 10.364923799768134,
  "summary_bg_mad": 0.0,
  "summary_bg_mean": 12.616305326963099,
  "summary_bg_median": 0.0,
  "summary_bg_n": 1374232.0,
  "summary_bg_p05": 0.0,
  "summary_bg_p95": 46.0740218013525,
  "summary_bg_stdv": 19.24443425732562,
  "summary_csf_k": 0.8634402429907309,
  "summary_csf_mad": 184.46627675417716,
  "summary_csf_mean": 1829.981142776711,
  "summary_csf_median": 1825.665818825364,
  "summary_csf_n": 30740.0,
  "summary_csf_p05": 1527.69972377941,
  "summary_csf_p95": 2158.8411832343786,
  "summary_csf_stdv": 194.71027967413522,
  "summary_gm_k": 0.5857622681893737,
  "summary_gm_mad": 851.7141852469765,
  "summary_gm_mean": 3147.1581638635303,
  "summary_gm_median": 3570.459968753159,
  "summary_gm_n": 17240.0,
  "summary_gm_p05": 282.60116975754505,
  "summary_gm_p95": 4216.122354898975,
  "summary_gm_stdv": 1199.2611073452601,
  "summary_wm_k": 0.7632889203384341,
  "summary_wm_mad": 113.33624454454589,
  "summary_wm_mean": 1001.8515779215643,
  "summary_wm_median": 999.9999776855111,
  "summary_wm_n": 202728.0,
  "summary_wm_p05": 809.9619328081608,
  "summary_wm_p95": 1198.4780085384846,
  "summary_wm_stdv": 119.40344632596616,
  "tpm_overlap_csf": 0.119179261908387,
  "tpm_overlap_gm": 0.07654530437151622,
  "tpm_overlap_wm": 0.45397776715258303,
  "wm2max": 0.24095682613768962
}