{
  "bids_meta": {
    "AcquisitionMatrixPE": 192,
    "AcquisitionNumber": 1,
    "AcquisitionTime": "20:45:46.265000",
    "BaseResolution": 192,
    "BodyPartExamined": "BRAIN",
    "CoilString": "HE1-4;NE1_2",
    "ConsistencyInfo": "N4_VE11C_LATEST_20160120",
    "ConversionSoftware": "dcm2niix",
    "ConversionSoftwareVersion": "v1.0.20190410  GCC6.3.0",
    "DeviceSerialNumber": "166048",
    "DwellTime": 1.24e-05,
    "EchoTime": 0.0022,
    "FlipAngle": 8,
    "ImageOrientationPatientDICOM": [
      0,
      1,
      0,
      0,
      0,
      -1
    ],
    "ImageType": [
      "ORIGINAL",
      "PRIMARY",
      "M",
      "ND",
      "NORM",
      "FM3",
      "2",
      "FIL"
    ],
    "ImagingFrequency": 123.246,
    "InPlanePhaseEncodingDirectionDICOM": "ROW",
    "InstitutionAddress": "North_13th_1701_Philadelphia_PA_US_19122",
    "InstitutionName": "Temple_University_-_Weiss_Hall",
    "InstitutionalDepartmentName": "Department",
    "InversionTime": 1.15,
    "MRAcquisitionType": "3D",
    "MagneticFieldStrength": 3,
    "Manufacturer": "Siemens",
    "ManufacturersModelName": "Prisma",
    "Modality": "MR",
    "PartialFourier": 1,
    "PatientPosition": "HFS",
    "PercentPhaseFOV": 100,
    "PhaseEncodingSteps": 211,
    "PhaseOversampling": 0.1,
    "PhaseResolution": 1,
    "PixelBandwidth": 210,
    "ProcedureStepDescription": "SMITH_SRNDNA",
    "ProtocolName": "T1w-anat_mpg_07sag_iso",
    "PulseSequenceDetails": "%SiemensSeq%_tfl",
    "ReceiveCoilActiveElements": "HE1-4;NE1,2",
    "ReceiveCoilName": "HeadNeck_20",
    "ReconMatrixPE": 192,
    "RefLinesPE": 32,
    "RepetitionTime": 2.4,
    "SAR": 0.0421849,
    "ScanOptions": "IR_WE",
    "ScanningSequence": "GR_IR",
    "SequenceName": "_tfl3d1_16ns",
    "SequenceVariant": "SK_SP_MP_OSP",
    "SeriesDescription": "T1w-anat_mpg_07sag_iso",
    "SeriesNumber": 5,
    "ShimSetting": [
      1433,
      -7411,
      6433,
      227,
      -47,
      -190,
      -15,
      -26
    ],
    "SliceThickness": 1,
    "SoftwareVersions": "syngo_MR_E11",
    "StationName": "AWP166048",
    "TxRefAmp": 243.917,
    "dataset": "<unset>",
    "modality": "T1w",
    "subject_id": "122"
  },
  "cjv": 0.30252997080973826,
  "cnr": 4.3569201631939345,
  "efc": 0.6069943805700345,
  "fber": 29259.324298469386,
  "fwhm_avg": 3.94366,
  "fwhm_x": 3.99697,
  "fwhm_y": 3.77941,
  "fwhm_z": 4.0546,
  "icvs_csf": 0.19857120598044603,
  "icvs_gm": 0.4483098729648606,
  "icvs_wm": 0.3531189210546934,
  "inu_med": 0.40463685989379883,
  "inu_range": 0.13826339393854142,
  "provenance": {
    "md5sum": "8da70e5f85d6fa1649c5388dfeae4879",
    "settings": {
      "testing": false
    },
    "software": "mriqc",
    "version": "22.0.6",
    "warnings": {
      "large_rot_frame": true,
      "small_air_mask": false
    },
    "webapi_port": null,
    "webapi_url": "https://mriqc.nimh.nih.gov/api/v1"
  },
  "qi_1": 0.0,
  "qi_2": 0.00761340361253287,
  "rpve_csf": 16.666507655155186,
  "rpve_gm": 7.875780266150672,
  "rpve_wm": 11.564330100355418,
  "size_x": 192,
  "size_y": 192,
  "size_z": 192,
  "snr_csf": 2.25432691910635,
  "snr_gm": 13.338877575061144,
  "snr_total": 16.156627267227886,
  "snr_wm": 32.87667730751616,
  "snrd_csf": 37.02891454852967,
  "snrd_gm": 96.84363086731845,
  "snrd_total": 89.01702670969708,
  "snrd_wm": 133.17853471324315,
  "spacing_x": 1.0,
  "spacing_y": 1.0,
  "spacing_z": 1.0,
  "summary_bg_k": 6.267968671469884,
  "summary_bg_mad": 0.0,
  "summary_bg_mean": 3.4530456961687026,
  "summary_bg_median": 0.0,
  "summary_bg_n": 1275951.0,
  "summary_bg_p05": 0.0,
  "summary_bg_p95": 13.107645710930228,
  "summary_bg_stdv": 4.919331992923138,
  "summary_csf_k": -0.11673081390773543,
  "summary_csf_mad": 128.13084966955088,
  "summary_csf_mean": 295.66443854551454,
  "summary_csf_median": 278.0451887603849,
  "summary_csf_n": 21513.0,
  "summary_csf_p05": 116.42135337665678,
  "summary_csf_p95": 504.21274240203195,
  "summary_csf_stdv": 123.33558370306702,
  "summary_gm_k": 0.146390382573919,
  "summary_gm_mad": 53.9063735778916,
  "summary_gm_mean": 726.889065497498,
  "summary_gm_median": 727.1859289705753,
  "summary_gm_n": 46961.0,
  "summary_gm_p05": 636.7451625857502,
  "summary_gm_p95": 815.1603098195046,
  "summary_gm_stdv": 54.5156953718365,
  "summary_wm_k": 0.8517407275676097,
  "summary_wm_mad": 28.63407480532426,
  "summary_wm_mean": 1001.1031752644441,
  "summary_wm_median": 1000.0198837760836,
  "summary_wm_n": 186803.0,
  "summary_wm_p05": 953.4986811155453,
  "summary_wm_p95": 1051.634968176484,
  "summary_wm_stdv": 30.417222450704195,
  "tpm_overlap_csf": 0.1327012976301661,
  "tpm_overlap_gm": 0.4698324886075692,
  "tpm_overlap_wm": 0.4972171718890234,
  "wm2max": 0.8986058981233244
}