{
  "bids_meta": {
    "AcquisitionMatrixPE": 192,
    "AcquisitionNumber": 1,
    "AcquisitionTime": "20:41:43.517500",
    "BaseResolution": 192,
    "BodyPartExamined": "BRAIN",
    "CoilString": "HE1-4;NE1_2",
    "ConsistencyInfo": "N4_VE11C_LATEST_20160120",
    "ConversionSoftware": "dcm2niix",
    "ConversionSoftwareVersion": "v1.0.20190410  GCC6.3.0",
    "DeviceSerialNumber": "166048",
    "DwellTime": 3.5e-06,
    "EchoTime": 0.567,
    "EchoTrainLength": 314,
    "FlipAngle": 120,
    "ImageOrientationPatientDICOM": [
      0,
      1,
      0,
      0,
      0,
      -1
    ],
    "ImageType": [
      "ORIGINAL",
      "PRIMARY",
      "M",
      "ND",
      "NORM"
    ],
    "ImagingFrequency": 123.246,
    "InPlanePhaseEncodingDirectionDICOM": "ROW",
    "InstitutionAddress": "North_13th_1701_Philadelphia_PA_US_19122",
    "InstitutionName": "Temple_University_-_Weiss_Hall",
    "InstitutionalDepartmentName": "Department",
    "MRAcquisitionType": "3D",
    "MagneticFieldStrength": 3,
    "Manufacturer": "Siemens",
    "ManufacturersModelName": "Prisma",
    "Modality": "MR",
    "PartialFourier": 1,
    "PatientPosition": "HFS",
    "PercentPhaseFOV": 100,
    "PhaseEncodingSteps": 209,
    "PhaseOversampling": 0.1,
    "PhaseResolution": 1,
    "PixelBandwidth": 745,
    "ProcedureStepDescription": "SMITH_SRNDNA",
    "ProtocolName": "T2w-anat_spc_07sag_iso",
    "PulseSequenceDetails": "%SiemensSeq%_tse_vfl",
    "ReceiveCoilActiveElements": "HE1-4;NE1,2",
    "ReceiveCoilName": "HeadNeck_20",
    "ReconMatrixPE": 192,
    "RefLinesPE": 32,
    "RepetitionTime": 3.2,
    "SAR": 0.154957,
    "ScanOptions": "PFP",
    "ScanningSequence": "SE",
    "SequenceName": "_spc_314ns",
    "SequenceVariant": "SK_SP_OSP",
    "SeriesDescription": "T2w-anat_spc_07sag_iso",
    "SeriesNumber": 3,
    "ShimSetting": [
      1433,
      -7411,
      6433,
      227,
      -47,
      -190,
      -15,
      -26
    ],
    "SliceThickness": 1,
    "SoftwareVersions": "syngo_MR_E11",
    "StationName": "AWP166048",
    "TxRefAmp": 243.917,
    "dataset": "<unset>",
    "modality": "T2w",
    "subject_id": "122"
  },
  "cjv": 0.16085579965672242,
  "cnr": 1.9404889283563798,
  "efc": 0.5851273622444482,
  "fber": 10831.661579373338,
  "fwhm_avg": 2.338293333333333,
  "fwhm_x": 2.30871,
  "fwhm_y": 2.51989,
  "fwhm_z": 2.18628,
  "icvs_csf": 0.3491895958464466,
  "icvs_gm": 0.5261456368340196,
  "icvs_wm": 0.12466476731953383,
  "inu_med": 0.7698304057121277,
  "inu_range": 0.1408858299255371,
  "provenance": {
    "md5sum": "c1fe09ef3e5b9886ae0cdb7325a02fa1",
    "settings": {
      "testing": false
    },
    "software": "mriqc",
    "version": "22.0.6",
    "warnings": {
      "large_rot_frame": true,
      "small_air_mask": false
    },
    "webapi_port": null,
    "webapi_url": "https://mriqc.nimh.nih.gov/api/v1"
  },
  "qi_1": 0.0,
  "qi_2": 0.002718872028080456,
  "rpve_csf": 9.227915693237184,
  "rpve_gm": 7.2126430677175914,
  "rpve_wm": 33.72970953604064,
  "size_x": 192,
  "size_y": 192,
  "size_z": 192,
  "snr_csf": 8.538717844418663,
  "snr_gm": 10.393614392522961,
  "snr_total": 7.34639791674671,
  "snr_wm": 3.106861513298506,
  "snrd_csf": 126.85353618376415,
  "snrd_gm": 72.1850498829712,
  "snrd_total": 131.10121679491985,
  "snrd_wm": 194.26506431802423,
  "spacing_x": 1.0,
  "spacing_y": 1.0,
  "spacing_z": 1.0,
  "summary_bg_k": 4.2509862725884755,
  "summary_bg_mad": 0.0,
  "summary_bg_mean": 2.2033261872410868,
  "summary_bg_median": 0.0,
  "summary_bg_n": 1271535.0,
  "summary_bg_p05": 0.0,
  "summary_bg_p95": 7.51390565186739,
  "summary_bg_stdv": 3.3716425305215263,
  "summary_csf_k": 1.6172648652680568,
  "summary_csf_mad": 67.7646150576008,
  "summary_csf_mean": 658.8552464503971,
  "summary_csf_median": 652.8484415523708,
  "summary_csf_n": 34866.0,
  "summary_csf_p05": 548.7945932233706,
  "summary_csf_p95": 792.8728223647922,
  "summary_csf_stdv": 76.45633584925353,
  "summary_gm_k": 0.5498543276024481,
  "summary_gm_mad": 34.317044433740904,
  "summary_gm_mean": 371.8093478384981,
  "summary_gm_median": 371.4984913878143,
  "summary_gm_n": 212364.0,
  "summary_gm_p05": 313.78803066164255,
  "summary_gm_p95": 429.8687096834183,
  "summary_gm_stdv": 35.74287083232054,
  "summary_wm_k": 1.0569649157469083,
  "summary_wm_mad": 66.7457004366465,
  "summary_wm_mean": 841.9396996865794,
  "summary_wm_median": 999.7801267784089,
  "summary_wm_n": 8400.0,
  "summary_wm_p05": 56.86652083527297,
  "summary_wm_p95": 1084.5333172116427,
  "summary_wm_stdv": 321.77829942086197,
  "tpm_overlap_csf": 0.12070714314215056,
  "tpm_overlap_gm": 0.32366792035468733,
  "tpm_overlap_wm": 0.03421830110083158,
  "wm2max": 0.9139164377135964
}