{
  "bids_meta": {
    "AcquisitionMatrixPE": 192,
    "AcquisitionNumber": 1,
    "AcquisitionTime": "18:01:3.547500",
    "BaseResolution": 192,
    "BodyPartExamined": "BRAIN",
    "CoilString": "HE1-4;NE1_2",
    "ConsistencyInfo": "N4_VE11C_LATEST_20160120",
    "ConversionSoftware": "dcm2niix",
    "ConversionSoftwareVersion": "v1.0.20190410  GCC6.3.0",
    "DeviceSerialNumber": "166048",
    "DwellTime": 3.5e-06,
    "EchoTime": 0.567,
    "EchoTrainLength": 314,
    "FlipAngle": 120,
    "ImageOrientationPatientDICOM": [
      0,
      1,
      0,
      0,
      0,
      -1
    ],
    "ImageType": [
      "ORIGINAL",
      "PRIMARY",
      "M",
      "ND",
      "NORM"
    ],
    "ImagingFrequency": 123.246,
    "InPlanePhaseEncodingDirectionDICOM": "ROW",
    "InstitutionAddress": "North_13th_1701_Philadelphia_PA_US_19122",
    "InstitutionName": "Temple_University_-_Weiss_Hall",
    "InstitutionalDepartmentName": "Department",
    "MRAcquisitionType": "3D",
    "MagneticFieldStrength": 3,
    "Manufacturer": "Siemens",
    "ManufacturersModelName": "Prisma",
    "Modality": "MR",
    "PartialFourier": 1,
    "PatientPosition": "HFS",
    "PercentPhaseFOV": 100,
    "PhaseEncodingSteps": 209,
    "PhaseOversampling": 0.1,
    "PhaseResolution": 1,
    "PixelBandwidth": 745,
    "ProcedureStepDescription": "SMITH_SRNDNA",
    "ProtocolName": "T2w-anat_spc_07sag_iso",
    "PulseSequenceDetails": "%SiemensSeq%_tse_vfl",
    "ReceiveCoilActiveElements": "HE1-4;NE1,2",
    "ReceiveCoilName": "HeadNeck_20",
    "ReconMatrixPE": 192,
    "RefLinesPE": 32,
    "RepetitionTime": 3.2,
    "SAR": 0.166261,
    "ScanOptions": "PFP",
    "ScanningSequence": "SE",
    "SequenceName": "_spc_314ns",
    "SequenceVariant": "SK_SP_OSP",
    "SeriesDescription": "T2w-anat_spc_07sag_iso",
    "SeriesNumber": 3,
    "ShimSetting": [
      1414,
      -7382,
      6446,
      375,
      75,
      -328,
      -50,
      44
    ],
    "SliceThickness": 1,
    "SoftwareVersions": "syngo_MR_E11",
    "StationName": "AWP166048",
    "TxRefAmp": 251.962,
    "dataset": "<unset>",
    "modality": "T2w",
    "subject_id": "121"
  },
  "cjv": 0.21783578618176952,
  "cnr": 2.231398716153224,
  "efc": 0.5848520320820162,
  "fber": -1.0,
  "fwhm_avg": 2.4726966666666668,
  "fwhm_x": 2.44236,
  "fwhm_y": 2.71266,
  "fwhm_z": 2.26307,
  "icvs_csf": 0.27744793428669784,
  "icvs_gm": 0.5842630226575372,
  "icvs_wm": 0.13828904305576503,
  "inu_med": 0.8467755317687988,
  "inu_range": 0.17490940093994145,
  "provenance": {
    "md5sum": "54bd5dd061db6e0b66b8413f8a159a9e",
    "settings": {
      "testing": false
    },
    "software": "mriqc",
    "version": "22.0.6",
    "warnings": {
      "large_rot_frame": true,
      "small_air_mask": false
    },
    "webapi_port": null,
    "webapi_url": "https://mriqc.nimh.nih.gov/api/v1"
  },
  "qi_1": 0.0003875676389783852,
  "qi_2": 0.0026730322175012484,
  "rpve_csf": 11.312321575221931,
  "rpve_gm": 7.157212811816768,
  "rpve_wm": 31.792528187024963,
  "size_x": 192,
  "size_y": 192,
  "size_z": 192,
  "snr_csf": 7.33347511395307,
  "snr_gm": 8.472209334134844,
  "snr_total": 6.3687668967678945,
  "snr_wm": 3.3006162422157717,
  "snrd_csf": 105.81180716002285,
  "snrd_gm": 58.821199842844266,
  "snrd_total": 116.39344390734539,
  "snrd_wm": 184.54732471916904,
  "spacing_x": 1.0,
  "spacing_y": 1.0,
  "spacing_z": 1.0,
  "summary_bg_k": 641.1843042600141,
  "summary_bg_mad": 0.0,
  "summary_bg_mean": 1.9395921767331834,
  "summary_bg_median": 0.0,
  "summary_bg_n": 1310581.0,
  "summary_bg_p05": 0.0,
  "summary_bg_p95": 7.565362885594368,
  "summary_bg_stdv": 3.5517745983654208,
  "summary_csf_k": 1.5257289091692439,
  "summary_csf_mad": 68.83805193663557,
  "summary_csf_mean": 580.5940068465726,
  "summary_csf_median": 573.6510578226298,
  "summary_csf_n": 9891.0,
  "summary_csf_p05": 469.82201498467475,
  "summary_csf_p95": 718.2273676730692,
  "summary_csf_stdv": 78.21967751144163,
  "summary_gm_k": 0.8981298511136835,
  "summary_gm_mad": 34.52899090751369,
  "summary_gm_mean": 321.1572763549788,
  "summary_gm_median": 318.8948796726763,
  "summary_gm_n": 220694.0,
  "summary_gm_p05": 263.7307752985507,
  "summary_gm_p95": 386.81626263819635,
  "summary_gm_stdv": 37.640023353180574,
  "summary_wm_k": 2.1733138135360637,
  "summary_wm_mad": 113.95116824175496,
  "summary_wm_mean": 882.995749325902,
  "summary_wm_median": 1000.5099703418091,
  "summary_wm_n": 13118.0,
  "summary_wm_p05": 76.24420926747845,
  "summary_wm_p95": 1120.8910258754156,
  "summary_wm_stdv": 303.11667918690534,
  "tpm_overlap_csf": 0.12779150774388728,
  "tpm_overlap_gm": 0.35779357266356165,
  "tpm_overlap_wm": 0.047723816282263215,
  "wm2max": 0.9035071827167486
}