{
  "bids_meta": {
    "AcquisitionMatrixPE": 192,
    "AcquisitionNumber": 1,
    "AcquisitionTime": "18:05:6.285000",
    "BaseResolution": 192,
    "BodyPartExamined": "BRAIN",
    "CoilString": "HE1-4;NE1_2",
    "ConsistencyInfo": "N4_VE11C_LATEST_20160120",
    "ConversionSoftware": "dcm2niix",
    "ConversionSoftwareVersion": "v1.0.20190410  GCC6.3.0",
    "DeviceSerialNumber": "166048",
    "DwellTime": 1.24e-05,
    "EchoTime": 0.0022,
    "FlipAngle": 8,
    "ImageOrientationPatientDICOM": [
      0,
      1,
      0,
      0,
      0,
      -1
    ],
    "ImageType": [
      "ORIGINAL",
      "PRIMARY",
      "M",
      "ND",
      "NORM",
      "FM3",
      "2",
      "FIL"
    ],
    "ImagingFrequency": 123.246,
    "InPlanePhaseEncodingDirectionDICOM": "ROW",
    "InstitutionAddress": "North_13th_1701_Philadelphia_PA_US_19122",
    "InstitutionName": "Temple_University_-_Weiss_Hall",
    "InstitutionalDepartmentName": "Department",
    "InversionTime": 1.15,
    "MRAcquisitionType": "3D",
    "MagneticFieldStrength": 3,
    "Manufacturer": "Siemens",
    "ManufacturersModelName": "Prisma",
    "Modality": "MR",
    "PartialFourier": 1,
    "PatientPosition": "HFS",
    "PercentPhaseFOV": 100,
    "PhaseEncodingSteps": 211,
    "PhaseOversampling": 0.1,
    "PhaseResolution": 1,
    "PixelBandwidth": 210,
    "ProcedureStepDescription": "SMITH_SRNDNA",
    "ProtocolName": "T1w-anat_mpg_07sag_iso",
    "PulseSequenceDetails": "%SiemensSeq%_tfl",
    "ReceiveCoilActiveElements": "HE1-4;NE1,2",
    "ReceiveCoilName": "HeadNeck_20",
    "ReconMatrixPE": 192,
    "RefLinesPE": 32,
    "RepetitionTime": 2.4,
    "SAR": 0.0452623,
    "ScanOptions": "IR_WE",
    "ScanningSequence": "GR_IR",
    "SequenceName": "_tfl3d1_16ns",
    "SequenceVariant": "SK_SP_MP_OSP",
    "SeriesDescription": "T1w-anat_mpg_07sag_iso",
    "SeriesNumber": 5,
    "ShimSetting": [
      1414,
      -7382,
      6446,
      375,
      75,
      -328,
      -50,
      44
    ],
    "SliceThickness": 1,
    "SoftwareVersions": "syngo_MR_E11",
    "StationName": "AWP166048",
    "TxRefAmp": 251.962,
    "dataset": "<unset>",
    "modality": "T1w",
    "subject_id": "121"
  },
  "cjv": 0.3434806949660037,
  "cnr": 3.8279858129977185,
  "efc": 0.6092296429974708,
  "fber": 31525.97530864197,
  "fwhm_avg": 3.7936300000000003,
  "fwhm_x": 3.81885,
  "fwhm_y": 3.74729,
  "fwhm_z": 3.81475,
  "icvs_csf": 0.20694088051806353,
  "icvs_gm": 0.44280913579014397,
  "icvs_wm": 0.3502499836917925,
  "inu_med": 0.392312616109848,
  "inu_range": 0.12504226267337798,
  "provenance": {
    "md5sum": "56d43a14caa790f5454e699bde86ee2c",
    "settings": {
      "testing": false
    },
    "software": "mriqc",
    "version": "22.0.6",
    "warnings": {
      "large_rot_frame": true,
      "small_air_mask": false
    },
    "webapi_port": null,
    "webapi_url": "https://mriqc.nimh.nih.gov/api/v1"
  },
  "qi_1": 0.0004376000099722941,
  "qi_2": 0.008749703859846839,
  "rpve_csf": 17.046205018109593,
  "rpve_gm": 8.48337091319053,
  "rpve_wm": 12.508967789818485,
  "size_x": 192,
  "size_y": 192,
  "size_z": 192,
  "snr_csf": 2.2795396841628706,
  "snr_gm": 12.059212456316425,
  "snr_total": 14.695870221392921,
  "snr_wm": 29.748858523699468,
  "snrd_csf": 28.91190027867554,
  "snrd_gm": 84.57241478434666,
  "snrd_total": 76.27827083799144,
  "snrd_wm": 115.35049745095213,
  "spacing_x": 1.0,
  "spacing_y": 1.0,
  "spacing_z": 1.0,
  "summary_bg_k": 1059.0867682391854,
  "summary_bg_mad": 0.0,
  "summary_bg_mean": 3.1951175875830136,
  "summary_bg_median": 0.0,
  "summary_bg_n": 1350597.0,
  "summary_bg_p05": 0.0,
  "summary_bg_p95": 13.301671916618943,
  "summary_bg_stdv": 5.67987089966532,
  "summary_csf_k": 1.3442257756285736,
  "summary_csf_mad": 92.96658263581637,
  "summary_csf_mean": 268.4853771767188,
  "summary_csf_median": 250.65903992950916,
  "summary_csf_n": 20199.0,
  "summary_csf_p05": 119.65266421940179,
  "summary_csf_p95": 479.0513628004117,
  "summary_csf_stdv": 109.95765366809758,
  "summary_gm_k": 0.15384221617812788,
  "summary_gm_mad": 59.84947521420014,
  "summary_gm_mean": 731.624300515642,
  "summary_gm_median": 733.221963621676,
  "summary_gm_n": 37023.0,
  "summary_gm_p05": 628.9839449213817,
  "summary_gm_p95": 829.4508061906323,
  "summary_gm_stdv": 60.80099044289606,
  "summary_wm_k": 1.0323738730945546,
  "summary_wm_mad": 31.804357217516127,
  "summary_wm_mean": 1001.2401665284251,
  "summary_wm_median": 1000.0603442788124,
  "summary_wm_n": 164733.0,
  "summary_wm_p05": 948.4232941456139,
  "summary_wm_p95": 1056.2654421050102,
  "summary_wm_stdv": 33.61666156299045,
  "tpm_overlap_csf": 0.16845877888165808,
  "tpm_overlap_gm": 0.4694980682823871,
  "tpm_overlap_wm": 0.5135606616063172,
  "wm2max": 0.9011868543465913
}