{
  "bids_meta": {
    "AcquisitionMatrixPE": 192,
    "AcquisitionNumber": 1,
    "AcquisitionTime": "11:17:8.312500",
    "BaseResolution": 192,
    "BodyPartExamined": "BRAIN",
    "CoilString": "HE1-4;NE1_2",
    "ConsistencyInfo": "N4_VE11C_LATEST_20160120",
    "ConversionSoftware": "dcm2niix",
    "ConversionSoftwareVersion": "v1.0.20190410  GCC6.3.0",
    "DeviceSerialNumber": "166048",
    "DwellTime": 1.24e-05,
    "EchoTime": 0.0022,
    "FlipAngle": 8,
    "ImageOrientationPatientDICOM": [
      0,
      1,
      0,
      0,
      0,
      -1
    ],
    "ImageType": [
      "ORIGINAL",
      "PRIMARY",
      "M",
      "ND",
      "NORM",
      "FM3",
      "2",
      "FIL"
    ],
    "ImagingFrequency": 123.245,
    "InPlanePhaseEncodingDirectionDICOM": "ROW",
    "InstitutionAddress": "North_13th_1701_Philadelphia_PA_US_19122",
    "InstitutionName": "Temple_University_-_Weiss_Hall",
    "InstitutionalDepartmentName": "Department",
    "InversionTime": 1.15,
    "MRAcquisitionType": "3D",
    "MagneticFieldStrength": 3,
    "Manufacturer": "Siemens",
    "ManufacturersModelName": "Prisma",
    "Modality": "MR",
    "PartialFourier": 1,
    "PatientPosition": "HFS",
    "PercentPhaseFOV": 100,
    "PhaseEncodingSteps": 211,
    "PhaseOversampling": 0.1,
    "PhaseResolution": 1,
    "PixelBandwidth": 210,
    "ProcedureStepDescription": "SMITH_SRNDNA",
    "ProtocolName": "T1w-anat_mpg_07sag_iso",
    "PulseSequenceDetails": "%SiemensSeq%_tfl",
    "ReceiveCoilActiveElements": "HE1-4;NE1,2",
    "ReceiveCoilName": "HeadNeck_20",
    "ReconMatrixPE": 192,
    "RefLinesPE": 32,
    "RepetitionTime": 2.4,
    "SAR": 0.0520904,
    "ScanOptions": "IR_WE",
    "ScanningSequence": "GR_IR",
    "SequenceName": "_tfl3d1_16ns",
    "SequenceVariant": "SK_SP_MP_OSP",
    "SeriesDescription": "T1w-anat_mpg_07sag_iso",
    "SeriesNumber": 5,
    "ShimSetting": [
      1443,
      -7517,
      6535,
      528,
      63,
      -161,
      -421,
      -8
    ],
    "SliceThickness": 1,
    "SoftwareVersions": "syngo_MR_E11",
    "StationName": "AWP166048",
    "TxRefAmp": 300.213,
    "dataset": "<unset>",
    "modality": "T1w",
    "subject_id": "142"
  },
  "cjv": 0.41627121772856496,
  "cnr": 3.171688686797013,
  "efc": 0.6547872459907804,
  "fber": 27342.644816520882,
  "fwhm_avg": 4.0548633333333335,
  "fwhm_x": 3.94599,
  "fwhm_y": 4.03731,
  "fwhm_z": 4.18129,
  "icvs_csf": 0.2528694214064392,
  "icvs_gm": 0.36502194459184417,
  "icvs_wm": 0.38210863400171663,
  "inu_med": 0.4603017568588257,
  "inu_range": 0.1927173405885696,
  "provenance": {
    "md5sum": "3871ea3bd4300ea2a01add9ef7be2d1e",
    "settings": {
      "testing": false
    },
    "software": "mriqc",
    "version": "22.0.6",
    "warnings": {
      "large_rot_frame": true,
      "small_air_mask": false
    },
    "webapi_port": null,
    "webapi_url": "https://mriqc.nimh.nih.gov/api/v1"
  },
  "qi_1": 0.0046130756470681164,
  "qi_2": 0.0015622631815083421,
  "rpve_csf": 13.970978260869565,
  "rpve_gm": 8.946175968318835,
  "rpve_wm": 10.438830159984494,
  "size_x": 192,
  "size_y": 192,
  "size_z": 192,
  "snr_csf": 2.545288697135495,
  "snr_gm": 12.194283571317248,
  "snr_total": 13.297900782867707,
  "snr_wm": 25.15413008015038,
  "snrd_csf": 13.861217737358345,
  "snrd_gm": 42.874931123697515,
  "snrd_total": 37.66310658117991,
  "snrd_wm": 56.25317088248388,
  "spacing_x": 1.0,
  "spacing_y": 1.0,
  "spacing_z": 1.0,
  "summary_bg_k": 1159.2502596354068,
  "summary_bg_mad": 0.0,
  "summary_bg_mean": 2.9754836754482312,
  "summary_bg_median": 0.0,
  "summary_bg_n": 988902.0,
  "summary_bg_p05": 0.0,
  "summary_bg_p95": 14.30287335626781,
  "summary_bg_stdv": 11.646730477894172,
  "summary_csf_k": 1.644717722144267,
  "summary_csf_mad": 74.6643671617925,
  "summary_csf_mean": 262.8332106884175,
  "summary_csf_median": 246.41871079429984,
  "summary_csf_n": 61351.0,
  "summary_csf_p05": 134.43143876921386,
  "summary_csf_p95": 457.96999703813344,
  "summary_csf_stdv": 96.81286951602793,
  "summary_gm_k": 0.10569483253204881,
  "summary_gm_mad": 62.264277915841085,
  "summary_gm_mean": 760.3671879848395,
  "summary_gm_median": 762.2119104601443,
  "summary_gm_n": 14129.0,
  "summary_gm_p05": 654.08396740444,
  "summary_gm_p95": 858.9109012134372,
  "summary_gm_stdv": 62.50346174182041,
  "summary_wm_k": 0.76873506092732,
  "summary_wm_mad": 36.73856228720708,
  "summary_wm_mean": 1002.090803993429,
  "summary_wm_median": 1000.0444484464824,
  "summary_wm_n": 198692.0,
  "summary_wm_p05": 940.7197777759284,
  "summary_wm_p95": 1070.4466166775674,
  "summary_wm_stdv": 39.75656994248365,
  "tpm_overlap_csf": 0.16164018635540087,
  "tpm_overlap_gm": 0.42455298645773915,
  "tpm_overlap_wm": 0.5018336590345363,
  "wm2max": 0.8740051443206399
}