{
  "bids_meta": {
    "AcquisitionMatrixPE": 192,
    "AcquisitionNumber": 1,
    "AcquisitionTime": "10:31:41.530000",
    "BaseResolution": 192,
    "BodyPartExamined": "BRAIN",
    "CoilString": "HE1-4;NE1_2",
    "ConsistencyInfo": "N4_VE11C_LATEST_20160120",
    "ConversionSoftware": "dcm2niix",
    "ConversionSoftwareVersion": "v1.0.20190410  GCC6.3.0",
    "DeviceSerialNumber": "166048",
    "DwellTime": 3.5e-06,
    "EchoTime": 0.567,
    "EchoTrainLength": 314,
    "FlipAngle": 120,
    "ImageOrientationPatientDICOM": [
      0,
      1,
      0,
      0,
      0,
      -1
    ],
    "ImageType": [
      "ORIGINAL",
      "PRIMARY",
      "M",
      "ND",
      "NORM"
    ],
    "ImagingFrequency": 123.246,
    "InPlanePhaseEncodingDirectionDICOM": "ROW",
    "InstitutionAddress": "North_13th_1701_Philadelphia_PA_US_19122",
    "InstitutionName": "Temple_University_-_Weiss_Hall",
    "InstitutionalDepartmentName": "Department",
    "MRAcquisitionType": "3D",
    "MagneticFieldStrength": 3,
    "Manufacturer": "Siemens",
    "ManufacturersModelName": "Prisma",
    "Modality": "MR",
    "PartialFourier": 1,
    "PatientPosition": "HFS",
    "PercentPhaseFOV": 100,
    "PhaseEncodingSteps": 209,
    "PhaseOversampling": 0.1,
    "PhaseResolution": 1,
    "PixelBandwidth": 745,
    "ProcedureStepDescription": "SMITH_SRNDNA",
    "ProtocolName": "T2w-anat_spc_07sag_iso",
    "PulseSequenceDetails": "%SiemensSeq%_tse_vfl",
    "ReceiveCoilActiveElements": "HE1-4;NE1,2",
    "ReceiveCoilName": "HeadNeck_20",
    "ReconMatrixPE": 192,
    "RefLinesPE": 32,
    "RepetitionTime": 3.2,
    "SAR": 0.15238,
    "ScanOptions": "PFP",
    "ScanningSequence": "SE",
    "SequenceName": "_spc_314ns",
    "SequenceVariant": "SK_SP_OSP",
    "SeriesDescription": "T2w-anat_spc_07sag_iso",
    "SeriesNumber": 3,
    "ShimSetting": [
      1424,
      -7377,
      6433,
      209,
      36,
      -347,
      -52,
      53
    ],
    "SliceThickness": 1,
    "SoftwareVersions": "syngo_MR_E11",
    "StationName": "AWP166048",
    "TxRefAmp": 249.419,
    "dataset": "<unset>",
    "modality": "T2w",
    "subject_id": "124"
  },
  "cjv": 0.25961246414305794,
  "cnr": 1.5385158430727062,
  "efc": 0.5871074946902407,
  "fber": 8312.10232004759,
  "fwhm_avg": 2.5176766666666666,
  "fwhm_x": 2.42807,
  "fwhm_y": 2.84637,
  "fwhm_z": 2.27859,
  "icvs_csf": 0.4331309386348945,
  "icvs_gm": 0.4282545578101489,
  "icvs_wm": 0.1386145035549566,
  "inu_med": 0.8286580145359039,
  "inu_range": 0.14569103717803955,
  "provenance": {
    "md5sum": "d811d0598bfa4402c263f70ca56220fe",
    "settings": {
      "testing": false
    },
    "software": "mriqc",
    "version": "22.0.6",
    "warnings": {
      "large_rot_frame": true,
      "small_air_mask": false
    },
    "webapi_port": null,
    "webapi_url": "https://mriqc.nimh.nih.gov/api/v1"
  },
  "qi_1": 0.0009094401286146609,
  "qi_2": 0.0008521060821316525,
  "rpve_csf": 9.049905981206637,
  "rpve_gm": 9.590501108025238,
  "rpve_wm": 29.969813468817303,
  "size_x": 192,
  "size_y": 192,
  "size_z": 192,
  "snr_csf": 9.612387078706993,
  "snr_gm": 9.68967084017514,
  "snr_total": 7.252427871389467,
  "snr_wm": 2.4552256952862668,
  "snrd_csf": 53.55374059741669,
  "snrd_gm": 31.87703877341594,
  "snrd_total": 57.15390591163351,
  "snrd_wm": 86.03093836406791,
  "spacing_x": 1.0,
  "spacing_y": 1.0,
  "spacing_z": 1.0,
  "summary_bg_k": 69.85561281891722,
  "summary_bg_mad": 0.0,
  "summary_bg_mean": 4.318840976639535,
  "summary_bg_median": 0.0,
  "summary_bg_n": 1670596.0,
  "summary_bg_p05": 0.0,
  "summary_bg_p95": 17.22335266135633,
  "summary_bg_stdv": 7.618547413032153,
  "summary_csf_k": 0.09899424379788568,
  "summary_csf_mad": 65.26614917784347,
  "summary_csf_mean": 625.0200070921526,
  "summary_csf_median": 622.773687871173,
  "summary_csf_n": 63993.0,
  "summary_csf_p05": 522.5077294174582,
  "summary_csf_p95": 733.9349301170556,
  "summary_csf_stdv": 64.78815478415844,
  "summary_gm_k": 0.16677124855679182,
  "summary_gm_mad": 37.41925886196359,
  "summary_gm_mean": 370.3918723572282,
  "summary_gm_median": 370.6964401341975,
  "summary_gm_n": 175048.0,
  "summary_gm_p05": 306.88382681272924,
  "summary_gm_p95": 432.61980390921235,
  "summary_gm_stdv": 38.25675685013509,
  "summary_wm_k": -1.1826495659379286,
  "summary_wm_mad": 126.0724448285343,
  "summary_wm_mean": 737.6674054407141,
  "summary_wm_median": 1000.4493459900841,
  "summary_wm_n": 13108.0,
  "summary_wm_p05": 39.51007752949372,
  "summary_wm_p95": 1092.9822208633645,
  "summary_wm_stdv": 407.4620045718219,
  "tpm_overlap_csf": 0.11097947271180561,
  "tpm_overlap_gm": 0.2570253082840835,
  "tpm_overlap_wm": 0.02928134568538678,
  "wm2max": 0.9154657313894968
}