{
  "bids_meta": {
    "AcquisitionMatrixPE": 192,
    "AcquisitionNumber": 1,
    "AcquisitionTime": "10:35:44.287500",
    "BaseResolution": 192,
    "BodyPartExamined": "BRAIN",
    "CoilString": "HE1-4;NE1_2",
    "ConsistencyInfo": "N4_VE11C_LATEST_20160120",
    "ConversionSoftware": "dcm2niix",
    "ConversionSoftwareVersion": "v1.0.20190410  GCC6.3.0",
    "DeviceSerialNumber": "166048",
    "DwellTime": 1.24e-05,
    "EchoTime": 0.0022,
    "FlipAngle": 8,
    "ImageOrientationPatientDICOM": [
      0,
      1,
      0,
      0,
      0,
      -1
    ],
    "ImageType": [
      "ORIGINAL",
      "PRIMARY",
      "M",
      "ND",
      "NORM",
      "FM3",
      "2",
      "FIL"
    ],
    "ImagingFrequency": 123.246,
    "InPlanePhaseEncodingDirectionDICOM": "ROW",
    "InstitutionAddress": "North_13th_1701_Philadelphia_PA_US_19122",
    "InstitutionName": "Temple_University_-_Weiss_Hall",
    "InstitutionalDepartmentName": "Department",
    "InversionTime": 1.15,
    "MRAcquisitionType": "3D",
    "MagneticFieldStrength": 3,
    "Manufacturer": "Siemens",
    "ManufacturersModelName": "Prisma",
    "Modality": "MR",
    "PartialFourier": 1,
    "PatientPosition": "HFS",
    "PercentPhaseFOV": 100,
    "PhaseEncodingSteps": 211,
    "PhaseOversampling": 0.1,
    "PhaseResolution": 1,
    "PixelBandwidth": 210,
    "ProcedureStepDescription": "SMITH_SRNDNA",
    "ProtocolName": "T1w-anat_mpg_07sag_iso",
    "PulseSequenceDetails": "%SiemensSeq%_tfl",
    "ReceiveCoilActiveElements": "HE1-4;NE1,2",
    "ReceiveCoilName": "HeadNeck_20",
    "ReconMatrixPE": 192,
    "RefLinesPE": 32,
    "RepetitionTime": 2.4,
    "SAR": 0.0414835,
    "ScanOptions": "IR_WE",
    "ScanningSequence": "GR_IR",
    "SequenceName": "_tfl3d1_16ns",
    "SequenceVariant": "SK_SP_MP_OSP",
    "SeriesDescription": "T1w-anat_mpg_07sag_iso",
    "SeriesNumber": 5,
    "ShimSetting": [
      1424,
      -7377,
      6433,
      209,
      36,
      -347,
      -52,
      53
    ],
    "SliceThickness": 1,
    "SoftwareVersions": "syngo_MR_E11",
    "StationName": "AWP166048",
    "TxRefAmp": 249.419,
    "dataset": "<unset>",
    "modality": "T1w",
    "subject_id": "124"
  },
  "cjv": 0.3022855356986571,
  "cnr": 4.397830944634279,
  "efc": 0.6021140786680885,
  "fber": 44449.744749817386,
  "fwhm_avg": 3.9977133333333335,
  "fwhm_x": 3.88029,
  "fwhm_y": 4.08181,
  "fwhm_z": 4.03104,
  "icvs_csf": 0.16312476399362294,
  "icvs_gm": 0.47731475455967476,
  "icvs_wm": 0.35956048144670233,
  "inu_med": 0.3482702672481537,
  "inu_range": 0.10009249746799465,
  "provenance": {
    "md5sum": "1f971e2ba8ba4273fdb2c9ab25b1b60c",
    "settings": {
      "testing": false
    },
    "software": "mriqc",
    "version": "22.0.6",
    "warnings": {
      "large_rot_frame": true,
      "small_air_mask": false
    },
    "webapi_port": null,
    "webapi_url": "https://mriqc.nimh.nih.gov/api/v1"
  },
  "qi_1": 0.0,
  "qi_2": 0.009222331218737605,
  "rpve_csf": 20.705587847192497,
  "rpve_gm": 8.095029261910115,
  "rpve_wm": 12.063295876283338,
  "size_x": 192,
  "size_y": 192,
  "size_z": 192,
  "snr_csf": 2.483017387468164,
  "snr_gm": 11.982182241135941,
  "snr_total": 15.69748374178549,
  "snr_wm": 32.627251596752366,
  "snrd_csf": 29.681764150208355,
  "snrd_gm": 76.14650776229145,
  "snrd_total": 71.20141365610813,
  "snrd_wm": 107.77596905582462,
  "spacing_x": 1.0,
  "spacing_y": 1.0,
  "spacing_z": 1.0,
  "summary_bg_k": 1706.5226095863213,
  "summary_bg_mad": 0.0,
  "summary_bg_mean": 3.2182329715474576,
  "summary_bg_median": 0.0,
  "summary_bg_n": 1669910.0,
  "summary_bg_p05": 0.0,
  "summary_bg_p95": 13.018422862514853,
  "summary_bg_stdv": 6.079031995801308,
  "summary_csf_k": 0.7836417226907373,
  "summary_csf_mad": 99.57316608647136,
  "summary_csf_mean": 282.88673288634453,
  "summary_csf_median": 275.41805639397353,
  "summary_csf_n": 16186.0,
  "summary_csf_p05": 104.01984392432496,
  "summary_csf_p95": 475.46530175954103,
  "summary_csf_stdv": 110.91728545387863,
  "summary_gm_k": 0.02814845542342992,
  "summary_gm_mad": 59.19203824467969,
  "summary_gm_mean": 706.6392280419199,
  "summary_gm_median": 706.5659258980304,
  "summary_gm_n": 63527.0,
  "summary_gm_p05": 609.9953028932214,
  "summary_gm_p95": 803.023180924356,
  "summary_gm_stdv": 58.9675862468368,
  "summary_wm_k": 0.5078483771216566,
  "summary_wm_mad": 29.525985948836915,
  "summary_wm_mean": 1001.340554425618,
  "summary_wm_median": 1000.0567275285721,
  "summary_wm_n": 184085.0,
  "summary_wm_p05": 953.1223844364285,
  "summary_wm_p95": 1052.3193656094372,
  "summary_wm_stdv": 30.650881158919898,
  "tpm_overlap_csf": 0.1459570422326355,
  "tpm_overlap_gm": 0.4805476852205067,
  "tpm_overlap_wm": 0.5081960284683052,
  "wm2max": 0.9043811086050167
}