{
  "aor": 0.0007891414141414141,
  "aqi": 0.011473640808080806,
  "bids_meta": {
    "AcquisitionMatrixPE": 74,
    "AcquisitionNumber": 1,
    "AcquisitionTime": "14:45:14.362500",
    "BandwidthPerPixelPhaseEncode": 27.579,
    "BaseResolution": 74,
    "BodyPartExamined": "BRAIN",
    "CogAtlasID": "http://www.cognitiveatlas.org/task/id/TODO",
    "CoilString": "HE1-4;NE1_2",
    "ConsistencyInfo": "N4_VE11C_LATEST_20160120",
    "ConversionSoftware": "dcm2niix",
    "ConversionSoftwareVersion": "v1.0.20190410  GCC6.3.0",
    "DerivedVendorReportedEchoSpacing": 0.000489993,
    "DeviceSerialNumber": "166048",
    "DwellTime": 2.9e-06,
    "EchoTime": 0.023,
    "EchoTrainLength": 74,
    "EffectiveEchoSpacing": 0.000489993,
    "FlipAngle": 76,
    "ImageOrientationPatientDICOM": [
      1,
      0,
      0,
      0,
      0.953717,
      -0.300706
    ],
    "ImageType": [
      "ORIGINAL",
      "PRIMARY",
      "M",
      "ND",
      "NORM",
      "MOSAIC"
    ],
    "ImagingFrequency": 123.246,
    "InPlanePhaseEncodingDirectionDICOM": "COL",
    "InstitutionAddress": "North_13th_1701_Philadelphia_PA_US_19122",
    "InstitutionName": "Temple_University_-_Weiss_Hall",
    "InstitutionalDepartmentName": "Department",
    "MRAcquisitionType": "2D",
    "MagneticFieldStrength": 3,
    "Manufacturer": "Siemens",
    "ManufacturersModelName": "Prisma",
    "Modality": "MR",
    "PartialFourier": 1,
    "PatientPosition": "HFS",
    "PercentPhaseFOV": 100,
    "PhaseEncodingDirection": "j-",
    "PhaseEncodingSteps": 74,
    "PhaseResolution": 1,
    "PixelBandwidth": 2330,
    "ProcedureStepDescription": "SMITH_SRNDNA",
    "ProtocolName": "func-bold_task-UG_run0",
    "PulseSequenceDetails": "%SiemensSeq%_ep2d_bold",
    "ReceiveCoilActiveElements": "HE1-4;NE1,2",
    "ReceiveCoilName": "HeadNeck_20",
    "ReconMatrixPE": 74,
    "RepetitionTime": 2.02,
    "SAR": 0.093851,
    "ScanOptions": "FS",
    "ScanningSequence": "EP",
    "SequenceName": "_epfid2d1_74",
    "SequenceVariant": "SK",
    "SeriesDescription": "func-bold_task-UG_run0",
    "SeriesNumber": 15,
    "ShimSetting": [
      1438,
      -7397,
      6520,
      350,
      46,
      100,
      -4,
      36
    ],
    "SliceThickness": 2.8,
    "SliceTiming": [
      1.945,
      1.89,
      1.835,
      1.7775,
      1.7225,
      1.6675,
      1.6125,
      1.5575,
      1.5,
      1.445,
      1.39,
      1.335,
      1.2775,
      1.2225,
      1.1675,
      1.1125,
      1.0575,
      1,
      0.945,
      0.89,
      0.835,
      0.78,
      0.7225,
      0.6675,
      0.6125,
      0.5575,
      0.5,
      0.445,
      0.39,
      0.335,
      0.28,
      0.2225,
      0.1675,
      0.1125,
      0.0575,
      0
    ],
    "SoftwareVersions": "syngo_MR_E11",
    "SpacingBetweenSlices": 3.22,
    "StationName": "AWP166048",
    "TaskName": "ultimatum",
    "TotalReadoutTime": 0.0357695,
    "TxRefAmp": 262.836,
    "dataset": "<unset>",
    "modality": "bold",
    "run_id": 1,
    "subject_id": "141",
    "task_id": "ultimatum"
  },
  "dummy_trs": 2,
  "dvars_nstd": 31.541317527918768,
  "dvars_std": 1.319196551015228,
  "dvars_vstd": 0.9415996287817255,
  "efc": 0.5433967632941882,
  "fber": 2010.6207275390625,
  "fd_mean": 0.2816822602807757,
  "fd_num": 144,
  "fd_perc": 72.72727272727273,
  "fwhm_avg": 1.7851641202530952,
  "fwhm_x": 1.7185861505080535,
  "fwhm_y": 1.9258534304231618,
  "fwhm_z": 1.7110527798280706,
  "gcor": 0.00922895,
  "gsr_x": -0.01876412145793438,
  "gsr_y": 0.04237067326903343,
  "provenance": {
    "md5sum": "58c6d769eb186a77dee98b79131e8d63",
    "settings": {
      "fd_thres": 0.2,
      "testing": false
    },
    "software": "mriqc",
    "version": "22.0.6",
    "webapi_port": null,
    "webapi_url": "https://mriqc.nimh.nih.gov/api/v1"
  },
  "size_t": 198,
  "size_x": 74,
  "size_y": 74,
  "size_z": 36,
  "snr": 5.845323454517974,
  "spacing_tr": 2.0199999809265137,
  "spacing_x": 2.972972869873047,
  "spacing_y": 2.972972869873047,
  "spacing_z": 3.2200000286102295,
  "summary_bg_k": 34.835847705847655,
  "summary_bg_mad": 9.255031687902932,
  "summary_bg_mean": 43.327022552490234,
  "summary_bg_median": 18.97979736328125,
  "summary_bg_n": 115119.0,
  "summary_bg_p05": 10.702020645141602,
  "summary_bg_p95": 159.7737304687499,
  "summary_bg_stdv": 72.08110046386719,
  "summary_fg_k": 2.5688589571364675,
  "summary_fg_mad": 129.66027842998318,
  "summary_fg_mean": 881.1387329101562,
  "summary_fg_median": 862.934326171875,
  "summary_fg_n": 42483.0,
  "summary_fg_p05": 694.8338195800782,
  "summary_fg_p95": 1147.991455078125,
  "summary_fg_stdv": 147.6264190673828,
  "tsnr": 66.59246875299141
}