{
  "aor": 0.00114685,
  "aqi": 0.005300778900000001,
  "bids_meta": {
    "AcquisitionMatrixPE": 74,
    "AcquisitionNumber": 1,
    "AcquisitionTime": "14:34:15.505000",
    "BandwidthPerPixelPhaseEncode": 27.579,
    "BaseResolution": 74,
    "BodyPartExamined": "BRAIN",
    "CogAtlasID": "http://www.cognitiveatlas.org/task/id/TODO",
    "CoilString": "HE1-4;NE1_2",
    "ConsistencyInfo": "N4_VE11C_LATEST_20160120",
    "ConversionSoftware": "dcm2niix",
    "ConversionSoftwareVersion": "v1.0.20190410  GCC6.3.0",
    "DerivedVendorReportedEchoSpacing": 0.000489993,
    "DeviceSerialNumber": "166048",
    "DwellTime": 2.9e-06,
    "EchoTime": 0.023,
    "EchoTrainLength": 74,
    "EffectiveEchoSpacing": 0.000489993,
    "FlipAngle": 76,
    "ImageOrientationPatientDICOM": [
      1,
      0,
      0,
      0,
      0.953717,
      -0.300706
    ],
    "ImageType": [
      "ORIGINAL",
      "PRIMARY",
      "M",
      "ND",
      "NORM",
      "MOSAIC"
    ],
    "ImagingFrequency": 123.246,
    "InPlanePhaseEncodingDirectionDICOM": "COL",
    "InstitutionAddress": "North_13th_1701_Philadelphia_PA_US_19122",
    "InstitutionName": "Temple_University_-_Weiss_Hall",
    "InstitutionalDepartmentName": "Department",
    "MRAcquisitionType": "2D",
    "MagneticFieldStrength": 3,
    "Manufacturer": "Siemens",
    "ManufacturersModelName": "Prisma",
    "Modality": "MR",
    "PartialFourier": 1,
    "PatientPosition": "HFS",
    "PercentPhaseFOV": 100,
    "PhaseEncodingDirection": "j-",
    "PhaseEncodingSteps": 74,
    "PhaseResolution": 1,
    "PixelBandwidth": 2330,
    "ProcedureStepDescription": "SMITH_SRNDNA",
    "ProtocolName": "func-bold_task-reward_run1",
    "PulseSequenceDetails": "%SiemensSeq%_ep2d_bold",
    "ReceiveCoilActiveElements": "HE1-4;NE1,2",
    "ReceiveCoilName": "HeadNeck_20",
    "ReconMatrixPE": 74,
    "RepetitionTime": 2.02,
    "SAR": 0.0938544,
    "ScanOptions": "FS",
    "ScanningSequence": "EP",
    "SequenceName": "_epfid2d1_74",
    "SequenceVariant": "SK",
    "SeriesDescription": "func-bold_task-reward_run1",
    "SeriesNumber": 14,
    "ShimSetting": [
      1438,
      -7397,
      6520,
      350,
      46,
      100,
      -4,
      36
    ],
    "SliceThickness": 2.8,
    "SliceTiming": [
      1.945,
      1.89,
      1.835,
      1.7775,
      1.7225,
      1.6675,
      1.6125,
      1.555,
      1.5,
      1.445,
      1.39,
      1.335,
      1.2775,
      1.2225,
      1.1675,
      1.1125,
      1.055,
      1,
      0.945,
      0.89,
      0.835,
      0.7775,
      0.7225,
      0.6675,
      0.6125,
      0.555,
      0.5,
      0.445,
      0.39,
      0.335,
      0.2775,
      0.2225,
      0.1675,
      0.1125,
      0.055,
      0
    ],
    "SoftwareVersions": "syngo_MR_E11",
    "SpacingBetweenSlices": 3.22,
    "StationName": "AWP166048",
    "TaskName": "sharedreward",
    "TotalReadoutTime": 0.0357695,
    "TxRefAmp": 262.836,
    "dataset": "<unset>",
    "modality": "bold",
    "run_id": 2,
    "subject_id": "141",
    "task_id": "sharedreward"
  },
  "dummy_trs": 2,
  "dvars_nstd": 28.057001401658283,
  "dvars_std": 1.4303096142713565,
  "dvars_vstd": 0.999472229497488,
  "efc": 0.5430538537150843,
  "fber": 2025.24853515625,
  "fd_mean": 0.18024203816670054,
  "fd_num": 80,
  "fd_perc": 40.0,
  "fwhm_avg": 1.7829712830736728,
  "fwhm_x": 1.7160297867830374,
  "fwhm_y": 1.9149586118635218,
  "fwhm_z": 1.7179254505744592,
  "gcor": 0.0168224,
  "gsr_x": -0.01886829175055027,
  "gsr_y": 0.042813368141651154,
  "provenance": {
    "md5sum": "78bd0dbe239ae6594277038a4e857028",
    "settings": {
      "fd_thres": 0.2,
      "testing": false
    },
    "software": "mriqc",
    "version": "22.0.6",
    "webapi_port": null,
    "webapi_url": "https://mriqc.nimh.nih.gov/api/v1"
  },
  "size_t": 200,
  "size_x": 74,
  "size_y": 74,
  "size_z": 36,
  "snr": 5.803902788727749,
  "spacing_tr": 2.0199999809265137,
  "spacing_x": 2.972972869873047,
  "spacing_y": 2.972972869873047,
  "spacing_z": 3.2200000286102295,
  "summary_bg_k": 34.58684468794203,
  "summary_bg_mad": 9.095764949872585,
  "summary_bg_mean": 43.21697998046875,
  "summary_bg_median": 18.864999771118164,
  "summary_bg_n": 115146.0,
  "summary_bg_p05": 10.710000038146973,
  "summary_bg_p95": 159.39749908447266,
  "summary_bg_stdv": 72.90154266357422,
  "summary_fg_k": 2.5497524153783413,
  "summary_fg_mad": 129.85374788452205,
  "summary_fg_mean": 880.0927734375,
  "summary_fg_median": 862.125,
  "summary_fg_n": 42551.0,
  "summary_fg_p05": 693.7449951171875,
  "summary_fg_p95": 1146.6524658203125,
  "summary_fg_stdv": 148.54054260253906,
  "tsnr": 94.48829420213588
}