{
  "bids_meta": {
    "AcquisitionMatrixPE": 192,
    "AcquisitionNumber": 1,
    "AcquisitionTime": "15:55:20.270000",
    "BaseResolution": 192,
    "BodyPartExamined": "BRAIN",
    "CoilString": "HE1-4;NE1_2",
    "ConsistencyInfo": "N4_VE11C_LATEST_20160120",
    "ConversionSoftware": "dcm2niix",
    "ConversionSoftwareVersion": "v1.0.20190410  GCC6.3.0",
    "DeviceSerialNumber": "166048",
    "DwellTime": 1.24e-05,
    "EchoTime": 0.0022,
    "FlipAngle": 8,
    "ImageOrientationPatientDICOM": [
      0,
      1,
      0,
      0,
      0,
      -1
    ],
    "ImageType": [
      "ORIGINAL",
      "PRIMARY",
      "M",
      "ND",
      "NORM",
      "FM3",
      "2",
      "FIL"
    ],
    "ImagingFrequency": 123.245,
    "InPlanePhaseEncodingDirectionDICOM": "ROW",
    "InstitutionAddress": "North_13th_1701_Philadelphia_PA_US_19122",
    "InstitutionName": "Temple_University_-_Weiss_Hall",
    "InstitutionalDepartmentName": "Department",
    "InversionTime": 1.15,
    "MRAcquisitionType": "3D",
    "MagneticFieldStrength": 3,
    "Manufacturer": "Siemens",
    "ManufacturersModelName": "Prisma",
    "Modality": "MR",
    "PartialFourier": 1,
    "PatientPosition": "HFS",
    "PercentPhaseFOV": 100,
    "PhaseEncodingSteps": 211,
    "PhaseOversampling": 0.1,
    "PhaseResolution": 1,
    "PixelBandwidth": 210,
    "ProcedureStepDescription": "SMITH_SRNDNA",
    "ProtocolName": "T1w-anat_mpg_07sag_iso",
    "PulseSequenceDetails": "%SiemensSeq%_tfl",
    "ReceiveCoilActiveElements": "HE1-4;NE1,2",
    "ReceiveCoilName": "HeadNeck_20",
    "ReconMatrixPE": 192,
    "RefLinesPE": 32,
    "RepetitionTime": 2.4,
    "SAR": 0.0414227,
    "ScanOptions": "IR_WE",
    "ScanningSequence": "GR_IR",
    "SequenceName": "_tfl3d1_16ns",
    "SequenceVariant": "SK_SP_MP_OSP",
    "SeriesDescription": "T1w-anat_mpg_07sag_iso",
    "SeriesNumber": 5,
    "ShimSetting": [
      1418,
      -7469,
      6468,
      199,
      14,
      -216,
      -101,
      36
    ],
    "SliceThickness": 1,
    "SoftwareVersions": "syngo_MR_E11",
    "StationName": "AWP166048",
    "TxRefAmp": 259.454,
    "dataset": "<unset>",
    "modality": "T1w",
    "subject_id": "107"
  },
  "cjv": 0.29357096979162645,
  "cnr": 4.49529467416244,
  "efc": 0.6103184004495757,
  "fber": 29524.03042184965,
  "fwhm_avg": 3.9053866666666663,
  "fwhm_x": 3.9233,
  "fwhm_y": 3.7888,
  "fwhm_z": 4.00406,
  "icvs_csf": 0.2346156855089542,
  "icvs_gm": 0.4254946316562497,
  "icvs_wm": 0.33988968283479615,
  "inu_med": 0.43087001144886017,
  "inu_range": 0.15262405276298519,
  "provenance": {
    "md5sum": "64c8634cea5474814591c9c8546da36f",
    "settings": {
      "testing": false
    },
    "software": "mriqc",
    "version": "22.0.6",
    "warnings": {
      "large_rot_frame": true,
      "small_air_mask": false
    },
    "webapi_port": null,
    "webapi_url": "https://mriqc.nimh.nih.gov/api/v1"
  },
  "qi_1": 0.0,
  "qi_2": 0.014446964742210341,
  "rpve_csf": 12.845310561004531,
  "rpve_gm": 7.207630524181569,
  "rpve_wm": 10.69768986877795,
  "size_x": 192,
  "size_y": 192,
  "size_z": 192,
  "snr_csf": 2.4563047912175064,
  "snr_gm": 11.625757761917864,
  "snr_total": 14.633536908499778,
  "snr_wm": 29.818548172363958,
  "snrd_csf": 35.70598322550393,
  "snrd_gm": 104.81892314948671,
  "snrd_total": 97.31412598286268,
  "snrd_wm": 151.41747157359742,
  "spacing_x": 1.0,
  "spacing_y": 1.0,
  "spacing_z": 1.0,
  "summary_bg_k": 4.689225391613189,
  "summary_bg_mad": 4.326866272682522,
  "summary_bg_mean": 3.1317711348233,
  "summary_bg_median": 2.918426951393485,
  "summary_bg_n": 1754684.0,
  "summary_bg_p05": 0.0,
  "summary_bg_p95": 11.571664905175567,
  "summary_bg_stdv": 4.085152686859607,
  "summary_csf_k": 0.8447340014953477,
  "summary_csf_mad": 89.44207483950723,
  "summary_csf_mean": 243.92178046290982,
  "summary_csf_median": 235.8211428206414,
  "summary_csf_n": 37938.0,
  "summary_csf_p05": 104.26743562705815,
  "summary_csf_p95": 420.1340908071958,
  "summary_csf_stdv": 96.00520084585418,
  "summary_gm_k": 0.3782190174265887,
  "summary_gm_mad": 57.97395649272525,
  "summary_gm_mean": 693.3980902618996,
  "summary_gm_median": 692.2794448826462,
  "summary_gm_n": 30502.0,
  "summary_gm_p05": 598.6663084861823,
  "summary_gm_p95": 791.8498458043671,
  "summary_gm_stdv": 59.546062361462035,
  "summary_wm_k": 0.579487456974185,
  "summary_wm_mad": 32.37585252986222,
  "summary_wm_mean": 999.7065902280227,
  "summary_wm_median": 1000.040832484141,
  "summary_wm_n": 202529.0,
  "summary_wm_p05": 944.6111289877445,
  "summary_wm_p95": 1053.1439578514546,
  "summary_wm_stdv": 33.53745989970367,
  "tpm_overlap_csf": 0.1510266006010257,
  "tpm_overlap_gm": 0.4455734594740247,
  "tpm_overlap_wm": 0.5024206036882541,
  "wm2max": 0.9009027228769465
}