{
  "bids_meta": {
    "AcquisitionMatrixPE": 192,
    "AcquisitionNumber": 1,
    "AcquisitionTime": "15:51:17.570000",
    "BaseResolution": 192,
    "BodyPartExamined": "BRAIN",
    "CoilString": "HE1-4;NE1_2",
    "ConsistencyInfo": "N4_VE11C_LATEST_20160120",
    "ConversionSoftware": "dcm2niix",
    "ConversionSoftwareVersion": "v1.0.20190410  GCC6.3.0",
    "DeviceSerialNumber": "166048",
    "DwellTime": 3.5e-06,
    "EchoTime": 0.567,
    "EchoTrainLength": 314,
    "FlipAngle": 120,
    "ImageOrientationPatientDICOM": [
      0,
      1,
      0,
      0,
      0,
      -1
    ],
    "ImageType": [
      "ORIGINAL",
      "PRIMARY",
      "M",
      "ND",
      "NORM"
    ],
    "ImagingFrequency": 123.245,
    "InPlanePhaseEncodingDirectionDICOM": "ROW",
    "InstitutionAddress": "North_13th_1701_Philadelphia_PA_US_19122",
    "InstitutionName": "Temple_University_-_Weiss_Hall",
    "InstitutionalDepartmentName": "Department",
    "MRAcquisitionType": "3D",
    "MagneticFieldStrength": 3,
    "Manufacturer": "Siemens",
    "ManufacturersModelName": "Prisma",
    "Modality": "MR",
    "PartialFourier": 1,
    "PatientPosition": "HFS",
    "PercentPhaseFOV": 100,
    "PhaseEncodingSteps": 209,
    "PhaseOversampling": 0.1,
    "PhaseResolution": 1,
    "PixelBandwidth": 745,
    "ProcedureStepDescription": "SMITH_SRNDNA",
    "ProtocolName": "T2w-anat_spc_07sag_iso",
    "PulseSequenceDetails": "%SiemensSeq%_tse_vfl",
    "ReceiveCoilActiveElements": "HE1-4;NE1,2",
    "ReceiveCoilName": "HeadNeck_20",
    "ReconMatrixPE": 192,
    "RefLinesPE": 32,
    "RepetitionTime": 3.2,
    "SAR": 0.152157,
    "ScanOptions": "PFP",
    "ScanningSequence": "SE",
    "SequenceName": "_spc_314ns",
    "SequenceVariant": "SK_SP_OSP",
    "SeriesDescription": "T2w-anat_spc_07sag_iso",
    "SeriesNumber": 3,
    "ShimSetting": [
      1418,
      -7469,
      6468,
      199,
      14,
      -216,
      -101,
      36
    ],
    "SliceThickness": 1,
    "SoftwareVersions": "syngo_MR_E11",
    "StationName": "AWP166048",
    "TxRefAmp": 259.454,
    "dataset": "<unset>",
    "modality": "T2w",
    "subject_id": "107"
  },
  "cjv": 0.23386351070455383,
  "cnr": 1.5368499255576515,
  "efc": 0.5726750807056206,
  "fber": 6058.686284109356,
  "fwhm_avg": 2.46494,
  "fwhm_x": 2.42981,
  "fwhm_y": 2.64035,
  "fwhm_z": 2.32466,
  "icvs_csf": 0.31882279418114895,
  "icvs_gm": 0.5939071513587115,
  "icvs_wm": 0.08727005446013948,
  "inu_med": 0.8766884207725525,
  "inu_range": 0.1789590239524842,
  "provenance": {
    "md5sum": "08f238223bb878474e1c6a3e78303dd3",
    "settings": {
      "testing": false
    },
    "software": "mriqc",
    "version": "22.0.6",
    "warnings": {
      "large_rot_frame": true,
      "small_air_mask": false
    },
    "webapi_port": null,
    "webapi_url": "https://mriqc.nimh.nih.gov/api/v1"
  },
  "qi_1": 0.0,
  "qi_2": 0.003174003512596402,
  "rpve_csf": 8.481511080471726,
  "rpve_gm": 5.824696795672919,
  "rpve_wm": 41.41737782362526,
  "size_x": 192,
  "size_y": 192,
  "size_z": 192,
  "snr_csf": 4.520440788629144,
  "snr_gm": 7.1219671235729045,
  "snr_total": 4.604372227180147,
  "snr_wm": 2.170708769338393,
  "snrd_csf": 119.76510848390997,
  "snrd_gm": 56.4215494367191,
  "snrd_total": 123.74381720675932,
  "snrd_wm": 195.0447936996489,
  "spacing_x": 1.0,
  "spacing_y": 1.0,
  "spacing_z": 1.0,
  "summary_bg_k": 104.57140888878709,
  "summary_bg_mad": 0.0,
  "summary_bg_mean": 2.1627039044151477,
  "summary_bg_median": 0.0,
  "summary_bg_n": 1727809.0,
  "summary_bg_p05": 0.0,
  "summary_bg_p95": 7.935125771909952,
  "summary_bg_stdv": 3.3594549477462428,
  "summary_csf_k": -0.1560151194290067,
  "summary_csf_mad": 141.3764805058631,
  "summary_csf_mean": 642.8151975577381,
  "summary_csf_median": 614.1400268152356,
  "summary_csf_n": 26677.0,
  "summary_csf_p05": 463.46553618237374,
  "summary_csf_p95": 878.0390852306037,
  "summary_csf_stdv": 135.85589210393834,
  "summary_gm_k": 0.8772570877644799,
  "summary_gm_mad": 36.72861681499995,
  "summary_gm_mean": 292.72184667363905,
  "summary_gm_median": 289.3224272299558,
  "summary_gm_n": 289317.0,
  "summary_gm_p05": 232.32499942928553,
  "summary_gm_p95": 366.6453893858942,
  "summary_gm_stdv": 40.62387851560301,
  "summary_wm_k": -1.5273499215708044,
  "summary_wm_mad": 129.51141562070492,
  "summary_wm_mean": 697.0517359623939,
  "summary_wm_median": 1000.1645416533574,
  "summary_wm_n": 10188.0,
  "summary_wm_p05": 19.83200824018568,
  "summary_wm_p95": 1103.865990811307,
  "summary_wm_stdv": 460.73221297782214,
  "tpm_overlap_csf": 0.12432308608900185,
  "tpm_overlap_gm": 0.3599900337727272,
  "tpm_overlap_wm": 0.02572194052181343,
  "wm2max": 0.901890051945483
}