{
  "aor": 0.003493425925925926,
  "aqi": 0.00921516,
  "bids_meta": {
    "AcquisitionMatrixPE": 74,
    "AcquisitionNumber": 1,
    "AcquisitionTime": "13:14:26.740000",
    "BandwidthPerPixelPhaseEncode": 27.579,
    "BaseResolution": 74,
    "BodyPartExamined": "BRAIN",
    "CogAtlasID": "http://www.cognitiveatlas.org/task/id/TODO",
    "CoilString": "HE1-4;NE1_2",
    "ConsistencyInfo": "N4_VE11C_LATEST_20160120",
    "ConversionSoftware": "dcm2niix",
    "ConversionSoftwareVersion": "v1.0.20190410  GCC6.3.0",
    "DerivedVendorReportedEchoSpacing": 0.000489993,
    "DeviceSerialNumber": "166048",
    "DwellTime": 2.9e-06,
    "EchoTime": 0.023,
    "EchoTrainLength": 74,
    "EffectiveEchoSpacing": 0.000489993,
    "FlipAngle": 76,
    "ImageOrientationPatientDICOM": [
      1,
      0,
      0,
      0,
      0.961262,
      -0.275637
    ],
    "ImageType": [
      "ORIGINAL",
      "PRIMARY",
      "M",
      "ND",
      "NORM",
      "MOSAIC"
    ],
    "ImagingFrequency": 123.245,
    "InPlanePhaseEncodingDirectionDICOM": "COL",
    "InstitutionAddress": "North_13th_1701_Philadelphia_PA_US_19122",
    "InstitutionName": "Temple_University_-_Weiss_Hall",
    "InstitutionalDepartmentName": "Department",
    "MRAcquisitionType": "2D",
    "MagneticFieldStrength": 3,
    "Manufacturer": "Siemens",
    "ManufacturersModelName": "Prisma",
    "Modality": "MR",
    "PartialFourier": 1,
    "PatientPosition": "HFS",
    "PercentPhaseFOV": 100,
    "PhaseEncodingDirection": "j-",
    "PhaseEncodingSteps": 74,
    "PhaseResolution": 1,
    "PixelBandwidth": 2330,
    "ProcedureStepDescription": "SMITH_SRNDNA",
    "ProtocolName": "func-bold_trust_run1",
    "PulseSequenceDetails": "%SiemensSeq%_ep2d_bold",
    "ReceiveCoilActiveElements": "HE1-4;NE1,2",
    "ReceiveCoilName": "HeadNeck_20",
    "ReconMatrixPE": 74,
    "RepetitionTime": 2.02,
    "SAR": 0.138641,
    "ScanOptions": "FS",
    "ScanningSequence": "EP",
    "SequenceName": "_epfid2d1_74",
    "SequenceVariant": "SK",
    "SeriesDescription": "func-bold_trust_run1",
    "SeriesNumber": 10,
    "ShimSetting": [
      1427,
      -7513,
      6612,
      363,
      22,
      -215,
      51,
      63
    ],
    "SliceThickness": 2.8,
    "SliceTiming": [
      1.945,
      1.89,
      1.8325,
      1.7775,
      1.7225,
      1.6675,
      1.6125,
      1.555,
      1.5,
      1.445,
      1.39,
      1.335,
      1.2775,
      1.2225,
      1.1675,
      1.1125,
      1.055,
      1,
      0.945,
      0.89,
      0.835,
      0.7775,
      0.7225,
      0.6675,
      0.6125,
      0.555,
      0.5,
      0.445,
      0.39,
      0.335,
      0.2775,
      0.2225,
      0.1675,
      0.1125,
      0.055,
      0
    ],
    "SoftwareVersions": "syngo_MR_E11",
    "SpacingBetweenSlices": 3.22,
    "StationName": "AWP166048",
    "TaskName": "trust",
    "TotalReadoutTime": 0.0357695,
    "TxRefAmp": 280.286,
    "dataset": "<unset>",
    "modality": "bold",
    "run_id": 2,
    "subject_id": "149",
    "task_id": "trust"
  },
  "dummy_trs": 1,
  "dvars_nstd": 36.26800478567442,
  "dvars_std": 1.265939331209302,
  "dvars_vstd": 1.0122118372558138,
  "efc": 0.5213080733986633,
  "fber": 1821.4024658203125,
  "fd_mean": 0.3533100002686528,
  "fd_num": 190,
  "fd_perc": 87.96296296296296,
  "fwhm_avg": 1.826209817645626,
  "fwhm_x": 1.7519769698478342,
  "fwhm_y": 1.907810884342918,
  "fwhm_z": 1.8188415987461257,
  "gcor": 0.0176097,
  "gsr_x": -0.021195339038968086,
  "gsr_y": 0.025279371067881584,
  "provenance": {
    "md5sum": "2d2abbabefab92ff5cd0d953a54cc63c",
    "settings": {
      "fd_thres": 0.2,
      "testing": false
    },
    "software": "mriqc",
    "version": "22.0.6",
    "webapi_port": null,
    "webapi_url": "https://mriqc.nimh.nih.gov/api/v1"
  },
  "size_t": 216,
  "size_x": 74,
  "size_y": 74,
  "size_z": 36,
  "snr": 6.072400721440754,
  "spacing_tr": 2.0199999809265137,
  "spacing_x": 2.972972869873047,
  "spacing_y": 2.972972869873047,
  "spacing_z": 3.2200000286102295,
  "summary_bg_k": 22.05274417196675,
  "summary_bg_mad": 6.548160269706294,
  "summary_bg_mean": 31.5954647064209,
  "summary_bg_median": 14.009259223937988,
  "summary_bg_n": 122382.0,
  "summary_bg_p05": 7.962963104248047,
  "summary_bg_p95": 117.95764122009274,
  "summary_bg_stdv": 50.542808532714844,
  "summary_fg_k": 1.4388428758413907,
  "summary_fg_mad": 94.79044069309553,
  "summary_fg_mean": 619.9910888671875,
  "summary_fg_median": 608.1759033203125,
  "summary_fg_n": 36917.0,
  "summary_fg_p05": 487.3518493652344,
  "summary_fg_p95": 804.4935424804686,
  "summary_fg_stdv": 100.15275573730469,
  "tsnr": 61.299577238969505
}