{
  "aor": 0.00598995024875622,
  "aqi": 0.010988769004975125,
  "bids_meta": {
    "AcquisitionMatrixPE": 74,
    "AcquisitionNumber": 1,
    "AcquisitionTime": "13:49:3.592500",
    "BandwidthPerPixelPhaseEncode": 27.579,
    "BaseResolution": 74,
    "BodyPartExamined": "BRAIN",
    "CogAtlasID": "http://www.cognitiveatlas.org/task/id/TODO",
    "CoilString": "HE1-4;NE1_2",
    "ConsistencyInfo": "N4_VE11C_LATEST_20160120",
    "ConversionSoftware": "dcm2niix",
    "ConversionSoftwareVersion": "v1.0.20190410  GCC6.3.0",
    "DerivedVendorReportedEchoSpacing": 0.000489993,
    "DeviceSerialNumber": "166048",
    "DwellTime": 2.9e-06,
    "EchoTime": 0.023,
    "EchoTrainLength": 74,
    "EffectiveEchoSpacing": 0.000489993,
    "FlipAngle": 76,
    "ImageOrientationPatientDICOM": [
      1,
      0,
      0,
      0,
      0.961262,
      -0.275637
    ],
    "ImageType": [
      "ORIGINAL",
      "PRIMARY",
      "M",
      "ND",
      "NORM",
      "MOSAIC"
    ],
    "ImagingFrequency": 123.245,
    "InPlanePhaseEncodingDirectionDICOM": "COL",
    "InstitutionAddress": "North_13th_1701_Philadelphia_PA_US_19122",
    "InstitutionName": "Temple_University_-_Weiss_Hall",
    "InstitutionalDepartmentName": "Department",
    "MRAcquisitionType": "2D",
    "MagneticFieldStrength": 3,
    "Manufacturer": "Siemens",
    "ManufacturersModelName": "Prisma",
    "Modality": "MR",
    "PartialFourier": 1,
    "PatientPosition": "HFS",
    "PercentPhaseFOV": 100,
    "PhaseEncodingDirection": "j-",
    "PhaseEncodingSteps": 74,
    "PhaseResolution": 1,
    "PixelBandwidth": 2330,
    "ProcedureStepDescription": "SMITH_SRNDNA",
    "ProtocolName": "func-bold_task-reward_run1",
    "PulseSequenceDetails": "%SiemensSeq%_ep2d_bold",
    "ReceiveCoilActiveElements": "HE1-4;NE1,2",
    "ReceiveCoilName": "HeadNeck_20",
    "ReconMatrixPE": 74,
    "RepetitionTime": 2.02,
    "SAR": 0.138607,
    "ScanOptions": "FS",
    "ScanningSequence": "EP",
    "SequenceName": "_epfid2d1_74",
    "SequenceVariant": "SK",
    "SeriesDescription": "func-bold_task-reward_run1",
    "SeriesNumber": 14,
    "ShimSetting": [
      1427,
      -7513,
      6612,
      363,
      22,
      -215,
      51,
      63
    ],
    "SliceThickness": 2.8,
    "SliceTiming": [
      1.945,
      1.89,
      1.835,
      1.7775,
      1.7225,
      1.6675,
      1.6125,
      1.555,
      1.5,
      1.445,
      1.39,
      1.335,
      1.2775,
      1.2225,
      1.1675,
      1.1125,
      1.0575,
      1,
      0.945,
      0.89,
      0.835,
      0.7775,
      0.7225,
      0.6675,
      0.6125,
      0.5575,
      0.5,
      0.445,
      0.39,
      0.335,
      0.2775,
      0.2225,
      0.1675,
      0.1125,
      0.0575,
      0
    ],
    "SoftwareVersions": "syngo_MR_E11",
    "SpacingBetweenSlices": 3.22,
    "StationName": "AWP166048",
    "TaskName": "sharedreward",
    "TotalReadoutTime": 0.0357695,
    "TxRefAmp": 280.286,
    "dataset": "<unset>",
    "modality": "bold",
    "run_id": 2,
    "subject_id": "149",
    "task_id": "sharedreward"
  },
  "dummy_trs": 1,
  "dvars_nstd": 36.01696466425002,
  "dvars_std": 1.2661645210499997,
  "dvars_vstd": 1.0161460711000005,
  "efc": 0.5237613449553874,
  "fber": 1806.2650146484375,
  "fd_mean": 0.3126975914445621,
  "fd_num": 134,
  "fd_perc": 66.66666666666667,
  "fwhm_avg": 1.8395880326647382,
  "fwhm_x": 1.7614725156316764,
  "fwhm_y": 1.9246021576524963,
  "fwhm_z": 1.8326894247100418,
  "gcor": 0.0151636,
  "gsr_x": -0.021529246121644974,
  "gsr_y": 0.026005780324339867,
  "provenance": {
    "md5sum": "a91c4efae11048dd37a5bb7f7204c399",
    "settings": {
      "fd_thres": 0.2,
      "testing": false
    },
    "software": "mriqc",
    "version": "22.0.6",
    "webapi_port": null,
    "webapi_url": "https://mriqc.nimh.nih.gov/api/v1"
  },
  "size_t": 201,
  "size_x": 74,
  "size_y": 74,
  "size_z": 36,
  "snr": 6.08182943878595,
  "spacing_tr": 2.0199999809265137,
  "spacing_x": 2.972972869873047,
  "spacing_y": 2.972972869873047,
  "spacing_z": 3.2200000286102295,
  "summary_bg_k": 20.404839558218022,
  "summary_bg_mad": 6.77866310790749,
  "summary_bg_mean": 32.87668991088867,
  "summary_bg_median": 14.15920352935791,
  "summary_bg_n": 122391.0,
  "summary_bg_p05": 7.980099201202393,
  "summary_bg_p95": 125.81840515136719,
  "summary_bg_stdv": 52.58280944824219,
  "summary_fg_k": 1.4204732764203474,
  "summary_fg_mad": 96.28797390318154,
  "summary_fg_mean": 622.2579345703125,
  "summary_fg_median": 611.4775390625,
  "summary_fg_n": 36982.0,
  "summary_fg_p05": 486.5382873535156,
  "summary_fg_p95": 805.3313232421874,
  "summary_fg_stdv": 100.54035186767578,
  "tsnr": 55.26098460657522
}