{
  "aor": 0.003372361809045226,
  "aqi": 0.012953799698492462,
  "bids_meta": {
    "AcquisitionMatrixPE": 74,
    "AcquisitionNumber": 1,
    "AcquisitionTime": "13:59:10.592500",
    "BandwidthPerPixelPhaseEncode": 27.579,
    "BaseResolution": 74,
    "BodyPartExamined": "BRAIN",
    "CogAtlasID": "http://www.cognitiveatlas.org/task/id/TODO",
    "CoilString": "HE1-4;NE1_2",
    "ConsistencyInfo": "N4_VE11C_LATEST_20160120",
    "ConversionSoftware": "dcm2niix",
    "ConversionSoftwareVersion": "v1.0.20190410  GCC6.3.0",
    "DerivedVendorReportedEchoSpacing": 0.000489993,
    "DeviceSerialNumber": "166048",
    "DwellTime": 2.9e-06,
    "EchoTime": 0.023,
    "EchoTrainLength": 74,
    "EffectiveEchoSpacing": 0.000489993,
    "FlipAngle": 76,
    "ImageOrientationPatientDICOM": [
      1,
      0,
      0,
      0,
      0.961262,
      -0.275637
    ],
    "ImageType": [
      "ORIGINAL",
      "PRIMARY",
      "M",
      "ND",
      "NORM",
      "MOSAIC"
    ],
    "ImagingFrequency": 123.245,
    "InPlanePhaseEncodingDirectionDICOM": "COL",
    "InstitutionAddress": "North_13th_1701_Philadelphia_PA_US_19122",
    "InstitutionName": "Temple_University_-_Weiss_Hall",
    "InstitutionalDepartmentName": "Department",
    "MRAcquisitionType": "2D",
    "MagneticFieldStrength": 3,
    "Manufacturer": "Siemens",
    "ManufacturersModelName": "Prisma",
    "Modality": "MR",
    "PartialFourier": 1,
    "PatientPosition": "HFS",
    "PercentPhaseFOV": 100,
    "PhaseEncodingDirection": "j-",
    "PhaseEncodingSteps": 74,
    "PhaseResolution": 1,
    "PixelBandwidth": 2330,
    "ProcedureStepDescription": "SMITH_SRNDNA",
    "ProtocolName": "func-bold_task-UG_run0",
    "PulseSequenceDetails": "%SiemensSeq%_ep2d_bold",
    "ReceiveCoilActiveElements": "HE1-4;NE1,2",
    "ReceiveCoilName": "HeadNeck_20",
    "ReconMatrixPE": 74,
    "RepetitionTime": 2.02,
    "SAR": 0.138602,
    "ScanOptions": "FS",
    "ScanningSequence": "EP",
    "SequenceName": "_epfid2d1_74",
    "SequenceVariant": "SK",
    "SeriesDescription": "func-bold_task-UG_run0",
    "SeriesNumber": 15,
    "ShimSetting": [
      1427,
      -7513,
      6612,
      363,
      22,
      -215,
      51,
      63
    ],
    "SliceThickness": 2.8,
    "SliceTiming": [
      1.945,
      1.8875,
      1.8325,
      1.7775,
      1.7225,
      1.6675,
      1.61,
      1.555,
      1.5,
      1.445,
      1.3875,
      1.3325,
      1.2775,
      1.2225,
      1.1675,
      1.11,
      1.055,
      1,
      0.945,
      0.89,
      0.8325,
      0.7775,
      0.7225,
      0.6675,
      0.61,
      0.555,
      0.5,
      0.445,
      0.39,
      0.3325,
      0.2775,
      0.2225,
      0.1675,
      0.11,
      0.055,
      0
    ],
    "SoftwareVersions": "syngo_MR_E11",
    "SpacingBetweenSlices": 3.22,
    "StationName": "AWP166048",
    "TaskName": "ultimatum",
    "TotalReadoutTime": 0.0357695,
    "TxRefAmp": 280.286,
    "dataset": "<unset>",
    "modality": "bold",
    "run_id": 1,
    "subject_id": "149",
    "task_id": "ultimatum"
  },
  "dummy_trs": 1,
  "dvars_nstd": 39.17368514121211,
  "dvars_std": 1.251203973585859,
  "dvars_vstd": 0.9913836775757573,
  "efc": 0.524875135834773,
  "fber": 1774.61181640625,
  "fd_mean": 0.4113975707533958,
  "fd_num": 177,
  "fd_perc": 88.94472361809045,
  "fwhm_avg": 1.84405987141049,
  "fwhm_x": 1.7794780617106372,
  "fwhm_y": 1.9256146122330617,
  "fwhm_z": 1.8270869402877712,
  "gcor": 0.0162879,
  "gsr_x": -0.022399432957172394,
  "gsr_y": 0.027454454451799393,
  "provenance": {
    "md5sum": "0347ebc19c25e7a868987a818e1af053",
    "settings": {
      "fd_thres": 0.2,
      "testing": false
    },
    "software": "mriqc",
    "version": "22.0.6",
    "webapi_port": null,
    "webapi_url": "https://mriqc.nimh.nih.gov/api/v1"
  },
  "size_t": 199,
  "size_x": 74,
  "size_y": 74,
  "size_z": 36,
  "snr": 6.0706795144323,
  "spacing_tr": 2.0199999809265137,
  "spacing_x": 2.972972869873047,
  "spacing_y": 2.972972869873047,
  "spacing_z": 3.2200000286102295,
  "summary_bg_k": 21.22622892534695,
  "summary_bg_mad": 6.861691298019686,
  "summary_bg_mean": 33.2982177734375,
  "summary_bg_median": 14.271356582641602,
  "summary_bg_n": 122298.0,
  "summary_bg_p05": 8.025125503540039,
  "summary_bg_p95": 127.07613143920895,
  "summary_bg_stdv": 53.06308364868164,
  "summary_fg_k": 1.4026579916529505,
  "summary_fg_mad": 96.23503675121464,
  "summary_fg_mean": 622.2322387695312,
  "summary_fg_median": 611.0929565429688,
  "summary_fg_n": 37092.0,
  "summary_fg_p05": 485.80175018310547,
  "summary_fg_p95": 805.7879333496093,
  "summary_fg_stdv": 100.66166687011719,
  "tsnr": 50.779650152195245
}