{
  "bids_meta": {
    "AcquisitionMatrixPE": 192,
    "AcquisitionNumber": 1,
    "AcquisitionTime": "10:04:25.285000",
    "BaseResolution": 192,
    "BodyPartExamined": "BRAIN",
    "CoilString": "HE1-4;NE1_2",
    "ConsistencyInfo": "N4_VE11C_LATEST_20160120",
    "ConversionSoftware": "dcm2niix",
    "ConversionSoftwareVersion": "v1.0.20190410  GCC6.3.0",
    "DeviceSerialNumber": "166048",
    "DwellTime": 1.24e-05,
    "EchoTime": 0.0022,
    "FlipAngle": 8,
    "ImageOrientationPatientDICOM": [
      0,
      1,
      0,
      0,
      0,
      -1
    ],
    "ImageType": [
      "ORIGINAL",
      "PRIMARY",
      "M",
      "ND",
      "NORM",
      "FM3",
      "2",
      "FIL"
    ],
    "ImagingFrequency": 123.246,
    "InPlanePhaseEncodingDirectionDICOM": "ROW",
    "InstitutionAddress": "North_13th_1701_Philadelphia_PA_US_19122",
    "InstitutionName": "Temple_University_-_Weiss_Hall",
    "InstitutionalDepartmentName": "Department",
    "InversionTime": 1.15,
    "MRAcquisitionType": "3D",
    "MagneticFieldStrength": 3,
    "Manufacturer": "Siemens",
    "ManufacturersModelName": "Prisma",
    "Modality": "MR",
    "PartialFourier": 1,
    "PatientPosition": "HFS",
    "PercentPhaseFOV": 100,
    "PhaseEncodingSteps": 211,
    "PhaseOversampling": 0.1,
    "PhaseResolution": 1,
    "PixelBandwidth": 210,
    "ProcedureStepDescription": "SMITH_SRNDNA",
    "ProtocolName": "T1w-anat_mpg_07sag_iso",
    "PulseSequenceDetails": "%SiemensSeq%_tfl",
    "ReceiveCoilActiveElements": "HE1-4;NE1,2",
    "ReceiveCoilName": "HeadNeck_20",
    "ReconMatrixPE": 192,
    "RefLinesPE": 32,
    "RepetitionTime": 2.4,
    "SAR": 0.0458203,
    "ScanOptions": "IR_WE",
    "ScanningSequence": "GR_IR",
    "SequenceName": "_tfl3d1_16ns",
    "SequenceVariant": "SK_SP_MP_OSP",
    "SeriesDescription": "T1w-anat_mpg_07sag_iso",
    "SeriesNumber": 5,
    "ShimSetting": [
      1414,
      -7450,
      6403,
      223,
      23,
      -130,
      -79,
      101
    ],
    "SliceThickness": 1,
    "SoftwareVersions": "syngo_MR_E11",
    "StationName": "AWP166048",
    "TxRefAmp": 262.666,
    "dataset": "<unset>",
    "modality": "T1w",
    "subject_id": "159"
  },
  "cjv": 0.316823869377141,
  "cnr": 4.208226007803606,
  "efc": 0.6220878656794979,
  "fber": -1.0,
  "fwhm_avg": 3.9715433333333334,
  "fwhm_x": 3.813,
  "fwhm_y": 3.97715,
  "fwhm_z": 4.12448,
  "icvs_csf": 0.19790804035902132,
  "icvs_gm": 0.4583854314373724,
  "icvs_wm": 0.34370652820360625,
  "inu_med": 0.39038270711898804,
  "inu_range": 0.1318361550569534,
  "provenance": {
    "md5sum": "c9982b528b9132e294e2b30ee34c07fe",
    "settings": {
      "testing": false
    },
    "software": "mriqc",
    "version": "22.0.6",
    "warnings": {
      "large_rot_frame": true,
      "small_air_mask": false
    },
    "webapi_port": null,
    "webapi_url": "https://mriqc.nimh.nih.gov/api/v1"
  },
  "qi_1": 0.0,
  "qi_2": 0.00691905620042178,
  "rpve_csf": 16.98021451137729,
  "rpve_gm": 7.849848122316686,
  "rpve_wm": 11.733488587090324,
  "size_x": 192,
  "size_y": 192,
  "size_z": 192,
  "snr_csf": 2.539959562152564,
  "snr_gm": 12.423978897071718,
  "snr_total": 15.384660539661544,
  "snr_wm": 31.19004315976035,
  "snrd_csf": 33.26276151563476,
  "snrd_gm": 102.14353955798148,
  "snrd_total": 92.39304278945963,
  "snrd_wm": 141.77282729476264,
  "spacing_x": 1.0,
  "spacing_y": 1.0,
  "spacing_z": 1.0,
  "summary_bg_k": 15.339306867498266,
  "summary_bg_mad": 0.0,
  "summary_bg_mean": 2.5994586751114457,
  "summary_bg_median": 0.0,
  "summary_bg_n": 1752953.0,
  "summary_bg_p05": 0.0,
  "summary_bg_p95": 12.056752245873213,
  "summary_bg_stdv": 4.62121707008802,
  "summary_csf_k": 2.767099358395055,
  "summary_csf_mad": 73.80360119014162,
  "summary_csf_mean": 246.548321672793,
  "summary_csf_median": 234.62967607099563,
  "summary_csf_n": 33318.0,
  "summary_csf_p05": 124.95179600268602,
  "summary_csf_p95": 430.21293076928697,
  "summary_csf_stdv": 92.37397259226573,
  "summary_gm_k": 0.03035727851831016,
  "summary_gm_mad": 57.80905928084079,
  "summary_gm_mean": 719.98239529627,
  "summary_gm_median": 720.5025832857937,
  "summary_gm_n": 55101.0,
  "summary_gm_p05": 624.3530287593603,
  "summary_gm_p95": 814.7441669180989,
  "summary_gm_stdv": 57.99237516482265,
  "summary_wm_k": 0.8856770293584391,
  "summary_wm_mad": 30.755262147329145,
  "summary_wm_mean": 1000.6870701951947,
  "summary_wm_median": 1000.0406168382615,
  "summary_wm_n": 178717.0,
  "summary_wm_p05": 949.9056369606405,
  "summary_wm_p95": 1052.5301139894873,
  "summary_wm_stdv": 32.062726360430524,
  "tpm_overlap_csf": 0.16728984938750133,
  "tpm_overlap_gm": 0.47864544671934983,
  "tpm_overlap_wm": 0.5054355405758255,
  "wm2max": 0.8878737092501486
}