{
  "bids_meta": {
    "AcquisitionMatrixPE": 192,
    "AcquisitionNumber": 1,
    "AcquisitionTime": "10:00:22.527500",
    "BaseResolution": 192,
    "BodyPartExamined": "BRAIN",
    "CoilString": "HE1-4;NE1_2",
    "ConsistencyInfo": "N4_VE11C_LATEST_20160120",
    "ConversionSoftware": "dcm2niix",
    "ConversionSoftwareVersion": "v1.0.20190410  GCC6.3.0",
    "DeviceSerialNumber": "166048",
    "DwellTime": 3.5e-06,
    "EchoTime": 0.567,
    "EchoTrainLength": 314,
    "FlipAngle": 120,
    "ImageOrientationPatientDICOM": [
      0,
      1,
      0,
      0,
      0,
      -1
    ],
    "ImageType": [
      "ORIGINAL",
      "PRIMARY",
      "M",
      "ND",
      "NORM"
    ],
    "ImagingFrequency": 123.246,
    "InPlanePhaseEncodingDirectionDICOM": "ROW",
    "InstitutionAddress": "North_13th_1701_Philadelphia_PA_US_19122",
    "InstitutionName": "Temple_University_-_Weiss_Hall",
    "InstitutionalDepartmentName": "Department",
    "MRAcquisitionType": "3D",
    "MagneticFieldStrength": 3,
    "Manufacturer": "Siemens",
    "ManufacturersModelName": "Prisma",
    "Modality": "MR",
    "PartialFourier": 1,
    "PatientPosition": "HFS",
    "PercentPhaseFOV": 100,
    "PhaseEncodingSteps": 209,
    "PhaseOversampling": 0.1,
    "PhaseResolution": 1,
    "PixelBandwidth": 745,
    "ProcedureStepDescription": "SMITH_SRNDNA",
    "ProtocolName": "T2w-anat_spc_07sag_iso",
    "PulseSequenceDetails": "%SiemensSeq%_tse_vfl",
    "ReceiveCoilActiveElements": "HE1-4;NE1,2",
    "ReceiveCoilName": "HeadNeck_20",
    "ReconMatrixPE": 192,
    "RefLinesPE": 32,
    "RepetitionTime": 3.2,
    "SAR": 0.168311,
    "ScanOptions": "PFP",
    "ScanningSequence": "SE",
    "SequenceName": "_spc_314ns",
    "SequenceVariant": "SK_SP_OSP",
    "SeriesDescription": "T2w-anat_spc_07sag_iso",
    "SeriesNumber": 3,
    "ShimSetting": [
      1414,
      -7450,
      6403,
      223,
      23,
      -130,
      -79,
      101
    ],
    "SliceThickness": 1,
    "SoftwareVersions": "syngo_MR_E11",
    "StationName": "AWP166048",
    "TxRefAmp": 262.666,
    "dataset": "<unset>",
    "modality": "T2w",
    "subject_id": "159"
  },
  "cjv": 0.667474065011598,
  "cnr": 1.6779549315143292,
  "efc": 0.5966335005461398,
  "fber": 5315.139025,
  "fwhm_avg": 2.6530400000000003,
  "fwhm_x": 2.4416,
  "fwhm_y": 2.92924,
  "fwhm_z": 2.58828,
  "icvs_csf": 0.33229055604362917,
  "icvs_gm": 0.1595241222060069,
  "icvs_wm": 0.5081853217503639,
  "inu_med": 0.9492544233798981,
  "inu_range": 0.21807558834552765,
  "provenance": {
    "md5sum": "e10fa8ed6ca51a8b22a217eb18c5c98b",
    "settings": {
      "testing": false
    },
    "software": "mriqc",
    "version": "22.0.6",
    "warnings": {
      "large_rot_frame": true,
      "small_air_mask": false
    },
    "webapi_port": null,
    "webapi_url": "https://mriqc.nimh.nih.gov/api/v1"
  },
  "qi_1": 0.0,
  "qi_2": 0.00166312203852416,
  "rpve_csf": 9.600972873889129,
  "rpve_gm": 25.175548684478308,
  "rpve_wm": 7.578014695131665,
  "size_x": 192,
  "size_y": 192,
  "size_z": 192,
  "snr_csf": 10.02054181253157,
  "snr_gm": 2.507602371283152,
  "snr_total": 7.376468067052634,
  "snr_wm": 9.60126001734318,
  "snrd_csf": 91.84269790230195,
  "snrd_gm": 171.7097673177845,
  "snrd_total": 106.6459577242244,
  "snrd_wm": 56.38540795258678,
  "spacing_x": 1.0,
  "spacing_y": 1.0,
  "spacing_z": 1.0,
  "summary_bg_k": 5.890625685460629,
  "summary_bg_mad": 0.0,
  "summary_bg_mean": 8.224136123331196,
  "summary_bg_median": 0.0,
  "summary_bg_n": 1732575.0,
  "summary_bg_p05": 0.0,
  "summary_bg_p95": 28.09928297996521,
  "summary_bg_stdv": 11.62045390929536,
  "summary_csf_k": 1.3784282260279577,
  "summary_csf_mad": 145.95899342181204,
  "summary_csf_mean": 1638.7856428677517,
  "summary_csf_median": 1629.055930763483,
  "summary_csf_n": 31220.0,
  "summary_csf_p05": 1396.534364104271,
  "summary_csf_p95": 1919.7865001767873,
  "summary_csf_stdv": 162.56903779155718,
  "summary_gm_k": -0.08046791369916617,
  "summary_gm_mad": 1260.1176027391778,
  "summary_gm_mean": 2865.155788038842,
  "summary_gm_median": 3045.694662809372,
  "summary_gm_n": 32442.0,
  "summary_gm_p05": 223.19193567931654,
  "summary_gm_p95": 4076.4700267910957,
  "summary_gm_stdv": 1214.5656571050629,
  "summary_wm_k": 0.12703236414470442,
  "summary_wm_mad": 105.24124500206767,
  "summary_wm_mean": 999.985407159014,
  "summary_wm_median": 1000.1337649226189,
  "summary_wm_n": 200199.0,
  "summary_wm_p05": 830.8021334409714,
  "summary_wm_p95": 1168.1942383646965,
  "summary_wm_stdv": 104.16666825644404,
  "tpm_overlap_csf": 0.11041683865474816,
  "tpm_overlap_gm": 0.08944815436134518,
  "tpm_overlap_wm": 0.45807804057276086,
  "wm2max": 0.24677659932189036
}