{
  "aor": 0.0036297487437185927,
  "aqi": 0.00891992095477387,
  "bids_meta": {
    "AcquisitionMatrixPE": 74,
    "AcquisitionNumber": 1,
    "AcquisitionTime": "15:41:26.130000",
    "BandwidthPerPixelPhaseEncode": 27.579,
    "BaseResolution": 74,
    "BodyPartExamined": "BRAIN",
    "CogAtlasID": "http://www.cognitiveatlas.org/task/id/TODO",
    "CoilString": "HE1-4;NE1_2",
    "ConsistencyInfo": "N4_VE11C_LATEST_20160120",
    "ConversionSoftware": "dcm2niix",
    "ConversionSoftwareVersion": "v1.0.20190410  GCC6.3.0",
    "DerivedVendorReportedEchoSpacing": 0.000489993,
    "DeviceSerialNumber": "166048",
    "DwellTime": 2.9e-06,
    "EchoTime": 0.023,
    "EchoTrainLength": 74,
    "EffectiveEchoSpacing": 0.000489993,
    "FlipAngle": 76,
    "ImageOrientationPatientDICOM": [
      1,
      0,
      0,
      0,
      0.977416,
      -0.211325
    ],
    "ImageType": [
      "ORIGINAL",
      "PRIMARY",
      "M",
      "ND",
      "NORM",
      "MOSAIC"
    ],
    "ImagingFrequency": 123.246,
    "InPlanePhaseEncodingDirectionDICOM": "COL",
    "InstitutionAddress": "North_13th_1701_Philadelphia_PA_US_19122",
    "InstitutionName": "Temple_University_-_Weiss_Hall",
    "InstitutionalDepartmentName": "Department",
    "MRAcquisitionType": "2D",
    "MagneticFieldStrength": 3,
    "Manufacturer": "Siemens",
    "ManufacturersModelName": "Prisma",
    "Modality": "MR",
    "PartialFourier": 1,
    "PatientPosition": "HFS",
    "PercentPhaseFOV": 100,
    "PhaseEncodingDirection": "j-",
    "PhaseEncodingSteps": 74,
    "PhaseResolution": 1,
    "PixelBandwidth": 2330,
    "ProcedureStepDescription": "SMITH_SRNDNA",
    "ProtocolName": "func-bold_task-UG_run1",
    "PulseSequenceDetails": "%SiemensSeq%_ep2d_bold",
    "ReceiveCoilActiveElements": "HE1-4;NE1,2",
    "ReceiveCoilName": "HeadNeck_20",
    "ReconMatrixPE": 74,
    "RepetitionTime": 2.02,
    "SAR": 0.104999,
    "ScanOptions": "FS",
    "ScanningSequence": "EP",
    "SequenceName": "_epfid2d1_74",
    "SequenceVariant": "SK",
    "SeriesDescription": "func-bold_task-UG_run1",
    "SeriesNumber": 17,
    "ShimSetting": [
      1435,
      -7454,
      6485,
      457,
      187,
      114,
      -84,
      77
    ],
    "SliceThickness": 2.8,
    "SliceTiming": [
      1.945,
      1.89,
      1.835,
      1.78,
      1.7225,
      1.6675,
      1.6125,
      1.5575,
      1.5,
      1.445,
      1.39,
      1.335,
      1.28,
      1.2225,
      1.1675,
      1.1125,
      1.0575,
      1,
      0.945,
      0.89,
      0.835,
      0.78,
      0.7225,
      0.6675,
      0.6125,
      0.5575,
      0.5,
      0.445,
      0.39,
      0.335,
      0.28,
      0.2225,
      0.1675,
      0.1125,
      0.0575,
      0
    ],
    "SoftwareVersions": "syngo_MR_E11",
    "SpacingBetweenSlices": 3.22,
    "StationName": "AWP166048",
    "TaskName": "ultimatum",
    "TotalReadoutTime": 0.0357695,
    "TxRefAmp": 282.602,
    "dataset": "<unset>",
    "modality": "bold",
    "run_id": 2,
    "subject_id": "158",
    "task_id": "ultimatum"
  },
  "dummy_trs": 1,
  "dvars_nstd": 19.5299296280303,
  "dvars_std": 1.2026511016161616,
  "dvars_vstd": 1.0206480624242427,
  "efc": 0.5487188751123401,
  "fber": 1755.0211181640625,
  "fd_mean": 0.12390627386659117,
  "fd_num": 15,
  "fd_perc": 7.5376884422110555,
  "fwhm_avg": 1.7245151881151344,
  "fwhm_x": 1.6585284211525804,
  "fwhm_y": 1.8666196423111558,
  "fwhm_z": 1.6483975008816674,
  "gcor": 0.0490578,
  "gsr_x": -0.002374072326347232,
  "gsr_y": 0.04921446740627289,
  "provenance": {
    "md5sum": "11aea99793a1fa95bfddb6dc7f1d0d42",
    "settings": {
      "fd_thres": 0.2,
      "testing": false
    },
    "software": "mriqc",
    "version": "22.0.6",
    "webapi_port": null,
    "webapi_url": "https://mriqc.nimh.nih.gov/api/v1"
  },
  "size_t": 199,
  "size_x": 74,
  "size_y": 74,
  "size_z": 36,
  "snr": 7.59266286436812,
  "spacing_tr": 2.0199999809265137,
  "spacing_x": 2.972972869873047,
  "spacing_y": 2.972973108291626,
  "spacing_z": 3.2200000286102295,
  "summary_bg_k": 17.89411306011143,
  "summary_bg_mad": 11.06363853393806,
  "summary_bg_mean": 50.5106315612793,
  "summary_bg_median": 20.30653190612793,
  "summary_bg_n": 118144.0,
  "summary_bg_p05": 9.939698219299316,
  "summary_bg_p95": 210.22034683227534,
  "summary_bg_stdv": 81.84198760986328,
  "summary_fg_k": 3.962991790628563,
  "summary_fg_mad": 101.53219060051157,
  "summary_fg_mean": 871.2348022460938,
  "summary_fg_median": 863.9874267578125,
  "summary_fg_n": 40502.0,
  "summary_fg_p05": 716.1012786865234,
  "summary_fg_p95": 1055.964337158203,
  "summary_fg_stdv": 113.79100799560547,
  "tsnr": 76.18697657180019
}