{
  "aor": 0.005017623762376237,
  "aqi": 0.01860365311881188,
  "bids_meta": {
    "AcquisitionMatrixPE": 74,
    "AcquisitionNumber": 1,
    "AcquisitionTime": "15:24:50.017500",
    "BandwidthPerPixelPhaseEncode": 27.579,
    "BaseResolution": 74,
    "BodyPartExamined": "BRAIN",
    "CogAtlasID": "http://www.cognitiveatlas.org/task/id/TODO",
    "CoilString": "HE1-4;NE1_2",
    "ConsistencyInfo": "N4_VE11C_LATEST_20160120",
    "ConversionSoftware": "dcm2niix",
    "ConversionSoftwareVersion": "v1.0.20190410  GCC6.3.0",
    "DerivedVendorReportedEchoSpacing": 0.000489993,
    "DeviceSerialNumber": "166048",
    "DwellTime": 2.9e-06,
    "EchoTime": 0.023,
    "EchoTrainLength": 74,
    "EffectiveEchoSpacing": 0.000489993,
    "FlipAngle": 76,
    "ImageOrientationPatientDICOM": [
      1,
      0,
      0,
      0,
      0.977416,
      -0.211325
    ],
    "ImageType": [
      "ORIGINAL",
      "PRIMARY",
      "M",
      "ND",
      "NORM",
      "MOSAIC"
    ],
    "ImagingFrequency": 123.246,
    "InPlanePhaseEncodingDirectionDICOM": "COL",
    "InstitutionAddress": "North_13th_1701_Philadelphia_PA_US_19122",
    "InstitutionName": "Temple_University_-_Weiss_Hall",
    "InstitutionalDepartmentName": "Department",
    "MRAcquisitionType": "2D",
    "MagneticFieldStrength": 3,
    "Manufacturer": "Siemens",
    "ManufacturersModelName": "Prisma",
    "Modality": "MR",
    "PartialFourier": 1,
    "PatientPosition": "HFS",
    "PercentPhaseFOV": 100,
    "PhaseEncodingDirection": "j-",
    "PhaseEncodingSteps": 74,
    "PhaseResolution": 1,
    "PixelBandwidth": 2330,
    "ProcedureStepDescription": "SMITH_SRNDNA",
    "ProtocolName": "func-bold_task-reward_run1",
    "PulseSequenceDetails": "%SiemensSeq%_ep2d_bold",
    "ReceiveCoilActiveElements": "HE1-4;NE1,2",
    "ReceiveCoilName": "HeadNeck_20",
    "ReconMatrixPE": 74,
    "RepetitionTime": 2.02,
    "SAR": 0.105003,
    "ScanOptions": "FS",
    "ScanningSequence": "EP",
    "SequenceName": "_epfid2d1_74",
    "SequenceVariant": "SK",
    "SeriesDescription": "func-bold_task-reward_run1",
    "SeriesNumber": 15,
    "ShimSetting": [
      1435,
      -7454,
      6485,
      457,
      187,
      114,
      -84,
      77
    ],
    "SliceThickness": 2.8,
    "SliceTiming": [
      1.945,
      1.89,
      1.835,
      1.7775,
      1.7225,
      1.6675,
      1.6125,
      1.555,
      1.5,
      1.445,
      1.39,
      1.335,
      1.2775,
      1.2225,
      1.1675,
      1.1125,
      1.055,
      1,
      0.945,
      0.89,
      0.835,
      0.7775,
      0.7225,
      0.6675,
      0.6125,
      0.555,
      0.5,
      0.445,
      0.39,
      0.335,
      0.2775,
      0.2225,
      0.1675,
      0.1125,
      0.055,
      0
    ],
    "SoftwareVersions": "syngo_MR_E11",
    "SpacingBetweenSlices": 3.22,
    "StationName": "AWP166048",
    "TaskName": "sharedreward",
    "TotalReadoutTime": 0.0357695,
    "TxRefAmp": 282.602,
    "dataset": "<unset>",
    "modality": "bold",
    "run_id": 2,
    "subject_id": "158",
    "task_id": "sharedreward"
  },
  "dummy_trs": 0,
  "dvars_nstd": 21.633846676815924,
  "dvars_std": 1.140963167761194,
  "dvars_vstd": 0.9852607862189053,
  "efc": 0.5512096263297553,
  "fber": 1748.6312255859375,
  "fd_mean": 0.21748212441772347,
  "fd_num": 43,
  "fd_perc": 21.287128712871286,
  "fwhm_avg": 1.7284542625956052,
  "fwhm_x": 1.6688749669659344,
  "fwhm_y": 1.8958698227979784,
  "fwhm_z": 1.620617998022903,
  "gcor": 0.0324035,
  "gsr_x": -0.0033431497868150473,
  "gsr_y": 0.04904226213693619,
  "provenance": {
    "md5sum": "34c740f053a4cd9c87f364e2daac7d8b",
    "settings": {
      "fd_thres": 0.2,
      "testing": false
    },
    "software": "mriqc",
    "version": "22.0.6",
    "webapi_port": null,
    "webapi_url": "https://mriqc.nimh.nih.gov/api/v1"
  },
  "size_t": 202,
  "size_x": 74,
  "size_y": 74,
  "size_z": 36,
  "snr": 7.623968042822948,
  "spacing_tr": 2.0199999809265137,
  "spacing_x": 2.972972869873047,
  "spacing_y": 2.972973108291626,
  "spacing_z": 3.2200000286102295,
  "summary_bg_k": 18.945316473655705,
  "summary_bg_mad": 11.486496657988232,
  "summary_bg_mean": 51.355995178222656,
  "summary_bg_median": 20.47524642944336,
  "summary_bg_n": 117629.0,
  "summary_bg_p05": 9.818811798095705,
  "summary_bg_p95": 211.18118286132807,
  "summary_bg_stdv": 83.17835235595703,
  "summary_fg_k": 3.4541341434626274,
  "summary_fg_mad": 101.30134842159264,
  "summary_fg_mean": 871.8687133789062,
  "summary_fg_median": 863.8613891601562,
  "summary_fg_n": 40799.0,
  "summary_fg_p05": 716.166845703125,
  "summary_fg_p95": 1056.5905395507812,
  "summary_fg_stdv": 113.30724334716797,
  "tsnr": 56.41092089377344
}