{
  "aor": 0.0019581592039800994,
  "aqi": 0.012921046417910446,
  "bids_meta": {
    "AcquisitionMatrixPE": 74,
    "AcquisitionNumber": 1,
    "AcquisitionTime": "15:17:27.265000",
    "BandwidthPerPixelPhaseEncode": 27.579,
    "BaseResolution": 74,
    "BodyPartExamined": "BRAIN",
    "CogAtlasID": "http://www.cognitiveatlas.org/task/id/TODO",
    "CoilString": "HE1-4;NE1_2",
    "ConsistencyInfo": "N4_VE11C_LATEST_20160120",
    "ConversionSoftware": "dcm2niix",
    "ConversionSoftwareVersion": "v1.0.20190410  GCC6.3.0",
    "DerivedVendorReportedEchoSpacing": 0.000489993,
    "DeviceSerialNumber": "166048",
    "DwellTime": 2.9e-06,
    "EchoTime": 0.023,
    "EchoTrainLength": 74,
    "EffectiveEchoSpacing": 0.000489993,
    "FlipAngle": 76,
    "ImageOrientationPatientDICOM": [
      1,
      0,
      0,
      0,
      0.977416,
      -0.211325
    ],
    "ImageType": [
      "ORIGINAL",
      "PRIMARY",
      "M",
      "ND",
      "NORM",
      "MOSAIC"
    ],
    "ImagingFrequency": 123.246,
    "InPlanePhaseEncodingDirectionDICOM": "COL",
    "InstitutionAddress": "North_13th_1701_Philadelphia_PA_US_19122",
    "InstitutionName": "Temple_University_-_Weiss_Hall",
    "InstitutionalDepartmentName": "Department",
    "MRAcquisitionType": "2D",
    "MagneticFieldStrength": 3,
    "Manufacturer": "Siemens",
    "ManufacturersModelName": "Prisma",
    "Modality": "MR",
    "PartialFourier": 1,
    "PatientPosition": "HFS",
    "PercentPhaseFOV": 100,
    "PhaseEncodingDirection": "j-",
    "PhaseEncodingSteps": 74,
    "PhaseResolution": 1,
    "PixelBandwidth": 2330,
    "ProcedureStepDescription": "SMITH_SRNDNA",
    "ProtocolName": "func-bold_task-reward_run0",
    "PulseSequenceDetails": "%SiemensSeq%_ep2d_bold",
    "ReceiveCoilActiveElements": "HE1-4;NE1,2",
    "ReceiveCoilName": "HeadNeck_20",
    "ReconMatrixPE": 74,
    "RepetitionTime": 2.02,
    "SAR": 0.105003,
    "ScanOptions": "FS",
    "ScanningSequence": "EP",
    "SequenceName": "_epfid2d1_74",
    "SequenceVariant": "SK",
    "SeriesDescription": "func-bold_task-reward_run0",
    "SeriesNumber": 14,
    "ShimSetting": [
      1435,
      -7454,
      6485,
      457,
      187,
      114,
      -84,
      77
    ],
    "SliceThickness": 2.8,
    "SliceTiming": [
      1.9425,
      1.8875,
      1.8325,
      1.7775,
      1.72,
      1.665,
      1.61,
      1.555,
      1.5,
      1.4425,
      1.3875,
      1.3325,
      1.2775,
      1.22,
      1.165,
      1.11,
      1.055,
      1,
      0.9425,
      0.8875,
      0.8325,
      0.7775,
      0.72,
      0.665,
      0.61,
      0.555,
      0.5,
      0.4425,
      0.3875,
      0.3325,
      0.2775,
      0.22,
      0.165,
      0.11,
      0.055,
      0
    ],
    "SoftwareVersions": "syngo_MR_E11",
    "SpacingBetweenSlices": 3.22,
    "StationName": "AWP166048",
    "TaskName": "sharedreward",
    "TotalReadoutTime": 0.0357695,
    "TxRefAmp": 282.602,
    "dataset": "<unset>",
    "modality": "bold",
    "run_id": 1,
    "subject_id": "158",
    "task_id": "sharedreward"
  },
  "dummy_trs": 1,
  "dvars_nstd": 20.071062798199996,
  "dvars_std": 1.1648910171999998,
  "dvars_vstd": 0.9530549532000003,
  "efc": 0.5517058371924807,
  "fber": 1714.85205078125,
  "fd_mean": 0.12929593437017625,
  "fd_num": 15,
  "fd_perc": 7.462686567164179,
  "fwhm_avg": 1.7331167086479038,
  "fwhm_x": 1.6658140577688758,
  "fwhm_y": 1.8907503684855425,
  "fwhm_z": 1.642785699689293,
  "gcor": 0.0276828,
  "gsr_x": -0.003562543774023652,
  "gsr_y": 0.050709839910268784,
  "provenance": {
    "md5sum": "85f4fef4ac9338cbb880f32ab8648403",
    "settings": {
      "fd_thres": 0.2,
      "testing": false
    },
    "software": "mriqc",
    "version": "22.0.6",
    "webapi_port": null,
    "webapi_url": "https://mriqc.nimh.nih.gov/api/v1"
  },
  "size_t": 201,
  "size_x": 74,
  "size_y": 74,
  "size_z": 36,
  "snr": 7.510939022109852,
  "spacing_tr": 2.0199999809265137,
  "spacing_x": 2.972972869873047,
  "spacing_y": 2.972973108291626,
  "spacing_z": 3.2200000286102295,
  "summary_bg_k": 18.18952401605067,
  "summary_bg_mad": 12.288633074413257,
  "summary_bg_mean": 51.06757354736328,
  "summary_bg_median": 20.51243782043457,
  "summary_bg_n": 117466.0,
  "summary_bg_p05": 9.064676284790039,
  "summary_bg_p95": 212.27362060546875,
  "summary_bg_stdv": 82.3449935913086,
  "summary_fg_k": 3.8158361508666703,
  "summary_fg_mad": 102.1741327476111,
  "summary_fg_mean": 871.11962890625,
  "summary_fg_median": 863.8756103515625,
  "summary_fg_n": 41052.0,
  "summary_fg_p05": 715.121875,
  "summary_fg_p95": 1057.2024902343749,
  "summary_fg_stdv": 115.0142593383789,
  "tsnr": 67.8663367042318
}