{
  "aor": 0.004920552995391704,
  "aqi": 0.015526641566820279,
  "bids_meta": {
    "AcquisitionMatrixPE": 74,
    "AcquisitionNumber": 1,
    "AcquisitionTime": "14:59:33.840000",
    "BandwidthPerPixelPhaseEncode": 27.579,
    "BaseResolution": 74,
    "BodyPartExamined": "BRAIN",
    "CogAtlasID": "http://www.cognitiveatlas.org/task/id/TODO",
    "CoilString": "HE1-4;NE1_2",
    "ConsistencyInfo": "N4_VE11C_LATEST_20160120",
    "ConversionSoftware": "dcm2niix",
    "ConversionSoftwareVersion": "v1.0.20190410  GCC6.3.0",
    "DerivedVendorReportedEchoSpacing": 0.000489993,
    "DeviceSerialNumber": "166048",
    "DwellTime": 2.9e-06,
    "EchoTime": 0.023,
    "EchoTrainLength": 74,
    "EffectiveEchoSpacing": 0.000489993,
    "FlipAngle": 76,
    "ImageOrientationPatientDICOM": [
      1,
      0,
      0,
      0,
      0.977416,
      -0.211325
    ],
    "ImageType": [
      "ORIGINAL",
      "PRIMARY",
      "M",
      "ND",
      "NORM",
      "MOSAIC"
    ],
    "ImagingFrequency": 123.246,
    "InPlanePhaseEncodingDirectionDICOM": "COL",
    "InstitutionAddress": "North_13th_1701_Philadelphia_PA_US_19122",
    "InstitutionName": "Temple_University_-_Weiss_Hall",
    "InstitutionalDepartmentName": "Department",
    "MRAcquisitionType": "2D",
    "MagneticFieldStrength": 3,
    "Manufacturer": "Siemens",
    "ManufacturersModelName": "Prisma",
    "Modality": "MR",
    "PartialFourier": 1,
    "PatientPosition": "HFS",
    "PercentPhaseFOV": 100,
    "PhaseEncodingDirection": "j-",
    "PhaseEncodingSteps": 74,
    "PhaseResolution": 1,
    "PixelBandwidth": 2330,
    "ProcedureStepDescription": "SMITH_SRNDNA",
    "ProtocolName": "func-bold_trust_run3",
    "PulseSequenceDetails": "%SiemensSeq%_ep2d_bold",
    "ReceiveCoilActiveElements": "HE1-4;NE1,2",
    "ReceiveCoilName": "HeadNeck_20",
    "ReconMatrixPE": 74,
    "RepetitionTime": 2.02,
    "SAR": 0.105029,
    "ScanOptions": "FS",
    "ScanningSequence": "EP",
    "SequenceName": "_epfid2d1_74",
    "SequenceVariant": "SK",
    "SeriesDescription": "func-bold_trust_run3",
    "SeriesNumber": 12,
    "ShimSetting": [
      1435,
      -7454,
      6485,
      457,
      187,
      114,
      -84,
      77
    ],
    "SliceThickness": 2.8,
    "SliceTiming": [
      1.945,
      1.8875,
      1.8325,
      1.7775,
      1.7225,
      1.665,
      1.61,
      1.555,
      1.5,
      1.445,
      1.3875,
      1.3325,
      1.2775,
      1.2225,
      1.1675,
      1.11,
      1.055,
      1,
      0.945,
      0.8875,
      0.8325,
      0.7775,
      0.7225,
      0.6675,
      0.61,
      0.555,
      0.5,
      0.445,
      0.3875,
      0.3325,
      0.2775,
      0.2225,
      0.1675,
      0.11,
      0.055,
      0
    ],
    "SoftwareVersions": "syngo_MR_E11",
    "SpacingBetweenSlices": 3.22,
    "StationName": "AWP166048",
    "TaskName": "trust",
    "TotalReadoutTime": 0.0357695,
    "TxRefAmp": 282.602,
    "dataset": "<unset>",
    "modality": "bold",
    "run_id": 4,
    "subject_id": "158",
    "task_id": "trust"
  },
  "dummy_trs": 0,
  "dvars_nstd": 22.108218815601848,
  "dvars_std": 1.142768646990741,
  "dvars_vstd": 0.981862767361111,
  "efc": 0.5528073603610263,
  "fber": 1739.5234375,
  "fd_mean": 0.21304264255500185,
  "fd_num": 53,
  "fd_perc": 24.42396313364055,
  "fwhm_avg": 1.7337951427199432,
  "fwhm_x": 1.6696956942671237,
  "fwhm_y": 1.8759940964299202,
  "fwhm_z": 1.6556956374627851,
  "gcor": 0.0411585,
  "gsr_x": -0.005248673260211945,
  "gsr_y": 0.049524374306201935,
  "provenance": {
    "md5sum": "4c4ffbede2816656636fe087ef1ebccb",
    "settings": {
      "fd_thres": 0.2,
      "testing": false
    },
    "software": "mriqc",
    "version": "22.0.6",
    "webapi_port": null,
    "webapi_url": "https://mriqc.nimh.nih.gov/api/v1"
  },
  "size_t": 217,
  "size_x": 74,
  "size_y": 74,
  "size_z": 36,
  "snr": 7.624183838251128,
  "spacing_tr": 2.0199999809265137,
  "spacing_x": 2.972972869873047,
  "spacing_y": 2.972973108291626,
  "spacing_z": 3.2200000286102295,
  "summary_bg_k": 20.560281664235635,
  "summary_bg_mad": 11.170758501089894,
  "summary_bg_mean": 50.7796745300293,
  "summary_bg_median": 20.387096405029297,
  "summary_bg_n": 117055.0,
  "summary_bg_p05": 9.8986177444458,
  "summary_bg_p95": 209.9350250244139,
  "summary_bg_stdv": 82.5743179321289,
  "summary_fg_k": 3.821994359866414,
  "summary_fg_mad": 100.29083700960214,
  "summary_fg_mean": 869.642333984375,
  "summary_fg_median": 862.8018188476562,
  "summary_fg_n": 41219.0,
  "summary_fg_p05": 717.2990966796875,
  "summary_fg_p95": 1052.622998046875,
  "summary_fg_stdv": 113.16507720947266,
  "tsnr": 61.03781625488773
}