{
  "bids_meta": {
    "AcquisitionMatrixPE": 192,
    "AcquisitionNumber": 1,
    "AcquisitionTime": "18:36:39.262500",
    "BaseResolution": 192,
    "BodyPartExamined": "BRAIN",
    "CoilString": "HE1-4;NE1_2",
    "ConsistencyInfo": "N4_VE11C_LATEST_20160120",
    "ConversionSoftware": "dcm2niix",
    "ConversionSoftwareVersion": "v1.0.20190410  GCC6.3.0",
    "DeviceSerialNumber": "166048",
    "DwellTime": 1.24e-05,
    "EchoTime": 0.0022,
    "FlipAngle": 8,
    "ImageOrientationPatientDICOM": [
      0,
      1,
      0,
      0,
      0,
      -1
    ],
    "ImageType": [
      "ORIGINAL",
      "PRIMARY",
      "M",
      "ND",
      "NORM",
      "FM3",
      "2",
      "FIL"
    ],
    "ImagingFrequency": 123.246,
    "InPlanePhaseEncodingDirectionDICOM": "ROW",
    "InstitutionAddress": "North_13th_1701_Philadelphia_PA_US_19122",
    "InstitutionName": "Temple_University_-_Weiss_Hall",
    "InstitutionalDepartmentName": "Department",
    "InversionTime": 1.15,
    "MRAcquisitionType": "3D",
    "MagneticFieldStrength": 3,
    "Manufacturer": "Siemens",
    "ManufacturersModelName": "Prisma",
    "Modality": "MR",
    "PartialFourier": 1,
    "PatientPosition": "HFS",
    "PercentPhaseFOV": 100,
    "PhaseEncodingSteps": 211,
    "PhaseOversampling": 0.1,
    "PhaseResolution": 1,
    "PixelBandwidth": 210,
    "ProcedureStepDescription": "SMITH_SRNDNA",
    "ProtocolName": "T1w-anat_mpg_07sag_iso",
    "PulseSequenceDetails": "%SiemensSeq%_tfl",
    "ReceiveCoilActiveElements": "HE1-4;NE1,2",
    "ReceiveCoilName": "HeadNeck_20",
    "ReconMatrixPE": 192,
    "RefLinesPE": 32,
    "RepetitionTime": 2.4,
    "SAR": 0.0344299,
    "ScanOptions": "IR_WE",
    "ScanningSequence": "GR_IR",
    "SequenceName": "_tfl3d1_16ns",
    "SequenceVariant": "SK_SP_MP_OSP",
    "SeriesDescription": "T1w-anat_mpg_07sag_iso",
    "SeriesNumber": 5,
    "ShimSetting": [
      1424,
      -7424,
      6441,
      390,
      17,
      -357,
      -79,
      8
    ],
    "SliceThickness": 1,
    "SoftwareVersions": "syngo_MR_E11",
    "StationName": "AWP166048",
    "TxRefAmp": 248.114,
    "dataset": "<unset>",
    "modality": "T1w",
    "subject_id": "116"
  },
  "cjv": 0.3183127035106333,
  "cnr": 4.092612956426754,
  "efc": 0.623587400300934,
  "fber": 25933.664467870218,
  "fwhm_avg": 4.120259999999999,
  "fwhm_x": 3.99669,
  "fwhm_y": 4.29332,
  "fwhm_z": 4.07077,
  "icvs_csf": 0.2135867123528137,
  "icvs_gm": 0.43386848841631614,
  "icvs_wm": 0.3525447992308702,
  "inu_med": 0.3875187933444977,
  "inu_range": 0.13071055412292476,
  "provenance": {
    "md5sum": "fed4bc54eb8a4688e6a8c6a13d9152f5",
    "settings": {
      "testing": false
    },
    "software": "mriqc",
    "version": "22.0.6",
    "warnings": {
      "large_rot_frame": true,
      "small_air_mask": false
    },
    "webapi_port": null,
    "webapi_url": "https://mriqc.nimh.nih.gov/api/v1"
  },
  "qi_1": 0.0,
  "qi_2": 0.006439101836743681,
  "rpve_csf": 15.900275832321192,
  "rpve_gm": 8.085082184638104,
  "rpve_wm": 11.510423513790656,
  "size_x": 192,
  "size_y": 192,
  "size_z": 192,
  "snr_csf": 2.3871261708248457,
  "snr_gm": 12.565509006273517,
  "snr_total": 14.58444610508682,
  "snr_wm": 28.800703138162103,
  "snrd_csf": 29.40709835957908,
  "snrd_gm": 86.55899389727014,
  "snrd_total": 78.517179351752,
  "snrd_wm": 119.58544579840681,
  "spacing_x": 1.0,
  "spacing_y": 1.0,
  "spacing_z": 1.0,
  "summary_bg_k": 9.119223978167806,
  "summary_bg_mad": 0.0,
  "summary_bg_mean": 3.4587718306815436,
  "summary_bg_median": 0.0,
  "summary_bg_n": 1517550.0,
  "summary_bg_p05": 0.0,
  "summary_bg_p95": 14.649821873754263,
  "summary_bg_stdv": 5.4787239836814825,
  "summary_csf_k": 0.8220918884057666,
  "summary_csf_mad": 93.33029077312514,
  "summary_csf_mean": 257.2493905371991,
  "summary_csf_median": 245.92340629082173,
  "summary_csf_n": 36692.0,
  "summary_csf_p05": 109.15514417923987,
  "summary_csf_p95": 450.7873935643581,
  "summary_csf_stdv": 103.01929495305349,
  "summary_gm_k": 0.2834969576176025,
  "summary_gm_mad": 55.601653887984185,
  "summary_gm_mean": 722.4480266380219,
  "summary_gm_median": 723.8688552007079,
  "summary_gm_n": 32055.0,
  "summary_gm_p05": 625.1402327474207,
  "summary_gm_p95": 814.1548691354692,
  "summary_gm_stdv": 57.60670448820418,
  "summary_wm_k": 1.013119696773713,
  "summary_wm_mad": 32.313467826332484,
  "summary_wm_mean": 1000.5473183196672,
  "summary_wm_median": 1000.0599111802876,
  "summary_wm_n": 182878.0,
  "summary_wm_p05": 945.7917018141598,
  "summary_wm_p95": 1057.4217477813363,
  "summary_wm_stdv": 34.72335977882729,
  "tpm_overlap_csf": 0.15060844256091896,
  "tpm_overlap_gm": 0.4645934512650653,
  "tpm_overlap_wm": 0.49661520315411334,
  "wm2max": 0.8993260197088744
}