{
  "bids_meta": {
    "AcquisitionMatrixPE": 192,
    "AcquisitionNumber": 1,
    "AcquisitionTime": "18:32:36.532500",
    "BaseResolution": 192,
    "BodyPartExamined": "BRAIN",
    "CoilString": "HE1-4;NE1_2",
    "ConsistencyInfo": "N4_VE11C_LATEST_20160120",
    "ConversionSoftware": "dcm2niix",
    "ConversionSoftwareVersion": "v1.0.20190410  GCC6.3.0",
    "DeviceSerialNumber": "166048",
    "DwellTime": 3.5e-06,
    "EchoTime": 0.567,
    "EchoTrainLength": 314,
    "FlipAngle": 120,
    "ImageOrientationPatientDICOM": [
      0,
      1,
      0,
      0,
      0,
      -1
    ],
    "ImageType": [
      "ORIGINAL",
      "PRIMARY",
      "M",
      "ND",
      "NORM"
    ],
    "ImagingFrequency": 123.246,
    "InPlanePhaseEncodingDirectionDICOM": "ROW",
    "InstitutionAddress": "North_13th_1701_Philadelphia_PA_US_19122",
    "InstitutionName": "Temple_University_-_Weiss_Hall",
    "InstitutionalDepartmentName": "Department",
    "MRAcquisitionType": "3D",
    "MagneticFieldStrength": 3,
    "Manufacturer": "Siemens",
    "ManufacturersModelName": "Prisma",
    "Modality": "MR",
    "PartialFourier": 1,
    "PatientPosition": "HFS",
    "PercentPhaseFOV": 100,
    "PhaseEncodingSteps": 209,
    "PhaseOversampling": 0.1,
    "PhaseResolution": 1,
    "PixelBandwidth": 745,
    "ProcedureStepDescription": "SMITH_SRNDNA",
    "ProtocolName": "T2w-anat_spc_07sag_iso",
    "PulseSequenceDetails": "%SiemensSeq%_tse_vfl",
    "ReceiveCoilActiveElements": "HE1-4;NE1,2",
    "ReceiveCoilName": "HeadNeck_20",
    "ReconMatrixPE": 192,
    "RefLinesPE": 32,
    "RepetitionTime": 3.2,
    "SAR": 0.126471,
    "ScanOptions": "PFP",
    "ScanningSequence": "SE",
    "SequenceName": "_spc_314ns",
    "SequenceVariant": "SK_SP_OSP",
    "SeriesDescription": "T2w-anat_spc_07sag_iso",
    "SeriesNumber": 3,
    "ShimSetting": [
      1424,
      -7424,
      6441,
      390,
      17,
      -357,
      -79,
      8
    ],
    "SliceThickness": 1,
    "SoftwareVersions": "syngo_MR_E11",
    "StationName": "AWP166048",
    "TxRefAmp": 248.114,
    "dataset": "<unset>",
    "modality": "T2w",
    "subject_id": "116"
  },
  "cjv": 0.4590455787881344,
  "cnr": 1.8415905773402084,
  "efc": 0.5990211563244561,
  "fber": 4902.654387816985,
  "fwhm_avg": 2.559393333333333,
  "fwhm_x": 2.45637,
  "fwhm_y": 2.8303,
  "fwhm_z": 2.39151,
  "icvs_csf": 0.30461131084712484,
  "icvs_gm": 0.15906678778333022,
  "icvs_wm": 0.5363219013695449,
  "inu_med": 0.9436714053153992,
  "inu_range": 0.23416027426719666,
  "provenance": {
    "md5sum": "4cec8b808c1772a1a3abafbd946d48a4",
    "settings": {
      "testing": false
    },
    "software": "mriqc",
    "version": "22.0.6",
    "warnings": {
      "large_rot_frame": true,
      "small_air_mask": false
    },
    "webapi_port": null,
    "webapi_url": "https://mriqc.nimh.nih.gov/api/v1"
  },
  "qi_1": 3.505594691460134e-05,
  "qi_2": 0.0013596324213091334,
  "rpve_csf": 10.237739684900202,
  "rpve_gm": 25.87090757708023,
  "rpve_wm": 7.282177615444165,
  "size_x": 192,
  "size_y": 192,
  "size_z": 192,
  "snr_csf": 9.184082690351199,
  "snr_gm": 2.793512169328667,
  "snr_total": 6.901069361549884,
  "snr_wm": 8.725613224969786,
  "snrd_csf": 73.09872743884878,
  "snrd_gm": 128.6312649832812,
  "snrd_total": 81.68792899477627,
  "snrd_wm": 43.33379456219883,
  "spacing_x": 1.0,
  "spacing_y": 1.0,
  "spacing_z": 1.0,
  "summary_bg_k": 13.605086811129194,
  "summary_bg_mad": 0.0,
  "summary_bg_mean": 9.821461104873533,
  "summary_bg_median": 0.0,
  "summary_bg_n": 1516102.0,
  "summary_bg_p05": 0.0,
  "summary_bg_p95": 40.338486447930336,
  "summary_bg_stdv": 15.120295013027627,
  "summary_csf_k": 0.9257743191585068,
  "summary_csf_mad": 173.4749279943264,
  "summary_csf_mean": 1701.121534356577,
  "summary_csf_median": 1687.0903890430927,
  "summary_csf_n": 24733.0,
  "summary_csf_p05": 1432.372570990026,
  "summary_csf_p95": 2024.648442672193,
  "summary_csf_stdv": 183.69349879768163,
  "summary_gm_k": 0.3896314904540614,
  "summary_gm_mad": 788.8911488942641,
  "summary_gm_mean": 2684.4512513802883,
  "summary_gm_median": 2968.7599016726017,
  "summary_gm_n": 27845.0,
  "summary_gm_p05": 256.9574311807752,
  "summary_gm_p95": 3790.9778711825606,
  "summary_gm_stdv": 1062.7147521022482,
  "summary_wm_k": 0.11609320342437801,
  "summary_wm_mad": 114.80097192446723,
  "summary_wm_mean": 1001.1288989366618,
  "summary_wm_median": 1000.127237342298,
  "summary_wm_n": 218643.0,
  "summary_wm_p05": 816.059033408761,
  "summary_wm_p95": 1189.285471111536,
  "summary_wm_stdv": 114.61944558278331,
  "tpm_overlap_csf": 0.11283539292741881,
  "tpm_overlap_gm": 0.09611863835348229,
  "tpm_overlap_wm": 0.45433168631983967,
  "wm2max": 0.26537571961575473
}