{
  "aor": 0.003923618090452262,
  "aqi": 0.020440822763819096,
  "bids_meta": {
    "AcquisitionMatrixPE": 74,
    "AcquisitionNumber": 1,
    "AcquisitionTime": "19:50:23.890000",
    "BandwidthPerPixelPhaseEncode": 27.579,
    "BaseResolution": 74,
    "BodyPartExamined": "BRAIN",
    "CogAtlasID": "http://www.cognitiveatlas.org/task/id/TODO",
    "CoilString": "HE1-4;NE1_2",
    "ConsistencyInfo": "N4_VE11C_LATEST_20160120",
    "ConversionSoftware": "dcm2niix",
    "ConversionSoftwareVersion": "v1.0.20190410  GCC6.3.0",
    "DerivedVendorReportedEchoSpacing": 0.000489993,
    "DeviceSerialNumber": "166048",
    "DwellTime": 2.9e-06,
    "EchoTime": 0.023,
    "EchoTrainLength": 74,
    "EffectiveEchoSpacing": 0.000489993,
    "FlipAngle": 76,
    "ImageOrientationPatientDICOM": [
      1,
      0,
      0,
      0,
      0.986856,
      -0.161604
    ],
    "ImageType": [
      "ORIGINAL",
      "PRIMARY",
      "M",
      "ND",
      "NORM",
      "MOSAIC"
    ],
    "ImagingFrequency": 123.246,
    "InPlanePhaseEncodingDirectionDICOM": "COL",
    "InstitutionAddress": "North_13th_1701_Philadelphia_PA_US_19122",
    "InstitutionName": "Temple_University_-_Weiss_Hall",
    "InstitutionalDepartmentName": "Department",
    "MRAcquisitionType": "2D",
    "MagneticFieldStrength": 3,
    "Manufacturer": "Siemens",
    "ManufacturersModelName": "Prisma",
    "Modality": "MR",
    "PartialFourier": 1,
    "PatientPosition": "HFS",
    "PercentPhaseFOV": 100,
    "PhaseEncodingDirection": "j-",
    "PhaseEncodingSteps": 74,
    "PhaseResolution": 1,
    "PixelBandwidth": 2330,
    "ProcedureStepDescription": "SMITH_SRNDNA",
    "ProtocolName": "func-bold_task-UG_run0",
    "PulseSequenceDetails": "%SiemensSeq%_ep2d_bold",
    "ReceiveCoilActiveElements": "HE1-4;NE1,2",
    "ReceiveCoilName": "HeadNeck_20",
    "ReconMatrixPE": 74,
    "RepetitionTime": 2.02,
    "SAR": 0.102705,
    "ScanOptions": "FS",
    "ScanningSequence": "EP",
    "SequenceName": "_epfid2d1_74",
    "SequenceVariant": "SK",
    "SeriesDescription": "func-bold_task-UG_run0",
    "SeriesNumber": 16,
    "ShimSetting": [
      1421,
      -7432,
      6503,
      312,
      83,
      83,
      -163,
      114
    ],
    "SliceThickness": 2.8,
    "SliceTiming": [
      1.945,
      1.89,
      1.835,
      1.78,
      1.7225,
      1.6675,
      1.6125,
      1.5575,
      1.5,
      1.445,
      1.39,
      1.335,
      1.28,
      1.2225,
      1.1675,
      1.1125,
      1.0575,
      1,
      0.945,
      0.89,
      0.835,
      0.78,
      0.7225,
      0.6675,
      0.6125,
      0.5575,
      0.5,
      0.445,
      0.39,
      0.335,
      0.28,
      0.2225,
      0.1675,
      0.1125,
      0.0575,
      0
    ],
    "SoftwareVersions": "syngo_MR_E11",
    "SpacingBetweenSlices": 3.22,
    "StationName": "AWP166048",
    "TaskName": "ultimatum",
    "TotalReadoutTime": 0.0357695,
    "TxRefAmp": 266.646,
    "dataset": "<unset>",
    "modality": "bold",
    "run_id": 1,
    "subject_id": "157",
    "task_id": "ultimatum"
  },
  "dummy_trs": 1,
  "dvars_nstd": 21.738524268383834,
  "dvars_std": 1.0302430731313135,
  "dvars_vstd": 0.9319654512626263,
  "efc": 0.5372444161041905,
  "fber": 1948.050537109375,
  "fd_mean": 0.2326444216194442,
  "fd_num": 53,
  "fd_perc": 26.633165829145728,
  "fwhm_avg": 1.8053499334055356,
  "fwhm_x": 1.7604499701416698,
  "fwhm_y": 1.9777240685856234,
  "fwhm_z": 1.6778757614893134,
  "gcor": 0.0238233,
  "gsr_x": 0.0035026015248149633,
  "gsr_y": 0.03372916579246521,
  "provenance": {
    "md5sum": "8945cc3e5fb30896660a1c42a5fe66dc",
    "settings": {
      "fd_thres": 0.2,
      "testing": false
    },
    "software": "mriqc",
    "version": "22.0.6",
    "webapi_port": null,
    "webapi_url": "https://mriqc.nimh.nih.gov/api/v1"
  },
  "size_t": 199,
  "size_x": 74,
  "size_y": 74,
  "size_z": 36,
  "snr": 6.492175500289548,
  "spacing_tr": 2.0199999809265137,
  "spacing_x": 2.972972869873047,
  "spacing_y": 2.972972869873047,
  "spacing_z": 3.2200000286102295,
  "summary_bg_k": 32.44418885899969,
  "summary_bg_mad": 7.003245864503841,
  "summary_bg_mean": 34.7296028137207,
  "summary_bg_median": 16.422109603881836,
  "summary_bg_n": 117500.0,
  "summary_bg_p05": 9.879396438598633,
  "summary_bg_p95": 125.19647903442372,
  "summary_bg_stdv": 53.29903793334961,
  "summary_fg_k": 2.6637079273312922,
  "summary_fg_mad": 106.09166297487822,
  "summary_fg_mean": 745.4991455078125,
  "summary_fg_median": 734.0402221679688,
  "summary_fg_n": 41139.0,
  "summary_fg_p05": 595.3195861816406,
  "summary_fg_p95": 930.7833923339844,
  "summary_fg_stdv": 113.06399536132812,
  "tsnr": 49.48968413984403
}