{
  "aor": 0.006036405529953918,
  "aqi": 0.009829430460829493,
  "bids_meta": {
    "AcquisitionMatrixPE": 74,
    "AcquisitionNumber": 1,
    "AcquisitionTime": "18:54:20.670000",
    "BandwidthPerPixelPhaseEncode": 27.579,
    "BaseResolution": 74,
    "BodyPartExamined": "BRAIN",
    "CogAtlasID": "http://www.cognitiveatlas.org/task/id/TODO",
    "CoilString": "HE1-4;NE1_2",
    "ConsistencyInfo": "N4_VE11C_LATEST_20160120",
    "ConversionSoftware": "dcm2niix",
    "ConversionSoftwareVersion": "v1.0.20190410  GCC6.3.0",
    "DerivedVendorReportedEchoSpacing": 0.000489993,
    "DeviceSerialNumber": "166048",
    "DwellTime": 2.9e-06,
    "EchoTime": 0.023,
    "EchoTrainLength": 74,
    "EffectiveEchoSpacing": 0.000489993,
    "FlipAngle": 76,
    "ImageOrientationPatientDICOM": [
      1,
      0,
      0,
      0,
      0.986856,
      -0.161604
    ],
    "ImageType": [
      "ORIGINAL",
      "PRIMARY",
      "M",
      "ND",
      "NORM",
      "MOSAIC"
    ],
    "ImagingFrequency": 123.246,
    "InPlanePhaseEncodingDirectionDICOM": "COL",
    "InstitutionAddress": "North_13th_1701_Philadelphia_PA_US_19122",
    "InstitutionName": "Temple_University_-_Weiss_Hall",
    "InstitutionalDepartmentName": "Department",
    "MRAcquisitionType": "2D",
    "MagneticFieldStrength": 3,
    "Manufacturer": "Siemens",
    "ManufacturersModelName": "Prisma",
    "Modality": "MR",
    "PartialFourier": 1,
    "PatientPosition": "HFS",
    "PercentPhaseFOV": 100,
    "PhaseEncodingDirection": "j-",
    "PhaseEncodingSteps": 74,
    "PhaseResolution": 1,
    "PixelBandwidth": 2330,
    "ProcedureStepDescription": "SMITH_SRNDNA",
    "ProtocolName": "func-bold_trust_run2",
    "PulseSequenceDetails": "%SiemensSeq%_ep2d_bold",
    "ReceiveCoilActiveElements": "HE1-4;NE1,2",
    "ReceiveCoilName": "HeadNeck_20",
    "ReconMatrixPE": 74,
    "RepetitionTime": 2.02,
    "SAR": 0.102734,
    "ScanOptions": "FS",
    "ScanningSequence": "EP",
    "SequenceName": "_epfid2d1_74",
    "SequenceVariant": "SK",
    "SeriesDescription": "func-bold_trust_run2",
    "SeriesNumber": 11,
    "ShimSetting": [
      1421,
      -7432,
      6503,
      312,
      83,
      83,
      -163,
      114
    ],
    "SliceThickness": 2.8,
    "SliceTiming": [
      1.945,
      1.89,
      1.8325,
      1.7775,
      1.7225,
      1.6675,
      1.61,
      1.555,
      1.5,
      1.445,
      1.39,
      1.3325,
      1.2775,
      1.2225,
      1.1675,
      1.11,
      1.055,
      1,
      0.945,
      0.89,
      0.8325,
      0.7775,
      0.7225,
      0.6675,
      0.6125,
      0.555,
      0.5,
      0.445,
      0.39,
      0.3325,
      0.2775,
      0.2225,
      0.1675,
      0.1125,
      0.055,
      0
    ],
    "SoftwareVersions": "syngo_MR_E11",
    "SpacingBetweenSlices": 3.22,
    "StationName": "AWP166048",
    "TaskName": "trust",
    "TotalReadoutTime": 0.0357695,
    "TxRefAmp": 266.646,
    "dataset": "<unset>",
    "modality": "bold",
    "run_id": 3,
    "subject_id": "157",
    "task_id": "trust"
  },
  "dummy_trs": 0,
  "dvars_nstd": 20.570129474166674,
  "dvars_std": 1.1852214007870372,
  "dvars_vstd": 0.998398564305555,
  "efc": 0.5428659141890912,
  "fber": 1867.302001953125,
  "fd_mean": 0.12113370404318521,
  "fd_num": 19,
  "fd_perc": 8.755760368663594,
  "fwhm_avg": 1.7605853119553245,
  "fwhm_x": 1.710695059325307,
  "fwhm_y": 1.912405611774986,
  "fwhm_z": 1.6586552647656807,
  "gcor": 0.0139344,
  "gsr_x": -3.350603947183117e-05,
  "gsr_y": 0.037872400134801865,
  "provenance": {
    "md5sum": "855ddb4a6f10647ffc3fa32d8818c89b",
    "settings": {
      "fd_thres": 0.2,
      "testing": false
    },
    "software": "mriqc",
    "version": "22.0.6",
    "webapi_port": null,
    "webapi_url": "https://mriqc.nimh.nih.gov/api/v1"
  },
  "size_t": 217,
  "size_x": 74,
  "size_y": 74,
  "size_z": 36,
  "snr": 6.601462353708019,
  "spacing_tr": 2.0199999809265137,
  "spacing_x": 2.972972869873047,
  "spacing_y": 2.972972869873047,
  "spacing_z": 3.2200000286102295,
  "summary_bg_k": 33.947245715356985,
  "summary_bg_mad": 6.9142551751970815,
  "summary_bg_mean": 34.628536224365234,
  "summary_bg_median": 16.244239807128906,
  "summary_bg_n": 116345.0,
  "summary_bg_p05": 9.778801918029785,
  "summary_bg_p95": 121.94285888671864,
  "summary_bg_stdv": 55.36282730102539,
  "summary_fg_k": 3.1236846221322345,
  "summary_fg_mad": 100.43431026506117,
  "summary_fg_mean": 725.9070434570312,
  "summary_fg_median": 714.8203125,
  "summary_fg_n": 41864.0,
  "summary_fg_p05": 584.6163665771485,
  "summary_fg_p95": 901.51083984375,
  "summary_fg_stdv": 108.28082275390625,
  "tsnr": 70.7819997118786
}