{
  "bids_meta": {
    "AcquisitionMatrixPE": 192,
    "AcquisitionNumber": 1,
    "AcquisitionTime": "14:53:11.290000",
    "BaseResolution": 192,
    "BodyPartExamined": "BRAIN",
    "CoilString": "HE1-4;NE1_2",
    "ConsistencyInfo": "N4_VE11C_LATEST_20160120",
    "ConversionSoftware": "dcm2niix",
    "ConversionSoftwareVersion": "v1.0.20190410  GCC6.3.0",
    "DeviceSerialNumber": "166048",
    "DwellTime": 1.24e-05,
    "EchoTime": 0.0022,
    "FlipAngle": 8,
    "ImageOrientationPatientDICOM": [
      0,
      1,
      0,
      0,
      0,
      -1
    ],
    "ImageType": [
      "ORIGINAL",
      "PRIMARY",
      "M",
      "ND",
      "NORM",
      "FM3",
      "2",
      "FIL"
    ],
    "ImagingFrequency": 123.246,
    "InPlanePhaseEncodingDirectionDICOM": "ROW",
    "InstitutionAddress": "North_13th_1701_Philadelphia_PA_US_19122",
    "InstitutionName": "Temple_University_-_Weiss_Hall",
    "InstitutionalDepartmentName": "Department",
    "InversionTime": 1.15,
    "MRAcquisitionType": "3D",
    "MagneticFieldStrength": 3,
    "Manufacturer": "Siemens",
    "ManufacturersModelName": "Prisma",
    "Modality": "MR",
    "PartialFourier": 1,
    "PatientPosition": "HFS",
    "PercentPhaseFOV": 100,
    "PhaseEncodingSteps": 211,
    "PhaseOversampling": 0.1,
    "PhaseResolution": 1,
    "PixelBandwidth": 210,
    "ProcedureStepDescription": "SMITH_SRNDNA",
    "ProtocolName": "T1w-anat_mpg_07sag_iso",
    "PulseSequenceDetails": "%SiemensSeq%_tfl",
    "ReceiveCoilActiveElements": "HE1-4;NE1,2",
    "ReceiveCoilName": "HeadNeck_20",
    "ReconMatrixPE": 192,
    "RefLinesPE": 32,
    "RepetitionTime": 2.4,
    "SAR": 0.0456964,
    "ScanOptions": "IR_WE",
    "ScanningSequence": "GR_IR",
    "SequenceName": "_tfl3d1_16ns",
    "SequenceVariant": "SK_SP_MP_OSP",
    "SeriesDescription": "T1w-anat_mpg_07sag_iso",
    "SeriesNumber": 5,
    "ShimSetting": [
      1440,
      -7408,
      6486,
      206,
      10,
      -120,
      -20,
      9
    ],
    "SliceThickness": 1,
    "SoftwareVersions": "syngo_MR_E11",
    "StationName": "AWP166048",
    "TxRefAmp": 247.916,
    "dataset": "<unset>",
    "modality": "T1w",
    "subject_id": "126"
  },
  "cjv": 0.3037703323001698,
  "cnr": 4.303066773048166,
  "efc": 0.6101869252853092,
  "fber": -1.0,
  "fwhm_avg": 4.066356666666667,
  "fwhm_x": 4.05509,
  "fwhm_y": 3.9455,
  "fwhm_z": 4.19848,
  "icvs_csf": 0.20673100912324027,
  "icvs_gm": 0.45935418404839135,
  "icvs_wm": 0.33391480682836844,
  "inu_med": 0.4549378454685211,
  "inu_range": 0.186663544178009,
  "provenance": {
    "md5sum": "0ea3dc14aa9f1fcbe0d99ce1e88b0873",
    "settings": {
      "testing": false
    },
    "software": "mriqc",
    "version": "22.0.6",
    "warnings": {
      "large_rot_frame": true,
      "small_air_mask": false
    },
    "webapi_port": null,
    "webapi_url": "https://mriqc.nimh.nih.gov/api/v1"
  },
  "qi_1": 1.7658106943916782e-05,
  "qi_2": 0.005949117756049103,
  "rpve_csf": 14.842943290853459,
  "rpve_gm": 7.149448089644372,
  "rpve_wm": 11.187302900852139,
  "size_x": 192,
  "size_y": 192,
  "size_z": 192,
  "snr_csf": 2.4871480561690804,
  "snr_gm": 11.693899499287228,
  "snr_total": 15.097303199102699,
  "snr_wm": 31.11086204185179,
  "snrd_csf": 34.236557151188606,
  "snrd_gm": 104.045969257746,
  "snrd_total": 95.2679099698322,
  "snrd_wm": 147.521203500562,
  "spacing_x": 1.0,
  "spacing_y": 1.0,
  "spacing_z": 1.0,
  "summary_bg_k": 11.84960031739573,
  "summary_bg_mad": 0.0,
  "summary_bg_mean": 2.386300633840301,
  "summary_bg_median": 0.0,
  "summary_bg_n": 1680407.0,
  "summary_bg_p05": 0.0,
  "summary_bg_p95": 10.479072673246264,
  "summary_bg_stdv": 4.441055714052054,
  "summary_csf_k": 1.3263302657912162,
  "summary_csf_mad": 81.92420337808711,
  "summary_csf_mean": 241.99305386493054,
  "summary_csf_median": 232.0836664941162,
  "summary_csf_n": 38932.0,
  "summary_csf_p05": 109.96952974023297,
  "summary_csf_p95": 422.6102953760884,
  "summary_csf_stdv": 93.31197041957824,
  "summary_gm_k": 0.17138747070839244,
  "summary_gm_mad": 59.30653023980002,
  "summary_gm_mean": 704.2792626268343,
  "summary_gm_median": 705.3095298875123,
  "summary_gm_n": 54364.0,
  "summary_gm_p05": 603.2775374148041,
  "summary_gm_p95": 800.853349957522,
  "summary_gm_stdv": 60.31375957895847,
  "summary_wm_k": 0.6590876897009217,
  "summary_wm_mad": 30.217943868966557,
  "summary_wm_mean": 1000.630258817315,
  "summary_wm_median": 1000.0205815918744,
  "summary_wm_n": 186615.0,
  "summary_wm_p05": 949.0457604937255,
  "summary_wm_p95": 1053.1776850149035,
  "summary_wm_stdv": 32.143689907237075,
  "tpm_overlap_csf": 0.1693545798406938,
  "tpm_overlap_gm": 0.47508074898193864,
  "tpm_overlap_wm": 0.5028050135804291,
  "wm2max": 0.8965631806268227
}