{
  "bids_meta": {
    "AcquisitionMatrixPE": 192,
    "AcquisitionNumber": 1,
    "AcquisitionTime": "14:49:8.560000",
    "BaseResolution": 192,
    "BodyPartExamined": "BRAIN",
    "CoilString": "HE1-4;NE1_2",
    "ConsistencyInfo": "N4_VE11C_LATEST_20160120",
    "ConversionSoftware": "dcm2niix",
    "ConversionSoftwareVersion": "v1.0.20190410  GCC6.3.0",
    "DeviceSerialNumber": "166048",
    "DwellTime": 3.5e-06,
    "EchoTime": 0.567,
    "EchoTrainLength": 314,
    "FlipAngle": 120,
    "ImageOrientationPatientDICOM": [
      0,
      1,
      0,
      0,
      0,
      -1
    ],
    "ImageType": [
      "ORIGINAL",
      "PRIMARY",
      "M",
      "ND",
      "NORM"
    ],
    "ImagingFrequency": 123.246,
    "InPlanePhaseEncodingDirectionDICOM": "ROW",
    "InstitutionAddress": "North_13th_1701_Philadelphia_PA_US_19122",
    "InstitutionName": "Temple_University_-_Weiss_Hall",
    "InstitutionalDepartmentName": "Department",
    "MRAcquisitionType": "3D",
    "MagneticFieldStrength": 3,
    "Manufacturer": "Siemens",
    "ManufacturersModelName": "Prisma",
    "Modality": "MR",
    "PartialFourier": 1,
    "PatientPosition": "HFS",
    "PercentPhaseFOV": 100,
    "PhaseEncodingSteps": 209,
    "PhaseOversampling": 0.1,
    "PhaseResolution": 1,
    "PixelBandwidth": 745,
    "ProcedureStepDescription": "SMITH_SRNDNA",
    "ProtocolName": "T2w-anat_spc_07sag_iso",
    "PulseSequenceDetails": "%SiemensSeq%_tse_vfl",
    "ReceiveCoilActiveElements": "HE1-4;NE1,2",
    "ReceiveCoilName": "HeadNeck_20",
    "ReconMatrixPE": 192,
    "RefLinesPE": 32,
    "RepetitionTime": 3.2,
    "SAR": 0.167856,
    "ScanOptions": "PFP",
    "ScanningSequence": "SE",
    "SequenceName": "_spc_314ns",
    "SequenceVariant": "SK_SP_OSP",
    "SeriesDescription": "T2w-anat_spc_07sag_iso",
    "SeriesNumber": 3,
    "ShimSetting": [
      1440,
      -7408,
      6486,
      206,
      10,
      -120,
      -20,
      9
    ],
    "SliceThickness": 1,
    "SoftwareVersions": "syngo_MR_E11",
    "StationName": "AWP166048",
    "TxRefAmp": 247.916,
    "dataset": "<unset>",
    "modality": "T2w",
    "subject_id": "126"
  },
  "cjv": 0.3232925629697505,
  "cnr": 2.2442294254865405,
  "efc": 0.5660336767603333,
  "fber": -1.0,
  "fwhm_avg": 2.5910066666666665,
  "fwhm_x": 2.47715,
  "fwhm_y": 2.84164,
  "fwhm_z": 2.45423,
  "icvs_csf": 0.3293299450353686,
  "icvs_gm": 0.13372623433519376,
  "icvs_wm": 0.5369438206294376,
  "inu_med": 0.9382527768611908,
  "inu_range": 0.22868525981903076,
  "provenance": {
    "md5sum": "5a30f3278d6eac14fb03de997c77a55e",
    "settings": {
      "testing": false
    },
    "software": "mriqc",
    "version": "22.0.6",
    "warnings": {
      "large_rot_frame": true,
      "small_air_mask": false
    },
    "webapi_port": null,
    "webapi_url": "https://mriqc.nimh.nih.gov/api/v1"
  },
  "qi_1": 0.0,
  "qi_2": 0.001821999737512135,
  "rpve_csf": 8.643770573640968,
  "rpve_gm": 27.83977587608845,
  "rpve_wm": 6.589475498472136,
  "size_x": 192,
  "size_y": 192,
  "size_z": 192,
  "snr_csf": 8.873605568898798,
  "snr_gm": 3.142046482662977,
  "snr_total": 7.106197565989746,
  "snr_wm": 9.30294064640746,
  "snrd_csf": 85.20030574990946,
  "snrd_gm": 170.7054024715858,
  "snrd_total": 101.37454665167218,
  "snrd_wm": 48.21793173352121,
  "spacing_x": 1.0,
  "spacing_y": 1.0,
  "spacing_z": 1.0,
  "summary_bg_k": 793.5876715053573,
  "summary_bg_mad": 0.0,
  "summary_bg_mean": 5.617137826938873,
  "summary_bg_median": 0.0,
  "summary_bg_n": 1662952.0,
  "summary_bg_p05": 0.0,
  "summary_bg_p95": 27.750048838555813,
  "summary_bg_stdv": 13.588794577265366,
  "summary_csf_k": 1.7243904751512469,
  "summary_csf_mad": 175.7180042051919,
  "summary_csf_mean": 1782.5400358675272,
  "summary_csf_median": 1767.2189375460148,
  "summary_csf_n": 29602.0,
  "summary_csf_p05": 1496.84229263328,
  "summary_csf_p95": 2137.8118559561667,
  "summary_csf_stdv": 199.1511876337378,
  "summary_gm_k": 1.1033575690534034,
  "summary_gm_mad": 720.9272637435919,
  "summary_gm_mean": 3116.9341871284555,
  "summary_gm_median": 3540.7598286643624,
  "summary_gm_n": 24104.0,
  "summary_gm_p05": 280.0991440381855,
  "summary_gm_p95": 4085.7787734791636,
  "summary_gm_stdv": 1126.8726926486192,
  "summary_wm_k": 0.9060079175803222,
  "summary_wm_mad": 100.43847741767847,
  "summary_wm_mean": 1001.4468919675032,
  "summary_wm_median": 1000.1330551430583,
  "summary_wm_n": 242784.0,
  "summary_wm_p05": 830.7812283162028,
  "summary_wm_p95": 1179.3438021987677,
  "summary_wm_stdv": 107.50697370184292,
  "tpm_overlap_csf": 0.11381088224600676,
  "tpm_overlap_gm": 0.08002141492322742,
  "tpm_overlap_wm": 0.45165906783133647,
  "wm2max": 0.24650636399422649
}