{
  "aor": 0.004240703517587939,
  "aqi": 0.010935217688442212,
  "bids_meta": {
    "AcquisitionMatrixPE": 74,
    "AcquisitionNumber": 1,
    "AcquisitionTime": "12:29:45.762500",
    "BandwidthPerPixelPhaseEncode": 27.579,
    "BaseResolution": 74,
    "BodyPartExamined": "BRAIN",
    "CogAtlasID": "http://www.cognitiveatlas.org/task/id/TODO",
    "CoilString": "HE1-4;NE1_2",
    "ConsistencyInfo": "N4_VE11C_LATEST_20160120",
    "ConversionSoftware": "dcm2niix",
    "ConversionSoftwareVersion": "v1.0.20190410  GCC6.3.0",
    "DerivedVendorReportedEchoSpacing": 0.000489993,
    "DeviceSerialNumber": "166048",
    "DwellTime": 2.9e-06,
    "EchoTime": 0.023,
    "EchoTrainLength": 74,
    "EffectiveEchoSpacing": 0.000489993,
    "FlipAngle": 76,
    "ImageOrientationPatientDICOM": [
      1,
      0,
      0,
      0,
      0.957319,
      -0.289032
    ],
    "ImageType": [
      "ORIGINAL",
      "PRIMARY",
      "M",
      "ND",
      "NORM",
      "MOSAIC"
    ],
    "ImagingFrequency": 123.246,
    "InPlanePhaseEncodingDirectionDICOM": "COL",
    "InstitutionAddress": "North_13th_1701_Philadelphia_PA_US_19122",
    "InstitutionName": "Temple_University_-_Weiss_Hall",
    "InstitutionalDepartmentName": "Department",
    "MRAcquisitionType": "2D",
    "MagneticFieldStrength": 3,
    "Manufacturer": "Siemens",
    "ManufacturersModelName": "Prisma",
    "Modality": "MR",
    "PartialFourier": 1,
    "PatientPosition": "HFS",
    "PercentPhaseFOV": 100,
    "PhaseEncodingDirection": "j-",
    "PhaseEncodingSteps": 74,
    "PhaseResolution": 1,
    "PixelBandwidth": 2330,
    "ProcedureStepDescription": "SMITH_SRNDNA",
    "ProtocolName": "func-bold_task-UG_run1",
    "PulseSequenceDetails": "%SiemensSeq%_ep2d_bold",
    "ReceiveCoilActiveElements": "HE1-4;NE1,2",
    "ReceiveCoilName": "HeadNeck_20",
    "ReconMatrixPE": 74,
    "RepetitionTime": 2.02,
    "SAR": 0.115385,
    "ScanOptions": "FS",
    "ScanningSequence": "EP",
    "SequenceName": "_epfid2d1_74",
    "SequenceVariant": "SK",
    "SeriesDescription": "func-bold_task-UG_run1",
    "SeriesNumber": 17,
    "ShimSetting": [
      1453,
      -7354,
      6496,
      244,
      14,
      -119,
      -107,
      -22
    ],
    "SliceThickness": 2.8,
    "SliceTiming": [
      1.945,
      1.8875,
      1.8325,
      1.7775,
      1.7225,
      1.6675,
      1.61,
      1.555,
      1.5,
      1.445,
      1.3875,
      1.3325,
      1.2775,
      1.2225,
      1.1675,
      1.11,
      1.055,
      1,
      0.945,
      0.8875,
      0.8325,
      0.7775,
      0.7225,
      0.6675,
      0.61,
      0.555,
      0.5,
      0.445,
      0.3875,
      0.3325,
      0.2775,
      0.2225,
      0.1675,
      0.11,
      0.055,
      0
    ],
    "SoftwareVersions": "syngo_MR_E11",
    "SpacingBetweenSlices": 3.22,
    "StationName": "AWP166048",
    "TaskName": "ultimatum",
    "TotalReadoutTime": 0.0357695,
    "TxRefAmp": 290.647,
    "dataset": "<unset>",
    "modality": "bold",
    "run_id": 2,
    "subject_id": "135",
    "task_id": "ultimatum"
  },
  "dummy_trs": 1,
  "dvars_nstd": 25.450573771717167,
  "dvars_std": 1.1510007091414143,
  "dvars_vstd": 0.9994823351515149,
  "efc": 0.5389497632165796,
  "fber": 1575.4696044921875,
  "fd_mean": 0.32700741328440674,
  "fd_num": 137,
  "fd_perc": 68.84422110552764,
  "fwhm_avg": 1.7863329767067266,
  "fwhm_x": 1.698360604352105,
  "fwhm_y": 1.964138340841756,
  "fwhm_z": 1.6964999849263185,
  "gcor": 0.0322049,
  "gsr_x": -0.013947857543826103,
  "gsr_y": 0.05372528359293938,
  "provenance": {
    "md5sum": "afce953ab7fa694003b42add25913f51",
    "settings": {
      "fd_thres": 0.2,
      "testing": false
    },
    "software": "mriqc",
    "version": "22.0.6",
    "webapi_port": null,
    "webapi_url": "https://mriqc.nimh.nih.gov/api/v1"
  },
  "size_t": 199,
  "size_x": 74,
  "size_y": 74,
  "size_z": 36,
  "snr": 6.152875283360859,
  "spacing_tr": 2.0199999809265137,
  "spacing_x": 2.972972869873047,
  "spacing_y": 2.972972869873047,
  "spacing_z": 3.2200000286102295,
  "summary_bg_k": 24.550875021602586,
  "summary_bg_mad": 11.480853704636203,
  "summary_bg_mean": 51.024845123291016,
  "summary_bg_median": 19.110551834106445,
  "summary_bg_n": 120982.0,
  "summary_bg_p05": 8.708794069290162,
  "summary_bg_p95": 212.47688369750975,
  "summary_bg_stdv": 86.65174865722656,
  "summary_fg_k": 2.886865246895586,
  "summary_fg_mad": 103.1041977867835,
  "summary_fg_mean": 786.6832885742188,
  "summary_fg_median": 769.7688598632812,
  "summary_fg_n": 37275.0,
  "summary_fg_p05": 634.1462341308594,
  "summary_fg_p95": 1018.7040283203123,
  "summary_fg_stdv": 125.10549926757812,
  "tsnr": 59.89785807207227
}