{
  "aor": 0.004063517587939699,
  "aqi": 0.01363627557788945,
  "bids_meta": {
    "AcquisitionMatrixPE": 74,
    "AcquisitionNumber": 1,
    "AcquisitionTime": "12:22:25.357500",
    "BandwidthPerPixelPhaseEncode": 27.579,
    "BaseResolution": 74,
    "BodyPartExamined": "BRAIN",
    "CogAtlasID": "http://www.cognitiveatlas.org/task/id/TODO",
    "CoilString": "HE1-4;NE1_2",
    "ConsistencyInfo": "N4_VE11C_LATEST_20160120",
    "ConversionSoftware": "dcm2niix",
    "ConversionSoftwareVersion": "v1.0.20190410  GCC6.3.0",
    "DerivedVendorReportedEchoSpacing": 0.000489993,
    "DeviceSerialNumber": "166048",
    "DwellTime": 2.9e-06,
    "EchoTime": 0.023,
    "EchoTrainLength": 74,
    "EffectiveEchoSpacing": 0.000489993,
    "FlipAngle": 76,
    "ImageOrientationPatientDICOM": [
      1,
      0,
      0,
      0,
      0.957319,
      -0.289032
    ],
    "ImageType": [
      "ORIGINAL",
      "PRIMARY",
      "M",
      "ND",
      "NORM",
      "MOSAIC"
    ],
    "ImagingFrequency": 123.246,
    "InPlanePhaseEncodingDirectionDICOM": "COL",
    "InstitutionAddress": "North_13th_1701_Philadelphia_PA_US_19122",
    "InstitutionName": "Temple_University_-_Weiss_Hall",
    "InstitutionalDepartmentName": "Department",
    "MRAcquisitionType": "2D",
    "MagneticFieldStrength": 3,
    "Manufacturer": "Siemens",
    "ManufacturersModelName": "Prisma",
    "Modality": "MR",
    "PartialFourier": 1,
    "PatientPosition": "HFS",
    "PercentPhaseFOV": 100,
    "PhaseEncodingDirection": "j-",
    "PhaseEncodingSteps": 74,
    "PhaseResolution": 1,
    "PixelBandwidth": 2330,
    "ProcedureStepDescription": "SMITH_SRNDNA",
    "ProtocolName": "func-bold_task-UG_run0",
    "PulseSequenceDetails": "%SiemensSeq%_ep2d_bold",
    "ReceiveCoilActiveElements": "HE1-4;NE1,2",
    "ReceiveCoilName": "HeadNeck_20",
    "ReconMatrixPE": 74,
    "RepetitionTime": 2.02,
    "SAR": 0.115385,
    "ScanOptions": "FS",
    "ScanningSequence": "EP",
    "SequenceName": "_epfid2d1_74",
    "SequenceVariant": "SK",
    "SeriesDescription": "func-bold_task-UG_run0",
    "SeriesNumber": 16,
    "ShimSetting": [
      1453,
      -7354,
      6496,
      244,
      14,
      -119,
      -107,
      -22
    ],
    "SliceThickness": 2.8,
    "SliceTiming": [
      1.945,
      1.89,
      1.8325,
      1.7775,
      1.7225,
      1.6675,
      1.6125,
      1.555,
      1.5,
      1.445,
      1.39,
      1.335,
      1.2775,
      1.2225,
      1.1675,
      1.1125,
      1.055,
      1,
      0.945,
      0.89,
      0.835,
      0.7775,
      0.7225,
      0.6675,
      0.6125,
      0.555,
      0.5,
      0.445,
      0.39,
      0.335,
      0.2775,
      0.2225,
      0.1675,
      0.1125,
      0.055,
      0
    ],
    "SoftwareVersions": "syngo_MR_E11",
    "SpacingBetweenSlices": 3.22,
    "StationName": "AWP166048",
    "TaskName": "ultimatum",
    "TotalReadoutTime": 0.0357695,
    "TxRefAmp": 290.647,
    "dataset": "<unset>",
    "modality": "bold",
    "run_id": 1,
    "subject_id": "135",
    "task_id": "ultimatum"
  },
  "dummy_trs": 1,
  "dvars_nstd": 29.345335295606066,
  "dvars_std": 1.1770699438383838,
  "dvars_vstd": 1.016325243434344,
  "efc": 0.538830694258427,
  "fber": 1592.5205078125,
  "fd_mean": 0.47575008754903236,
  "fd_num": 172,
  "fd_perc": 86.4321608040201,
  "fwhm_avg": 1.7578308664070779,
  "fwhm_x": 1.6827499674471063,
  "fwhm_y": 1.9490625221371225,
  "fwhm_z": 1.6416801096370046,
  "gcor": 0.0411756,
  "gsr_x": -0.01431000791490078,
  "gsr_y": 0.053039975464344025,
  "provenance": {
    "md5sum": "aa7fe48ac8446d5a5ab35a57fa92dca1",
    "settings": {
      "fd_thres": 0.2,
      "testing": false
    },
    "software": "mriqc",
    "version": "22.0.6",
    "webapi_port": null,
    "webapi_url": "https://mriqc.nimh.nih.gov/api/v1"
  },
  "size_t": 199,
  "size_x": 74,
  "size_y": 74,
  "size_z": 36,
  "snr": 6.133302247992959,
  "spacing_tr": 2.0199999809265137,
  "spacing_x": 2.972972869873047,
  "spacing_y": 2.972972869873047,
  "spacing_z": 3.2200000286102295,
  "summary_bg_k": 24.024219760302262,
  "summary_bg_mad": 11.831015149509602,
  "summary_bg_mean": 51.791481018066406,
  "summary_bg_median": 19.201004028320312,
  "summary_bg_n": 121179.0,
  "summary_bg_p05": 8.16080379486084,
  "summary_bg_p95": 215.300498962402,
  "summary_bg_stdv": 88.32955169677734,
  "summary_fg_k": 2.868130923838369,
  "summary_fg_mad": 104.02801895674953,
  "summary_fg_mean": 789.68115234375,
  "summary_fg_median": 771.8240966796875,
  "summary_fg_n": 37467.0,
  "summary_fg_p05": 635.997998046875,
  "summary_fg_p95": 1022.2412109375,
  "summary_fg_stdv": 125.83984375,
  "tsnr": 52.68419468100183
}