{
  "aor": 0.003185820895522388,
  "aqi": 0.015260024228855723,
  "bids_meta": {
    "AcquisitionMatrixPE": 74,
    "AcquisitionNumber": 1,
    "AcquisitionTime": "12:12:46.450000",
    "BandwidthPerPixelPhaseEncode": 27.579,
    "BaseResolution": 74,
    "BodyPartExamined": "BRAIN",
    "CogAtlasID": "http://www.cognitiveatlas.org/task/id/TODO",
    "CoilString": "HE1-4;NE1_2",
    "ConsistencyInfo": "N4_VE11C_LATEST_20160120",
    "ConversionSoftware": "dcm2niix",
    "ConversionSoftwareVersion": "v1.0.20190410  GCC6.3.0",
    "DerivedVendorReportedEchoSpacing": 0.000489993,
    "DeviceSerialNumber": "166048",
    "DwellTime": 2.9e-06,
    "EchoTime": 0.023,
    "EchoTrainLength": 74,
    "EffectiveEchoSpacing": 0.000489993,
    "FlipAngle": 76,
    "ImageOrientationPatientDICOM": [
      1,
      0,
      0,
      0,
      0.957319,
      -0.289032
    ],
    "ImageType": [
      "ORIGINAL",
      "PRIMARY",
      "M",
      "ND",
      "NORM",
      "MOSAIC"
    ],
    "ImagingFrequency": 123.246,
    "InPlanePhaseEncodingDirectionDICOM": "COL",
    "InstitutionAddress": "North_13th_1701_Philadelphia_PA_US_19122",
    "InstitutionName": "Temple_University_-_Weiss_Hall",
    "InstitutionalDepartmentName": "Department",
    "MRAcquisitionType": "2D",
    "MagneticFieldStrength": 3,
    "Manufacturer": "Siemens",
    "ManufacturersModelName": "Prisma",
    "Modality": "MR",
    "PartialFourier": 1,
    "PatientPosition": "HFS",
    "PercentPhaseFOV": 100,
    "PhaseEncodingDirection": "j-",
    "PhaseEncodingSteps": 74,
    "PhaseResolution": 1,
    "PixelBandwidth": 2330,
    "ProcedureStepDescription": "SMITH_SRNDNA",
    "ProtocolName": "func-bold_task-reward_run1",
    "PulseSequenceDetails": "%SiemensSeq%_ep2d_bold",
    "ReceiveCoilActiveElements": "HE1-4;NE1,2",
    "ReceiveCoilName": "HeadNeck_20",
    "ReconMatrixPE": 74,
    "RepetitionTime": 2.02,
    "SAR": 0.115389,
    "ScanOptions": "FS",
    "ScanningSequence": "EP",
    "SequenceName": "_epfid2d1_74",
    "SequenceVariant": "SK",
    "SeriesDescription": "func-bold_task-reward_run1",
    "SeriesNumber": 15,
    "ShimSetting": [
      1453,
      -7354,
      6496,
      244,
      14,
      -119,
      -107,
      -22
    ],
    "SliceThickness": 2.8,
    "SliceTiming": [
      1.9425,
      1.8875,
      1.8325,
      1.7775,
      1.72,
      1.665,
      1.61,
      1.555,
      1.5,
      1.4425,
      1.3875,
      1.3325,
      1.2775,
      1.22,
      1.165,
      1.11,
      1.055,
      1,
      0.9425,
      0.8875,
      0.8325,
      0.7775,
      0.7225,
      0.665,
      0.61,
      0.555,
      0.5,
      0.4425,
      0.3875,
      0.3325,
      0.2775,
      0.2225,
      0.165,
      0.11,
      0.055,
      0
    ],
    "SoftwareVersions": "syngo_MR_E11",
    "SpacingBetweenSlices": 3.22,
    "StationName": "AWP166048",
    "TaskName": "sharedreward",
    "TotalReadoutTime": 0.0357695,
    "TxRefAmp": 290.647,
    "dataset": "<unset>",
    "modality": "bold",
    "run_id": 2,
    "subject_id": "135",
    "task_id": "sharedreward"
  },
  "dummy_trs": 1,
  "dvars_nstd": 35.02291151039999,
  "dvars_std": 1.1813101384500004,
  "dvars_vstd": 1.0024640169,
  "efc": 0.5378574859330421,
  "fber": 1619.4912109375,
  "fd_mean": 0.4123021237641207,
  "fd_num": 164,
  "fd_perc": 81.59203980099502,
  "fwhm_avg": 1.7601143539951742,
  "fwhm_x": 1.6820368765132863,
  "fwhm_y": 1.9194894302024645,
  "fwhm_z": 1.6788167552697724,
  "gcor": 0.0412039,
  "gsr_x": -0.015258613973855972,
  "gsr_y": 0.05195670947432518,
  "provenance": {
    "md5sum": "8d6a175f849f4d5e96553244a7f74fac",
    "settings": {
      "fd_thres": 0.2,
      "testing": false
    },
    "software": "mriqc",
    "version": "22.0.6",
    "webapi_port": null,
    "webapi_url": "https://mriqc.nimh.nih.gov/api/v1"
  },
  "size_t": 201,
  "size_x": 74,
  "size_y": 74,
  "size_z": 36,
  "snr": 6.1894248884404455,
  "spacing_tr": 2.0199999809265137,
  "spacing_x": 2.972972869873047,
  "spacing_y": 2.972972869873047,
  "spacing_z": 3.2200000286102295,
  "summary_bg_k": 24.516878087018444,
  "summary_bg_mad": 11.396121741337039,
  "summary_bg_mean": 51.825443267822266,
  "summary_bg_median": 19.104476928710938,
  "summary_bg_n": 121509.0,
  "summary_bg_p05": 8.666666030883789,
  "summary_bg_p95": 215.2945281982421,
  "summary_bg_stdv": 88.9659652709961,
  "summary_fg_k": 3.2195689058731283,
  "summary_fg_mad": 103.58298491679528,
  "summary_fg_mean": 794.8368530273438,
  "summary_fg_median": 778.1243896484375,
  "summary_fg_n": 37315.0,
  "summary_fg_p05": 642.4725952148438,
  "summary_fg_p95": 1026.2482421875,
  "summary_fg_stdv": 125.71668243408203,
  "tsnr": 50.16242556378711
}