{
  "aor": 0.002001940298507463,
  "aqi": 0.022847166169154227,
  "bids_meta": {
    "AcquisitionMatrixPE": 74,
    "AcquisitionNumber": 1,
    "AcquisitionTime": "12:04:47.620000",
    "BandwidthPerPixelPhaseEncode": 27.579,
    "BaseResolution": 74,
    "BodyPartExamined": "BRAIN",
    "CogAtlasID": "http://www.cognitiveatlas.org/task/id/TODO",
    "CoilString": "HE1-4;NE1_2",
    "ConsistencyInfo": "N4_VE11C_LATEST_20160120",
    "ConversionSoftware": "dcm2niix",
    "ConversionSoftwareVersion": "v1.0.20190410  GCC6.3.0",
    "DerivedVendorReportedEchoSpacing": 0.000489993,
    "DeviceSerialNumber": "166048",
    "DwellTime": 2.9e-06,
    "EchoTime": 0.023,
    "EchoTrainLength": 74,
    "EffectiveEchoSpacing": 0.000489993,
    "FlipAngle": 76,
    "ImageOrientationPatientDICOM": [
      1,
      0,
      0,
      0,
      0.957319,
      -0.289032
    ],
    "ImageType": [
      "ORIGINAL",
      "PRIMARY",
      "M",
      "ND",
      "NORM",
      "MOSAIC"
    ],
    "ImagingFrequency": 123.246,
    "InPlanePhaseEncodingDirectionDICOM": "COL",
    "InstitutionAddress": "North_13th_1701_Philadelphia_PA_US_19122",
    "InstitutionName": "Temple_University_-_Weiss_Hall",
    "InstitutionalDepartmentName": "Department",
    "MRAcquisitionType": "2D",
    "MagneticFieldStrength": 3,
    "Manufacturer": "Siemens",
    "ManufacturersModelName": "Prisma",
    "Modality": "MR",
    "PartialFourier": 1,
    "PatientPosition": "HFS",
    "PercentPhaseFOV": 100,
    "PhaseEncodingDirection": "j-",
    "PhaseEncodingSteps": 74,
    "PhaseResolution": 1,
    "PixelBandwidth": 2330,
    "ProcedureStepDescription": "SMITH_SRNDNA",
    "ProtocolName": "func-bold_task-reward_run0",
    "PulseSequenceDetails": "%SiemensSeq%_ep2d_bold",
    "ReceiveCoilActiveElements": "HE1-4;NE1,2",
    "ReceiveCoilName": "HeadNeck_20",
    "ReconMatrixPE": 74,
    "RepetitionTime": 2.02,
    "SAR": 0.115389,
    "ScanOptions": "FS",
    "ScanningSequence": "EP",
    "SequenceName": "_epfid2d1_74",
    "SequenceVariant": "SK",
    "SeriesDescription": "func-bold_task-reward_run0",
    "SeriesNumber": 14,
    "ShimSetting": [
      1453,
      -7354,
      6496,
      244,
      14,
      -119,
      -107,
      -22
    ],
    "SliceThickness": 2.8,
    "SliceTiming": [
      1.945,
      1.8875,
      1.8325,
      1.7775,
      1.7225,
      1.665,
      1.61,
      1.555,
      1.5,
      1.445,
      1.3875,
      1.3325,
      1.2775,
      1.2225,
      1.1675,
      1.11,
      1.055,
      1,
      0.945,
      0.8875,
      0.8325,
      0.7775,
      0.7225,
      0.6675,
      0.61,
      0.555,
      0.5,
      0.445,
      0.3875,
      0.3325,
      0.2775,
      0.2225,
      0.1675,
      0.11,
      0.055,
      0
    ],
    "SoftwareVersions": "syngo_MR_E11",
    "SpacingBetweenSlices": 3.22,
    "StationName": "AWP166048",
    "TaskName": "sharedreward",
    "TotalReadoutTime": 0.0357695,
    "TxRefAmp": 290.647,
    "dataset": "<unset>",
    "modality": "bold",
    "run_id": 1,
    "subject_id": "135",
    "task_id": "sharedreward"
  },
  "dummy_trs": 1,
  "dvars_nstd": 29.542325182149984,
  "dvars_std": 1.0178267285999998,
  "dvars_vstd": 0.9180920373499998,
  "efc": 0.5377719276703089,
  "fber": 1588.34521484375,
  "fd_mean": 0.4175053426071483,
  "fd_num": 155,
  "fd_perc": 77.11442786069652,
  "fwhm_avg": 1.7813722205478804,
  "fwhm_x": 1.693318513268159,
  "fwhm_y": 1.9600279770628488,
  "fwhm_z": 1.6907701713126326,
  "gcor": 0.0252857,
  "gsr_x": -0.01513142604380846,
  "gsr_y": 0.05319087207317352,
  "provenance": {
    "md5sum": "bf39b49bfef04c1863b0dbcf40b097af",
    "settings": {
      "fd_thres": 0.2,
      "testing": false
    },
    "software": "mriqc",
    "version": "22.0.6",
    "webapi_port": null,
    "webapi_url": "https://mriqc.nimh.nih.gov/api/v1"
  },
  "size_t": 201,
  "size_x": 74,
  "size_y": 74,
  "size_z": 36,
  "snr": 6.228156895072117,
  "spacing_tr": 2.0199999809265137,
  "spacing_x": 2.972972869873047,
  "spacing_y": 2.972972869873047,
  "spacing_z": 3.2200000286102295,
  "summary_bg_k": 23.476506961591717,
  "summary_bg_mad": 12.259130226845375,
  "summary_bg_mean": 51.79924774169922,
  "summary_bg_median": 19.283580780029297,
  "summary_bg_n": 121476.0,
  "summary_bg_p05": 8.248756408691406,
  "summary_bg_p95": 212.45397186279297,
  "summary_bg_stdv": 88.36241912841797,
  "summary_fg_k": 2.944673025769297,
  "summary_fg_mad": 103.01130892098173,
  "summary_fg_mean": 792.1026611328125,
  "summary_fg_median": 774.8209228515625,
  "summary_fg_n": 37258.0,
  "summary_fg_p05": 640.0186492919922,
  "summary_fg_p95": 1021.0427795410156,
  "summary_fg_stdv": 124.40446472167969,
  "tsnr": 42.58937891153619
}