{
  "aor": 0.005687425742574258,
  "aqi": 0.011601518069306932,
  "bids_meta": {
    "AcquisitionMatrixPE": 74,
    "AcquisitionNumber": 1,
    "AcquisitionTime": "12:24:47.537500",
    "BandwidthPerPixelPhaseEncode": 27.579,
    "BaseResolution": 74,
    "BodyPartExamined": "BRAIN",
    "CogAtlasID": "http://www.cognitiveatlas.org/task/id/TODO",
    "CoilString": "HE1-4;NE1_2",
    "ConsistencyInfo": "N4_VE11C_LATEST_20160120",
    "ConversionSoftware": "dcm2niix",
    "ConversionSoftwareVersion": "v1.0.20190410  GCC6.3.0",
    "DerivedVendorReportedEchoSpacing": 0.000489993,
    "DeviceSerialNumber": "166048",
    "DwellTime": 2.9e-06,
    "EchoTime": 0.023,
    "EchoTrainLength": 74,
    "EffectiveEchoSpacing": 0.000489993,
    "FlipAngle": 76,
    "ImageOrientationPatientDICOM": [
      1,
      0,
      0,
      0,
      0.91496,
      -0.403545
    ],
    "ImageType": [
      "ORIGINAL",
      "PRIMARY",
      "M",
      "ND",
      "NORM",
      "MOSAIC"
    ],
    "ImagingFrequency": 123.246,
    "InPlanePhaseEncodingDirectionDICOM": "COL",
    "InstitutionAddress": "North_13th_1701_Philadelphia_PA_US_19122",
    "InstitutionName": "Temple_University_-_Weiss_Hall",
    "InstitutionalDepartmentName": "Department",
    "MRAcquisitionType": "2D",
    "MagneticFieldStrength": 3,
    "Manufacturer": "Siemens",
    "ManufacturersModelName": "Prisma",
    "Modality": "MR",
    "PartialFourier": 1,
    "PatientPosition": "HFS",
    "PercentPhaseFOV": 100,
    "PhaseEncodingDirection": "j-",
    "PhaseEncodingSteps": 74,
    "PhaseResolution": 1,
    "PixelBandwidth": 2330,
    "ProcedureStepDescription": "SMITH_SRNDNA",
    "ProtocolName": "func-bold_task-reward_run0",
    "PulseSequenceDetails": "%SiemensSeq%_ep2d_bold",
    "ReceiveCoilActiveElements": "HE1-4;NE1,2",
    "ReceiveCoilName": "HeadNeck_20",
    "ReconMatrixPE": 74,
    "RepetitionTime": 2.02,
    "SAR": 0.0812419,
    "ScanOptions": "FS",
    "ScanningSequence": "EP",
    "SequenceName": "_epfid2d1_74",
    "SequenceVariant": "SK",
    "SeriesDescription": "func-bold_task-reward_run0",
    "SeriesNumber": 12,
    "ShimSetting": [
      1393,
      -7338,
      6453,
      158,
      -60,
      369,
      -124,
      42
    ],
    "SliceThickness": 2.8,
    "SliceTiming": [
      1.945,
      1.89,
      1.8325,
      1.7775,
      1.7225,
      1.6675,
      1.6125,
      1.555,
      1.5,
      1.445,
      1.39,
      1.3325,
      1.2775,
      1.2225,
      1.1675,
      1.1125,
      1.055,
      1,
      0.945,
      0.89,
      0.8325,
      0.7775,
      0.7225,
      0.6675,
      0.6125,
      0.555,
      0.5,
      0.445,
      0.39,
      0.3325,
      0.2775,
      0.2225,
      0.1675,
      0.1125,
      0.055,
      0
    ],
    "SoftwareVersions": "syngo_MR_E11",
    "SpacingBetweenSlices": 3.22,
    "StationName": "AWP166048",
    "TaskName": "sharedreward",
    "TotalReadoutTime": 0.0357695,
    "TxRefAmp": 250.969,
    "dataset": "<unset>",
    "modality": "bold",
    "run_id": 1,
    "subject_id": "136",
    "task_id": "sharedreward"
  },
  "dummy_trs": 0,
  "dvars_nstd": 25.61825929681593,
  "dvars_std": 1.3976046968656717,
  "dvars_vstd": 1.0486530235323381,
  "efc": 0.518593075643394,
  "fber": 2060.373046875,
  "fd_mean": 0.1776291543458943,
  "fd_num": 58,
  "fd_perc": 28.712871287128714,
  "fwhm_avg": 1.7479905517431378,
  "fwhm_x": 1.7356566056454954,
  "fwhm_y": 1.8926038838155534,
  "fwhm_z": 1.6157111657683643,
  "gcor": 0.0376028,
  "gsr_x": -0.018990037962794304,
  "gsr_y": 0.04441532492637634,
  "provenance": {
    "md5sum": "b67178a71167e276e2210a977d7070ee",
    "settings": {
      "fd_thres": 0.2,
      "testing": false
    },
    "software": "mriqc",
    "version": "22.0.6",
    "webapi_port": null,
    "webapi_url": "https://mriqc.nimh.nih.gov/api/v1"
  },
  "size_t": 202,
  "size_x": 74,
  "size_y": 74,
  "size_z": 36,
  "snr": 7.3823488604290795,
  "spacing_tr": 2.0199999809265137,
  "spacing_x": 2.972972869873047,
  "spacing_y": 2.972972869873047,
  "spacing_z": 3.2200000286102295,
  "summary_bg_k": 43.299892110767175,
  "summary_bg_mad": 10.290141060170344,
  "summary_bg_mean": 44.242855072021484,
  "summary_bg_median": 20.0,
  "summary_bg_n": 121252.0,
  "summary_bg_p05": 10.024752616882324,
  "summary_bg_p95": 153.85816726684567,
  "summary_bg_stdv": 81.32189178466797,
  "summary_fg_k": 3.8091396329256666,
  "summary_fg_mad": 104.27388261810695,
  "summary_fg_mean": 926.9887084960938,
  "summary_fg_median": 915.1534423828125,
  "summary_fg_n": 36840.0,
  "summary_fg_p05": 757.4945587158203,
  "summary_fg_p95": 1130.772216796875,
  "summary_fg_stdv": 123.96339416503906,
  "tsnr": 67.73133232048713
}