{
  "aor": 0.002859950495049505,
  "aqi": 0.009854500297029703,
  "bids_meta": {
    "AcquisitionMatrixPE": 74,
    "AcquisitionNumber": 1,
    "AcquisitionTime": "12:32:8.250000",
    "BandwidthPerPixelPhaseEncode": 27.579,
    "BaseResolution": 74,
    "BodyPartExamined": "BRAIN",
    "CogAtlasID": "http://www.cognitiveatlas.org/task/id/TODO",
    "CoilString": "HE1-4;NE1_2",
    "ConsistencyInfo": "N4_VE11C_LATEST_20160120",
    "ConversionSoftware": "dcm2niix",
    "ConversionSoftwareVersion": "v1.0.20190410  GCC6.3.0",
    "DerivedVendorReportedEchoSpacing": 0.000489993,
    "DeviceSerialNumber": "166048",
    "DwellTime": 2.9e-06,
    "EchoTime": 0.023,
    "EchoTrainLength": 74,
    "EffectiveEchoSpacing": 0.000489993,
    "FlipAngle": 76,
    "ImageOrientationPatientDICOM": [
      1,
      0,
      0,
      0,
      0.91496,
      -0.403545
    ],
    "ImageType": [
      "ORIGINAL",
      "PRIMARY",
      "M",
      "ND",
      "NORM",
      "MOSAIC"
    ],
    "ImagingFrequency": 123.246,
    "InPlanePhaseEncodingDirectionDICOM": "COL",
    "InstitutionAddress": "North_13th_1701_Philadelphia_PA_US_19122",
    "InstitutionName": "Temple_University_-_Weiss_Hall",
    "InstitutionalDepartmentName": "Department",
    "MRAcquisitionType": "2D",
    "MagneticFieldStrength": 3,
    "Manufacturer": "Siemens",
    "ManufacturersModelName": "Prisma",
    "Modality": "MR",
    "PartialFourier": 1,
    "PatientPosition": "HFS",
    "PercentPhaseFOV": 100,
    "PhaseEncodingDirection": "j-",
    "PhaseEncodingSteps": 74,
    "PhaseResolution": 1,
    "PixelBandwidth": 2330,
    "ProcedureStepDescription": "SMITH_SRNDNA",
    "ProtocolName": "func-bold_task-reward_run1",
    "PulseSequenceDetails": "%SiemensSeq%_ep2d_bold",
    "ReceiveCoilActiveElements": "HE1-4;NE1,2",
    "ReceiveCoilName": "HeadNeck_20",
    "ReconMatrixPE": 74,
    "RepetitionTime": 2.02,
    "SAR": 0.0812419,
    "ScanOptions": "FS",
    "ScanningSequence": "EP",
    "SequenceName": "_epfid2d1_74",
    "SequenceVariant": "SK",
    "SeriesDescription": "func-bold_task-reward_run1",
    "SeriesNumber": 13,
    "ShimSetting": [
      1393,
      -7338,
      6453,
      158,
      -60,
      369,
      -124,
      42
    ],
    "SliceThickness": 2.8,
    "SliceTiming": [
      1.945,
      1.89,
      1.8325,
      1.7775,
      1.7225,
      1.6675,
      1.61,
      1.555,
      1.5,
      1.445,
      1.39,
      1.3325,
      1.2775,
      1.2225,
      1.1675,
      1.11,
      1.055,
      1,
      0.945,
      0.89,
      0.8325,
      0.7775,
      0.7225,
      0.6675,
      0.61,
      0.555,
      0.5,
      0.445,
      0.39,
      0.3325,
      0.2775,
      0.2225,
      0.1675,
      0.11,
      0.055,
      0
    ],
    "SoftwareVersions": "syngo_MR_E11",
    "SpacingBetweenSlices": 3.22,
    "StationName": "AWP166048",
    "TaskName": "sharedreward",
    "TotalReadoutTime": 0.0357695,
    "TxRefAmp": 250.969,
    "dataset": "<unset>",
    "modality": "bold",
    "run_id": 2,
    "subject_id": "136",
    "task_id": "sharedreward"
  },
  "dummy_trs": 0,
  "dvars_nstd": 25.117309304726376,
  "dvars_std": 1.3745770550248755,
  "dvars_vstd": 1.024785119353234,
  "efc": 0.5182563450215882,
  "fber": 2022.3623046875,
  "fd_mean": 0.17281687069014648,
  "fd_num": 55,
  "fd_perc": 27.22772277227723,
  "fwhm_avg": 1.7590691622756134,
  "fwhm_x": 1.7186668777835803,
  "fwhm_y": 1.8873263381779875,
  "fwhm_z": 1.6712142708652722,
  "gcor": 0.0442422,
  "gsr_x": -0.018590399995446205,
  "gsr_y": 0.04460079222917557,
  "provenance": {
    "md5sum": "ef09bffb5f1241fbeffd482c99654f09",
    "settings": {
      "fd_thres": 0.2,
      "testing": false
    },
    "software": "mriqc",
    "version": "22.0.6",
    "webapi_port": null,
    "webapi_url": "https://mriqc.nimh.nih.gov/api/v1"
  },
  "size_t": 202,
  "size_x": 74,
  "size_y": 74,
  "size_z": 36,
  "snr": 7.385652650787423,
  "spacing_tr": 2.0199999809265137,
  "spacing_x": 2.972972869873047,
  "spacing_y": 2.972972869873047,
  "spacing_z": 3.2200000286102295,
  "summary_bg_k": 42.995210065819855,
  "summary_bg_mad": 10.392896257340292,
  "summary_bg_mean": 44.146087646484375,
  "summary_bg_median": 20.099010467529297,
  "summary_bg_n": 121397.0,
  "summary_bg_p05": 10.059405326843262,
  "summary_bg_p95": 152.18514709472655,
  "summary_bg_stdv": 81.08661651611328,
  "summary_fg_k": 3.746772413553063,
  "summary_fg_mad": 104.51612664514182,
  "summary_fg_mean": 927.9381713867188,
  "summary_fg_median": 915.9158325195312,
  "summary_fg_n": 36735.0,
  "summary_fg_p05": 759.5871154785157,
  "summary_fg_p95": 1130.2405517578125,
  "summary_fg_stdv": 124.01116180419922,
  "tsnr": 74.45739665161818
}