{
  "aor": 0.0013311520737327189,
  "aqi": 0.01378219474654378,
  "bids_meta": {
    "AcquisitionMatrixPE": 74,
    "AcquisitionNumber": 1,
    "AcquisitionTime": "12:14:46.202500",
    "BandwidthPerPixelPhaseEncode": 27.579,
    "BaseResolution": 74,
    "BodyPartExamined": "BRAIN",
    "CogAtlasID": "http://www.cognitiveatlas.org/task/id/TODO",
    "CoilString": "HE1-4;NE1_2",
    "ConsistencyInfo": "N4_VE11C_LATEST_20160120",
    "ConversionSoftware": "dcm2niix",
    "ConversionSoftwareVersion": "v1.0.20190410  GCC6.3.0",
    "DerivedVendorReportedEchoSpacing": 0.000489993,
    "DeviceSerialNumber": "166048",
    "DwellTime": 2.9e-06,
    "EchoTime": 0.023,
    "EchoTrainLength": 74,
    "EffectiveEchoSpacing": 0.000489993,
    "FlipAngle": 76,
    "ImageOrientationPatientDICOM": [
      1,
      0,
      0,
      0,
      0.91496,
      -0.403545
    ],
    "ImageType": [
      "ORIGINAL",
      "PRIMARY",
      "M",
      "ND",
      "NORM",
      "MOSAIC"
    ],
    "ImagingFrequency": 123.246,
    "InPlanePhaseEncodingDirectionDICOM": "COL",
    "InstitutionAddress": "North_13th_1701_Philadelphia_PA_US_19122",
    "InstitutionName": "Temple_University_-_Weiss_Hall",
    "InstitutionalDepartmentName": "Department",
    "MRAcquisitionType": "2D",
    "MagneticFieldStrength": 3,
    "Manufacturer": "Siemens",
    "ManufacturersModelName": "Prisma",
    "Modality": "MR",
    "PartialFourier": 1,
    "PatientPosition": "HFS",
    "PercentPhaseFOV": 100,
    "PhaseEncodingDirection": "j-",
    "PhaseEncodingSteps": 74,
    "PhaseResolution": 1,
    "PixelBandwidth": 2330,
    "ProcedureStepDescription": "SMITH_SRNDNA",
    "ProtocolName": "func-bold_trust_run2",
    "PulseSequenceDetails": "%SiemensSeq%_ep2d_bold",
    "ReceiveCoilActiveElements": "HE1-4;NE1,2",
    "ReceiveCoilName": "HeadNeck_20",
    "ReconMatrixPE": 74,
    "RepetitionTime": 2.02,
    "SAR": 0.0812621,
    "ScanOptions": "FS",
    "ScanningSequence": "EP",
    "SequenceName": "_epfid2d1_74",
    "SequenceVariant": "SK",
    "SeriesDescription": "func-bold_trust_run2",
    "SeriesNumber": 11,
    "ShimSetting": [
      1393,
      -7338,
      6453,
      158,
      -60,
      369,
      -124,
      42
    ],
    "SliceThickness": 2.8,
    "SliceTiming": [
      1.945,
      1.89,
      1.8325,
      1.7775,
      1.7225,
      1.6675,
      1.61,
      1.555,
      1.5,
      1.445,
      1.39,
      1.3325,
      1.2775,
      1.2225,
      1.1675,
      1.1125,
      1.055,
      1,
      0.945,
      0.89,
      0.8325,
      0.7775,
      0.7225,
      0.6675,
      0.6125,
      0.555,
      0.5,
      0.445,
      0.39,
      0.3325,
      0.2775,
      0.2225,
      0.1675,
      0.1125,
      0.055,
      0
    ],
    "SoftwareVersions": "syngo_MR_E11",
    "SpacingBetweenSlices": 3.22,
    "StationName": "AWP166048",
    "TaskName": "trust",
    "TotalReadoutTime": 0.0357695,
    "TxRefAmp": 250.969,
    "dataset": "<unset>",
    "modality": "bold",
    "run_id": 2,
    "subject_id": "136",
    "task_id": "trust"
  },
  "dummy_trs": 0,
  "dvars_nstd": 25.681871414027764,
  "dvars_std": 1.3253164605555559,
  "dvars_vstd": 0.9594386065277777,
  "efc": 0.5179546134571789,
  "fber": 2018.2998046875,
  "fd_mean": 0.17060844928010696,
  "fd_num": 61,
  "fd_perc": 28.110599078341014,
  "fwhm_avg": 1.7656579323155646,
  "fwhm_x": 1.7172743322807427,
  "fwhm_y": 1.8956311566478088,
  "fwhm_z": 1.6840683080181427,
  "gcor": 0.02341,
  "gsr_x": -0.018986031413078308,
  "gsr_y": 0.04457603022456169,
  "provenance": {
    "md5sum": "9ec8f86f6b0086d5ff2028374cee49aa",
    "settings": {
      "fd_thres": 0.2,
      "testing": false
    },
    "software": "mriqc",
    "version": "22.0.6",
    "webapi_port": null,
    "webapi_url": "https://mriqc.nimh.nih.gov/api/v1"
  },
  "size_t": 217,
  "size_x": 74,
  "size_y": 74,
  "size_z": 36,
  "snr": 7.424143131835362,
  "spacing_tr": 2.0199999809265137,
  "spacing_x": 2.972972869873047,
  "spacing_y": 2.972972869873047,
  "spacing_z": 3.2200000286102295,
  "summary_bg_k": 45.952192069565776,
  "summary_bg_mad": 10.30989210386227,
  "summary_bg_mean": 43.86595916748047,
  "summary_bg_median": 20.1658992767334,
  "summary_bg_n": 121311.0,
  "summary_bg_p05": 10.089861869812012,
  "summary_bg_p95": 150.3341064453125,
  "summary_bg_stdv": 81.45600891113281,
  "summary_fg_k": 4.267195543181115,
  "summary_fg_mad": 104.00765851368534,
  "summary_fg_mean": 931.4920043945312,
  "summary_fg_median": 919.4746704101562,
  "summary_fg_n": 36749.0,
  "summary_fg_p05": 765.6184326171875,
  "summary_fg_p95": 1134.038720703125,
  "summary_fg_stdv": 123.84757995605469,
  "tsnr": 66.68002051417716
}