{
  "aor": 0.00559685,
  "aqi": 0.0108657049,
  "bids_meta": {
    "AcquisitionMatrixPE": 74,
    "AcquisitionNumber": 1,
    "AcquisitionTime": "12:44:16.427500",
    "BandwidthPerPixelPhaseEncode": 27.579,
    "BaseResolution": 74,
    "BodyPartExamined": "BRAIN",
    "CogAtlasID": "http://www.cognitiveatlas.org/task/id/TODO",
    "CoilString": "HE1-4;NE1_2",
    "ConsistencyInfo": "N4_VE11C_LATEST_20160120",
    "ConversionSoftware": "dcm2niix",
    "ConversionSoftwareVersion": "v1.0.20190410  GCC6.3.0",
    "DerivedVendorReportedEchoSpacing": 0.000489993,
    "DeviceSerialNumber": "166048",
    "DwellTime": 2.9e-06,
    "EchoTime": 0.023,
    "EchoTrainLength": 74,
    "EffectiveEchoSpacing": 0.000489993,
    "FlipAngle": 76,
    "ImageOrientationPatientDICOM": [
      1,
      0,
      0,
      0,
      0.91496,
      -0.403545
    ],
    "ImageType": [
      "ORIGINAL",
      "PRIMARY",
      "M",
      "ND",
      "NORM",
      "MOSAIC"
    ],
    "ImagingFrequency": 123.246,
    "InPlanePhaseEncodingDirectionDICOM": "COL",
    "InstitutionAddress": "North_13th_1701_Philadelphia_PA_US_19122",
    "InstitutionName": "Temple_University_-_Weiss_Hall",
    "InstitutionalDepartmentName": "Department",
    "MRAcquisitionType": "2D",
    "MagneticFieldStrength": 3,
    "Manufacturer": "Siemens",
    "ManufacturersModelName": "Prisma",
    "Modality": "MR",
    "PartialFourier": 1,
    "PatientPosition": "HFS",
    "PercentPhaseFOV": 100,
    "PhaseEncodingDirection": "j-",
    "PhaseEncodingSteps": 74,
    "PhaseResolution": 1,
    "PixelBandwidth": 2330,
    "ProcedureStepDescription": "SMITH_SRNDNA",
    "ProtocolName": "func-bold_task-UG_run0",
    "PulseSequenceDetails": "%SiemensSeq%_ep2d_bold",
    "ReceiveCoilActiveElements": "HE1-4;NE1,2",
    "ReceiveCoilName": "HeadNeck_20",
    "ReconMatrixPE": 74,
    "RepetitionTime": 2.02,
    "SAR": 0.081239,
    "ScanOptions": "FS",
    "ScanningSequence": "EP",
    "SequenceName": "_epfid2d1_74",
    "SequenceVariant": "SK",
    "SeriesDescription": "func-bold_task-UG_run0",
    "SeriesNumber": 14,
    "ShimSetting": [
      1393,
      -7338,
      6453,
      158,
      -60,
      369,
      -124,
      42
    ],
    "SliceThickness": 2.8,
    "SliceTiming": [
      1.945,
      1.89,
      1.8325,
      1.7775,
      1.7225,
      1.6675,
      1.6125,
      1.555,
      1.5,
      1.445,
      1.39,
      1.335,
      1.2775,
      1.2225,
      1.1675,
      1.1125,
      1.055,
      1,
      0.945,
      0.89,
      0.835,
      0.7775,
      0.7225,
      0.6675,
      0.6125,
      0.555,
      0.5,
      0.445,
      0.39,
      0.335,
      0.2775,
      0.2225,
      0.1675,
      0.1125,
      0.055,
      0
    ],
    "SoftwareVersions": "syngo_MR_E11",
    "SpacingBetweenSlices": 3.22,
    "StationName": "AWP166048",
    "TaskName": "ultimatum",
    "TotalReadoutTime": 0.0357695,
    "TxRefAmp": 250.969,
    "dataset": "<unset>",
    "modality": "bold",
    "run_id": 1,
    "subject_id": "136",
    "task_id": "ultimatum"
  },
  "dummy_trs": 0,
  "dvars_nstd": 24.697962947537686,
  "dvars_std": 1.331338611507538,
  "dvars_vstd": 1.0249956888944725,
  "efc": 0.5175849133624907,
  "fber": 2030.6219482421875,
  "fd_mean": 0.18439787920764664,
  "fd_num": 58,
  "fd_perc": 29.0,
  "fwhm_avg": 1.7396622076643922,
  "fwhm_x": 1.7155454231298768,
  "fwhm_y": 1.8805250652148529,
  "fwhm_z": 1.6229161346484462,
  "gcor": 0.038416,
  "gsr_x": -0.018260519951581955,
  "gsr_y": 0.0453839972615242,
  "provenance": {
    "md5sum": "228e21f1bbafd80794b9bbbfe24446ce",
    "settings": {
      "fd_thres": 0.2,
      "testing": false
    },
    "software": "mriqc",
    "version": "22.0.6",
    "webapi_port": null,
    "webapi_url": "https://mriqc.nimh.nih.gov/api/v1"
  },
  "size_t": 200,
  "size_x": 74,
  "size_y": 74,
  "size_z": 36,
  "snr": 7.313057969864984,
  "spacing_tr": 2.0199999809265137,
  "spacing_x": 2.972972869873047,
  "spacing_y": 2.972972869873047,
  "spacing_z": 3.2200000286102295,
  "summary_bg_k": 44.56195387309199,
  "summary_bg_mad": 10.326323264199006,
  "summary_bg_mean": 44.30959701538086,
  "summary_bg_median": 20.07499885559082,
  "summary_bg_n": 121558.0,
  "summary_bg_p05": 9.960000038146973,
  "summary_bg_p95": 153.21574707031246,
  "summary_bg_stdv": 81.61055755615234,
  "summary_fg_k": 3.8157682560497213,
  "summary_fg_mad": 105.64282831888531,
  "summary_fg_mean": 927.0036010742188,
  "summary_fg_median": 915.3049926757812,
  "summary_fg_n": 36595.0,
  "summary_fg_p05": 757.6744873046875,
  "summary_fg_p95": 1133.4494506835938,
  "summary_fg_stdv": 125.15865325927734,
  "tsnr": 71.34600883699022
}