{
  "aor": 0.012876515151515154,
  "aqi": 0.015196419646464647,
  "bids_meta": {
    "AcquisitionMatrixPE": 74,
    "AcquisitionNumber": 1,
    "AcquisitionTime": "19:44:28.420000",
    "BandwidthPerPixelPhaseEncode": 27.579,
    "BaseResolution": 74,
    "BodyPartExamined": "BRAIN",
    "CogAtlasID": "http://www.cognitiveatlas.org/task/id/TODO",
    "CoilString": "HE1_3_4;NE1_2",
    "ConsistencyInfo": "N4_VE11C_LATEST_20160120",
    "ConversionSoftware": "dcm2niix",
    "ConversionSoftwareVersion": "v1.0.20190410  GCC6.3.0",
    "DerivedVendorReportedEchoSpacing": 0.000489993,
    "DeviceSerialNumber": "166048",
    "DwellTime": 2.9e-06,
    "EchoTime": 0.023,
    "EchoTrainLength": 74,
    "EffectiveEchoSpacing": 0.000489993,
    "FlipAngle": 76,
    "ImageOrientationPatientDICOM": [
      1,
      0,
      0,
      0,
      0.942057,
      -0.335452
    ],
    "ImageType": [
      "ORIGINAL",
      "PRIMARY",
      "M",
      "ND",
      "NORM",
      "MOSAIC"
    ],
    "ImagingFrequency": 123.246,
    "InPlanePhaseEncodingDirectionDICOM": "COL",
    "InstitutionAddress": "North_13th_1701_Philadelphia_PA_US_19122",
    "InstitutionName": "Temple_University_-_Weiss_Hall",
    "InstitutionalDepartmentName": "Department",
    "MRAcquisitionType": "2D",
    "MagneticFieldStrength": 3,
    "Manufacturer": "Siemens",
    "ManufacturersModelName": "Prisma",
    "Modality": "MR",
    "PartialFourier": 1,
    "PatientPosition": "HFS",
    "PercentPhaseFOV": 100,
    "PhaseEncodingDirection": "j-",
    "PhaseEncodingSteps": 74,
    "PhaseResolution": 1,
    "PixelBandwidth": 2330,
    "ProcedureStepDescription": "SMITH_SRNDNA",
    "ProtocolName": "func-bold_task-UG_run0",
    "PulseSequenceDetails": "%SiemensSeq%_ep2d_bold",
    "ReceiveCoilActiveElements": "HE1,3,4;NE1,2",
    "ReceiveCoilName": "HeadNeck_20",
    "ReconMatrixPE": 74,
    "RepetitionTime": 2.02,
    "SAR": 0.0709604,
    "ScanOptions": "FS",
    "ScanningSequence": "EP",
    "SequenceName": "_epfid2d1_74",
    "SequenceVariant": "SK",
    "SeriesDescription": "func-bold_task-UG_run0",
    "SeriesNumber": 16,
    "ShimSetting": [
      1426,
      -7377,
      6509,
      718,
      36,
      156,
      -16,
      34
    ],
    "SliceThickness": 2.8,
    "SliceTiming": [
      1.945,
      1.8875,
      1.8325,
      1.7775,
      1.7225,
      1.6675,
      1.61,
      1.555,
      1.5,
      1.445,
      1.3875,
      1.3325,
      1.2775,
      1.2225,
      1.1675,
      1.11,
      1.055,
      1,
      0.945,
      0.89,
      0.8325,
      0.7775,
      0.7225,
      0.6675,
      0.61,
      0.555,
      0.5,
      0.445,
      0.39,
      0.3325,
      0.2775,
      0.2225,
      0.1675,
      0.11,
      0.055,
      0
    ],
    "SoftwareVersions": "syngo_MR_E11",
    "SpacingBetweenSlices": 3.22,
    "StationName": "AWP166048",
    "TaskName": "ultimatum",
    "TotalReadoutTime": 0.0357695,
    "TxRefAmp": 248.114,
    "dataset": "<unset>",
    "modality": "bold",
    "run_id": 1,
    "subject_id": "116",
    "task_id": "ultimatum"
  },
  "dummy_trs": 2,
  "dvars_nstd": 19.468453189086304,
  "dvars_std": 1.1192221257360397,
  "dvars_vstd": 1.0790178479187813,
  "efc": 0.4916870541492792,
  "fber": 2115.006103515625,
  "fd_mean": 0.1938732437728826,
  "fd_num": 78,
  "fd_perc": 39.39393939393939,
  "fwhm_avg": 1.7646388448743713,
  "fwhm_x": 1.7009102408041603,
  "fwhm_y": 1.9816864323593981,
  "fwhm_z": 1.6113198614595554,
  "gcor": 0.00931509,
  "gsr_x": -0.00010978958016494289,
  "gsr_y": 0.04226066172122955,
  "provenance": {
    "md5sum": "75e158c539a6a038efe7d6fc80b50fa9",
    "settings": {
      "fd_thres": 0.2,
      "testing": false
    },
    "software": "mriqc",
    "version": "22.0.6",
    "webapi_port": null,
    "webapi_url": "https://mriqc.nimh.nih.gov/api/v1"
  },
  "size_t": 198,
  "size_x": 74,
  "size_y": 74,
  "size_z": 36,
  "snr": 6.772815649636944,
  "spacing_tr": 2.0199999809265137,
  "spacing_x": 2.972972869873047,
  "spacing_y": 2.972972869873047,
  "spacing_z": 3.2200000286102295,
  "summary_bg_k": 20.71220488309158,
  "summary_bg_mad": 10.632803075181762,
  "summary_bg_mean": 39.7924919128418,
  "summary_bg_median": 18.808080673217773,
  "summary_bg_n": 129631.0,
  "summary_bg_p05": 9.1010103225708,
  "summary_bg_p95": 158.2752456665039,
  "summary_bg_stdv": 60.86979675292969,
  "summary_fg_k": 2.4288443802997577,
  "summary_fg_mad": 117.14059674438103,
  "summary_fg_mean": 884.4691772460938,
  "summary_fg_median": 873.580810546875,
  "summary_fg_n": 32437.0,
  "summary_fg_p05": 705.8292724609375,
  "summary_fg_p95": 1098.5464843749994,
  "summary_fg_stdv": 128.98141479492188,
  "tsnr": 55.30626800842583
}