{
  "aor": 0.014983267326732675,
  "aqi": 0.015075989504950496,
  "bids_meta": {
    "AcquisitionMatrixPE": 74,
    "AcquisitionNumber": 1,
    "AcquisitionTime": "19:34:26.890000",
    "BandwidthPerPixelPhaseEncode": 27.579,
    "BaseResolution": 74,
    "BodyPartExamined": "BRAIN",
    "CogAtlasID": "http://www.cognitiveatlas.org/task/id/TODO",
    "CoilString": "HE1_3_4;NE1_2",
    "ConsistencyInfo": "N4_VE11C_LATEST_20160120",
    "ConversionSoftware": "dcm2niix",
    "ConversionSoftwareVersion": "v1.0.20190410  GCC6.3.0",
    "DerivedVendorReportedEchoSpacing": 0.000489993,
    "DeviceSerialNumber": "166048",
    "DwellTime": 2.9e-06,
    "EchoTime": 0.023,
    "EchoTrainLength": 74,
    "EffectiveEchoSpacing": 0.000489993,
    "FlipAngle": 76,
    "ImageOrientationPatientDICOM": [
      1,
      0,
      0,
      0,
      0.942057,
      -0.335452
    ],
    "ImageType": [
      "ORIGINAL",
      "PRIMARY",
      "M",
      "ND",
      "NORM",
      "MOSAIC"
    ],
    "ImagingFrequency": 123.246,
    "InPlanePhaseEncodingDirectionDICOM": "COL",
    "InstitutionAddress": "North_13th_1701_Philadelphia_PA_US_19122",
    "InstitutionName": "Temple_University_-_Weiss_Hall",
    "InstitutionalDepartmentName": "Department",
    "MRAcquisitionType": "2D",
    "MagneticFieldStrength": 3,
    "Manufacturer": "Siemens",
    "ManufacturersModelName": "Prisma",
    "Modality": "MR",
    "PartialFourier": 1,
    "PatientPosition": "HFS",
    "PercentPhaseFOV": 100,
    "PhaseEncodingDirection": "j-",
    "PhaseEncodingSteps": 74,
    "PhaseResolution": 1,
    "PixelBandwidth": 2330,
    "ProcedureStepDescription": "SMITH_SRNDNA",
    "ProtocolName": "func-bold_task-reward_run1",
    "PulseSequenceDetails": "%SiemensSeq%_ep2d_bold",
    "ReceiveCoilActiveElements": "HE1,3,4;NE1,2",
    "ReceiveCoilName": "HeadNeck_20",
    "ReconMatrixPE": 74,
    "RepetitionTime": 2.02,
    "SAR": 0.070963,
    "ScanOptions": "FS",
    "ScanningSequence": "EP",
    "SequenceName": "_epfid2d1_74",
    "SequenceVariant": "SK",
    "SeriesDescription": "func-bold_task-reward_run1",
    "SeriesNumber": 15,
    "ShimSetting": [
      1426,
      -7377,
      6509,
      718,
      36,
      156,
      -16,
      34
    ],
    "SliceThickness": 2.8,
    "SliceTiming": [
      1.9425,
      1.8875,
      1.8325,
      1.7775,
      1.72,
      1.665,
      1.61,
      1.555,
      1.4975,
      1.4425,
      1.3875,
      1.3325,
      1.2775,
      1.22,
      1.165,
      1.11,
      1.055,
      0.9975,
      0.9425,
      0.8875,
      0.8325,
      0.7775,
      0.72,
      0.665,
      0.61,
      0.555,
      0.4975,
      0.4425,
      0.3875,
      0.3325,
      0.2775,
      0.22,
      0.165,
      0.11,
      0.055,
      0
    ],
    "SoftwareVersions": "syngo_MR_E11",
    "SpacingBetweenSlices": 3.22,
    "StationName": "AWP166048",
    "TaskName": "sharedreward",
    "TotalReadoutTime": 0.0357695,
    "TxRefAmp": 248.114,
    "dataset": "<unset>",
    "modality": "bold",
    "run_id": 2,
    "subject_id": "116",
    "task_id": "sharedreward"
  },
  "dummy_trs": 0,
  "dvars_nstd": 23.015260335721393,
  "dvars_std": 1.174669303930348,
  "dvars_vstd": 1.1520123895522378,
  "efc": 0.4929464338911332,
  "fber": 2084.24609375,
  "fd_mean": 0.2945484339048203,
  "fd_num": 127,
  "fd_perc": 62.87128712871287,
  "fwhm_avg": 1.761833240243412,
  "fwhm_x": 1.6982159679834528,
  "fwhm_y": 1.9515011585853284,
  "fwhm_z": 1.6357825941614548,
  "gcor": 0.0134656,
  "gsr_x": -0.0006005378090776503,
  "gsr_y": 0.04521849751472473,
  "provenance": {
    "md5sum": "dc49ea922c969446c3fa1964aaca83d8",
    "settings": {
      "fd_thres": 0.2,
      "testing": false
    },
    "software": "mriqc",
    "version": "22.0.6",
    "webapi_port": null,
    "webapi_url": "https://mriqc.nimh.nih.gov/api/v1"
  },
  "size_t": 202,
  "size_x": 74,
  "size_y": 74,
  "size_z": 36,
  "snr": 6.782093543648185,
  "spacing_tr": 2.0199999809265137,
  "spacing_x": 2.972972869873047,
  "spacing_y": 2.972972869873047,
  "spacing_z": 3.2200000286102295,
  "summary_bg_k": 21.666761831157572,
  "summary_bg_mad": 10.422253471183478,
  "summary_bg_mean": 40.007869720458984,
  "summary_bg_median": 19.183168411254883,
  "summary_bg_n": 129448.0,
  "summary_bg_p05": 9.590841150283815,
  "summary_bg_p95": 154.50990295410156,
  "summary_bg_stdv": 60.76188278198242,
  "summary_fg_k": 2.3537926610263966,
  "summary_fg_mad": 116.54575508890333,
  "summary_fg_mean": 883.0657348632812,
  "summary_fg_median": 871.7623291015625,
  "summary_fg_n": 32556.0,
  "summary_fg_p05": 705.6051788330078,
  "summary_fg_p95": 1095.6682739257812,
  "summary_fg_stdv": 128.53684997558594,
  "tsnr": 52.18455580435693
}