{
  "aor": 0.002227373271889401,
  "aqi": 0.019496071843317975,
  "bids_meta": {
    "AcquisitionMatrixPE": 74,
    "AcquisitionNumber": 1,
    "AcquisitionTime": "18:54:29.820000",
    "BandwidthPerPixelPhaseEncode": 27.579,
    "BaseResolution": 74,
    "BodyPartExamined": "BRAIN",
    "CogAtlasID": "http://www.cognitiveatlas.org/task/id/TODO",
    "CoilString": "HE1_3_4;NE1_2",
    "ConsistencyInfo": "N4_VE11C_LATEST_20160120",
    "ConversionSoftware": "dcm2niix",
    "ConversionSoftwareVersion": "v1.0.20190410  GCC6.3.0",
    "DerivedVendorReportedEchoSpacing": 0.000489993,
    "DeviceSerialNumber": "166048",
    "DwellTime": 2.9e-06,
    "EchoTime": 0.023,
    "EchoTrainLength": 74,
    "EffectiveEchoSpacing": 0.000489993,
    "FlipAngle": 76,
    "ImageOrientationPatientDICOM": [
      1,
      0,
      0,
      0,
      0.942057,
      -0.335452
    ],
    "ImageType": [
      "ORIGINAL",
      "PRIMARY",
      "M",
      "ND",
      "NORM",
      "MOSAIC"
    ],
    "ImagingFrequency": 123.246,
    "InPlanePhaseEncodingDirectionDICOM": "COL",
    "InstitutionAddress": "North_13th_1701_Philadelphia_PA_US_19122",
    "InstitutionName": "Temple_University_-_Weiss_Hall",
    "InstitutionalDepartmentName": "Department",
    "MRAcquisitionType": "2D",
    "MagneticFieldStrength": 3,
    "Manufacturer": "Siemens",
    "ManufacturersModelName": "Prisma",
    "Modality": "MR",
    "PartialFourier": 1,
    "PatientPosition": "HFS",
    "PercentPhaseFOV": 100,
    "PhaseEncodingDirection": "j-",
    "PhaseEncodingSteps": 74,
    "PhaseResolution": 1,
    "PixelBandwidth": 2330,
    "ProcedureStepDescription": "SMITH_SRNDNA",
    "ProtocolName": "func-bold_trust_run1",
    "PulseSequenceDetails": "%SiemensSeq%_ep2d_bold",
    "ReceiveCoilActiveElements": "HE1,3,4;NE1,2",
    "ReceiveCoilName": "HeadNeck_20",
    "ReconMatrixPE": 74,
    "RepetitionTime": 2.02,
    "SAR": 0.0709806,
    "ScanOptions": "FS",
    "ScanningSequence": "EP",
    "SequenceName": "_epfid2d1_74",
    "SequenceVariant": "SK",
    "SeriesDescription": "func-bold_trust_run1",
    "SeriesNumber": 10,
    "ShimSetting": [
      1426,
      -7377,
      6509,
      718,
      36,
      156,
      -16,
      34
    ],
    "SliceThickness": 2.8,
    "SliceTiming": [
      1.945,
      1.89,
      1.835,
      1.7775,
      1.7225,
      1.6675,
      1.6125,
      1.5575,
      1.5,
      1.445,
      1.39,
      1.335,
      1.28,
      1.2225,
      1.1675,
      1.1125,
      1.0575,
      1,
      0.945,
      0.89,
      0.835,
      0.78,
      0.7225,
      0.6675,
      0.6125,
      0.5575,
      0.5,
      0.445,
      0.39,
      0.335,
      0.28,
      0.2225,
      0.1675,
      0.1125,
      0.0575,
      0
    ],
    "SoftwareVersions": "syngo_MR_E11",
    "SpacingBetweenSlices": 3.22,
    "StationName": "AWP166048",
    "TaskName": "trust",
    "TotalReadoutTime": 0.0357695,
    "TxRefAmp": 248.114,
    "dataset": "<unset>",
    "modality": "bold",
    "run_id": 2,
    "subject_id": "116",
    "task_id": "trust"
  },
  "dummy_trs": 0,
  "dvars_nstd": 20.046927355138884,
  "dvars_std": 0.988488269166667,
  "dvars_vstd": 0.9395222162962964,
  "efc": 0.4989244172204423,
  "fber": 2093.079345703125,
  "fd_mean": 0.21112979509394453,
  "fd_num": 99,
  "fd_perc": 45.6221198156682,
  "fwhm_avg": 1.771870873391051,
  "fwhm_x": 1.709642241106978,
  "fwhm_y": 1.971016977443937,
  "fwhm_z": 1.6349534016222385,
  "gcor": 0.011529,
  "gsr_x": -0.0035488219000399113,
  "gsr_y": 0.04036913439631462,
  "provenance": {
    "md5sum": "435a3c77a62975c267a9d69861d82c97",
    "settings": {
      "fd_thres": 0.2,
      "testing": false
    },
    "software": "mriqc",
    "version": "22.0.6",
    "webapi_port": null,
    "webapi_url": "https://mriqc.nimh.nih.gov/api/v1"
  },
  "size_t": 217,
  "size_x": 74,
  "size_y": 74,
  "size_z": 36,
  "snr": 6.929738770421986,
  "spacing_tr": 2.0199999809265137,
  "spacing_x": 2.972972869873047,
  "spacing_y": 2.972972869873047,
  "spacing_z": 3.2200000286102295,
  "summary_bg_k": 20.562865032405817,
  "summary_bg_mad": 10.46703372064779,
  "summary_bg_mean": 39.805545806884766,
  "summary_bg_median": 18.8341007232666,
  "summary_bg_n": 127822.0,
  "summary_bg_p05": 9.21658992767334,
  "summary_bg_p95": 156.09584960937494,
  "summary_bg_stdv": 60.225311279296875,
  "summary_fg_k": 2.6594157356973334,
  "summary_fg_mad": 112.17219618242729,
  "summary_fg_mean": 881.5742797851562,
  "summary_fg_median": 870.5092163085938,
  "summary_fg_n": 33570.0,
  "summary_fg_p05": 710.4373138427734,
  "summary_fg_p95": 1088.3527709960938,
  "summary_fg_stdv": 125.61746978759766,
  "tsnr": 50.250567032489926
}