{
  "aor": 0.003922418604651163,
  "aqi": 0.009647308744186046,
  "bids_meta": {
    "AcquisitionMatrixPE": 74,
    "AcquisitionNumber": 1,
    "AcquisitionTime": "14:29:3.982500",
    "BandwidthPerPixelPhaseEncode": 27.579,
    "BaseResolution": 74,
    "BodyPartExamined": "BRAIN",
    "CogAtlasID": "http://www.cognitiveatlas.org/task/id/TODO",
    "CoilString": "HE1-4;NE1_2",
    "ConsistencyInfo": "N4_VE11C_LATEST_20160120",
    "ConversionSoftware": "dcm2niix",
    "ConversionSoftwareVersion": "v1.0.20190410  GCC6.3.0",
    "DerivedVendorReportedEchoSpacing": 0.000489993,
    "DeviceSerialNumber": "166048",
    "DwellTime": 2.9e-06,
    "EchoTime": 0.023,
    "EchoTrainLength": 74,
    "EffectiveEchoSpacing": 0.000489993,
    "FlipAngle": 76,
    "ImageOrientationPatientDICOM": [
      1,
      0,
      0,
      0,
      0.926529,
      -0.376224
    ],
    "ImageType": [
      "ORIGINAL",
      "PRIMARY",
      "M",
      "ND",
      "NORM",
      "MOSAIC"
    ],
    "ImagingFrequency": 123.246,
    "InPlanePhaseEncodingDirectionDICOM": "COL",
    "InstitutionAddress": "North_13th_1701_Philadelphia_PA_US_19122",
    "InstitutionName": "Temple_University_-_Weiss_Hall",
    "InstitutionalDepartmentName": "Department",
    "MRAcquisitionType": "2D",
    "MagneticFieldStrength": 3,
    "Manufacturer": "Siemens",
    "ManufacturersModelName": "Prisma",
    "Modality": "MR",
    "PartialFourier": 1,
    "PatientPosition": "HFS",
    "PercentPhaseFOV": 100,
    "PhaseEncodingDirection": "j-",
    "PhaseEncodingSteps": 74,
    "PhaseResolution": 1,
    "PixelBandwidth": 2330,
    "ProcedureStepDescription": "SMITH_SRNDNA",
    "ProtocolName": "func-bold_trust_run2",
    "PulseSequenceDetails": "%SiemensSeq%_ep2d_bold",
    "ReceiveCoilActiveElements": "HE1-4;NE1,2",
    "ReceiveCoilName": "HeadNeck_20",
    "ReconMatrixPE": 74,
    "RepetitionTime": 2.02,
    "SAR": 0.0842193,
    "ScanOptions": "FS",
    "ScanningSequence": "EP",
    "SequenceName": "_epfid2d1_74",
    "SequenceVariant": "SK",
    "SeriesDescription": "func-bold_trust_run2",
    "SeriesNumber": 11,
    "ShimSetting": [
      1412,
      -7413,
      6502,
      189,
      114,
      230,
      108,
      39
    ],
    "SliceThickness": 2.8,
    "SliceTiming": [
      1.945,
      1.89,
      1.835,
      1.7775,
      1.7225,
      1.6675,
      1.6125,
      1.5575,
      1.5,
      1.445,
      1.39,
      1.335,
      1.2775,
      1.2225,
      1.1675,
      1.1125,
      1.0575,
      1,
      0.945,
      0.89,
      0.835,
      0.7775,
      0.7225,
      0.6675,
      0.6125,
      0.5575,
      0.5,
      0.445,
      0.39,
      0.335,
      0.2775,
      0.2225,
      0.1675,
      0.1125,
      0.0575,
      0
    ],
    "SoftwareVersions": "syngo_MR_E11",
    "SpacingBetweenSlices": 3.22,
    "StationName": "AWP166048",
    "TaskName": "trust",
    "TotalReadoutTime": 0.0357695,
    "TxRefAmp": 276.954,
    "dataset": "<unset>",
    "modality": "bold",
    "run_id": 3,
    "subject_id": "132",
    "task_id": "trust"
  },
  "dummy_trs": 2,
  "dvars_nstd": 26.66979394014019,
  "dvars_std": 1.2647310600934583,
  "dvars_vstd": 1.016519635841122,
  "efc": 0.5182102960040603,
  "fber": 1987.8634033203125,
  "fd_mean": 0.2999406872058035,
  "fd_num": 143,
  "fd_perc": 66.51162790697674,
  "fwhm_avg": 1.7529570748685954,
  "fwhm_x": 1.6804761491864344,
  "fwhm_y": 1.8518702460393124,
  "fwhm_z": 1.7265248293800397,
  "gcor": 0.0297914,
  "gsr_x": -0.015349597670137882,
  "gsr_y": 0.03248918429017067,
  "provenance": {
    "md5sum": "f56191d08c977613f38d2d8eafb047a8",
    "settings": {
      "fd_thres": 0.2,
      "testing": false
    },
    "software": "mriqc",
    "version": "22.0.6",
    "webapi_port": null,
    "webapi_url": "https://mriqc.nimh.nih.gov/api/v1"
  },
  "size_t": 215,
  "size_x": 74,
  "size_y": 74,
  "size_z": 36,
  "snr": 6.383800102286827,
  "spacing_tr": 2.0199999809265137,
  "spacing_x": 2.972972869873047,
  "spacing_y": 2.972972869873047,
  "spacing_z": 3.2200000286102295,
  "summary_bg_k": 33.849209012858395,
  "summary_bg_mad": 8.343947106209265,
  "summary_bg_mean": 37.23499298095703,
  "summary_bg_median": 17.14418601989746,
  "summary_bg_n": 121500.0,
  "summary_bg_p05": 8.990697860717773,
  "summary_bg_p95": 127.71255455017068,
  "summary_bg_stdv": 62.6423225402832,
  "summary_fg_k": 2.5435029801425992,
  "summary_fg_mad": 104.47178612469091,
  "summary_fg_mean": 796.4688720703125,
  "summary_fg_median": 779.7720947265625,
  "summary_fg_n": 37025.0,
  "summary_fg_p05": 641.1134887695313,
  "summary_fg_p95": 1016.6120971679687,
  "summary_fg_stdv": 122.14692687988281,
  "tsnr": 65.02087448956445
}