{
  "aor": 0.0031095024875621895,
  "aqi": 0.009642852039800994,
  "bids_meta": {
    "AcquisitionMatrixPE": 74,
    "AcquisitionNumber": 1,
    "AcquisitionTime": "14:55:46.757500",
    "BandwidthPerPixelPhaseEncode": 27.579,
    "BaseResolution": 74,
    "BodyPartExamined": "BRAIN",
    "CogAtlasID": "http://www.cognitiveatlas.org/task/id/TODO",
    "CoilString": "HE1-4;NE1_2",
    "ConsistencyInfo": "N4_VE11C_LATEST_20160120",
    "ConversionSoftware": "dcm2niix",
    "ConversionSoftwareVersion": "v1.0.20190410  GCC6.3.0",
    "DerivedVendorReportedEchoSpacing": 0.000489993,
    "DeviceSerialNumber": "166048",
    "DwellTime": 2.9e-06,
    "EchoTime": 0.023,
    "EchoTrainLength": 74,
    "EffectiveEchoSpacing": 0.000489993,
    "FlipAngle": 76,
    "ImageOrientationPatientDICOM": [
      1,
      0,
      0,
      0,
      0.926529,
      -0.376224
    ],
    "ImageType": [
      "ORIGINAL",
      "PRIMARY",
      "M",
      "ND",
      "NORM",
      "MOSAIC"
    ],
    "ImagingFrequency": 123.246,
    "InPlanePhaseEncodingDirectionDICOM": "COL",
    "InstitutionAddress": "North_13th_1701_Philadelphia_PA_US_19122",
    "InstitutionName": "Temple_University_-_Weiss_Hall",
    "InstitutionalDepartmentName": "Department",
    "MRAcquisitionType": "2D",
    "MagneticFieldStrength": 3,
    "Manufacturer": "Siemens",
    "ManufacturersModelName": "Prisma",
    "Modality": "MR",
    "PartialFourier": 1,
    "PatientPosition": "HFS",
    "PercentPhaseFOV": 100,
    "PhaseEncodingDirection": "j-",
    "PhaseEncodingSteps": 74,
    "PhaseResolution": 1,
    "PixelBandwidth": 2330,
    "ProcedureStepDescription": "SMITH_SRNDNA",
    "ProtocolName": "func-bold_task-reward_run0",
    "PulseSequenceDetails": "%SiemensSeq%_ep2d_bold",
    "ReceiveCoilActiveElements": "HE1-4;NE1,2",
    "ReceiveCoilName": "HeadNeck_20",
    "ReconMatrixPE": 74,
    "RepetitionTime": 2.02,
    "SAR": 0.0841983,
    "ScanOptions": "FS",
    "ScanningSequence": "EP",
    "SequenceName": "_epfid2d1_74",
    "SequenceVariant": "SK",
    "SeriesDescription": "func-bold_task-reward_run0",
    "SeriesNumber": 14,
    "ShimSetting": [
      1411,
      -7418,
      6503,
      188,
      113,
      232,
      119,
      38
    ],
    "SliceThickness": 2.8,
    "SliceTiming": [
      1.945,
      1.8875,
      1.8325,
      1.7775,
      1.7225,
      1.6675,
      1.61,
      1.555,
      1.5,
      1.445,
      1.39,
      1.3325,
      1.2775,
      1.2225,
      1.1675,
      1.11,
      1.055,
      1,
      0.945,
      0.89,
      0.8325,
      0.7775,
      0.7225,
      0.6675,
      0.61,
      0.555,
      0.5,
      0.445,
      0.39,
      0.3325,
      0.2775,
      0.2225,
      0.1675,
      0.11,
      0.055,
      0
    ],
    "SoftwareVersions": "syngo_MR_E11",
    "SpacingBetweenSlices": 3.22,
    "StationName": "AWP166048",
    "TaskName": "sharedreward",
    "TotalReadoutTime": 0.0357695,
    "TxRefAmp": 276.954,
    "dataset": "<unset>",
    "modality": "bold",
    "run_id": 1,
    "subject_id": "132",
    "task_id": "sharedreward"
  },
  "dummy_trs": 1,
  "dvars_nstd": 26.446458053200004,
  "dvars_std": 1.2662622828499999,
  "dvars_vstd": 0.9862534639000003,
  "efc": 0.5167859786940381,
  "fber": 2119.492431640625,
  "fd_mean": 0.2525718890164384,
  "fd_num": 118,
  "fd_perc": 58.70646766169154,
  "fwhm_avg": 1.7438874416204897,
  "fwhm_x": 1.6792786945994531,
  "fwhm_y": 1.8417221547782952,
  "fwhm_z": 1.7106614754837213,
  "gcor": 0.0193442,
  "gsr_x": -0.013386278413236141,
  "gsr_y": 0.03398388996720314,
  "provenance": {
    "md5sum": "8a99861f798857270c5262ae14534226",
    "settings": {
      "fd_thres": 0.2,
      "testing": false
    },
    "software": "mriqc",
    "version": "22.0.6",
    "webapi_port": null,
    "webapi_url": "https://mriqc.nimh.nih.gov/api/v1"
  },
  "size_t": 201,
  "size_x": 74,
  "size_y": 74,
  "size_z": 36,
  "snr": 6.399352287664294,
  "spacing_tr": 2.0199999809265137,
  "spacing_x": 2.972972869873047,
  "spacing_y": 2.972972869873047,
  "spacing_z": 3.2200000286102295,
  "summary_bg_k": 33.79356749855769,
  "summary_bg_mad": 8.202256803438017,
  "summary_bg_mean": 35.909996032714844,
  "summary_bg_median": 16.57711410522461,
  "summary_bg_n": 121596.0,
  "summary_bg_p05": 8.313432693481445,
  "summary_bg_p95": 125.3345718383789,
  "summary_bg_stdv": 59.473777770996094,
  "summary_fg_k": 2.6023930247880873,
  "summary_fg_mad": 102.7494736231762,
  "summary_fg_mean": 790.12744140625,
  "summary_fg_median": 773.1343383789062,
  "summary_fg_n": 37021.0,
  "summary_fg_p05": 635.5323486328125,
  "summary_fg_p95": 1008.8905029296875,
  "summary_fg_stdv": 120.81283569335938,
  "tsnr": 68.23475322453305
}