{
  "aor": 0.00048124999999999996,
  "aqi": 0.008272800324074073,
  "bids_meta": {
    "AcquisitionMatrixPE": 74,
    "AcquisitionNumber": 1,
    "AcquisitionTime": "14:57:2.607500",
    "BandwidthPerPixelPhaseEncode": 27.579,
    "BaseResolution": 74,
    "BodyPartExamined": "BRAIN",
    "CogAtlasID": "http://www.cognitiveatlas.org/task/id/TODO",
    "CoilString": "HE1-4;NE1_2",
    "ConsistencyInfo": "N4_VE11C_LATEST_20160120",
    "ConversionSoftware": "dcm2niix",
    "ConversionSoftwareVersion": "v1.0.20190410  GCC6.3.0",
    "DerivedVendorReportedEchoSpacing": 0.000489993,
    "DeviceSerialNumber": "166048",
    "DwellTime": 2.9e-06,
    "EchoTime": 0.023,
    "EchoTrainLength": 74,
    "EffectiveEchoSpacing": 0.000489993,
    "FlipAngle": 76,
    "ImageOrientationPatientDICOM": [
      1,
      0,
      0,
      0,
      0.95424,
      -0.299041
    ],
    "ImageType": [
      "ORIGINAL",
      "PRIMARY",
      "M",
      "ND",
      "NORM",
      "MOSAIC"
    ],
    "ImagingFrequency": 123.246,
    "InPlanePhaseEncodingDirectionDICOM": "COL",
    "InstitutionAddress": "North_13th_1701_Philadelphia_PA_US_19122",
    "InstitutionName": "Temple_University_-_Weiss_Hall",
    "InstitutionalDepartmentName": "Department",
    "MRAcquisitionType": "2D",
    "MagneticFieldStrength": 3,
    "Manufacturer": "Siemens",
    "ManufacturersModelName": "Prisma",
    "Modality": "MR",
    "PartialFourier": 1,
    "PatientPosition": "HFS",
    "PercentPhaseFOV": 100,
    "PhaseEncodingDirection": "j-",
    "PhaseEncodingSteps": 74,
    "PhaseResolution": 1,
    "PixelBandwidth": 2330,
    "ProcedureStepDescription": "SMITH_SRNDNA",
    "ProtocolName": "func-bold_trust_run0",
    "PulseSequenceDetails": "%SiemensSeq%_ep2d_bold",
    "ReceiveCoilActiveElements": "HE1-4;NE1,2",
    "ReceiveCoilName": "HeadNeck_20",
    "ReconMatrixPE": 74,
    "RepetitionTime": 2.02,
    "SAR": 0.106607,
    "ScanOptions": "FS",
    "ScanningSequence": "EP",
    "SequenceName": "_epfid2d1_74",
    "SequenceVariant": "SK",
    "SeriesDescription": "func-bold_trust_run0",
    "SeriesNumber": 9,
    "ShimSetting": [
      1408,
      -7388,
      6486,
      252,
      14,
      -186,
      47,
      -12
    ],
    "SliceThickness": 2.8,
    "SliceTiming": [
      1.945,
      1.8875,
      1.8325,
      1.7775,
      1.7225,
      1.6675,
      1.61,
      1.555,
      1.5,
      1.445,
      1.3875,
      1.3325,
      1.2775,
      1.2225,
      1.1675,
      1.11,
      1.055,
      1,
      0.945,
      0.89,
      0.8325,
      0.7775,
      0.7225,
      0.6675,
      0.61,
      0.555,
      0.5,
      0.445,
      0.39,
      0.3325,
      0.2775,
      0.2225,
      0.1675,
      0.11,
      0.055,
      0
    ],
    "SoftwareVersions": "syngo_MR_E11",
    "SpacingBetweenSlices": 3.22,
    "StationName": "AWP166048",
    "TaskName": "trust",
    "TotalReadoutTime": 0.0357695,
    "TxRefAmp": 288.874,
    "dataset": "<unset>",
    "modality": "bold",
    "run_id": 1,
    "subject_id": "151",
    "task_id": "trust"
  },
  "dummy_trs": 1,
  "dvars_nstd": 34.35833631139536,
  "dvars_std": 1.2588833996744182,
  "dvars_vstd": 0.9707784129302326,
  "efc": 0.5358335842557167,
  "fber": 1368.3480224609375,
  "fd_mean": 0.36131620871717496,
  "fd_num": 189,
  "fd_perc": 87.5,
  "fwhm_avg": 1.7534433430472356,
  "fwhm_x": 1.6791508764132024,
  "fwhm_y": 1.8383686092074518,
  "fwhm_z": 1.7428105435210528,
  "gcor": 0.00616786,
  "gsr_x": -0.026864049956202507,
  "gsr_y": 0.0541401170194149,
  "provenance": {
    "md5sum": "0d6886d8ef1fda54df5df24ab0e342cb",
    "settings": {
      "fd_thres": 0.2,
      "testing": false
    },
    "software": "mriqc",
    "version": "22.0.6",
    "webapi_port": null,
    "webapi_url": "https://mriqc.nimh.nih.gov/api/v1"
  },
  "size_t": 216,
  "size_x": 74,
  "size_y": 74,
  "size_z": 36,
  "snr": 6.098397209415198,
  "spacing_tr": 2.0199999809265137,
  "spacing_x": 2.972972869873047,
  "spacing_y": 2.972972869873047,
  "spacing_z": 3.2200000286102295,
  "summary_bg_k": 27.878482095895237,
  "summary_bg_mad": 11.936319643821546,
  "summary_bg_mean": 43.623207092285156,
  "summary_bg_median": 19.574073791503906,
  "summary_bg_n": 121305.0,
  "summary_bg_p05": 8.689814567565918,
  "summary_bg_p95": 157.89259338378875,
  "summary_bg_stdv": 69.64630126953125,
  "summary_fg_k": 1.937315294695848,
  "summary_fg_mad": 108.14064747400067,
  "summary_fg_mean": 751.51708984375,
  "summary_fg_median": 733.5509033203125,
  "summary_fg_n": 38235.0,
  "summary_fg_p05": 598.0389038085938,
  "summary_fg_p95": 973.7597229003904,
  "summary_fg_stdv": 120.2842788696289,
  "tsnr": 69.98525219969451
}