{
  "aor": 0.002253718592964824,
  "aqi": 0.010362202864321608,
  "bids_meta": {
    "AcquisitionMatrixPE": 74,
    "AcquisitionNumber": 1,
    "AcquisitionTime": "15:38:9.097500",
    "BandwidthPerPixelPhaseEncode": 27.579,
    "BaseResolution": 74,
    "BodyPartExamined": "BRAIN",
    "CogAtlasID": "http://www.cognitiveatlas.org/task/id/TODO",
    "CoilString": "HE1-4;NE1_2",
    "ConsistencyInfo": "N4_VE11C_LATEST_20160120",
    "ConversionSoftware": "dcm2niix",
    "ConversionSoftwareVersion": "v1.0.20190410  GCC6.3.0",
    "DerivedVendorReportedEchoSpacing": 0.000489993,
    "DeviceSerialNumber": "166048",
    "DwellTime": 2.9e-06,
    "EchoTime": 0.023,
    "EchoTrainLength": 74,
    "EffectiveEchoSpacing": 0.000489993,
    "FlipAngle": 76,
    "ImageOrientationPatientDICOM": [
      1,
      0,
      0,
      0,
      0.95424,
      -0.299041
    ],
    "ImageType": [
      "ORIGINAL",
      "PRIMARY",
      "M",
      "ND",
      "NORM",
      "MOSAIC"
    ],
    "ImagingFrequency": 123.246,
    "InPlanePhaseEncodingDirectionDICOM": "COL",
    "InstitutionAddress": "North_13th_1701_Philadelphia_PA_US_19122",
    "InstitutionName": "Temple_University_-_Weiss_Hall",
    "InstitutionalDepartmentName": "Department",
    "MRAcquisitionType": "2D",
    "MagneticFieldStrength": 3,
    "Manufacturer": "Siemens",
    "ManufacturersModelName": "Prisma",
    "Modality": "MR",
    "PartialFourier": 1,
    "PatientPosition": "HFS",
    "PercentPhaseFOV": 100,
    "PhaseEncodingDirection": "j-",
    "PhaseEncodingSteps": 74,
    "PhaseResolution": 1,
    "PixelBandwidth": 2330,
    "ProcedureStepDescription": "SMITH_SRNDNA",
    "ProtocolName": "func-bold_task-reward_run0",
    "PulseSequenceDetails": "%SiemensSeq%_ep2d_bold",
    "ReceiveCoilActiveElements": "HE1-4;NE1,2",
    "ReceiveCoilName": "HeadNeck_20",
    "ReconMatrixPE": 74,
    "RepetitionTime": 2.02,
    "SAR": 0.106581,
    "ScanOptions": "FS",
    "ScanningSequence": "EP",
    "SequenceName": "_epfid2d1_74",
    "SequenceVariant": "SK",
    "SeriesDescription": "func-bold_task-reward_run0",
    "SeriesNumber": 14,
    "ShimSetting": [
      1408,
      -7388,
      6486,
      252,
      14,
      -186,
      47,
      -12
    ],
    "SliceThickness": 2.8,
    "SliceTiming": [
      1.945,
      1.89,
      1.8325,
      1.7775,
      1.7225,
      1.6675,
      1.61,
      1.555,
      1.5,
      1.445,
      1.39,
      1.3325,
      1.2775,
      1.2225,
      1.1675,
      1.1125,
      1.055,
      1,
      0.945,
      0.89,
      0.8325,
      0.7775,
      0.7225,
      0.6675,
      0.6125,
      0.555,
      0.5,
      0.445,
      0.39,
      0.3325,
      0.2775,
      0.2225,
      0.1675,
      0.1125,
      0.055,
      0
    ],
    "SoftwareVersions": "syngo_MR_E11",
    "SpacingBetweenSlices": 3.22,
    "StationName": "AWP166048",
    "TaskName": "sharedreward",
    "TotalReadoutTime": 0.0357695,
    "TxRefAmp": 288.874,
    "dataset": "<unset>",
    "modality": "bold",
    "run_id": 1,
    "subject_id": "151",
    "task_id": "sharedreward"
  },
  "dummy_trs": 3,
  "dvars_nstd": 31.817142101212127,
  "dvars_std": 1.2022563876262626,
  "dvars_vstd": 0.995782076818182,
  "efc": 0.5411299429014803,
  "fber": 1236.8118896484375,
  "fd_mean": 0.33759838118736274,
  "fd_num": 157,
  "fd_perc": 78.89447236180905,
  "fwhm_avg": 1.75334977544839,
  "fwhm_x": 1.6894503313158322,
  "fwhm_y": 1.8195524267367424,
  "fwhm_z": 1.751046568292595,
  "gcor": 0.0135725,
  "gsr_x": -0.03033568523824215,
  "gsr_y": 0.05455917492508888,
  "provenance": {
    "md5sum": "d67e64f77e20145b0406040defe77bdd",
    "settings": {
      "fd_thres": 0.2,
      "testing": false
    },
    "software": "mriqc",
    "version": "22.0.6",
    "webapi_port": null,
    "webapi_url": "https://mriqc.nimh.nih.gov/api/v1"
  },
  "size_t": 199,
  "size_x": 74,
  "size_y": 74,
  "size_z": 36,
  "snr": 6.052361510071173,
  "spacing_tr": 2.0199999809265137,
  "spacing_x": 2.972972869873047,
  "spacing_y": 2.972972869873047,
  "spacing_z": 3.2200000286102295,
  "summary_bg_k": 25.541372502404066,
  "summary_bg_mad": 12.829351299331627,
  "summary_bg_mean": 46.71584701538086,
  "summary_bg_median": 20.487436294555664,
  "summary_bg_n": 121651.0,
  "summary_bg_p05": 8.819095611572266,
  "summary_bg_p95": 174.97989654541016,
  "summary_bg_stdv": 74.01561737060547,
  "summary_fg_k": 1.8605037429176026,
  "summary_fg_mad": 108.12938136217181,
  "summary_fg_mean": 746.3665771484375,
  "summary_fg_median": 728.233642578125,
  "summary_fg_n": 38182.0,
  "summary_fg_p05": 593.6339324951172,
  "summary_fg_p95": 969.8223388671875,
  "summary_fg_stdv": 120.3206558227539,
  "tsnr": 61.321944137336686
}