{
  "aor": 0.0009034722222222223,
  "aqi": 0.009283959444444444,
  "bids_meta": {
    "AcquisitionMatrixPE": 74,
    "AcquisitionNumber": 1,
    "AcquisitionTime": "15:13:4.375000",
    "BandwidthPerPixelPhaseEncode": 27.579,
    "BaseResolution": 74,
    "BodyPartExamined": "BRAIN",
    "CogAtlasID": "http://www.cognitiveatlas.org/task/id/TODO",
    "CoilString": "HE1-4;NE1_2",
    "ConsistencyInfo": "N4_VE11C_LATEST_20160120",
    "ConversionSoftware": "dcm2niix",
    "ConversionSoftwareVersion": "v1.0.20190410  GCC6.3.0",
    "DerivedVendorReportedEchoSpacing": 0.000489993,
    "DeviceSerialNumber": "166048",
    "DwellTime": 2.9e-06,
    "EchoTime": 0.023,
    "EchoTrainLength": 74,
    "EffectiveEchoSpacing": 0.000489993,
    "FlipAngle": 76,
    "ImageOrientationPatientDICOM": [
      1,
      0,
      0,
      0,
      0.95424,
      -0.299041
    ],
    "ImageType": [
      "ORIGINAL",
      "PRIMARY",
      "M",
      "ND",
      "NORM",
      "MOSAIC"
    ],
    "ImagingFrequency": 123.246,
    "InPlanePhaseEncodingDirectionDICOM": "COL",
    "InstitutionAddress": "North_13th_1701_Philadelphia_PA_US_19122",
    "InstitutionName": "Temple_University_-_Weiss_Hall",
    "InstitutionalDepartmentName": "Department",
    "MRAcquisitionType": "2D",
    "MagneticFieldStrength": 3,
    "Manufacturer": "Siemens",
    "ManufacturersModelName": "Prisma",
    "Modality": "MR",
    "PartialFourier": 1,
    "PatientPosition": "HFS",
    "PercentPhaseFOV": 100,
    "PhaseEncodingDirection": "j-",
    "PhaseEncodingSteps": 74,
    "PhaseResolution": 1,
    "PixelBandwidth": 2330,
    "ProcedureStepDescription": "SMITH_SRNDNA",
    "ProtocolName": "func-bold_trust_run2",
    "PulseSequenceDetails": "%SiemensSeq%_ep2d_bold",
    "ReceiveCoilActiveElements": "HE1-4;NE1,2",
    "ReceiveCoilName": "HeadNeck_20",
    "ReconMatrixPE": 74,
    "RepetitionTime": 2.02,
    "SAR": 0.106607,
    "ScanOptions": "FS",
    "ScanningSequence": "EP",
    "SequenceName": "_epfid2d1_74",
    "SequenceVariant": "SK",
    "SeriesDescription": "func-bold_trust_run2",
    "SeriesNumber": 11,
    "ShimSetting": [
      1408,
      -7388,
      6486,
      252,
      14,
      -186,
      47,
      -12
    ],
    "SliceThickness": 2.8,
    "SliceTiming": [
      1.945,
      1.89,
      1.8325,
      1.7775,
      1.7225,
      1.6675,
      1.6125,
      1.555,
      1.5,
      1.445,
      1.39,
      1.3325,
      1.2775,
      1.2225,
      1.1675,
      1.1125,
      1.055,
      1,
      0.945,
      0.89,
      0.8325,
      0.7775,
      0.7225,
      0.6675,
      0.6125,
      0.555,
      0.5,
      0.445,
      0.39,
      0.3325,
      0.2775,
      0.2225,
      0.1675,
      0.1125,
      0.055,
      0
    ],
    "SoftwareVersions": "syngo_MR_E11",
    "SpacingBetweenSlices": 3.22,
    "StationName": "AWP166048",
    "TaskName": "trust",
    "TotalReadoutTime": 0.0357695,
    "TxRefAmp": 288.874,
    "dataset": "<unset>",
    "modality": "bold",
    "run_id": 3,
    "subject_id": "151",
    "task_id": "trust"
  },
  "dummy_trs": 1,
  "dvars_nstd": 35.367609316604664,
  "dvars_std": 1.2376795280465114,
  "dvars_vstd": 0.9795510593953485,
  "efc": 0.5380874604094132,
  "fber": 1313.3677978515625,
  "fd_mean": 0.37100337444130554,
  "fd_num": 191,
  "fd_perc": 88.42592592592592,
  "fwhm_avg": 1.7466643398104706,
  "fwhm_x": 1.6835706947482956,
  "fwhm_y": 1.8272484270036327,
  "fwhm_z": 1.729173897679484,
  "gcor": 0.00579527,
  "gsr_x": -0.028284668922424316,
  "gsr_y": 0.05480828508734703,
  "provenance": {
    "md5sum": "c6075d040043d7453055211509adac88",
    "settings": {
      "fd_thres": 0.2,
      "testing": false
    },
    "software": "mriqc",
    "version": "22.0.6",
    "webapi_port": null,
    "webapi_url": "https://mriqc.nimh.nih.gov/api/v1"
  },
  "size_t": 216,
  "size_x": 74,
  "size_y": 74,
  "size_z": 36,
  "snr": 6.0652796206561765,
  "spacing_tr": 2.0199999809265137,
  "spacing_x": 2.972972869873047,
  "spacing_y": 2.972972869873047,
  "spacing_z": 3.2200000286102295,
  "summary_bg_k": 26.518642565345367,
  "summary_bg_mad": 12.403065834032315,
  "summary_bg_mean": 45.10227584838867,
  "summary_bg_median": 19.976852416992188,
  "summary_bg_n": 121483.0,
  "summary_bg_p05": 8.773148536682129,
  "summary_bg_p95": 166.2814834594726,
  "summary_bg_stdv": 71.40512084960938,
  "summary_fg_k": 1.8358241239827775,
  "summary_fg_mad": 108.66920457594716,
  "summary_fg_mean": 749.2547607421875,
  "summary_fg_median": 731.5,
  "summary_fg_n": 38243.0,
  "summary_fg_p05": 594.7476745605469,
  "summary_fg_p95": 972.6347473144532,
  "summary_fg_stdv": 120.60292053222656,
  "tsnr": 65.86989039438777
}