{
  "aor": 0.00208964824120603,
  "aqi": 0.020331492160804022,
  "bids_meta": {
    "AcquisitionMatrixPE": 74,
    "AcquisitionNumber": 1,
    "AcquisitionTime": "16:01:50.455000",
    "BandwidthPerPixelPhaseEncode": 27.579,
    "BaseResolution": 74,
    "BodyPartExamined": "BRAIN",
    "CogAtlasID": "http://www.cognitiveatlas.org/task/id/TODO",
    "CoilString": "HE1-4;NE1_2",
    "ConsistencyInfo": "N4_VE11C_LATEST_20160120",
    "ConversionSoftware": "dcm2niix",
    "ConversionSoftwareVersion": "v1.0.20190410  GCC6.3.0",
    "DerivedVendorReportedEchoSpacing": 0.000489993,
    "DeviceSerialNumber": "166048",
    "DwellTime": 2.9e-06,
    "EchoTime": 0.023,
    "EchoTrainLength": 74,
    "EffectiveEchoSpacing": 0.000489993,
    "FlipAngle": 76,
    "ImageOrientationPatientDICOM": [
      1,
      0,
      0,
      0,
      0.95424,
      -0.299041
    ],
    "ImageType": [
      "ORIGINAL",
      "PRIMARY",
      "M",
      "ND",
      "NORM",
      "MOSAIC"
    ],
    "ImagingFrequency": 123.246,
    "InPlanePhaseEncodingDirectionDICOM": "COL",
    "InstitutionAddress": "North_13th_1701_Philadelphia_PA_US_19122",
    "InstitutionName": "Temple_University_-_Weiss_Hall",
    "InstitutionalDepartmentName": "Department",
    "MRAcquisitionType": "2D",
    "MagneticFieldStrength": 3,
    "Manufacturer": "Siemens",
    "ManufacturersModelName": "Prisma",
    "Modality": "MR",
    "PartialFourier": 1,
    "PatientPosition": "HFS",
    "PercentPhaseFOV": 100,
    "PhaseEncodingDirection": "j-",
    "PhaseEncodingSteps": 74,
    "PhaseResolution": 1,
    "PixelBandwidth": 2330,
    "ProcedureStepDescription": "SMITH_SRNDNA",
    "ProtocolName": "func-bold_task-UG_run1",
    "PulseSequenceDetails": "%SiemensSeq%_ep2d_bold",
    "ReceiveCoilActiveElements": "HE1-4;NE1,2",
    "ReceiveCoilName": "HeadNeck_20",
    "ReconMatrixPE": 74,
    "RepetitionTime": 2.02,
    "SAR": 0.106577,
    "ScanOptions": "FS",
    "ScanningSequence": "EP",
    "SequenceName": "_epfid2d1_74",
    "SequenceVariant": "SK",
    "SeriesDescription": "func-bold_task-UG_run1",
    "SeriesNumber": 17,
    "ShimSetting": [
      1408,
      -7388,
      6486,
      252,
      14,
      -186,
      47,
      -12
    ],
    "SliceThickness": 2.8,
    "SliceTiming": [
      1.945,
      1.89,
      1.835,
      1.7775,
      1.7225,
      1.6675,
      1.6125,
      1.5575,
      1.5,
      1.445,
      1.39,
      1.335,
      1.28,
      1.2225,
      1.1675,
      1.1125,
      1.0575,
      1,
      0.945,
      0.89,
      0.835,
      0.78,
      0.7225,
      0.6675,
      0.6125,
      0.5575,
      0.5,
      0.445,
      0.39,
      0.335,
      0.28,
      0.2225,
      0.1675,
      0.1125,
      0.0575,
      0
    ],
    "SoftwareVersions": "syngo_MR_E11",
    "SpacingBetweenSlices": 3.22,
    "StationName": "AWP166048",
    "TaskName": "ultimatum",
    "TotalReadoutTime": 0.0357695,
    "TxRefAmp": 288.874,
    "dataset": "<unset>",
    "modality": "bold",
    "run_id": 2,
    "subject_id": "151",
    "task_id": "ultimatum"
  },
  "dummy_trs": 1,
  "dvars_nstd": 30.757074221111104,
  "dvars_std": 1.1294596203030305,
  "dvars_vstd": 0.96639862459596,
  "efc": 0.5411724288706393,
  "fber": 1241.1363525390625,
  "fd_mean": 0.3938549695738403,
  "fd_num": 175,
  "fd_perc": 87.93969849246231,
  "fwhm_avg": 1.753737175057779,
  "fwhm_x": 1.7323299691664946,
  "fwhm_y": 1.882216974364436,
  "fwhm_z": 1.6466645816424064,
  "gcor": 0.0032165,
  "gsr_x": -0.030707726255059242,
  "gsr_y": 0.05622363090515137,
  "provenance": {
    "md5sum": "ef435467af38f5b7ef087e606fd57e0d",
    "settings": {
      "fd_thres": 0.2,
      "testing": false
    },
    "software": "mriqc",
    "version": "22.0.6",
    "webapi_port": null,
    "webapi_url": "https://mriqc.nimh.nih.gov/api/v1"
  },
  "size_t": 199,
  "size_x": 74,
  "size_y": 74,
  "size_z": 36,
  "snr": 6.003381087052545,
  "spacing_tr": 2.0199999809265137,
  "spacing_x": 2.972972869873047,
  "spacing_y": 2.972972869873047,
  "spacing_z": 3.2200000286102295,
  "summary_bg_k": 24.45304810242772,
  "summary_bg_mad": 13.484974533034572,
  "summary_bg_mean": 47.79486083984375,
  "summary_bg_median": 20.68844223022461,
  "summary_bg_n": 121766.0,
  "summary_bg_p05": 8.47236156463623,
  "summary_bg_p95": 180.12939071655273,
  "summary_bg_stdv": 75.83914184570312,
  "summary_fg_k": 2.0146966569359552,
  "summary_fg_mad": 107.82763959596046,
  "summary_fg_mean": 745.0202026367188,
  "summary_fg_median": 726.60302734375,
  "summary_fg_n": 38177.0,
  "summary_fg_p05": 588.7788696289062,
  "summary_fg_p95": 970.2019897460935,
  "summary_fg_stdv": 121.03071594238281,
  "tsnr": 46.575666608288884
}