{
  "bids_meta": {
    "AcquisitionMatrixPE": 192,
    "AcquisitionNumber": 1,
    "AcquisitionTime": "14:48:59.265000",
    "BaseResolution": 192,
    "BodyPartExamined": "BRAIN",
    "CoilString": "HE1-4;NE1_2",
    "ConsistencyInfo": "N4_VE11C_LATEST_20160120",
    "ConversionSoftware": "dcm2niix",
    "ConversionSoftwareVersion": "v1.0.20190410  GCC6.3.0",
    "DeviceSerialNumber": "166048",
    "DwellTime": 1.24e-05,
    "EchoTime": 0.0022,
    "FlipAngle": 8,
    "ImageOrientationPatientDICOM": [
      0,
      1,
      0,
      0,
      0,
      -1
    ],
    "ImageType": [
      "ORIGINAL",
      "PRIMARY",
      "M",
      "ND",
      "NORM",
      "FM3",
      "2",
      "FIL"
    ],
    "ImagingFrequency": 123.246,
    "InPlanePhaseEncodingDirectionDICOM": "ROW",
    "InstitutionAddress": "North_13th_1701_Philadelphia_PA_US_19122",
    "InstitutionName": "Temple_University_-_Weiss_Hall",
    "InstitutionalDepartmentName": "Department",
    "InversionTime": 1.15,
    "MRAcquisitionType": "3D",
    "MagneticFieldStrength": 3,
    "Manufacturer": "Siemens",
    "ManufacturersModelName": "Prisma",
    "Modality": "MR",
    "PartialFourier": 1,
    "PatientPosition": "HFS",
    "PercentPhaseFOV": 100,
    "PhaseEncodingSteps": 211,
    "PhaseOversampling": 0.1,
    "PhaseResolution": 1,
    "PixelBandwidth": 210,
    "ProcedureStepDescription": "SMITH_SRNDNA",
    "ProtocolName": "T1w-anat_mpg_07sag_iso",
    "PulseSequenceDetails": "%SiemensSeq%_tfl",
    "ReceiveCoilActiveElements": "HE1-4;NE1,2",
    "ReceiveCoilName": "HeadNeck_20",
    "ReconMatrixPE": 192,
    "RefLinesPE": 32,
    "RepetitionTime": 2.4,
    "SAR": 0.0517111,
    "ScanOptions": "IR_WE",
    "ScanningSequence": "GR_IR",
    "SequenceName": "_tfl3d1_16ns",
    "SequenceVariant": "SK_SP_MP_OSP",
    "SeriesDescription": "T1w-anat_mpg_07sag_iso",
    "SeriesNumber": 5,
    "ShimSetting": [
      1406,
      -7407,
      6453,
      120,
      56,
      -300,
      118,
      5
    ],
    "SliceThickness": 1,
    "SoftwareVersions": "syngo_MR_E11",
    "StationName": "AWP166048",
    "TxRefAmp": 288.874,
    "dataset": "<unset>",
    "modality": "T1w",
    "subject_id": "151"
  },
  "cjv": 0.37312648875550886,
  "cnr": 3.4925451518620916,
  "efc": 0.6613511577173539,
  "fber": 15324.201889623033,
  "fwhm_avg": 4.163073333333333,
  "fwhm_x": 4.09059,
  "fwhm_y": 4.1768,
  "fwhm_z": 4.22183,
  "icvs_csf": 0.2627192226460717,
  "icvs_gm": 0.3854535328685464,
  "icvs_wm": 0.3518272444853819,
  "inu_med": 0.4147360473871231,
  "inu_range": 0.1599396094679832,
  "provenance": {
    "md5sum": "dab8699df3fcb89b64d4b99b8ba2336f",
    "settings": {
      "testing": false
    },
    "software": "mriqc",
    "version": "22.0.6",
    "warnings": {
      "large_rot_frame": true,
      "small_air_mask": false
    },
    "webapi_port": null,
    "webapi_url": "https://mriqc.nimh.nih.gov/api/v1"
  },
  "qi_1": 3.993466075121705e-05,
  "qi_2": 0.00414075358677836,
  "rpve_csf": 13.23708926843283,
  "rpve_gm": 8.509198248957757,
  "rpve_wm": 11.13009976330045,
  "size_x": 192,
  "size_y": 192,
  "size_z": 192,
  "snr_csf": 2.784341713033814,
  "snr_gm": 12.388307686518711,
  "snr_total": 14.431159230174828,
  "snr_wm": 28.12082829097196,
  "snrd_csf": 32.10218732069212,
  "snrd_gm": 104.41272254389175,
  "snrd_total": 91.7812443235847,
  "snrd_wm": 138.82882310617023,
  "spacing_x": 1.0,
  "spacing_y": 1.0,
  "spacing_z": 1.0,
  "summary_bg_k": 1219.1703281397665,
  "summary_bg_mad": 4.719225810054014,
  "summary_bg_mean": 4.247883821847646,
  "summary_bg_median": 3.1830694377422333,
  "summary_bg_n": 1132378.0,
  "summary_bg_p05": 0.0,
  "summary_bg_p95": 14.581899181008339,
  "summary_bg_stdv": 9.387018362818107,
  "summary_csf_k": 2.314907456866913,
  "summary_csf_mad": 67.40840109766341,
  "summary_csf_mean": 240.88069052556142,
  "summary_csf_median": 231.2456932067871,
  "summary_csf_n": 72797.0,
  "summary_csf_p05": 125.4473474085331,
  "summary_csf_p95": 397.2427643850445,
  "summary_csf_stdv": 83.051625390478,
  "summary_gm_k": 0.2234994593614421,
  "summary_gm_mad": 58.57579603425151,
  "summary_gm_mean": 749.9316080357662,
  "summary_gm_median": 752.1291980221868,
  "summary_gm_n": 24226.0,
  "summary_gm_p05": 647.2438339646906,
  "summary_gm_p95": 848.0299184471369,
  "summary_gm_stdv": 60.71157527825997,
  "summary_wm_k": 0.5813763138634731,
  "summary_wm_mad": 33.92740717498291,
  "summary_wm_mean": 1001.0158365450101,
  "summary_wm_median": 1000.0429913252592,
  "summary_wm_n": 193126.0,
  "summary_wm_p05": 944.9414784908295,
  "summary_wm_p95": 1060.6933684498072,
  "summary_wm_stdv": 35.56226693892595,
  "tpm_overlap_csf": 0.16069721706383977,
  "tpm_overlap_gm": 0.44103256166869725,
  "tpm_overlap_wm": 0.5062757004125739,
  "wm2max": 0.8986162646876933
}