{
  "bids_meta": {
    "AcquisitionMatrixPE": 192,
    "AcquisitionNumber": 1,
    "AcquisitionTime": "14:44:56.552500",
    "BaseResolution": 192,
    "BodyPartExamined": "BRAIN",
    "CoilString": "HE1-4;NE1_2",
    "ConsistencyInfo": "N4_VE11C_LATEST_20160120",
    "ConversionSoftware": "dcm2niix",
    "ConversionSoftwareVersion": "v1.0.20190410  GCC6.3.0",
    "DeviceSerialNumber": "166048",
    "DwellTime": 3.5e-06,
    "EchoTime": 0.567,
    "EchoTrainLength": 314,
    "FlipAngle": 120,
    "ImageOrientationPatientDICOM": [
      0,
      1,
      0,
      0,
      0,
      -1
    ],
    "ImageType": [
      "ORIGINAL",
      "PRIMARY",
      "M",
      "ND",
      "NORM"
    ],
    "ImagingFrequency": 123.246,
    "InPlanePhaseEncodingDirectionDICOM": "ROW",
    "InstitutionAddress": "North_13th_1701_Philadelphia_PA_US_19122",
    "InstitutionName": "Temple_University_-_Weiss_Hall",
    "InstitutionalDepartmentName": "Department",
    "MRAcquisitionType": "3D",
    "MagneticFieldStrength": 3,
    "Manufacturer": "Siemens",
    "ManufacturersModelName": "Prisma",
    "Modality": "MR",
    "PartialFourier": 1,
    "PatientPosition": "HFS",
    "PercentPhaseFOV": 100,
    "PhaseEncodingSteps": 209,
    "PhaseOversampling": 0.1,
    "PhaseResolution": 1,
    "PixelBandwidth": 745,
    "ProcedureStepDescription": "SMITH_SRNDNA",
    "ProtocolName": "T2w-anat_spc_07sag_iso",
    "PulseSequenceDetails": "%SiemensSeq%_tse_vfl",
    "ReceiveCoilActiveElements": "HE1-4;NE1,2",
    "ReceiveCoilName": "HeadNeck_20",
    "ReconMatrixPE": 192,
    "RefLinesPE": 32,
    "RepetitionTime": 3.2,
    "SAR": 0.189949,
    "ScanOptions": "PFP",
    "ScanningSequence": "SE",
    "SequenceName": "_spc_314ns",
    "SequenceVariant": "SK_SP_OSP",
    "SeriesDescription": "T2w-anat_spc_07sag_iso",
    "SeriesNumber": 3,
    "ShimSetting": [
      1406,
      -7407,
      6453,
      120,
      56,
      -300,
      118,
      5
    ],
    "SliceThickness": 1,
    "SoftwareVersions": "syngo_MR_E11",
    "StationName": "AWP166048",
    "TxRefAmp": 288.874,
    "dataset": "<unset>",
    "modality": "T2w",
    "subject_id": "151"
  },
  "cjv": 0.5061712067297193,
  "cnr": 2.5710253911376446,
  "efc": 0.6270767106173246,
  "fber": 674.864554859082,
  "fwhm_avg": 2.9040933333333334,
  "fwhm_x": 2.70998,
  "fwhm_y": 3.14986,
  "fwhm_z": 2.85244,
  "icvs_csf": 0.27534292234391916,
  "icvs_gm": 0.6579039320152945,
  "icvs_wm": 0.0667531456407863,
  "inu_med": 0.9684702157974243,
  "inu_range": 0.5023352861404418,
  "provenance": {
    "md5sum": "79e57cb8948fdfa019e05df2a251c7f4",
    "settings": {
      "testing": false
    },
    "software": "mriqc",
    "version": "22.0.6",
    "warnings": {
      "large_rot_frame": true,
      "small_air_mask": false
    },
    "webapi_port": null,
    "webapi_url": "https://mriqc.nimh.nih.gov/api/v1"
  },
  "qi_1": 0.0,
  "qi_2": 0.000387914028260425,
  "rpve_csf": 11.041852805689842,
  "rpve_gm": 6.107639086949692,
  "rpve_wm": 49.30620463984562,
  "size_x": 192,
  "size_y": 192,
  "size_z": 192,
  "snr_csf": 4.612085448359147,
  "snr_gm": 6.453208808843792,
  "snr_total": 4.162817196682648,
  "snr_wm": 1.4231573328450071,
  "snrd_csf": 84.8582149510587,
  "snrd_gm": 28.40709180096662,
  "snrd_total": 40.65003164298752,
  "snrd_wm": 8.684788176937243,
  "spacing_x": 1.0,
  "spacing_y": 1.0,
  "spacing_z": 1.0,
  "summary_bg_k": 12.033331772039977,
  "summary_bg_mad": 75.59084943901593,
  "summary_bg_mean": 123.54470373571053,
  "summary_bg_median": 50.985253155231476,
  "summary_bg_n": 1150422.0,
  "summary_bg_p05": 0.0,
  "summary_bg_p95": 449.772611618042,
  "summary_bg_stdv": 172.84745277889525,
  "summary_csf_k": -0.14321418329735858,
  "summary_csf_mad": 2160.05959761815,
  "summary_csf_mean": 10097.327314919952,
  "summary_csf_median": 9791.097777545452,
  "summary_csf_n": 70662.0,
  "summary_csf_p05": 6699.200448432564,
  "summary_csf_p95": 13340.195029479264,
  "summary_csf_stdv": 2122.9070028555784,
  "summary_gm_k": 0.05340133097826172,
  "summary_gm_mad": 505.0285940898578,
  "summary_gm_mean": 3301.4044717972106,
  "summary_gm_median": 3277.6627879738808,
  "summary_gm_n": 307531.0,
  "summary_gm_p05": 2506.54528349638,
  "summary_gm_p95": 4174.176455616951,
  "summary_gm_stdv": 507.91126648217715,
  "summary_wm_k": 4.266098388387281,
  "summary_wm_mad": 646.8125116862823,
  "summary_wm_mean": 1127.8786743013022,
  "summary_wm_median": 1002.0669214725494,
  "summary_wm_n": 2071.0,
  "summary_wm_p05": 242.24885147809982,
  "summary_wm_p95": 2359.5148372352123,
  "summary_wm_stdv": 703.9453339863231,
  "tpm_overlap_csf": 0.1630357096235325,
  "tpm_overlap_gm": 0.4081581284051919,
  "tpm_overlap_wm": 0.04417727891406152,
  "wm2max": 0.07443041084112914
}