{
  "aor": 0.0007170833333333335,
  "aqi": 0.0055475643055555544,
  "bids_meta": {
    "AcquisitionMatrixPE": 74,
    "AcquisitionNumber": 1,
    "AcquisitionTime": "13:35:22.480000",
    "BandwidthPerPixelPhaseEncode": 27.579,
    "BaseResolution": 74,
    "BodyPartExamined": "BRAIN",
    "CogAtlasID": "http://www.cognitiveatlas.org/task/id/TODO",
    "CoilString": "HE1_3_4;NE1_2",
    "ConsistencyInfo": "N4_VE11C_LATEST_20160120",
    "ConversionSoftware": "dcm2niix",
    "ConversionSoftwareVersion": "v1.0.20190410  GCC6.3.0",
    "DerivedVendorReportedEchoSpacing": 0.000489993,
    "DeviceSerialNumber": "166048",
    "DwellTime": 2.9e-06,
    "EchoTime": 0.023,
    "EchoTrainLength": 74,
    "EffectiveEchoSpacing": 0.000489993,
    "FlipAngle": 76,
    "ImageOrientationPatientDICOM": [
      1,
      0,
      0,
      0,
      0.953191,
      -0.30237
    ],
    "ImageType": [
      "ORIGINAL",
      "PRIMARY",
      "M",
      "ND",
      "NORM",
      "MOSAIC"
    ],
    "ImagingFrequency": 123.246,
    "InPlanePhaseEncodingDirectionDICOM": "COL",
    "InstitutionAddress": "North_13th_1701_Philadelphia_PA_US_19122",
    "InstitutionName": "Temple_University_-_Weiss_Hall",
    "InstitutionalDepartmentName": "Department",
    "MRAcquisitionType": "2D",
    "MagneticFieldStrength": 3,
    "Manufacturer": "Siemens",
    "ManufacturersModelName": "Prisma",
    "Modality": "MR",
    "PartialFourier": 1,
    "PatientPosition": "HFS",
    "PercentPhaseFOV": 100,
    "PhaseEncodingDirection": "j-",
    "PhaseEncodingSteps": 74,
    "PhaseResolution": 1,
    "PixelBandwidth": 2330,
    "ProcedureStepDescription": "SMITH_SRNDNA",
    "ProtocolName": "func-bold_trust_run0",
    "PulseSequenceDetails": "%SiemensSeq%_ep2d_bold",
    "ReceiveCoilActiveElements": "HE1,3,4;NE1,2",
    "ReceiveCoilName": "HeadNeck_20",
    "ReconMatrixPE": 74,
    "RepetitionTime": 2.02,
    "SAR": 0.0754259,
    "ScanOptions": "FS",
    "ScanningSequence": "EP",
    "SequenceName": "_epfid2d1_74",
    "SequenceVariant": "SK",
    "SeriesDescription": "func-bold_trust_run0",
    "SeriesNumber": 9,
    "ShimSetting": [
      1435,
      -7398,
      6202,
      -209,
      241,
      451,
      -536,
      165
    ],
    "SliceThickness": 2.8,
    "SliceTiming": [
      1.945,
      1.89,
      1.8325,
      1.7775,
      1.7225,
      1.6675,
      1.61,
      1.555,
      1.5,
      1.445,
      1.39,
      1.3325,
      1.2775,
      1.2225,
      1.1675,
      1.11,
      1.055,
      1,
      0.945,
      0.89,
      0.8325,
      0.7775,
      0.7225,
      0.6675,
      0.61,
      0.555,
      0.5,
      0.445,
      0.39,
      0.3325,
      0.2775,
      0.2225,
      0.1675,
      0.1125,
      0.055,
      0
    ],
    "SoftwareVersions": "syngo_MR_E11",
    "SpacingBetweenSlices": 3.22,
    "StationName": "AWP166048",
    "TaskName": "trust",
    "TotalReadoutTime": 0.0357695,
    "TxRefAmp": 262.506,
    "dataset": "<unset>",
    "modality": "bold",
    "run_id": 1,
    "subject_id": "106",
    "task_id": "trust"
  },
  "dummy_trs": 1,
  "dvars_nstd": 20.336032255627913,
  "dvars_std": 1.1525123299069768,
  "dvars_vstd": 0.9919359774883724,
  "efc": 0.5156405262962346,
  "fber": 1984.28857421875,
  "fd_mean": 0.19998321527756052,
  "fd_num": 98,
  "fd_perc": 45.370370370370374,
  "fwhm_avg": 1.7843457103232563,
  "fwhm_x": 1.7189191505196015,
  "fwhm_y": 1.860767064529664,
  "fwhm_z": 1.773350915920504,
  "gcor": 0.0207907,
  "gsr_x": -0.009647708386182785,
  "gsr_y": 0.0237964428961277,
  "provenance": {
    "md5sum": "74fb0c5cdc19df40d9b0aa217f8d2ada",
    "settings": {
      "fd_thres": 0.2,
      "testing": false
    },
    "software": "mriqc",
    "version": "22.0.6",
    "webapi_port": null,
    "webapi_url": "https://mriqc.nimh.nih.gov/api/v1"
  },
  "size_t": 216,
  "size_x": 74,
  "size_y": 74,
  "size_z": 36,
  "snr": 7.2199905198695955,
  "spacing_tr": 2.0199999809265137,
  "spacing_x": 2.972972869873047,
  "spacing_y": 2.972972869873047,
  "spacing_z": 3.2200000286102295,
  "summary_bg_k": 33.26251368619927,
  "summary_bg_mad": 10.577267138884858,
  "summary_bg_mean": 39.21650695800781,
  "summary_bg_median": 20.685184478759766,
  "summary_bg_n": 121878.0,
  "summary_bg_p05": 9.699073791503906,
  "summary_bg_p95": 142.11342239379857,
  "summary_bg_stdv": 59.373512268066406,
  "summary_fg_k": 1.8859243870670337,
  "summary_fg_mad": 125.52701799709365,
  "summary_fg_mean": 952.6006469726562,
  "summary_fg_median": 943.2916870117188,
  "summary_fg_n": 37979.0,
  "summary_fg_p05": 768.4948974609375,
  "summary_fg_p95": 1166.1467895507812,
  "summary_fg_stdv": 130.6482696533203,
  "tsnr": 82.15150153869763
}