{
  "aor": 0.0004938805970149254,
  "aqi": 0.007540031393034826,
  "bids_meta": {
    "AcquisitionMatrixPE": 74,
    "AcquisitionNumber": 1,
    "AcquisitionTime": "14:09:46.165000",
    "BandwidthPerPixelPhaseEncode": 27.579,
    "BaseResolution": 74,
    "BodyPartExamined": "BRAIN",
    "CogAtlasID": "http://www.cognitiveatlas.org/task/id/TODO",
    "CoilString": "HE1_3_4;NE1_2",
    "ConsistencyInfo": "N4_VE11C_LATEST_20160120",
    "ConversionSoftware": "dcm2niix",
    "ConversionSoftwareVersion": "v1.0.20190410  GCC6.3.0",
    "DerivedVendorReportedEchoSpacing": 0.000489993,
    "DeviceSerialNumber": "166048",
    "DwellTime": 2.9e-06,
    "EchoTime": 0.023,
    "EchoTrainLength": 74,
    "EffectiveEchoSpacing": 0.000489993,
    "FlipAngle": 76,
    "ImageOrientationPatientDICOM": [
      1,
      0,
      0,
      0,
      0.953191,
      -0.30237
    ],
    "ImageType": [
      "ORIGINAL",
      "PRIMARY",
      "M",
      "ND",
      "NORM",
      "MOSAIC"
    ],
    "ImagingFrequency": 123.246,
    "InPlanePhaseEncodingDirectionDICOM": "COL",
    "InstitutionAddress": "North_13th_1701_Philadelphia_PA_US_19122",
    "InstitutionName": "Temple_University_-_Weiss_Hall",
    "InstitutionalDepartmentName": "Department",
    "MRAcquisitionType": "2D",
    "MagneticFieldStrength": 3,
    "Manufacturer": "Siemens",
    "ManufacturersModelName": "Prisma",
    "Modality": "MR",
    "PartialFourier": 1,
    "PatientPosition": "HFS",
    "PercentPhaseFOV": 100,
    "PhaseEncodingDirection": "j-",
    "PhaseEncodingSteps": 74,
    "PhaseResolution": 1,
    "PixelBandwidth": 2330,
    "ProcedureStepDescription": "SMITH_SRNDNA",
    "ProtocolName": "func-bold_task-reward_run1",
    "PulseSequenceDetails": "%SiemensSeq%_ep2d_bold",
    "ReceiveCoilActiveElements": "HE1,3,4;NE1,2",
    "ReceiveCoilName": "HeadNeck_20",
    "ReconMatrixPE": 74,
    "RepetitionTime": 2.02,
    "SAR": 0.0754072,
    "ScanOptions": "FS",
    "ScanningSequence": "EP",
    "SequenceName": "_epfid2d1_74",
    "SequenceVariant": "SK",
    "SeriesDescription": "func-bold_task-reward_run1",
    "SeriesNumber": 13,
    "ShimSetting": [
      1435,
      -7398,
      6202,
      -209,
      241,
      451,
      -536,
      165
    ],
    "SliceThickness": 2.8,
    "SliceTiming": [
      1.9425,
      1.8875,
      1.8325,
      1.7775,
      1.7225,
      1.665,
      1.61,
      1.555,
      1.5,
      1.4425,
      1.3875,
      1.3325,
      1.2775,
      1.2225,
      1.165,
      1.11,
      1.055,
      1,
      0.945,
      0.8875,
      0.8325,
      0.7775,
      0.7225,
      0.665,
      0.61,
      0.555,
      0.5,
      0.445,
      0.3875,
      0.3325,
      0.2775,
      0.2225,
      0.165,
      0.11,
      0.055,
      0
    ],
    "SoftwareVersions": "syngo_MR_E11",
    "SpacingBetweenSlices": 3.22,
    "StationName": "AWP166048",
    "TaskName": "sharedreward",
    "TotalReadoutTime": 0.0357695,
    "TxRefAmp": 262.506,
    "dataset": "<unset>",
    "modality": "bold",
    "run_id": 2,
    "subject_id": "106",
    "task_id": "sharedreward"
  },
  "dummy_trs": 1,
  "dvars_nstd": 19.691091813950003,
  "dvars_std": 1.0907251648500005,
  "dvars_vstd": 0.9711347952999999,
  "efc": 0.5123017695670069,
  "fber": 2002.594482421875,
  "fd_mean": 0.19672556564484694,
  "fd_num": 87,
  "fd_perc": 43.28358208955224,
  "fwhm_avg": 1.7917403304068626,
  "fwhm_x": 1.7199551505555293,
  "fwhm_y": 1.8707907012409108,
  "fwhm_z": 1.784475139424148,
  "gcor": 0.0295537,
  "gsr_x": -0.00883787777274847,
  "gsr_y": 0.023406509310007095,
  "provenance": {
    "md5sum": "5398d883b4750fa078a20b64b7f9f516",
    "settings": {
      "fd_thres": 0.2,
      "testing": false
    },
    "software": "mriqc",
    "version": "22.0.6",
    "webapi_port": null,
    "webapi_url": "https://mriqc.nimh.nih.gov/api/v1"
  },
  "size_t": 201,
  "size_x": 74,
  "size_y": 74,
  "size_z": 36,
  "snr": 7.272487734999678,
  "spacing_tr": 2.0199999809265137,
  "spacing_x": 2.972972869873047,
  "spacing_y": 2.972972869873047,
  "spacing_z": 3.2200000286102295,
  "summary_bg_k": 31.888868242059218,
  "summary_bg_mad": 10.592124606643091,
  "summary_bg_mean": 39.15403366088867,
  "summary_bg_median": 20.736318588256836,
  "summary_bg_n": 122665.0,
  "summary_bg_p05": 9.805970191955566,
  "summary_bg_p95": 144.12238464355457,
  "summary_bg_stdv": 58.55754852294922,
  "summary_fg_k": 1.9387390774816673,
  "summary_fg_mad": 125.33522262342893,
  "summary_fg_mean": 959.8112182617188,
  "summary_fg_median": 950.985107421875,
  "summary_fg_n": 37502.0,
  "summary_fg_p05": 775.2507080078125,
  "summary_fg_p95": 1174.3875610351563,
  "summary_fg_stdv": 130.7630157470703,
  "tsnr": 77.16506601218134
}