{
  "aor": 0.0007543939393939393,
  "aqi": 0.0067198612121212135,
  "bids_meta": {
    "AcquisitionMatrixPE": 74,
    "AcquisitionNumber": 1,
    "AcquisitionTime": "14:21:22.005000",
    "BandwidthPerPixelPhaseEncode": 27.579,
    "BaseResolution": 74,
    "BodyPartExamined": "BRAIN",
    "CogAtlasID": "http://www.cognitiveatlas.org/task/id/TODO",
    "CoilString": "HE1_3_4;NE1_2",
    "ConsistencyInfo": "N4_VE11C_LATEST_20160120",
    "ConversionSoftware": "dcm2niix",
    "ConversionSoftwareVersion": "v1.0.20190410  GCC6.3.0",
    "DerivedVendorReportedEchoSpacing": 0.000489993,
    "DeviceSerialNumber": "166048",
    "DwellTime": 2.9e-06,
    "EchoTime": 0.023,
    "EchoTrainLength": 74,
    "EffectiveEchoSpacing": 0.000489993,
    "FlipAngle": 76,
    "ImageOrientationPatientDICOM": [
      1,
      0,
      0,
      0,
      0.953191,
      -0.30237
    ],
    "ImageType": [
      "ORIGINAL",
      "PRIMARY",
      "M",
      "ND",
      "NORM",
      "MOSAIC"
    ],
    "ImagingFrequency": 123.246,
    "InPlanePhaseEncodingDirectionDICOM": "COL",
    "InstitutionAddress": "North_13th_1701_Philadelphia_PA_US_19122",
    "InstitutionName": "Temple_University_-_Weiss_Hall",
    "InstitutionalDepartmentName": "Department",
    "MRAcquisitionType": "2D",
    "MagneticFieldStrength": 3,
    "Manufacturer": "Siemens",
    "ManufacturersModelName": "Prisma",
    "Modality": "MR",
    "PartialFourier": 1,
    "PatientPosition": "HFS",
    "PercentPhaseFOV": 100,
    "PhaseEncodingDirection": "j-",
    "PhaseEncodingSteps": 74,
    "PhaseResolution": 1,
    "PixelBandwidth": 2330,
    "ProcedureStepDescription": "SMITH_SRNDNA",
    "ProtocolName": "func-bold_task-UG_run0",
    "PulseSequenceDetails": "%SiemensSeq%_ep2d_bold",
    "ReceiveCoilActiveElements": "HE1,3,4;NE1,2",
    "ReceiveCoilName": "HeadNeck_20",
    "ReconMatrixPE": 74,
    "RepetitionTime": 2.02,
    "SAR": 0.0754044,
    "ScanOptions": "FS",
    "ScanningSequence": "EP",
    "SequenceName": "_epfid2d1_74",
    "SequenceVariant": "SK",
    "SeriesDescription": "func-bold_task-UG_run0",
    "SeriesNumber": 14,
    "ShimSetting": [
      1435,
      -7398,
      6202,
      -209,
      241,
      451,
      -536,
      165
    ],
    "SliceThickness": 2.8,
    "SliceTiming": [
      1.945,
      1.89,
      1.8325,
      1.7775,
      1.7225,
      1.6675,
      1.6125,
      1.555,
      1.5,
      1.445,
      1.39,
      1.3325,
      1.2775,
      1.2225,
      1.1675,
      1.1125,
      1.055,
      1,
      0.945,
      0.89,
      0.835,
      0.7775,
      0.7225,
      0.6675,
      0.6125,
      0.555,
      0.5,
      0.445,
      0.39,
      0.335,
      0.2775,
      0.2225,
      0.1675,
      0.1125,
      0.055,
      0
    ],
    "SoftwareVersions": "syngo_MR_E11",
    "SpacingBetweenSlices": 3.22,
    "StationName": "AWP166048",
    "TaskName": "ultimatum",
    "TotalReadoutTime": 0.0357695,
    "TxRefAmp": 262.506,
    "dataset": "<unset>",
    "modality": "bold",
    "run_id": 1,
    "subject_id": "106",
    "task_id": "ultimatum"
  },
  "dummy_trs": 2,
  "dvars_nstd": 19.454880118984768,
  "dvars_std": 1.1011998154822336,
  "dvars_vstd": 0.9899549208629441,
  "efc": 0.5092329926800144,
  "fber": 2036.8214111328125,
  "fd_mean": 0.19690500142202957,
  "fd_num": 90,
  "fd_perc": 45.45454545454545,
  "fwhm_avg": 1.777102273227557,
  "fwhm_x": 1.7211929687802738,
  "fwhm_y": 1.8503095187124605,
  "fwhm_z": 1.7598043321899361,
  "gcor": 0.0269292,
  "gsr_x": -0.008077330887317657,
  "gsr_y": 0.022576309740543365,
  "provenance": {
    "md5sum": "83d49f345be7281ed9af317b123f513a",
    "settings": {
      "fd_thres": 0.2,
      "testing": false
    },
    "software": "mriqc",
    "version": "22.0.6",
    "webapi_port": null,
    "webapi_url": "https://mriqc.nimh.nih.gov/api/v1"
  },
  "size_t": 198,
  "size_x": 74,
  "size_y": 74,
  "size_z": 36,
  "snr": 7.29519142150173,
  "spacing_tr": 2.0199999809265137,
  "spacing_x": 2.972972869873047,
  "spacing_y": 2.972972869873047,
  "spacing_z": 3.2200000286102295,
  "summary_bg_k": 32.78127549622337,
  "summary_bg_mad": 10.393191766548654,
  "summary_bg_mean": 38.487308502197266,
  "summary_bg_median": 20.601009368896484,
  "summary_bg_n": 123299.0,
  "summary_bg_p05": 9.777777671813965,
  "summary_bg_p95": 141.8737335205078,
  "summary_bg_stdv": 57.27054977416992,
  "summary_fg_k": 1.9980276689957046,
  "summary_fg_mad": 124.83060035344015,
  "summary_fg_mean": 961.1719360351562,
  "summary_fg_median": 952.1262817382812,
  "summary_fg_n": 37030.0,
  "summary_fg_p05": 776.7879028320312,
  "summary_fg_p95": 1174.3843566894532,
  "summary_fg_stdv": 130.51246643066406,
  "tsnr": 79.73466461151838
}