{
  "bids_meta": {
    "AcquisitionMatrixPE": 192,
    "AcquisitionNumber": 1,
    "AcquisitionTime": "13:45:41.290000",
    "BaseResolution": 192,
    "BodyPartExamined": "BRAIN",
    "CoilString": "HE1-4;NE1_2",
    "ConsistencyInfo": "N4_VE11C_LATEST_20160120",
    "ConversionSoftware": "dcm2niix",
    "ConversionSoftwareVersion": "v1.0.20190410  GCC6.3.0",
    "DeviceSerialNumber": "166048",
    "DwellTime": 1.24e-05,
    "EchoTime": 0.0022,
    "FlipAngle": 8,
    "ImageOrientationPatientDICOM": [
      0,
      1,
      0,
      0,
      0,
      -1
    ],
    "ImageType": [
      "ORIGINAL",
      "PRIMARY",
      "M",
      "ND",
      "NORM",
      "FM3",
      "2",
      "FIL"
    ],
    "ImagingFrequency": 123.246,
    "InPlanePhaseEncodingDirectionDICOM": "ROW",
    "InstitutionAddress": "North_13th_1701_Philadelphia_PA_US_19122",
    "InstitutionName": "Temple_University_-_Weiss_Hall",
    "InstitutionalDepartmentName": "Department",
    "InversionTime": 1.15,
    "MRAcquisitionType": "3D",
    "MagneticFieldStrength": 3,
    "Manufacturer": "Siemens",
    "ManufacturersModelName": "Prisma",
    "Modality": "MR",
    "PartialFourier": 1,
    "PatientPosition": "HFS",
    "PercentPhaseFOV": 100,
    "PhaseEncodingSteps": 211,
    "PhaseOversampling": 0.1,
    "PhaseResolution": 1,
    "PixelBandwidth": 210,
    "ProcedureStepDescription": "SMITH_SRNDNA",
    "ProtocolName": "T1w-anat_mpg_07sag_iso",
    "PulseSequenceDetails": "%SiemensSeq%_tfl",
    "ReceiveCoilActiveElements": "HE1-4;NE1,2",
    "ReceiveCoilName": "HeadNeck_20",
    "ReconMatrixPE": 192,
    "RefLinesPE": 32,
    "RepetitionTime": 2.4,
    "SAR": 0.0455364,
    "ScanOptions": "IR_WE",
    "ScanningSequence": "GR_IR",
    "SequenceName": "_tfl3d1_16ns",
    "SequenceVariant": "SK_SP_MP_OSP",
    "SeriesDescription": "T1w-anat_mpg_07sag_iso",
    "SeriesNumber": 5,
    "ShimSetting": [
      1439,
      -7473,
      6470,
      205,
      41,
      -225,
      -14,
      -19
    ],
    "SliceThickness": 1,
    "SoftwareVersions": "syngo_MR_E11",
    "StationName": "AWP166048",
    "TxRefAmp": 262.836,
    "dataset": "<unset>",
    "modality": "T1w",
    "subject_id": "141"
  },
  "cjv": 0.3938793359790087,
  "cnr": 3.4709627278988178,
  "efc": 0.6418340169248246,
  "fber": 13151.967465862517,
  "fwhm_avg": 4.200363333333333,
  "fwhm_x": 4.11473,
  "fwhm_y": 4.3365,
  "fwhm_z": 4.14986,
  "icvs_csf": 0.2656852322507351,
  "icvs_gm": 0.3596047801043744,
  "icvs_wm": 0.3747099876448905,
  "inu_med": 0.5613104403018951,
  "inu_range": 0.2540074840188027,
  "provenance": {
    "md5sum": "44ceff660da3977e94343a3a1b8be7b2",
    "settings": {
      "testing": false
    },
    "software": "mriqc",
    "version": "22.0.6",
    "warnings": {
      "large_rot_frame": true,
      "small_air_mask": false
    },
    "webapi_port": null,
    "webapi_url": "https://mriqc.nimh.nih.gov/api/v1"
  },
  "qi_1": 0.0,
  "qi_2": 0.006036441360658619,
  "rpve_csf": 12.209375229155972,
  "rpve_gm": 8.004317917473099,
  "rpve_wm": 9.49241732375493,
  "size_x": 192,
  "size_y": 192,
  "size_z": 192,
  "snr_csf": 2.8343135017530776,
  "snr_gm": 11.719922616887853,
  "snr_total": 12.036836676874609,
  "snr_wm": 21.5562739119829,
  "snrd_csf": 25.26740842589672,
  "snrd_gm": 76.839781720776,
  "snrd_total": 69.13891497419645,
  "snrd_wm": 105.30955477591667,
  "spacing_x": 1.0,
  "spacing_y": 1.0,
  "spacing_z": 1.0,
  "summary_bg_k": 14.707319867246333,
  "summary_bg_mad": 0.0,
  "summary_bg_mean": 3.9483104706568986,
  "summary_bg_median": 0.0,
  "summary_bg_n": 1325183.0,
  "summary_bg_p05": 0.0,
  "summary_bg_p95": 16.11455101519823,
  "summary_bg_stdv": 6.221340006964028,
  "summary_csf_k": 1.9639187767774846,
  "summary_csf_mad": 67.03263611948061,
  "summary_csf_mean": 250.4034186192521,
  "summary_csf_median": 239.94566461630166,
  "summary_csf_n": 91356.0,
  "summary_csf_p05": 132.69181721657515,
  "summary_csf_p95": 411.54261214099824,
  "summary_csf_stdv": 84.65695528001962,
  "summary_gm_k": -0.004254287351055819,
  "summary_gm_mad": 63.278262406067746,
  "summary_gm_mean": 728.0551706751694,
  "summary_gm_median": 729.6898907553405,
  "summary_gm_n": 11030.0,
  "summary_gm_p05": 624.2293626757339,
  "summary_gm_p95": 826.8755968886427,
  "summary_gm_stdv": 62.25781827631482,
  "summary_wm_k": 0.7517423141033919,
  "summary_wm_mad": 43.209428374369885,
  "summary_wm_mean": 1003.9790110549594,
  "summary_wm_median": 1000.0460152160376,
  "summary_wm_n": 197821.0,
  "summary_wm_p05": 935.0583330504596,
  "summary_wm_p95": 1085.4531355965883,
  "summary_wm_stdv": 46.39222398278691,
  "tpm_overlap_csf": 0.16587262507350034,
  "tpm_overlap_gm": 0.40972196360759217,
  "tpm_overlap_wm": 0.4776927281448609,
  "wm2max": 0.851700813645721
}