{
  "bids_meta": {
    "AcquisitionMatrixPE": 192,
    "AcquisitionNumber": 1,
    "AcquisitionTime": "13:41:8.560000",
    "BaseResolution": 192,
    "BodyPartExamined": "BRAIN",
    "CoilString": "HE1-4;NE1_2",
    "ConsistencyInfo": "N4_VE11C_LATEST_20160120",
    "ConversionSoftware": "dcm2niix",
    "ConversionSoftwareVersion": "v1.0.20190410  GCC6.3.0",
    "DeviceSerialNumber": "166048",
    "DwellTime": 3.5e-06,
    "EchoTime": 0.567,
    "EchoTrainLength": 314,
    "FlipAngle": 120,
    "ImageOrientationPatientDICOM": [
      0,
      1,
      0,
      0,
      0,
      -1
    ],
    "ImageType": [
      "ORIGINAL",
      "PRIMARY",
      "M",
      "ND",
      "NORM"
    ],
    "ImagingFrequency": 123.246,
    "InPlanePhaseEncodingDirectionDICOM": "ROW",
    "InstitutionAddress": "North_13th_1701_Philadelphia_PA_US_19122",
    "InstitutionName": "Temple_University_-_Weiss_Hall",
    "InstitutionalDepartmentName": "Department",
    "MRAcquisitionType": "3D",
    "MagneticFieldStrength": 3,
    "Manufacturer": "Siemens",
    "ManufacturersModelName": "Prisma",
    "Modality": "MR",
    "PartialFourier": 1,
    "PatientPosition": "HFS",
    "PercentPhaseFOV": 100,
    "PhaseEncodingSteps": 209,
    "PhaseOversampling": 0.1,
    "PhaseResolution": 1,
    "PixelBandwidth": 745,
    "ProcedureStepDescription": "SMITH_SRNDNA",
    "ProtocolName": "T2w-anat_spc_07sag_iso",
    "PulseSequenceDetails": "%SiemensSeq%_tse_vfl",
    "ReceiveCoilActiveElements": "HE1-4;NE1,2",
    "ReceiveCoilName": "HeadNeck_20",
    "ReconMatrixPE": 192,
    "RefLinesPE": 32,
    "RepetitionTime": 3.2,
    "SAR": 0.167268,
    "ScanOptions": "PFP",
    "ScanningSequence": "SE",
    "SequenceName": "_spc_314ns",
    "SequenceVariant": "SK_SP_OSP",
    "SeriesDescription": "T2w-anat_spc_07sag_iso",
    "SeriesNumber": 3,
    "ShimSetting": [
      1439,
      -7473,
      6470,
      205,
      41,
      -225,
      -14,
      -19
    ],
    "SliceThickness": 1,
    "SoftwareVersions": "syngo_MR_E11",
    "StationName": "AWP166048",
    "TxRefAmp": 262.836,
    "dataset": "<unset>",
    "modality": "T2w",
    "subject_id": "141"
  },
  "cjv": 0.08814741022953539,
  "cnr": 3.0242749763341545,
  "efc": 0.6027510499529826,
  "fber": 5032.82530632384,
  "fwhm_avg": 2.855413333333333,
  "fwhm_x": 2.80728,
  "fwhm_y": 3.09786,
  "fwhm_z": 2.6611,
  "icvs_csf": 0.2752882847604867,
  "icvs_gm": 0.6517824004999255,
  "icvs_wm": 0.0729293147395878,
  "inu_med": 0.871359646320343,
  "inu_range": 0.2171399086713791,
  "provenance": {
    "md5sum": "101501bf9f48c6813559c2c6adb4f185",
    "settings": {
      "testing": false
    },
    "software": "mriqc",
    "version": "22.0.6",
    "warnings": {
      "large_rot_frame": true,
      "small_air_mask": false
    },
    "webapi_port": null,
    "webapi_url": "https://mriqc.nimh.nih.gov/api/v1"
  },
  "qi_1": 0.0020376244379811575,
  "qi_2": 0.0007939698478295994,
  "rpve_csf": 9.72490939026045,
  "rpve_gm": 5.61708446474055,
  "rpve_wm": 48.88821188845063,
  "size_x": 192,
  "size_y": 192,
  "size_z": 192,
  "snr_csf": 5.804384493910056,
  "snr_gm": 6.882566453097574,
  "snr_total": 5.578612446732678,
  "snr_wm": 4.048886393190406,
  "snrd_csf": 91.5574660768764,
  "snrd_gm": 35.72747788769954,
  "snrd_total": 90.99359018186856,
  "snrd_wm": 145.69582658102973,
  "spacing_x": 1.0,
  "spacing_y": 1.0,
  "spacing_z": 1.0,
  "summary_bg_k": 18.745042719254837,
  "summary_bg_mad": 0.0,
  "summary_bg_mean": 2.452978647088046,
  "summary_bg_median": 0.0,
  "summary_bg_n": 1304412.0,
  "summary_bg_p05": 0.0,
  "summary_bg_p95": 10.11284357495606,
  "summary_bg_stdv": 4.496991127277545,
  "summary_csf_k": 1.1244388773423974,
  "summary_csf_mad": 94.67249845095147,
  "summary_csf_mean": 639.4005366557188,
  "summary_csf_median": 628.4692967506126,
  "summary_csf_n": 44304.0,
  "summary_csf_p05": 480.1231846329756,
  "summary_csf_p95": 827.8723479120991,
  "summary_csf_stdv": 108.27370321133503,
  "summary_gm_k": 0.058126116588695265,
  "summary_gm_mad": 35.554867892546724,
  "summary_gm_mean": 246.8978585305818,
  "summary_gm_median": 245.24076369591057,
  "summary_gm_n": 358792.0,
  "summary_gm_p05": 190.98975105956197,
  "summary_gm_p95": 307.93350265547633,
  "summary_gm_stdv": 35.63211828144954,
  "summary_wm_k": 7.870396723565877,
  "summary_wm_mad": 30.982797955214927,
  "summary_wm_mean": 924.6838358318705,
  "summary_wm_median": 1000.0861491076648,
  "summary_wm_n": 26169.0,
  "summary_wm_p05": 85.37858635224404,
  "summary_wm_p95": 1039.7105787880719,
  "summary_wm_stdv": 246.9980492375813,
  "tpm_overlap_csf": 0.13272610319845726,
  "tpm_overlap_gm": 0.40100072745518944,
  "tpm_overlap_wm": 0.03963472587482099,
  "wm2max": 0.9674193817181902
}