{
  "aor": 0.002686318407960199,
  "aqi": 0.008541825820895523,
  "bids_meta": {
    "AcquisitionMatrixPE": 74,
    "AcquisitionNumber": 1,
    "AcquisitionTime": "12:59:32.480000",
    "BandwidthPerPixelPhaseEncode": 27.579,
    "BaseResolution": 74,
    "BodyPartExamined": "HEAD",
    "CogAtlasID": "http://www.cognitiveatlas.org/task/id/TODO",
    "CoilString": "HE1-4;NE1_2",
    "ConsistencyInfo": "N4_VE11C_LATEST_20160120",
    "ConversionSoftware": "dcm2niix",
    "ConversionSoftwareVersion": "v1.0.20190410  GCC6.3.0",
    "DerivedVendorReportedEchoSpacing": 0.000489993,
    "DeviceSerialNumber": "166048",
    "DwellTime": 2.9e-06,
    "EchoTime": 0.023,
    "EchoTrainLength": 74,
    "EffectiveEchoSpacing": 0.000489993,
    "FlipAngle": 76,
    "ImageOrientationPatientDICOM": [
      1,
      0,
      0,
      0,
      0.971549,
      -0.236838
    ],
    "ImageType": [
      "ORIGINAL",
      "PRIMARY",
      "M",
      "ND",
      "NORM",
      "MOSAIC"
    ],
    "ImagingFrequency": 123.246,
    "InPlanePhaseEncodingDirectionDICOM": "COL",
    "InstitutionAddress": "North_13th_1701_Philadelphia_PA_US_19122",
    "InstitutionName": "Temple_University_-_Weiss_Hall",
    "InstitutionalDepartmentName": "Department",
    "MRAcquisitionType": "2D",
    "MagneticFieldStrength": 3,
    "Manufacturer": "Siemens",
    "ManufacturersModelName": "Prisma",
    "Modality": "MR",
    "PartialFourier": 1,
    "PatientPosition": "HFS",
    "PercentPhaseFOV": 100,
    "PhaseEncodingDirection": "j-",
    "PhaseEncodingSteps": 74,
    "PhaseResolution": 1,
    "PixelBandwidth": 2330,
    "ProcedureStepDescription": "SMITH_SRNDNA",
    "ProtocolName": "func-bold_task-reward_run0",
    "PulseSequenceDetails": "%SiemensSeq%_ep2d_bold",
    "ReceiveCoilActiveElements": "HE1-4;NE1,2",
    "ReceiveCoilName": "HeadNeck_20",
    "ReconMatrixPE": 74,
    "RepetitionTime": 2.02,
    "SAR": 0.080243,
    "ScanOptions": "FS",
    "ScanningSequence": "EP",
    "SequenceName": "_epfid2d1_74",
    "SequenceVariant": "SK",
    "SeriesDescription": "func-bold_task-reward_run0",
    "SeriesNumber": 14,
    "ShimSetting": [
      1426,
      -7219,
      6365,
      292,
      -4,
      570,
      -350,
      87
    ],
    "SliceThickness": 2.8,
    "SliceTiming": [
      1.945,
      1.89,
      1.8325,
      1.7775,
      1.7225,
      1.6675,
      1.61,
      1.555,
      1.5,
      1.445,
      1.39,
      1.3325,
      1.2775,
      1.2225,
      1.1675,
      1.11,
      1.055,
      1,
      0.945,
      0.89,
      0.8325,
      0.7775,
      0.7225,
      0.6675,
      0.6125,
      0.555,
      0.5,
      0.445,
      0.39,
      0.3325,
      0.2775,
      0.2225,
      0.1675,
      0.1125,
      0.055,
      0
    ],
    "SoftwareVersions": "syngo_MR_E11",
    "SpacingBetweenSlices": 3.22,
    "StationName": "AWP166048",
    "TaskName": "sharedreward",
    "TotalReadoutTime": 0.0357695,
    "TxRefAmp": 248.237,
    "dataset": "<unset>",
    "modality": "bold",
    "run_id": 1,
    "subject_id": "108",
    "task_id": "sharedreward"
  },
  "dummy_trs": 1,
  "dvars_nstd": 15.866295542499993,
  "dvars_std": 1.1231748809000002,
  "dvars_vstd": 0.9901755860499997,
  "efc": 0.4771683536758171,
  "fber": 2696.884765625,
  "fd_mean": 0.13317686952275334,
  "fd_num": 23,
  "fd_perc": 11.442786069651742,
  "fwhm_avg": 1.6951640893598265,
  "fwhm_x": 1.5992813281888556,
  "fwhm_y": 1.8327916999231406,
  "fwhm_z": 1.6534192399674834,
  "gcor": 0.01726,
  "gsr_x": -0.019986143335700035,
  "gsr_y": 0.04382302612066269,
  "provenance": {
    "md5sum": "ff3402998af2e84a690098e464d6c038",
    "settings": {
      "fd_thres": 0.2,
      "testing": false
    },
    "software": "mriqc",
    "version": "22.0.6",
    "webapi_port": null,
    "webapi_url": "https://mriqc.nimh.nih.gov/api/v1"
  },
  "size_t": 201,
  "size_x": 74,
  "size_y": 74,
  "size_z": 36,
  "snr": 7.060864164165905,
  "spacing_tr": 2.0199999809265137,
  "spacing_x": 2.972972869873047,
  "spacing_y": 2.972972869873047,
  "spacing_z": 3.2200000286102295,
  "summary_bg_k": 36.1930229947261,
  "summary_bg_mad": 10.238069227033666,
  "summary_bg_mean": 45.10856628417969,
  "summary_bg_median": 18.60198974609375,
  "summary_bg_n": 132215.0,
  "summary_bg_p05": 9.48756217956543,
  "summary_bg_p95": 181.9616821289062,
  "summary_bg_stdv": 79.85948181152344,
  "summary_fg_k": 2.6092335592320053,
  "summary_fg_mad": 130.79358593636528,
  "summary_fg_mean": 980.7420043945312,
  "summary_fg_median": 972.4850463867188,
  "summary_fg_n": 29284.0,
  "summary_fg_p05": 788.2835479736328,
  "summary_fg_p95": 1199.8534790039062,
  "summary_fg_stdv": 137.72654724121094,
  "tsnr": 76.50876299897209
}