{
  "aor": 0.0014167676767676764,
  "aqi": 0.011115356666666668,
  "bids_meta": {
    "AcquisitionMatrixPE": 74,
    "AcquisitionNumber": 1,
    "AcquisitionTime": "13:16:44.445000",
    "BandwidthPerPixelPhaseEncode": 27.579,
    "BaseResolution": 74,
    "BodyPartExamined": "HEAD",
    "CogAtlasID": "http://www.cognitiveatlas.org/task/id/TODO",
    "CoilString": "HE1-4;NE1_2",
    "ConsistencyInfo": "N4_VE11C_LATEST_20160120",
    "ConversionSoftware": "dcm2niix",
    "ConversionSoftwareVersion": "v1.0.20190410  GCC6.3.0",
    "DerivedVendorReportedEchoSpacing": 0.000489993,
    "DeviceSerialNumber": "166048",
    "DwellTime": 2.9e-06,
    "EchoTime": 0.023,
    "EchoTrainLength": 74,
    "EffectiveEchoSpacing": 0.000489993,
    "FlipAngle": 76,
    "ImageOrientationPatientDICOM": [
      1,
      0,
      0,
      0,
      0.971549,
      -0.236838
    ],
    "ImageType": [
      "ORIGINAL",
      "PRIMARY",
      "M",
      "ND",
      "NORM",
      "MOSAIC"
    ],
    "ImagingFrequency": 123.246,
    "InPlanePhaseEncodingDirectionDICOM": "COL",
    "InstitutionAddress": "North_13th_1701_Philadelphia_PA_US_19122",
    "InstitutionName": "Temple_University_-_Weiss_Hall",
    "InstitutionalDepartmentName": "Department",
    "MRAcquisitionType": "2D",
    "MagneticFieldStrength": 3,
    "Manufacturer": "Siemens",
    "ManufacturersModelName": "Prisma",
    "Modality": "MR",
    "PartialFourier": 1,
    "PatientPosition": "HFS",
    "PercentPhaseFOV": 100,
    "PhaseEncodingDirection": "j-",
    "PhaseEncodingSteps": 74,
    "PhaseResolution": 1,
    "PixelBandwidth": 2330,
    "ProcedureStepDescription": "SMITH_SRNDNA",
    "ProtocolName": "func-bold_task-UG_run0",
    "PulseSequenceDetails": "%SiemensSeq%_ep2d_bold",
    "ReceiveCoilActiveElements": "HE1-4;NE1,2",
    "ReceiveCoilName": "HeadNeck_20",
    "ReconMatrixPE": 74,
    "RepetitionTime": 2.02,
    "SAR": 0.0802401,
    "ScanOptions": "FS",
    "ScanningSequence": "EP",
    "SequenceName": "_epfid2d1_74",
    "SequenceVariant": "SK",
    "SeriesDescription": "func-bold_task-UG_run0",
    "SeriesNumber": 16,
    "ShimSetting": [
      1426,
      -7219,
      6365,
      292,
      -4,
      570,
      -350,
      87
    ],
    "SliceThickness": 2.8,
    "SliceTiming": [
      1.945,
      1.89,
      1.8325,
      1.7775,
      1.7225,
      1.6675,
      1.61,
      1.555,
      1.5,
      1.445,
      1.39,
      1.3325,
      1.2775,
      1.2225,
      1.1675,
      1.1125,
      1.055,
      1,
      0.945,
      0.89,
      0.8325,
      0.7775,
      0.7225,
      0.6675,
      0.6125,
      0.555,
      0.5,
      0.445,
      0.39,
      0.3325,
      0.2775,
      0.2225,
      0.1675,
      0.1125,
      0.055,
      0
    ],
    "SoftwareVersions": "syngo_MR_E11",
    "SpacingBetweenSlices": 3.22,
    "StationName": "AWP166048",
    "TaskName": "ultimatum",
    "TotalReadoutTime": 0.0357695,
    "TxRefAmp": 248.237,
    "dataset": "<unset>",
    "modality": "bold",
    "run_id": 1,
    "subject_id": "108",
    "task_id": "ultimatum"
  },
  "dummy_trs": 2,
  "dvars_nstd": 15.64014224218275,
  "dvars_std": 1.0491066698984775,
  "dvars_vstd": 0.947292189949239,
  "efc": 0.4775335886845746,
  "fber": 2678.6689453125,
  "fd_mean": 0.12628747607561444,
  "fd_num": 20,
  "fd_perc": 10.1010101010101,
  "fwhm_avg": 1.7028415945876845,
  "fwhm_x": 1.6159380560392227,
  "fwhm_y": 1.837366245536327,
  "fwhm_z": 1.6552204821875038,
  "gcor": 0.0153784,
  "gsr_x": -0.02023441158235073,
  "gsr_y": 0.04290742054581642,
  "provenance": {
    "md5sum": "2cda6586736e655841817b0c5aef4264",
    "settings": {
      "fd_thres": 0.2,
      "testing": false
    },
    "software": "mriqc",
    "version": "22.0.6",
    "webapi_port": null,
    "webapi_url": "https://mriqc.nimh.nih.gov/api/v1"
  },
  "size_t": 198,
  "size_x": 74,
  "size_y": 74,
  "size_z": 36,
  "snr": 7.081324350549223,
  "spacing_tr": 2.0199999809265137,
  "spacing_x": 2.972972869873047,
  "spacing_y": 2.972972869873047,
  "spacing_z": 3.2200000286102295,
  "summary_bg_k": 36.83195184034132,
  "summary_bg_mad": 9.854062787325017,
  "summary_bg_mean": 45.23173522949219,
  "summary_bg_median": 18.676767349243164,
  "summary_bg_n": 132156.0,
  "summary_bg_p05": 9.873737335205078,
  "summary_bg_p95": 181.48484802246094,
  "summary_bg_stdv": 80.00541687011719,
  "summary_fg_k": 2.663471585595084,
  "summary_fg_mad": 130.56265326658826,
  "summary_fg_mean": 980.2339477539062,
  "summary_fg_median": 972.2297973632812,
  "summary_fg_n": 29348.0,
  "summary_fg_p05": 789.6280334472656,
  "summary_fg_p95": 1198.2080932617184,
  "summary_fg_stdv": 137.29257202148438,
  "tsnr": 73.29894114867784
}