{
  "aor": 0.002505858585858586,
  "aqi": 0.009327038535353537,
  "bids_meta": {
    "AcquisitionMatrixPE": 74,
    "AcquisitionNumber": 1,
    "AcquisitionTime": "13:23:49.865000",
    "BandwidthPerPixelPhaseEncode": 27.579,
    "BaseResolution": 74,
    "BodyPartExamined": "HEAD",
    "CogAtlasID": "http://www.cognitiveatlas.org/task/id/TODO",
    "CoilString": "HE1-4;NE1_2",
    "ConsistencyInfo": "N4_VE11C_LATEST_20160120",
    "ConversionSoftware": "dcm2niix",
    "ConversionSoftwareVersion": "v1.0.20190410  GCC6.3.0",
    "DerivedVendorReportedEchoSpacing": 0.000489993,
    "DeviceSerialNumber": "166048",
    "DwellTime": 2.9e-06,
    "EchoTime": 0.023,
    "EchoTrainLength": 74,
    "EffectiveEchoSpacing": 0.000489993,
    "FlipAngle": 76,
    "ImageOrientationPatientDICOM": [
      1,
      0,
      0,
      0,
      0.971549,
      -0.236838
    ],
    "ImageType": [
      "ORIGINAL",
      "PRIMARY",
      "M",
      "ND",
      "NORM",
      "MOSAIC"
    ],
    "ImagingFrequency": 123.246,
    "InPlanePhaseEncodingDirectionDICOM": "COL",
    "InstitutionAddress": "North_13th_1701_Philadelphia_PA_US_19122",
    "InstitutionName": "Temple_University_-_Weiss_Hall",
    "InstitutionalDepartmentName": "Department",
    "MRAcquisitionType": "2D",
    "MagneticFieldStrength": 3,
    "Manufacturer": "Siemens",
    "ManufacturersModelName": "Prisma",
    "Modality": "MR",
    "PartialFourier": 1,
    "PatientPosition": "HFS",
    "PercentPhaseFOV": 100,
    "PhaseEncodingDirection": "j-",
    "PhaseEncodingSteps": 74,
    "PhaseResolution": 1,
    "PixelBandwidth": 2330,
    "ProcedureStepDescription": "SMITH_SRNDNA",
    "ProtocolName": "func-bold_task-UG_run1",
    "PulseSequenceDetails": "%SiemensSeq%_ep2d_bold",
    "ReceiveCoilActiveElements": "HE1-4;NE1,2",
    "ReceiveCoilName": "HeadNeck_20",
    "ReconMatrixPE": 74,
    "RepetitionTime": 2.02,
    "SAR": 0.0802401,
    "ScanOptions": "FS",
    "ScanningSequence": "EP",
    "SequenceName": "_epfid2d1_74",
    "SequenceVariant": "SK",
    "SeriesDescription": "func-bold_task-UG_run1",
    "SeriesNumber": 17,
    "ShimSetting": [
      1426,
      -7219,
      6365,
      292,
      -4,
      570,
      -350,
      87
    ],
    "SliceThickness": 2.8,
    "SliceTiming": [
      1.945,
      1.89,
      1.835,
      1.7775,
      1.7225,
      1.6675,
      1.6125,
      1.5575,
      1.5,
      1.445,
      1.39,
      1.335,
      1.2775,
      1.2225,
      1.1675,
      1.1125,
      1.0575,
      1,
      0.945,
      0.89,
      0.835,
      0.7775,
      0.7225,
      0.6675,
      0.6125,
      0.5575,
      0.5,
      0.445,
      0.39,
      0.335,
      0.2775,
      0.2225,
      0.1675,
      0.1125,
      0.0575,
      0
    ],
    "SoftwareVersions": "syngo_MR_E11",
    "SpacingBetweenSlices": 3.22,
    "StationName": "AWP166048",
    "TaskName": "ultimatum",
    "TotalReadoutTime": 0.0357695,
    "TxRefAmp": 248.237,
    "dataset": "<unset>",
    "modality": "bold",
    "run_id": 2,
    "subject_id": "108",
    "task_id": "ultimatum"
  },
  "dummy_trs": 2,
  "dvars_nstd": 17.52703907289341,
  "dvars_std": 1.135207697055838,
  "dvars_vstd": 0.9983074756852794,
  "efc": 0.4781492744223552,
  "fber": 2627.01904296875,
  "fd_mean": 0.15522882705835725,
  "fd_num": 35,
  "fd_perc": 17.67676767676768,
  "fwhm_avg": 1.691543727934136,
  "fwhm_x": 1.6035632374282573,
  "fwhm_y": 1.8229934268560732,
  "fwhm_z": 1.6480745195180775,
  "gcor": 0.0186684,
  "gsr_x": -0.020544053986668587,
  "gsr_y": 0.04284919798374176,
  "provenance": {
    "md5sum": "be6f69ce9ad1fb7d443c4d71fdb5647b",
    "settings": {
      "fd_thres": 0.2,
      "testing": false
    },
    "software": "mriqc",
    "version": "22.0.6",
    "webapi_port": null,
    "webapi_url": "https://mriqc.nimh.nih.gov/api/v1"
  },
  "size_t": 198,
  "size_x": 74,
  "size_y": 74,
  "size_z": 36,
  "snr": 7.090389606521577,
  "spacing_tr": 2.0199999809265137,
  "spacing_x": 2.972972869873047,
  "spacing_y": 2.972972869873047,
  "spacing_z": 3.2200000286102295,
  "summary_bg_k": 36.28404610021551,
  "summary_bg_mad": 10.123627983896665,
  "summary_bg_mean": 45.32872772216797,
  "summary_bg_median": 18.81313133239746,
  "summary_bg_n": 132084.0,
  "summary_bg_p05": 9.838383674621582,
  "summary_bg_p95": 181.7802986145015,
  "summary_bg_stdv": 80.13880920410156,
  "summary_fg_k": 2.5528903474018536,
  "summary_fg_mad": 130.62626833980661,
  "summary_fg_mean": 980.7081298828125,
  "summary_fg_median": 973.48486328125,
  "summary_fg_n": 29423.0,
  "summary_fg_p05": 790.2151550292969,
  "summary_fg_p95": 1198.9560546875,
  "summary_fg_stdv": 137.29405212402344,
  "tsnr": 76.41047612484545
}