{
  "aor": 0.0007492093023255814,
  "aqi": 0.007895542604651163,
  "bids_meta": {
    "AcquisitionMatrixPE": 74,
    "AcquisitionNumber": 1,
    "AcquisitionTime": "12:17:45.367500",
    "BandwidthPerPixelPhaseEncode": 27.579,
    "BaseResolution": 74,
    "BodyPartExamined": "HEAD",
    "CogAtlasID": "http://www.cognitiveatlas.org/task/id/TODO",
    "CoilString": "HE1-4;NE1_2",
    "ConsistencyInfo": "N4_VE11C_LATEST_20160120",
    "ConversionSoftware": "dcm2niix",
    "ConversionSoftwareVersion": "v1.0.20190410  GCC6.3.0",
    "DerivedVendorReportedEchoSpacing": 0.000489993,
    "DeviceSerialNumber": "166048",
    "DwellTime": 2.9e-06,
    "EchoTime": 0.023,
    "EchoTrainLength": 74,
    "EffectiveEchoSpacing": 0.000489993,
    "FlipAngle": 76,
    "ImageOrientationPatientDICOM": [
      1,
      0,
      0,
      0,
      0.971549,
      -0.236838
    ],
    "ImageType": [
      "ORIGINAL",
      "PRIMARY",
      "M",
      "ND",
      "NORM",
      "MOSAIC"
    ],
    "ImagingFrequency": 123.246,
    "InPlanePhaseEncodingDirectionDICOM": "COL",
    "InstitutionAddress": "North_13th_1701_Philadelphia_PA_US_19122",
    "InstitutionName": "Temple_University_-_Weiss_Hall",
    "InstitutionalDepartmentName": "Department",
    "MRAcquisitionType": "2D",
    "MagneticFieldStrength": 3,
    "Manufacturer": "Siemens",
    "ManufacturersModelName": "Prisma",
    "Modality": "MR",
    "PartialFourier": 1,
    "PatientPosition": "HFS",
    "PercentPhaseFOV": 100,
    "PhaseEncodingDirection": "j-",
    "PhaseEncodingSteps": 74,
    "PhaseResolution": 1,
    "PixelBandwidth": 2330,
    "ProcedureStepDescription": "SMITH_SRNDNA",
    "ProtocolName": "func-bold_trust_run0",
    "PulseSequenceDetails": "%SiemensSeq%_ep2d_bold",
    "ReceiveCoilActiveElements": "HE1-4;NE1,2",
    "ReceiveCoilName": "HeadNeck_20",
    "ReconMatrixPE": 74,
    "RepetitionTime": 2.02,
    "SAR": 0.0802629,
    "ScanOptions": "FS",
    "ScanningSequence": "EP",
    "SequenceName": "_epfid2d1_74",
    "SequenceVariant": "SK",
    "SeriesDescription": "func-bold_trust_run0",
    "SeriesNumber": 9,
    "ShimSetting": [
      1426,
      -7219,
      6365,
      292,
      -4,
      570,
      -350,
      87
    ],
    "SliceThickness": 2.8,
    "SliceTiming": [
      1.945,
      1.89,
      1.8325,
      1.7775,
      1.7225,
      1.6675,
      1.61,
      1.555,
      1.5,
      1.445,
      1.39,
      1.3325,
      1.2775,
      1.2225,
      1.1675,
      1.1125,
      1.055,
      1,
      0.945,
      0.89,
      0.8325,
      0.7775,
      0.7225,
      0.6675,
      0.6125,
      0.555,
      0.5,
      0.445,
      0.39,
      0.3325,
      0.2775,
      0.2225,
      0.1675,
      0.1125,
      0.055,
      0
    ],
    "SoftwareVersions": "syngo_MR_E11",
    "SpacingBetweenSlices": 3.22,
    "StationName": "AWP166048",
    "TaskName": "trust",
    "TotalReadoutTime": 0.0357695,
    "TxRefAmp": 248.237,
    "dataset": "<unset>",
    "modality": "bold",
    "run_id": 1,
    "subject_id": "108",
    "task_id": "trust"
  },
  "dummy_trs": 2,
  "dvars_nstd": 15.403885881308414,
  "dvars_std": 1.0937616637383176,
  "dvars_vstd": 0.9639541366355139,
  "efc": 0.4729812306197522,
  "fber": 2815.571044921875,
  "fd_mean": 0.09802214394111826,
  "fd_num": 6,
  "fd_perc": 2.7906976744186047,
  "fwhm_avg": 1.6683004960040593,
  "fwhm_x": 1.5874615095971372,
  "fwhm_y": 1.7957816077305744,
  "fwhm_z": 1.6216583706844663,
  "gcor": 0.00996102,
  "gsr_x": -0.018630485981702805,
  "gsr_y": 0.04245370626449585,
  "provenance": {
    "md5sum": "421331878fedd8a1b8d6d9ef871ad6cf",
    "settings": {
      "fd_thres": 0.2,
      "testing": false
    },
    "software": "mriqc",
    "version": "22.0.6",
    "webapi_port": null,
    "webapi_url": "https://mriqc.nimh.nih.gov/api/v1"
  },
  "size_t": 215,
  "size_x": 74,
  "size_y": 74,
  "size_z": 36,
  "snr": 7.101592491090658,
  "spacing_tr": 2.0199999809265137,
  "spacing_x": 2.972972869873047,
  "spacing_y": 2.972972869873047,
  "spacing_z": 3.2200000286102295,
  "summary_bg_k": 39.56688552762731,
  "summary_bg_mad": 9.523134891548997,
  "summary_bg_mean": 43.35951614379883,
  "summary_bg_median": 18.29302406311035,
  "summary_bg_n": 132789.0,
  "summary_bg_p05": 9.818604469299316,
  "summary_bg_p95": 174.61022949218741,
  "summary_bg_stdv": 76.80996704101562,
  "summary_fg_k": 2.876773963423716,
  "summary_fg_mad": 130.8758421263446,
  "summary_fg_mean": 986.9075927734375,
  "summary_fg_median": 978.672119140625,
  "summary_fg_n": 29048.0,
  "summary_fg_p05": 796.3569549560547,
  "summary_fg_p95": 1205.2415893554687,
  "summary_fg_stdv": 137.807861328125,
  "tsnr": 84.05776409292594
}