{
  "aor": 0.005117037037037037,
  "aqi": 0.009501097361111112,
  "bids_meta": {
    "AcquisitionMatrixPE": 74,
    "AcquisitionNumber": 1,
    "AcquisitionTime": "18:55:45.212500",
    "BandwidthPerPixelPhaseEncode": 27.579,
    "BaseResolution": 74,
    "BodyPartExamined": "BRAIN",
    "CogAtlasID": "http://www.cognitiveatlas.org/task/id/TODO",
    "CoilString": "HE1-4;NE1_2",
    "ConsistencyInfo": "N4_VE11C_LATEST_20160120",
    "ConversionSoftware": "dcm2niix",
    "ConversionSoftwareVersion": "v1.0.20190410  GCC6.3.0",
    "DerivedVendorReportedEchoSpacing": 0.000489993,
    "DeviceSerialNumber": "166048",
    "DwellTime": 2.9e-06,
    "EchoTime": 0.023,
    "EchoTrainLength": 74,
    "EffectiveEchoSpacing": 0.000489993,
    "FlipAngle": 76,
    "ImageOrientationPatientDICOM": [
      1,
      0,
      0,
      0,
      0.956305,
      -0.292372
    ],
    "ImageType": [
      "ORIGINAL",
      "PRIMARY",
      "M",
      "ND",
      "NORM",
      "MOSAIC"
    ],
    "ImagingFrequency": 123.246,
    "InPlanePhaseEncodingDirectionDICOM": "COL",
    "InstitutionAddress": "North_13th_1701_Philadelphia_PA_US_19122",
    "InstitutionName": "Temple_University_-_Weiss_Hall",
    "InstitutionalDepartmentName": "Department",
    "MRAcquisitionType": "2D",
    "MagneticFieldStrength": 3,
    "Manufacturer": "Siemens",
    "ManufacturersModelName": "Prisma",
    "Modality": "MR",
    "PartialFourier": 1,
    "PatientPosition": "HFS",
    "PercentPhaseFOV": 100,
    "PhaseEncodingDirection": "j-",
    "PhaseEncodingSteps": 74,
    "PhaseResolution": 1,
    "PixelBandwidth": 2330,
    "ProcedureStepDescription": "SMITH_SRNDNA",
    "ProtocolName": "func-bold_trust_run3",
    "PulseSequenceDetails": "%SiemensSeq%_ep2d_bold",
    "ReceiveCoilActiveElements": "HE1-4;NE1,2",
    "ReceiveCoilName": "HeadNeck_20",
    "ReconMatrixPE": 74,
    "RepetitionTime": 2.02,
    "SAR": 0.111609,
    "ScanOptions": "FS",
    "ScanningSequence": "EP",
    "SequenceName": "_epfid2d1_74",
    "SequenceVariant": "SK",
    "SeriesDescription": "func-bold_trust_run3",
    "SeriesNumber": 13,
    "ShimSetting": [
      1449,
      -7418,
      6533,
      331,
      143,
      103,
      29,
      60
    ],
    "SliceThickness": 2.8,
    "SliceTiming": [
      1.945,
      1.89,
      1.8325,
      1.7775,
      1.7225,
      1.6675,
      1.6125,
      1.555,
      1.5,
      1.445,
      1.39,
      1.3325,
      1.2775,
      1.2225,
      1.1675,
      1.1125,
      1.055,
      1,
      0.945,
      0.89,
      0.8325,
      0.7775,
      0.7225,
      0.6675,
      0.6125,
      0.555,
      0.5,
      0.445,
      0.39,
      0.3325,
      0.2775,
      0.2225,
      0.1675,
      0.1125,
      0.055,
      0
    ],
    "SoftwareVersions": "syngo_MR_E11",
    "SpacingBetweenSlices": 3.22,
    "StationName": "AWP166048",
    "TaskName": "trust",
    "TotalReadoutTime": 0.0357695,
    "TxRefAmp": 278.861,
    "dataset": "<unset>",
    "modality": "bold",
    "run_id": 4,
    "subject_id": "104",
    "task_id": "trust"
  },
  "dummy_trs": 1,
  "dvars_nstd": 21.296894862837206,
  "dvars_std": 1.2317446816744189,
  "dvars_vstd": 0.9948780900465122,
  "efc": 0.5272560639790438,
  "fber": 2329.5927734375,
  "fd_mean": 0.1292599217483416,
  "fd_num": 36,
  "fd_perc": 16.666666666666668,
  "fwhm_avg": 1.807373992758956,
  "fwhm_x": 1.7248256961789807,
  "fwhm_y": 1.9672093409482554,
  "fwhm_z": 1.730086941149632,
  "gcor": 0.0480644,
  "gsr_x": -0.0055608851835131645,
  "gsr_y": 0.04539719223976135,
  "provenance": {
    "md5sum": "842108100e1e9e1ba319befbf607a742",
    "settings": {
      "fd_thres": 0.2,
      "testing": false
    },
    "software": "mriqc",
    "version": "22.0.6",
    "webapi_port": null,
    "webapi_url": "https://mriqc.nimh.nih.gov/api/v1"
  },
  "size_t": 216,
  "size_x": 74,
  "size_y": 74,
  "size_z": 36,
  "snr": 7.024787615292769,
  "spacing_tr": 2.0199999809265137,
  "spacing_x": 2.972972869873047,
  "spacing_y": 2.972972869873047,
  "spacing_z": 3.2200000286102295,
  "summary_bg_k": 16.67832910639095,
  "summary_bg_mad": 10.96851001939924,
  "summary_bg_mean": 52.56455612182617,
  "summary_bg_median": 19.731481552124023,
  "summary_bg_n": 121705.0,
  "summary_bg_p05": 9.990740776062012,
  "summary_bg_p95": 233.6546325683592,
  "summary_bg_stdv": 90.29060363769531,
  "summary_fg_k": 3.4033504821338276,
  "summary_fg_mad": 124.36701568758295,
  "summary_fg_mean": 979.0430297851562,
  "summary_fg_median": 968.63427734375,
  "summary_fg_n": 37543.0,
  "summary_fg_p05": 791.1690002441406,
  "summary_fg_p95": 1202.8592407226563,
  "summary_fg_stdv": 137.88621520996094,
  "tsnr": 69.71433253248688
}