{
  "aor": 0.002997960199004975,
  "aqi": 0.007325716417910449,
  "bids_meta": {
    "AcquisitionMatrixPE": 74,
    "AcquisitionNumber": 1,
    "AcquisitionTime": "19:14:50.590000",
    "BandwidthPerPixelPhaseEncode": 27.579,
    "BaseResolution": 74,
    "BodyPartExamined": "BRAIN",
    "CogAtlasID": "http://www.cognitiveatlas.org/task/id/TODO",
    "CoilString": "HE1-4;NE1_2",
    "ConsistencyInfo": "N4_VE11C_LATEST_20160120",
    "ConversionSoftware": "dcm2niix",
    "ConversionSoftwareVersion": "v1.0.20190410  GCC6.3.0",
    "DerivedVendorReportedEchoSpacing": 0.000489993,
    "DeviceSerialNumber": "166048",
    "DwellTime": 2.9e-06,
    "EchoTime": 0.023,
    "EchoTrainLength": 74,
    "EffectiveEchoSpacing": 0.000489993,
    "FlipAngle": 76,
    "ImageOrientationPatientDICOM": [
      1,
      0,
      0,
      0,
      0.956305,
      -0.292372
    ],
    "ImageType": [
      "ORIGINAL",
      "PRIMARY",
      "M",
      "ND",
      "NORM",
      "MOSAIC"
    ],
    "ImagingFrequency": 123.246,
    "InPlanePhaseEncodingDirectionDICOM": "COL",
    "InstitutionAddress": "North_13th_1701_Philadelphia_PA_US_19122",
    "InstitutionName": "Temple_University_-_Weiss_Hall",
    "InstitutionalDepartmentName": "Department",
    "MRAcquisitionType": "2D",
    "MagneticFieldStrength": 3,
    "Manufacturer": "Siemens",
    "ManufacturersModelName": "Prisma",
    "Modality": "MR",
    "PartialFourier": 1,
    "PatientPosition": "HFS",
    "PercentPhaseFOV": 100,
    "PhaseEncodingDirection": "j-",
    "PhaseEncodingSteps": 74,
    "PhaseResolution": 1,
    "PixelBandwidth": 2330,
    "ProcedureStepDescription": "SMITH_SRNDNA",
    "ProtocolName": "func-bold_task-reward_run0",
    "PulseSequenceDetails": "%SiemensSeq%_ep2d_bold",
    "ReceiveCoilActiveElements": "HE1-4;NE1,2",
    "ReceiveCoilName": "HeadNeck_20",
    "ReconMatrixPE": 74,
    "RepetitionTime": 2.02,
    "SAR": 0.111581,
    "ScanOptions": "FS",
    "ScanningSequence": "EP",
    "SequenceName": "_epfid2d1_74",
    "SequenceVariant": "SK",
    "SeriesDescription": "func-bold_task-reward_run0",
    "SeriesNumber": 15,
    "ShimSetting": [
      1449,
      -7418,
      6533,
      331,
      143,
      103,
      29,
      60
    ],
    "SliceThickness": 2.8,
    "SliceTiming": [
      1.945,
      1.89,
      1.835,
      1.7775,
      1.7225,
      1.6675,
      1.6125,
      1.5575,
      1.5,
      1.445,
      1.39,
      1.335,
      1.2775,
      1.2225,
      1.1675,
      1.1125,
      1.0575,
      1,
      0.945,
      0.89,
      0.835,
      0.7775,
      0.7225,
      0.6675,
      0.6125,
      0.5575,
      0.5,
      0.445,
      0.39,
      0.335,
      0.2775,
      0.2225,
      0.1675,
      0.1125,
      0.0575,
      0
    ],
    "SoftwareVersions": "syngo_MR_E11",
    "SpacingBetweenSlices": 3.22,
    "StationName": "AWP166048",
    "TaskName": "sharedreward",
    "TotalReadoutTime": 0.0357695,
    "TxRefAmp": 278.861,
    "dataset": "<unset>",
    "modality": "bold",
    "run_id": 1,
    "subject_id": "104",
    "task_id": "sharedreward"
  },
  "dummy_trs": 1,
  "dvars_nstd": 22.668595886300004,
  "dvars_std": 1.4167227292500002,
  "dvars_vstd": 1.0130113041500008,
  "efc": 0.5282736976543456,
  "fber": 2318.87841796875,
  "fd_mean": 0.08169802966915846,
  "fd_num": 11,
  "fd_perc": 5.472636815920398,
  "fwhm_avg": 1.8003658714470552,
  "fwhm_x": 1.7142638776308885,
  "fwhm_y": 1.9536505222962302,
  "fwhm_z": 1.7331832144140467,
  "gcor": 0.0535317,
  "gsr_x": -0.0054929545149207115,
  "gsr_y": 0.04616517201066017,
  "provenance": {
    "md5sum": "9731c3b106760361503f64a140d31914",
    "settings": {
      "fd_thres": 0.2,
      "testing": false
    },
    "software": "mriqc",
    "version": "22.0.6",
    "webapi_port": null,
    "webapi_url": "https://mriqc.nimh.nih.gov/api/v1"
  },
  "size_t": 201,
  "size_x": 74,
  "size_y": 74,
  "size_z": 36,
  "snr": 7.002838171901474,
  "spacing_tr": 2.0199999809265137,
  "spacing_x": 2.972972869873047,
  "spacing_y": 2.972972869873047,
  "spacing_z": 3.2200000286102295,
  "summary_bg_k": 16.376520898525122,
  "summary_bg_mad": 11.049442780579412,
  "summary_bg_mean": 53.42948532104492,
  "summary_bg_median": 19.815919876098633,
  "summary_bg_n": 121672.0,
  "summary_bg_p05": 9.965173721313477,
  "summary_bg_p95": 238.95919494628902,
  "summary_bg_stdv": 92.10256958007812,
  "summary_fg_k": 3.2032589246629994,
  "summary_fg_mad": 125.43842744704989,
  "summary_fg_mean": 978.08203125,
  "summary_fg_median": 968.1442260742188,
  "summary_fg_n": 37657.0,
  "summary_fg_p05": 786.7999755859375,
  "summary_fg_p95": 1201.3651123046873,
  "summary_fg_stdv": 138.24842834472656,
  "tsnr": 81.09370771516114
}