{
  "aor": 0.0029185427135678386,
  "aqi": 0.009494912914572865,
  "bids_meta": {
    "AcquisitionMatrixPE": 74,
    "AcquisitionNumber": 1,
    "AcquisitionTime": "19:39:38.507500",
    "BandwidthPerPixelPhaseEncode": 27.579,
    "BaseResolution": 74,
    "BodyPartExamined": "BRAIN",
    "CogAtlasID": "http://www.cognitiveatlas.org/task/id/TODO",
    "CoilString": "HE1-4;NE1_2",
    "ConsistencyInfo": "N4_VE11C_LATEST_20160120",
    "ConversionSoftware": "dcm2niix",
    "ConversionSoftwareVersion": "v1.0.20190410  GCC6.3.0",
    "DerivedVendorReportedEchoSpacing": 0.000489993,
    "DeviceSerialNumber": "166048",
    "DwellTime": 2.9e-06,
    "EchoTime": 0.023,
    "EchoTrainLength": 74,
    "EffectiveEchoSpacing": 0.000489993,
    "FlipAngle": 76,
    "ImageOrientationPatientDICOM": [
      1,
      0,
      0,
      0,
      0.956305,
      -0.292372
    ],
    "ImageType": [
      "ORIGINAL",
      "PRIMARY",
      "M",
      "ND",
      "NORM",
      "MOSAIC"
    ],
    "ImagingFrequency": 123.246,
    "InPlanePhaseEncodingDirectionDICOM": "COL",
    "InstitutionAddress": "North_13th_1701_Philadelphia_PA_US_19122",
    "InstitutionName": "Temple_University_-_Weiss_Hall",
    "InstitutionalDepartmentName": "Department",
    "MRAcquisitionType": "2D",
    "MagneticFieldStrength": 3,
    "Manufacturer": "Siemens",
    "ManufacturersModelName": "Prisma",
    "Modality": "MR",
    "PartialFourier": 1,
    "PatientPosition": "HFS",
    "PercentPhaseFOV": 100,
    "PhaseEncodingDirection": "j-",
    "PhaseEncodingSteps": 74,
    "PhaseResolution": 1,
    "PixelBandwidth": 2330,
    "ProcedureStepDescription": "SMITH_SRNDNA",
    "ProtocolName": "func-bold_task-UG_run1",
    "PulseSequenceDetails": "%SiemensSeq%_ep2d_bold",
    "ReceiveCoilActiveElements": "HE1-4;NE1,2",
    "ReceiveCoilName": "HeadNeck_20",
    "ReconMatrixPE": 74,
    "RepetitionTime": 2.02,
    "SAR": 0.111577,
    "ScanOptions": "FS",
    "ScanningSequence": "EP",
    "SequenceName": "_epfid2d1_74",
    "SequenceVariant": "SK",
    "SeriesDescription": "func-bold_task-UG_run1",
    "SeriesNumber": 18,
    "ShimSetting": [
      1449,
      -7418,
      6533,
      331,
      143,
      103,
      29,
      60
    ],
    "SliceThickness": 2.8,
    "SliceTiming": [
      1.945,
      1.8875,
      1.8325,
      1.7775,
      1.7225,
      1.6675,
      1.61,
      1.555,
      1.5,
      1.445,
      1.39,
      1.3325,
      1.2775,
      1.2225,
      1.1675,
      1.11,
      1.055,
      1,
      0.945,
      0.89,
      0.8325,
      0.7775,
      0.7225,
      0.6675,
      0.61,
      0.555,
      0.5,
      0.445,
      0.39,
      0.3325,
      0.2775,
      0.2225,
      0.1675,
      0.11,
      0.055,
      0
    ],
    "SoftwareVersions": "syngo_MR_E11",
    "SpacingBetweenSlices": 3.22,
    "StationName": "AWP166048",
    "TaskName": "ultimatum",
    "TotalReadoutTime": 0.0357695,
    "TxRefAmp": 278.861,
    "dataset": "<unset>",
    "modality": "bold",
    "run_id": 2,
    "subject_id": "104",
    "task_id": "ultimatum"
  },
  "dummy_trs": 1,
  "dvars_nstd": 21.536217198181824,
  "dvars_std": 1.281595028787879,
  "dvars_vstd": 1.0016914139898991,
  "efc": 0.5276349197549838,
  "fber": 2339.43359375,
  "fd_mean": 0.12597065159184814,
  "fd_num": 26,
  "fd_perc": 13.06532663316583,
  "fwhm_avg": 1.8181936575352629,
  "fwhm_x": 1.7345196965151595,
  "fwhm_y": 1.9765333412716029,
  "fwhm_z": 1.7435279348190267,
  "gcor": 0.0377986,
  "gsr_x": -0.0047021545469760895,
  "gsr_y": 0.04635358974337578,
  "provenance": {
    "md5sum": "c4ca6e2d5208031fd9aaf4a8735692a2",
    "settings": {
      "fd_thres": 0.2,
      "testing": false
    },
    "software": "mriqc",
    "version": "22.0.6",
    "webapi_port": null,
    "webapi_url": "https://mriqc.nimh.nih.gov/api/v1"
  },
  "size_t": 199,
  "size_x": 74,
  "size_y": 74,
  "size_z": 36,
  "snr": 6.944071822127962,
  "spacing_tr": 2.0199999809265137,
  "spacing_x": 2.972972869873047,
  "spacing_y": 2.972972869873047,
  "spacing_z": 3.2200000286102295,
  "summary_bg_k": 15.732308148005679,
  "summary_bg_mad": 11.10089107514725,
  "summary_bg_mean": 53.541385650634766,
  "summary_bg_median": 19.62311553955078,
  "summary_bg_n": 121911.0,
  "summary_bg_p05": 9.80904483795166,
  "summary_bg_p95": 242.04521942138672,
  "summary_bg_stdv": 91.92695617675781,
  "summary_fg_k": 3.3586760143228007,
  "summary_fg_mad": 126.21483900923117,
  "summary_fg_mean": 977.0567626953125,
  "summary_fg_median": 966.5225830078125,
  "summary_fg_n": 37413.0,
  "summary_fg_p05": 786.8612915039063,
  "summary_fg_p95": 1204.6653076171876,
  "summary_fg_stdv": 139.1848602294922,
  "tsnr": 68.82143426220864
}