{
  "bids_meta": {
    "AcquisitionMatrixPE": 192,
    "AcquisitionNumber": 1,
    "AcquisitionTime": "11:08:30.057500",
    "BaseResolution": 192,
    "BodyPartExamined": "BRAIN",
    "CoilString": "HE1-4;NE1_2",
    "ConsistencyInfo": "N4_VE11C_LATEST_20160120",
    "ConversionSoftware": "dcm2niix",
    "ConversionSoftwareVersion": "v1.0.20190410  GCC6.3.0",
    "DeviceSerialNumber": "166048",
    "DwellTime": 1.24e-05,
    "EchoTime": 0.0022,
    "FlipAngle": 8,
    "ImageOrientationPatientDICOM": [
      0,
      1,
      0,
      0,
      0,
      -1
    ],
    "ImageType": [
      "ORIGINAL",
      "PRIMARY",
      "M",
      "ND",
      "NORM",
      "FM3",
      "2",
      "FIL"
    ],
    "ImagingFrequency": 123.246,
    "InPlanePhaseEncodingDirectionDICOM": "ROW",
    "InstitutionAddress": "North_13th_1701_Philadelphia_PA_US_19122",
    "InstitutionName": "Temple_University_-_Weiss_Hall",
    "InstitutionalDepartmentName": "Department",
    "InversionTime": 1.15,
    "MRAcquisitionType": "3D",
    "MagneticFieldStrength": 3,
    "Manufacturer": "Siemens",
    "ManufacturersModelName": "Prisma",
    "Modality": "MR",
    "PartialFourier": 1,
    "PatientPosition": "HFS",
    "PercentPhaseFOV": 100,
    "PhaseEncodingSteps": 211,
    "PhaseOversampling": 0.1,
    "PhaseResolution": 1,
    "PixelBandwidth": 210,
    "ProcedureStepDescription": "SMITH_SRNDNA",
    "ProtocolName": "T1w-anat_mpg_07sag_iso",
    "PulseSequenceDetails": "%SiemensSeq%_tfl",
    "ReceiveCoilActiveElements": "HE1-4;NE1,2",
    "ReceiveCoilName": "HeadNeck_20",
    "ReconMatrixPE": 192,
    "RefLinesPE": 32,
    "RepetitionTime": 2.4,
    "SAR": 0.0559847,
    "ScanOptions": "IR_WE",
    "ScanningSequence": "GR_IR",
    "SequenceName": "_tfl3d1_16ns",
    "SequenceVariant": "SK_SP_MP_OSP",
    "SeriesDescription": "T1w-anat_mpg_07sag_iso",
    "SeriesNumber": 5,
    "ShimSetting": [
      1443,
      -7362,
      6466,
      56,
      -37,
      -337,
      -53,
      -103
    ],
    "SliceThickness": 1,
    "SoftwareVersions": "syngo_MR_E11",
    "StationName": "AWP166048",
    "TxRefAmp": 290.647,
    "dataset": "<unset>",
    "modality": "T1w",
    "subject_id": "135"
  },
  "cjv": 0.4023462210185088,
  "cnr": 3.332094295329797,
  "efc": 0.6200055542885994,
  "fber": 23308.779629131954,
  "fwhm_avg": 3.82473,
  "fwhm_x": 3.73494,
  "fwhm_y": 3.92883,
  "fwhm_z": 3.81042,
  "icvs_csf": 0.2628493523823738,
  "icvs_gm": 0.391576426486317,
  "icvs_wm": 0.34557422113130914,
  "inu_med": 0.46049901843070984,
  "inu_range": 0.16576716303825378,
  "provenance": {
    "md5sum": "7fe1f8392e338a6c1b24d154d91a273c",
    "settings": {
      "testing": false
    },
    "software": "mriqc",
    "version": "22.0.6",
    "warnings": {
      "large_rot_frame": true,
      "small_air_mask": false
    },
    "webapi_port": null,
    "webapi_url": "https://mriqc.nimh.nih.gov/api/v1"
  },
  "qi_1": 0.0,
  "qi_2": 0.008905322411150031,
  "rpve_csf": 13.395333797632077,
  "rpve_gm": 8.504713773719223,
  "rpve_wm": 11.3984976235432,
  "size_x": 192,
  "size_y": 192,
  "size_z": 192,
  "snr_csf": 2.939577491585043,
  "snr_gm": 12.6721151917816,
  "snr_total": 12.979106640366881,
  "snr_wm": 23.325627237734,
  "snrd_csf": 30.417557211646898,
  "snrd_gm": 90.5368732025538,
  "snrd_total": 80.30810499004546,
  "snrd_wm": 119.96988455593569,
  "spacing_x": 1.0,
  "spacing_y": 1.0,
  "spacing_z": 1.0,
  "summary_bg_k": 8.528899940977189,
  "summary_bg_mad": 5.461193237229973,
  "summary_bg_mean": 5.020401064124891,
  "summary_bg_median": 3.683518862351775,
  "summary_bg_n": 1884693.0,
  "summary_bg_p05": 0.0,
  "summary_bg_p95": 16.694310633465648,
  "summary_bg_stdv": 6.069316679754082,
  "summary_csf_k": 3.213783701527672,
  "summary_csf_mad": 57.48624460242077,
  "summary_csf_mean": 268.54204218620515,
  "summary_csf_median": 253.55965221486986,
  "summary_csf_n": 66369.0,
  "summary_csf_p05": 160.29553954564034,
  "summary_csf_p95": 445.19741365946817,
  "summary_csf_stdv": 86.2565258806635,
  "summary_gm_k": 0.1718044538425354,
  "summary_gm_mad": 57.96529664077428,
  "summary_gm_mean": 751.9508054394056,
  "summary_gm_median": 754.7120869085193,
  "summary_gm_n": 17655.0,
  "summary_gm_p05": 649.5422381268814,
  "summary_gm_p95": 845.210329274088,
  "summary_gm_stdv": 59.55522825458693,
  "summary_wm_k": 0.6288729186177715,
  "summary_wm_mad": 40.751360062604945,
  "summary_wm_mean": 1000.3425421095382,
  "summary_wm_median": 1000.0646006055176,
  "summary_wm_n": 170457.0,
  "summary_wm_p05": 932.0379774048924,
  "summary_wm_p95": 1071.5377911627293,
  "summary_wm_stdv": 42.8739453360904,
  "tpm_overlap_csf": 0.15381463840411352,
  "tpm_overlap_gm": 0.41950548101285884,
  "tpm_overlap_wm": 0.4674506519826569,
  "wm2max": 0.8765576618080205
}