{
  "bids_meta": {
    "AcquisitionMatrixPE": 192,
    "AcquisitionNumber": 1,
    "AcquisitionTime": "11:04:26.527500",
    "BaseResolution": 192,
    "BodyPartExamined": "BRAIN",
    "CoilString": "HE1-4;NE1_2",
    "ConsistencyInfo": "N4_VE11C_LATEST_20160120",
    "ConversionSoftware": "dcm2niix",
    "ConversionSoftwareVersion": "v1.0.20190410  GCC6.3.0",
    "DeviceSerialNumber": "166048",
    "DwellTime": 3.5e-06,
    "EchoTime": 0.567,
    "EchoTrainLength": 314,
    "FlipAngle": 120,
    "ImageOrientationPatientDICOM": [
      0,
      1,
      0,
      0,
      0,
      -1
    ],
    "ImageType": [
      "ORIGINAL",
      "PRIMARY",
      "M",
      "ND",
      "NORM"
    ],
    "ImagingFrequency": 123.246,
    "InPlanePhaseEncodingDirectionDICOM": "ROW",
    "InstitutionAddress": "North_13th_1701_Philadelphia_PA_US_19122",
    "InstitutionName": "Temple_University_-_Weiss_Hall",
    "InstitutionalDepartmentName": "Department",
    "MRAcquisitionType": "3D",
    "MagneticFieldStrength": 3,
    "Manufacturer": "Siemens",
    "ManufacturersModelName": "Prisma",
    "Modality": "MR",
    "PartialFourier": 1,
    "PatientPosition": "HFS",
    "PercentPhaseFOV": 100,
    "PhaseEncodingSteps": 209,
    "PhaseOversampling": 0.1,
    "PhaseResolution": 1,
    "PixelBandwidth": 745,
    "ProcedureStepDescription": "SMITH_SRNDNA",
    "ProtocolName": "T2w-anat_spc_07sag_iso",
    "PulseSequenceDetails": "%SiemensSeq%_tse_vfl",
    "ReceiveCoilActiveElements": "HE1-4;NE1,2",
    "ReceiveCoilName": "HeadNeck_20",
    "ReconMatrixPE": 192,
    "RefLinesPE": 32,
    "RepetitionTime": 3.2,
    "SAR": 0.205648,
    "ScanOptions": "PFP",
    "ScanningSequence": "SE",
    "SequenceName": "_spc_314ns",
    "SequenceVariant": "SK_SP_OSP",
    "SeriesDescription": "T2w-anat_spc_07sag_iso",
    "SeriesNumber": 3,
    "ShimSetting": [
      1443,
      -7362,
      6466,
      56,
      -37,
      -337,
      -53,
      -103
    ],
    "SliceThickness": 1,
    "SoftwareVersions": "syngo_MR_E11",
    "StationName": "AWP166048",
    "TxRefAmp": 290.647,
    "dataset": "<unset>",
    "modality": "T2w",
    "subject_id": "135"
  },
  "cjv": 0.5619540666916395,
  "cnr": 2.58477467101506,
  "efc": 0.56984393498247,
  "fber": 5443.245004782655,
  "fwhm_avg": 2.808783333333334,
  "fwhm_x": 2.73579,
  "fwhm_y": 3.11644,
  "fwhm_z": 2.57412,
  "icvs_csf": 0.27164843622982354,
  "icvs_gm": 0.6733474844860751,
  "icvs_wm": 0.055004079284101365,
  "inu_med": 0.8260123133659363,
  "inu_range": 0.20410497784614567,
  "provenance": {
    "md5sum": "64d121eebcfc3c71e424685e664a99d6",
    "settings": {
      "testing": false
    },
    "software": "mriqc",
    "version": "22.0.6",
    "warnings": {
      "large_rot_frame": true,
      "small_air_mask": false
    },
    "webapi_port": null,
    "webapi_url": "https://mriqc.nimh.nih.gov/api/v1"
  },
  "qi_1": 0.0,
  "qi_2": 0.0012896298393305222,
  "rpve_csf": 11.529748912349474,
  "rpve_gm": 6.219955197540145,
  "rpve_wm": 62.99951805938579,
  "size_x": 192,
  "size_y": 192,
  "size_z": 192,
  "snr_csf": 5.618663937483178,
  "snr_gm": 6.904197154614576,
  "snr_total": 4.554882737038299,
  "snr_wm": 1.1417871190171416,
  "snrd_csf": 109.04934434606962,
  "snrd_gm": 33.285239761869164,
  "snrd_total": 50.48425523285451,
  "snrd_wm": 9.11818159062474,
  "spacing_x": 1.0,
  "spacing_y": 1.0,
  "spacing_z": 1.0,
  "summary_bg_k": 7.012817410456568,
  "summary_bg_mad": 0.0,
  "summary_bg_mean": 49.972515086870374,
  "summary_bg_median": 0.0,
  "summary_bg_n": 1905287.0,
  "summary_bg_p05": 0.0,
  "summary_bg_p95": 182.36380994319916,
  "summary_bg_stdv": 72.16458887934746,
  "summary_csf_k": 0.13214074517867447,
  "summary_csf_mad": 1925.4663762302248,
  "summary_csf_mean": 11272.729632044702,
  "summary_csf_median": 12012.004068613052,
  "summary_csf_n": 66650.0,
  "summary_csf_p05": 7421.976224422455,
  "summary_csf_p95": 13714.220188260078,
  "summary_csf_stdv": 2137.859478582199,
  "summary_gm_k": -0.040060393724588916,
  "summary_gm_mad": 535.6123140420018,
  "summary_gm_mean": 3691.7329181416126,
  "summary_gm_median": 3666.4359409213066,
  "summary_gm_n": 347634.0,
  "summary_gm_p05": 2864.727697968483,
  "summary_gm_p95": 4606.41750305891,
  "summary_gm_stdv": 531.043738380655,
  "summary_wm_k": 0.2541171438679011,
  "summary_wm_mad": 960.3374780842537,
  "summary_wm_mean": 1196.0399106666093,
  "summary_wm_median": 1004.3859962821007,
  "summary_wm_n": 2325.0,
  "summary_wm_p05": 144.78301467895508,
  "summary_wm_p95": 2773.314952731132,
  "summary_wm_stdv": 879.4721532045054,
  "tpm_overlap_csf": 0.15268761097538783,
  "tpm_overlap_gm": 0.4137206400123046,
  "tpm_overlap_wm": 0.031168461445200545,
  "wm2max": 0.07289450317478932
}