{
  "aor": 0.004137005076142132,
  "aqi": 0.013507847868020307,
  "bids_meta": {
    "AcquisitionMatrixPE": 74,
    "AcquisitionNumber": 1,
    "AcquisitionTime": "20:04:6.965000",
    "BandwidthPerPixelPhaseEncode": 27.579,
    "BaseResolution": 74,
    "BodyPartExamined": "BRAIN",
    "CogAtlasID": "http://www.cognitiveatlas.org/task/id/TODO",
    "CoilString": "HE1-4;NE1_2",
    "ConsistencyInfo": "N4_VE11C_LATEST_20160120",
    "ConversionSoftware": "dcm2niix",
    "ConversionSoftwareVersion": "v1.0.20190410  GCC6.3.0",
    "DerivedVendorReportedEchoSpacing": 0.000489993,
    "DeviceSerialNumber": "166048",
    "DwellTime": 2.9e-06,
    "EchoTime": 0.023,
    "EchoTrainLength": 74,
    "EffectiveEchoSpacing": 0.000489993,
    "FlipAngle": 76,
    "ImageOrientationPatientDICOM": [
      1,
      0,
      0,
      0,
      0.951057,
      -0.309017
    ],
    "ImageType": [
      "ORIGINAL",
      "PRIMARY",
      "M",
      "ND",
      "NORM",
      "MOSAIC"
    ],
    "ImagingFrequency": 123.245,
    "InPlanePhaseEncodingDirectionDICOM": "COL",
    "InstitutionAddress": "North_13th_1701_Philadelphia_PA_US_19122",
    "InstitutionName": "Temple_University_-_Weiss_Hall",
    "InstitutionalDepartmentName": "Department",
    "MRAcquisitionType": "2D",
    "MagneticFieldStrength": 3,
    "Manufacturer": "Siemens",
    "ManufacturersModelName": "Prisma",
    "Modality": "MR",
    "PartialFourier": 1,
    "PatientPosition": "HFS",
    "PercentPhaseFOV": 100,
    "PhaseEncodingDirection": "j-",
    "PhaseEncodingSteps": 74,
    "PhaseResolution": 1,
    "PixelBandwidth": 2330,
    "ProcedureStepDescription": "SMITH_SRNDNA",
    "ProtocolName": "func-bold_task-UG_run1",
    "PulseSequenceDetails": "%SiemensSeq%_ep2d_bold",
    "ReceiveCoilActiveElements": "HE1-4;NE1,2",
    "ReceiveCoilName": "HeadNeck_20",
    "ReconMatrixPE": 74,
    "RepetitionTime": 2.02,
    "SAR": 0.13745,
    "ScanOptions": "FS",
    "ScanningSequence": "EP",
    "SequenceName": "_epfid2d1_74",
    "SequenceVariant": "SK",
    "SeriesDescription": "func-bold_task-UG_run1",
    "SeriesNumber": 17,
    "ShimSetting": [
      1400,
      -7439,
      6535,
      138,
      49,
      -18,
      -78,
      74
    ],
    "SliceThickness": 2.8,
    "SliceTiming": [
      1.945,
      1.89,
      1.8325,
      1.7775,
      1.7225,
      1.6675,
      1.6125,
      1.555,
      1.5,
      1.445,
      1.39,
      1.3325,
      1.2775,
      1.2225,
      1.1675,
      1.1125,
      1.055,
      1,
      0.945,
      0.89,
      0.8325,
      0.7775,
      0.7225,
      0.6675,
      0.6125,
      0.555,
      0.5,
      0.445,
      0.39,
      0.335,
      0.2775,
      0.2225,
      0.1675,
      0.1125,
      0.055,
      0
    ],
    "SoftwareVersions": "syngo_MR_E11",
    "SpacingBetweenSlices": 3.22,
    "StationName": "AWP166048",
    "TaskName": "ultimatum",
    "TotalReadoutTime": 0.0357695,
    "TxRefAmp": 354.935,
    "dataset": "<unset>",
    "modality": "bold",
    "run_id": 2,
    "subject_id": "140",
    "task_id": "ultimatum"
  },
  "dummy_trs": 3,
  "dvars_nstd": 36.25658714535714,
  "dvars_std": 1.3855377552551011,
  "dvars_vstd": 1.0008777212244893,
  "efc": 0.542231511171904,
  "fber": 1303.598876953125,
  "fd_mean": 0.37149437815858427,
  "fd_num": 172,
  "fd_perc": 87.30964467005076,
  "fwhm_avg": 1.7115443381343074,
  "fwhm_x": 1.6719291488900323,
  "fwhm_y": 1.7927038803511144,
  "fwhm_z": 1.6699999851617755,
  "gcor": 0.0126717,
  "gsr_x": -0.0032851980067789555,
  "gsr_y": 0.03552238643169403,
  "provenance": {
    "md5sum": "ad1212d497ac6fa3fdb7ee2530f2d97b",
    "settings": {
      "fd_thres": 0.2,
      "testing": false
    },
    "software": "mriqc",
    "version": "22.0.6",
    "webapi_port": null,
    "webapi_url": "https://mriqc.nimh.nih.gov/api/v1"
  },
  "size_t": 197,
  "size_x": 74,
  "size_y": 74,
  "size_z": 36,
  "snr": 6.400610150353583,
  "spacing_tr": 2.0199999809265137,
  "spacing_x": 2.972972869873047,
  "spacing_y": 2.972972869873047,
  "spacing_z": 3.2200000286102295,
  "summary_bg_k": 20.38368540508033,
  "summary_bg_mad": 11.198537780595604,
  "summary_bg_mean": 52.199073791503906,
  "summary_bg_median": 19.71065902709961,
  "summary_bg_n": 123168.0,
  "summary_bg_p05": 10.548223495483398,
  "summary_bg_p95": 199.91699905395504,
  "summary_bg_stdv": 81.32132720947266,
  "summary_fg_k": 2.507163768196568,
  "summary_fg_mad": 103.79722202325965,
  "summary_fg_mean": 733.3063354492188,
  "summary_fg_median": 721.532958984375,
  "summary_fg_n": 35976.0,
  "summary_fg_p05": 585.6738433837891,
  "summary_fg_p95": 922.5799407958984,
  "summary_fg_stdv": 112.72721099853516,
  "tsnr": 54.73313976544887
}