{
  "aor": 0.001402039800995025,
  "aqi": 0.007806422587064678,
  "bids_meta": {
    "AcquisitionMatrixPE": 74,
    "AcquisitionNumber": 1,
    "AcquisitionTime": "19:18:56.845000",
    "BandwidthPerPixelPhaseEncode": 27.579,
    "BaseResolution": 74,
    "BodyPartExamined": "BRAIN",
    "CogAtlasID": "http://www.cognitiveatlas.org/task/id/TODO",
    "CoilString": "HE1-4;NE1_2",
    "ConsistencyInfo": "N4_VE11C_LATEST_20160120",
    "ConversionSoftware": "dcm2niix",
    "ConversionSoftwareVersion": "v1.0.20190410  GCC6.3.0",
    "DerivedVendorReportedEchoSpacing": 0.000489993,
    "DeviceSerialNumber": "166048",
    "DwellTime": 2.9e-06,
    "EchoTime": 0.023,
    "EchoTrainLength": 74,
    "EffectiveEchoSpacing": 0.000489993,
    "FlipAngle": 76,
    "ImageOrientationPatientDICOM": [
      1,
      0,
      0,
      0,
      0.951057,
      -0.309017
    ],
    "ImageType": [
      "ORIGINAL",
      "PRIMARY",
      "M",
      "ND",
      "NORM",
      "MOSAIC"
    ],
    "ImagingFrequency": 123.245,
    "InPlanePhaseEncodingDirectionDICOM": "COL",
    "InstitutionAddress": "North_13th_1701_Philadelphia_PA_US_19122",
    "InstitutionName": "Temple_University_-_Weiss_Hall",
    "InstitutionalDepartmentName": "Department",
    "MRAcquisitionType": "2D",
    "MagneticFieldStrength": 3,
    "Manufacturer": "Siemens",
    "ManufacturersModelName": "Prisma",
    "Modality": "MR",
    "PartialFourier": 1,
    "PatientPosition": "HFS",
    "PercentPhaseFOV": 100,
    "PhaseEncodingDirection": "j-",
    "PhaseEncodingSteps": 74,
    "PhaseResolution": 1,
    "PixelBandwidth": 2330,
    "ProcedureStepDescription": "SMITH_SRNDNA",
    "ProtocolName": "func-bold_task-reward_run0",
    "PulseSequenceDetails": "%SiemensSeq%_ep2d_bold",
    "ReceiveCoilActiveElements": "HE1-4;NE1,2",
    "ReceiveCoilName": "HeadNeck_20",
    "ReconMatrixPE": 74,
    "RepetitionTime": 2.02,
    "SAR": 0.137455,
    "ScanOptions": "FS",
    "ScanningSequence": "EP",
    "SequenceName": "_epfid2d1_74",
    "SequenceVariant": "SK",
    "SeriesDescription": "func-bold_task-reward_run0",
    "SeriesNumber": 14,
    "ShimSetting": [
      1400,
      -7439,
      6535,
      138,
      49,
      -18,
      -78,
      74
    ],
    "SliceThickness": 2.8,
    "SliceTiming": [
      1.945,
      1.8875,
      1.8325,
      1.7775,
      1.7225,
      1.6675,
      1.61,
      1.555,
      1.5,
      1.445,
      1.39,
      1.3325,
      1.2775,
      1.2225,
      1.1675,
      1.11,
      1.055,
      1,
      0.945,
      0.89,
      0.8325,
      0.7775,
      0.7225,
      0.6675,
      0.61,
      0.555,
      0.5,
      0.445,
      0.39,
      0.3325,
      0.2775,
      0.2225,
      0.1675,
      0.11,
      0.055,
      0
    ],
    "SoftwareVersions": "syngo_MR_E11",
    "SpacingBetweenSlices": 3.22,
    "StationName": "AWP166048",
    "TaskName": "sharedreward",
    "TotalReadoutTime": 0.0357695,
    "TxRefAmp": 354.935,
    "dataset": "<unset>",
    "modality": "bold",
    "run_id": 1,
    "subject_id": "140",
    "task_id": "sharedreward"
  },
  "dummy_trs": 1,
  "dvars_nstd": 35.40631361894999,
  "dvars_std": 1.4392609318,
  "dvars_vstd": 1.0015856818,
  "efc": 0.5422097720666655,
  "fber": 1259.408447265625,
  "fd_mean": 0.27556346177074675,
  "fd_num": 148,
  "fd_perc": 73.6318407960199,
  "fwhm_avg": 1.6954151230488357,
  "fwhm_x": 1.649123693553706,
  "fwhm_y": 1.7829695163771722,
  "fwhm_z": 1.6541521592156294,
  "gcor": 0.0169381,
  "gsr_x": -0.008333281613886356,
  "gsr_y": 0.035700906068086624,
  "provenance": {
    "md5sum": "e478a90b762432d1575540cdfb1eee10",
    "settings": {
      "fd_thres": 0.2,
      "testing": false
    },
    "software": "mriqc",
    "version": "22.0.6",
    "webapi_port": null,
    "webapi_url": "https://mriqc.nimh.nih.gov/api/v1"
  },
  "size_t": 201,
  "size_x": 74,
  "size_y": 74,
  "size_z": 36,
  "snr": 6.424574389677545,
  "spacing_tr": 2.0199999809265137,
  "spacing_x": 2.972972869873047,
  "spacing_y": 2.972972869873047,
  "spacing_z": 3.2200000286102295,
  "summary_bg_k": 22.268912232889853,
  "summary_bg_mad": 11.440377426608517,
  "summary_bg_mean": 51.51466751098633,
  "summary_bg_median": 20.04975128173828,
  "summary_bg_n": 123035.0,
  "summary_bg_p05": 10.756218910217285,
  "summary_bg_p95": 194.82586669921818,
  "summary_bg_stdv": 79.89024353027344,
  "summary_fg_k": 2.283962927160796,
  "summary_fg_mad": 104.46079148543626,
  "summary_fg_mean": 733.2713012695312,
  "summary_fg_median": 721.4825439453125,
  "summary_fg_n": 35982.0,
  "summary_fg_p05": 586.1154357910157,
  "summary_fg_p95": 923.5121429443359,
  "summary_fg_stdv": 112.29888153076172,
  "tsnr": 72.82584755448624
}