{
  "bids_meta": {
    "AcquisitionMatrixPE": 192,
    "AcquisitionNumber": 1,
    "AcquisitionTime": "11:49:5.565000",
    "BaseResolution": 192,
    "BodyPartExamined": "BRAIN",
    "CoilString": "HE1-4;NE1_2",
    "ConsistencyInfo": "N4_VE11C_LATEST_20160120",
    "ConversionSoftware": "dcm2niix",
    "ConversionSoftwareVersion": "v1.0.20190410  GCC6.3.0",
    "DeviceSerialNumber": "166048",
    "DwellTime": 3.5e-06,
    "EchoTime": 0.567,
    "EchoTrainLength": 314,
    "FlipAngle": 120,
    "ImageOrientationPatientDICOM": [
      0,
      1,
      0,
      -0.0540789,
      0,
      -0.998537
    ],
    "ImageType": [
      "ORIGINAL",
      "PRIMARY",
      "M",
      "ND",
      "NORM"
    ],
    "ImagingFrequency": 123.246,
    "InPlanePhaseEncodingDirectionDICOM": "ROW",
    "InstitutionAddress": "North_13th_1701_Philadelphia_PA_US_19122",
    "InstitutionName": "Temple_University_-_Weiss_Hall",
    "InstitutionalDepartmentName": "Department",
    "MRAcquisitionType": "3D",
    "MagneticFieldStrength": 3,
    "Manufacturer": "Siemens",
    "ManufacturersModelName": "Prisma",
    "Modality": "MR",
    "PartialFourier": 1,
    "PatientPosition": "HFS",
    "PercentPhaseFOV": 100,
    "PhaseEncodingSteps": 209,
    "PhaseOversampling": 0.1,
    "PhaseResolution": 1,
    "PixelBandwidth": 745,
    "ProcedureStepDescription": "SMITH_SRNDNA",
    "ProtocolName": "T2w-anat_spc_07sag_iso",
    "PulseSequenceDetails": "%SiemensSeq%_tse_vfl",
    "ReceiveCoilActiveElements": "HE1-4;NE1,2",
    "ReceiveCoilName": "HeadNeck_20",
    "ReconMatrixPE": 192,
    "RefLinesPE": 32,
    "RepetitionTime": 3.2,
    "SAR": 0.169549,
    "ScanOptions": "PFP",
    "ScanningSequence": "SE",
    "SequenceName": "_spc_314ns",
    "SequenceVariant": "SK_SP_OSP",
    "SeriesDescription": "T2w-anat_spc_07sag_iso",
    "SeriesNumber": 3,
    "ShimSetting": [
      1395,
      -7366,
      6449,
      129,
      91,
      -213,
      -22,
      -30
    ],
    "SliceThickness": 1,
    "SoftwareVersions": "syngo_MR_E11",
    "StationName": "AWP166048",
    "TxRefAmp": 266.322,
    "dataset": "<unset>",
    "modality": "T2w",
    "subject_id": "128"
  },
  "cjv": 0.5580072500736717,
  "cnr": 2.5499910399767596,
  "efc": 0.5927745577951096,
  "fber": 5616.914672241444,
  "fwhm_avg": 2.7423766666666665,
  "fwhm_x": 2.58657,
  "fwhm_y": 3.05652,
  "fwhm_z": 2.58404,
  "icvs_csf": 0.2780744454673266,
  "icvs_gm": 0.6676949623296984,
  "icvs_wm": 0.05423059220297498,
  "inu_med": 0.8760408759117126,
  "inu_range": 0.207345113158226,
  "provenance": {
    "md5sum": "3606097885c5ce586a29a82525a4aff3",
    "settings": {
      "testing": false
    },
    "software": "mriqc",
    "version": "22.0.6",
    "warnings": {
      "large_rot_frame": true,
      "small_air_mask": false
    },
    "webapi_port": null,
    "webapi_url": "https://mriqc.nimh.nih.gov/api/v1"
  },
  "qi_1": 0.0,
  "qi_2": 0.0011402061324803602,
  "rpve_csf": 10.327192734557753,
  "rpve_gm": 5.822813295258401,
  "rpve_wm": 62.18419384097854,
  "size_x": 192,
  "size_y": 192,
  "size_z": 192,
  "snr_csf": 5.175408328254468,
  "snr_gm": 6.7894661041680004,
  "snr_total": 4.389065171163157,
  "snr_wm": 1.2023210810670026,
  "snrd_csf": 143.3868263428268,
  "snrd_gm": 48.742077120485924,
  "snrd_total": 68.68879313976736,
  "snrd_wm": 13.937475955989335,
  "spacing_x": 1.0,
  "spacing_y": 1.0,
  "spacing_z": 1.0,
  "summary_bg_k": 5.125042711284289,
  "summary_bg_mad": 0.0,
  "summary_bg_mean": 32.43373425806614,
  "summary_bg_median": 0.0,
  "summary_bg_n": 1944213.0,
  "summary_bg_p05": 0.0,
  "summary_bg_p95": 135.88967782258987,
  "summary_bg_stdv": 46.97903348415221,
  "summary_csf_k": 1.03209707089575,
  "summary_csf_mad": 1828.8586275620785,
  "summary_csf_mean": 10518.565036013004,
  "summary_csf_median": 10282.094714850187,
  "summary_csf_n": 75993.0,
  "summary_csf_p05": 7158.022415363789,
  "summary_csf_p95": 13350.824485480785,
  "summary_csf_stdv": 1986.7083736955026,
  "summary_gm_k": 0.11967579301458242,
  "summary_gm_mad": 505.338141046057,
  "summary_gm_mean": 3539.390099885308,
  "summary_gm_median": 3495.234997063875,
  "summary_gm_n": 387014.0,
  "summary_gm_p05": 2765.7810004353523,
  "summary_gm_p95": 4458.795963406563,
  "summary_gm_stdv": 514.8019634815071,
  "summary_wm_k": 7.370487874956,
  "summary_wm_mad": 887.3338805604777,
  "summary_wm_mean": 1133.1292634863375,
  "summary_wm_median": 999.4394291341305,
  "summary_wm_n": 2529.0,
  "summary_wm_p05": 142.70658575296403,
  "summary_wm_p95": 2479.022386574745,
  "summary_wm_stdv": 831.0939810983392,
  "tpm_overlap_csf": 0.1588605721143092,
  "tpm_overlap_gm": 0.4056737813596181,
  "tpm_overlap_wm": 0.023476531576773554,
  "wm2max": 0.0736547434972732
}