{
  "bids_meta": {
    "AcquisitionMatrixPE": 192,
    "AcquisitionNumber": 1,
    "AcquisitionTime": "11:53:8.257500",
    "BaseResolution": 192,
    "BodyPartExamined": "BRAIN",
    "CoilString": "HE1-4;NE1_2",
    "ConsistencyInfo": "N4_VE11C_LATEST_20160120",
    "ConversionSoftware": "dcm2niix",
    "ConversionSoftwareVersion": "v1.0.20190410  GCC6.3.0",
    "DeviceSerialNumber": "166048",
    "DwellTime": 1.24e-05,
    "EchoTime": 0.0022,
    "FlipAngle": 8,
    "ImageOrientationPatientDICOM": [
      0,
      1,
      0,
      -0.0540789,
      0,
      -0.998537
    ],
    "ImageType": [
      "ORIGINAL",
      "PRIMARY",
      "M",
      "ND",
      "NORM",
      "FM3",
      "2",
      "FIL"
    ],
    "ImagingFrequency": 123.246,
    "InPlanePhaseEncodingDirectionDICOM": "ROW",
    "InstitutionAddress": "North_13th_1701_Philadelphia_PA_US_19122",
    "InstitutionName": "Temple_University_-_Weiss_Hall",
    "InstitutionalDepartmentName": "Department",
    "InversionTime": 1.15,
    "MRAcquisitionType": "3D",
    "MagneticFieldStrength": 3,
    "Manufacturer": "Siemens",
    "ManufacturersModelName": "Prisma",
    "Modality": "MR",
    "PartialFourier": 1,
    "PatientPosition": "HFS",
    "PercentPhaseFOV": 100,
    "PhaseEncodingSteps": 211,
    "PhaseOversampling": 0.1,
    "PhaseResolution": 1,
    "PixelBandwidth": 210,
    "ProcedureStepDescription": "SMITH_SRNDNA",
    "ProtocolName": "T1w-anat_mpg_07sag_iso",
    "PulseSequenceDetails": "%SiemensSeq%_tfl",
    "ReceiveCoilActiveElements": "HE1-4;NE1,2",
    "ReceiveCoilName": "HeadNeck_20",
    "ReconMatrixPE": 192,
    "RefLinesPE": 32,
    "RepetitionTime": 2.4,
    "SAR": 0.0461575,
    "ScanOptions": "IR_WE",
    "ScanningSequence": "GR_IR",
    "SequenceName": "_tfl3d1_16ns",
    "SequenceVariant": "SK_SP_MP_OSP",
    "SeriesDescription": "T1w-anat_mpg_07sag_iso",
    "SeriesNumber": 5,
    "ShimSetting": [
      1395,
      -7366,
      6449,
      129,
      91,
      -213,
      -22,
      -30
    ],
    "SliceThickness": 1,
    "SoftwareVersions": "syngo_MR_E11",
    "StationName": "AWP166048",
    "TxRefAmp": 266.322,
    "dataset": "<unset>",
    "modality": "T1w",
    "subject_id": "128"
  },
  "cjv": 0.3766590087976146,
  "cnr": 3.606621225109751,
  "efc": 0.6285930154363127,
  "fber": 30527.283953287202,
  "fwhm_avg": 4.194283333333334,
  "fwhm_x": 4.108,
  "fwhm_y": 4.30088,
  "fwhm_z": 4.17397,
  "icvs_csf": 0.26290025773911235,
  "icvs_gm": 0.3874642984893981,
  "icvs_wm": 0.3496354437714896,
  "inu_med": 0.43807552754879,
  "inu_range": 0.16602175831794735,
  "provenance": {
    "md5sum": "a221c7d392e878cff4766f54d54c6f8c",
    "settings": {
      "testing": false
    },
    "software": "mriqc",
    "version": "22.0.6",
    "warnings": {
      "large_rot_frame": true,
      "small_air_mask": false
    },
    "webapi_port": null,
    "webapi_url": "https://mriqc.nimh.nih.gov/api/v1"
  },
  "qi_1": 0.0,
  "qi_2": 0.004817518901721689,
  "rpve_csf": 12.593795812789716,
  "rpve_gm": 8.060251926213963,
  "rpve_wm": 10.559414913669608,
  "size_x": 192,
  "size_y": 192,
  "size_z": 192,
  "snr_csf": 2.86440454578974,
  "snr_gm": 11.763456912430506,
  "snr_total": 13.86325648326047,
  "snr_wm": 26.961907991561162,
  "snrd_csf": 28.641228515042435,
  "snrd_gm": 91.65992202532213,
  "snrd_total": 81.56871197857141,
  "snrd_wm": 124.40498539534971,
  "spacing_x": 1.0,
  "spacing_y": 1.0,
  "spacing_z": 1.0,
  "summary_bg_k": 8.569016199448814,
  "summary_bg_mad": 0.0,
  "summary_bg_mean": 3.3554501807504344,
  "summary_bg_median": 0.0,
  "summary_bg_n": 1966581.0,
  "summary_bg_p05": 0.0,
  "summary_bg_p95": 13.626978792250156,
  "summary_bg_stdv": 5.266400402417649,
  "summary_csf_k": 2.7621628316640576,
  "summary_csf_mad": 61.9366521023927,
  "summary_csf_mean": 241.32059276391666,
  "summary_csf_median": 230.23629488050938,
  "summary_csf_n": 74851.0,
  "summary_csf_p05": 133.67745020613074,
  "summary_csf_p95": 395.2970901839435,
  "summary_csf_stdv": 80.37787722747818,
  "summary_gm_k": -0.04078517445046792,
  "summary_gm_mad": 63.60326163178163,
  "summary_gm_mean": 734.629777064011,
  "summary_gm_median": 736.8203785344958,
  "summary_gm_n": 29659.0,
  "summary_gm_p05": 629.5939494520426,
  "summary_gm_p95": 834.2762179408222,
  "summary_gm_stdv": 62.63532585562985,
  "summary_wm_k": 0.4258779548424134,
  "summary_wm_mad": 35.54299914717209,
  "summary_wm_mean": 999.7003497343975,
  "summary_wm_median": 1000.0458914339542,
  "summary_wm_n": 191691.0,
  "summary_wm_p05": 938.9538972862065,
  "summary_wm_p95": 1059.899069327861,
  "summary_wm_stdv": 37.09096860872577,
  "tpm_overlap_csf": 0.16743655171735758,
  "tpm_overlap_gm": 0.4317656575341273,
  "tpm_overlap_wm": 0.5038013870411737,
  "wm2max": 0.8742870156996322
}