{
  "aor": 0.002615671641791045,
  "aqi": 0.027062257711442786,
  "bids_meta": {
    "AcquisitionMatrixPE": 74,
    "AcquisitionNumber": 1,
    "AcquisitionTime": "16:56:21.827500",
    "BandwidthPerPixelPhaseEncode": 27.579,
    "BaseResolution": 74,
    "BodyPartExamined": "BRAIN",
    "CogAtlasID": "http://www.cognitiveatlas.org/task/id/TODO",
    "CoilString": "HE1-4;NE1_2",
    "ConsistencyInfo": "N4_VE11C_LATEST_20160120",
    "ConversionSoftware": "dcm2niix",
    "ConversionSoftwareVersion": "v1.0.20190410  GCC6.3.0",
    "DerivedVendorReportedEchoSpacing": 0.000489993,
    "DeviceSerialNumber": "166048",
    "DwellTime": 2.9e-06,
    "EchoTime": 0.023,
    "EchoTrainLength": 74,
    "EffectiveEchoSpacing": 0.000489993,
    "FlipAngle": 76,
    "ImageOrientationPatientDICOM": [
      1,
      0,
      0,
      0,
      0.92521,
      -0.379456
    ],
    "ImageType": [
      "ORIGINAL",
      "PRIMARY",
      "M",
      "ND",
      "NORM",
      "MOSAIC"
    ],
    "ImagingFrequency": 123.246,
    "InPlanePhaseEncodingDirectionDICOM": "COL",
    "InstitutionAddress": "North_13th_1701_Philadelphia_PA_US_19122",
    "InstitutionName": "Temple_University_-_Weiss_Hall",
    "InstitutionalDepartmentName": "Department",
    "MRAcquisitionType": "2D",
    "MagneticFieldStrength": 3,
    "Manufacturer": "Siemens",
    "ManufacturersModelName": "Prisma",
    "Modality": "MR",
    "PartialFourier": 1,
    "PatientPosition": "HFS",
    "PercentPhaseFOV": 100,
    "PhaseEncodingDirection": "j-",
    "PhaseEncodingSteps": 74,
    "PhaseResolution": 1,
    "PixelBandwidth": 2330,
    "ProcedureStepDescription": "SMITH_SRNDNA",
    "ProtocolName": "func-bold_task-reward_run0",
    "PulseSequenceDetails": "%SiemensSeq%_ep2d_bold",
    "ReceiveCoilActiveElements": "HE1-4;NE1,2",
    "ReceiveCoilName": "HeadNeck_20",
    "ReconMatrixPE": 74,
    "RepetitionTime": 2.02,
    "SAR": 0.105201,
    "ScanOptions": "FS",
    "ScanningSequence": "EP",
    "SequenceName": "_epfid2d1_74",
    "SequenceVariant": "SK",
    "SeriesDescription": "func-bold_task-reward_run0",
    "SeriesNumber": 14,
    "ShimSetting": [
      1422,
      -7369,
      6500,
      229,
      -66,
      39,
      -145,
      2
    ],
    "SliceThickness": 2.8,
    "SliceTiming": [
      1.945,
      1.89,
      1.8325,
      1.7775,
      1.7225,
      1.6675,
      1.6125,
      1.555,
      1.5,
      1.445,
      1.39,
      1.3325,
      1.2775,
      1.2225,
      1.1675,
      1.1125,
      1.055,
      1,
      0.945,
      0.89,
      0.8325,
      0.7775,
      0.7225,
      0.6675,
      0.6125,
      0.555,
      0.5,
      0.445,
      0.39,
      0.3325,
      0.2775,
      0.2225,
      0.1675,
      0.1125,
      0.055,
      0
    ],
    "SoftwareVersions": "syngo_MR_E11",
    "SpacingBetweenSlices": 3.22,
    "StationName": "AWP166048",
    "TaskName": "sharedreward",
    "TotalReadoutTime": 0.0357695,
    "TxRefAmp": 316.624,
    "dataset": "<unset>",
    "modality": "bold",
    "run_id": 1,
    "subject_id": "138",
    "task_id": "sharedreward"
  },
  "dummy_trs": 1,
  "dvars_nstd": 55.61252564444998,
  "dvars_std": 1.2064263603999994,
  "dvars_vstd": 0.9748887788499999,
  "efc": 0.5496645712920913,
  "fber": 1503.36181640625,
  "fd_mean": 0.8772206417263041,
  "fd_num": 195,
  "fd_perc": 97.01492537313433,
  "fwhm_avg": 1.9438060138604285,
  "fwhm_x": 1.830319427110132,
  "fwhm_y": 2.1041700598971045,
  "fwhm_z": 1.8969285545740493,
  "gcor": 0.0203029,
  "gsr_x": -0.0073877847753465176,
  "gsr_y": 0.050190795212984085,
  "provenance": {
    "md5sum": "83895cdd664d07e1ef9dc23e4bc34270",
    "settings": {
      "fd_thres": 0.2,
      "testing": false
    },
    "software": "mriqc",
    "version": "22.0.6",
    "webapi_port": null,
    "webapi_url": "https://mriqc.nimh.nih.gov/api/v1"
  },
  "size_t": 201,
  "size_x": 74,
  "size_y": 74,
  "size_z": 36,
  "snr": 5.5013458706731715,
  "spacing_tr": 2.0199999809265137,
  "spacing_x": 2.972972869873047,
  "spacing_y": 2.9729726314544678,
  "spacing_z": 3.2200000286102295,
  "summary_bg_k": 28.085338073569293,
  "summary_bg_mad": 11.410873165120979,
  "summary_bg_mean": 55.81291961669922,
  "summary_bg_median": 20.92039680480957,
  "summary_bg_n": 118903.0,
  "summary_bg_p05": 10.776119232177734,
  "summary_bg_p95": 218.26715393066397,
  "summary_bg_stdv": 91.81396484375,
  "summary_fg_k": 1.9062177857723945,
  "summary_fg_mad": 124.99226227136984,
  "summary_fg_mean": 844.080810546875,
  "summary_fg_median": 820.84326171875,
  "summary_fg_n": 39754.0,
  "summary_fg_p05": 651.8091827392578,
  "summary_fg_p95": 1122.9007507324218,
  "summary_fg_stdv": 149.20584106445312,
  "tsnr": 33.55451781593729
}