{
  "aor": 0.0030235175879396985,
  "aqi": 0.02329168040201005,
  "bids_meta": {
    "AcquisitionMatrixPE": 74,
    "AcquisitionNumber": 1,
    "AcquisitionTime": "17:24:10.110000",
    "BandwidthPerPixelPhaseEncode": 27.579,
    "BaseResolution": 74,
    "BodyPartExamined": "BRAIN",
    "CogAtlasID": "http://www.cognitiveatlas.org/task/id/TODO",
    "CoilString": "HE1-4;NE1_2",
    "ConsistencyInfo": "N4_VE11C_LATEST_20160120",
    "ConversionSoftware": "dcm2niix",
    "ConversionSoftwareVersion": "v1.0.20190410  GCC6.3.0",
    "DerivedVendorReportedEchoSpacing": 0.000489993,
    "DeviceSerialNumber": "166048",
    "DwellTime": 2.9e-06,
    "EchoTime": 0.023,
    "EchoTrainLength": 74,
    "EffectiveEchoSpacing": 0.000489993,
    "FlipAngle": 76,
    "ImageOrientationPatientDICOM": [
      1,
      0,
      0,
      0,
      0.92521,
      -0.379456
    ],
    "ImageType": [
      "ORIGINAL",
      "PRIMARY",
      "M",
      "ND",
      "NORM",
      "MOSAIC"
    ],
    "ImagingFrequency": 123.246,
    "InPlanePhaseEncodingDirectionDICOM": "COL",
    "InstitutionAddress": "North_13th_1701_Philadelphia_PA_US_19122",
    "InstitutionName": "Temple_University_-_Weiss_Hall",
    "InstitutionalDepartmentName": "Department",
    "MRAcquisitionType": "2D",
    "MagneticFieldStrength": 3,
    "Manufacturer": "Siemens",
    "ManufacturersModelName": "Prisma",
    "Modality": "MR",
    "PartialFourier": 1,
    "PatientPosition": "HFS",
    "PercentPhaseFOV": 100,
    "PhaseEncodingDirection": "j-",
    "PhaseEncodingSteps": 74,
    "PhaseResolution": 1,
    "PixelBandwidth": 2330,
    "ProcedureStepDescription": "SMITH_SRNDNA",
    "ProtocolName": "func-bold_task-UG_run1",
    "PulseSequenceDetails": "%SiemensSeq%_ep2d_bold",
    "ReceiveCoilActiveElements": "HE1-4;NE1,2",
    "ReceiveCoilName": "HeadNeck_20",
    "ReconMatrixPE": 74,
    "RepetitionTime": 2.02,
    "SAR": 0.105197,
    "ScanOptions": "FS",
    "ScanningSequence": "EP",
    "SequenceName": "_epfid2d1_74",
    "SequenceVariant": "SK",
    "SeriesDescription": "func-bold_task-UG_run1",
    "SeriesNumber": 17,
    "ShimSetting": [
      1422,
      -7369,
      6500,
      229,
      -66,
      39,
      -145,
      2
    ],
    "SliceThickness": 2.8,
    "SliceTiming": [
      1.945,
      1.89,
      1.835,
      1.7775,
      1.7225,
      1.6675,
      1.6125,
      1.555,
      1.5,
      1.445,
      1.39,
      1.335,
      1.2775,
      1.2225,
      1.1675,
      1.1125,
      1.055,
      1,
      0.945,
      0.89,
      0.835,
      0.7775,
      0.7225,
      0.6675,
      0.6125,
      0.555,
      0.5,
      0.445,
      0.39,
      0.335,
      0.2775,
      0.2225,
      0.1675,
      0.1125,
      0.0575,
      0
    ],
    "SoftwareVersions": "syngo_MR_E11",
    "SpacingBetweenSlices": 3.22,
    "StationName": "AWP166048",
    "TaskName": "ultimatum",
    "TotalReadoutTime": 0.0357695,
    "TxRefAmp": 316.624,
    "dataset": "<unset>",
    "modality": "bold",
    "run_id": 2,
    "subject_id": "138",
    "task_id": "ultimatum"
  },
  "dummy_trs": 1,
  "dvars_nstd": 44.448840661161604,
  "dvars_std": 1.1552783870202021,
  "dvars_vstd": 0.9393348380808082,
  "efc": 0.5536639803315536,
  "fber": 1428.377685546875,
  "fd_mean": 0.6746478517105117,
  "fd_num": 164,
  "fd_perc": 82.41206030150754,
  "fwhm_avg": 1.9482634776340995,
  "fwhm_x": 1.850787155092661,
  "fwhm_y": 2.1254349714308076,
  "fwhm_z": 1.8685683063788299,
  "gcor": 0.0233477,
  "gsr_x": -0.00798865593969822,
  "gsr_y": 0.052855875343084335,
  "provenance": {
    "md5sum": "ca75e8fc816eab84805ebac560b39864",
    "settings": {
      "fd_thres": 0.2,
      "testing": false
    },
    "software": "mriqc",
    "version": "22.0.6",
    "webapi_port": null,
    "webapi_url": "https://mriqc.nimh.nih.gov/api/v1"
  },
  "size_t": 199,
  "size_x": 74,
  "size_y": 74,
  "size_z": 36,
  "snr": 5.496312421060506,
  "spacing_tr": 2.0199999809265137,
  "spacing_x": 2.972972869873047,
  "spacing_y": 2.9729726314544678,
  "spacing_z": 3.2200000286102295,
  "summary_bg_k": 25.169676853941123,
  "summary_bg_mad": 11.465953112328425,
  "summary_bg_mean": 57.659725189208984,
  "summary_bg_median": 21.28643226623535,
  "summary_bg_n": 118784.0,
  "summary_bg_p05": 11.100502014160156,
  "summary_bg_p95": 229.59999771118146,
  "summary_bg_stdv": 93.16815185546875,
  "summary_fg_k": 1.8716359235169016,
  "summary_fg_mad": 124.79929051655031,
  "summary_fg_mean": 838.4352416992188,
  "summary_fg_median": 815.2462158203125,
  "summary_fg_n": 39879.0,
  "summary_fg_p05": 647.2814086914062,
  "summary_fg_p95": 1117.2784179687499,
  "summary_fg_stdv": 148.3241729736328,
  "tsnr": 35.924498045118526
}