{
  "bids_meta": {
    "AcquisitionMatrixPE": 192,
    "AcquisitionNumber": 1,
    "AcquisitionTime": "11:48:20.530000",
    "BaseResolution": 192,
    "BodyPartExamined": "BRAIN",
    "CoilString": "HE1-4;NE1_2",
    "ConsistencyInfo": "N4_VE11C_LATEST_20160120",
    "ConversionSoftware": "dcm2niix",
    "ConversionSoftwareVersion": "v1.0.20190410  GCC6.3.0",
    "DeviceSerialNumber": "166048",
    "DwellTime": 3.5e-06,
    "EchoTime": 0.567,
    "EchoTrainLength": 314,
    "FlipAngle": 120,
    "ImageOrientationPatientDICOM": [
      0,
      1,
      0,
      0,
      0,
      -1
    ],
    "ImageType": [
      "ORIGINAL",
      "PRIMARY",
      "M",
      "ND",
      "NORM"
    ],
    "ImagingFrequency": 123.246,
    "InPlanePhaseEncodingDirectionDICOM": "ROW",
    "InstitutionAddress": "North_13th_1701_Philadelphia_PA_US_19122",
    "InstitutionName": "Temple_University_-_Weiss_Hall",
    "InstitutionalDepartmentName": "Department",
    "MRAcquisitionType": "3D",
    "MagneticFieldStrength": 3,
    "Manufacturer": "Siemens",
    "ManufacturersModelName": "Prisma",
    "Modality": "MR",
    "PartialFourier": 1,
    "PatientPosition": "HFS",
    "PercentPhaseFOV": 100,
    "PhaseEncodingSteps": 209,
    "PhaseOversampling": 0.1,
    "PhaseResolution": 1,
    "PixelBandwidth": 745,
    "ProcedureStepDescription": "SMITH_SRNDNA",
    "ProtocolName": "T2w-anat_spc_07sag_iso",
    "PulseSequenceDetails": "%SiemensSeq%_tse_vfl",
    "ReceiveCoilActiveElements": "HE1-4;NE1,2",
    "ReceiveCoilName": "HeadNeck_20",
    "ReconMatrixPE": 192,
    "RefLinesPE": 32,
    "RepetitionTime": 3.2,
    "SAR": 0.154963,
    "ScanOptions": "PFP",
    "ScanningSequence": "SE",
    "SequenceName": "_spc_314ns",
    "SequenceVariant": "SK_SP_OSP",
    "SeriesDescription": "T2w-anat_spc_07sag_iso",
    "SeriesNumber": 3,
    "ShimSetting": [
      1437,
      -7362,
      6402,
      232,
      -14,
      -39,
      -47,
      -18
    ],
    "SliceThickness": 1,
    "SoftwareVersions": "syngo_MR_E11",
    "StationName": "AWP166048",
    "TxRefAmp": 256.601,
    "dataset": "<unset>",
    "modality": "T2w",
    "subject_id": "127"
  },
  "cjv": 0.36736300137863387,
  "cnr": 2.988805719610787,
  "efc": 0.5759081672447798,
  "fber": 5880.875828997041,
  "fwhm_avg": 2.720883333333333,
  "fwhm_x": 2.69256,
  "fwhm_y": 2.96687,
  "fwhm_z": 2.50322,
  "icvs_csf": 0.2696983941341355,
  "icvs_gm": 0.6746058270711452,
  "icvs_wm": 0.0556957787947192,
  "inu_med": 0.8436945676803589,
  "inu_range": 0.172145938873291,
  "provenance": {
    "md5sum": "769c43af1538334d014720e2b2dbadc8",
    "settings": {
      "testing": false
    },
    "software": "mriqc",
    "version": "22.0.6",
    "warnings": {
      "large_rot_frame": true,
      "small_air_mask": false
    },
    "webapi_port": null,
    "webapi_url": "https://mriqc.nimh.nih.gov/api/v1"
  },
  "qi_1": 0.0,
  "qi_2": 0.0007178278818378976,
  "rpve_csf": 10.98954484611404,
  "rpve_gm": 5.956602455607609,
  "rpve_wm": 61.50307042376203,
  "size_x": 192,
  "size_y": 192,
  "size_z": 192,
  "snr_csf": 5.859624321214196,
  "snr_gm": 8.309059961566037,
  "snr_total": 5.050897753056616,
  "snr_wm": 0.9840089763896149,
  "snrd_csf": 150.39068198905068,
  "snrd_gm": 52.06842492250094,
  "snrd_total": 71.40046831542338,
  "snrd_wm": 11.742298034718537,
  "spacing_x": 1.0,
  "spacing_y": 1.0,
  "spacing_z": 1.0,
  "summary_bg_k": 10.423711796732007,
  "summary_bg_mad": 0.0,
  "summary_bg_mean": 34.988214155448674,
  "summary_bg_median": 0.0,
  "summary_bg_n": 1689007.0,
  "summary_bg_p05": 0.0,
  "summary_bg_p95": 152.92275953292847,
  "summary_bg_stdv": 55.92389972261141,
  "summary_csf_k": 1.4194915303774964,
  "summary_csf_mad": 2481.965936205923,
  "summary_csf_mean": 12670.139082981217,
  "summary_csf_median": 12837.682990550995,
  "summary_csf_n": 70756.0,
  "summary_csf_p05": 8869.193852484226,
  "summary_csf_p95": 15346.294743776321,
  "summary_csf_stdv": 2190.855858416003,
  "summary_gm_k": 0.23681626847309944,
  "summary_gm_mad": 514.5775050902381,
  "summary_gm_mean": 4481.882343666934,
  "summary_gm_median": 4444.676519393921,
  "summary_gm_n": 383208.0,
  "summary_gm_p05": 3663.883180618286,
  "summary_gm_p95": 5433.1942892074585,
  "summary_gm_stdv": 534.9185997752941,
  "summary_wm_k": 14.491304552845126,
  "summary_wm_mad": 750.0063861785161,
  "summary_wm_mean": 1234.342218115794,
  "summary_wm_median": 1002.3486678600311,
  "summary_wm_n": 2712.0,
  "summary_wm_p05": 173.94311496019364,
  "summary_wm_p95": 3007.5809722781178,
  "summary_wm_stdv": 1018.4499085596779,
  "tpm_overlap_csf": 0.14717889024892053,
  "tpm_overlap_gm": 0.4088463631305413,
  "tpm_overlap_wm": 0.020954746800921045,
  "wm2max": 0.06366755623332063
}