{
  "bids_meta": {
    "AcquisitionMatrixPE": 192,
    "AcquisitionNumber": 1,
    "AcquisitionTime": "11:52:24.270000",
    "BaseResolution": 192,
    "BodyPartExamined": "BRAIN",
    "CoilString": "HE1-4;NE1_2",
    "ConsistencyInfo": "N4_VE11C_LATEST_20160120",
    "ConversionSoftware": "dcm2niix",
    "ConversionSoftwareVersion": "v1.0.20190410  GCC6.3.0",
    "DeviceSerialNumber": "166048",
    "DwellTime": 1.24e-05,
    "EchoTime": 0.0022,
    "FlipAngle": 8,
    "ImageOrientationPatientDICOM": [
      0,
      1,
      0,
      0,
      0,
      -1
    ],
    "ImageType": [
      "ORIGINAL",
      "PRIMARY",
      "M",
      "ND",
      "NORM",
      "FM3",
      "2",
      "FIL"
    ],
    "ImagingFrequency": 123.246,
    "InPlanePhaseEncodingDirectionDICOM": "ROW",
    "InstitutionAddress": "North_13th_1701_Philadelphia_PA_US_19122",
    "InstitutionName": "Temple_University_-_Weiss_Hall",
    "InstitutionalDepartmentName": "Department",
    "InversionTime": 1.15,
    "MRAcquisitionType": "3D",
    "MagneticFieldStrength": 3,
    "Manufacturer": "Siemens",
    "ManufacturersModelName": "Prisma",
    "Modality": "MR",
    "PartialFourier": 1,
    "PatientPosition": "HFS",
    "PercentPhaseFOV": 100,
    "PhaseEncodingSteps": 211,
    "PhaseOversampling": 0.1,
    "PhaseResolution": 1,
    "PixelBandwidth": 210,
    "ProcedureStepDescription": "SMITH_SRNDNA",
    "ProtocolName": "T1w-anat_mpg_07sag_iso",
    "PulseSequenceDetails": "%SiemensSeq%_tfl",
    "ReceiveCoilActiveElements": "HE1-4;NE1,2",
    "ReceiveCoilName": "HeadNeck_20",
    "ReconMatrixPE": 192,
    "RefLinesPE": 32,
    "RepetitionTime": 2.4,
    "SAR": 0.0421865,
    "ScanOptions": "IR_WE",
    "ScanningSequence": "GR_IR",
    "SequenceName": "_tfl3d1_16ns",
    "SequenceVariant": "SK_SP_MP_OSP",
    "SeriesDescription": "T1w-anat_mpg_07sag_iso",
    "SeriesNumber": 5,
    "ShimSetting": [
      1437,
      -7362,
      6402,
      232,
      -14,
      -39,
      -47,
      -18
    ],
    "SliceThickness": 1,
    "SoftwareVersions": "syngo_MR_E11",
    "StationName": "AWP166048",
    "TxRefAmp": 256.601,
    "dataset": "<unset>",
    "modality": "T1w",
    "subject_id": "127"
  },
  "cjv": 0.37490658936375193,
  "cnr": 3.5016798845800565,
  "efc": 0.6096168775364176,
  "fber": -1.0,
  "fwhm_avg": 3.900463333333333,
  "fwhm_x": 3.88359,
  "fwhm_y": 3.9333,
  "fwhm_z": 3.8845,
  "icvs_csf": 0.27048191702888436,
  "icvs_gm": 0.37575166299515017,
  "icvs_wm": 0.35376641997596553,
  "inu_med": 0.44819846749305725,
  "inu_range": 0.16317819207906725,
  "provenance": {
    "md5sum": "56e325bbbb51e34a85c4e198efe81ef9",
    "settings": {
      "testing": false
    },
    "software": "mriqc",
    "version": "22.0.6",
    "warnings": {
      "large_rot_frame": true,
      "small_air_mask": false
    },
    "webapi_port": null,
    "webapi_url": "https://mriqc.nimh.nih.gov/api/v1"
  },
  "qi_1": 0.0,
  "qi_2": 0.004791771693690141,
  "rpve_csf": 12.593045870305202,
  "rpve_gm": 8.370493655589124,
  "rpve_wm": 10.750186141836242,
  "size_x": 192,
  "size_y": 192,
  "size_z": 192,
  "snr_csf": 2.973333635908145,
  "snr_gm": 13.124233965283779,
  "snr_total": 14.194999756139921,
  "snr_wm": 26.48743166722784,
  "snrd_csf": 28.132004593237415,
  "snrd_gm": 90.77583674156945,
  "snrd_total": 79.57091012844721,
  "snrd_wm": 119.80488905053477,
  "spacing_x": 1.0,
  "spacing_y": 1.0,
  "spacing_z": 1.0,
  "summary_bg_k": 177.4359140252389,
  "summary_bg_mad": 0.0,
  "summary_bg_mean": 2.9447946477166966,
  "summary_bg_median": 0.0,
  "summary_bg_n": 1657741.0,
  "summary_bg_p05": 0.0,
  "summary_bg_p95": 13.666960403323174,
  "summary_bg_stdv": 5.468808856464667,
  "summary_csf_k": 3.380523979818186,
  "summary_csf_mad": 59.544330828241144,
  "summary_csf_mean": 244.77030271262515,
  "summary_csf_median": 234.834388487041,
  "summary_csf_n": 76575.0,
  "summary_csf_p05": 139.39072040095925,
  "summary_csf_p95": 392.910789930448,
  "summary_csf_stdv": 78.97965175654488,
  "summary_gm_k": 0.4231029430216071,
  "summary_gm_mad": 54.539331038806715,
  "summary_gm_mean": 754.5588938519312,
  "summary_gm_median": 757.7593000866473,
  "summary_gm_n": 16800.0,
  "summary_gm_p05": 655.0504558939487,
  "summary_gm_p95": 845.2237547636032,
  "summary_gm_stdv": 57.735693328485326,
  "summary_wm_k": 0.561067284637979,
  "summary_wm_mad": 36.30899847244251,
  "summary_wm_mean": 1000.5782999270599,
  "summary_wm_median": 1000.0818734653294,
  "summary_wm_n": 188720.0,
  "summary_wm_p05": 939.9513395950198,
  "summary_wm_p95": 1062.5243332721293,
  "summary_wm_stdv": 37.756745779718166,
  "tpm_overlap_csf": 0.15178543571936606,
  "tpm_overlap_gm": 0.41472236321111894,
  "tpm_overlap_wm": 0.4788551382997304,
  "wm2max": 0.8896017933189933
}