{
  "aor": 0.0007389814814814814,
  "aqi": 0.010197334074074074,
  "bids_meta": {
    "AcquisitionMatrixPE": 74,
    "AcquisitionNumber": 1,
    "AcquisitionTime": "12:18:34.620000",
    "BandwidthPerPixelPhaseEncode": 27.579,
    "BaseResolution": 74,
    "BodyPartExamined": "BRAIN",
    "CogAtlasID": "http://www.cognitiveatlas.org/task/id/TODO",
    "CoilString": "HE1-4;NE1_2",
    "ConsistencyInfo": "N4_VE11C_LATEST_20160120",
    "ConversionSoftware": "dcm2niix",
    "ConversionSoftwareVersion": "v1.0.20190410  GCC6.3.0",
    "DerivedVendorReportedEchoSpacing": 0.000489993,
    "DeviceSerialNumber": "166048",
    "DwellTime": 2.9e-06,
    "EchoTime": 0.023,
    "EchoTrainLength": 74,
    "EffectiveEchoSpacing": 0.000489993,
    "FlipAngle": 76,
    "ImageOrientationPatientDICOM": [
      0.999932,
      -0.0029286,
      -0.0112996,
      -4.66118e-08,
      0.968015,
      -0.250892
    ],
    "ImageType": [
      "ORIGINAL",
      "PRIMARY",
      "M",
      "ND",
      "NORM",
      "MOSAIC"
    ],
    "ImagingFrequency": 123.246,
    "InPlanePhaseEncodingDirectionDICOM": "COL",
    "InstitutionAddress": "North_13th_1701_Philadelphia_PA_US_19122",
    "InstitutionName": "Temple_University_-_Weiss_Hall",
    "InstitutionalDepartmentName": "Department",
    "MRAcquisitionType": "2D",
    "MagneticFieldStrength": 3,
    "Manufacturer": "Siemens",
    "ManufacturersModelName": "Prisma",
    "Modality": "MR",
    "PartialFourier": 1,
    "PatientPosition": "HFS",
    "PercentPhaseFOV": 100,
    "PhaseEncodingDirection": "j-",
    "PhaseEncodingSteps": 74,
    "PhaseResolution": 1,
    "PixelBandwidth": 2330,
    "ProcedureStepDescription": "SMITH_SRNDNA",
    "ProtocolName": "func-bold_trust_run2",
    "PulseSequenceDetails": "%SiemensSeq%_ep2d_bold",
    "ReceiveCoilActiveElements": "HE1-4;NE1,2",
    "ReceiveCoilName": "HeadNeck_20",
    "ReconMatrixPE": 74,
    "RepetitionTime": 2.02,
    "SAR": 0.0951582,
    "ScanOptions": "FS",
    "ScanningSequence": "EP",
    "SequenceName": "_epfid2d1_74",
    "SequenceVariant": "SK",
    "SeriesDescription": "func-bold_trust_run2",
    "SeriesNumber": 11,
    "ShimSetting": [
      1404,
      -7358,
      6484,
      300,
      79,
      -34,
      -98,
      22
    ],
    "SliceThickness": 2.8,
    "SliceTiming": [
      1.9425,
      1.8875,
      1.8325,
      1.7775,
      1.7225,
      1.665,
      1.61,
      1.555,
      1.5,
      1.4425,
      1.3875,
      1.3325,
      1.2775,
      1.2225,
      1.165,
      1.11,
      1.055,
      1,
      0.9425,
      0.8875,
      0.8325,
      0.7775,
      0.7225,
      0.665,
      0.61,
      0.555,
      0.5,
      0.4425,
      0.3875,
      0.3325,
      0.2775,
      0.2225,
      0.165,
      0.11,
      0.055,
      0
    ],
    "SoftwareVersions": "syngo_MR_E11",
    "SpacingBetweenSlices": 3.22,
    "StationName": "AWP166048",
    "TaskName": "trust",
    "TotalReadoutTime": 0.0357695,
    "TxRefAmp": 266.322,
    "dataset": "<unset>",
    "modality": "bold",
    "run_id": 3,
    "subject_id": "128",
    "task_id": "trust"
  },
  "dummy_trs": 1,
  "dvars_nstd": 30.804481524093024,
  "dvars_std": 1.1580107161395345,
  "dvars_vstd": 0.9719694332558139,
  "efc": 0.5600640270360111,
  "fber": 1411.2872314453125,
  "fd_mean": 0.3613565286987253,
  "fd_num": 180,
  "fd_perc": 83.33333333333333,
  "fwhm_avg": 1.6843773385454412,
  "fwhm_x": 1.6115888740702153,
  "fwhm_y": 1.7869655165157496,
  "fwhm_z": 1.6545776250503585,
  "gcor": 0.0217027,
  "gsr_x": -0.005989929661154747,
  "gsr_y": 0.04107257351279259,
  "provenance": {
    "md5sum": "6f9634cf4f7b33fe0171e1f545774a53",
    "settings": {
      "fd_thres": 0.2,
      "testing": false
    },
    "software": "mriqc",
    "version": "22.0.6",
    "webapi_port": null,
    "webapi_url": "https://mriqc.nimh.nih.gov/api/v1"
  },
  "size_t": 216,
  "size_x": 74,
  "size_y": 74,
  "size_z": 36,
  "snr": 6.215291916588274,
  "spacing_tr": 2.0199999809265137,
  "spacing_x": 2.972972869873047,
  "spacing_y": 2.972972869873047,
  "spacing_z": 3.2200000286102295,
  "summary_bg_k": 20.200383449277947,
  "summary_bg_mad": 16.672410378252142,
  "summary_bg_mean": 67.04753875732422,
  "summary_bg_median": 25.0,
  "summary_bg_n": 116738.0,
  "summary_bg_p05": 10.351157093048098,
  "summary_bg_p95": 271.3724472045892,
  "summary_bg_stdv": 109.93535614013672,
  "summary_fg_k": 1.9517282114502779,
  "summary_fg_mad": 136.1488349165387,
  "summary_fg_mean": 969.5047607421875,
  "summary_fg_median": 948.3541870117188,
  "summary_fg_n": 41348.0,
  "summary_fg_p05": 772.8349365234375,
  "summary_fg_p95": 1242.3856689453125,
  "summary_fg_stdv": 152.58216857910156,
  "tsnr": 64.5610342847649
}