{
  "aor": 0.000635771144278607,
  "aqi": 0.008827731890547265,
  "bids_meta": {
    "AcquisitionMatrixPE": 74,
    "AcquisitionNumber": 1,
    "AcquisitionTime": "12:44:30.255000",
    "BandwidthPerPixelPhaseEncode": 27.579,
    "BaseResolution": 74,
    "BodyPartExamined": "BRAIN",
    "CogAtlasID": "http://www.cognitiveatlas.org/task/id/TODO",
    "CoilString": "HE1-4;NE1_2",
    "ConsistencyInfo": "N4_VE11C_LATEST_20160120",
    "ConversionSoftware": "dcm2niix",
    "ConversionSoftwareVersion": "v1.0.20190410  GCC6.3.0",
    "DerivedVendorReportedEchoSpacing": 0.000489993,
    "DeviceSerialNumber": "166048",
    "DwellTime": 2.9e-06,
    "EchoTime": 0.023,
    "EchoTrainLength": 74,
    "EffectiveEchoSpacing": 0.000489993,
    "FlipAngle": 76,
    "ImageOrientationPatientDICOM": [
      0.999932,
      -0.0029286,
      -0.0112996,
      -4.66118e-08,
      0.968015,
      -0.250892
    ],
    "ImageType": [
      "ORIGINAL",
      "PRIMARY",
      "M",
      "ND",
      "NORM",
      "MOSAIC"
    ],
    "ImagingFrequency": 123.246,
    "InPlanePhaseEncodingDirectionDICOM": "COL",
    "InstitutionAddress": "North_13th_1701_Philadelphia_PA_US_19122",
    "InstitutionName": "Temple_University_-_Weiss_Hall",
    "InstitutionalDepartmentName": "Department",
    "MRAcquisitionType": "2D",
    "MagneticFieldStrength": 3,
    "Manufacturer": "Siemens",
    "ManufacturersModelName": "Prisma",
    "Modality": "MR",
    "PartialFourier": 1,
    "PatientPosition": "HFS",
    "PercentPhaseFOV": 100,
    "PhaseEncodingDirection": "j-",
    "PhaseEncodingSteps": 74,
    "PhaseResolution": 1,
    "PixelBandwidth": 2330,
    "ProcedureStepDescription": "SMITH_SRNDNA",
    "ProtocolName": "func-bold_task-reward_run0",
    "PulseSequenceDetails": "%SiemensSeq%_ep2d_bold",
    "ReceiveCoilActiveElements": "HE1-4;NE1,2",
    "ReceiveCoilName": "HeadNeck_20",
    "ReconMatrixPE": 74,
    "RepetitionTime": 2.02,
    "SAR": 0.0951345,
    "ScanOptions": "FS",
    "ScanningSequence": "EP",
    "SequenceName": "_epfid2d1_74",
    "SequenceVariant": "SK",
    "SeriesDescription": "func-bold_task-reward_run0",
    "SeriesNumber": 14,
    "ShimSetting": [
      1404,
      -7358,
      6484,
      300,
      79,
      -34,
      -98,
      22
    ],
    "SliceThickness": 2.8,
    "SliceTiming": [
      1.9425,
      1.8875,
      1.8325,
      1.7775,
      1.72,
      1.665,
      1.61,
      1.555,
      1.4975,
      1.4425,
      1.3875,
      1.3325,
      1.2775,
      1.22,
      1.165,
      1.11,
      1.055,
      0.9975,
      0.9425,
      0.8875,
      0.8325,
      0.7775,
      0.72,
      0.665,
      0.61,
      0.555,
      0.4975,
      0.4425,
      0.3875,
      0.3325,
      0.2775,
      0.22,
      0.165,
      0.11,
      0.055,
      0
    ],
    "SoftwareVersions": "syngo_MR_E11",
    "SpacingBetweenSlices": 3.22,
    "StationName": "AWP166048",
    "TaskName": "sharedreward",
    "TotalReadoutTime": 0.0357695,
    "TxRefAmp": 266.322,
    "dataset": "<unset>",
    "modality": "bold",
    "run_id": 1,
    "subject_id": "128",
    "task_id": "sharedreward"
  },
  "dummy_trs": 1,
  "dvars_nstd": 28.25850133905,
  "dvars_std": 1.17687862005,
  "dvars_vstd": 0.9702677058000004,
  "efc": 0.5573777591770839,
  "fber": 1435.73681640625,
  "fd_mean": 0.3287516628351129,
  "fd_num": 154,
  "fd_perc": 76.61691542288557,
  "fwhm_avg": 1.6920406100980807,
  "fwhm_x": 1.610485601304682,
  "fwhm_y": 1.7896362438810953,
  "fwhm_z": 1.6759999851084646,
  "gcor": 0.0155415,
  "gsr_x": -0.0026226064655929804,
  "gsr_y": 0.039932604879140854,
  "provenance": {
    "md5sum": "8cb40336b1ce583c6137605552089a61",
    "settings": {
      "fd_thres": 0.2,
      "testing": false
    },
    "software": "mriqc",
    "version": "22.0.6",
    "webapi_port": null,
    "webapi_url": "https://mriqc.nimh.nih.gov/api/v1"
  },
  "size_t": 201,
  "size_x": 74,
  "size_y": 74,
  "size_z": 36,
  "snr": 6.206964501774166,
  "spacing_tr": 2.0199999809265137,
  "spacing_x": 2.972972869873047,
  "spacing_y": 2.972972869873047,
  "spacing_z": 3.2200000286102295,
  "summary_bg_k": 19.300546973818317,
  "summary_bg_mad": 16.485649972486847,
  "summary_bg_mean": 65.62617492675781,
  "summary_bg_median": 24.796018600463867,
  "summary_bg_n": 116959.0,
  "summary_bg_p05": 10.268656730651855,
  "summary_bg_p95": 265.84277954101503,
  "summary_bg_stdv": 106.7596206665039,
  "summary_fg_k": 2.0619409513300324,
  "summary_fg_mad": 134.61071655661138,
  "summary_fg_mean": 972.4208374023438,
  "summary_fg_median": 950.3905029296875,
  "summary_fg_n": 41062.0,
  "summary_fg_p05": 776.1497283935547,
  "summary_fg_p95": 1245.5004516601562,
  "summary_fg_stdv": 153.11492919921875,
  "tsnr": 68.62845376972109
}