{
  "bids_meta": {
    "AcquisitionMatrixPE": 192,
    "AcquisitionNumber": 1,
    "AcquisitionTime": "13:27:52.452500",
    "BaseResolution": 192,
    "BodyPartExamined": "BRAIN",
    "CoilString": "HE1-4;NE1_2",
    "ConsistencyInfo": "N4_VE11C_LATEST_20160120",
    "ConversionSoftware": "dcm2niix",
    "ConversionSoftwareVersion": "v1.0.20190410  GCC6.3.0",
    "DeviceSerialNumber": "166048",
    "DwellTime": 3.5e-06,
    "EchoTime": 0.567,
    "EchoTrainLength": 314,
    "FlipAngle": 120,
    "ImageOrientationPatientDICOM": [
      0,
      1,
      0,
      0,
      0,
      -1
    ],
    "ImageType": [
      "ORIGINAL",
      "PRIMARY",
      "M",
      "ND",
      "NORM"
    ],
    "ImagingFrequency": 123.246,
    "InPlanePhaseEncodingDirectionDICOM": "ROW",
    "InstitutionAddress": "North_13th_1701_Philadelphia_PA_US_19122",
    "InstitutionName": "Temple_University_-_Weiss_Hall",
    "InstitutionalDepartmentName": "Department",
    "MRAcquisitionType": "3D",
    "MagneticFieldStrength": 3,
    "Manufacturer": "Siemens",
    "ManufacturersModelName": "Prisma",
    "Modality": "MR",
    "PartialFourier": 1,
    "PatientPosition": "HFS",
    "PercentPhaseFOV": 100,
    "PhaseEncodingSteps": 209,
    "PhaseOversampling": 0.1,
    "PhaseResolution": 1,
    "PixelBandwidth": 745,
    "ProcedureStepDescription": "SMITH_SRNDNA",
    "ProtocolName": "T2w-anat_spc_07sag_iso",
    "PulseSequenceDetails": "%SiemensSeq%_tse_vfl",
    "ReceiveCoilActiveElements": "HE1-4;NE1,2",
    "ReceiveCoilName": "HeadNeck_20",
    "ReconMatrixPE": 192,
    "RefLinesPE": 32,
    "RepetitionTime": 3.2,
    "SAR": 0.173904,
    "ScanOptions": "PFP",
    "ScanningSequence": "SE",
    "SequenceName": "_spc_314ns",
    "SequenceVariant": "SK_SP_OSP",
    "SeriesDescription": "T2w-anat_spc_07sag_iso",
    "SeriesNumber": 3,
    "ShimSetting": [
      1434,
      -7422,
      6509,
      159,
      -11,
      -110,
      -61,
      2
    ],
    "SliceThickness": 1,
    "SoftwareVersions": "syngo_MR_E11",
    "StationName": "AWP166048",
    "TxRefAmp": 284.81,
    "dataset": "<unset>",
    "modality": "T2w",
    "subject_id": "113"
  },
  "cjv": 0.18333157749017448,
  "cnr": 2.681600879382651,
  "efc": 0.5794949182881437,
  "fber": 4572.303720223508,
  "fwhm_avg": 2.6391066666666667,
  "fwhm_x": 2.50233,
  "fwhm_y": 2.87856,
  "fwhm_z": 2.53643,
  "icvs_csf": 0.2514474210561721,
  "icvs_gm": 0.6320034553782915,
  "icvs_wm": 0.11654912356553644,
  "inu_med": 0.9403349757194519,
  "inu_range": 0.2177150130271911,
  "provenance": {
    "md5sum": "24e7864658a43ea8d7879454e8b3abe1",
    "settings": {
      "testing": false
    },
    "software": "mriqc",
    "version": "22.0.6",
    "warnings": {
      "large_rot_frame": true,
      "small_air_mask": false
    },
    "webapi_port": null,
    "webapi_url": "https://mriqc.nimh.nih.gov/api/v1"
  },
  "qi_1": 0.0,
  "qi_2": 0.0005519887792437441,
  "rpve_csf": 11.737807779934183,
  "rpve_gm": 6.6046458235691725,
  "rpve_wm": 36.094482716326986,
  "size_x": 192,
  "size_y": 192,
  "size_z": 192,
  "snr_csf": 5.25675152172349,
  "snr_gm": 7.2237655373738985,
  "snr_total": 5.377617277349363,
  "snr_wm": 3.652334772950704,
  "snrd_csf": 71.58377901214462,
  "snrd_gm": 35.73810755339602,
  "snrd_total": 81.69723074950006,
  "snrd_wm": 137.76980568295957,
  "spacing_x": 1.0,
  "spacing_y": 1.0,
  "spacing_z": 1.0,
  "summary_bg_k": 26.53510610704674,
  "summary_bg_mad": 0.0,
  "summary_bg_mean": 3.210177407519008,
  "summary_bg_median": 0.0,
  "summary_bg_n": 1597028.0,
  "summary_bg_p05": 0.0,
  "summary_bg_p95": 11.281496845185757,
  "summary_bg_stdv": 4.753652765500621,
  "summary_csf_k": -0.3915593781956179,
  "summary_csf_mad": 117.05550705664702,
  "summary_csf_mean": 529.5067831398409,
  "summary_csf_median": 519.4100481458008,
  "summary_csf_n": 8817.0,
  "summary_csf_p05": 386.2812900915742,
  "summary_csf_p95": 682.2644860949365,
  "summary_csf_stdv": 98.80257610264695,
  "summary_gm_k": 0.10063879067800707,
  "summary_gm_mad": 35.76622997012805,
  "summary_gm_mean": 261.07240554921657,
  "summary_gm_median": 259.3147836159915,
  "summary_gm_n": 271324.0,
  "summary_gm_p05": 205.2336646593176,
  "summary_gm_p95": 322.994930902496,
  "summary_gm_stdv": 35.89738681366287,
  "summary_wm_k": 3.340328920930909,
  "summary_wm_mad": 99.9613530268064,
  "summary_wm_mean": 883.4926336830774,
  "summary_wm_median": 999.6541449800134,
  "summary_wm_n": 20559.0,
  "summary_wm_p05": 93.40582718141377,
  "summary_wm_p95": 1091.720737866126,
  "summary_wm_stdv": 273.69611357915466,
  "tpm_overlap_csf": 0.12356328964013805,
  "tpm_overlap_gm": 0.3950580568908336,
  "tpm_overlap_wm": 0.04168295674931897,
  "wm2max": 0.9327194502582434
}