{
  "bids_meta": {
    "AcquisitionMatrixPE": 192,
    "AcquisitionNumber": 1,
    "AcquisitionTime": "13:31:56.050000",
    "BaseResolution": 192,
    "BodyPartExamined": "BRAIN",
    "CoilString": "HE1-4;NE1_2",
    "ConsistencyInfo": "N4_VE11C_LATEST_20160120",
    "ConversionSoftware": "dcm2niix",
    "ConversionSoftwareVersion": "v1.0.20190410  GCC6.3.0",
    "DeviceSerialNumber": "166048",
    "DwellTime": 1.24e-05,
    "EchoTime": 0.0022,
    "FlipAngle": 8,
    "ImageOrientationPatientDICOM": [
      0,
      1,
      0,
      0,
      0,
      -1
    ],
    "ImageType": [
      "ORIGINAL",
      "PRIMARY",
      "M",
      "ND",
      "NORM",
      "FM3",
      "2",
      "FIL"
    ],
    "ImagingFrequency": 123.246,
    "InPlanePhaseEncodingDirectionDICOM": "ROW",
    "InstitutionAddress": "North_13th_1701_Philadelphia_PA_US_19122",
    "InstitutionName": "Temple_University_-_Weiss_Hall",
    "InstitutionalDepartmentName": "Department",
    "InversionTime": 1.15,
    "MRAcquisitionType": "3D",
    "MagneticFieldStrength": 3,
    "Manufacturer": "Siemens",
    "ManufacturersModelName": "Prisma",
    "Modality": "MR",
    "PartialFourier": 1,
    "PatientPosition": "HFS",
    "PercentPhaseFOV": 100,
    "PhaseEncodingSteps": 211,
    "PhaseOversampling": 0.1,
    "PhaseResolution": 1,
    "PixelBandwidth": 210,
    "ProcedureStepDescription": "SMITH_SRNDNA",
    "ProtocolName": "T1w-anat_mpg_07sag_iso",
    "PulseSequenceDetails": "%SiemensSeq%_tfl",
    "ReceiveCoilActiveElements": "HE1-4;NE1,2",
    "ReceiveCoilName": "HeadNeck_20",
    "ReconMatrixPE": 192,
    "RefLinesPE": 32,
    "RepetitionTime": 2.4,
    "SAR": 0.047343,
    "ScanOptions": "IR_WE",
    "ScanningSequence": "GR_IR",
    "SequenceName": "_tfl3d1_16ns",
    "SequenceVariant": "SK_SP_MP_OSP",
    "SeriesDescription": "T1w-anat_mpg_07sag_iso",
    "SeriesNumber": 5,
    "ShimSetting": [
      1434,
      -7422,
      6509,
      159,
      -11,
      -110,
      -61,
      2
    ],
    "SliceThickness": 1,
    "SoftwareVersions": "syngo_MR_E11",
    "StationName": "AWP166048",
    "TxRefAmp": 284.81,
    "dataset": "<unset>",
    "modality": "T1w",
    "subject_id": "113"
  },
  "cjv": 0.3307112143929005,
  "cnr": 3.996423766496618,
  "efc": 0.6133584719701385,
  "fber": -1.0,
  "fwhm_avg": 4.083096666666666,
  "fwhm_x": 3.96484,
  "fwhm_y": 4.12662,
  "fwhm_z": 4.15783,
  "icvs_csf": 0.23971179476052518,
  "icvs_gm": 0.4245668946059304,
  "icvs_wm": 0.33572131063354443,
  "inu_med": 0.4342515766620636,
  "inu_range": 0.1586833119392395,
  "provenance": {
    "md5sum": "6662fb300b5d4edc09a8cdb471d0b89f",
    "settings": {
      "testing": false
    },
    "software": "mriqc",
    "version": "22.0.6",
    "warnings": {
      "large_rot_frame": true,
      "small_air_mask": false
    },
    "webapi_port": null,
    "webapi_url": "https://mriqc.nimh.nih.gov/api/v1"
  },
  "qi_1": 0.0,
  "qi_2": 0.006153953135990508,
  "rpve_csf": 15.226633559001554,
  "rpve_gm": 8.47911755684519,
  "rpve_wm": 12.438389369883822,
  "size_x": 192,
  "size_y": 192,
  "size_z": 192,
  "snr_csf": 2.559451653176826,
  "snr_gm": 11.432604627396191,
  "snr_total": 14.250222746846449,
  "snr_wm": 28.75861195996633,
  "snrd_csf": 29.47321767514778,
  "snrd_gm": 88.36758896326482,
  "snrd_total": 80.55467398174714,
  "snrd_wm": 123.82321530682879,
  "spacing_x": 1.0,
  "spacing_y": 1.0,
  "spacing_z": 1.0,
  "summary_bg_k": 315.0095558523696,
  "summary_bg_mad": 0.0,
  "summary_bg_mean": 2.1638881842540085,
  "summary_bg_median": 0.0,
  "summary_bg_n": 1567210.0,
  "summary_bg_p05": 0.0,
  "summary_bg_p95": 9.811577331274748,
  "summary_bg_stdv": 5.291218863429685,
  "summary_csf_k": 1.0016020954010134,
  "summary_csf_mad": 81.43164430884924,
  "summary_csf_mean": 249.79327496000204,
  "summary_csf_median": 238.0408802330494,
  "summary_csf_n": 41434.0,
  "summary_csf_p05": 119.28675435837359,
  "summary_csf_p95": 429.9272997546941,
  "summary_csf_stdv": 93.0035179173971,
  "summary_gm_k": 0.15179691821163432,
  "summary_gm_mad": 61.0959985372263,
  "summary_gm_mean": 711.6522786210502,
  "summary_gm_median": 713.7021445278078,
  "summary_gm_n": 30076.0,
  "summary_gm_p05": 605.06896102475,
  "summary_gm_p95": 809.7004192634486,
  "summary_gm_stdv": 62.425869057095866,
  "summary_wm_k": 0.4584646071968641,
  "summary_wm_mad": 33.605767902886384,
  "summary_wm_mean": 999.7451735554374,
  "summary_wm_median": 1000.0600372105837,
  "summary_wm_n": 160414.0,
  "summary_wm_p05": 942.592227127403,
  "summary_wm_p95": 1055.6256027091295,
  "summary_wm_stdv": 34.77417204543114,
  "tpm_overlap_csf": 0.14434154178749797,
  "tpm_overlap_gm": 0.4557878604223364,
  "tpm_overlap_wm": 0.48460099931423356,
  "wm2max": 0.9083360373747623
}