{
  "bids_meta": {
    "AcquisitionMatrixPE": 192,
    "AcquisitionNumber": 1,
    "AcquisitionTime": "10:21:40.490000",
    "BaseResolution": 192,
    "BodyPartExamined": "BRAIN",
    "CoilString": "HE1-4;NE1_2",
    "ConsistencyInfo": "N4_VE11C_LATEST_20160120",
    "ConversionSoftware": "dcm2niix",
    "ConversionSoftwareVersion": "v1.0.20190410  GCC6.3.0",
    "DeviceSerialNumber": "166048",
    "DwellTime": 3.5e-06,
    "EchoTime": 0.567,
    "EchoTrainLength": 314,
    "FlipAngle": 120,
    "ImageOrientationPatientDICOM": [
      0,
      1,
      0,
      0,
      0,
      -1
    ],
    "ImageType": [
      "ORIGINAL",
      "PRIMARY",
      "M",
      "ND",
      "NORM"
    ],
    "ImagingFrequency": 123.246,
    "InPlanePhaseEncodingDirectionDICOM": "ROW",
    "InstitutionAddress": "North_13th_1701_Philadelphia_PA_US_19122",
    "InstitutionName": "Temple_University_-_Weiss_Hall",
    "InstitutionalDepartmentName": "Department",
    "MRAcquisitionType": "3D",
    "MagneticFieldStrength": 3,
    "Manufacturer": "Siemens",
    "ManufacturersModelName": "Prisma",
    "Modality": "MR",
    "PartialFourier": 1,
    "PatientPosition": "HFS",
    "PercentPhaseFOV": 100,
    "PhaseEncodingSteps": 209,
    "PhaseOversampling": 0.1,
    "PhaseResolution": 1,
    "PixelBandwidth": 745,
    "ProcedureStepDescription": "SMITH_SRNDNA",
    "ProtocolName": "T2w-anat_spc_07sag_iso",
    "PulseSequenceDetails": "%SiemensSeq%_tse_vfl",
    "ReceiveCoilActiveElements": "HE1-4;NE1,2",
    "ReceiveCoilName": "HeadNeck_20",
    "ReconMatrixPE": 192,
    "RefLinesPE": 32,
    "RepetitionTime": 3.2,
    "SAR": 0.158257,
    "ScanOptions": "PFP",
    "ScanningSequence": "SE",
    "SequenceName": "_spc_314ns",
    "SequenceVariant": "SK_SP_OSP",
    "SeriesDescription": "T2w-anat_spc_07sag_iso",
    "SeriesNumber": 3,
    "ShimSetting": [
      1418,
      -7394,
      6445,
      227,
      -95,
      -280,
      -3,
      45
    ],
    "SliceThickness": 1,
    "SoftwareVersions": "syngo_MR_E11",
    "StationName": "AWP166048",
    "TxRefAmp": 277.551,
    "dataset": "<unset>",
    "modality": "T2w",
    "subject_id": "109"
  },
  "cjv": 0.3950795779992958,
  "cnr": 1.66817372039533,
  "efc": 0.6004813887290317,
  "fber": 6447.2870250000005,
  "fwhm_avg": 2.4286499999999998,
  "fwhm_x": 2.32816,
  "fwhm_y": 2.70146,
  "fwhm_z": 2.25633,
  "icvs_csf": 0.33939644500859933,
  "icvs_gm": 0.518124104869609,
  "icvs_wm": 0.14247945012179167,
  "inu_med": 0.9226839542388916,
  "inu_range": 0.20580682158470154,
  "provenance": {
    "md5sum": "fa1fc5ccf310461ed5251da96ab6f428",
    "settings": {
      "testing": false
    },
    "software": "mriqc",
    "version": "22.0.6",
    "warnings": {
      "large_rot_frame": true,
      "small_air_mask": false
    },
    "webapi_port": null,
    "webapi_url": "https://mriqc.nimh.nih.gov/api/v1"
  },
  "qi_1": 0.0,
  "qi_2": 0.0023447140436478795,
  "rpve_csf": 9.58929992457426,
  "rpve_gm": 7.5344208566350765,
  "rpve_wm": 29.181697876000793,
  "size_x": 192,
  "size_y": 192,
  "size_z": 192,
  "snr_csf": 9.7624264402033,
  "snr_gm": 9.816317411577241,
  "snr_total": 7.358146046494727,
  "snr_wm": 2.4956942877036377,
  "snrd_csf": 112.86313986689686,
  "snrd_gm": 68.12603427761692,
  "snrd_total": 129.30208639386763,
  "snrd_wm": 206.91708503708915,
  "spacing_x": 1.0,
  "spacing_y": 1.0,
  "spacing_z": 1.0,
  "summary_bg_k": 9.718266646557444,
  "summary_bg_mad": 0.0,
  "summary_bg_mean": 1.955171021997743,
  "summary_bg_median": 0.0,
  "summary_bg_n": 1339117.0,
  "summary_bg_p05": 0.0,
  "summary_bg_p95": 8.094591088593006,
  "summary_bg_stdv": 3.167795441367801,
  "summary_csf_k": 1.5644485391594394,
  "summary_csf_mad": 50.433020513843026,
  "summary_csf_mean": 547.4582864684858,
  "summary_csf_median": 545.7296220585704,
  "summary_csf_n": 21400.0,
  "summary_csf_p05": 462.12405981495976,
  "summary_csf_p95": 642.0947653264739,
  "summary_csf_stdv": 55.89971658789182,
  "summary_gm_k": 0.2561427729826611,
  "summary_gm_mad": 33.48866857916376,
  "summary_gm_mean": 329.0940833974881,
  "summary_gm_median": 329.4113116338849,
  "summary_gm_n": 185514.0,
  "summary_gm_p05": 274.09152703592554,
  "summary_gm_p95": 382.58506595157087,
  "summary_gm_stdv": 33.55743401390859,
  "summary_wm_k": -0.448834277199186,
  "summary_wm_mad": 231.64900697208236,
  "summary_wm_mean": 822.7994085523646,
  "summary_wm_median": 1000.5107313860208,
  "summary_wm_n": 14940.0,
  "summary_wm_p05": 29.65896720532328,
  "summary_wm_p95": 1199.8496733605862,
  "summary_wm_stdv": 400.881330481934,
  "tpm_overlap_csf": 0.11556325693583533,
  "tpm_overlap_gm": 0.3260488560313451,
  "tpm_overlap_wm": 0.037090643212115776,
  "wm2max": 0.8534672672870154
}