{
  "bids_meta": {
    "AcquisitionMatrixPE": 192,
    "AcquisitionNumber": 1,
    "AcquisitionTime": "10:25:44.075000",
    "BaseResolution": 192,
    "BodyPartExamined": "BRAIN",
    "CoilString": "HE1-4;NE1_2",
    "ConsistencyInfo": "N4_VE11C_LATEST_20160120",
    "ConversionSoftware": "dcm2niix",
    "ConversionSoftwareVersion": "v1.0.20190410  GCC6.3.0",
    "DeviceSerialNumber": "166048",
    "DwellTime": 1.24e-05,
    "EchoTime": 0.0022,
    "FlipAngle": 8,
    "ImageOrientationPatientDICOM": [
      0,
      1,
      0,
      0,
      0,
      -1
    ],
    "ImageType": [
      "ORIGINAL",
      "PRIMARY",
      "M",
      "ND",
      "NORM",
      "FM3",
      "2",
      "FIL"
    ],
    "ImagingFrequency": 123.246,
    "InPlanePhaseEncodingDirectionDICOM": "ROW",
    "InstitutionAddress": "North_13th_1701_Philadelphia_PA_US_19122",
    "InstitutionName": "Temple_University_-_Weiss_Hall",
    "InstitutionalDepartmentName": "Department",
    "InversionTime": 1.15,
    "MRAcquisitionType": "3D",
    "MagneticFieldStrength": 3,
    "Manufacturer": "Siemens",
    "ManufacturersModelName": "Prisma",
    "Modality": "MR",
    "PartialFourier": 1,
    "PatientPosition": "HFS",
    "PercentPhaseFOV": 100,
    "PhaseEncodingSteps": 211,
    "PhaseOversampling": 0.1,
    "PhaseResolution": 1,
    "PixelBandwidth": 210,
    "ProcedureStepDescription": "SMITH_SRNDNA",
    "ProtocolName": "T1w-anat_mpg_07sag_iso",
    "PulseSequenceDetails": "%SiemensSeq%_tfl",
    "ReceiveCoilActiveElements": "HE1-4;NE1,2",
    "ReceiveCoilName": "HeadNeck_20",
    "ReconMatrixPE": 192,
    "RefLinesPE": 32,
    "RepetitionTime": 2.4,
    "SAR": 0.0430832,
    "ScanOptions": "IR_WE",
    "ScanningSequence": "GR_IR",
    "SequenceName": "_tfl3d1_16ns",
    "SequenceVariant": "SK_SP_MP_OSP",
    "SeriesDescription": "T1w-anat_mpg_07sag_iso",
    "SeriesNumber": 5,
    "ShimSetting": [
      1418,
      -7394,
      6445,
      227,
      -95,
      -280,
      -3,
      45
    ],
    "SliceThickness": 1,
    "SoftwareVersions": "syngo_MR_E11",
    "StationName": "AWP166048",
    "TxRefAmp": 277.551,
    "dataset": "<unset>",
    "modality": "T1w",
    "subject_id": "109"
  },
  "cjv": 0.33632605379691755,
  "cnr": 3.9301731547599683,
  "efc": 0.6256368727991795,
  "fber": -1.0,
  "fwhm_avg": 3.7971299999999997,
  "fwhm_x": 3.69312,
  "fwhm_y": 3.8151,
  "fwhm_z": 3.88317,
  "icvs_csf": 0.18093248860422903,
  "icvs_gm": 0.4605383113378665,
  "icvs_wm": 0.35852920005790445,
  "inu_med": 0.3674946427345276,
  "inu_range": 0.12490815222263335,
  "provenance": {
    "md5sum": "87ee11a95ba5cce02444ee3e283a21f6",
    "settings": {
      "testing": false
    },
    "software": "mriqc",
    "version": "22.0.6",
    "warnings": {
      "large_rot_frame": true,
      "small_air_mask": false
    },
    "webapi_port": null,
    "webapi_url": "https://mriqc.nimh.nih.gov/api/v1"
  },
  "qi_1": 4.381515397656226e-05,
  "qi_2": 0.003303906498629056,
  "rpve_csf": 18.062255504926647,
  "rpve_gm": 7.840521712767245,
  "rpve_wm": 11.551778571369661,
  "size_x": 192,
  "size_y": 192,
  "size_z": 192,
  "snr_csf": 2.637977919877153,
  "snr_gm": 12.088411977469448,
  "snr_total": 15.223378819502445,
  "snr_wm": 30.943746561160733,
  "snrd_csf": 21.68249908972319,
  "snrd_gm": 56.894976280371495,
  "snrd_total": 52.205118328797404,
  "snrd_wm": 78.03787961629753,
  "spacing_x": 1.0,
  "spacing_y": 1.0,
  "spacing_z": 1.0,
  "summary_bg_k": 210.24485097732295,
  "summary_bg_mad": 0.0,
  "summary_bg_mean": 3.0114361418486277,
  "summary_bg_median": 0.0,
  "summary_bg_n": 1315344.0,
  "summary_bg_p05": 0.0,
  "summary_bg_p95": 12.05152502283454,
  "summary_bg_stdv": 8.395439235558804,
  "summary_csf_k": 1.5913765027518174,
  "summary_csf_mad": 80.78506510453289,
  "summary_csf_mean": 289.58519110678805,
  "summary_csf_median": 277.85679987072945,
  "summary_csf_n": 17108.0,
  "summary_csf_p05": 135.84637058526278,
  "summary_csf_p95": 493.24224777678023,
  "summary_csf_stdv": 105.32638540670884,
  "summary_gm_k": 0.11661671955834185,
  "summary_gm_mad": 59.49037970533224,
  "summary_gm_mean": 726.9615223264698,
  "summary_gm_median": 729.0975072830915,
  "summary_gm_n": 36334.0,
  "summary_gm_p05": 624.0319170020521,
  "summary_gm_p95": 822.7635402884334,
  "summary_gm_stdv": 60.31292408838321,
  "summary_wm_k": 0.6573905600890422,
  "summary_wm_mad": 31.634470744342106,
  "summary_wm_mean": 1001.3582315334586,
  "summary_wm_median": 1000.0394977144897,
  "summary_wm_n": 169424.0,
  "summary_wm_p05": 950.8850809000432,
  "summary_wm_p95": 1054.231847120449,
  "summary_wm_stdv": 32.31788834752882,
  "tpm_overlap_csf": 0.1562697937250125,
  "tpm_overlap_gm": 0.46826895333307816,
  "tpm_overlap_wm": 0.5036267203059475,
  "wm2max": 0.9038282979787158
}