{
  "aor": 0.0023938308457711445,
  "aqi": 0.011865116865671642,
  "bids_meta": {
    "AcquisitionMatrixPE": 74,
    "AcquisitionNumber": 1,
    "AcquisitionTime": "16:08:14.240000",
    "BandwidthPerPixelPhaseEncode": 27.579,
    "BaseResolution": 74,
    "BodyPartExamined": "BRAIN",
    "CogAtlasID": "http://www.cognitiveatlas.org/task/id/TODO",
    "CoilString": "HE1-4;NE1_2",
    "ConsistencyInfo": "N4_VE11C_LATEST_20160120",
    "ConversionSoftware": "dcm2niix",
    "ConversionSoftwareVersion": "v1.0.20190410  GCC6.3.0",
    "DerivedVendorReportedEchoSpacing": 0.000489993,
    "DeviceSerialNumber": "166048",
    "DwellTime": 2.9e-06,
    "EchoTime": 0.023,
    "EchoTrainLength": 74,
    "EffectiveEchoSpacing": 0.000489993,
    "FlipAngle": 76,
    "ImageOrientationPatientDICOM": [
      1,
      0,
      0,
      0,
      0.957823,
      -0.287361
    ],
    "ImageType": [
      "ORIGINAL",
      "PRIMARY",
      "M",
      "ND",
      "NORM",
      "MOSAIC"
    ],
    "ImagingFrequency": 123.246,
    "InPlanePhaseEncodingDirectionDICOM": "COL",
    "InstitutionAddress": "North_13th_1701_Philadelphia_PA_US_19122",
    "InstitutionName": "Temple_University_-_Weiss_Hall",
    "InstitutionalDepartmentName": "Department",
    "MRAcquisitionType": "2D",
    "MagneticFieldStrength": 3,
    "Manufacturer": "Siemens",
    "ManufacturersModelName": "Prisma",
    "Modality": "MR",
    "PartialFourier": 1,
    "PatientPosition": "HFS",
    "PercentPhaseFOV": 100,
    "PhaseEncodingDirection": "j-",
    "PhaseEncodingSteps": 74,
    "PhaseResolution": 1,
    "PixelBandwidth": 2330,
    "ProcedureStepDescription": "SMITH_SRNDNA",
    "ProtocolName": "func-bold_task-reward_run1",
    "PulseSequenceDetails": "%SiemensSeq%_ep2d_bold",
    "ReceiveCoilActiveElements": "HE1-4;NE1,2",
    "ReceiveCoilName": "HeadNeck_20",
    "ReconMatrixPE": 74,
    "RepetitionTime": 2.02,
    "SAR": 0.104255,
    "ScanOptions": "FS",
    "ScanningSequence": "EP",
    "SequenceName": "_epfid2d1_74",
    "SequenceVariant": "SK",
    "SeriesDescription": "func-bold_task-reward_run1",
    "SeriesNumber": 15,
    "ShimSetting": [
      1417,
      -7391,
      6619,
      431,
      90,
      115,
      108,
      57
    ],
    "SliceThickness": 2.8,
    "SliceTiming": [
      1.9425,
      1.8875,
      1.8325,
      1.7775,
      1.72,
      1.665,
      1.61,
      1.555,
      1.4975,
      1.4425,
      1.3875,
      1.3325,
      1.2775,
      1.22,
      1.165,
      1.11,
      1.055,
      0.9975,
      0.9425,
      0.8875,
      0.8325,
      0.7775,
      0.72,
      0.665,
      0.61,
      0.555,
      0.4975,
      0.4425,
      0.3875,
      0.3325,
      0.2775,
      0.22,
      0.165,
      0.11,
      0.055,
      0
    ],
    "SoftwareVersions": "syngo_MR_E11",
    "SpacingBetweenSlices": 3.22,
    "StationName": "AWP166048",
    "TaskName": "sharedreward",
    "TotalReadoutTime": 0.0357695,
    "TxRefAmp": 295.882,
    "dataset": "<unset>",
    "modality": "bold",
    "run_id": 2,
    "subject_id": "153",
    "task_id": "sharedreward"
  },
  "dummy_trs": 1,
  "dvars_nstd": 32.52076869949999,
  "dvars_std": 1.4429768283000002,
  "dvars_vstd": 0.9966977022500001,
  "efc": 0.5931177502266805,
  "fber": 1187.1162109375,
  "fd_mean": 0.35725223468283673,
  "fd_num": 122,
  "fd_perc": 60.69651741293532,
  "fwhm_avg": 1.79371222501071,
  "fwhm_x": 1.7078595137724275,
  "fwhm_y": 1.9104076117056972,
  "fwhm_z": 1.7628695495540057,
  "gcor": 0.0330865,
  "gsr_x": -0.025847451761364937,
  "gsr_y": 0.04459557682275772,
  "provenance": {
    "md5sum": "8cb6cc168942f4355a92a699c71eb535",
    "settings": {
      "fd_thres": 0.2,
      "testing": false
    },
    "software": "mriqc",
    "version": "22.0.6",
    "webapi_port": null,
    "webapi_url": "https://mriqc.nimh.nih.gov/api/v1"
  },
  "size_t": 201,
  "size_x": 74,
  "size_y": 74,
  "size_z": 36,
  "snr": 6.406913055137739,
  "spacing_tr": 2.0199999809265137,
  "spacing_x": 2.972972869873047,
  "spacing_y": 2.972972869873047,
  "spacing_z": 3.2200000286102295,
  "summary_bg_k": 14.919061626571871,
  "summary_bg_mad": 13.254905768168147,
  "summary_bg_mean": 59.06147766113281,
  "summary_bg_median": 22.815919876098633,
  "summary_bg_n": 108543.0,
  "summary_bg_p05": 11.810944557189941,
  "summary_bg_p95": 232.07958984375,
  "summary_bg_stdv": 90.1599349975586,
  "summary_fg_k": 2.95429618741026,
  "summary_fg_mad": 115.2003822566504,
  "summary_fg_mean": 827.9208984375,
  "summary_fg_median": 813.383056640625,
  "summary_fg_n": 47023.0,
  "summary_fg_p05": 661.7587097167968,
  "summary_fg_p95": 1046.4352661132814,
  "summary_fg_stdv": 126.95262145996094,
  "tsnr": 59.26404295559041
}