{
  "aor": 0.0010947263681592042,
  "aqi": 0.010933531791044776,
  "bids_meta": {
    "AcquisitionMatrixPE": 74,
    "AcquisitionNumber": 1,
    "AcquisitionTime": "16:00:52.832500",
    "BandwidthPerPixelPhaseEncode": 27.579,
    "BaseResolution": 74,
    "BodyPartExamined": "BRAIN",
    "CogAtlasID": "http://www.cognitiveatlas.org/task/id/TODO",
    "CoilString": "HE1-4;NE1_2",
    "ConsistencyInfo": "N4_VE11C_LATEST_20160120",
    "ConversionSoftware": "dcm2niix",
    "ConversionSoftwareVersion": "v1.0.20190410  GCC6.3.0",
    "DerivedVendorReportedEchoSpacing": 0.000489993,
    "DeviceSerialNumber": "166048",
    "DwellTime": 2.9e-06,
    "EchoTime": 0.023,
    "EchoTrainLength": 74,
    "EffectiveEchoSpacing": 0.000489993,
    "FlipAngle": 76,
    "ImageOrientationPatientDICOM": [
      1,
      0,
      0,
      0,
      0.957823,
      -0.287361
    ],
    "ImageType": [
      "ORIGINAL",
      "PRIMARY",
      "M",
      "ND",
      "NORM",
      "MOSAIC"
    ],
    "ImagingFrequency": 123.246,
    "InPlanePhaseEncodingDirectionDICOM": "COL",
    "InstitutionAddress": "North_13th_1701_Philadelphia_PA_US_19122",
    "InstitutionName": "Temple_University_-_Weiss_Hall",
    "InstitutionalDepartmentName": "Department",
    "MRAcquisitionType": "2D",
    "MagneticFieldStrength": 3,
    "Manufacturer": "Siemens",
    "ManufacturersModelName": "Prisma",
    "Modality": "MR",
    "PartialFourier": 1,
    "PatientPosition": "HFS",
    "PercentPhaseFOV": 100,
    "PhaseEncodingDirection": "j-",
    "PhaseEncodingSteps": 74,
    "PhaseResolution": 1,
    "PixelBandwidth": 2330,
    "ProcedureStepDescription": "SMITH_SRNDNA",
    "ProtocolName": "func-bold_task-reward_run0",
    "PulseSequenceDetails": "%SiemensSeq%_ep2d_bold",
    "ReceiveCoilActiveElements": "HE1-4;NE1,2",
    "ReceiveCoilName": "HeadNeck_20",
    "ReconMatrixPE": 74,
    "RepetitionTime": 2.02,
    "SAR": 0.104255,
    "ScanOptions": "FS",
    "ScanningSequence": "EP",
    "SequenceName": "_epfid2d1_74",
    "SequenceVariant": "SK",
    "SeriesDescription": "func-bold_task-reward_run0",
    "SeriesNumber": 14,
    "ShimSetting": [
      1417,
      -7391,
      6619,
      431,
      90,
      115,
      108,
      57
    ],
    "SliceThickness": 2.8,
    "SliceTiming": [
      1.945,
      1.89,
      1.835,
      1.7775,
      1.7225,
      1.6675,
      1.6125,
      1.5575,
      1.5,
      1.445,
      1.39,
      1.335,
      1.2775,
      1.2225,
      1.1675,
      1.1125,
      1.0575,
      1,
      0.945,
      0.89,
      0.835,
      0.78,
      0.7225,
      0.6675,
      0.6125,
      0.5575,
      0.5,
      0.445,
      0.39,
      0.335,
      0.28,
      0.2225,
      0.1675,
      0.1125,
      0.0575,
      0
    ],
    "SoftwareVersions": "syngo_MR_E11",
    "SpacingBetweenSlices": 3.22,
    "StationName": "AWP166048",
    "TaskName": "sharedreward",
    "TotalReadoutTime": 0.0357695,
    "TxRefAmp": 295.882,
    "dataset": "<unset>",
    "modality": "bold",
    "run_id": 1,
    "subject_id": "153",
    "task_id": "sharedreward"
  },
  "dummy_trs": 1,
  "dvars_nstd": 29.07757620815,
  "dvars_std": 1.440175540250001,
  "dvars_vstd": 0.9587318454999999,
  "efc": 0.5926569443382543,
  "fber": 1175.196044921875,
  "fd_mean": 0.20439060298479272,
  "fd_num": 67,
  "fd_perc": 33.333333333333336,
  "fwhm_avg": 1.8007695748275656,
  "fwhm_x": 1.7192689687135514,
  "fwhm_y": 1.9107944299009298,
  "fwhm_z": 1.7722453258682156,
  "gcor": 0.0214956,
  "gsr_x": -0.025140225887298584,
  "gsr_y": 0.04446611925959587,
  "provenance": {
    "md5sum": "859263e4c2ee784f26f9099775a023c1",
    "settings": {
      "fd_thres": 0.2,
      "testing": false
    },
    "software": "mriqc",
    "version": "22.0.6",
    "webapi_port": null,
    "webapi_url": "https://mriqc.nimh.nih.gov/api/v1"
  },
  "size_t": 201,
  "size_x": 74,
  "size_y": 74,
  "size_z": 36,
  "snr": 6.395417762220965,
  "spacing_tr": 2.0199999809265137,
  "spacing_x": 2.972972869873047,
  "spacing_y": 2.972972869873047,
  "spacing_z": 3.2200000286102295,
  "summary_bg_k": 15.030053317885002,
  "summary_bg_mad": 13.918758014276204,
  "summary_bg_mean": 58.39989471435547,
  "summary_bg_median": 23.02487564086914,
  "summary_bg_n": 108447.0,
  "summary_bg_p05": 11.568656063079835,
  "summary_bg_p95": 228.2378051757812,
  "summary_bg_stdv": 88.82300567626953,
  "summary_fg_k": 2.6874075019187895,
  "summary_fg_mad": 116.44698431732748,
  "summary_fg_mean": 830.2991333007812,
  "summary_fg_median": 815.8208618164062,
  "summary_fg_n": 47143.0,
  "summary_fg_p05": 660.9935302734375,
  "summary_fg_p95": 1051.5870361328125,
  "summary_fg_stdv": 127.5619888305664,
  "tsnr": 64.08109355834313
}