{
  "aor": 0.0038624413145539912,
  "aqi": 0.010561711549295773,
  "bids_meta": {
    "AcquisitionMatrixPE": 74,
    "AcquisitionNumber": 1,
    "AcquisitionTime": "15:27:6.245000",
    "BandwidthPerPixelPhaseEncode": 27.579,
    "BaseResolution": 74,
    "BodyPartExamined": "BRAIN",
    "CogAtlasID": "http://www.cognitiveatlas.org/task/id/TODO",
    "CoilString": "HE1-4;NE1_2",
    "ConsistencyInfo": "N4_VE11C_LATEST_20160120",
    "ConversionSoftware": "dcm2niix",
    "ConversionSoftwareVersion": "v1.0.20190410  GCC6.3.0",
    "DerivedVendorReportedEchoSpacing": 0.000489993,
    "DeviceSerialNumber": "166048",
    "DwellTime": 2.9e-06,
    "EchoTime": 0.023,
    "EchoTrainLength": 74,
    "EffectiveEchoSpacing": 0.000489993,
    "FlipAngle": 76,
    "ImageOrientationPatientDICOM": [
      1,
      0,
      0,
      0,
      0.957823,
      -0.287361
    ],
    "ImageType": [
      "ORIGINAL",
      "PRIMARY",
      "M",
      "ND",
      "NORM",
      "MOSAIC"
    ],
    "ImagingFrequency": 123.246,
    "InPlanePhaseEncodingDirectionDICOM": "COL",
    "InstitutionAddress": "North_13th_1701_Philadelphia_PA_US_19122",
    "InstitutionName": "Temple_University_-_Weiss_Hall",
    "InstitutionalDepartmentName": "Department",
    "MRAcquisitionType": "2D",
    "MagneticFieldStrength": 3,
    "Manufacturer": "Siemens",
    "ManufacturersModelName": "Prisma",
    "Modality": "MR",
    "PartialFourier": 1,
    "PatientPosition": "HFS",
    "PercentPhaseFOV": 100,
    "PhaseEncodingDirection": "j-",
    "PhaseEncodingSteps": 74,
    "PhaseResolution": 1,
    "PixelBandwidth": 2330,
    "ProcedureStepDescription": "SMITH_SRNDNA",
    "ProtocolName": "func-bold_trust_run1",
    "PulseSequenceDetails": "%SiemensSeq%_ep2d_bold",
    "ReceiveCoilActiveElements": "HE1-4;NE1,2",
    "ReceiveCoilName": "HeadNeck_20",
    "ReconMatrixPE": 74,
    "RepetitionTime": 2.02,
    "SAR": 0.104281,
    "ScanOptions": "FS",
    "ScanningSequence": "EP",
    "SequenceName": "_epfid2d1_74",
    "SequenceVariant": "SK",
    "SeriesDescription": "func-bold_trust_run1",
    "SeriesNumber": 10,
    "ShimSetting": [
      1417,
      -7391,
      6619,
      431,
      90,
      115,
      108,
      57
    ],
    "SliceThickness": 2.8,
    "SliceTiming": [
      1.9425,
      1.8875,
      1.8325,
      1.7775,
      1.72,
      1.665,
      1.61,
      1.555,
      1.5,
      1.4425,
      1.3875,
      1.3325,
      1.2775,
      1.22,
      1.165,
      1.11,
      1.055,
      1,
      0.9425,
      0.8875,
      0.8325,
      0.7775,
      0.72,
      0.665,
      0.61,
      0.555,
      0.5,
      0.4425,
      0.3875,
      0.3325,
      0.2775,
      0.22,
      0.165,
      0.11,
      0.055,
      0
    ],
    "SoftwareVersions": "syngo_MR_E11",
    "SpacingBetweenSlices": 3.22,
    "StationName": "AWP166048",
    "TaskName": "trust",
    "TotalReadoutTime": 0.0357695,
    "TxRefAmp": 295.882,
    "dataset": "<unset>",
    "modality": "bold",
    "run_id": 2,
    "subject_id": "153",
    "task_id": "trust"
  },
  "dummy_trs": 4,
  "dvars_nstd": 27.61983218273586,
  "dvars_std": 1.464055554669811,
  "dvars_vstd": 1.0060211052830192,
  "efc": 0.5885995342835708,
  "fber": 1304.772216796875,
  "fd_mean": 0.14917946318148725,
  "fd_num": 42,
  "fd_perc": 19.718309859154928,
  "fwhm_avg": 1.7534877297642095,
  "fwhm_x": 1.687280785786049,
  "fwhm_y": 1.864319064652844,
  "fwhm_z": 1.7088633388537353,
  "gcor": 0.0161406,
  "gsr_x": -0.02523910626769066,
  "gsr_y": 0.03593358397483826,
  "provenance": {
    "md5sum": "00b43274c0ceb66ef62c73acacc2aada",
    "settings": {
      "fd_thres": 0.2,
      "testing": false
    },
    "software": "mriqc",
    "version": "22.0.6",
    "webapi_port": null,
    "webapi_url": "https://mriqc.nimh.nih.gov/api/v1"
  },
  "size_t": 213,
  "size_x": 74,
  "size_y": 74,
  "size_z": 36,
  "snr": 6.542224407329955,
  "spacing_tr": 2.0199999809265137,
  "spacing_x": 2.972972869873047,
  "spacing_y": 2.972972869873047,
  "spacing_z": 3.2200000286102295,
  "summary_bg_k": 16.42165170146061,
  "summary_bg_mad": 12.23668849404573,
  "summary_bg_mean": 56.33504867553711,
  "summary_bg_median": 22.136150360107422,
  "summary_bg_n": 108693.0,
  "summary_bg_p05": 11.906103134155273,
  "summary_bg_p95": 216.4131500244135,
  "summary_bg_stdv": 87.56339263916016,
  "summary_fg_k": 2.554846870638676,
  "summary_fg_mad": 116.58959790963489,
  "summary_fg_mean": 841.314453125,
  "summary_fg_median": 826.7793579101562,
  "summary_fg_n": 47013.0,
  "summary_fg_p05": 675.9755859375,
  "summary_fg_p95": 1061.7295654296875,
  "summary_fg_stdv": 126.3745346069336,
  "tsnr": 69.95789030799642
}