{
  "aor": 0.0017061290322580643,
  "aqi": 0.016078330460829494,
  "bids_meta": {
    "AcquisitionMatrixPE": 74,
    "AcquisitionNumber": 1,
    "AcquisitionTime": "15:43:3.737500",
    "BandwidthPerPixelPhaseEncode": 27.579,
    "BaseResolution": 74,
    "BodyPartExamined": "BRAIN",
    "CogAtlasID": "http://www.cognitiveatlas.org/task/id/TODO",
    "CoilString": "HE1-4;NE1_2",
    "ConsistencyInfo": "N4_VE11C_LATEST_20160120",
    "ConversionSoftware": "dcm2niix",
    "ConversionSoftwareVersion": "v1.0.20190410  GCC6.3.0",
    "DerivedVendorReportedEchoSpacing": 0.000489993,
    "DeviceSerialNumber": "166048",
    "DwellTime": 2.9e-06,
    "EchoTime": 0.023,
    "EchoTrainLength": 74,
    "EffectiveEchoSpacing": 0.000489993,
    "FlipAngle": 76,
    "ImageOrientationPatientDICOM": [
      1,
      0,
      0,
      0,
      0.957823,
      -0.287361
    ],
    "ImageType": [
      "ORIGINAL",
      "PRIMARY",
      "M",
      "ND",
      "NORM",
      "MOSAIC"
    ],
    "ImagingFrequency": 123.246,
    "InPlanePhaseEncodingDirectionDICOM": "COL",
    "InstitutionAddress": "North_13th_1701_Philadelphia_PA_US_19122",
    "InstitutionName": "Temple_University_-_Weiss_Hall",
    "InstitutionalDepartmentName": "Department",
    "MRAcquisitionType": "2D",
    "MagneticFieldStrength": 3,
    "Manufacturer": "Siemens",
    "ManufacturersModelName": "Prisma",
    "Modality": "MR",
    "PartialFourier": 1,
    "PatientPosition": "HFS",
    "PercentPhaseFOV": 100,
    "PhaseEncodingDirection": "j-",
    "PhaseEncodingSteps": 74,
    "PhaseResolution": 1,
    "PixelBandwidth": 2330,
    "ProcedureStepDescription": "SMITH_SRNDNA",
    "ProtocolName": "func-bold_trust_run3",
    "PulseSequenceDetails": "%SiemensSeq%_ep2d_bold",
    "ReceiveCoilActiveElements": "HE1-4;NE1,2",
    "ReceiveCoilName": "HeadNeck_20",
    "ReconMatrixPE": 74,
    "RepetitionTime": 2.02,
    "SAR": 0.104281,
    "ScanOptions": "FS",
    "ScanningSequence": "EP",
    "SequenceName": "_epfid2d1_74",
    "SequenceVariant": "SK",
    "SeriesDescription": "func-bold_trust_run3",
    "SeriesNumber": 12,
    "ShimSetting": [
      1417,
      -7391,
      6619,
      431,
      90,
      115,
      108,
      57
    ],
    "SliceThickness": 2.8,
    "SliceTiming": [
      1.945,
      1.8875,
      1.8325,
      1.7775,
      1.7225,
      1.6675,
      1.61,
      1.555,
      1.5,
      1.445,
      1.3875,
      1.3325,
      1.2775,
      1.2225,
      1.1675,
      1.11,
      1.055,
      1,
      0.945,
      0.8875,
      0.8325,
      0.7775,
      0.7225,
      0.6675,
      0.61,
      0.555,
      0.5,
      0.445,
      0.3875,
      0.3325,
      0.2775,
      0.2225,
      0.1675,
      0.11,
      0.055,
      0
    ],
    "SoftwareVersions": "syngo_MR_E11",
    "SpacingBetweenSlices": 3.22,
    "StationName": "AWP166048",
    "TaskName": "trust",
    "TotalReadoutTime": 0.0357695,
    "TxRefAmp": 295.882,
    "dataset": "<unset>",
    "modality": "bold",
    "run_id": 4,
    "subject_id": "153",
    "task_id": "trust"
  },
  "dummy_trs": 0,
  "dvars_nstd": 28.28951588347224,
  "dvars_std": 1.3254727980555554,
  "dvars_vstd": 0.9456727487500003,
  "efc": 0.5909709910334431,
  "fber": 1234.48583984375,
  "fd_mean": 0.24632813635171627,
  "fd_num": 104,
  "fd_perc": 47.92626728110599,
  "fwhm_avg": 1.7823599616716734,
  "fwhm_x": 1.6928543314338798,
  "fwhm_y": 1.9039460660270713,
  "fwhm_z": 1.750279487554069,
  "gcor": 0.018518,
  "gsr_x": -0.025873465463519096,
  "gsr_y": 0.04135322943329811,
  "provenance": {
    "md5sum": "31603fa306da8503a692b986bd9f9145",
    "settings": {
      "fd_thres": 0.2,
      "testing": false
    },
    "software": "mriqc",
    "version": "22.0.6",
    "webapi_port": null,
    "webapi_url": "https://mriqc.nimh.nih.gov/api/v1"
  },
  "size_t": 217,
  "size_x": 74,
  "size_y": 74,
  "size_z": 36,
  "snr": 6.489642042030404,
  "spacing_tr": 2.0199999809265137,
  "spacing_x": 2.972972869873047,
  "spacing_y": 2.972972869873047,
  "spacing_z": 3.2200000286102295,
  "summary_bg_k": 15.445772380942511,
  "summary_bg_mad": 13.066713061790072,
  "summary_bg_mean": 58.155826568603516,
  "summary_bg_median": 22.635944366455078,
  "summary_bg_n": 108710.0,
  "summary_bg_p05": 11.880184173583984,
  "summary_bg_p95": 224.61289978027344,
  "summary_bg_stdv": 89.60130310058594,
  "summary_fg_k": 2.6912319270910636,
  "summary_fg_mad": 115.71808045562932,
  "summary_fg_mean": 835.8361206054688,
  "summary_fg_median": 820.847900390625,
  "summary_fg_n": 46954.0,
  "summary_fg_p05": 670.357373046875,
  "summary_fg_p95": 1054.4477111816407,
  "summary_fg_stdv": 126.48450469970703,
  "tsnr": 53.77307840040885
}