{
  "bids_meta": {
    "AcquisitionMatrixPE": 192,
    "AcquisitionNumber": 1,
    "AcquisitionTime": "10:42:10.267500",
    "BaseResolution": 192,
    "BodyPartExamined": "BRAIN",
    "CoilString": "HE1-4;NE1_2",
    "ConsistencyInfo": "N4_VE11C_LATEST_20160120",
    "ConversionSoftware": "dcm2niix",
    "ConversionSoftwareVersion": "v1.0.20190410  GCC6.3.0",
    "DeviceSerialNumber": "166048",
    "DwellTime": 1.24e-05,
    "EchoTime": 0.0022,
    "FlipAngle": 8,
    "ImageOrientationPatientDICOM": [
      0,
      1,
      0,
      0,
      0,
      -1
    ],
    "ImageType": [
      "ORIGINAL",
      "PRIMARY",
      "M",
      "ND",
      "NORM",
      "FM3",
      "2",
      "FIL"
    ],
    "ImagingFrequency": 123.246,
    "InPlanePhaseEncodingDirectionDICOM": "ROW",
    "InstitutionAddress": "North_13th_1701_Philadelphia_PA_US_19122",
    "InstitutionName": "Temple_University_-_Weiss_Hall",
    "InstitutionalDepartmentName": "Department",
    "InversionTime": 1.15,
    "MRAcquisitionType": "3D",
    "MagneticFieldStrength": 3,
    "Manufacturer": "Siemens",
    "ManufacturersModelName": "Prisma",
    "Modality": "MR",
    "PartialFourier": 1,
    "PatientPosition": "HFS",
    "PercentPhaseFOV": 100,
    "PhaseEncodingSteps": 211,
    "PhaseOversampling": 0.1,
    "PhaseResolution": 1,
    "PixelBandwidth": 210,
    "ProcedureStepDescription": "SMITH_SRNDNA",
    "ProtocolName": "T1w-anat_mpg_07sag_iso",
    "PulseSequenceDetails": "%SiemensSeq%_tfl",
    "ReceiveCoilActiveElements": "HE1-4;NE1,2",
    "ReceiveCoilName": "HeadNeck_20",
    "ReconMatrixPE": 192,
    "RefLinesPE": 32,
    "RepetitionTime": 2.4,
    "SAR": 0.0464694,
    "ScanOptions": "IR_WE",
    "ScanningSequence": "GR_IR",
    "SequenceName": "_tfl3d1_16ns",
    "SequenceVariant": "SK_SP_MP_OSP",
    "SeriesDescription": "T1w-anat_mpg_07sag_iso",
    "SeriesNumber": 5,
    "ShimSetting": [
      1434,
      -7476,
      6486,
      65,
      44,
      -404,
      -36,
      19
    ],
    "SliceThickness": 1,
    "SoftwareVersions": "syngo_MR_E11",
    "StationName": "AWP166048",
    "TxRefAmp": 257.693,
    "dataset": "<unset>",
    "modality": "T1w",
    "subject_id": "130"
  },
  "cjv": 0.4577874396016437,
  "cnr": 2.8299452637098517,
  "efc": 0.6449259665006832,
  "fber": 9649.654127446898,
  "fwhm_avg": 4.379576666666666,
  "fwhm_x": 4.32091,
  "fwhm_y": 4.49268,
  "fwhm_z": 4.32514,
  "icvs_csf": 0.23463625787943873,
  "icvs_gm": 0.3447238654398248,
  "icvs_wm": 0.42063987668073644,
  "inu_med": 0.7335484623908997,
  "inu_range": 0.34519314765930176,
  "provenance": {
    "md5sum": "5f6baa9c2b415909d48168f31a876d18",
    "settings": {
      "testing": false
    },
    "software": "mriqc",
    "version": "22.0.6",
    "warnings": {
      "large_rot_frame": true,
      "small_air_mask": false
    },
    "webapi_port": null,
    "webapi_url": "https://mriqc.nimh.nih.gov/api/v1"
  },
  "qi_1": 4.083711416948686e-06,
  "qi_2": 0.0022073464667327976,
  "rpve_csf": 16.44737576576323,
  "rpve_gm": 10.010256784296281,
  "rpve_wm": 10.240408010892002,
  "size_x": 192,
  "size_y": 192,
  "size_z": 192,
  "snr_csf": 2.2423686637789197,
  "snr_gm": 10.616908816605063,
  "snr_total": 9.358950554325995,
  "snr_wm": 15.217574182594007,
  "snrd_csf": 20.05180546379933,
  "snrd_gm": 60.7621808150367,
  "snrd_total": 54.86015102278293,
  "snrd_wm": 83.76646678951276,
  "spacing_x": 1.0,
  "spacing_y": 1.0,
  "spacing_z": 1.0,
  "summary_bg_k": 108.77681295607232,
  "summary_bg_mad": 7.821807603323892,
  "summary_bg_mean": 10.68179126307947,
  "summary_bg_median": 5.275729056447744,
  "summary_bg_n": 1536791.0,
  "summary_bg_p05": 0.0,
  "summary_bg_p95": 43.43946063891053,
  "summary_bg_stdv": 20.771584528320442,
  "summary_csf_k": 0.3053150374009239,
  "summary_csf_mad": 103.04550514229685,
  "summary_csf_mean": 249.69812992529117,
  "summary_csf_median": 239.40261056646705,
  "summary_csf_n": 45026.0,
  "summary_csf_p05": 92.0299751451239,
  "summary_csf_p95": 445.72692489717156,
  "summary_csf_stdv": 106.7620841861358,
  "summary_gm_k": 0.09435900444485767,
  "summary_gm_mad": 68.37271621412974,
  "summary_gm_mean": 725.4432378127561,
  "summary_gm_median": 725.4521163739264,
  "summary_gm_n": 11154.0,
  "summary_gm_p05": 613.2418214026839,
  "summary_gm_p95": 835.5350589072332,
  "summary_gm_stdv": 68.32681794268626,
  "summary_wm_k": 1.6215298871429535,
  "summary_wm_mad": 57.359922424375206,
  "summary_wm_mean": 1010.3114442779106,
  "summary_wm_median": 1000.1049962081015,
  "summary_wm_n": 199187.0,
  "summary_wm_p05": 921.8089774250984,
  "summary_wm_p95": 1133.8880360126495,
  "summary_wm_stdv": 65.72023068442377,
  "tpm_overlap_csf": 0.1580838015829012,
  "tpm_overlap_gm": 0.40341272371207204,
  "tpm_overlap_wm": 0.4926465356634962,
  "wm2max": 0.6751661203154071
}