{
  "bids_meta": {
    "AcquisitionMatrixPE": 192,
    "AcquisitionNumber": 1,
    "AcquisitionTime": "14:37:23.547500",
    "BaseResolution": 192,
    "BodyPartExamined": "BRAIN",
    "CoilString": "HE1-4;NE1_2",
    "ConsistencyInfo": "N4_VE11C_LATEST_20160120",
    "ConversionSoftware": "dcm2niix",
    "ConversionSoftwareVersion": "v1.0.20190410  GCC6.3.0",
    "DeviceSerialNumber": "166048",
    "DwellTime": 3.5e-06,
    "EchoTime": 0.567,
    "EchoTrainLength": 314,
    "FlipAngle": 120,
    "ImageOrientationPatientDICOM": [
      0,
      1,
      0,
      0,
      0,
      -1
    ],
    "ImageType": [
      "ORIGINAL",
      "PRIMARY",
      "M",
      "ND",
      "NORM"
    ],
    "ImagingFrequency": 123.246,
    "InPlanePhaseEncodingDirectionDICOM": "ROW",
    "InstitutionAddress": "North_13th_1701_Philadelphia_PA_US_19122",
    "InstitutionName": "Temple_University_-_Weiss_Hall",
    "InstitutionalDepartmentName": "Department",
    "MRAcquisitionType": "3D",
    "MagneticFieldStrength": 3,
    "Manufacturer": "Siemens",
    "ManufacturersModelName": "Prisma",
    "Modality": "MR",
    "PartialFourier": 1,
    "PatientPosition": "HFS",
    "PercentPhaseFOV": 100,
    "PhaseEncodingSteps": 209,
    "PhaseOversampling": 0.1,
    "PhaseResolution": 1,
    "PixelBandwidth": 745,
    "ProcedureStepDescription": "SMITH_SRNDNA",
    "ProtocolName": "T2w-anat_spc_07sag_iso",
    "PulseSequenceDetails": "%SiemensSeq%_tse_vfl",
    "ReceiveCoilActiveElements": "HE1-4;NE1,2",
    "ReceiveCoilName": "HeadNeck_20",
    "ReconMatrixPE": 192,
    "RefLinesPE": 32,
    "RepetitionTime": 3.2,
    "SAR": 0.182926,
    "ScanOptions": "PFP",
    "ScanningSequence": "SE",
    "SequenceName": "_spc_314ns",
    "SequenceVariant": "SK_SP_OSP",
    "SeriesDescription": "T2w-anat_spc_07sag_iso",
    "SeriesNumber": 3,
    "ShimSetting": [
      1407,
      -7364,
      6406,
      211,
      73,
      -347,
      -99,
      29
    ],
    "SliceThickness": 1,
    "SoftwareVersions": "syngo_MR_E11",
    "StationName": "AWP166048",
    "TxRefAmp": 257.362,
    "dataset": "<unset>",
    "modality": "T2w",
    "subject_id": "137"
  },
  "cjv": 0.10026881245135848,
  "cnr": 3.567769052235721,
  "efc": 0.586721449727052,
  "fber": 5360.719016824837,
  "fwhm_avg": 2.64401,
  "fwhm_x": 2.49884,
  "fwhm_y": 2.96502,
  "fwhm_z": 2.46817,
  "icvs_csf": 0.19985430096572923,
  "icvs_gm": 0.14983488683051244,
  "icvs_wm": 0.6503108122037583,
  "inu_med": 0.9110296964645386,
  "inu_range": 0.21841313540935514,
  "provenance": {
    "md5sum": "b32a8e7977c16033e79aa0c15f6f6dfb",
    "settings": {
      "testing": false
    },
    "software": "mriqc",
    "version": "22.0.6",
    "warnings": {
      "large_rot_frame": true,
      "small_air_mask": false
    },
    "webapi_port": null,
    "webapi_url": "https://mriqc.nimh.nih.gov/api/v1"
  },
  "qi_1": 0.0,
  "qi_2": 0.0011636577736251319,
  "rpve_csf": 13.095796329968167,
  "rpve_gm": 25.887544059333237,
  "rpve_wm": 6.264573843806892,
  "size_x": 192,
  "size_y": 192,
  "size_z": 192,
  "snr_csf": 5.522092512318533,
  "snr_gm": 4.849385739895165,
  "snr_total": 6.293302663501688,
  "snr_wm": 8.508429738291365,
  "snrd_csf": 79.07972750579825,
  "snrd_gm": 180.96097905511115,
  "snrd_total": 102.14464802832272,
  "snrd_wm": 46.39323752405881,
  "spacing_x": 1.0,
  "spacing_y": 1.0,
  "spacing_z": 1.0,
  "summary_bg_k": 16.985107228688452,
  "summary_bg_mad": 0.0,
  "summary_bg_mean": 8.819085020460601,
  "summary_bg_median": 0.0,
  "summary_bg_n": 1263346.0,
  "summary_bg_p05": 0.0,
  "summary_bg_p95": 37.49344477057457,
  "summary_bg_stdv": 14.12970754486657,
  "summary_csf_k": 2.5235939971752375,
  "summary_csf_mad": 226.6274471540284,
  "summary_csf_mean": 1739.1976965829078,
  "summary_csf_median": 1705.558449178934,
  "summary_csf_n": 2745.0,
  "summary_csf_p05": 1303.7231103301049,
  "summary_csf_p95": 2299.1347402006386,
  "summary_csf_stdv": 308.80463351378694,
  "summary_gm_k": 8.352172050986729,
  "summary_gm_mad": 173.12898675167307,
  "summary_gm_mean": 3590.5040646832003,
  "summary_gm_median": 3902.8906210698187,
  "summary_gm_n": 30580.0,
  "summary_gm_p05": 2109.7141865327953,
  "summary_gm_p95": 4103.893502868712,
  "summary_gm_stdv": 804.8084882191978,
  "summary_wm_k": -0.0045636467628140664,
  "summary_wm_mad": 117.88125788929521,
  "summary_wm_mean": 1002.7501006288006,
  "summary_wm_median": 1000.5899203196168,
  "summary_wm_n": 338573.0,
  "summary_wm_p05": 812.9260525256395,
  "summary_wm_p95": 1199.5935887172818,
  "summary_wm_stdv": 117.59965980066723,
  "tpm_overlap_csf": 0.12767023846447242,
  "tpm_overlap_gm": 0.10314757295186651,
  "tpm_overlap_wm": 0.4324677451551255,
  "wm2max": 0.24548487737974112
}