{
  "bids_meta": {
    "AcquisitionMatrixPE": 192,
    "AcquisitionNumber": 1,
    "AcquisitionTime": "14:41:39.275000",
    "BaseResolution": 192,
    "BodyPartExamined": "BRAIN",
    "CoilString": "HE1-4;NE1_2",
    "ConsistencyInfo": "N4_VE11C_LATEST_20160120",
    "ConversionSoftware": "dcm2niix",
    "ConversionSoftwareVersion": "v1.0.20190410  GCC6.3.0",
    "DeviceSerialNumber": "166048",
    "DwellTime": 1.24e-05,
    "EchoTime": 0.0022,
    "FlipAngle": 8,
    "ImageOrientationPatientDICOM": [
      0,
      1,
      0,
      0,
      0,
      -1
    ],
    "ImageType": [
      "ORIGINAL",
      "PRIMARY",
      "M",
      "ND",
      "NORM",
      "FM3",
      "2",
      "FIL"
    ],
    "ImagingFrequency": 123.246,
    "InPlanePhaseEncodingDirectionDICOM": "ROW",
    "InstitutionAddress": "North_13th_1701_Philadelphia_PA_US_19122",
    "InstitutionName": "Temple_University_-_Weiss_Hall",
    "InstitutionalDepartmentName": "Department",
    "InversionTime": 1.15,
    "MRAcquisitionType": "3D",
    "MagneticFieldStrength": 3,
    "Manufacturer": "Siemens",
    "ManufacturersModelName": "Prisma",
    "Modality": "MR",
    "PartialFourier": 1,
    "PatientPosition": "HFS",
    "PercentPhaseFOV": 100,
    "PhaseEncodingSteps": 211,
    "PhaseOversampling": 0.1,
    "PhaseResolution": 1,
    "PixelBandwidth": 210,
    "ProcedureStepDescription": "SMITH_SRNDNA",
    "ProtocolName": "T1w-anat_mpg_07sag_iso",
    "PulseSequenceDetails": "%SiemensSeq%_tfl",
    "ReceiveCoilActiveElements": "HE1-4;NE1,2",
    "ReceiveCoilName": "HeadNeck_20",
    "ReconMatrixPE": 192,
    "RefLinesPE": 32,
    "RepetitionTime": 2.4,
    "SAR": 0.0497991,
    "ScanOptions": "IR_WE",
    "ScanningSequence": "GR_IR",
    "SequenceName": "_tfl3d1_16ns",
    "SequenceVariant": "SK_SP_MP_OSP",
    "SeriesDescription": "T1w-anat_mpg_07sag_iso",
    "SeriesNumber": 5,
    "ShimSetting": [
      1407,
      -7364,
      6406,
      211,
      73,
      -347,
      -99,
      29
    ],
    "SliceThickness": 1,
    "SoftwareVersions": "syngo_MR_E11",
    "StationName": "AWP166048",
    "TxRefAmp": 257.362,
    "dataset": "<unset>",
    "modality": "T1w",
    "subject_id": "137"
  },
  "cjv": 0.39097274633743406,
  "cnr": 3.4512703265385425,
  "efc": 0.6231062879972704,
  "fber": -1.0,
  "fwhm_avg": 3.869796666666667,
  "fwhm_x": 3.75158,
  "fwhm_y": 3.93177,
  "fwhm_z": 3.92604,
  "icvs_csf": 0.23692644555988865,
  "icvs_gm": 0.39890148253917723,
  "icvs_wm": 0.3641720719009341,
  "inu_med": 0.38969026505947113,
  "inu_range": 0.13344814479351041,
  "provenance": {
    "md5sum": "06d5af518f4223e2193aa06b02ca0ae9",
    "settings": {
      "testing": false
    },
    "software": "mriqc",
    "version": "22.0.6",
    "warnings": {
      "large_rot_frame": true,
      "small_air_mask": false
    },
    "webapi_port": null,
    "webapi_url": "https://mriqc.nimh.nih.gov/api/v1"
  },
  "qi_1": 0.0,
  "qi_2": 0.008614427022185922,
  "rpve_csf": 14.34215614387947,
  "rpve_gm": 8.363909262787294,
  "rpve_wm": 10.919313429159775,
  "size_x": 192,
  "size_y": 192,
  "size_z": 192,
  "snr_csf": 2.773071763196119,
  "snr_gm": 12.57047101913797,
  "snr_total": 14.617774940829499,
  "snr_wm": 28.509782040154406,
  "snrd_csf": 33.20777243015606,
  "snrd_gm": 100.20447446663097,
  "snrd_total": 88.50610024095937,
  "snrd_wm": 132.10605382609106,
  "spacing_x": 1.0,
  "spacing_y": 1.0,
  "spacing_z": 1.0,
  "summary_bg_k": 9.374297483170587,
  "summary_bg_mad": 0.0,
  "summary_bg_mean": 2.9400977018527428,
  "summary_bg_median": 0.0,
  "summary_bg_n": 1267366.0,
  "summary_bg_p05": 0.0,
  "summary_bg_p95": 13.454063851386309,
  "summary_bg_stdv": 4.959276017679548,
  "summary_csf_k": 3.3245230616017425,
  "summary_csf_mad": 59.14451196717014,
  "summary_csf_mean": 267.0000304859218,
  "summary_csf_median": 251.37743745185435,
  "summary_csf_n": 46741.0,
  "summary_csf_p05": 153.41903921961784,
  "summary_csf_p95": 452.01383409276605,
  "summary_csf_stdv": 90.64848293046985,
  "summary_gm_k": 0.1343867929401683,
  "summary_gm_mad": 60.18935612933107,
  "summary_gm_mean": 755.9455368901673,
  "summary_gm_median": 758.5315776783973,
  "summary_gm_n": 22353.0,
  "summary_gm_p05": 654.1451267171651,
  "summary_gm_p95": 850.5317476335913,
  "summary_gm_stdv": 60.34098557045038,
  "summary_wm_k": 0.49321352321737955,
  "summary_wm_mad": 34.22656179684739,
  "summary_wm_mean": 1001.3159355696511,
  "summary_wm_median": 1000.0213459823281,
  "summary_wm_n": 198850.0,
  "summary_wm_p05": 946.1837349198759,
  "summary_wm_p95": 1059.176515614614,
  "summary_wm_stdv": 35.07634081729875,
  "tpm_overlap_csf": 0.16166858774728668,
  "tpm_overlap_gm": 0.43544223158056855,
  "tpm_overlap_wm": 0.501233459271391,
  "wm2max": 0.8920787929589271
}