{
  "aor": 0.0075994974874371846,
  "aqi": 0.009198670753768845,
  "bids_meta": {
    "AcquisitionMatrixPE": 74,
    "AcquisitionNumber": 1,
    "AcquisitionTime": "14:40:23.855000",
    "BandwidthPerPixelPhaseEncode": 27.579,
    "BaseResolution": 74,
    "BodyPartExamined": "BRAIN",
    "CogAtlasID": "http://www.cognitiveatlas.org/task/id/TODO",
    "CoilString": "HE1-4;NE1_2",
    "ConsistencyInfo": "N4_VE11C_LATEST_20160120",
    "ConversionSoftware": "dcm2niix",
    "ConversionSoftwareVersion": "v1.0.20190410  GCC6.3.0",
    "DerivedVendorReportedEchoSpacing": 0.000489993,
    "DeviceSerialNumber": "166048",
    "DwellTime": 2.9e-06,
    "EchoTime": 0.023,
    "EchoTrainLength": 74,
    "EffectiveEchoSpacing": 0.000489993,
    "FlipAngle": 76,
    "ImageOrientationPatientDICOM": [
      0.996783,
      0.0231059,
      0.0767457,
      -4.3291e-08,
      0.957544,
      -0.288288
    ],
    "ImageType": [
      "ORIGINAL",
      "PRIMARY",
      "M",
      "ND",
      "NORM",
      "MOSAIC"
    ],
    "ImagingFrequency": 123.246,
    "InPlanePhaseEncodingDirectionDICOM": "COL",
    "InstitutionAddress": "North_13th_1701_Philadelphia_PA_US_19122",
    "InstitutionName": "Temple_University_-_Weiss_Hall",
    "InstitutionalDepartmentName": "Department",
    "MRAcquisitionType": "2D",
    "MagneticFieldStrength": 3,
    "Manufacturer": "Siemens",
    "ManufacturersModelName": "Prisma",
    "Modality": "MR",
    "PartialFourier": 1,
    "PatientPosition": "HFS",
    "PercentPhaseFOV": 100,
    "PhaseEncodingDirection": "j-",
    "PhaseEncodingSteps": 74,
    "PhaseResolution": 1,
    "PixelBandwidth": 2330,
    "ProcedureStepDescription": "SMITH_SRNDNA",
    "ProtocolName": "func-bold_task-UG_run1",
    "PulseSequenceDetails": "%SiemensSeq%_ep2d_bold",
    "ReceiveCoilActiveElements": "HE1-4;NE1,2",
    "ReceiveCoilName": "HeadNeck_20",
    "ReconMatrixPE": 74,
    "RepetitionTime": 2.02,
    "SAR": 0.0954341,
    "ScanOptions": "FS",
    "ScanningSequence": "EP",
    "SequenceName": "_epfid2d1_74",
    "SequenceVariant": "SK",
    "SeriesDescription": "func-bold_task-UG_run1",
    "SeriesNumber": 17,
    "ShimSetting": [
      1423,
      -7459,
      6584,
      214,
      -22,
      -76,
      -132,
      83
    ],
    "SliceThickness": 2.8,
    "SliceTiming": [
      1.945,
      1.8875,
      1.8325,
      1.7775,
      1.7225,
      1.6675,
      1.61,
      1.555,
      1.5,
      1.445,
      1.3875,
      1.3325,
      1.2775,
      1.2225,
      1.1675,
      1.11,
      1.055,
      1,
      0.945,
      0.8875,
      0.8325,
      0.7775,
      0.7225,
      0.6675,
      0.61,
      0.555,
      0.5,
      0.445,
      0.3875,
      0.3325,
      0.2775,
      0.2225,
      0.1675,
      0.11,
      0.055,
      0
    ],
    "SoftwareVersions": "syngo_MR_E11",
    "SpacingBetweenSlices": 3.22,
    "StationName": "AWP166048",
    "TaskName": "ultimatum",
    "TotalReadoutTime": 0.0357695,
    "TxRefAmp": 276.4,
    "dataset": "<unset>",
    "modality": "bold",
    "run_id": 2,
    "subject_id": "129",
    "task_id": "ultimatum"
  },
  "dummy_trs": 1,
  "dvars_nstd": 39.00977313883836,
  "dvars_std": 1.3119086826262627,
  "dvars_vstd": 1.0754179183333332,
  "efc": 0.5378826978828933,
  "fber": 1332.18896484375,
  "fd_mean": 0.5296763960448123,
  "fd_num": 186,
  "fd_perc": 93.46733668341709,
  "fwhm_avg": 1.99968440051655,
  "fwhm_x": 1.9545519768729462,
  "fwhm_y": 2.0679267080774033,
  "fwhm_z": 1.976574516599301,
  "gcor": 0.0302996,
  "gsr_x": -0.010974322445690632,
  "gsr_y": 0.026176510378718376,
  "provenance": {
    "md5sum": "ccab3b0cff1503a4b2e87672067f9fdf",
    "settings": {
      "fd_thres": 0.2,
      "testing": false
    },
    "software": "mriqc",
    "version": "22.0.6",
    "webapi_port": null,
    "webapi_url": "https://mriqc.nimh.nih.gov/api/v1"
  },
  "size_t": 199,
  "size_x": 74,
  "size_y": 74,
  "size_z": 36,
  "snr": 5.598477299921889,
  "spacing_tr": 2.0199999809265137,
  "spacing_x": 2.972972869873047,
  "spacing_y": 2.972972869873047,
  "spacing_z": 3.2200000286102295,
  "summary_bg_k": 24.806841152392735,
  "summary_bg_mad": 10.892284196758006,
  "summary_bg_mean": 43.93501281738281,
  "summary_bg_median": 19.35175895690918,
  "summary_bg_n": 120888.0,
  "summary_bg_p05": 9.966582775115969,
  "summary_bg_p95": 162.95301589965817,
  "summary_bg_stdv": 67.25248718261719,
  "summary_fg_k": 1.1766984015307127,
  "summary_fg_mad": 121.9235815381635,
  "summary_fg_mean": 735.1365356445312,
  "summary_fg_median": 720.8341674804688,
  "summary_fg_n": 38113.0,
  "summary_fg_p05": 560.2281127929688,
  "summary_fg_p95": 970.4291381835939,
  "summary_fg_stdv": 128.7537078857422,
  "tsnr": 52.39804262656253
}