{
  "aor": 0.004202288557213931,
  "aqi": 0.0132171855721393,
  "bids_meta": {
    "AcquisitionMatrixPE": 74,
    "AcquisitionNumber": 1,
    "AcquisitionTime": "14:23:8.762500",
    "BandwidthPerPixelPhaseEncode": 27.579,
    "BaseResolution": 74,
    "BodyPartExamined": "BRAIN",
    "CogAtlasID": "http://www.cognitiveatlas.org/task/id/TODO",
    "CoilString": "HE1-4;NE1_2",
    "ConsistencyInfo": "N4_VE11C_LATEST_20160120",
    "ConversionSoftware": "dcm2niix",
    "ConversionSoftwareVersion": "v1.0.20190410  GCC6.3.0",
    "DerivedVendorReportedEchoSpacing": 0.000489993,
    "DeviceSerialNumber": "166048",
    "DwellTime": 2.9e-06,
    "EchoTime": 0.023,
    "EchoTrainLength": 74,
    "EffectiveEchoSpacing": 0.000489993,
    "FlipAngle": 76,
    "ImageOrientationPatientDICOM": [
      0.996783,
      0.0231059,
      0.0767457,
      -4.3291e-08,
      0.957544,
      -0.288288
    ],
    "ImageType": [
      "ORIGINAL",
      "PRIMARY",
      "M",
      "ND",
      "NORM",
      "MOSAIC"
    ],
    "ImagingFrequency": 123.246,
    "InPlanePhaseEncodingDirectionDICOM": "COL",
    "InstitutionAddress": "North_13th_1701_Philadelphia_PA_US_19122",
    "InstitutionName": "Temple_University_-_Weiss_Hall",
    "InstitutionalDepartmentName": "Department",
    "MRAcquisitionType": "2D",
    "MagneticFieldStrength": 3,
    "Manufacturer": "Siemens",
    "ManufacturersModelName": "Prisma",
    "Modality": "MR",
    "PartialFourier": 1,
    "PatientPosition": "HFS",
    "PercentPhaseFOV": 100,
    "PhaseEncodingDirection": "j-",
    "PhaseEncodingSteps": 74,
    "PhaseResolution": 1,
    "PixelBandwidth": 2330,
    "ProcedureStepDescription": "SMITH_SRNDNA",
    "ProtocolName": "func-bold_task-reward_run1",
    "PulseSequenceDetails": "%SiemensSeq%_ep2d_bold",
    "ReceiveCoilActiveElements": "HE1-4;NE1,2",
    "ReceiveCoilName": "HeadNeck_20",
    "ReconMatrixPE": 74,
    "RepetitionTime": 2.02,
    "SAR": 0.0954375,
    "ScanOptions": "FS",
    "ScanningSequence": "EP",
    "SequenceName": "_epfid2d1_74",
    "SequenceVariant": "SK",
    "SeriesDescription": "func-bold_task-reward_run1",
    "SeriesNumber": 15,
    "ShimSetting": [
      1423,
      -7459,
      6584,
      214,
      -22,
      -76,
      -132,
      83
    ],
    "SliceThickness": 2.8,
    "SliceTiming": [
      1.945,
      1.89,
      1.835,
      1.7775,
      1.7225,
      1.6675,
      1.6125,
      1.5575,
      1.5,
      1.445,
      1.39,
      1.335,
      1.2775,
      1.2225,
      1.1675,
      1.1125,
      1.0575,
      1,
      0.945,
      0.89,
      0.835,
      0.7775,
      0.7225,
      0.6675,
      0.6125,
      0.5575,
      0.5,
      0.445,
      0.39,
      0.335,
      0.2775,
      0.2225,
      0.1675,
      0.1125,
      0.0575,
      0
    ],
    "SoftwareVersions": "syngo_MR_E11",
    "SpacingBetweenSlices": 3.22,
    "StationName": "AWP166048",
    "TaskName": "sharedreward",
    "TotalReadoutTime": 0.0357695,
    "TxRefAmp": 276.4,
    "dataset": "<unset>",
    "modality": "bold",
    "run_id": 2,
    "subject_id": "129",
    "task_id": "sharedreward"
  },
  "dummy_trs": 1,
  "dvars_nstd": 45.37173065155,
  "dvars_std": 1.2745752356000006,
  "dvars_vstd": 1.0374365130999998,
  "efc": 0.5386951180128943,
  "fber": 1340.7978515625,
  "fd_mean": 0.5771026013030691,
  "fd_num": 192,
  "fd_perc": 95.5223880597015,
  "fwhm_avg": 1.9109537418325935,
  "fwhm_x": 1.874702610467481,
  "fwhm_y": 1.9821741596490394,
  "fwhm_z": 1.8759844553812592,
  "gcor": 0.0149878,
  "gsr_x": -0.01001072395592928,
  "gsr_y": 0.02579689398407936,
  "provenance": {
    "md5sum": "e8858ffa5f6247e6d8cb57dae5b1bee3",
    "settings": {
      "fd_thres": 0.2,
      "testing": false
    },
    "software": "mriqc",
    "version": "22.0.6",
    "webapi_port": null,
    "webapi_url": "https://mriqc.nimh.nih.gov/api/v1"
  },
  "size_t": 201,
  "size_x": 74,
  "size_y": 74,
  "size_z": 36,
  "snr": 5.866002861468579,
  "spacing_tr": 2.0199999809265137,
  "spacing_x": 2.972972869873047,
  "spacing_y": 2.972972869873047,
  "spacing_z": 3.2200000286102295,
  "summary_bg_k": 26.160203342721246,
  "summary_bg_mad": 10.739647328000437,
  "summary_bg_mean": 43.05409240722656,
  "summary_bg_median": 18.985074996948242,
  "summary_bg_n": 120619.0,
  "summary_bg_p05": 9.726367950439453,
  "summary_bg_p95": 157.20497436523428,
  "summary_bg_stdv": 66.39705657958984,
  "summary_fg_k": 1.6724682434640643,
  "summary_fg_mad": 110.67882555181218,
  "summary_fg_mean": 722.6002197265625,
  "summary_fg_median": 709.0696411132812,
  "summary_fg_n": 38327.0,
  "summary_fg_p05": 558.9154052734375,
  "summary_fg_p95": 941.9656677246094,
  "summary_fg_stdv": 120.8762435913086,
  "tsnr": 48.56151308177505
}