{
  "aor": 0.0064088442211055275,
  "aqi": 0.014700747336683417,
  "bids_meta": {
    "AcquisitionMatrixPE": 74,
    "AcquisitionNumber": 1,
    "AcquisitionTime": "14:33:14.025000",
    "BandwidthPerPixelPhaseEncode": 27.579,
    "BaseResolution": 74,
    "BodyPartExamined": "BRAIN",
    "CogAtlasID": "http://www.cognitiveatlas.org/task/id/TODO",
    "CoilString": "HE1-4;NE1_2",
    "ConsistencyInfo": "N4_VE11C_LATEST_20160120",
    "ConversionSoftware": "dcm2niix",
    "ConversionSoftwareVersion": "v1.0.20190410  GCC6.3.0",
    "DerivedVendorReportedEchoSpacing": 0.000489993,
    "DeviceSerialNumber": "166048",
    "DwellTime": 2.9e-06,
    "EchoTime": 0.023,
    "EchoTrainLength": 74,
    "EffectiveEchoSpacing": 0.000489993,
    "FlipAngle": 76,
    "ImageOrientationPatientDICOM": [
      0.996783,
      0.0231059,
      0.0767457,
      -4.3291e-08,
      0.957544,
      -0.288288
    ],
    "ImageType": [
      "ORIGINAL",
      "PRIMARY",
      "M",
      "ND",
      "NORM",
      "MOSAIC"
    ],
    "ImagingFrequency": 123.246,
    "InPlanePhaseEncodingDirectionDICOM": "COL",
    "InstitutionAddress": "North_13th_1701_Philadelphia_PA_US_19122",
    "InstitutionName": "Temple_University_-_Weiss_Hall",
    "InstitutionalDepartmentName": "Department",
    "MRAcquisitionType": "2D",
    "MagneticFieldStrength": 3,
    "Manufacturer": "Siemens",
    "ManufacturersModelName": "Prisma",
    "Modality": "MR",
    "PartialFourier": 1,
    "PatientPosition": "HFS",
    "PercentPhaseFOV": 100,
    "PhaseEncodingDirection": "j-",
    "PhaseEncodingSteps": 74,
    "PhaseResolution": 1,
    "PixelBandwidth": 2330,
    "ProcedureStepDescription": "SMITH_SRNDNA",
    "ProtocolName": "func-bold_task-UG_run0",
    "PulseSequenceDetails": "%SiemensSeq%_ep2d_bold",
    "ReceiveCoilActiveElements": "HE1-4;NE1,2",
    "ReceiveCoilName": "HeadNeck_20",
    "ReconMatrixPE": 74,
    "RepetitionTime": 2.02,
    "SAR": 0.0954341,
    "ScanOptions": "FS",
    "ScanningSequence": "EP",
    "SequenceName": "_epfid2d1_74",
    "SequenceVariant": "SK",
    "SeriesDescription": "func-bold_task-UG_run0",
    "SeriesNumber": 16,
    "ShimSetting": [
      1423,
      -7459,
      6584,
      214,
      -22,
      -76,
      -132,
      83
    ],
    "SliceThickness": 2.8,
    "SliceTiming": [
      1.945,
      1.89,
      1.8325,
      1.7775,
      1.7225,
      1.6675,
      1.6125,
      1.555,
      1.5,
      1.445,
      1.39,
      1.3325,
      1.2775,
      1.2225,
      1.1675,
      1.1125,
      1.055,
      1,
      0.945,
      0.89,
      0.8325,
      0.7775,
      0.7225,
      0.6675,
      0.6125,
      0.555,
      0.5,
      0.445,
      0.39,
      0.3325,
      0.2775,
      0.2225,
      0.1675,
      0.1125,
      0.055,
      0
    ],
    "SoftwareVersions": "syngo_MR_E11",
    "SpacingBetweenSlices": 3.22,
    "StationName": "AWP166048",
    "TaskName": "ultimatum",
    "TotalReadoutTime": 0.0357695,
    "TxRefAmp": 276.4,
    "dataset": "<unset>",
    "modality": "bold",
    "run_id": 1,
    "subject_id": "129",
    "task_id": "ultimatum"
  },
  "dummy_trs": 1,
  "dvars_nstd": 44.50199397853536,
  "dvars_std": 1.2480467178787882,
  "dvars_vstd": 1.0403276621717175,
  "efc": 0.5386345010887438,
  "fber": 1341.319091796875,
  "fd_mean": 0.6141645419919777,
  "fd_num": 191,
  "fd_perc": 95.97989949748744,
  "fwhm_avg": 1.9730249477676118,
  "fwhm_x": 1.9307878851397386,
  "fwhm_y": 2.043557161777745,
  "fwhm_z": 1.9447297963853523,
  "gcor": 0.0328932,
  "gsr_x": -0.01021647360175848,
  "gsr_y": 0.026104792952537537,
  "provenance": {
    "md5sum": "b4998d0ea1aab68558929bf065b9d863",
    "settings": {
      "fd_thres": 0.2,
      "testing": false
    },
    "software": "mriqc",
    "version": "22.0.6",
    "webapi_port": null,
    "webapi_url": "https://mriqc.nimh.nih.gov/api/v1"
  },
  "size_t": 199,
  "size_x": 74,
  "size_y": 74,
  "size_z": 36,
  "snr": 5.729406331850071,
  "spacing_tr": 2.0199999809265137,
  "spacing_x": 2.972972869873047,
  "spacing_y": 2.972972869873047,
  "spacing_z": 3.2200000286102295,
  "summary_bg_k": 25.094893952138793,
  "summary_bg_mad": 10.907182668186298,
  "summary_bg_mean": 43.66979217529297,
  "summary_bg_median": 19.185930252075195,
  "summary_bg_n": 120768.0,
  "summary_bg_p05": 9.788944244384766,
  "summary_bg_p95": 159.721604156494,
  "summary_bg_stdv": 66.6736831665039,
  "summary_fg_k": 1.3139039201225593,
  "summary_fg_mad": 117.15534675424531,
  "summary_fg_mean": 729.3018798828125,
  "summary_fg_median": 716.5728759765625,
  "summary_fg_n": 38279.0,
  "summary_fg_p05": 558.1502563476563,
  "summary_fg_p95": 956.6784057617188,
  "summary_fg_stdv": 125.06767272949219,
  "tsnr": 43.28450506727677
}