{
  "aor": 0.002855,
  "aqi": 0.0102873479,
  "bids_meta": {
    "AcquisitionMatrixPE": 74,
    "AcquisitionNumber": 1,
    "AcquisitionTime": "14:15:47.262500",
    "BandwidthPerPixelPhaseEncode": 27.579,
    "BaseResolution": 74,
    "BodyPartExamined": "BRAIN",
    "CogAtlasID": "http://www.cognitiveatlas.org/task/id/TODO",
    "CoilString": "HE1-4;NE1_2",
    "ConsistencyInfo": "N4_VE11C_LATEST_20160120",
    "ConversionSoftware": "dcm2niix",
    "ConversionSoftwareVersion": "v1.0.20190410  GCC6.3.0",
    "DerivedVendorReportedEchoSpacing": 0.000489993,
    "DeviceSerialNumber": "166048",
    "DwellTime": 2.9e-06,
    "EchoTime": 0.023,
    "EchoTrainLength": 74,
    "EffectiveEchoSpacing": 0.000489993,
    "FlipAngle": 76,
    "ImageOrientationPatientDICOM": [
      0.996783,
      0.0231059,
      0.0767457,
      -4.3291e-08,
      0.957544,
      -0.288288
    ],
    "ImageType": [
      "ORIGINAL",
      "PRIMARY",
      "M",
      "ND",
      "NORM",
      "MOSAIC"
    ],
    "ImagingFrequency": 123.246,
    "InPlanePhaseEncodingDirectionDICOM": "COL",
    "InstitutionAddress": "North_13th_1701_Philadelphia_PA_US_19122",
    "InstitutionName": "Temple_University_-_Weiss_Hall",
    "InstitutionalDepartmentName": "Department",
    "MRAcquisitionType": "2D",
    "MagneticFieldStrength": 3,
    "Manufacturer": "Siemens",
    "ManufacturersModelName": "Prisma",
    "Modality": "MR",
    "PartialFourier": 1,
    "PatientPosition": "HFS",
    "PercentPhaseFOV": 100,
    "PhaseEncodingDirection": "j-",
    "PhaseEncodingSteps": 74,
    "PhaseResolution": 1,
    "PixelBandwidth": 2330,
    "ProcedureStepDescription": "SMITH_SRNDNA",
    "ProtocolName": "func-bold_task-reward_run0",
    "PulseSequenceDetails": "%SiemensSeq%_ep2d_bold",
    "ReceiveCoilActiveElements": "HE1-4;NE1,2",
    "ReceiveCoilName": "HeadNeck_20",
    "ReconMatrixPE": 74,
    "RepetitionTime": 2.02,
    "SAR": 0.0954375,
    "ScanOptions": "FS",
    "ScanningSequence": "EP",
    "SequenceName": "_epfid2d1_74",
    "SequenceVariant": "SK",
    "SeriesDescription": "func-bold_task-reward_run0",
    "SeriesNumber": 14,
    "ShimSetting": [
      1423,
      -7459,
      6584,
      214,
      -22,
      -76,
      -132,
      83
    ],
    "SliceThickness": 2.8,
    "SliceTiming": [
      1.945,
      1.89,
      1.835,
      1.7775,
      1.7225,
      1.6675,
      1.6125,
      1.555,
      1.5,
      1.445,
      1.39,
      1.335,
      1.2775,
      1.2225,
      1.1675,
      1.1125,
      1.055,
      1,
      0.945,
      0.89,
      0.835,
      0.7775,
      0.7225,
      0.6675,
      0.6125,
      0.555,
      0.5,
      0.445,
      0.39,
      0.335,
      0.2775,
      0.2225,
      0.1675,
      0.1125,
      0.0575,
      0
    ],
    "SoftwareVersions": "syngo_MR_E11",
    "SpacingBetweenSlices": 3.22,
    "StationName": "AWP166048",
    "TaskName": "sharedreward",
    "TotalReadoutTime": 0.0357695,
    "TxRefAmp": 276.4,
    "dataset": "<unset>",
    "modality": "bold",
    "run_id": 1,
    "subject_id": "129",
    "task_id": "sharedreward"
  },
  "dummy_trs": 2,
  "dvars_nstd": 39.571734548040226,
  "dvars_std": 1.2426172147236179,
  "dvars_vstd": 1.0099390765326635,
  "efc": 0.5384263559213672,
  "fber": 1344.920166015625,
  "fd_mean": 0.4851785005306178,
  "fd_num": 189,
  "fd_perc": 94.5,
  "fwhm_avg": 1.899344413528948,
  "fwhm_x": 1.8468517004107285,
  "fwhm_y": 1.9734051593449389,
  "fwhm_z": 1.8777763808311758,
  "gcor": 0.0169328,
  "gsr_x": -0.010177579708397388,
  "gsr_y": 0.026465343311429024,
  "provenance": {
    "md5sum": "1d3c3f4b4b501ecc7b5c532ebe50504a",
    "settings": {
      "fd_thres": 0.2,
      "testing": false
    },
    "software": "mriqc",
    "version": "22.0.6",
    "webapi_port": null,
    "webapi_url": "https://mriqc.nimh.nih.gov/api/v1"
  },
  "size_t": 200,
  "size_x": 74,
  "size_y": 74,
  "size_z": 36,
  "snr": 5.919845068783025,
  "spacing_tr": 2.0199999809265137,
  "spacing_x": 2.972972869873047,
  "spacing_y": 2.972972869873047,
  "spacing_z": 3.2200000286102295,
  "summary_bg_k": 26.861521063051075,
  "summary_bg_mad": 10.652494734248085,
  "summary_bg_mean": 42.61904525756836,
  "summary_bg_median": 18.85999870300293,
  "summary_bg_n": 120677.0,
  "summary_bg_p05": 9.585000038146973,
  "summary_bg_p95": 155.18599853515624,
  "summary_bg_stdv": 65.91474914550781,
  "summary_fg_k": 1.7684879201182957,
  "summary_fg_mad": 108.25222270199245,
  "summary_fg_mean": 718.1802978515625,
  "summary_fg_median": 705.25,
  "summary_fg_n": 38296.0,
  "summary_fg_p05": 557.7199859619141,
  "summary_fg_p95": 933.2712554931641,
  "summary_fg_stdv": 119.13162994384766,
  "tsnr": 54.85050901584327
}