{
  "bids_meta": {
    "AcquisitionMatrixPE": 192,
    "AcquisitionNumber": 1,
    "AcquisitionTime": "18:26:30.540000",
    "BaseResolution": 192,
    "BodyPartExamined": "BRAIN",
    "CoilString": "HE1-4;NE1_2",
    "ConsistencyInfo": "N4_VE11C_LATEST_20160120",
    "ConversionSoftware": "dcm2niix",
    "ConversionSoftwareVersion": "v1.0.20190410  GCC6.3.0",
    "DeviceSerialNumber": "166048",
    "DwellTime": 3.5e-06,
    "EchoTime": 0.567,
    "EchoTrainLength": 314,
    "FlipAngle": 120,
    "ImageOrientationPatientDICOM": [
      0,
      1,
      0,
      0,
      0,
      -1
    ],
    "ImageType": [
      "ORIGINAL",
      "PRIMARY",
      "M",
      "ND",
      "NORM"
    ],
    "ImagingFrequency": 123.246,
    "InPlanePhaseEncodingDirectionDICOM": "ROW",
    "InstitutionAddress": "North_13th_1701_Philadelphia_PA_US_19122",
    "InstitutionName": "Temple_University_-_Weiss_Hall",
    "InstitutionalDepartmentName": "Department",
    "MRAcquisitionType": "3D",
    "MagneticFieldStrength": 3,
    "Manufacturer": "Siemens",
    "ManufacturersModelName": "Prisma",
    "Modality": "MR",
    "PartialFourier": 1,
    "PatientPosition": "HFS",
    "PercentPhaseFOV": 100,
    "PhaseEncodingSteps": 209,
    "PhaseOversampling": 0.1,
    "PhaseResolution": 1,
    "PixelBandwidth": 745,
    "ProcedureStepDescription": "SMITH_SRNDNA",
    "ProtocolName": "T2w-anat_spc_07sag_iso",
    "PulseSequenceDetails": "%SiemensSeq%_tse_vfl",
    "ReceiveCoilActiveElements": "HE1-4;NE1,2",
    "ReceiveCoilName": "HeadNeck_20",
    "ReconMatrixPE": 192,
    "RefLinesPE": 32,
    "RepetitionTime": 3.2,
    "SAR": 0.183048,
    "ScanOptions": "PFP",
    "ScanningSequence": "SE",
    "SequenceName": "_spc_314ns",
    "SequenceVariant": "SK_SP_OSP",
    "SeriesDescription": "T2w-anat_spc_07sag_iso",
    "SeriesNumber": 3,
    "ShimSetting": [
      1411,
      -7471,
      6483,
      221,
      9,
      -141,
      -186,
      47
    ],
    "SliceThickness": 1,
    "SoftwareVersions": "syngo_MR_E11",
    "StationName": "AWP166048",
    "TxRefAmp": 266.646,
    "dataset": "<unset>",
    "modality": "T2w",
    "subject_id": "157"
  },
  "cjv": 0.36855087379511375,
  "cnr": 2.059633383784013,
  "efc": 0.6083839538361813,
  "fber": 4505.0944,
  "fwhm_avg": 2.503746666666667,
  "fwhm_x": 2.42353,
  "fwhm_y": 2.75438,
  "fwhm_z": 2.33333,
  "icvs_csf": 0.3160097984954661,
  "icvs_gm": 0.1373119419722417,
  "icvs_wm": 0.5466782595322922,
  "inu_med": 0.973136842250824,
  "inu_range": 0.30925008058547965,
  "provenance": {
    "md5sum": "559372e8485ea45345ab70c67e6c3405",
    "settings": {
      "testing": false
    },
    "software": "mriqc",
    "version": "22.0.6",
    "warnings": {
      "large_rot_frame": true,
      "small_air_mask": false
    },
    "webapi_port": null,
    "webapi_url": "https://mriqc.nimh.nih.gov/api/v1"
  },
  "qi_1": 0.0,
  "qi_2": 0.002273679467631762,
  "rpve_csf": 8.118082543685484,
  "rpve_gm": 24.25863540766697,
  "rpve_wm": 5.851880235644791,
  "size_x": 192,
  "size_y": 192,
  "size_z": 192,
  "snr_csf": 9.10670569640193,
  "snr_gm": 2.8587131891023176,
  "snr_total": 6.5340129840523495,
  "snr_wm": 7.6366200666528,
  "snrd_csf": 77.30369123103077,
  "snrd_gm": 160.02533646900648,
  "snrd_total": 93.81416480483126,
  "snrd_wm": 44.11346671445658,
  "spacing_x": 1.0,
  "spacing_y": 1.0,
  "spacing_z": 1.0,
  "summary_bg_k": 5.487861527737442,
  "summary_bg_mad": 0.0,
  "summary_bg_mean": 9.512715445155969,
  "summary_bg_median": 0.0,
  "summary_bg_n": 1329699.0,
  "summary_bg_p05": 0.0,
  "summary_bg_p95": 42.0975441634655,
  "summary_bg_stdv": 14.854433577166908,
  "summary_csf_k": 1.0256582535850054,
  "summary_csf_mad": 180.06522453896923,
  "summary_csf_mean": 1762.2605480736254,
  "summary_csf_median": 1752.768654987216,
  "summary_csf_n": 25320.0,
  "summary_csf_p05": 1468.3535395413637,
  "summary_csf_p95": 2088.393892753869,
  "summary_csf_stdv": 192.46631007332965,
  "summary_gm_k": 0.2793194682479294,
  "summary_gm_mad": 834.7588941942431,
  "summary_gm_mean": 3144.8671997095603,
  "summary_gm_median": 3628.382931008935,
  "summary_gm_n": 22054.0,
  "summary_gm_p05": 241.48515468612314,
  "summary_gm_p95": 4409.534399449825,
  "summary_gm_stdv": 1269.207656988322,
  "summary_wm_k": 0.011839472519209693,
  "summary_wm_mad": 133.85283297552604,
  "summary_wm_mean": 1002.5963737297847,
  "summary_wm_median": 1000.2200475633144,
  "summary_wm_n": 253139.0,
  "summary_wm_p05": 793.8320701584221,
  "summary_wm_p95": 1219.2152860164642,
  "summary_wm_stdv": 130.97653977772575,
  "tpm_overlap_csf": 0.11067909941633508,
  "tpm_overlap_gm": 0.09287918475155492,
  "tpm_overlap_wm": 0.4465378713811039,
  "wm2max": 0.23563334404637468
}