{
  "bids_meta": {
    "AcquisitionMatrixPE": 192,
    "AcquisitionNumber": 1,
    "AcquisitionTime": "18:30:33.302500",
    "BaseResolution": 192,
    "BodyPartExamined": "BRAIN",
    "CoilString": "HE1-4;NE1_2",
    "ConsistencyInfo": "N4_VE11C_LATEST_20160120",
    "ConversionSoftware": "dcm2niix",
    "ConversionSoftwareVersion": "v1.0.20190410  GCC6.3.0",
    "DeviceSerialNumber": "166048",
    "DwellTime": 1.24e-05,
    "EchoTime": 0.0022,
    "FlipAngle": 8,
    "ImageOrientationPatientDICOM": [
      0,
      1,
      0,
      0,
      0,
      -1
    ],
    "ImageType": [
      "ORIGINAL",
      "PRIMARY",
      "M",
      "ND",
      "NORM",
      "FM3",
      "2",
      "FIL"
    ],
    "ImagingFrequency": 123.246,
    "InPlanePhaseEncodingDirectionDICOM": "ROW",
    "InstitutionAddress": "North_13th_1701_Philadelphia_PA_US_19122",
    "InstitutionName": "Temple_University_-_Weiss_Hall",
    "InstitutionalDepartmentName": "Department",
    "InversionTime": 1.15,
    "MRAcquisitionType": "3D",
    "MagneticFieldStrength": 3,
    "Manufacturer": "Siemens",
    "ManufacturersModelName": "Prisma",
    "Modality": "MR",
    "PartialFourier": 1,
    "PatientPosition": "HFS",
    "PercentPhaseFOV": 100,
    "PhaseEncodingSteps": 211,
    "PhaseOversampling": 0.1,
    "PhaseResolution": 1,
    "PixelBandwidth": 210,
    "ProcedureStepDescription": "SMITH_SRNDNA",
    "ProtocolName": "T1w-anat_mpg_07sag_iso",
    "PulseSequenceDetails": "%SiemensSeq%_tfl",
    "ReceiveCoilActiveElements": "HE1-4;NE1,2",
    "ReceiveCoilName": "HeadNeck_20",
    "ReconMatrixPE": 192,
    "RefLinesPE": 32,
    "RepetitionTime": 2.4,
    "SAR": 0.0498323,
    "ScanOptions": "IR_WE",
    "ScanningSequence": "GR_IR",
    "SequenceName": "_tfl3d1_16ns",
    "SequenceVariant": "SK_SP_MP_OSP",
    "SeriesDescription": "T1w-anat_mpg_07sag_iso",
    "SeriesNumber": 5,
    "ShimSetting": [
      1411,
      -7471,
      6483,
      221,
      9,
      -141,
      -186,
      47
    ],
    "SliceThickness": 1,
    "SoftwareVersions": "syngo_MR_E11",
    "StationName": "AWP166048",
    "TxRefAmp": 266.646,
    "dataset": "<unset>",
    "modality": "T1w",
    "subject_id": "157"
  },
  "cjv": 0.3222238489968205,
  "cnr": 4.08716904238643,
  "efc": 0.6523709295168265,
  "fber": 20459.011225000002,
  "fwhm_avg": 3.9304166666666673,
  "fwhm_x": 3.91362,
  "fwhm_y": 3.89746,
  "fwhm_z": 3.98017,
  "icvs_csf": 0.20204567783634034,
  "icvs_gm": 0.44401514260664304,
  "icvs_wm": 0.35393917955701665,
  "inu_med": 0.42089489102363586,
  "inu_range": 0.16351303458213806,
  "provenance": {
    "md5sum": "231db03541dc342737c59789637fc731",
    "settings": {
      "testing": false
    },
    "software": "mriqc",
    "version": "22.0.6",
    "warnings": {
      "large_rot_frame": true,
      "small_air_mask": false
    },
    "webapi_port": null,
    "webapi_url": "https://mriqc.nimh.nih.gov/api/v1"
  },
  "qi_1": 0.0,
  "qi_2": 0.012533820460466086,
  "rpve_csf": 13.444670533495296,
  "rpve_gm": 6.5492647979926435,
  "rpve_wm": 9.561741696085052,
  "size_x": 192,
  "size_y": 192,
  "size_z": 192,
  "snr_csf": 2.354698464445059,
  "snr_gm": 12.172171019354135,
  "snr_total": 14.389759999603799,
  "snr_wm": 28.642410515012205,
  "snrd_csf": 30.859014380331978,
  "snrd_gm": 89.9335443518452,
  "snrd_total": 81.96665763724634,
  "snrd_wm": 125.10741417956187,
  "spacing_x": 1.0,
  "spacing_y": 1.0,
  "spacing_z": 1.0,
  "summary_bg_k": 5.326545186107213,
  "summary_bg_mad": 5.236917823134429,
  "summary_bg_mean": 4.2274890432567185,
  "summary_bg_median": 3.532247394323349,
  "summary_bg_n": 1332566.0,
  "summary_bg_p05": 0.0,
  "summary_bg_p95": 14.066655799746513,
  "summary_bg_stdv": 5.0269036798627855,
  "summary_csf_k": 1.1105877341258807,
  "summary_csf_mad": 91.12237012253907,
  "summary_csf_mean": 260.9479635253778,
  "summary_csf_median": 246.67553567886353,
  "summary_csf_n": 28467.0,
  "summary_csf_p05": 110.00457282215358,
  "summary_csf_p95": 458.25923239141684,
  "summary_csf_stdv": 104.75702375811782,
  "summary_gm_k": 0.3269699501079697,
  "summary_gm_mad": 56.743544883609516,
  "summary_gm_mean": 717.4484895328025,
  "summary_gm_median": 718.8954564481974,
  "summary_gm_n": 40810.0,
  "summary_gm_p05": 616.6680612713099,
  "summary_gm_p95": 811.8184964299198,
  "summary_gm_stdv": 59.05985443489351,
  "summary_wm_k": 0.4800944276234915,
  "summary_wm_mad": 33.8551334566161,
  "summary_wm_mean": 1000.1219924747403,
  "summary_wm_median": 1000.062349036336,
  "summary_wm_n": 226837.0,
  "summary_wm_p05": 943.1723880618811,
  "summary_wm_p95": 1055.4770772755146,
  "summary_wm_stdv": 34.91536245339325,
  "tpm_overlap_csf": 0.16898546416637744,
  "tpm_overlap_gm": 0.4646076436911175,
  "tpm_overlap_wm": 0.5032354779816949,
  "wm2max": 0.8926869076543577
}