{
  "bids_meta": {
    "AcquisitionMatrixPE": 192,
    "AcquisitionNumber": 1,
    "AcquisitionTime": "17:19:35.190000",
    "BaseResolution": 192,
    "BodyPartExamined": "BRAIN",
    "CoilString": "HE1-4;NE1_2",
    "ConsistencyInfo": "N4_VE11C_LATEST_20160120",
    "ConversionSoftware": "dcm2niix",
    "ConversionSoftwareVersion": "v1.0.20190410  GCC6.3.0",
    "DeviceSerialNumber": "166048",
    "DwellTime": 3.5e-06,
    "EchoTime": 0.567,
    "EchoTrainLength": 314,
    "FlipAngle": 120,
    "ImageOrientationPatientDICOM": [
      0.00174528,
      0.999998,
      0,
      0,
      0,
      -1
    ],
    "ImageType": [
      "ORIGINAL",
      "PRIMARY",
      "M",
      "ND",
      "NORM"
    ],
    "ImagingFrequency": 123.246,
    "InPlanePhaseEncodingDirectionDICOM": "ROW",
    "InstitutionAddress": "North_13th_1701_Philadelphia_PA_US_19122",
    "InstitutionName": "Temple_University_-_Weiss_Hall",
    "InstitutionalDepartmentName": "Department",
    "MRAcquisitionType": "3D",
    "MagneticFieldStrength": 3,
    "Manufacturer": "Siemens",
    "ManufacturersModelName": "Prisma",
    "Modality": "MR",
    "PartialFourier": 1,
    "PatientPosition": "HFS",
    "PercentPhaseFOV": 100,
    "PhaseEncodingSteps": 209,
    "PhaseOversampling": 0.1,
    "PhaseResolution": 1,
    "PixelBandwidth": 745,
    "ProcedureStepDescription": "SMITH_SRNDNA",
    "ProtocolName": "T2w-anat_spc_07sag_iso",
    "PulseSequenceDetails": "%SiemensSeq%_tse_vfl",
    "ReceiveCoilActiveElements": "HE1-4;NE1,2",
    "ReceiveCoilName": "HeadNeck_20",
    "ReconMatrixPE": 192,
    "RefLinesPE": 32,
    "RepetitionTime": 3.2,
    "SAR": 0.161266,
    "ScanOptions": "PFP",
    "ScanningSequence": "SE",
    "SequenceName": "_spc_314ns",
    "SequenceVariant": "SK_SP_OSP",
    "SeriesDescription": "T2w-anat_spc_07sag_iso",
    "SeriesNumber": 3,
    "ShimSetting": [
      1417,
      -7427,
      6466,
      116,
      -93,
      -235,
      -57,
      131
    ],
    "SliceThickness": 1,
    "SoftwareVersions": "syngo_MR_E11",
    "StationName": "AWP166048",
    "TxRefAmp": 247.797,
    "dataset": "<unset>",
    "modality": "T2w",
    "subject_id": "133"
  },
  "cjv": 0.5030850916081532,
  "cnr": 2.518944343782239,
  "efc": 0.5796252846196127,
  "fber": 535.8006648199446,
  "fwhm_avg": 2.71603,
  "fwhm_x": 2.59016,
  "fwhm_y": 2.99162,
  "fwhm_z": 2.56631,
  "icvs_csf": 0.2875399288020413,
  "icvs_gm": 0.6505529784288965,
  "icvs_wm": 0.0619070927690622,
  "inu_med": 0.9051352739334106,
  "inu_range": 0.20575715303421027,
  "provenance": {
    "md5sum": "7c55aa048923600666d042f5f03fb12f",
    "settings": {
      "testing": false
    },
    "software": "mriqc",
    "version": "22.0.6",
    "warnings": {
      "large_rot_frame": true,
      "small_air_mask": false
    },
    "webapi_port": null,
    "webapi_url": "https://mriqc.nimh.nih.gov/api/v1"
  },
  "qi_1": 0.0,
  "qi_2": 0.001027360091799828,
  "rpve_csf": 11.869475683748558,
  "rpve_gm": 7.020562544995041,
  "rpve_wm": 62.852773573145754,
  "size_x": 192,
  "size_y": 192,
  "size_z": 192,
  "snr_csf": 5.1974415769455735,
  "snr_gm": 6.338695646880391,
  "snr_total": 4.184155518737825,
  "snr_wm": 1.0163293323875084,
  "snrd_csf": 96.62577621481093,
  "snrd_gm": 31.786693933471643,
  "snrd_total": 45.47395774108039,
  "snrd_wm": 8.00940307495859,
  "spacing_x": 1.0,
  "spacing_y": 1.0,
  "spacing_z": 1.0,
  "summary_bg_k": 2.499490663130498,
  "summary_bg_mad": 82.50498549148189,
  "summary_bg_mean": 133.19619467047076,
  "summary_bg_median": 55.64876705408096,
  "summary_bg_n": 1415987.0,
  "summary_bg_p05": 0.0,
  "summary_bg_p95": 485.4585909843445,
  "summary_bg_stdv": 173.02457821595928,
  "summary_csf_k": 0.6629245881611303,
  "summary_csf_mad": 2582.9450231755386,
  "summary_csf_mean": 12112.155655973555,
  "summary_csf_median": 12168.62360984087,
  "summary_csf_n": 57092.0,
  "summary_csf_p05": 8019.2949387431145,
  "summary_csf_p95": 15460.010485351086,
  "summary_csf_stdv": 2341.2513366280546,
  "summary_gm_k": 0.23795076925357028,
  "summary_gm_mad": 616.9217005594223,
  "summary_gm_mean": 4056.697177001698,
  "summary_gm_median": 4003.0758813023567,
  "summary_gm_n": 274283.0,
  "summary_gm_p05": 3112.1363243460655,
  "summary_gm_p95": 5185.094843417404,
  "summary_gm_stdv": 631.5287571694458,
  "summary_wm_k": 7.456107835583465,
  "summary_wm_mad": 889.5198310149467,
  "summary_wm_mean": 1273.2107529326663,
  "summary_wm_median": 1008.6688581109047,
  "summary_wm_n": 1614.0,
  "summary_wm_p05": 174.39876167476177,
  "summary_wm_p95": 2903.2716805636883,
  "summary_wm_stdv": 992.1551043531603,
  "tpm_overlap_csf": 0.16992720016248125,
  "tpm_overlap_gm": 0.40882263185879786,
  "tpm_overlap_wm": 0.03177155494437699,
  "wm2max": 0.06441531537966998
}