{
  "bids_meta": {
    "AcquisitionMatrixPE": 192,
    "AcquisitionNumber": 1,
    "AcquisitionTime": "17:23:57.062500",
    "BaseResolution": 192,
    "BodyPartExamined": "BRAIN",
    "CoilString": "HE1-4;NE1_2",
    "ConsistencyInfo": "N4_VE11C_LATEST_20160120",
    "ConversionSoftware": "dcm2niix",
    "ConversionSoftwareVersion": "v1.0.20190410  GCC6.3.0",
    "DeviceSerialNumber": "166048",
    "DwellTime": 1.24e-05,
    "EchoTime": 0.0022,
    "FlipAngle": 8,
    "ImageOrientationPatientDICOM": [
      0.00174528,
      0.999998,
      0,
      0,
      0,
      -1
    ],
    "ImageType": [
      "ORIGINAL",
      "PRIMARY",
      "M",
      "ND",
      "NORM",
      "FM3",
      "2",
      "FIL"
    ],
    "ImagingFrequency": 123.246,
    "InPlanePhaseEncodingDirectionDICOM": "ROW",
    "InstitutionAddress": "North_13th_1701_Philadelphia_PA_US_19122",
    "InstitutionName": "Temple_University_-_Weiss_Hall",
    "InstitutionalDepartmentName": "Department",
    "InversionTime": 1.15,
    "MRAcquisitionType": "3D",
    "MagneticFieldStrength": 3,
    "Manufacturer": "Siemens",
    "ManufacturersModelName": "Prisma",
    "Modality": "MR",
    "PartialFourier": 1,
    "PatientPosition": "HFS",
    "PercentPhaseFOV": 100,
    "PhaseEncodingSteps": 211,
    "PhaseOversampling": 0.1,
    "PhaseResolution": 1,
    "PixelBandwidth": 210,
    "ProcedureStepDescription": "SMITH_SRNDNA",
    "ProtocolName": "T1w-anat_mpg_07sag_iso",
    "PulseSequenceDetails": "%SiemensSeq%_tfl",
    "ReceiveCoilActiveElements": "HE1-4;NE1,2",
    "ReceiveCoilName": "HeadNeck_20",
    "ReconMatrixPE": 192,
    "RefLinesPE": 32,
    "RepetitionTime": 2.4,
    "SAR": 0.0439024,
    "ScanOptions": "IR_WE",
    "ScanningSequence": "GR_IR",
    "SequenceName": "_tfl3d1_16ns",
    "SequenceVariant": "SK_SP_MP_OSP",
    "SeriesDescription": "T1w-anat_mpg_07sag_iso",
    "SeriesNumber": 5,
    "ShimSetting": [
      1417,
      -7427,
      6466,
      116,
      -93,
      -235,
      -57,
      131
    ],
    "SliceThickness": 1,
    "SoftwareVersions": "syngo_MR_E11",
    "StationName": "AWP166048",
    "TxRefAmp": 247.797,
    "dataset": "<unset>",
    "modality": "T1w",
    "subject_id": "133"
  },
  "cjv": 0.3927401342426404,
  "cnr": 3.371345455711186,
  "efc": 0.608801354106074,
  "fber": 24127.267691115703,
  "fwhm_avg": 3.8930899999999995,
  "fwhm_x": 3.816,
  "fwhm_y": 3.89923,
  "fwhm_z": 3.96404,
  "icvs_csf": 0.268688696765744,
  "icvs_gm": 0.3807789471897007,
  "icvs_wm": 0.35053235604455535,
  "inu_med": 0.40512850880622864,
  "inu_range": 0.10448994040489196,
  "provenance": {
    "md5sum": "c964754713c00d178b65515f41fb7510",
    "settings": {
      "testing": false
    },
    "software": "mriqc",
    "version": "22.0.6",
    "warnings": {
      "large_rot_frame": true,
      "small_air_mask": false
    },
    "webapi_port": null,
    "webapi_url": "https://mriqc.nimh.nih.gov/api/v1"
  },
  "qi_1": 0.0,
  "qi_2": 0.004175137168177864,
  "rpve_csf": 14.54513832662772,
  "rpve_gm": 9.605404313544819,
  "rpve_wm": 12.654273362394989,
  "size_x": 192,
  "size_y": 192,
  "size_z": 192,
  "snr_csf": 2.569108656302485,
  "snr_gm": 11.45246760164949,
  "snr_total": 13.815103578414877,
  "snr_wm": 27.423734477292655,
  "snrd_csf": 21.624321735662416,
  "snrd_gm": 66.91599723033644,
  "snrd_total": 59.377432346366255,
  "snrd_wm": 89.59197807309991,
  "spacing_x": 1.0,
  "spacing_y": 1.0,
  "spacing_z": 1.0,
  "summary_bg_k": 12.894860196283206,
  "summary_bg_mad": 0.0,
  "summary_bg_mean": 4.545165229234605,
  "summary_bg_median": 0.0,
  "summary_bg_n": 1425358.0,
  "summary_bg_p05": 0.0,
  "summary_bg_p95": 19.12220927886665,
  "summary_bg_stdv": 7.3127178944663305,
  "summary_csf_k": 1.5281599621896103,
  "summary_csf_mad": 77.0150542433255,
  "summary_csf_mean": 253.9565050966216,
  "summary_csf_median": 241.3734979648143,
  "summary_csf_n": 56731.0,
  "summary_csf_p05": 124.21024502255023,
  "summary_csf_p95": 437.02566269785166,
  "summary_csf_stdv": 93.95140606930839,
  "summary_gm_k": 0.09106137482661181,
  "summary_gm_mad": 64.51638944888872,
  "summary_gm_mean": 742.3693624964659,
  "summary_gm_median": 746.9250836502761,
  "summary_gm_n": 20790.0,
  "summary_gm_p05": 629.0870391586795,
  "summary_gm_p95": 842.099665150512,
  "summary_gm_stdv": 65.21800766853573,
  "summary_wm_k": 0.5949503645187684,
  "summary_wm_mad": 34.89095116673148,
  "summary_wm_mean": 999.5845433759844,
  "summary_wm_median": 1000.0373376533389,
  "summary_wm_n": 152221.0,
  "summary_wm_p05": 939.6051748003811,
  "summary_wm_p95": 1058.5068104043603,
  "summary_wm_stdv": 36.46600551997909,
  "tpm_overlap_csf": 0.17655776252048977,
  "tpm_overlap_gm": 0.42625653995975377,
  "tpm_overlap_wm": 0.5016762856099664,
  "wm2max": 0.9075162411905421
}