{
  "bids_meta": {
    "AcquisitionMatrixPE": 192,
    "AcquisitionNumber": 1,
    "AcquisitionTime": "11:48:7.292500",
    "BaseResolution": 192,
    "BodyPartExamined": "BRAIN",
    "CoilString": "HE1-4;NE1_2",
    "ConsistencyInfo": "N4_VE11C_LATEST_20160120",
    "ConversionSoftware": "dcm2niix",
    "ConversionSoftwareVersion": "v1.0.20190410  GCC6.3.0",
    "DeviceSerialNumber": "166048",
    "DwellTime": 1.24e-05,
    "EchoTime": 0.0022,
    "FlipAngle": 8,
    "ImageOrientationPatientDICOM": [
      0,
      1,
      0,
      0,
      0,
      -1
    ],
    "ImageType": [
      "ORIGINAL",
      "PRIMARY",
      "M",
      "ND",
      "NORM",
      "FM3",
      "2",
      "FIL"
    ],
    "ImagingFrequency": 123.246,
    "InPlanePhaseEncodingDirectionDICOM": "ROW",
    "InstitutionAddress": "North_13th_1701_Philadelphia_PA_US_19122",
    "InstitutionName": "Temple_University_-_Weiss_Hall",
    "InstitutionalDepartmentName": "Department",
    "InversionTime": 1.15,
    "MRAcquisitionType": "3D",
    "MagneticFieldStrength": 3,
    "Manufacturer": "Siemens",
    "ManufacturersModelName": "Prisma",
    "Modality": "MR",
    "PartialFourier": 1,
    "PatientPosition": "HFS",
    "PercentPhaseFOV": 100,
    "PhaseEncodingSteps": 211,
    "PhaseOversampling": 0.1,
    "PhaseResolution": 1,
    "PixelBandwidth": 210,
    "ProcedureStepDescription": "SMITH_SRNDNA",
    "ProtocolName": "T1w-anat_mpg_07sag_iso",
    "PulseSequenceDetails": "%SiemensSeq%_tfl",
    "ReceiveCoilActiveElements": "HE1-4;NE1,2",
    "ReceiveCoilName": "HeadNeck_20",
    "ReconMatrixPE": 192,
    "RefLinesPE": 32,
    "RepetitionTime": 2.4,
    "SAR": 0.0468781,
    "ScanOptions": "IR_WE",
    "ScanningSequence": "GR_IR",
    "SequenceName": "_tfl3d1_16ns",
    "SequenceVariant": "SK_SP_MP_OSP",
    "SeriesDescription": "T1w-anat_mpg_07sag_iso",
    "SeriesNumber": 5,
    "ShimSetting": [
      1429,
      -7514,
      6482,
      124,
      -13,
      -439,
      -84,
      -18
    ],
    "SliceThickness": 1,
    "SoftwareVersions": "syngo_MR_E11",
    "StationName": "AWP166048",
    "TxRefAmp": 270.936,
    "dataset": "<unset>",
    "modality": "T1w",
    "subject_id": "143"
  },
  "cjv": 0.39449440771677374,
  "cnr": 3.4544664463523636,
  "efc": 0.621184083522817,
  "fber": 18970.023200475905,
  "fwhm_avg": 4.156759999999999,
  "fwhm_x": 4.07897,
  "fwhm_y": 4.03883,
  "fwhm_z": 4.35248,
  "icvs_csf": 0.2650970988798226,
  "icvs_gm": 0.3807122532998465,
  "icvs_wm": 0.35419064782033094,
  "inu_med": 0.4847863018512726,
  "inu_range": 0.2054800003767014,
  "provenance": {
    "md5sum": "110550ef7b2223842c1174f6d6c6ffbd",
    "settings": {
      "testing": false
    },
    "software": "mriqc",
    "version": "22.0.6",
    "warnings": {
      "large_rot_frame": true,
      "small_air_mask": false
    },
    "webapi_port": null,
    "webapi_url": "https://mriqc.nimh.nih.gov/api/v1"
  },
  "qi_1": 0.0,
  "qi_2": 0.00751174158551554,
  "rpve_csf": 15.656020001248963,
  "rpve_gm": 9.929316389696035,
  "rpve_wm": 12.406762966663479,
  "size_x": 192,
  "size_y": 192,
  "size_z": 192,
  "snr_csf": 2.5412320131016206,
  "snr_gm": 13.732598373595875,
  "snr_total": 13.075525086246804,
  "snr_wm": 22.952744872042917,
  "snrd_csf": 31.178729573120123,
  "snrd_gm": 104.83994030177855,
  "snrd_total": 91.53255353420433,
  "snrd_wm": 138.57899072771428,
  "spacing_x": 1.0,
  "spacing_y": 1.0,
  "spacing_z": 1.0,
  "summary_bg_k": 9.077769392340725,
  "summary_bg_mad": 4.727862848742712,
  "summary_bg_mean": 4.0329813122242015,
  "summary_bg_median": 3.188895031809807,
  "summary_bg_n": 1009187.0,
  "summary_bg_p05": 0.0,
  "summary_bg_p95": 15.522415522485971,
  "summary_bg_stdv": 5.855001552187568,
  "summary_csf_k": 2.268881569074664,
  "summary_csf_mad": 66.7810627384908,
  "summary_csf_mean": 241.28218459846886,
  "summary_csf_median": 225.00468180328608,
  "summary_csf_n": 68239.0,
  "summary_csf_p05": 128.7281891517341,
  "summary_csf_p95": 421.1217262595892,
  "summary_csf_stdv": 88.54092502595292,
  "summary_gm_k": -0.06136001003892533,
  "summary_gm_mad": 56.07384393398525,
  "summary_gm_mean": 754.2273012242912,
  "summary_gm_median": 756.5887940544635,
  "summary_gm_n": 14649.0,
  "summary_gm_p05": 659.6041791237891,
  "summary_gm_p95": 839.162417172268,
  "summary_gm_stdv": 55.09248498540091,
  "summary_wm_k": 0.8985488163858406,
  "summary_wm_mad": 39.978252029809696,
  "summary_wm_mean": 1000.8297199235802,
  "summary_wm_median": 1000.070308836177,
  "summary_wm_n": 146389.0,
  "summary_wm_p05": 932.9862743802369,
  "summary_wm_p95": 1076.0410434175283,
  "summary_wm_stdv": 43.5706883254355,
  "tpm_overlap_csf": 0.1648032920508377,
  "tpm_overlap_gm": 0.4418578789417195,
  "tpm_overlap_wm": 0.5132093713098375,
  "wm2max": 0.8747477455341159
}