{
  "bids_meta": {
    "AcquisitionMatrixPE": 192,
    "AcquisitionNumber": 1,
    "AcquisitionTime": "11:43:58.192500",
    "BaseResolution": 192,
    "BodyPartExamined": "BRAIN",
    "CoilString": "HE1-4;NE1_2",
    "ConsistencyInfo": "N4_VE11C_LATEST_20160120",
    "ConversionSoftware": "dcm2niix",
    "ConversionSoftwareVersion": "v1.0.20190410  GCC6.3.0",
    "DeviceSerialNumber": "166048",
    "DwellTime": 3.5e-06,
    "EchoTime": 0.567,
    "EchoTrainLength": 314,
    "FlipAngle": 120,
    "ImageOrientationPatientDICOM": [
      0,
      1,
      0,
      0,
      0,
      -1
    ],
    "ImageType": [
      "ORIGINAL",
      "PRIMARY",
      "M",
      "ND",
      "NORM"
    ],
    "ImagingFrequency": 123.246,
    "InPlanePhaseEncodingDirectionDICOM": "ROW",
    "InstitutionAddress": "North_13th_1701_Philadelphia_PA_US_19122",
    "InstitutionName": "Temple_University_-_Weiss_Hall",
    "InstitutionalDepartmentName": "Department",
    "MRAcquisitionType": "3D",
    "MagneticFieldStrength": 3,
    "Manufacturer": "Siemens",
    "ManufacturersModelName": "Prisma",
    "Modality": "MR",
    "PartialFourier": 1,
    "PatientPosition": "HFS",
    "PercentPhaseFOV": 100,
    "PhaseEncodingSteps": 209,
    "PhaseOversampling": 0.1,
    "PhaseResolution": 1,
    "PixelBandwidth": 745,
    "ProcedureStepDescription": "SMITH_SRNDNA",
    "ProtocolName": "T2w-anat_spc_07sag_iso",
    "PulseSequenceDetails": "%SiemensSeq%_tse_vfl",
    "ReceiveCoilActiveElements": "HE1-4;NE1,2",
    "ReceiveCoilName": "HeadNeck_20",
    "ReconMatrixPE": 192,
    "RefLinesPE": 32,
    "RepetitionTime": 3.2,
    "SAR": 0.172196,
    "ScanOptions": "PFP",
    "ScanningSequence": "SE",
    "SequenceName": "_spc_314ns",
    "SequenceVariant": "SK_SP_OSP",
    "SeriesDescription": "T2w-anat_spc_07sag_iso",
    "SeriesNumber": 3,
    "ShimSetting": [
      1429,
      -7514,
      6482,
      124,
      -13,
      -439,
      -84,
      -18
    ],
    "SliceThickness": 1,
    "SoftwareVersions": "syngo_MR_E11",
    "StationName": "AWP166048",
    "TxRefAmp": 270.936,
    "dataset": "<unset>",
    "modality": "T2w",
    "subject_id": "143"
  },
  "cjv": 0.45421157113359073,
  "cnr": 3.027951881026225,
  "efc": 0.5913255007570968,
  "fber": 5849.663329365912,
  "fwhm_avg": 2.6138333333333335,
  "fwhm_x": 2.49258,
  "fwhm_y": 2.75102,
  "fwhm_z": 2.5979,
  "icvs_csf": 0.26147911707515015,
  "icvs_gm": 0.6794035955554455,
  "icvs_wm": 0.059117287369404345,
  "inu_med": 0.9255316853523254,
  "inu_range": 0.23287762403488155,
  "provenance": {
    "md5sum": "ffa0b089ac227e5493db215dea63f353",
    "settings": {
      "testing": false
    },
    "software": "mriqc",
    "version": "22.0.6",
    "warnings": {
      "large_rot_frame": true,
      "small_air_mask": false
    },
    "webapi_port": null,
    "webapi_url": "https://mriqc.nimh.nih.gov/api/v1"
  },
  "qi_1": 0.0,
  "qi_2": 0.0018092870185775498,
  "rpve_csf": 13.752766314185754,
  "rpve_gm": 7.1207407716507065,
  "rpve_wm": 71.10616048873278,
  "size_x": 192,
  "size_y": 192,
  "size_z": 192,
  "snr_csf": 5.4950642730993255,
  "snr_gm": 9.673787192150137,
  "snr_total": 5.49459318192494,
  "snr_wm": 1.314928080525358,
  "snrd_csf": 144.13632999148285,
  "snrd_gm": 59.174650805877896,
  "snrd_total": 73.30983539838716,
  "snrd_wm": 16.618525397800756,
  "spacing_x": 1.0,
  "spacing_y": 1.0,
  "spacing_z": 1.0,
  "summary_bg_k": 5.9187087423295885,
  "summary_bg_mad": 0.0,
  "summary_bg_mean": 25.325922483469615,
  "summary_bg_median": 0.0,
  "summary_bg_n": 1010156.0,
  "summary_bg_p05": 0.0,
  "summary_bg_p95": 96.69160871207714,
  "summary_bg_stdv": 39.414289478066976,
  "summary_csf_k": 1.3510822097031134,
  "summary_csf_mad": 1052.8285704198952,
  "summary_csf_mean": 8876.306336399544,
  "summary_csf_median": 8671.52402856946,
  "summary_csf_n": 66411.0,
  "summary_csf_p05": 6311.24444360286,
  "summary_csf_p95": 11569.712226971984,
  "summary_csf_stdv": 1578.045007402198,
  "summary_gm_k": 0.07499012246667691,
  "summary_gm_mad": 362.62148764878253,
  "summary_gm_mean": 3572.9594641389767,
  "summary_gm_median": 3560.0629374682903,
  "summary_gm_n": 331494.0,
  "summary_gm_p05": 2989.7596811950207,
  "summary_gm_p95": 4201.063317015767,
  "summary_gm_stdv": 368.01073840331406,
  "summary_wm_k": 3.3327393626543422,
  "summary_wm_mad": 800.2781784583841,
  "summary_wm_mean": 1135.8832593860973,
  "summary_wm_median": 999.8030497580767,
  "summary_wm_n": 3329.0,
  "summary_wm_p05": 164.7105122745037,
  "summary_wm_p95": 2362.1897857904432,
  "summary_wm_stdv": 760.2338771311837,
  "tpm_overlap_csf": 0.1683154933966842,
  "tpm_overlap_gm": 0.41486958893519255,
  "tpm_overlap_wm": 0.021343993951087978,
  "wm2max": 0.08542240424057214
}