{
  "aor": 0.002406766169154229,
  "aqi": 0.012260843830845771,
  "bids_meta": {
    "AcquisitionMatrixPE": 74,
    "AcquisitionNumber": 1,
    "AcquisitionTime": "16:04:23.452500",
    "BandwidthPerPixelPhaseEncode": 27.579,
    "BaseResolution": 74,
    "BodyPartExamined": "HEAD",
    "CogAtlasID": "http://www.cognitiveatlas.org/task/id/TODO",
    "CoilString": "HE1-4;NE1_2",
    "ConsistencyInfo": "N4_VE11C_LATEST_20160120",
    "ConversionSoftware": "dcm2niix",
    "ConversionSoftwareVersion": "v1.0.20190410  GCC6.3.0",
    "DerivedVendorReportedEchoSpacing": 0.000489993,
    "DeviceSerialNumber": "166048",
    "DwellTime": 2.9e-06,
    "EchoTime": 0.023,
    "EchoTrainLength": 74,
    "EffectiveEchoSpacing": 0.000489993,
    "FlipAngle": 76,
    "ImageOrientationPatientDICOM": [
      1,
      0,
      0,
      0,
      0.929776,
      -0.368125
    ],
    "ImageType": [
      "ORIGINAL",
      "PRIMARY",
      "M",
      "ND",
      "NORM",
      "MOSAIC"
    ],
    "ImagingFrequency": 123.246,
    "InPlanePhaseEncodingDirectionDICOM": "COL",
    "InstitutionAddress": "North_13th_1701_Philadelphia_PA_US_19122",
    "InstitutionName": "Temple_University_-_Weiss_Hall",
    "InstitutionalDepartmentName": "Department",
    "MRAcquisitionType": "2D",
    "MagneticFieldStrength": 3,
    "Manufacturer": "Siemens",
    "ManufacturersModelName": "Prisma",
    "Modality": "MR",
    "PartialFourier": 1,
    "PatientPosition": "HFS",
    "PercentPhaseFOV": 100,
    "PhaseEncodingDirection": "j-",
    "PhaseEncodingSteps": 74,
    "PhaseResolution": 1,
    "PixelBandwidth": 2330,
    "ProcedureStepDescription": "SMITH_SRNDNA",
    "ProtocolName": "func-bold_task-reward_run0",
    "PulseSequenceDetails": "%SiemensSeq%_ep2d_bold",
    "ReceiveCoilActiveElements": "HE1-4;NE1,2",
    "ReceiveCoilName": "HeadNeck_20",
    "ReconMatrixPE": 74,
    "RepetitionTime": 2.02,
    "SAR": 0.115878,
    "ScanOptions": "FS",
    "ScanningSequence": "EP",
    "SequenceName": "_epfid2d1_74",
    "SequenceVariant": "SK",
    "SeriesDescription": "func-bold_task-reward_run0",
    "SeriesNumber": 14,
    "ShimSetting": [
      1449,
      -7382,
      6469,
      197,
      -23,
      124,
      -13,
      90
    ],
    "SliceThickness": 2.8,
    "SliceTiming": [
      1.945,
      1.89,
      1.835,
      1.7775,
      1.7225,
      1.6675,
      1.6125,
      1.5575,
      1.5,
      1.445,
      1.39,
      1.335,
      1.2775,
      1.2225,
      1.1675,
      1.1125,
      1.0575,
      1,
      0.945,
      0.89,
      0.835,
      0.7775,
      0.7225,
      0.6675,
      0.6125,
      0.5575,
      0.5,
      0.445,
      0.39,
      0.335,
      0.2775,
      0.2225,
      0.1675,
      0.1125,
      0.0575,
      0
    ],
    "SoftwareVersions": "syngo_MR_E11",
    "SpacingBetweenSlices": 3.22,
    "StationName": "AWP166048",
    "TaskName": "sharedreward",
    "TotalReadoutTime": 0.0357695,
    "TxRefAmp": 285.422,
    "dataset": "<unset>",
    "modality": "bold",
    "run_id": 1,
    "subject_id": "111",
    "task_id": "sharedreward"
  },
  "dummy_trs": 1,
  "dvars_nstd": 26.56758873495,
  "dvars_std": 1.0851374117499994,
  "dvars_vstd": 0.9733768400500005,
  "efc": 0.546029044205044,
  "fber": 1756.8330078125,
  "fd_mean": 0.3083959649043581,
  "fd_num": 125,
  "fd_perc": 62.18905472636816,
  "fwhm_avg": 1.7868849118745918,
  "fwhm_x": 1.7138501503438135,
  "fwhm_y": 1.8653449737793308,
  "fwhm_z": 1.781459611500631,
  "gcor": 0.0196228,
  "gsr_x": 0.004329612012952566,
  "gsr_y": 0.05293821170926094,
  "provenance": {
    "md5sum": "024f145f9ac3905b4cee59dcb384c585",
    "settings": {
      "fd_thres": 0.2,
      "testing": false
    },
    "software": "mriqc",
    "version": "22.0.6",
    "webapi_port": null,
    "webapi_url": "https://mriqc.nimh.nih.gov/api/v1"
  },
  "size_t": 201,
  "size_x": 74,
  "size_y": 74,
  "size_z": 36,
  "snr": 5.327304052254093,
  "spacing_tr": 2.0199999809265137,
  "spacing_x": 2.972972869873047,
  "spacing_y": 2.972972869873047,
  "spacing_z": 3.2200000286102295,
  "summary_bg_k": 13.664632234119718,
  "summary_bg_mad": 11.373993898701299,
  "summary_bg_mean": 47.055084228515625,
  "summary_bg_median": 19.42288589477539,
  "summary_bg_n": 117648.0,
  "summary_bg_p05": 9.189054489135742,
  "summary_bg_p95": 195.4425308227538,
  "summary_bg_stdv": 69.30316162109375,
  "summary_fg_k": 1.395336346604159,
  "summary_fg_mad": 138.2250119185091,
  "summary_fg_mean": 846.4729614257812,
  "summary_fg_median": 817.791015625,
  "summary_fg_n": 42210.0,
  "summary_fg_p05": 652.4892730712891,
  "summary_fg_p95": 1130.8683532714845,
  "summary_fg_stdv": 153.50753784179688,
  "tsnr": 52.70142966136336
}