{
  "aor": 0.0013654418604651163,
  "aqi": 0.004797832186046512,
  "bids_meta": {
    "AcquisitionMatrixPE": 74,
    "AcquisitionNumber": 1,
    "AcquisitionTime": "18:02:47.222500",
    "BandwidthPerPixelPhaseEncode": 27.579,
    "BaseResolution": 74,
    "BodyPartExamined": "BRAIN",
    "CogAtlasID": "http://www.cognitiveatlas.org/task/id/TODO",
    "CoilString": "HE1-4;NE1_2",
    "ConsistencyInfo": "N4_VE11C_LATEST_20160120",
    "ConversionSoftware": "dcm2niix",
    "ConversionSoftwareVersion": "v1.0.20190410  GCC6.3.0",
    "DerivedVendorReportedEchoSpacing": 0.000489993,
    "DeviceSerialNumber": "166048",
    "DwellTime": 2.9e-06,
    "EchoTime": 0.023,
    "EchoTrainLength": 74,
    "EffectiveEchoSpacing": 0.000489993,
    "FlipAngle": 76,
    "ImageOrientationPatientDICOM": [
      1,
      0,
      0,
      0,
      0.964557,
      -0.263873
    ],
    "ImageType": [
      "ORIGINAL",
      "PRIMARY",
      "M",
      "ND",
      "NORM",
      "MOSAIC"
    ],
    "ImagingFrequency": 123.246,
    "InPlanePhaseEncodingDirectionDICOM": "COL",
    "InstitutionAddress": "North_13th_1701_Philadelphia_PA_US_19122",
    "InstitutionName": "Temple_University_-_Weiss_Hall",
    "InstitutionalDepartmentName": "Department",
    "MRAcquisitionType": "2D",
    "MagneticFieldStrength": 3,
    "Manufacturer": "Siemens",
    "ManufacturersModelName": "Prisma",
    "Modality": "MR",
    "PartialFourier": 1,
    "PatientPosition": "HFS",
    "PercentPhaseFOV": 100,
    "PhaseEncodingDirection": "j-",
    "PhaseEncodingSteps": 74,
    "PhaseResolution": 1,
    "PixelBandwidth": 2330,
    "ProcedureStepDescription": "SMITH_SRNDNA",
    "ProtocolName": "func-bold_trust_run4",
    "PulseSequenceDetails": "%SiemensSeq%_ep2d_bold",
    "ReceiveCoilActiveElements": "HE1-4;NE1,2",
    "ReceiveCoilName": "HeadNeck_20",
    "ReconMatrixPE": 74,
    "RepetitionTime": 2.02,
    "SAR": 0.0787523,
    "ScanOptions": "FS",
    "ScanningSequence": "EP",
    "SequenceName": "_epfid2d1_74",
    "SequenceVariant": "SK",
    "SeriesDescription": "func-bold_trust_run4",
    "SeriesNumber": 14,
    "ShimSetting": [
      1412,
      -7375,
      6449,
      347,
      36,
      20,
      -142,
      27
    ],
    "SliceThickness": 2.8,
    "SliceTiming": [
      1.945,
      1.89,
      1.835,
      1.7775,
      1.7225,
      1.6675,
      1.6125,
      1.555,
      1.5,
      1.445,
      1.39,
      1.335,
      1.2775,
      1.2225,
      1.1675,
      1.1125,
      1.055,
      1,
      0.945,
      0.89,
      0.835,
      0.7775,
      0.7225,
      0.6675,
      0.6125,
      0.555,
      0.5,
      0.445,
      0.39,
      0.335,
      0.2775,
      0.2225,
      0.1675,
      0.1125,
      0.055,
      0
    ],
    "SoftwareVersions": "syngo_MR_E11",
    "SpacingBetweenSlices": 3.22,
    "StationName": "AWP166048",
    "TaskName": "trust",
    "TotalReadoutTime": 0.0357695,
    "TxRefAmp": 249.625,
    "dataset": "<unset>",
    "modality": "bold",
    "run_id": 5,
    "subject_id": "125",
    "task_id": "trust"
  },
  "dummy_trs": 2,
  "dvars_nstd": 22.416114940747672,
  "dvars_std": 1.3313831781775702,
  "dvars_vstd": 1.0178699978037382,
  "efc": 0.5103438068354463,
  "fber": 1914.4136962890625,
  "fd_mean": 0.1078847939900109,
  "fd_num": 10,
  "fd_perc": 4.651162790697675,
  "fwhm_avg": 1.7326984898313438,
  "fwhm_x": 1.7189830596127271,
  "fwhm_y": 1.7890812438618484,
  "fwhm_z": 1.6900311660194565,
  "gcor": 0.0360554,
  "gsr_x": -0.020016275346279144,
  "gsr_y": 0.036771856248378754,
  "provenance": {
    "md5sum": "8ed435a5d2bff179a28051b1e82226b3",
    "settings": {
      "fd_thres": 0.2,
      "testing": false
    },
    "software": "mriqc",
    "version": "22.0.6",
    "webapi_port": null,
    "webapi_url": "https://mriqc.nimh.nih.gov/api/v1"
  },
  "size_t": 215,
  "size_x": 74,
  "size_y": 74,
  "size_z": 36,
  "snr": 7.267048014661354,
  "spacing_tr": 2.0199999809265137,
  "spacing_x": 2.972972869873047,
  "spacing_y": 2.972972869873047,
  "spacing_z": 3.2199997901916504,
  "summary_bg_k": 29.3676601721521,
  "summary_bg_mad": 8.826655035430568,
  "summary_bg_mean": 44.318050384521484,
  "summary_bg_median": 18.865116119384766,
  "summary_bg_n": 126167.0,
  "summary_bg_p05": 10.376744270324707,
  "summary_bg_p95": 171.79581451416013,
  "summary_bg_stdv": 75.91505432128906,
  "summary_fg_k": 1.943180812563397,
  "summary_fg_mad": 112.08822066614474,
  "summary_fg_mean": 844.7083129882812,
  "summary_fg_median": 834.4418334960938,
  "summary_fg_n": 33848.0,
  "summary_fg_p05": 688.3399841308594,
  "summary_fg_p95": 1032.8607421875,
  "summary_fg_stdv": 114.82372283935547,
  "tsnr": 98.68263392150402
}