{
  "aor": 0.00593778894472362,
  "aqi": 0.005096913417085427,
  "bids_meta": {
    "AcquisitionMatrixPE": 74,
    "AcquisitionNumber": 1,
    "AcquisitionTime": "18:12:18.850000",
    "BandwidthPerPixelPhaseEncode": 27.579,
    "BaseResolution": 74,
    "BodyPartExamined": "BRAIN",
    "CogAtlasID": "http://www.cognitiveatlas.org/task/id/TODO",
    "CoilString": "HE1-4;NE1_2",
    "ConsistencyInfo": "N4_VE11C_LATEST_20160120",
    "ConversionSoftware": "dcm2niix",
    "ConversionSoftwareVersion": "v1.0.20190410  GCC6.3.0",
    "DerivedVendorReportedEchoSpacing": 0.000489993,
    "DeviceSerialNumber": "166048",
    "DwellTime": 2.9e-06,
    "EchoTime": 0.023,
    "EchoTrainLength": 74,
    "EffectiveEchoSpacing": 0.000489993,
    "FlipAngle": 76,
    "ImageOrientationPatientDICOM": [
      1,
      0,
      0,
      0,
      0.964557,
      -0.263873
    ],
    "ImageType": [
      "ORIGINAL",
      "PRIMARY",
      "M",
      "ND",
      "NORM",
      "MOSAIC"
    ],
    "ImagingFrequency": 123.246,
    "InPlanePhaseEncodingDirectionDICOM": "COL",
    "InstitutionAddress": "North_13th_1701_Philadelphia_PA_US_19122",
    "InstitutionName": "Temple_University_-_Weiss_Hall",
    "InstitutionalDepartmentName": "Department",
    "MRAcquisitionType": "2D",
    "MagneticFieldStrength": 3,
    "Manufacturer": "Siemens",
    "ManufacturersModelName": "Prisma",
    "Modality": "MR",
    "PartialFourier": 1,
    "PatientPosition": "HFS",
    "PercentPhaseFOV": 100,
    "PhaseEncodingDirection": "j-",
    "PhaseEncodingSteps": 74,
    "PhaseResolution": 1,
    "PixelBandwidth": 2330,
    "ProcedureStepDescription": "SMITH_SRNDNA",
    "ProtocolName": "func-bold_task-reward_run0",
    "PulseSequenceDetails": "%SiemensSeq%_ep2d_bold",
    "ReceiveCoilActiveElements": "HE1-4;NE1,2",
    "ReceiveCoilName": "HeadNeck_20",
    "ReconMatrixPE": 74,
    "RepetitionTime": 2.02,
    "SAR": 0.0787327,
    "ScanOptions": "FS",
    "ScanningSequence": "EP",
    "SequenceName": "_epfid2d1_74",
    "SequenceVariant": "SK",
    "SeriesDescription": "func-bold_task-reward_run0",
    "SeriesNumber": 15,
    "ShimSetting": [
      1412,
      -7375,
      6449,
      347,
      36,
      20,
      -142,
      27
    ],
    "SliceThickness": 2.8,
    "SliceTiming": [
      1.945,
      1.89,
      1.835,
      1.7775,
      1.7225,
      1.6675,
      1.6125,
      1.555,
      1.5,
      1.445,
      1.39,
      1.335,
      1.2775,
      1.2225,
      1.1675,
      1.1125,
      1.055,
      1,
      0.945,
      0.89,
      0.835,
      0.7775,
      0.7225,
      0.6675,
      0.6125,
      0.555,
      0.5,
      0.445,
      0.39,
      0.335,
      0.2775,
      0.2225,
      0.1675,
      0.1125,
      0.0575,
      0
    ],
    "SoftwareVersions": "syngo_MR_E11",
    "SpacingBetweenSlices": 3.22,
    "StationName": "AWP166048",
    "TaskName": "sharedreward",
    "TotalReadoutTime": 0.0357695,
    "TxRefAmp": 249.625,
    "dataset": "<unset>",
    "modality": "bold",
    "run_id": 1,
    "subject_id": "125",
    "task_id": "sharedreward"
  },
  "dummy_trs": 3,
  "dvars_nstd": 17.954152723787875,
  "dvars_std": 1.2053618484343434,
  "dvars_vstd": 1.0659321984848489,
  "efc": 0.5104561556137638,
  "fber": 1904.7703857421875,
  "fd_mean": 0.12321939487516528,
  "fd_num": 9,
  "fd_perc": 4.522613065326633,
  "fwhm_avg": 1.7428776483365873,
  "fwhm_x": 1.716615059530607,
  "fwhm_y": 1.8171171539250166,
  "fwhm_z": 1.6949007315541382,
  "gcor": 0.0114823,
  "gsr_x": -0.019497662782669067,
  "gsr_y": 0.03573942184448242,
  "provenance": {
    "md5sum": "ea80f4b4f1f1daf8d6dca8c08a16f4ad",
    "settings": {
      "fd_thres": 0.2,
      "testing": false
    },
    "software": "mriqc",
    "version": "22.0.6",
    "webapi_port": null,
    "webapi_url": "https://mriqc.nimh.nih.gov/api/v1"
  },
  "size_t": 199,
  "size_x": 74,
  "size_y": 74,
  "size_z": 36,
  "snr": 7.249283852380351,
  "spacing_tr": 2.0199999809265137,
  "spacing_x": 2.972972869873047,
  "spacing_y": 2.972972869873047,
  "spacing_z": 3.2199997901916504,
  "summary_bg_k": 26.799817529496597,
  "summary_bg_mad": 8.791311285758647,
  "summary_bg_mean": 44.09186935424805,
  "summary_bg_median": 18.874372482299805,
  "summary_bg_n": 126172.0,
  "summary_bg_p05": 10.386934280395508,
  "summary_bg_p95": 170.78617935180662,
  "summary_bg_stdv": 74.44390869140625,
  "summary_fg_k": 2.140793581875359,
  "summary_fg_mad": 111.03870769432908,
  "summary_fg_mean": 841.91064453125,
  "summary_fg_median": 831.9899291992188,
  "summary_fg_n": 33913.0,
  "summary_fg_p05": 686.5055053710937,
  "summary_fg_p95": 1030.5044921874999,
  "summary_fg_stdv": 114.76687622070312,
  "tsnr": 92.4761485545896
}