{
  "aor": 0.0019025757575757572,
  "aqi": 0.0044013112626262625,
  "bids_meta": {
    "AcquisitionMatrixPE": 74,
    "AcquisitionNumber": 1,
    "AcquisitionTime": "18:29:6.707500",
    "BandwidthPerPixelPhaseEncode": 27.579,
    "BaseResolution": 74,
    "BodyPartExamined": "BRAIN",
    "CogAtlasID": "http://www.cognitiveatlas.org/task/id/TODO",
    "CoilString": "HE1-4;NE1_2",
    "ConsistencyInfo": "N4_VE11C_LATEST_20160120",
    "ConversionSoftware": "dcm2niix",
    "ConversionSoftwareVersion": "v1.0.20190410  GCC6.3.0",
    "DerivedVendorReportedEchoSpacing": 0.000489993,
    "DeviceSerialNumber": "166048",
    "DwellTime": 2.9e-06,
    "EchoTime": 0.023,
    "EchoTrainLength": 74,
    "EffectiveEchoSpacing": 0.000489993,
    "FlipAngle": 76,
    "ImageOrientationPatientDICOM": [
      1,
      0,
      0,
      0,
      0.964557,
      -0.263873
    ],
    "ImageType": [
      "ORIGINAL",
      "PRIMARY",
      "M",
      "ND",
      "NORM",
      "MOSAIC"
    ],
    "ImagingFrequency": 123.246,
    "InPlanePhaseEncodingDirectionDICOM": "COL",
    "InstitutionAddress": "North_13th_1701_Philadelphia_PA_US_19122",
    "InstitutionName": "Temple_University_-_Weiss_Hall",
    "InstitutionalDepartmentName": "Department",
    "MRAcquisitionType": "2D",
    "MagneticFieldStrength": 3,
    "Manufacturer": "Siemens",
    "ManufacturersModelName": "Prisma",
    "Modality": "MR",
    "PartialFourier": 1,
    "PatientPosition": "HFS",
    "PercentPhaseFOV": 100,
    "PhaseEncodingDirection": "j-",
    "PhaseEncodingSteps": 74,
    "PhaseResolution": 1,
    "PixelBandwidth": 2330,
    "ProcedureStepDescription": "SMITH_SRNDNA",
    "ProtocolName": "func-bold_task-UG_run0",
    "PulseSequenceDetails": "%SiemensSeq%_ep2d_bold",
    "ReceiveCoilActiveElements": "HE1-4;NE1,2",
    "ReceiveCoilName": "HeadNeck_20",
    "ReconMatrixPE": 74,
    "RepetitionTime": 2.02,
    "SAR": 0.0787299,
    "ScanOptions": "FS",
    "ScanningSequence": "EP",
    "SequenceName": "_epfid2d1_74",
    "SequenceVariant": "SK",
    "SeriesDescription": "func-bold_task-UG_run0",
    "SeriesNumber": 17,
    "ShimSetting": [
      1412,
      -7375,
      6449,
      347,
      36,
      20,
      -142,
      27
    ],
    "SliceThickness": 2.8,
    "SliceTiming": [
      1.945,
      1.89,
      1.8325,
      1.7775,
      1.7225,
      1.6675,
      1.6125,
      1.555,
      1.5,
      1.445,
      1.39,
      1.3325,
      1.2775,
      1.2225,
      1.1675,
      1.1125,
      1.055,
      1,
      0.945,
      0.89,
      0.8325,
      0.7775,
      0.7225,
      0.6675,
      0.6125,
      0.555,
      0.5,
      0.445,
      0.39,
      0.3325,
      0.2775,
      0.2225,
      0.1675,
      0.1125,
      0.055,
      0
    ],
    "SoftwareVersions": "syngo_MR_E11",
    "SpacingBetweenSlices": 3.22,
    "StationName": "AWP166048",
    "TaskName": "ultimatum",
    "TotalReadoutTime": 0.0357695,
    "TxRefAmp": 249.625,
    "dataset": "<unset>",
    "modality": "bold",
    "run_id": 1,
    "subject_id": "125",
    "task_id": "ultimatum"
  },
  "dummy_trs": 2,
  "dvars_nstd": 18.975095351827417,
  "dvars_std": 1.2136129996446703,
  "dvars_vstd": 1.017801417512691,
  "efc": 0.5107136422357688,
  "fber": 1893.405029296875,
  "fd_mean": 0.10536069448960673,
  "fd_num": 9,
  "fd_perc": 4.545454545454546,
  "fwhm_avg": 1.7282691731180269,
  "fwhm_x": 1.708115150144929,
  "fwhm_y": 1.802996607980784,
  "fwhm_z": 1.6736957612283683,
  "gcor": 0.0141731,
  "gsr_x": -0.020014634355902672,
  "gsr_y": 0.0363677553832531,
  "provenance": {
    "md5sum": "b4332da942dda68ca98ef05dbc0584c0",
    "settings": {
      "fd_thres": 0.2,
      "testing": false
    },
    "software": "mriqc",
    "version": "22.0.6",
    "webapi_port": null,
    "webapi_url": "https://mriqc.nimh.nih.gov/api/v1"
  },
  "size_t": 198,
  "size_x": 74,
  "size_y": 74,
  "size_z": 36,
  "snr": 7.3085209592627525,
  "spacing_tr": 2.0199999809265137,
  "spacing_x": 2.972972869873047,
  "spacing_y": 2.972972869873047,
  "spacing_z": 3.2199997901916504,
  "summary_bg_k": 27.55550724948551,
  "summary_bg_mad": 8.727135593396204,
  "summary_bg_mean": 43.916465759277344,
  "summary_bg_median": 18.863636016845703,
  "summary_bg_n": 126104.0,
  "summary_bg_p05": 10.42424201965332,
  "summary_bg_p95": 170.6146499633788,
  "summary_bg_stdv": 73.88323974609375,
  "summary_fg_k": 2.0094018353002827,
  "summary_fg_mad": 110.93310486296944,
  "summary_fg_mean": 839.4149169921875,
  "summary_fg_median": 830.01513671875,
  "summary_fg_n": 33933.0,
  "summary_fg_p05": 684.8696899414062,
  "summary_fg_p95": 1026.7778076171874,
  "summary_fg_stdv": 113.56646728515625,
  "tsnr": 96.21530567575246
}