{
  "aor": 0.014754930875576038,
  "aqi": 0.0288236865437788,
  "bids_meta": {
    "AcquisitionMatrixPE": 74,
    "AcquisitionNumber": 1,
    "AcquisitionTime": "15:34:1.697500",
    "BandwidthPerPixelPhaseEncode": 27.579,
    "BaseResolution": 74,
    "BodyPartExamined": "BRAIN",
    "CogAtlasID": "http://www.cognitiveatlas.org/task/id/TODO",
    "CoilString": "HE1-4;NE1_2",
    "ConsistencyInfo": "N4_VE11C_LATEST_20160120",
    "ConversionSoftware": "dcm2niix",
    "ConversionSoftwareVersion": "v1.0.20190410  GCC6.3.0",
    "DerivedVendorReportedEchoSpacing": 0.000489993,
    "DeviceSerialNumber": "166048",
    "DwellTime": 2.9e-06,
    "EchoTime": 0.023,
    "EchoTrainLength": 74,
    "EffectiveEchoSpacing": 0.000489993,
    "FlipAngle": 76,
    "ImageOrientationPatientDICOM": [
      1,
      0,
      0,
      0,
      0.955278,
      -0.295708
    ],
    "ImageType": [
      "ORIGINAL",
      "PRIMARY",
      "M",
      "ND",
      "NORM",
      "MOSAIC"
    ],
    "ImagingFrequency": 123.246,
    "InPlanePhaseEncodingDirectionDICOM": "COL",
    "InstitutionAddress": "North_13th_1701_Philadelphia_PA_US_19122",
    "InstitutionName": "Temple_University_-_Weiss_Hall",
    "InstitutionalDepartmentName": "Department",
    "MRAcquisitionType": "2D",
    "MagneticFieldStrength": 3,
    "Manufacturer": "Siemens",
    "ManufacturersModelName": "Prisma",
    "Modality": "MR",
    "PartialFourier": 1,
    "PatientPosition": "HFS",
    "PercentPhaseFOV": 100,
    "PhaseEncodingDirection": "j-",
    "PhaseEncodingSteps": 74,
    "PhaseResolution": 1,
    "PixelBandwidth": 2330,
    "ProcedureStepDescription": "SMITH_SRNDNA",
    "ProtocolName": "func-bold_trust_run4",
    "PulseSequenceDetails": "%SiemensSeq%_ep2d_bold",
    "ReceiveCoilActiveElements": "HE1-4;NE1,2",
    "ReceiveCoilName": "HeadNeck_20",
    "ReconMatrixPE": 74,
    "RepetitionTime": 2.02,
    "SAR": 0.0942076,
    "ScanOptions": "FS",
    "ScanningSequence": "EP",
    "SequenceName": "_epfid2d1_74",
    "SequenceVariant": "SK",
    "SeriesDescription": "func-bold_trust_run4",
    "SeriesNumber": 13,
    "ShimSetting": [
      1447,
      -7365,
      6542,
      273,
      12,
      163,
      -83,
      37
    ],
    "SliceThickness": 2.8,
    "SliceTiming": [
      1.945,
      1.8875,
      1.8325,
      1.7775,
      1.7225,
      1.665,
      1.61,
      1.555,
      1.5,
      1.445,
      1.3875,
      1.3325,
      1.2775,
      1.2225,
      1.165,
      1.11,
      1.055,
      1,
      0.945,
      0.8875,
      0.8325,
      0.7775,
      0.7225,
      0.665,
      0.61,
      0.555,
      0.5,
      0.445,
      0.3875,
      0.3325,
      0.2775,
      0.2225,
      0.1675,
      0.11,
      0.055,
      0
    ],
    "SoftwareVersions": "syngo_MR_E11",
    "SpacingBetweenSlices": 3.22,
    "StationName": "AWP166048",
    "TaskName": "trust",
    "TotalReadoutTime": 0.0357695,
    "TxRefAmp": 247.916,
    "dataset": "<unset>",
    "modality": "bold",
    "run_id": 5,
    "subject_id": "126",
    "task_id": "trust"
  },
  "dummy_trs": 0,
  "dvars_nstd": 28.765494943148152,
  "dvars_std": 1.0885533511111112,
  "dvars_vstd": 0.978081793425926,
  "efc": 0.5291169674689588,
  "fber": 2354.178466796875,
  "fd_mean": 0.4042477213585545,
  "fd_num": 97,
  "fd_perc": 44.70046082949309,
  "fwhm_avg": 1.8033407375547315,
  "fwhm_x": 1.837695881911395,
  "fwhm_y": 1.8982547931024307,
  "fwhm_z": 1.6740715376503685,
  "gcor": 0.0367706,
  "gsr_x": 0.0014461862156167626,
  "gsr_y": 0.022967040538787842,
  "provenance": {
    "md5sum": "3ab25a433efd72a14211e1c9e71af91a",
    "settings": {
      "fd_thres": 0.2,
      "testing": false
    },
    "software": "mriqc",
    "version": "22.0.6",
    "webapi_port": null,
    "webapi_url": "https://mriqc.nimh.nih.gov/api/v1"
  },
  "size_t": 217,
  "size_x": 74,
  "size_y": 74,
  "size_z": 36,
  "snr": 6.43824435605524,
  "spacing_tr": 2.0199999809265137,
  "spacing_x": 2.972972869873047,
  "spacing_y": 2.972972869873047,
  "spacing_z": 3.2199997901916504,
  "summary_bg_k": 26.90319690782667,
  "summary_bg_mad": 13.644039787513762,
  "summary_bg_mean": 54.258724212646484,
  "summary_bg_median": 20.9815673828125,
  "summary_bg_n": 119214.0,
  "summary_bg_p05": 8.387096405029297,
  "summary_bg_p95": 245.53939971923816,
  "summary_bg_stdv": 92.6419906616211,
  "summary_fg_k": 3.150267886473853,
  "summary_fg_mad": 141.94721762864705,
  "summary_fg_mean": 1014.2755737304688,
  "summary_fg_median": 997.8502197265625,
  "summary_fg_n": 39208.0,
  "summary_fg_p05": 804.6530059814453,
  "summary_fg_p95": 1271.2131286621095,
  "summary_fg_stdv": 154.9859619140625,
  "tsnr": 40.324044349370524
}