{
  "aor": 0.0018775462962962966,
  "aqi": 0.005264596296296296,
  "bids_meta": {
    "AcquisitionMatrixPE": 74,
    "AcquisitionNumber": 1,
    "AcquisitionTime": "15:02:13.615000",
    "BandwidthPerPixelPhaseEncode": 27.579,
    "BaseResolution": 74,
    "BodyPartExamined": "BRAIN",
    "CogAtlasID": "http://www.cognitiveatlas.org/task/id/TODO",
    "CoilString": "HE1-4;NE1_2",
    "ConsistencyInfo": "N4_VE11C_LATEST_20160120",
    "ConversionSoftware": "dcm2niix",
    "ConversionSoftwareVersion": "v1.0.20190410  GCC6.3.0",
    "DerivedVendorReportedEchoSpacing": 0.000489993,
    "DeviceSerialNumber": "166048",
    "DwellTime": 2.9e-06,
    "EchoTime": 0.023,
    "EchoTrainLength": 74,
    "EffectiveEchoSpacing": 0.000489993,
    "FlipAngle": 76,
    "ImageOrientationPatientDICOM": [
      1,
      0,
      0,
      0,
      0.955278,
      -0.295708
    ],
    "ImageType": [
      "ORIGINAL",
      "PRIMARY",
      "M",
      "ND",
      "NORM",
      "MOSAIC"
    ],
    "ImagingFrequency": 123.246,
    "InPlanePhaseEncodingDirectionDICOM": "COL",
    "InstitutionAddress": "North_13th_1701_Philadelphia_PA_US_19122",
    "InstitutionName": "Temple_University_-_Weiss_Hall",
    "InstitutionalDepartmentName": "Department",
    "MRAcquisitionType": "2D",
    "MagneticFieldStrength": 3,
    "Manufacturer": "Siemens",
    "ManufacturersModelName": "Prisma",
    "Modality": "MR",
    "PartialFourier": 1,
    "PatientPosition": "HFS",
    "PercentPhaseFOV": 100,
    "PhaseEncodingDirection": "j-",
    "PhaseEncodingSteps": 74,
    "PhaseResolution": 1,
    "PixelBandwidth": 2330,
    "ProcedureStepDescription": "SMITH_SRNDNA",
    "ProtocolName": "func-bold_trust_run0",
    "PulseSequenceDetails": "%SiemensSeq%_ep2d_bold",
    "ReceiveCoilActiveElements": "HE1-4;NE1,2",
    "ReceiveCoilName": "HeadNeck_20",
    "ReconMatrixPE": 74,
    "RepetitionTime": 2.02,
    "SAR": 0.0942076,
    "ScanOptions": "FS",
    "ScanningSequence": "EP",
    "SequenceName": "_epfid2d1_74",
    "SequenceVariant": "SK",
    "SeriesDescription": "func-bold_trust_run0",
    "SeriesNumber": 9,
    "ShimSetting": [
      1447,
      -7365,
      6542,
      273,
      12,
      163,
      -83,
      37
    ],
    "SliceThickness": 2.8,
    "SliceTiming": [
      1.945,
      1.8875,
      1.8325,
      1.7775,
      1.7225,
      1.6675,
      1.61,
      1.555,
      1.5,
      1.445,
      1.39,
      1.3325,
      1.2775,
      1.2225,
      1.1675,
      1.11,
      1.055,
      1,
      0.945,
      0.89,
      0.8325,
      0.7775,
      0.7225,
      0.6675,
      0.61,
      0.555,
      0.5,
      0.445,
      0.39,
      0.3325,
      0.2775,
      0.2225,
      0.1675,
      0.11,
      0.055,
      0
    ],
    "SoftwareVersions": "syngo_MR_E11",
    "SpacingBetweenSlices": 3.22,
    "StationName": "AWP166048",
    "TaskName": "trust",
    "TotalReadoutTime": 0.0357695,
    "TxRefAmp": 247.916,
    "dataset": "<unset>",
    "modality": "bold",
    "run_id": 1,
    "subject_id": "126",
    "task_id": "trust"
  },
  "dummy_trs": 1,
  "dvars_nstd": 17.901518609023256,
  "dvars_std": 1.2061995406976744,
  "dvars_vstd": 0.9844192672558135,
  "efc": 0.5394477330525503,
  "fber": 2100.5107421875,
  "fd_mean": 0.06999703138074687,
  "fd_num": 5,
  "fd_perc": 2.314814814814815,
  "fwhm_avg": 1.7979302848902619,
  "fwhm_x": 1.7615835156355257,
  "fwhm_y": 1.847154427693954,
  "fwhm_z": 1.7850529113413058,
  "gcor": 0.0214945,
  "gsr_x": -0.005566122476011515,
  "gsr_y": 0.026362577453255653,
  "provenance": {
    "md5sum": "0966b327aed46db5821c2ec052400a33",
    "settings": {
      "fd_thres": 0.2,
      "testing": false
    },
    "software": "mriqc",
    "version": "22.0.6",
    "webapi_port": null,
    "webapi_url": "https://mriqc.nimh.nih.gov/api/v1"
  },
  "size_t": 216,
  "size_x": 74,
  "size_y": 74,
  "size_z": 36,
  "snr": 6.429162704222604,
  "spacing_tr": 2.0199999809265137,
  "spacing_x": 2.972972869873047,
  "spacing_y": 2.972972869873047,
  "spacing_z": 3.2199997901916504,
  "summary_bg_k": 24.112245163056592,
  "summary_bg_mad": 13.013954063699979,
  "summary_bg_mean": 54.970298767089844,
  "summary_bg_median": 21.129629135131836,
  "summary_bg_n": 118534.0,
  "summary_bg_p05": 9.01388931274414,
  "summary_bg_p95": 247.7826461791991,
  "summary_bg_stdv": 95.4769515991211,
  "summary_fg_k": 3.2023629135551888,
  "summary_fg_mad": 140.67559484571552,
  "summary_fg_mean": 995.1505737304688,
  "summary_fg_median": 979.0347290039062,
  "summary_fg_n": 40320.0,
  "summary_fg_p05": 788.828271484375,
  "summary_fg_p95": 1244.5796630859375,
  "summary_fg_stdv": 152.2783966064453,
  "tsnr": 90.57141458336264
}