{
  "aor": 0.0073976,
  "aqi": 0.0147843781,
  "bids_meta": {
    "AcquisitionMatrixPE": 74,
    "AcquisitionNumber": 1,
    "AcquisitionTime": "16:00:1.190000",
    "BandwidthPerPixelPhaseEncode": 27.579,
    "BaseResolution": 74,
    "BodyPartExamined": "BRAIN",
    "CogAtlasID": "http://www.cognitiveatlas.org/task/id/TODO",
    "CoilString": "HE1-4;NE1_2",
    "ConsistencyInfo": "N4_VE11C_LATEST_20160120",
    "ConversionSoftware": "dcm2niix",
    "ConversionSoftwareVersion": "v1.0.20190410  GCC6.3.0",
    "DerivedVendorReportedEchoSpacing": 0.000489993,
    "DeviceSerialNumber": "166048",
    "DwellTime": 2.9e-06,
    "EchoTime": 0.023,
    "EchoTrainLength": 74,
    "EffectiveEchoSpacing": 0.000489993,
    "FlipAngle": 76,
    "ImageOrientationPatientDICOM": [
      1,
      0,
      0,
      0,
      0.955278,
      -0.295708
    ],
    "ImageType": [
      "ORIGINAL",
      "PRIMARY",
      "M",
      "ND",
      "NORM",
      "MOSAIC"
    ],
    "ImagingFrequency": 123.246,
    "InPlanePhaseEncodingDirectionDICOM": "COL",
    "InstitutionAddress": "North_13th_1701_Philadelphia_PA_US_19122",
    "InstitutionName": "Temple_University_-_Weiss_Hall",
    "InstitutionalDepartmentName": "Department",
    "MRAcquisitionType": "2D",
    "MagneticFieldStrength": 3,
    "Manufacturer": "Siemens",
    "ManufacturersModelName": "Prisma",
    "Modality": "MR",
    "PartialFourier": 1,
    "PatientPosition": "HFS",
    "PercentPhaseFOV": 100,
    "PhaseEncodingDirection": "j-",
    "PhaseEncodingSteps": 74,
    "PhaseResolution": 1,
    "PixelBandwidth": 2330,
    "ProcedureStepDescription": "SMITH_SRNDNA",
    "ProtocolName": "func-bold_task-UG_run0",
    "PulseSequenceDetails": "%SiemensSeq%_ep2d_bold",
    "ReceiveCoilActiveElements": "HE1-4;NE1,2",
    "ReceiveCoilName": "HeadNeck_20",
    "ReconMatrixPE": 74,
    "RepetitionTime": 2.02,
    "SAR": 0.0941808,
    "ScanOptions": "FS",
    "ScanningSequence": "EP",
    "SequenceName": "_epfid2d1_74",
    "SequenceVariant": "SK",
    "SeriesDescription": "func-bold_task-UG_run0",
    "SeriesNumber": 16,
    "ShimSetting": [
      1447,
      -7365,
      6542,
      273,
      12,
      163,
      -83,
      37
    ],
    "SliceThickness": 2.8,
    "SliceTiming": [
      1.945,
      1.89,
      1.835,
      1.7775,
      1.7225,
      1.6675,
      1.6125,
      1.5575,
      1.5,
      1.445,
      1.39,
      1.335,
      1.2775,
      1.2225,
      1.1675,
      1.1125,
      1.0575,
      1,
      0.945,
      0.89,
      0.835,
      0.7775,
      0.7225,
      0.6675,
      0.6125,
      0.5575,
      0.5,
      0.445,
      0.39,
      0.335,
      0.2775,
      0.2225,
      0.1675,
      0.1125,
      0.0575,
      0
    ],
    "SoftwareVersions": "syngo_MR_E11",
    "SpacingBetweenSlices": 3.22,
    "StationName": "AWP166048",
    "TaskName": "ultimatum",
    "TotalReadoutTime": 0.0357695,
    "TxRefAmp": 247.916,
    "dataset": "<unset>",
    "modality": "bold",
    "run_id": 1,
    "subject_id": "126",
    "task_id": "ultimatum"
  },
  "dummy_trs": 0,
  "dvars_nstd": 23.610430137286432,
  "dvars_std": 1.192422003417086,
  "dvars_vstd": 1.0068416333165837,
  "efc": 0.5306716292066556,
  "fber": 2248.1513671875,
  "fd_mean": 0.17488434479326362,
  "fd_num": 42,
  "fd_perc": 21.0,
  "fwhm_avg": 1.7957254563620237,
  "fwhm_x": 1.7672243340129623,
  "fwhm_y": 1.8824053380073316,
  "fwhm_z": 1.7375466970657778,
  "gcor": 0.0260483,
  "gsr_x": 0.0005636404384858906,
  "gsr_y": 0.022638067603111267,
  "provenance": {
    "md5sum": "868ac57f8fc4aac2ef7211e341ac9823",
    "settings": {
      "fd_thres": 0.2,
      "testing": false
    },
    "software": "mriqc",
    "version": "22.0.6",
    "webapi_port": null,
    "webapi_url": "https://mriqc.nimh.nih.gov/api/v1"
  },
  "size_t": 200,
  "size_x": 74,
  "size_y": 74,
  "size_z": 36,
  "snr": 6.47740333493473,
  "spacing_tr": 2.0199999809265137,
  "spacing_x": 2.972972869873047,
  "spacing_y": 2.972972869873047,
  "spacing_z": 3.2199997901916504,
  "summary_bg_k": 24.423608588538567,
  "summary_bg_mad": 13.054312986396116,
  "summary_bg_mean": 52.725975036621094,
  "summary_bg_median": 20.704999923706055,
  "summary_bg_n": 120108.0,
  "summary_bg_p05": 8.5649995803833,
  "summary_bg_p95": 242.74324340820309,
  "summary_bg_stdv": 89.73397827148438,
  "summary_fg_k": 2.9320165969684506,
  "summary_fg_mad": 141.26229232396756,
  "summary_fg_mean": 1000.7340087890625,
  "summary_fg_median": 985.1499633789062,
  "summary_fg_n": 39137.0,
  "summary_fg_p05": 792.8989868164062,
  "summary_fg_p95": 1251.1179931640625,
  "summary_fg_stdv": 152.08831787109375,
  "tsnr": 55.13674840936437
}