{
  "aor": 0.0056016336633663375,
  "aqi": 0.03773993762376238,
  "bids_meta": {
    "AcquisitionMatrixPE": 74,
    "AcquisitionNumber": 1,
    "AcquisitionTime": "15:43:13.310000",
    "BandwidthPerPixelPhaseEncode": 27.579,
    "BaseResolution": 74,
    "BodyPartExamined": "BRAIN",
    "CogAtlasID": "http://www.cognitiveatlas.org/task/id/TODO",
    "CoilString": "HE1-4;NE1_2",
    "ConsistencyInfo": "N4_VE11C_LATEST_20160120",
    "ConversionSoftware": "dcm2niix",
    "ConversionSoftwareVersion": "v1.0.20190410  GCC6.3.0",
    "DerivedVendorReportedEchoSpacing": 0.000489993,
    "DeviceSerialNumber": "166048",
    "DwellTime": 2.9e-06,
    "EchoTime": 0.023,
    "EchoTrainLength": 74,
    "EffectiveEchoSpacing": 0.000489993,
    "FlipAngle": 76,
    "ImageOrientationPatientDICOM": [
      1,
      0,
      0,
      0,
      0.955278,
      -0.295708
    ],
    "ImageType": [
      "ORIGINAL",
      "PRIMARY",
      "M",
      "ND",
      "NORM",
      "MOSAIC"
    ],
    "ImagingFrequency": 123.246,
    "InPlanePhaseEncodingDirectionDICOM": "COL",
    "InstitutionAddress": "North_13th_1701_Philadelphia_PA_US_19122",
    "InstitutionName": "Temple_University_-_Weiss_Hall",
    "InstitutionalDepartmentName": "Department",
    "MRAcquisitionType": "2D",
    "MagneticFieldStrength": 3,
    "Manufacturer": "Siemens",
    "ManufacturersModelName": "Prisma",
    "Modality": "MR",
    "PartialFourier": 1,
    "PatientPosition": "HFS",
    "PercentPhaseFOV": 100,
    "PhaseEncodingDirection": "j-",
    "PhaseEncodingSteps": 74,
    "PhaseResolution": 1,
    "PixelBandwidth": 2330,
    "ProcedureStepDescription": "SMITH_SRNDNA",
    "ProtocolName": "func-bold_task-reward_run0",
    "PulseSequenceDetails": "%SiemensSeq%_ep2d_bold",
    "ReceiveCoilActiveElements": "HE1-4;NE1,2",
    "ReceiveCoilName": "HeadNeck_20",
    "ReconMatrixPE": 74,
    "RepetitionTime": 2.02,
    "SAR": 0.0941842,
    "ScanOptions": "FS",
    "ScanningSequence": "EP",
    "SequenceName": "_epfid2d1_74",
    "SequenceVariant": "SK",
    "SeriesDescription": "func-bold_task-reward_run0",
    "SeriesNumber": 14,
    "ShimSetting": [
      1447,
      -7365,
      6542,
      273,
      12,
      163,
      -83,
      37
    ],
    "SliceThickness": 2.8,
    "SliceTiming": [
      1.9425,
      1.8875,
      1.8325,
      1.7775,
      1.7225,
      1.665,
      1.61,
      1.555,
      1.5,
      1.4425,
      1.3875,
      1.3325,
      1.2775,
      1.2225,
      1.165,
      1.11,
      1.055,
      1,
      0.9425,
      0.8875,
      0.8325,
      0.7775,
      0.7225,
      0.665,
      0.61,
      0.555,
      0.5,
      0.4425,
      0.3875,
      0.3325,
      0.2775,
      0.2225,
      0.165,
      0.11,
      0.055,
      0
    ],
    "SoftwareVersions": "syngo_MR_E11",
    "SpacingBetweenSlices": 3.22,
    "StationName": "AWP166048",
    "TaskName": "sharedreward",
    "TotalReadoutTime": 0.0357695,
    "TxRefAmp": 247.916,
    "dataset": "<unset>",
    "modality": "bold",
    "run_id": 1,
    "subject_id": "126",
    "task_id": "sharedreward"
  },
  "dummy_trs": 0,
  "dvars_nstd": 29.043516543582104,
  "dvars_std": 0.9588017134328357,
  "dvars_vstd": 0.882644716567164,
  "efc": 0.5247797453626167,
  "fber": 2413.27490234375,
  "fd_mean": 0.3708631555941544,
  "fd_num": 83,
  "fd_perc": 41.08910891089109,
  "fwhm_avg": 1.8144856432852388,
  "fwhm_x": 1.7899726075291236,
  "fwhm_y": 1.8480121549964266,
  "fwhm_z": 1.8054721673301664,
  "gcor": 0.0334213,
  "gsr_x": 0.0040177046321332455,
  "gsr_y": 0.02295970357954502,
  "provenance": {
    "md5sum": "473d3406563efbac15648744e0b66a44",
    "settings": {
      "fd_thres": 0.2,
      "testing": false
    },
    "software": "mriqc",
    "version": "22.0.6",
    "webapi_port": null,
    "webapi_url": "https://mriqc.nimh.nih.gov/api/v1"
  },
  "size_t": 202,
  "size_x": 74,
  "size_y": 74,
  "size_z": 36,
  "snr": 6.521777630002609,
  "spacing_tr": 2.0199999809265137,
  "spacing_x": 2.972972869873047,
  "spacing_y": 2.972972869873047,
  "spacing_z": 3.2199997901916504,
  "summary_bg_k": 22.466352517483806,
  "summary_bg_mad": 13.093873044485914,
  "summary_bg_mean": 52.578792572021484,
  "summary_bg_median": 20.7772274017334,
  "summary_bg_n": 119933.0,
  "summary_bg_p05": 8.58910846710205,
  "summary_bg_p95": 239.87029418945306,
  "summary_bg_stdv": 88.09246063232422,
  "summary_fg_k": 3.053786823078574,
  "summary_fg_mad": 139.98121324636844,
  "summary_fg_mean": 1014.8583374023438,
  "summary_fg_median": 998.6534423828125,
  "summary_fg_n": 38677.0,
  "summary_fg_p05": 806.89208984375,
  "summary_fg_p95": 1266.4010009765623,
  "summary_fg_stdv": 153.1239776611328,
  "tsnr": 38.022654191125184
}