{
  "aor": 0.00492378787878788,
  "aqi": 0.0050716583838383835,
  "bids_meta": {
    "AcquisitionMatrixPE": 74,
    "AcquisitionNumber": 1,
    "AcquisitionTime": "18:34:1.005000",
    "BandwidthPerPixelPhaseEncode": 27.579,
    "BaseResolution": 74,
    "BodyPartExamined": "BRAIN",
    "CogAtlasID": "http://www.cognitiveatlas.org/task/id/TODO",
    "CoilString": "HE1-4;NE1_2",
    "ConsistencyInfo": "N4_VE11C_LATEST_20160120",
    "ConversionSoftware": "dcm2niix",
    "ConversionSoftwareVersion": "v1.0.20190410  GCC6.3.0",
    "DerivedVendorReportedEchoSpacing": 0.000489993,
    "DeviceSerialNumber": "166048",
    "DwellTime": 2.9e-06,
    "EchoTime": 0.023,
    "EchoTrainLength": 74,
    "EffectiveEchoSpacing": 0.000489993,
    "FlipAngle": 76,
    "ImageOrientationPatientDICOM": [
      1,
      0,
      0,
      0,
      0.961262,
      -0.275637
    ],
    "ImageType": [
      "ORIGINAL",
      "PRIMARY",
      "M",
      "ND",
      "NORM",
      "MOSAIC"
    ],
    "ImagingFrequency": 123.246,
    "InPlanePhaseEncodingDirectionDICOM": "COL",
    "InstitutionAddress": "North_13th_1701_Philadelphia_PA_US_19122",
    "InstitutionName": "Temple_University_-_Weiss_Hall",
    "InstitutionalDepartmentName": "Department",
    "MRAcquisitionType": "2D",
    "MagneticFieldStrength": 3,
    "Manufacturer": "Siemens",
    "ManufacturersModelName": "Prisma",
    "Modality": "MR",
    "PartialFourier": 1,
    "PatientPosition": "HFS",
    "PercentPhaseFOV": 100,
    "PhaseEncodingDirection": "j-",
    "PhaseEncodingSteps": 74,
    "PhaseResolution": 1,
    "PixelBandwidth": 2330,
    "ProcedureStepDescription": "SMITH_SRNDNA",
    "ProtocolName": "func-bold_task-UG_run0",
    "PulseSequenceDetails": "%SiemensSeq%_ep2d_bold",
    "ReceiveCoilActiveElements": "HE1-4;NE1,2",
    "ReceiveCoilName": "HeadNeck_20",
    "ReconMatrixPE": 74,
    "RepetitionTime": 2.02,
    "SAR": 0.0904833,
    "ScanOptions": "FS",
    "ScanningSequence": "EP",
    "SequenceName": "_epfid2d1_74",
    "SequenceVariant": "SK",
    "SeriesDescription": "func-bold_task-UG_run0",
    "SeriesNumber": 16,
    "ShimSetting": [
      1415,
      -7425,
      6510,
      260,
      -101,
      137,
      -62,
      84
    ],
    "SliceThickness": 2.8,
    "SliceTiming": [
      1.9425,
      1.8875,
      1.8325,
      1.7775,
      1.7225,
      1.665,
      1.61,
      1.555,
      1.5,
      1.445,
      1.3875,
      1.3325,
      1.2775,
      1.2225,
      1.165,
      1.11,
      1.055,
      1,
      0.945,
      0.8875,
      0.8325,
      0.7775,
      0.7225,
      0.665,
      0.61,
      0.555,
      0.5,
      0.445,
      0.3875,
      0.3325,
      0.2775,
      0.2225,
      0.165,
      0.11,
      0.055,
      0
    ],
    "SoftwareVersions": "syngo_MR_E11",
    "SpacingBetweenSlices": 3.22,
    "StationName": "AWP166048",
    "TaskName": "ultimatum",
    "TotalReadoutTime": 0.0357695,
    "TxRefAmp": 247.797,
    "dataset": "<unset>",
    "modality": "bold",
    "run_id": 1,
    "subject_id": "133",
    "task_id": "ultimatum"
  },
  "dummy_trs": 2,
  "dvars_nstd": 26.401097718680212,
  "dvars_std": 1.3465991424365482,
  "dvars_vstd": 1.0577405537563451,
  "efc": 0.5048358752795714,
  "fber": 2048.744873046875,
  "fd_mean": 0.2590672203423996,
  "fd_num": 127,
  "fd_perc": 64.14141414141415,
  "fwhm_avg": 1.66874633238288,
  "fwhm_x": 1.6307346929159925,
  "fwhm_y": 1.7616036974544071,
  "fwhm_z": 1.6139006067782402,
  "gcor": 0.0344092,
  "gsr_x": -0.01914142072200775,
  "gsr_y": 0.030728617683053017,
  "provenance": {
    "md5sum": "533040ba6befc89714cd4969d8833d94",
    "settings": {
      "fd_thres": 0.2,
      "testing": false
    },
    "software": "mriqc",
    "version": "22.0.6",
    "webapi_port": null,
    "webapi_url": "https://mriqc.nimh.nih.gov/api/v1"
  },
  "size_t": 198,
  "size_x": 74,
  "size_y": 74,
  "size_z": 36,
  "snr": 6.47609597987057,
  "spacing_tr": 2.0199999809265137,
  "spacing_x": 2.972972869873047,
  "spacing_y": 2.972972869873047,
  "spacing_z": 3.2200000286102295,
  "summary_bg_k": 48.39754920452645,
  "summary_bg_mad": 10.542948480964434,
  "summary_bg_mean": 44.183616638183594,
  "summary_bg_median": 19.72222137451172,
  "summary_bg_n": 125248.0,
  "summary_bg_p05": 9.449495315551758,
  "summary_bg_p95": 176.43762435913084,
  "summary_bg_stdv": 74.4797134399414,
  "summary_fg_k": 2.0785238818571337,
  "summary_fg_mad": 129.14357563044294,
  "summary_fg_mean": 920.779052734375,
  "summary_fg_median": 904.5302734375,
  "summary_fg_n": 33835.0,
  "summary_fg_p05": 737.8424499511718,
  "summary_fg_p95": 1165.7979858398437,
  "summary_fg_stdv": 139.6700897216797,
  "tsnr": 89.28272475977428
}