{
  "aor": 0.005640804020100502,
  "aqi": 0.005829728442211055,
  "bids_meta": {
    "AcquisitionMatrixPE": 74,
    "AcquisitionNumber": 1,
    "AcquisitionTime": "18:41:15.542500",
    "BandwidthPerPixelPhaseEncode": 27.579,
    "BaseResolution": 74,
    "BodyPartExamined": "BRAIN",
    "CogAtlasID": "http://www.cognitiveatlas.org/task/id/TODO",
    "CoilString": "HE1-4;NE1_2",
    "ConsistencyInfo": "N4_VE11C_LATEST_20160120",
    "ConversionSoftware": "dcm2niix",
    "ConversionSoftwareVersion": "v1.0.20190410  GCC6.3.0",
    "DerivedVendorReportedEchoSpacing": 0.000489993,
    "DeviceSerialNumber": "166048",
    "DwellTime": 2.9e-06,
    "EchoTime": 0.023,
    "EchoTrainLength": 74,
    "EffectiveEchoSpacing": 0.000489993,
    "FlipAngle": 76,
    "ImageOrientationPatientDICOM": [
      1,
      0,
      0,
      0,
      0.961262,
      -0.275637
    ],
    "ImageType": [
      "ORIGINAL",
      "PRIMARY",
      "M",
      "ND",
      "NORM",
      "MOSAIC"
    ],
    "ImagingFrequency": 123.246,
    "InPlanePhaseEncodingDirectionDICOM": "COL",
    "InstitutionAddress": "North_13th_1701_Philadelphia_PA_US_19122",
    "InstitutionName": "Temple_University_-_Weiss_Hall",
    "InstitutionalDepartmentName": "Department",
    "MRAcquisitionType": "2D",
    "MagneticFieldStrength": 3,
    "Manufacturer": "Siemens",
    "ManufacturersModelName": "Prisma",
    "Modality": "MR",
    "PartialFourier": 1,
    "PatientPosition": "HFS",
    "PercentPhaseFOV": 100,
    "PhaseEncodingDirection": "j-",
    "PhaseEncodingSteps": 74,
    "PhaseResolution": 1,
    "PixelBandwidth": 2330,
    "ProcedureStepDescription": "SMITH_SRNDNA",
    "ProtocolName": "func-bold_task-UG_run1",
    "PulseSequenceDetails": "%SiemensSeq%_ep2d_bold",
    "ReceiveCoilActiveElements": "HE1-4;NE1,2",
    "ReceiveCoilName": "HeadNeck_20",
    "ReconMatrixPE": 74,
    "RepetitionTime": 2.02,
    "SAR": 0.0904833,
    "ScanOptions": "FS",
    "ScanningSequence": "EP",
    "SequenceName": "_epfid2d1_74",
    "SequenceVariant": "SK",
    "SeriesDescription": "func-bold_task-UG_run1",
    "SeriesNumber": 17,
    "ShimSetting": [
      1415,
      -7425,
      6510,
      260,
      -101,
      137,
      -62,
      84
    ],
    "SliceThickness": 2.8,
    "SliceTiming": [
      1.945,
      1.89,
      1.835,
      1.7775,
      1.7225,
      1.6675,
      1.6125,
      1.5575,
      1.5,
      1.445,
      1.39,
      1.335,
      1.2775,
      1.2225,
      1.1675,
      1.1125,
      1.0575,
      1,
      0.945,
      0.89,
      0.835,
      0.78,
      0.7225,
      0.6675,
      0.6125,
      0.5575,
      0.5,
      0.445,
      0.39,
      0.335,
      0.28,
      0.2225,
      0.1675,
      0.1125,
      0.0575,
      0
    ],
    "SoftwareVersions": "syngo_MR_E11",
    "SpacingBetweenSlices": 3.22,
    "StationName": "AWP166048",
    "TaskName": "ultimatum",
    "TotalReadoutTime": 0.0357695,
    "TxRefAmp": 247.797,
    "dataset": "<unset>",
    "modality": "bold",
    "run_id": 2,
    "subject_id": "133",
    "task_id": "ultimatum"
  },
  "dummy_trs": 1,
  "dvars_nstd": 26.649179141212137,
  "dvars_std": 1.3305386041919196,
  "dvars_vstd": 1.0509300094444443,
  "efc": 0.5057259608436401,
  "fber": 2033.05517578125,
  "fd_mean": 0.2793433643733024,
  "fd_num": 127,
  "fd_perc": 63.81909547738694,
  "fwhm_avg": 1.6763000601024245,
  "fwhm_x": 1.6280437837317652,
  "fwhm_y": 1.7737632433306345,
  "fwhm_z": 1.6270931532448731,
  "gcor": 0.0259501,
  "gsr_x": -0.019217554479837418,
  "gsr_y": 0.031432345509529114,
  "provenance": {
    "md5sum": "f681b7a6d7d49e192e25117df499df1d",
    "settings": {
      "fd_thres": 0.2,
      "testing": false
    },
    "software": "mriqc",
    "version": "22.0.6",
    "webapi_port": null,
    "webapi_url": "https://mriqc.nimh.nih.gov/api/v1"
  },
  "size_t": 199,
  "size_x": 74,
  "size_y": 74,
  "size_z": 36,
  "snr": 6.447585459190318,
  "spacing_tr": 2.0199999809265137,
  "spacing_x": 2.972972869873047,
  "spacing_y": 2.972972869873047,
  "spacing_z": 3.2200000286102295,
  "summary_bg_k": 46.63000511709918,
  "summary_bg_mad": 10.571922522580508,
  "summary_bg_mean": 44.605247497558594,
  "summary_bg_median": 19.768844604492188,
  "summary_bg_n": 125200.0,
  "summary_bg_p05": 9.502261638641361,
  "summary_bg_p95": 178.60828399658197,
  "summary_bg_stdv": 75.18861389160156,
  "summary_fg_k": 2.0441886206541184,
  "summary_fg_mad": 128.7144679815078,
  "summary_fg_mean": 918.687744140625,
  "summary_fg_median": 902.4095458984375,
  "summary_fg_n": 33894.0,
  "summary_fg_p05": 735.4454528808594,
  "summary_fg_p95": 1163.538684082031,
  "summary_fg_stdv": 139.9587860107422,
  "tsnr": 82.42175844497979
}