{
  "aor": 0.027008542713567844,
  "aqi": 0.021400122261306533,
  "bids_meta": {
    "AcquisitionMatrixPE": 74,
    "AcquisitionNumber": 1,
    "AcquisitionTime": "14:40:55.125000",
    "BandwidthPerPixelPhaseEncode": 27.579,
    "BaseResolution": 74,
    "BodyPartExamined": "BRAIN",
    "CogAtlasID": "http://www.cognitiveatlas.org/task/id/TODO",
    "CoilString": "HE1-4;NE1_2",
    "ConsistencyInfo": "N4_VE11C_LATEST_20160120",
    "ConversionSoftware": "dcm2niix",
    "ConversionSoftwareVersion": "v1.0.20190410  GCC6.3.0",
    "DerivedVendorReportedEchoSpacing": 0.000489993,
    "DeviceSerialNumber": "166048",
    "DwellTime": 2.9e-06,
    "EchoTime": 0.023,
    "EchoTrainLength": 74,
    "EffectiveEchoSpacing": 0.000489993,
    "FlipAngle": 76,
    "ImageOrientationPatientDICOM": [
      1,
      0,
      0,
      0,
      0.967709,
      -0.252069
    ],
    "ImageType": [
      "ORIGINAL",
      "PRIMARY",
      "M",
      "ND",
      "NORM",
      "MOSAIC"
    ],
    "ImagingFrequency": 123.246,
    "InPlanePhaseEncodingDirectionDICOM": "COL",
    "InstitutionAddress": "North_13th_1701_Philadelphia_PA_US_19122",
    "InstitutionName": "Temple_University_-_Weiss_Hall",
    "InstitutionalDepartmentName": "Department",
    "MRAcquisitionType": "2D",
    "MagneticFieldStrength": 3,
    "Manufacturer": "Siemens",
    "ManufacturersModelName": "Prisma",
    "Modality": "MR",
    "PartialFourier": 1,
    "PatientPosition": "HFS",
    "PercentPhaseFOV": 100,
    "PhaseEncodingDirection": "j-",
    "PhaseEncodingSteps": 74,
    "PhaseResolution": 1,
    "PixelBandwidth": 2330,
    "ProcedureStepDescription": "SMITH_SRNDNA",
    "ProtocolName": "func-bold_task-UG_run0",
    "PulseSequenceDetails": "%SiemensSeq%_ep2d_bold",
    "ReceiveCoilActiveElements": "HE1-4;NE1,2",
    "ReceiveCoilName": "HeadNeck_20",
    "ReconMatrixPE": 74,
    "RepetitionTime": 2.02,
    "SAR": 0.0975745,
    "ScanOptions": "FS",
    "ScanningSequence": "EP",
    "SequenceName": "_epfid2d1_74",
    "SequenceVariant": "SK",
    "SeriesDescription": "func-bold_task-UG_run0",
    "SeriesNumber": 16,
    "ShimSetting": [
      1437,
      -7396,
      6535,
      182,
      -18,
      252,
      -165,
      66
    ],
    "SliceThickness": 2.8,
    "SliceTiming": [
      1.945,
      1.89,
      1.835,
      1.7775,
      1.7225,
      1.6675,
      1.6125,
      1.555,
      1.5,
      1.445,
      1.39,
      1.335,
      1.2775,
      1.2225,
      1.1675,
      1.1125,
      1.0575,
      1,
      0.945,
      0.89,
      0.835,
      0.7775,
      0.7225,
      0.6675,
      0.6125,
      0.5575,
      0.5,
      0.445,
      0.39,
      0.335,
      0.2775,
      0.2225,
      0.1675,
      0.1125,
      0.0575,
      0
    ],
    "SoftwareVersions": "syngo_MR_E11",
    "SpacingBetweenSlices": 3.22,
    "StationName": "AWP166048",
    "TaskName": "ultimatum",
    "TotalReadoutTime": 0.0357695,
    "TxRefAmp": 284.81,
    "dataset": "<unset>",
    "modality": "bold",
    "run_id": 1,
    "subject_id": "113",
    "task_id": "ultimatum"
  },
  "dummy_trs": 1,
  "dvars_nstd": 33.381405695353536,
  "dvars_std": 1.3764155408585854,
  "dvars_vstd": 1.1680536411616156,
  "efc": 0.5026990384995134,
  "fber": 2416.139404296875,
  "fd_mean": 0.355607141256087,
  "fd_num": 88,
  "fd_perc": 44.221105527638194,
  "fwhm_avg": 1.7250907175906522,
  "fwhm_x": 1.669117148792515,
  "fwhm_y": 1.843356882107713,
  "fwhm_z": 1.662798121871728,
  "gcor": 0.0189059,
  "gsr_x": -0.01191654708236456,
  "gsr_y": 0.049021270126104355,
  "provenance": {
    "md5sum": "a4a191ceddcefeaabb8ad997b38449f1",
    "settings": {
      "fd_thres": 0.2,
      "testing": false
    },
    "software": "mriqc",
    "version": "22.0.6",
    "webapi_port": null,
    "webapi_url": "https://mriqc.nimh.nih.gov/api/v1"
  },
  "size_t": 199,
  "size_x": 74,
  "size_y": 74,
  "size_z": 36,
  "snr": 7.142550829959857,
  "spacing_tr": 2.0199999809265137,
  "spacing_x": 2.972972869873047,
  "spacing_y": 2.972972869873047,
  "spacing_z": 3.2200000286102295,
  "summary_bg_k": 31.240557179414374,
  "summary_bg_mad": 8.28469256121383,
  "summary_bg_mean": 40.058990478515625,
  "summary_bg_median": 16.251256942749023,
  "summary_bg_n": 126497.0,
  "summary_bg_p05": 8.68844223022461,
  "summary_bg_p95": 148.91155700683592,
  "summary_bg_stdv": 75.45494079589844,
  "summary_fg_k": 1.5968579528233473,
  "summary_fg_mad": 105.50320092489397,
  "summary_fg_mean": 813.5899658203125,
  "summary_fg_median": 801.7437133789062,
  "summary_fg_n": 34341.0,
  "summary_fg_p05": 660.9799194335938,
  "summary_fg_p95": 1014.492431640625,
  "summary_fg_stdv": 112.24729919433594,
  "tsnr": 42.97809071477968
}