{
  "aor": 0.0008980099502487562,
  "aqi": 0.00677642447761194,
  "bids_meta": {
    "AcquisitionMatrixPE": 74,
    "AcquisitionNumber": 1,
    "AcquisitionTime": "14:30:48.230000",
    "BandwidthPerPixelPhaseEncode": 27.579,
    "BaseResolution": 74,
    "BodyPartExamined": "BRAIN",
    "CogAtlasID": "http://www.cognitiveatlas.org/task/id/TODO",
    "CoilString": "HE1-4;NE1_2",
    "ConsistencyInfo": "N4_VE11C_LATEST_20160120",
    "ConversionSoftware": "dcm2niix",
    "ConversionSoftwareVersion": "v1.0.20190410  GCC6.3.0",
    "DerivedVendorReportedEchoSpacing": 0.000489993,
    "DeviceSerialNumber": "166048",
    "DwellTime": 2.9e-06,
    "EchoTime": 0.023,
    "EchoTrainLength": 74,
    "EffectiveEchoSpacing": 0.000489993,
    "FlipAngle": 76,
    "ImageOrientationPatientDICOM": [
      1,
      0,
      0,
      0,
      0.967709,
      -0.252069
    ],
    "ImageType": [
      "ORIGINAL",
      "PRIMARY",
      "M",
      "ND",
      "NORM",
      "MOSAIC"
    ],
    "ImagingFrequency": 123.246,
    "InPlanePhaseEncodingDirectionDICOM": "COL",
    "InstitutionAddress": "North_13th_1701_Philadelphia_PA_US_19122",
    "InstitutionName": "Temple_University_-_Weiss_Hall",
    "InstitutionalDepartmentName": "Department",
    "MRAcquisitionType": "2D",
    "MagneticFieldStrength": 3,
    "Manufacturer": "Siemens",
    "ManufacturersModelName": "Prisma",
    "Modality": "MR",
    "PartialFourier": 1,
    "PatientPosition": "HFS",
    "PercentPhaseFOV": 100,
    "PhaseEncodingDirection": "j-",
    "PhaseEncodingSteps": 74,
    "PhaseResolution": 1,
    "PixelBandwidth": 2330,
    "ProcedureStepDescription": "SMITH_SRNDNA",
    "ProtocolName": "func-bold_task-reward_run1",
    "PulseSequenceDetails": "%SiemensSeq%_ep2d_bold",
    "ReceiveCoilActiveElements": "HE1-4;NE1,2",
    "ReceiveCoilName": "HeadNeck_20",
    "ReconMatrixPE": 74,
    "RepetitionTime": 2.02,
    "SAR": 0.097578,
    "ScanOptions": "FS",
    "ScanningSequence": "EP",
    "SequenceName": "_epfid2d1_74",
    "SequenceVariant": "SK",
    "SeriesDescription": "func-bold_task-reward_run1",
    "SeriesNumber": 15,
    "ShimSetting": [
      1437,
      -7396,
      6535,
      182,
      -18,
      252,
      -165,
      66
    ],
    "SliceThickness": 2.8,
    "SliceTiming": [
      1.945,
      1.8875,
      1.8325,
      1.7775,
      1.7225,
      1.6675,
      1.61,
      1.555,
      1.5,
      1.445,
      1.3875,
      1.3325,
      1.2775,
      1.2225,
      1.1675,
      1.11,
      1.055,
      1,
      0.945,
      0.89,
      0.8325,
      0.7775,
      0.7225,
      0.6675,
      0.61,
      0.555,
      0.5,
      0.445,
      0.39,
      0.3325,
      0.2775,
      0.2225,
      0.1675,
      0.11,
      0.055,
      0
    ],
    "SoftwareVersions": "syngo_MR_E11",
    "SpacingBetweenSlices": 3.22,
    "StationName": "AWP166048",
    "TaskName": "sharedreward",
    "TotalReadoutTime": 0.0357695,
    "TxRefAmp": 284.81,
    "dataset": "<unset>",
    "modality": "bold",
    "run_id": 2,
    "subject_id": "113",
    "task_id": "sharedreward"
  },
  "dummy_trs": 1,
  "dvars_nstd": 24.34849382399999,
  "dvars_std": 1.2807727195999996,
  "dvars_vstd": 0.9869235426999994,
  "efc": 0.5021673775606109,
  "fber": 2429.9794921875,
  "fd_mean": 0.14799179761794537,
  "fd_num": 33,
  "fd_perc": 16.417910447761194,
  "fwhm_avg": 1.6970077624587752,
  "fwhm_x": 1.6501596935896332,
  "fwhm_y": 1.7982673350895042,
  "fwhm_z": 1.6425962586971876,
  "gcor": 0.00974309,
  "gsr_x": -0.011887524276971817,
  "gsr_y": 0.04803479090332985,
  "provenance": {
    "md5sum": "66afa9f8f5e12fa4496e3c71f634c5fc",
    "settings": {
      "fd_thres": 0.2,
      "testing": false
    },
    "software": "mriqc",
    "version": "22.0.6",
    "webapi_port": null,
    "webapi_url": "https://mriqc.nimh.nih.gov/api/v1"
  },
  "size_t": 201,
  "size_x": 74,
  "size_y": 74,
  "size_z": 36,
  "snr": 7.0387040301977795,
  "spacing_tr": 2.0199999809265137,
  "spacing_x": 2.972972869873047,
  "spacing_y": 2.972972869873047,
  "spacing_z": 3.2200000286102295,
  "summary_bg_k": 31.514462438389756,
  "summary_bg_mad": 8.076863338636066,
  "summary_bg_mean": 39.8631706237793,
  "summary_bg_median": 16.189054489135742,
  "summary_bg_n": 126419.0,
  "summary_bg_p05": 8.731343269348145,
  "summary_bg_p95": 149.48010253906227,
  "summary_bg_stdv": 76.00289916992188,
  "summary_fg_k": 1.8916409768837985,
  "summary_fg_mad": 107.21203028855729,
  "summary_fg_mean": 814.2505493164062,
  "summary_fg_median": 803.0298461914062,
  "summary_fg_n": 34383.0,
  "summary_fg_p05": 660.7567199707031,
  "summary_fg_p95": 1017.3686279296874,
  "summary_fg_stdv": 114.0860824584961,
  "tsnr": 85.54671381320804
}