{
  "aor": 0.013575693069306932,
  "aqi": 0.024485019356435645,
  "bids_meta": {
    "AcquisitionMatrixPE": 74,
    "AcquisitionNumber": 1,
    "AcquisitionTime": "14:50:16.860000",
    "BandwidthPerPixelPhaseEncode": 27.579,
    "BaseResolution": 74,
    "BodyPartExamined": "BRAIN",
    "CogAtlasID": "http://www.cognitiveatlas.org/task/id/TODO",
    "CoilString": "HE1-4;NE1_2",
    "ConsistencyInfo": "N4_VE11C_LATEST_20160120",
    "ConversionSoftware": "dcm2niix",
    "ConversionSoftwareVersion": "v1.0.20190410  GCC6.3.0",
    "DerivedVendorReportedEchoSpacing": 0.000489993,
    "DeviceSerialNumber": "166048",
    "DwellTime": 2.9e-06,
    "EchoTime": 0.023,
    "EchoTrainLength": 74,
    "EffectiveEchoSpacing": 0.000489993,
    "FlipAngle": 76,
    "ImageOrientationPatientDICOM": [
      1,
      0,
      0,
      0,
      0.942057,
      -0.335452
    ],
    "ImageType": [
      "ORIGINAL",
      "PRIMARY",
      "M",
      "ND",
      "NORM",
      "MOSAIC"
    ],
    "ImagingFrequency": 123.246,
    "InPlanePhaseEncodingDirectionDICOM": "COL",
    "InstitutionAddress": "North_13th_1701_Philadelphia_PA_US_19122",
    "InstitutionName": "Temple_University_-_Weiss_Hall",
    "InstitutionalDepartmentName": "Department",
    "MRAcquisitionType": "2D",
    "MagneticFieldStrength": 3,
    "Manufacturer": "Siemens",
    "ManufacturersModelName": "Prisma",
    "Modality": "MR",
    "PartialFourier": 1,
    "PatientPosition": "HFS",
    "PercentPhaseFOV": 100,
    "PhaseEncodingDirection": "j-",
    "PhaseEncodingSteps": 74,
    "PhaseResolution": 1,
    "PixelBandwidth": 2330,
    "ProcedureStepDescription": "SMITH_SRNDNA",
    "ProtocolName": "func-bold_task-reward_run1",
    "PulseSequenceDetails": "%SiemensSeq%_ep2d_bold",
    "ReceiveCoilActiveElements": "HE1-4;NE1,2",
    "ReceiveCoilName": "HeadNeck_20",
    "ReconMatrixPE": 74,
    "RepetitionTime": 2.02,
    "SAR": 0.0984501,
    "ScanOptions": "FS",
    "ScanningSequence": "EP",
    "SequenceName": "_epfid2d1_74",
    "SequenceVariant": "SK",
    "SeriesDescription": "func-bold_task-reward_run1",
    "SeriesNumber": 15,
    "ShimSetting": [
      1450,
      -7431,
      6497,
      562,
      66,
      89,
      28,
      71
    ],
    "SliceThickness": 2.8,
    "SliceTiming": [
      1.945,
      1.89,
      1.8325,
      1.7775,
      1.7225,
      1.6675,
      1.6125,
      1.555,
      1.5,
      1.445,
      1.39,
      1.3325,
      1.2775,
      1.2225,
      1.1675,
      1.1125,
      1.055,
      1,
      0.945,
      0.89,
      0.8325,
      0.7775,
      0.7225,
      0.6675,
      0.6125,
      0.555,
      0.5,
      0.445,
      0.39,
      0.335,
      0.2775,
      0.2225,
      0.1675,
      0.1125,
      0.055,
      0
    ],
    "SoftwareVersions": "syngo_MR_E11",
    "SpacingBetweenSlices": 3.22,
    "StationName": "AWP166048",
    "TaskName": "sharedreward",
    "TotalReadoutTime": 0.0357695,
    "TxRefAmp": 266.623,
    "dataset": "<unset>",
    "modality": "bold",
    "run_id": 2,
    "subject_id": "118",
    "task_id": "sharedreward"
  },
  "dummy_trs": 0,
  "dvars_nstd": 32.27414979487559,
  "dvars_std": 1.1275021024378116,
  "dvars_vstd": 1.0143210262189062,
  "efc": 0.5155268695634526,
  "fber": 1948.0113525390625,
  "fd_mean": 0.6085117316591596,
  "fd_num": 102,
  "fd_perc": 50.495049504950494,
  "fwhm_avg": 1.7844912565195237,
  "fwhm_x": 1.71357096851595,
  "fwhm_y": 1.8913593383178482,
  "fwhm_z": 1.7485434627247733,
  "gcor": 0.0431757,
  "gsr_x": 0.004155353643000126,
  "gsr_y": 0.03810671716928482,
  "provenance": {
    "md5sum": "b69654ecd9f1de413cefb0b01af24f3c",
    "settings": {
      "fd_thres": 0.2,
      "testing": false
    },
    "software": "mriqc",
    "version": "22.0.6",
    "webapi_port": null,
    "webapi_url": "https://mriqc.nimh.nih.gov/api/v1"
  },
  "size_t": 202,
  "size_x": 74,
  "size_y": 74,
  "size_z": 36,
  "snr": 6.860438215901266,
  "spacing_tr": 2.0199999809265137,
  "spacing_x": 2.972972869873047,
  "spacing_y": 2.972972869873047,
  "spacing_z": 3.2200000286102295,
  "summary_bg_k": 20.056485181698285,
  "summary_bg_mad": 10.554365882196612,
  "summary_bg_mean": 42.10048294067383,
  "summary_bg_median": 19.123762130737305,
  "summary_bg_n": 125255.0,
  "summary_bg_p05": 9.400989532470703,
  "summary_bg_p95": 160.66138763427722,
  "summary_bg_stdv": 62.9613151550293,
  "summary_fg_k": 1.0078388938796463,
  "summary_fg_mad": 129.68371556222152,
  "summary_fg_mean": 857.7359008789062,
  "summary_fg_median": 846.8118896484375,
  "summary_fg_n": 36451.0,
  "summary_fg_p05": 686.2747497558594,
  "summary_fg_p95": 1061.9950561523438,
  "summary_fg_stdv": 123.43238830566406,
  "tsnr": 40.61650506220758
}