{
  "aor": 0.0107448,
  "aqi": 0.021159034499999996,
  "bids_meta": {
    "AcquisitionMatrixPE": 74,
    "AcquisitionNumber": 1,
    "AcquisitionTime": "15:06:18.967500",
    "BandwidthPerPixelPhaseEncode": 27.579,
    "BaseResolution": 74,
    "BodyPartExamined": "BRAIN",
    "CogAtlasID": "http://www.cognitiveatlas.org/task/id/TODO",
    "CoilString": "HE1-4;NE1_2",
    "ConsistencyInfo": "N4_VE11C_LATEST_20160120",
    "ConversionSoftware": "dcm2niix",
    "ConversionSoftwareVersion": "v1.0.20190410  GCC6.3.0",
    "DerivedVendorReportedEchoSpacing": 0.000489993,
    "DeviceSerialNumber": "166048",
    "DwellTime": 2.9e-06,
    "EchoTime": 0.023,
    "EchoTrainLength": 74,
    "EffectiveEchoSpacing": 0.000489993,
    "FlipAngle": 76,
    "ImageOrientationPatientDICOM": [
      1,
      0,
      0,
      0,
      0.942057,
      -0.335452
    ],
    "ImageType": [
      "ORIGINAL",
      "PRIMARY",
      "M",
      "ND",
      "NORM",
      "MOSAIC"
    ],
    "ImagingFrequency": 123.246,
    "InPlanePhaseEncodingDirectionDICOM": "COL",
    "InstitutionAddress": "North_13th_1701_Philadelphia_PA_US_19122",
    "InstitutionName": "Temple_University_-_Weiss_Hall",
    "InstitutionalDepartmentName": "Department",
    "MRAcquisitionType": "2D",
    "MagneticFieldStrength": 3,
    "Manufacturer": "Siemens",
    "ManufacturersModelName": "Prisma",
    "Modality": "MR",
    "PartialFourier": 1,
    "PatientPosition": "HFS",
    "PercentPhaseFOV": 100,
    "PhaseEncodingDirection": "j-",
    "PhaseEncodingSteps": 74,
    "PhaseResolution": 1,
    "PixelBandwidth": 2330,
    "ProcedureStepDescription": "SMITH_SRNDNA",
    "ProtocolName": "func-bold_task-UG_run1",
    "PulseSequenceDetails": "%SiemensSeq%_ep2d_bold",
    "ReceiveCoilActiveElements": "HE1-4;NE1,2",
    "ReceiveCoilName": "HeadNeck_20",
    "ReconMatrixPE": 74,
    "RepetitionTime": 2.02,
    "SAR": 0.0984465,
    "ScanOptions": "FS",
    "ScanningSequence": "EP",
    "SequenceName": "_epfid2d1_74",
    "SequenceVariant": "SK",
    "SeriesDescription": "func-bold_task-UG_run1",
    "SeriesNumber": 17,
    "ShimSetting": [
      1450,
      -7431,
      6497,
      562,
      66,
      89,
      28,
      71
    ],
    "SliceThickness": 2.8,
    "SliceTiming": [
      1.945,
      1.8875,
      1.8325,
      1.7775,
      1.7225,
      1.6675,
      1.61,
      1.555,
      1.5,
      1.445,
      1.39,
      1.3325,
      1.2775,
      1.2225,
      1.1675,
      1.11,
      1.055,
      1,
      0.945,
      0.89,
      0.8325,
      0.7775,
      0.7225,
      0.6675,
      0.61,
      0.555,
      0.5,
      0.445,
      0.39,
      0.3325,
      0.2775,
      0.2225,
      0.1675,
      0.11,
      0.055,
      0
    ],
    "SoftwareVersions": "syngo_MR_E11",
    "SpacingBetweenSlices": 3.22,
    "StationName": "AWP166048",
    "TaskName": "ultimatum",
    "TotalReadoutTime": 0.0357695,
    "TxRefAmp": 266.623,
    "dataset": "<unset>",
    "modality": "bold",
    "run_id": 2,
    "subject_id": "118",
    "task_id": "ultimatum"
  },
  "dummy_trs": 0,
  "dvars_nstd": 28.623814223366825,
  "dvars_std": 1.0935282422613062,
  "dvars_vstd": 0.9972848549246227,
  "efc": 0.5194444186941849,
  "fber": 1899.744140625,
  "fd_mean": 0.410400899035244,
  "fd_num": 93,
  "fd_perc": 46.5,
  "fwhm_avg": 1.7861315157965443,
  "fwhm_x": 1.7166184231670873,
  "fwhm_y": 1.90926061166592,
  "fwhm_z": 1.7325155125566254,
  "gcor": 0.0275601,
  "gsr_x": 0.002786578144878149,
  "gsr_y": 0.03582153841853142,
  "provenance": {
    "md5sum": "93236d73054545ea21be1a3ad7425b41",
    "settings": {
      "fd_thres": 0.2,
      "testing": false
    },
    "software": "mriqc",
    "version": "22.0.6",
    "webapi_port": null,
    "webapi_url": "https://mriqc.nimh.nih.gov/api/v1"
  },
  "size_t": 200,
  "size_x": 74,
  "size_y": 74,
  "size_z": 36,
  "snr": 6.859449119315368,
  "spacing_tr": 2.0199999809265137,
  "spacing_x": 2.972972869873047,
  "spacing_y": 2.972972869873047,
  "spacing_z": 3.2200000286102295,
  "summary_bg_k": 19.45478481608234,
  "summary_bg_mad": 10.526476316957636,
  "summary_bg_mean": 42.97882080078125,
  "summary_bg_median": 19.270000457763672,
  "summary_bg_n": 124194.0,
  "summary_bg_p05": 9.498249959945682,
  "summary_bg_p95": 163.16000366210938,
  "summary_bg_stdv": 64.49119567871094,
  "summary_fg_k": 0.8066672354542521,
  "summary_fg_mad": 129.63874160576415,
  "summary_fg_mean": 852.0870361328125,
  "summary_fg_median": 841.7099609375,
  "summary_fg_n": 36731.0,
  "summary_fg_p05": 682.0,
  "summary_fg_p95": 1056.2725219726562,
  "summary_fg_stdv": 122.70642852783203,
  "tsnr": 45.33582724654116
}