{
  "aor": 0.0037158415841584153,
  "aqi": 0.007493268712871288,
  "bids_meta": {
    "AcquisitionMatrixPE": 74,
    "AcquisitionNumber": 1,
    "AcquisitionTime": "14:43:8.147500",
    "BandwidthPerPixelPhaseEncode": 27.579,
    "BaseResolution": 74,
    "BodyPartExamined": "BRAIN",
    "CogAtlasID": "http://www.cognitiveatlas.org/task/id/TODO",
    "CoilString": "HE1-4;NE1_2",
    "ConsistencyInfo": "N4_VE11C_LATEST_20160120",
    "ConversionSoftware": "dcm2niix",
    "ConversionSoftwareVersion": "v1.0.20190410  GCC6.3.0",
    "DerivedVendorReportedEchoSpacing": 0.000489993,
    "DeviceSerialNumber": "166048",
    "DwellTime": 2.9e-06,
    "EchoTime": 0.023,
    "EchoTrainLength": 74,
    "EffectiveEchoSpacing": 0.000489993,
    "FlipAngle": 76,
    "ImageOrientationPatientDICOM": [
      1,
      0,
      0,
      0,
      0.942057,
      -0.335452
    ],
    "ImageType": [
      "ORIGINAL",
      "PRIMARY",
      "M",
      "ND",
      "NORM",
      "MOSAIC"
    ],
    "ImagingFrequency": 123.246,
    "InPlanePhaseEncodingDirectionDICOM": "COL",
    "InstitutionAddress": "North_13th_1701_Philadelphia_PA_US_19122",
    "InstitutionName": "Temple_University_-_Weiss_Hall",
    "InstitutionalDepartmentName": "Department",
    "MRAcquisitionType": "2D",
    "MagneticFieldStrength": 3,
    "Manufacturer": "Siemens",
    "ManufacturersModelName": "Prisma",
    "Modality": "MR",
    "PartialFourier": 1,
    "PatientPosition": "HFS",
    "PercentPhaseFOV": 100,
    "PhaseEncodingDirection": "j-",
    "PhaseEncodingSteps": 74,
    "PhaseResolution": 1,
    "PixelBandwidth": 2330,
    "ProcedureStepDescription": "SMITH_SRNDNA",
    "ProtocolName": "func-bold_task-reward_run0",
    "PulseSequenceDetails": "%SiemensSeq%_ep2d_bold",
    "ReceiveCoilActiveElements": "HE1-4;NE1,2",
    "ReceiveCoilName": "HeadNeck_20",
    "ReconMatrixPE": 74,
    "RepetitionTime": 2.02,
    "SAR": 0.0984501,
    "ScanOptions": "FS",
    "ScanningSequence": "EP",
    "SequenceName": "_epfid2d1_74",
    "SequenceVariant": "SK",
    "SeriesDescription": "func-bold_task-reward_run0",
    "SeriesNumber": 14,
    "ShimSetting": [
      1450,
      -7431,
      6497,
      562,
      66,
      89,
      28,
      71
    ],
    "SliceThickness": 2.8,
    "SliceTiming": [
      1.945,
      1.89,
      1.8325,
      1.7775,
      1.7225,
      1.6675,
      1.6125,
      1.555,
      1.5,
      1.445,
      1.39,
      1.335,
      1.2775,
      1.2225,
      1.1675,
      1.1125,
      1.055,
      1,
      0.945,
      0.89,
      0.835,
      0.7775,
      0.7225,
      0.6675,
      0.6125,
      0.555,
      0.5,
      0.445,
      0.39,
      0.335,
      0.2775,
      0.2225,
      0.1675,
      0.1125,
      0.055,
      0
    ],
    "SoftwareVersions": "syngo_MR_E11",
    "SpacingBetweenSlices": 3.22,
    "StationName": "AWP166048",
    "TaskName": "sharedreward",
    "TotalReadoutTime": 0.0357695,
    "TxRefAmp": 266.623,
    "dataset": "<unset>",
    "modality": "bold",
    "run_id": 1,
    "subject_id": "118",
    "task_id": "sharedreward"
  },
  "dummy_trs": 0,
  "dvars_nstd": 26.107778587562194,
  "dvars_std": 1.2647399831840793,
  "dvars_vstd": 1.039687452686567,
  "efc": 0.5137047536886934,
  "fber": 2003.084716796875,
  "fd_mean": 0.215231917361174,
  "fd_num": 78,
  "fd_perc": 38.613861386138616,
  "fwhm_avg": 1.7603763716135912,
  "fwhm_x": 1.6827735129024683,
  "fwhm_y": 1.8490077913945906,
  "fwhm_z": 1.7493478105437137,
  "gcor": 0.0582963,
  "gsr_x": 0.00472614960744977,
  "gsr_y": 0.038065239787101746,
  "provenance": {
    "md5sum": "0d5914c65800728486673a7dd3cb27e1",
    "settings": {
      "fd_thres": 0.2,
      "testing": false
    },
    "software": "mriqc",
    "version": "22.0.6",
    "webapi_port": null,
    "webapi_url": "https://mriqc.nimh.nih.gov/api/v1"
  },
  "size_t": 202,
  "size_x": 74,
  "size_y": 74,
  "size_z": 36,
  "snr": 6.816268423239289,
  "spacing_tr": 2.0199999809265137,
  "spacing_x": 2.972972869873047,
  "spacing_y": 2.972972869873047,
  "spacing_z": 3.2200000286102295,
  "summary_bg_k": 20.404457332443553,
  "summary_bg_mad": 10.091968908851499,
  "summary_bg_mean": 41.673763275146484,
  "summary_bg_median": 18.851484298706055,
  "summary_bg_n": 125493.0,
  "summary_bg_p05": 9.48019790649414,
  "summary_bg_p95": 160.7673217773436,
  "summary_bg_stdv": 63.0410270690918,
  "summary_fg_k": 0.8820175406472841,
  "summary_fg_mad": 132.19384147403346,
  "summary_fg_mean": 856.6267700195312,
  "summary_fg_median": 845.9306640625,
  "summary_fg_n": 36345.0,
  "summary_fg_p05": 684.4564331054687,
  "summary_fg_p95": 1062.0465576171873,
  "summary_fg_stdv": 124.10295104980469,
  "tsnr": 71.61750217038207
}