{
  "aor": 0.006859353233830846,
  "aqi": 0.020875975472636817,
  "bids_meta": {
    "AcquisitionMatrixPE": 74,
    "AcquisitionNumber": 1,
    "AcquisitionTime": "14:02:28.592500",
    "BandwidthPerPixelPhaseEncode": 27.579,
    "BaseResolution": 74,
    "BodyPartExamined": "BRAIN",
    "CogAtlasID": "http://www.cognitiveatlas.org/task/id/TODO",
    "CoilString": "HE2_4;NE2",
    "ConsistencyInfo": "N4_VE11C_LATEST_20160120",
    "ConversionSoftware": "dcm2niix",
    "ConversionSoftwareVersion": "v1.0.20190410  GCC6.3.0",
    "DerivedVendorReportedEchoSpacing": 0.000489993,
    "DeviceSerialNumber": "166048",
    "DwellTime": 2.9e-06,
    "EchoTime": 0.023,
    "EchoTrainLength": 74,
    "EffectiveEchoSpacing": 0.000489993,
    "FlipAngle": 76,
    "ImageOrientationPatientDICOM": [
      1,
      0,
      0,
      0,
      0.93606,
      -0.351842
    ],
    "ImageType": [
      "ORIGINAL",
      "PRIMARY",
      "M",
      "ND",
      "NORM",
      "MOSAIC"
    ],
    "ImagingFrequency": 123.246,
    "InPlanePhaseEncodingDirectionDICOM": "COL",
    "InstitutionAddress": "North_13th_1701_Philadelphia_PA_US_19122",
    "InstitutionName": "Temple_University_-_Weiss_Hall",
    "InstitutionalDepartmentName": "Department",
    "MRAcquisitionType": "2D",
    "MagneticFieldStrength": 3,
    "Manufacturer": "Siemens",
    "ManufacturersModelName": "Prisma",
    "Modality": "MR",
    "PartialFourier": 1,
    "PatientPosition": "HFS",
    "PercentPhaseFOV": 100,
    "PhaseEncodingDirection": "j-",
    "PhaseEncodingSteps": 74,
    "PhaseResolution": 1,
    "PixelBandwidth": 2330,
    "ProcedureStepDescription": "SMITH_SRNDNA",
    "ProtocolName": "func-bold_task-reward_run1",
    "PulseSequenceDetails": "%SiemensSeq%_ep2d_bold",
    "ReceiveCoilActiveElements": "HE2,4;NE2",
    "ReceiveCoilName": "HeadNeck_20",
    "ReconMatrixPE": 74,
    "RepetitionTime": 2.02,
    "SAR": 0.154191,
    "ScanOptions": "FS",
    "ScanningSequence": "EP",
    "SequenceName": "_epfid2d1_74",
    "SequenceVariant": "SK",
    "SeriesDescription": "func-bold_task-reward_run1",
    "SeriesNumber": 14,
    "ShimSetting": [
      1390,
      -7414,
      6518,
      -34,
      -83,
      87,
      -1,
      44
    ],
    "SliceThickness": 2.8,
    "SliceTiming": [
      1.945,
      1.89,
      1.835,
      1.7775,
      1.7225,
      1.6675,
      1.6125,
      1.5575,
      1.5,
      1.445,
      1.39,
      1.335,
      1.2775,
      1.2225,
      1.1675,
      1.1125,
      1.0575,
      1,
      0.945,
      0.89,
      0.835,
      0.78,
      0.7225,
      0.6675,
      0.6125,
      0.5575,
      0.5,
      0.445,
      0.39,
      0.335,
      0.28,
      0.2225,
      0.1675,
      0.1125,
      0.0575,
      0
    ],
    "SoftwareVersions": "syngo_MR_E11",
    "SpacingBetweenSlices": 3.22,
    "StationName": "AWP166048",
    "TaskName": "sharedreward",
    "TotalReadoutTime": 0.0357695,
    "TxRefAmp": 368.373,
    "dataset": "<unset>",
    "modality": "bold",
    "run_id": 2,
    "subject_id": "144",
    "task_id": "sharedreward"
  },
  "dummy_trs": 1,
  "dvars_nstd": 37.34671662334999,
  "dvars_std": 1.18753072535,
  "dvars_vstd": 1.0372839697499996,
  "efc": 0.5758366499240785,
  "fber": 387.55816650390625,
  "fd_mean": 0.383301510936344,
  "fd_num": 165,
  "fd_perc": 82.08955223880596,
  "fwhm_avg": 1.7683719931637292,
  "fwhm_x": 1.6998843316776737,
  "fwhm_y": 1.853585700644257,
  "fwhm_z": 1.751645947169257,
  "gcor": 0.0156362,
  "gsr_x": -0.05129797011613846,
  "gsr_y": 0.08299525827169418,
  "provenance": {
    "md5sum": "7a472c871c19b020047588f8aec325e7",
    "settings": {
      "fd_thres": 0.2,
      "testing": false
    },
    "software": "mriqc",
    "version": "22.0.6",
    "webapi_port": null,
    "webapi_url": "https://mriqc.nimh.nih.gov/api/v1"
  },
  "size_t": 201,
  "size_x": 74,
  "size_y": 74,
  "size_z": 36,
  "snr": 6.213429228414389,
  "spacing_tr": 2.0199999809265137,
  "spacing_x": 2.972972869873047,
  "spacing_y": 2.972972869873047,
  "spacing_z": 3.2200000286102295,
  "summary_bg_k": 20.19266446358804,
  "summary_bg_mad": 26.281152449368133,
  "summary_bg_mean": 45.18607711791992,
  "summary_bg_median": 25.208953857421875,
  "summary_bg_n": 121374.0,
  "summary_bg_p05": 5.621890544891357,
  "summary_bg_p95": 146.47438201904293,
  "summary_bg_stdv": 54.250343322753906,
  "summary_fg_k": 2.8418348269543285,
  "summary_fg_mad": 72.1459178805308,
  "summary_fg_mean": 537.591796875,
  "summary_fg_median": 525.7611694335938,
  "summary_fg_n": 37377.0,
  "summary_fg_p05": 429.2567077636719,
  "summary_fg_p95": 688.8019653320313,
  "summary_fg_stdv": 84.61577606201172,
  "tsnr": 41.15654636162799
}