{
  "aor": 0.004133989898989899,
  "aqi": 0.03402634090909091,
  "bids_meta": {
    "AcquisitionMatrixPE": 74,
    "AcquisitionNumber": 1,
    "AcquisitionTime": "14:12:45.587500",
    "BandwidthPerPixelPhaseEncode": 27.579,
    "BaseResolution": 74,
    "BodyPartExamined": "BRAIN",
    "CogAtlasID": "http://www.cognitiveatlas.org/task/id/TODO",
    "CoilString": "HE2_4;NE2",
    "ConsistencyInfo": "N4_VE11C_LATEST_20160120",
    "ConversionSoftware": "dcm2niix",
    "ConversionSoftwareVersion": "v1.0.20190410  GCC6.3.0",
    "DerivedVendorReportedEchoSpacing": 0.000489993,
    "DeviceSerialNumber": "166048",
    "DwellTime": 2.9e-06,
    "EchoTime": 0.023,
    "EchoTrainLength": 74,
    "EffectiveEchoSpacing": 0.000489993,
    "FlipAngle": 76,
    "ImageOrientationPatientDICOM": [
      1,
      0,
      0,
      0,
      0.93606,
      -0.351842
    ],
    "ImageType": [
      "ORIGINAL",
      "PRIMARY",
      "M",
      "ND",
      "NORM",
      "MOSAIC"
    ],
    "ImagingFrequency": 123.246,
    "InPlanePhaseEncodingDirectionDICOM": "COL",
    "InstitutionAddress": "North_13th_1701_Philadelphia_PA_US_19122",
    "InstitutionName": "Temple_University_-_Weiss_Hall",
    "InstitutionalDepartmentName": "Department",
    "MRAcquisitionType": "2D",
    "MagneticFieldStrength": 3,
    "Manufacturer": "Siemens",
    "ManufacturersModelName": "Prisma",
    "Modality": "MR",
    "PartialFourier": 1,
    "PatientPosition": "HFS",
    "PercentPhaseFOV": 100,
    "PhaseEncodingDirection": "j-",
    "PhaseEncodingSteps": 74,
    "PhaseResolution": 1,
    "PixelBandwidth": 2330,
    "ProcedureStepDescription": "SMITH_SRNDNA",
    "ProtocolName": "func-bold_task-UG_run0",
    "PulseSequenceDetails": "%SiemensSeq%_ep2d_bold",
    "ReceiveCoilActiveElements": "HE2,4;NE2",
    "ReceiveCoilName": "HeadNeck_20",
    "ReconMatrixPE": 74,
    "RepetitionTime": 2.02,
    "SAR": 0.154185,
    "ScanOptions": "FS",
    "ScanningSequence": "EP",
    "SequenceName": "_epfid2d1_74",
    "SequenceVariant": "SK",
    "SeriesDescription": "func-bold_task-UG_run0",
    "SeriesNumber": 15,
    "ShimSetting": [
      1390,
      -7414,
      6518,
      -34,
      -83,
      87,
      -1,
      44
    ],
    "SliceThickness": 2.8,
    "SliceTiming": [
      1.945,
      1.89,
      1.835,
      1.7775,
      1.7225,
      1.6675,
      1.6125,
      1.5575,
      1.5,
      1.445,
      1.39,
      1.335,
      1.2775,
      1.2225,
      1.1675,
      1.1125,
      1.0575,
      1,
      0.945,
      0.89,
      0.835,
      0.78,
      0.7225,
      0.6675,
      0.6125,
      0.5575,
      0.5,
      0.445,
      0.39,
      0.335,
      0.28,
      0.2225,
      0.1675,
      0.1125,
      0.0575,
      0
    ],
    "SoftwareVersions": "syngo_MR_E11",
    "SpacingBetweenSlices": 3.22,
    "StationName": "AWP166048",
    "TaskName": "ultimatum",
    "TotalReadoutTime": 0.0357695,
    "TxRefAmp": 368.373,
    "dataset": "<unset>",
    "modality": "bold",
    "run_id": 1,
    "subject_id": "144",
    "task_id": "ultimatum"
  },
  "dummy_trs": 2,
  "dvars_nstd": 38.66422882664972,
  "dvars_std": 1.0822745753807104,
  "dvars_vstd": 0.9699544454314727,
  "efc": 0.5764749317027813,
  "fber": 372.89215087890625,
  "fd_mean": 0.4512927585408952,
  "fd_num": 163,
  "fd_perc": 82.32323232323232,
  "fwhm_avg": 1.7891661622969741,
  "fwhm_x": 1.712292786653442,
  "fwhm_y": 1.874702610467481,
  "fwhm_z": 1.7805030897699994,
  "gcor": 0.0112726,
  "gsr_x": -0.0506647564470768,
  "gsr_y": 0.0842914879322052,
  "provenance": {
    "md5sum": "8a51710957cace3e750430c219fdc241",
    "settings": {
      "fd_thres": 0.2,
      "testing": false
    },
    "software": "mriqc",
    "version": "22.0.6",
    "webapi_port": null,
    "webapi_url": "https://mriqc.nimh.nih.gov/api/v1"
  },
  "size_t": 198,
  "size_x": 74,
  "size_y": 74,
  "size_z": 36,
  "snr": 6.236361423637262,
  "spacing_tr": 2.0199999809265137,
  "spacing_x": 2.972972869873047,
  "spacing_y": 2.972972869873047,
  "spacing_z": 3.2200000286102295,
  "summary_bg_k": 20.553689589591762,
  "summary_bg_mad": 27.74263353603395,
  "summary_bg_mean": 45.912208557128906,
  "summary_bg_median": 26.02020263671875,
  "summary_bg_n": 121473.0,
  "summary_bg_p05": 5.363636493682861,
  "summary_bg_p95": 146.16162109374986,
  "summary_bg_stdv": 54.45884323120117,
  "summary_fg_k": 2.7714448519326034,
  "summary_fg_mad": 71.93611482611155,
  "summary_fg_mean": 537.6468505859375,
  "summary_fg_median": 525.7120971679688,
  "summary_fg_n": 37383.0,
  "summary_fg_p05": 429.5883728027344,
  "summary_fg_p95": 687.6509887695313,
  "summary_fg_stdv": 84.29676055908203,
  "tsnr": 31.89996953890659
}