{
  "aor": 0.0081727,
  "aqi": 0.0325037515,
  "bids_meta": {
    "AcquisitionMatrixPE": 74,
    "AcquisitionNumber": 1,
    "AcquisitionTime": "14:20:1.485000",
    "BandwidthPerPixelPhaseEncode": 27.579,
    "BaseResolution": 74,
    "BodyPartExamined": "BRAIN",
    "CogAtlasID": "http://www.cognitiveatlas.org/task/id/TODO",
    "CoilString": "HE2_4;NE2",
    "ConsistencyInfo": "N4_VE11C_LATEST_20160120",
    "ConversionSoftware": "dcm2niix",
    "ConversionSoftwareVersion": "v1.0.20190410  GCC6.3.0",
    "DerivedVendorReportedEchoSpacing": 0.000489993,
    "DeviceSerialNumber": "166048",
    "DwellTime": 2.9e-06,
    "EchoTime": 0.023,
    "EchoTrainLength": 74,
    "EffectiveEchoSpacing": 0.000489993,
    "FlipAngle": 76,
    "ImageOrientationPatientDICOM": [
      1,
      0,
      0,
      0,
      0.93606,
      -0.351842
    ],
    "ImageType": [
      "ORIGINAL",
      "PRIMARY",
      "M",
      "ND",
      "NORM",
      "MOSAIC"
    ],
    "ImagingFrequency": 123.246,
    "InPlanePhaseEncodingDirectionDICOM": "COL",
    "InstitutionAddress": "North_13th_1701_Philadelphia_PA_US_19122",
    "InstitutionName": "Temple_University_-_Weiss_Hall",
    "InstitutionalDepartmentName": "Department",
    "MRAcquisitionType": "2D",
    "MagneticFieldStrength": 3,
    "Manufacturer": "Siemens",
    "ManufacturersModelName": "Prisma",
    "Modality": "MR",
    "PartialFourier": 1,
    "PatientPosition": "HFS",
    "PercentPhaseFOV": 100,
    "PhaseEncodingDirection": "j-",
    "PhaseEncodingSteps": 74,
    "PhaseResolution": 1,
    "PixelBandwidth": 2330,
    "ProcedureStepDescription": "SMITH_SRNDNA",
    "ProtocolName": "func-bold_task-UG_run1",
    "PulseSequenceDetails": "%SiemensSeq%_ep2d_bold",
    "ReceiveCoilActiveElements": "HE2,4;NE2",
    "ReceiveCoilName": "HeadNeck_20",
    "ReconMatrixPE": 74,
    "RepetitionTime": 2.02,
    "SAR": 0.154185,
    "ScanOptions": "FS",
    "ScanningSequence": "EP",
    "SequenceName": "_epfid2d1_74",
    "SequenceVariant": "SK",
    "SeriesDescription": "func-bold_task-UG_run1",
    "SeriesNumber": 16,
    "ShimSetting": [
      1390,
      -7414,
      6518,
      -34,
      -83,
      87,
      -1,
      44
    ],
    "SliceThickness": 2.8,
    "SliceTiming": [
      1.9425,
      1.8875,
      1.8325,
      1.7775,
      1.7225,
      1.665,
      1.61,
      1.555,
      1.5,
      1.4425,
      1.3875,
      1.3325,
      1.2775,
      1.2225,
      1.165,
      1.11,
      1.055,
      1,
      0.9425,
      0.8875,
      0.8325,
      0.7775,
      0.7225,
      0.665,
      0.61,
      0.555,
      0.5,
      0.445,
      0.3875,
      0.3325,
      0.2775,
      0.2225,
      0.165,
      0.11,
      0.055,
      0
    ],
    "SoftwareVersions": "syngo_MR_E11",
    "SpacingBetweenSlices": 3.22,
    "StationName": "AWP166048",
    "TaskName": "ultimatum",
    "TotalReadoutTime": 0.0357695,
    "TxRefAmp": 368.373,
    "dataset": "<unset>",
    "modality": "bold",
    "run_id": 2,
    "subject_id": "144",
    "task_id": "ultimatum"
  },
  "dummy_trs": 0,
  "dvars_nstd": 40.53973296673366,
  "dvars_std": 1.0939394645728653,
  "dvars_vstd": 0.9989053532160808,
  "efc": 0.579541814310894,
  "fber": 357.596435546875,
  "fd_mean": 0.5813213028977189,
  "fd_num": 172,
  "fd_perc": 86.0,
  "fwhm_avg": 1.7805365455226878,
  "fwhm_x": 1.7229353324770609,
  "fwhm_y": 1.8727550649453968,
  "fwhm_z": 1.7459192391456055,
  "gcor": 0.0119704,
  "gsr_x": -0.05350096896290779,
  "gsr_y": 0.08272067457437515,
  "provenance": {
    "md5sum": "1e9c3aa47f55cdf48630520295d68c21",
    "settings": {
      "fd_thres": 0.2,
      "testing": false
    },
    "software": "mriqc",
    "version": "22.0.6",
    "webapi_port": null,
    "webapi_url": "https://mriqc.nimh.nih.gov/api/v1"
  },
  "size_t": 200,
  "size_x": 74,
  "size_y": 74,
  "size_z": 36,
  "snr": 6.264874775680575,
  "spacing_tr": 2.0199999809265137,
  "spacing_x": 2.972972869873047,
  "spacing_y": 2.972972869873047,
  "spacing_z": 3.2200000286102295,
  "summary_bg_k": 19.245570783253015,
  "summary_bg_mad": 27.798794424819352,
  "summary_bg_mean": 46.546878814697266,
  "summary_bg_median": 26.26999855041504,
  "summary_bg_n": 121397.0,
  "summary_bg_p05": 5.505000114440918,
  "summary_bg_p95": 149.59800109863278,
  "summary_bg_stdv": 55.4056282043457,
  "summary_fg_k": 2.7703603030791832,
  "summary_fg_mad": 70.40881012372279,
  "summary_fg_mean": 534.0713500976562,
  "summary_fg_median": 522.0700073242188,
  "summary_fg_n": 37358.0,
  "summary_fg_p05": 427.6762435913086,
  "summary_fg_p95": 682.1537170410156,
  "summary_fg_stdv": 83.33175659179688,
  "tsnr": 31.654429980320856
}