{
  "aor": 0.0022073611111111113,
  "aqi": 0.005974757361111111,
  "bids_meta": {
    "AcquisitionMatrixPE": 74,
    "AcquisitionNumber": 1,
    "AcquisitionTime": "18:48:53.520000",
    "BandwidthPerPixelPhaseEncode": 27.579,
    "BaseResolution": 74,
    "BodyPartExamined": "BRAIN",
    "CogAtlasID": "http://www.cognitiveatlas.org/task/id/TODO",
    "CoilString": "HE1-4;NE1_2",
    "ConsistencyInfo": "N4_VE11C_LATEST_20160120",
    "ConversionSoftware": "dcm2niix",
    "ConversionSoftwareVersion": "v1.0.20190410  GCC6.3.0",
    "DerivedVendorReportedEchoSpacing": 0.000489993,
    "DeviceSerialNumber": "166048",
    "DwellTime": 2.9e-06,
    "EchoTime": 0.023,
    "EchoTrainLength": 74,
    "EffectiveEchoSpacing": 0.000489993,
    "FlipAngle": 76,
    "ImageOrientationPatientDICOM": [
      1,
      0,
      0,
      0,
      0.961262,
      -0.275637
    ],
    "ImageType": [
      "ORIGINAL",
      "PRIMARY",
      "M",
      "ND",
      "NORM",
      "MOSAIC"
    ],
    "ImagingFrequency": 123.246,
    "InPlanePhaseEncodingDirectionDICOM": "COL",
    "InstitutionAddress": "North_13th_1701_Philadelphia_PA_US_19122",
    "InstitutionName": "Temple_University_-_Weiss_Hall",
    "InstitutionalDepartmentName": "Department",
    "MRAcquisitionType": "2D",
    "MagneticFieldStrength": 3,
    "Manufacturer": "Siemens",
    "ManufacturersModelName": "Prisma",
    "Modality": "MR",
    "PartialFourier": 1,
    "PatientPosition": "HFS",
    "PercentPhaseFOV": 100,
    "PhaseEncodingDirection": "j-",
    "PhaseEncodingSteps": 74,
    "PhaseResolution": 1,
    "PixelBandwidth": 2330,
    "ProcedureStepDescription": "SMITH_SRNDNA",
    "ProtocolName": "func-bold_trust_run0",
    "PulseSequenceDetails": "%SiemensSeq%_ep2d_bold",
    "ReceiveCoilActiveElements": "HE1-4;NE1,2",
    "ReceiveCoilName": "HeadNeck_20",
    "ReconMatrixPE": 74,
    "RepetitionTime": 2.02,
    "SAR": 0.0935324,
    "ScanOptions": "FS",
    "ScanningSequence": "EP",
    "SequenceName": "_epfid2d1_74",
    "SequenceVariant": "SK",
    "SeriesDescription": "func-bold_trust_run0",
    "SeriesNumber": 9,
    "ShimSetting": [
      1425,
      -7413,
      6502,
      420,
      -56,
      181,
      54,
      95
    ],
    "SliceThickness": 2.8,
    "SliceTiming": [
      1.945,
      1.89,
      1.835,
      1.7775,
      1.7225,
      1.6675,
      1.6125,
      1.555,
      1.5,
      1.445,
      1.39,
      1.335,
      1.2775,
      1.2225,
      1.1675,
      1.1125,
      1.0575,
      1,
      0.945,
      0.89,
      0.835,
      0.7775,
      0.7225,
      0.6675,
      0.6125,
      0.5575,
      0.5,
      0.445,
      0.39,
      0.335,
      0.2775,
      0.2225,
      0.1675,
      0.1125,
      0.0575,
      0
    ],
    "SoftwareVersions": "syngo_MR_E11",
    "SpacingBetweenSlices": 3.22,
    "StationName": "AWP166048",
    "TaskName": "trust",
    "TotalReadoutTime": 0.0357695,
    "TxRefAmp": 244.219,
    "dataset": "<unset>",
    "modality": "bold",
    "run_id": 1,
    "subject_id": "115",
    "task_id": "trust"
  },
  "dummy_trs": 1,
  "dvars_nstd": 17.957700423441874,
  "dvars_std": 1.1832382042790697,
  "dvars_vstd": 0.9987197610697676,
  "efc": 0.500025940388988,
  "fber": 2660.38134765625,
  "fd_mean": 0.11915368427222102,
  "fd_num": 12,
  "fd_perc": 5.555555555555555,
  "fwhm_avg": 1.7181747539588006,
  "fwhm_x": 1.6469272389320804,
  "fwhm_y": 1.8642181555584356,
  "fwhm_z": 1.6433788673858862,
  "gcor": 0.012874,
  "gsr_x": -0.012076999992132187,
  "gsr_y": 0.03996759280562401,
  "provenance": {
    "md5sum": "d1f63ec2095af61dbb52ac6244cd7b11",
    "settings": {
      "fd_thres": 0.2,
      "testing": false
    },
    "software": "mriqc",
    "version": "22.0.6",
    "webapi_port": null,
    "webapi_url": "https://mriqc.nimh.nih.gov/api/v1"
  },
  "size_t": 216,
  "size_x": 74,
  "size_y": 74,
  "size_z": 36,
  "snr": 6.9785680539915855,
  "spacing_tr": 2.0199999809265137,
  "spacing_x": 2.972972869873047,
  "spacing_y": 2.972972869873047,
  "spacing_z": 3.2200000286102295,
  "summary_bg_k": 34.11454508499518,
  "summary_bg_mad": 8.463187192662925,
  "summary_bg_mean": 35.125484466552734,
  "summary_bg_median": 17.29166603088379,
  "summary_bg_n": 124442.0,
  "summary_bg_p05": 8.620370864868164,
  "summary_bg_p95": 141.10369873046858,
  "summary_bg_stdv": 56.391056060791016,
  "summary_fg_k": 2.6676353523240923,
  "summary_fg_mad": 126.54282312428083,
  "summary_fg_mean": 911.1176147460938,
  "summary_fg_median": 901.1458740234375,
  "summary_fg_n": 35728.0,
  "summary_fg_p05": 731.4018615722656,
  "summary_fg_p95": 1116.0071899414063,
  "summary_fg_stdv": 129.12867736816406,
  "tsnr": 87.49664863036014
}