{
  "aor": 0.0010221782178217824,
  "aqi": 0.0062076331683168316,
  "bids_meta": {
    "AcquisitionMatrixPE": 74,
    "AcquisitionNumber": 1,
    "AcquisitionTime": "19:30:5.240000",
    "BandwidthPerPixelPhaseEncode": 27.579,
    "BaseResolution": 74,
    "BodyPartExamined": "BRAIN",
    "CogAtlasID": "http://www.cognitiveatlas.org/task/id/TODO",
    "CoilString": "HE1-4;NE1_2",
    "ConsistencyInfo": "N4_VE11C_LATEST_20160120",
    "ConversionSoftware": "dcm2niix",
    "ConversionSoftwareVersion": "v1.0.20190410  GCC6.3.0",
    "DerivedVendorReportedEchoSpacing": 0.000489993,
    "DeviceSerialNumber": "166048",
    "DwellTime": 2.9e-06,
    "EchoTime": 0.023,
    "EchoTrainLength": 74,
    "EffectiveEchoSpacing": 0.000489993,
    "FlipAngle": 76,
    "ImageOrientationPatientDICOM": [
      1,
      0,
      0,
      0,
      0.961262,
      -0.275637
    ],
    "ImageType": [
      "ORIGINAL",
      "PRIMARY",
      "M",
      "ND",
      "NORM",
      "MOSAIC"
    ],
    "ImagingFrequency": 123.246,
    "InPlanePhaseEncodingDirectionDICOM": "COL",
    "InstitutionAddress": "North_13th_1701_Philadelphia_PA_US_19122",
    "InstitutionName": "Temple_University_-_Weiss_Hall",
    "InstitutionalDepartmentName": "Department",
    "MRAcquisitionType": "2D",
    "MagneticFieldStrength": 3,
    "Manufacturer": "Siemens",
    "ManufacturersModelName": "Prisma",
    "Modality": "MR",
    "PartialFourier": 1,
    "PatientPosition": "HFS",
    "PercentPhaseFOV": 100,
    "PhaseEncodingDirection": "j-",
    "PhaseEncodingSteps": 74,
    "PhaseResolution": 1,
    "PixelBandwidth": 2330,
    "ProcedureStepDescription": "SMITH_SRNDNA",
    "ProtocolName": "func-bold_task-reward_run0",
    "PulseSequenceDetails": "%SiemensSeq%_ep2d_bold",
    "ReceiveCoilActiveElements": "HE1-4;NE1,2",
    "ReceiveCoilName": "HeadNeck_20",
    "ReconMatrixPE": 74,
    "RepetitionTime": 2.02,
    "SAR": 0.0935092,
    "ScanOptions": "FS",
    "ScanningSequence": "EP",
    "SequenceName": "_epfid2d1_74",
    "SequenceVariant": "SK",
    "SeriesDescription": "func-bold_task-reward_run0",
    "SeriesNumber": 14,
    "ShimSetting": [
      1425,
      -7413,
      6502,
      420,
      -56,
      181,
      54,
      95
    ],
    "SliceThickness": 2.8,
    "SliceTiming": [
      1.945,
      1.89,
      1.8325,
      1.7775,
      1.7225,
      1.6675,
      1.6125,
      1.555,
      1.5,
      1.445,
      1.39,
      1.3325,
      1.2775,
      1.2225,
      1.1675,
      1.1125,
      1.055,
      1,
      0.945,
      0.89,
      0.8325,
      0.7775,
      0.7225,
      0.6675,
      0.6125,
      0.555,
      0.5,
      0.445,
      0.39,
      0.3325,
      0.2775,
      0.2225,
      0.1675,
      0.1125,
      0.055,
      0
    ],
    "SoftwareVersions": "syngo_MR_E11",
    "SpacingBetweenSlices": 3.22,
    "StationName": "AWP166048",
    "TaskName": "sharedreward",
    "TotalReadoutTime": 0.0357695,
    "TxRefAmp": 244.219,
    "dataset": "<unset>",
    "modality": "bold",
    "run_id": 1,
    "subject_id": "115",
    "task_id": "sharedreward"
  },
  "dummy_trs": 0,
  "dvars_nstd": 19.46208326119403,
  "dvars_std": 1.170457318606966,
  "dvars_vstd": 0.9843157030845772,
  "efc": 0.4985940459634469,
  "fber": 2636.37255859375,
  "fd_mean": 0.14275047390219853,
  "fd_num": 22,
  "fd_perc": 10.891089108910892,
  "fwhm_avg": 1.7274902356111934,
  "fwhm_x": 1.6447879661306197,
  "fwhm_y": 1.8593442462985037,
  "fwhm_z": 1.6783384944044568,
  "gcor": 0.0144246,
  "gsr_x": -0.01061261910945177,
  "gsr_y": 0.04151447117328644,
  "provenance": {
    "md5sum": "4dfa09444e301cb4800cc26024e62f0a",
    "settings": {
      "fd_thres": 0.2,
      "testing": false
    },
    "software": "mriqc",
    "version": "22.0.6",
    "webapi_port": null,
    "webapi_url": "https://mriqc.nimh.nih.gov/api/v1"
  },
  "size_t": 202,
  "size_x": 74,
  "size_y": 74,
  "size_z": 36,
  "snr": 7.027621698320951,
  "spacing_tr": 2.0199999809265137,
  "spacing_x": 2.972972869873047,
  "spacing_y": 2.972972869873047,
  "spacing_z": 3.2200000286102295,
  "summary_bg_k": 29.28857191399731,
  "summary_bg_mad": 8.337803625298577,
  "summary_bg_mean": 35.410892486572266,
  "summary_bg_median": 17.396039962768555,
  "summary_bg_n": 125040.0,
  "summary_bg_p05": 8.752474784851074,
  "summary_bg_p95": 145.29009475707937,
  "summary_bg_stdv": 56.511295318603516,
  "summary_fg_k": 2.532403520766424,
  "summary_fg_mad": 125.91106119871338,
  "summary_fg_mean": 911.1176147460938,
  "summary_fg_median": 901.3712768554688,
  "summary_fg_n": 35380.0,
  "summary_fg_p05": 731.6571502685547,
  "summary_fg_p95": 1111.9556884765625,
  "summary_fg_stdv": 128.2593994140625,
  "tsnr": 87.50801227637567
}