{
  "aor": 0.0087525,
  "aqi": 0.0505060735,
  "bids_meta": {
    "AcquisitionMatrixPE": 74,
    "AcquisitionNumber": 1,
    "AcquisitionTime": "19:25:28.052500",
    "BandwidthPerPixelPhaseEncode": 27.579,
    "BaseResolution": 74,
    "BodyPartExamined": "HEAD",
    "CogAtlasID": "http://www.cognitiveatlas.org/task/id/TODO",
    "CoilString": "HE1-4;NE1_2",
    "ConsistencyInfo": "N4_VE11C_LATEST_20160120",
    "ConversionSoftware": "dcm2niix",
    "ConversionSoftwareVersion": "v1.0.20190410  GCC6.3.0",
    "DerivedVendorReportedEchoSpacing": 0.000489993,
    "DeviceSerialNumber": "166048",
    "DwellTime": 2.9e-06,
    "EchoTime": 0.023,
    "EchoTrainLength": 74,
    "EffectiveEchoSpacing": 0.000489993,
    "FlipAngle": 76,
    "ImageOrientationPatientDICOM": [
      1,
      0,
      0,
      0,
      0.920505,
      -0.390731
    ],
    "ImageType": [
      "ORIGINAL",
      "PRIMARY",
      "M",
      "ND",
      "NORM",
      "MOSAIC"
    ],
    "ImagingFrequency": 123.245,
    "InPlanePhaseEncodingDirectionDICOM": "COL",
    "InstitutionAddress": "North_13th_1701_Philadelphia_PA_US_19122",
    "InstitutionName": "Temple_University_-_Weiss_Hall",
    "InstitutionalDepartmentName": "Department",
    "MRAcquisitionType": "2D",
    "MagneticFieldStrength": 3,
    "Manufacturer": "Siemens",
    "ManufacturersModelName": "Prisma",
    "Modality": "MR",
    "PartialFourier": 1,
    "PatientPosition": "HFS",
    "PercentPhaseFOV": 100,
    "PhaseEncodingDirection": "j-",
    "PhaseEncodingSteps": 74,
    "PhaseResolution": 1,
    "PixelBandwidth": 2330,
    "ProcedureStepDescription": "SMITH_SRNDNA",
    "ProtocolName": "func-bold_task-UG_run1",
    "PulseSequenceDetails": "%SiemensSeq%_ep2d_bold",
    "ReceiveCoilActiveElements": "HE1-4;NE1,2",
    "ReceiveCoilName": "HeadNeck_20",
    "ReconMatrixPE": 74,
    "RepetitionTime": 2.02,
    "SAR": 0.100609,
    "ScanOptions": "FS",
    "ScanningSequence": "EP",
    "SequenceName": "_epfid2d1_74",
    "SequenceVariant": "SK",
    "SeriesDescription": "func-bold_task-UG_run1",
    "SeriesNumber": 17,
    "ShimSetting": [
      1415,
      -7344,
      6565,
      338,
      1,
      173,
      -91,
      17
    ],
    "SliceThickness": 2.8,
    "SliceTiming": [
      1.9425,
      1.8875,
      1.8325,
      1.7775,
      1.72,
      1.665,
      1.61,
      1.555,
      1.4975,
      1.4425,
      1.3875,
      1.3325,
      1.2775,
      1.22,
      1.165,
      1.11,
      1.055,
      1,
      0.9425,
      0.8875,
      0.8325,
      0.7775,
      0.72,
      0.665,
      0.61,
      0.555,
      0.5,
      0.4425,
      0.3875,
      0.3325,
      0.2775,
      0.22,
      0.165,
      0.11,
      0.055,
      0
    ],
    "SoftwareVersions": "syngo_MR_E11",
    "SpacingBetweenSlices": 3.22,
    "StationName": "AWP166048",
    "TaskName": "ultimatum",
    "TotalReadoutTime": 0.0357695,
    "TxRefAmp": 278.284,
    "dataset": "<unset>",
    "modality": "bold",
    "run_id": 2,
    "subject_id": "120",
    "task_id": "ultimatum"
  },
  "dummy_trs": 0,
  "dvars_nstd": 45.7509269906533,
  "dvars_std": 1.1552644897487436,
  "dvars_vstd": 0.9729764500502515,
  "efc": 0.525966601284505,
  "fber": 2721.275390625,
  "fd_mean": 0.8713841367758621,
  "fd_num": 158,
  "fd_perc": 79.0,
  "fwhm_avg": 1.8905532244961052,
  "fwhm_x": 1.8029596079795007,
  "fwhm_y": 2.0594671623294887,
  "fwhm_z": 1.8092329031793266,
  "gcor": 0.047327,
  "gsr_x": 0.009891608729958534,
  "gsr_y": 0.04319591820240021,
  "provenance": {
    "md5sum": "b258cea00917fc15c97f9468a3202859",
    "settings": {
      "fd_thres": 0.2,
      "testing": false
    },
    "software": "mriqc",
    "version": "22.0.6",
    "webapi_port": null,
    "webapi_url": "https://mriqc.nimh.nih.gov/api/v1"
  },
  "size_t": 200,
  "size_x": 74,
  "size_y": 74,
  "size_z": 36,
  "snr": 6.392430622463773,
  "spacing_tr": 2.0199999809265137,
  "spacing_x": 2.972972869873047,
  "spacing_y": 2.972972869873047,
  "spacing_z": 3.2200000286102295,
  "summary_bg_k": 13.998000900072004,
  "summary_bg_mad": 11.104690277266242,
  "summary_bg_mean": 48.262264251708984,
  "summary_bg_median": 18.614999771118164,
  "summary_bg_n": 121433.0,
  "summary_bg_p05": 8.869999885559082,
  "summary_bg_p95": 218.18298950195302,
  "summary_bg_stdv": 77.95341491699219,
  "summary_fg_k": 3.989002317863993,
  "summary_fg_mad": 137.89313669656275,
  "summary_fg_mean": 983.641357421875,
  "summary_fg_median": 966.489990234375,
  "summary_fg_n": 40108.0,
  "summary_fg_p05": 785.4849853515625,
  "summary_fg_p95": 1235.1032287597657,
  "summary_fg_stdv": 151.1909942626953,
  "tsnr": 31.32779249106534
}