{
  "aor": 0.0049451,
  "aqi": 0.032589662049999996,
  "bids_meta": {
    "AcquisitionMatrixPE": 74,
    "AcquisitionNumber": 1,
    "AcquisitionTime": "19:18:9.052500",
    "BandwidthPerPixelPhaseEncode": 27.579,
    "BaseResolution": 74,
    "BodyPartExamined": "HEAD",
    "CogAtlasID": "http://www.cognitiveatlas.org/task/id/TODO",
    "CoilString": "HE1-4;NE1_2",
    "ConsistencyInfo": "N4_VE11C_LATEST_20160120",
    "ConversionSoftware": "dcm2niix",
    "ConversionSoftwareVersion": "v1.0.20190410  GCC6.3.0",
    "DerivedVendorReportedEchoSpacing": 0.000489993,
    "DeviceSerialNumber": "166048",
    "DwellTime": 2.9e-06,
    "EchoTime": 0.023,
    "EchoTrainLength": 74,
    "EffectiveEchoSpacing": 0.000489993,
    "FlipAngle": 76,
    "ImageOrientationPatientDICOM": [
      1,
      0,
      0,
      0,
      0.920505,
      -0.390731
    ],
    "ImageType": [
      "ORIGINAL",
      "PRIMARY",
      "M",
      "ND",
      "NORM",
      "MOSAIC"
    ],
    "ImagingFrequency": 123.245,
    "InPlanePhaseEncodingDirectionDICOM": "COL",
    "InstitutionAddress": "North_13th_1701_Philadelphia_PA_US_19122",
    "InstitutionName": "Temple_University_-_Weiss_Hall",
    "InstitutionalDepartmentName": "Department",
    "MRAcquisitionType": "2D",
    "MagneticFieldStrength": 3,
    "Manufacturer": "Siemens",
    "ManufacturersModelName": "Prisma",
    "Modality": "MR",
    "PartialFourier": 1,
    "PatientPosition": "HFS",
    "PercentPhaseFOV": 100,
    "PhaseEncodingDirection": "j-",
    "PhaseEncodingSteps": 74,
    "PhaseResolution": 1,
    "PixelBandwidth": 2330,
    "ProcedureStepDescription": "SMITH_SRNDNA",
    "ProtocolName": "func-bold_task-UG_run0",
    "PulseSequenceDetails": "%SiemensSeq%_ep2d_bold",
    "ReceiveCoilActiveElements": "HE1-4;NE1,2",
    "ReceiveCoilName": "HeadNeck_20",
    "ReconMatrixPE": 74,
    "RepetitionTime": 2.02,
    "SAR": 0.100609,
    "ScanOptions": "FS",
    "ScanningSequence": "EP",
    "SequenceName": "_epfid2d1_74",
    "SequenceVariant": "SK",
    "SeriesDescription": "func-bold_task-UG_run0",
    "SeriesNumber": 16,
    "ShimSetting": [
      1415,
      -7344,
      6565,
      338,
      1,
      173,
      -91,
      17
    ],
    "SliceThickness": 2.8,
    "SliceTiming": [
      1.9425,
      1.8875,
      1.8325,
      1.7775,
      1.72,
      1.665,
      1.61,
      1.555,
      1.5,
      1.4425,
      1.3875,
      1.3325,
      1.2775,
      1.22,
      1.165,
      1.11,
      1.055,
      1,
      0.9425,
      0.8875,
      0.8325,
      0.7775,
      0.72,
      0.665,
      0.61,
      0.555,
      0.5,
      0.4425,
      0.3875,
      0.3325,
      0.2775,
      0.22,
      0.165,
      0.11,
      0.055,
      0
    ],
    "SoftwareVersions": "syngo_MR_E11",
    "SpacingBetweenSlices": 3.22,
    "StationName": "AWP166048",
    "TaskName": "ultimatum",
    "TotalReadoutTime": 0.0357695,
    "TxRefAmp": 278.284,
    "dataset": "<unset>",
    "modality": "bold",
    "run_id": 1,
    "subject_id": "120",
    "task_id": "ultimatum"
  },
  "dummy_trs": 0,
  "dvars_nstd": 39.688276343768855,
  "dvars_std": 1.0673678759296479,
  "dvars_vstd": 0.9267974538190963,
  "efc": 0.5299220359928314,
  "fber": 2627.729248046875,
  "fd_mean": 0.6388364371854112,
  "fd_num": 129,
  "fd_perc": 64.5,
  "fwhm_avg": 1.8658853054455926,
  "fwhm_x": 1.819969517660298,
  "fwhm_y": 2.0673447989663143,
  "fwhm_z": 1.7103415997101659,
  "gcor": 0.0499351,
  "gsr_x": 0.006500917486846447,
  "gsr_y": 0.0423320047557354,
  "provenance": {
    "md5sum": "69cedb27d8f126c3182ea4840c9864df",
    "settings": {
      "fd_thres": 0.2,
      "testing": false
    },
    "software": "mriqc",
    "version": "22.0.6",
    "webapi_port": null,
    "webapi_url": "https://mriqc.nimh.nih.gov/api/v1"
  },
  "size_t": 200,
  "size_x": 74,
  "size_y": 74,
  "size_z": 36,
  "snr": 6.30099578875694,
  "spacing_tr": 2.0199999809265137,
  "spacing_x": 2.972972869873047,
  "spacing_y": 2.972972869873047,
  "spacing_z": 3.2200000286102295,
  "summary_bg_k": 13.629000567999586,
  "summary_bg_mad": 11.193645618581568,
  "summary_bg_mean": 49.50848388671875,
  "summary_bg_median": 18.969999313354492,
  "summary_bg_n": 119899.0,
  "summary_bg_p05": 9.050000190734863,
  "summary_bg_p95": 223.3979888916013,
  "summary_bg_stdv": 79.75910186767578,
  "summary_fg_k": 4.9251726788204255,
  "summary_fg_mad": 140.96579902752387,
  "summary_fg_mean": 980.43896484375,
  "summary_fg_median": 962.094970703125,
  "summary_fg_n": 40206.0,
  "summary_fg_p05": 779.5024871826172,
  "summary_fg_p95": 1237.2449951171875,
  "summary_fg_stdv": 152.6874542236328,
  "tsnr": 37.89769068954047
}