{
  "aor": 0.00725391089108911,
  "aqi": 0.03638234257425743,
  "bids_meta": {
    "AcquisitionMatrixPE": 74,
    "AcquisitionNumber": 1,
    "AcquisitionTime": "19:08:35.782500",
    "BandwidthPerPixelPhaseEncode": 27.579,
    "BaseResolution": 74,
    "BodyPartExamined": "HEAD",
    "CogAtlasID": "http://www.cognitiveatlas.org/task/id/TODO",
    "CoilString": "HE1-4;NE1_2",
    "ConsistencyInfo": "N4_VE11C_LATEST_20160120",
    "ConversionSoftware": "dcm2niix",
    "ConversionSoftwareVersion": "v1.0.20190410  GCC6.3.0",
    "DerivedVendorReportedEchoSpacing": 0.000489993,
    "DeviceSerialNumber": "166048",
    "DwellTime": 2.9e-06,
    "EchoTime": 0.023,
    "EchoTrainLength": 74,
    "EffectiveEchoSpacing": 0.000489993,
    "FlipAngle": 76,
    "ImageOrientationPatientDICOM": [
      1,
      0,
      0,
      0,
      0.920505,
      -0.390731
    ],
    "ImageType": [
      "ORIGINAL",
      "PRIMARY",
      "M",
      "ND",
      "NORM",
      "MOSAIC"
    ],
    "ImagingFrequency": 123.245,
    "InPlanePhaseEncodingDirectionDICOM": "COL",
    "InstitutionAddress": "North_13th_1701_Philadelphia_PA_US_19122",
    "InstitutionName": "Temple_University_-_Weiss_Hall",
    "InstitutionalDepartmentName": "Department",
    "MRAcquisitionType": "2D",
    "MagneticFieldStrength": 3,
    "Manufacturer": "Siemens",
    "ManufacturersModelName": "Prisma",
    "Modality": "MR",
    "PartialFourier": 1,
    "PatientPosition": "HFS",
    "PercentPhaseFOV": 100,
    "PhaseEncodingDirection": "j-",
    "PhaseEncodingSteps": 74,
    "PhaseResolution": 1,
    "PixelBandwidth": 2330,
    "ProcedureStepDescription": "SMITH_SRNDNA",
    "ProtocolName": "func-bold_task-reward_run1",
    "PulseSequenceDetails": "%SiemensSeq%_ep2d_bold",
    "ReceiveCoilActiveElements": "HE1-4;NE1,2",
    "ReceiveCoilName": "HeadNeck_20",
    "ReconMatrixPE": 74,
    "RepetitionTime": 2.02,
    "SAR": 0.100612,
    "ScanOptions": "FS",
    "ScanningSequence": "EP",
    "SequenceName": "_epfid2d1_74",
    "SequenceVariant": "SK",
    "SeriesDescription": "func-bold_task-reward_run1",
    "SeriesNumber": 15,
    "ShimSetting": [
      1415,
      -7344,
      6565,
      338,
      1,
      173,
      -91,
      17
    ],
    "SliceThickness": 2.8,
    "SliceTiming": [
      1.945,
      1.89,
      1.8325,
      1.7775,
      1.7225,
      1.6675,
      1.6125,
      1.555,
      1.5,
      1.445,
      1.39,
      1.3325,
      1.2775,
      1.2225,
      1.1675,
      1.1125,
      1.055,
      1,
      0.945,
      0.89,
      0.8325,
      0.7775,
      0.7225,
      0.6675,
      0.6125,
      0.555,
      0.5,
      0.445,
      0.39,
      0.3325,
      0.2775,
      0.2225,
      0.1675,
      0.1125,
      0.055,
      0
    ],
    "SoftwareVersions": "syngo_MR_E11",
    "SpacingBetweenSlices": 3.22,
    "StationName": "AWP166048",
    "TaskName": "sharedreward",
    "TotalReadoutTime": 0.0357695,
    "TxRefAmp": 278.284,
    "dataset": "<unset>",
    "modality": "bold",
    "run_id": 2,
    "subject_id": "120",
    "task_id": "sharedreward"
  },
  "dummy_trs": 0,
  "dvars_nstd": 43.79790094044778,
  "dvars_std": 1.184996064626866,
  "dvars_vstd": 1.0032136252736314,
  "efc": 0.5272026182535093,
  "fber": 2802.337890625,
  "fd_mean": 0.9340866005516215,
  "fd_num": 170,
  "fd_perc": 84.15841584158416,
  "fwhm_avg": 1.8993099931722368,
  "fwhm_x": 1.772276516006349,
  "fwhm_y": 2.0433553435889276,
  "fwhm_z": 1.8822981199214344,
  "gcor": 0.0374673,
  "gsr_x": 0.010828614234924316,
  "gsr_y": 0.04511381685733795,
  "provenance": {
    "md5sum": "44caf5fe2893b3529b8b2445e5a99c56",
    "settings": {
      "fd_thres": 0.2,
      "testing": false
    },
    "software": "mriqc",
    "version": "22.0.6",
    "webapi_port": null,
    "webapi_url": "https://mriqc.nimh.nih.gov/api/v1"
  },
  "size_t": 202,
  "size_x": 74,
  "size_y": 74,
  "size_z": 36,
  "snr": 6.384017081703793,
  "spacing_tr": 2.0199999809265137,
  "spacing_x": 2.972972869873047,
  "spacing_y": 2.972972869873047,
  "spacing_z": 3.2200000286102295,
  "summary_bg_k": 13.13628848319635,
  "summary_bg_mad": 11.435120473322915,
  "summary_bg_mean": 48.86506652832031,
  "summary_bg_median": 18.341583251953125,
  "summary_bg_n": 121183.0,
  "summary_bg_p05": 8.267326354980469,
  "summary_bg_p95": 223.07375488281247,
  "summary_bg_stdv": 79.14478302001953,
  "summary_fg_k": 3.4116375577320888,
  "summary_fg_mad": 137.9369795172943,
  "summary_fg_mean": 978.90673828125,
  "summary_fg_median": 961.3489990234375,
  "summary_fg_n": 40262.0,
  "summary_fg_p05": 781.3071929931641,
  "summary_fg_p95": 1233.4972778320312,
  "summary_fg_stdv": 150.58497619628906,
  "tsnr": 33.395367972552776
}