{
  "bids_meta": {
    "AcquisitionMatrixPE": 192,
    "AcquisitionNumber": 1,
    "AcquisitionTime": "13:19:5.542500",
    "BaseResolution": 192,
    "BodyPartExamined": "BRAIN",
    "CoilString": "HE1-4;NE1_2",
    "ConsistencyInfo": "N4_VE11C_LATEST_20160120",
    "ConversionSoftware": "dcm2niix",
    "ConversionSoftwareVersion": "v1.0.20190410  GCC6.3.0",
    "DeviceSerialNumber": "166048",
    "DwellTime": 3.5e-06,
    "EchoTime": 0.567,
    "EchoTrainLength": 314,
    "FlipAngle": 120,
    "ImageOrientationPatientDICOM": [
      0,
      1,
      0,
      0,
      0,
      -1
    ],
    "ImageType": [
      "ORIGINAL",
      "PRIMARY",
      "M",
      "ND",
      "NORM"
    ],
    "ImagingFrequency": 123.246,
    "InPlanePhaseEncodingDirectionDICOM": "ROW",
    "InstitutionAddress": "North_13th_1701_Philadelphia_PA_US_19122",
    "InstitutionName": "Temple_University_-_Weiss_Hall",
    "InstitutionalDepartmentName": "Department",
    "MRAcquisitionType": "3D",
    "MagneticFieldStrength": 3,
    "Manufacturer": "Siemens",
    "ManufacturersModelName": "Prisma",
    "Modality": "MR",
    "PartialFourier": 1,
    "PatientPosition": "HFS",
    "PercentPhaseFOV": 100,
    "PhaseEncodingSteps": 209,
    "PhaseOversampling": 0.1,
    "PhaseResolution": 1,
    "PixelBandwidth": 745,
    "ProcedureStepDescription": "SMITH_SRNDNA",
    "ProtocolName": "T2w-anat_spc_07sag_iso",
    "PulseSequenceDetails": "%SiemensSeq%_tse_vfl",
    "ReceiveCoilActiveElements": "HE1-4;NE1,2",
    "ReceiveCoilName": "HeadNeck_20",
    "ReconMatrixPE": 192,
    "RefLinesPE": 32,
    "RepetitionTime": 3.2,
    "SAR": 0.134391,
    "ScanOptions": "PFP",
    "ScanningSequence": "SE",
    "SequenceName": "_spc_314ns",
    "SequenceVariant": "SK_SP_OSP",
    "SeriesDescription": "T2w-anat_spc_07sag_iso",
    "SeriesNumber": 3,
    "ShimSetting": [
      1426,
      -7381,
      6191,
      59,
      146,
      425,
      -800,
      170
    ],
    "SliceThickness": 1,
    "SoftwareVersions": "syngo_MR_E11",
    "StationName": "AWP166048",
    "TxRefAmp": 262.506,
    "dataset": "<unset>",
    "modality": "T2w",
    "subject_id": "106"
  },
  "cjv": 0.3663172522045755,
  "cnr": 2.13408815030053,
  "efc": 0.5997853801757831,
  "fber": 7680.471253961068,
  "fwhm_avg": 2.442233333333333,
  "fwhm_x": 2.33696,
  "fwhm_y": 2.66578,
  "fwhm_z": 2.32396,
  "icvs_csf": 0.32655112551895865,
  "icvs_gm": 0.5259929323731318,
  "icvs_wm": 0.14745594210790952,
  "inu_med": 0.926296055316925,
  "inu_range": 0.20232626199722292,
  "provenance": {
    "md5sum": "67dcc08832e9f6f559ac38f100805752",
    "settings": {
      "testing": false
    },
    "software": "mriqc",
    "version": "22.0.6",
    "warnings": {
      "large_rot_frame": true,
      "small_air_mask": false
    },
    "webapi_port": null,
    "webapi_url": "https://mriqc.nimh.nih.gov/api/v1"
  },
  "qi_1": 0.0,
  "qi_2": 0.002617019502999027,
  "rpve_csf": 9.10788455209636,
  "rpve_gm": 6.923326117712931,
  "rpve_wm": 25.59597066937709,
  "size_x": 192,
  "size_y": 192,
  "size_z": 192,
  "snr_csf": 9.532377193884471,
  "snr_gm": 9.613562027292204,
  "snr_total": 7.4451559071405,
  "snr_wm": 3.1895285002448266,
  "snrd_csf": 103.65946178063196,
  "snrd_gm": 61.35229277031505,
  "snrd_total": 117.55181321558753,
  "snrd_wm": 187.64368509581558,
  "spacing_x": 1.0,
  "spacing_y": 1.0,
  "spacing_z": 1.0,
  "summary_bg_k": 3.464233793853289,
  "summary_bg_mad": 0.0,
  "summary_bg_mean": 2.4758275728969394,
  "summary_bg_median": 0.0,
  "summary_bg_n": 1339916.0,
  "summary_bg_p05": 0.0,
  "summary_bg_p95": 8.285975620150566,
  "summary_bg_stdv": 3.491454731081293,
  "summary_csf_k": 1.1782522839001643,
  "summary_csf_mad": 53.66132813416584,
  "summary_csf_mean": 554.6877377370258,
  "summary_csf_median": 552.4381155669689,
  "summary_csf_n": 24636.0,
  "summary_csf_p05": 466.67727437615395,
  "summary_csf_p95": 653.057082105428,
  "summary_csf_stdv": 57.952690310916,
  "summary_gm_k": 1.0350101896013557,
  "summary_gm_mad": 31.463243726208688,
  "summary_gm_mean": 327.8425745092831,
  "summary_gm_median": 326.96817465126514,
  "summary_gm_n": 224521.0,
  "summary_gm_p05": 274.17240193486214,
  "summary_gm_p95": 384.3540201932192,
  "summary_gm_stdv": 34.011061204591165,
  "summary_wm_k": 1.4669845548115257,
  "summary_wm_mad": 215.08721202720002,
  "summary_wm_mean": 903.2982277421709,
  "summary_wm_median": 1000.0198921710253,
  "summary_wm_n": 16511.0,
  "summary_wm_p05": 105.23387742042542,
  "summary_wm_p95": 1177.2145866379142,
  "summary_wm_stdv": 313.522706629392,
  "tpm_overlap_csf": 0.11788289504996009,
  "tpm_overlap_gm": 0.32991360682757326,
  "tpm_overlap_wm": 0.03946733614650532,
  "wm2max": 0.8566735322654774
}