{
  "bids_meta": {
    "AcquisitionMatrixPE": 192,
    "AcquisitionNumber": 1,
    "AcquisitionTime": "13:23:8.260000",
    "BaseResolution": 192,
    "BodyPartExamined": "BRAIN",
    "CoilString": "HE1-4;NE1_2",
    "ConsistencyInfo": "N4_VE11C_LATEST_20160120",
    "ConversionSoftware": "dcm2niix",
    "ConversionSoftwareVersion": "v1.0.20190410  GCC6.3.0",
    "DeviceSerialNumber": "166048",
    "DwellTime": 1.24e-05,
    "EchoTime": 0.0022,
    "FlipAngle": 8,
    "ImageOrientationPatientDICOM": [
      0,
      1,
      0,
      0,
      0,
      -1
    ],
    "ImageType": [
      "ORIGINAL",
      "PRIMARY",
      "M",
      "ND",
      "NORM",
      "FM3",
      "2",
      "FIL"
    ],
    "ImagingFrequency": 123.246,
    "InPlanePhaseEncodingDirectionDICOM": "ROW",
    "InstitutionAddress": "North_13th_1701_Philadelphia_PA_US_19122",
    "InstitutionName": "Temple_University_-_Weiss_Hall",
    "InstitutionalDepartmentName": "Department",
    "InversionTime": 1.15,
    "MRAcquisitionType": "3D",
    "MagneticFieldStrength": 3,
    "Manufacturer": "Siemens",
    "ManufacturersModelName": "Prisma",
    "Modality": "MR",
    "PartialFourier": 1,
    "PatientPosition": "HFS",
    "PercentPhaseFOV": 100,
    "PhaseEncodingSteps": 211,
    "PhaseOversampling": 0.1,
    "PhaseResolution": 1,
    "PixelBandwidth": 210,
    "ProcedureStepDescription": "SMITH_SRNDNA",
    "ProtocolName": "T1w-anat_mpg_07sag_iso",
    "PulseSequenceDetails": "%SiemensSeq%_tfl",
    "ReceiveCoilActiveElements": "HE1-4;NE1,2",
    "ReceiveCoilName": "HeadNeck_20",
    "ReconMatrixPE": 192,
    "RefLinesPE": 32,
    "RepetitionTime": 2.4,
    "SAR": 0.0365861,
    "ScanOptions": "IR_WE",
    "ScanningSequence": "GR_IR",
    "SequenceName": "_tfl3d1_16ns",
    "SequenceVariant": "SK_SP_MP_OSP",
    "SeriesDescription": "T1w-anat_mpg_07sag_iso",
    "SeriesNumber": 5,
    "ShimSetting": [
      1426,
      -7381,
      6191,
      59,
      146,
      425,
      -800,
      170
    ],
    "SliceThickness": 1,
    "SoftwareVersions": "syngo_MR_E11",
    "StationName": "AWP166048",
    "TxRefAmp": 262.506,
    "dataset": "<unset>",
    "modality": "T1w",
    "subject_id": "106"
  },
  "cjv": 0.2957272548191736,
  "cnr": 4.402699348070347,
  "efc": 0.6301190245817221,
  "fber": 25474.1550390625,
  "fwhm_avg": 3.8434166666666667,
  "fwhm_x": 3.77734,
  "fwhm_y": 3.73386,
  "fwhm_z": 4.01905,
  "icvs_csf": 0.18536716479034818,
  "icvs_gm": 0.46439007854027076,
  "icvs_wm": 0.35024275666938104,
  "inu_med": 0.44369690120220184,
  "inu_range": 0.1662937387824059,
  "provenance": {
    "md5sum": "35085ec4c82cf78c1f65ff83da413218",
    "settings": {
      "testing": false
    },
    "software": "mriqc",
    "version": "22.0.6",
    "warnings": {
      "large_rot_frame": true,
      "small_air_mask": false
    },
    "webapi_port": null,
    "webapi_url": "https://mriqc.nimh.nih.gov/api/v1"
  },
  "qi_1": 0.0,
  "qi_2": 0.009655271052041468,
  "rpve_csf": 16.763860401553753,
  "rpve_gm": 7.421782082791191,
  "rpve_wm": 11.043311587655268,
  "size_x": 192,
  "size_y": 192,
  "size_z": 192,
  "snr_csf": 1.5899957183487068,
  "snr_gm": 13.906219153254323,
  "snr_total": 15.023980782201809,
  "snr_wm": 29.57572747500239,
  "snrd_csf": 33.425426111164704,
  "snrd_gm": 88.47520279371035,
  "snrd_total": 81.29397446312971,
  "snrd_wm": 121.98129448451408,
  "spacing_x": 1.0,
  "spacing_y": 1.0,
  "spacing_z": 1.0,
  "summary_bg_k": 5.382019008956101,
  "summary_bg_mad": 0.0,
  "summary_bg_mean": 3.9374926352592023,
  "summary_bg_median": 0.0,
  "summary_bg_n": 1341160.0,
  "summary_bg_p05": 0.0,
  "summary_bg_p95": 14.402234204113483,
  "summary_bg_stdv": 5.371057207762734,
  "summary_csf_k": 12.913320318218036,
  "summary_csf_mad": 106.94549320804875,
  "summary_csf_mean": 310.49626590561564,
  "summary_csf_median": 274.0343474075198,
  "summary_csf_n": 20810.0,
  "summary_csf_p05": 129.61765847746284,
  "summary_csf_p95": 553.0837585111148,
  "summary_csf_stdv": 172.34496921436417,
  "summary_gm_k": 0.26713994000433416,
  "summary_gm_mad": 50.83996281537122,
  "summary_gm_mean": 724.7577203432805,
  "summary_gm_median": 725.3533396609128,
  "summary_gm_n": 61582.0,
  "summary_gm_p05": 638.6949984803796,
  "summary_gm_p95": 808.7528079488314,
  "summary_gm_stdv": 52.159932352142924,
  "summary_wm_k": 0.9755571553405482,
  "summary_wm_mad": 30.395034911761222,
  "summary_wm_mean": 1001.3177719183562,
  "summary_wm_median": 1000.0490141492337,
  "summary_wm_n": 198151.0,
  "summary_wm_p05": 948.294046677649,
  "summary_wm_p95": 1058.8336435537785,
  "summary_wm_stdv": 33.813081742095726,
  "tpm_overlap_csf": 0.15451116322902728,
  "tpm_overlap_gm": 0.4789600232185751,
  "tpm_overlap_wm": 0.5116345088137384,
  "wm2max": 0.7640864008443603
}