{
  "bids_meta": {
    "AcquisitionMatrixPE": 192,
    "AcquisitionNumber": 1,
    "AcquisitionTime": "11:44:58.170000",
    "BaseResolution": 192,
    "BodyPartExamined": "BRAIN",
    "CoilString": "HE1-4;NE1_2",
    "ConsistencyInfo": "N4_VE11C_LATEST_20160120",
    "ConversionSoftware": "dcm2niix",
    "ConversionSoftwareVersion": "v1.0.20190410  GCC6.3.0",
    "DeviceSerialNumber": "166048",
    "DwellTime": 3.5e-06,
    "EchoTime": 0.567,
    "EchoTrainLength": 314,
    "FlipAngle": 120,
    "ImageOrientationPatientDICOM": [
      0,
      1,
      0,
      0,
      0,
      -1
    ],
    "ImageType": [
      "ORIGINAL",
      "PRIMARY",
      "M",
      "ND",
      "NORM"
    ],
    "ImagingFrequency": 123.246,
    "InPlanePhaseEncodingDirectionDICOM": "ROW",
    "InstitutionAddress": "North_13th_1701_Philadelphia_PA_US_19122",
    "InstitutionName": "Temple_University_-_Weiss_Hall",
    "InstitutionalDepartmentName": "Department",
    "MRAcquisitionType": "3D",
    "MagneticFieldStrength": 3,
    "Manufacturer": "Siemens",
    "ManufacturersModelName": "Prisma",
    "Modality": "MR",
    "PartialFourier": 1,
    "PatientPosition": "HFS",
    "PercentPhaseFOV": 100,
    "PhaseEncodingSteps": 209,
    "PhaseOversampling": 0.1,
    "PhaseResolution": 1,
    "PixelBandwidth": 745,
    "ProcedureStepDescription": "SMITH_SRNDNA",
    "ProtocolName": "T2w-anat_spc_07sag_iso",
    "PulseSequenceDetails": "%SiemensSeq%_tse_vfl",
    "ReceiveCoilActiveElements": "HE1-4;NE1,2",
    "ReceiveCoilName": "HeadNeck_20",
    "ReconMatrixPE": 192,
    "RefLinesPE": 32,
    "RepetitionTime": 3.2,
    "SAR": 0.14479,
    "ScanOptions": "PFP",
    "ScanningSequence": "SE",
    "SequenceName": "_spc_314ns",
    "SequenceVariant": "SK_SP_OSP",
    "SeriesDescription": "T2w-anat_spc_07sag_iso",
    "SeriesNumber": 3,
    "ShimSetting": [
      1397,
      -7352,
      6423,
      173,
      -51,
      -103,
      -37,
      90
    ],
    "SliceThickness": 1,
    "SoftwareVersions": "syngo_MR_E11",
    "StationName": "AWP166048",
    "TxRefAmp": 250.969,
    "dataset": "<unset>",
    "modality": "T2w",
    "subject_id": "136"
  },
  "cjv": 0.46429699687696085,
  "cnr": 1.9263529202728393,
  "efc": 0.5866474324472636,
  "fber": 6301.335600907029,
  "fwhm_avg": 2.5067133333333333,
  "fwhm_x": 2.46716,
  "fwhm_y": 2.74541,
  "fwhm_z": 2.30757,
  "icvs_csf": 0.22400263685894342,
  "icvs_gm": 0.6353330958335732,
  "icvs_wm": 0.14066426730748335,
  "inu_med": 0.9325708746910095,
  "inu_range": 0.23907639682292936,
  "provenance": {
    "md5sum": "ada42a830d931c29495d67407701f151",
    "settings": {
      "testing": false
    },
    "software": "mriqc",
    "version": "22.0.6",
    "warnings": {
      "large_rot_frame": true,
      "small_air_mask": false
    },
    "webapi_port": null,
    "webapi_url": "https://mriqc.nimh.nih.gov/api/v1"
  },
  "qi_1": 0.0,
  "qi_2": 0.001733101094530028,
  "rpve_csf": 12.488033136247525,
  "rpve_gm": 6.459710587433406,
  "rpve_wm": 28.82206001820713,
  "size_x": 192,
  "size_y": 192,
  "size_z": 192,
  "snr_csf": 6.1588907788506635,
  "snr_gm": 9.098914421001483,
  "snr_total": 6.06709466490948,
  "snr_wm": 2.9434787948762957,
  "snrd_csf": 99.62748533032688,
  "snrd_gm": 58.838023123630364,
  "snrd_total": 110.2450205237505,
  "snrd_wm": 172.26955311729424,
  "spacing_x": 1.0,
  "spacing_y": 1.0,
  "spacing_z": 1.0,
  "summary_bg_k": 6.406125539711182,
  "summary_bg_mad": 0.0,
  "summary_bg_mean": 2.7071737116800563,
  "summary_bg_median": 0.0,
  "summary_bg_n": 1371955.0,
  "summary_bg_p05": 0.0,
  "summary_bg_p95": 11.01780067384243,
  "summary_bg_stdv": 3.8023426782725704,
  "summary_csf_k": 1.5875302571781482,
  "summary_csf_mad": 79.04980822654898,
  "summary_csf_mean": 591.8584086057376,
  "summary_csf_median": 578.227433860302,
  "summary_csf_n": 4966.0,
  "summary_csf_p05": 465.04645513370633,
  "summary_csf_p95": 762.9309212844819,
  "summary_csf_stdv": 93.87554237598764,
  "summary_gm_k": 0.023275085478041913,
  "summary_gm_mad": 37.49070337720579,
  "summary_gm_mean": 341.7742496038823,
  "summary_gm_median": 341.48969043418765,
  "summary_gm_n": 302891.0,
  "summary_gm_p05": 281.140308547765,
  "summary_gm_p95": 404.3657108210027,
  "summary_gm_stdv": 37.53075486987665,
  "summary_wm_k": 0.9999661260993564,
  "summary_wm_mad": 268.1767430765892,
  "summary_wm_mean": 923.6931503994051,
  "summary_wm_median": 999.8343459237367,
  "summary_wm_n": 18786.0,
  "summary_wm_p05": 94.0292659951374,
  "summary_wm_p95": 1262.967177618295,
  "summary_wm_stdv": 339.66874031983804,
  "tpm_overlap_csf": 0.11693162311225129,
  "tpm_overlap_gm": 0.3848182351036163,
  "tpm_overlap_wm": 0.03591040326035229,
  "wm2max": 0.8039014886602058
}