{
  "bids_meta": {
    "AcquisitionMatrixPE": 192,
    "AcquisitionNumber": 1,
    "AcquisitionTime": "11:49:1.265000",
    "BaseResolution": 192,
    "BodyPartExamined": "BRAIN",
    "CoilString": "HE1-4;NE1_2",
    "ConsistencyInfo": "N4_VE11C_LATEST_20160120",
    "ConversionSoftware": "dcm2niix",
    "ConversionSoftwareVersion": "v1.0.20190410  GCC6.3.0",
    "DeviceSerialNumber": "166048",
    "DwellTime": 1.24e-05,
    "EchoTime": 0.0022,
    "FlipAngle": 8,
    "ImageOrientationPatientDICOM": [
      0,
      1,
      0,
      0,
      0,
      -1
    ],
    "ImageType": [
      "ORIGINAL",
      "PRIMARY",
      "M",
      "ND",
      "NORM",
      "FM3",
      "2",
      "FIL"
    ],
    "ImagingFrequency": 123.246,
    "InPlanePhaseEncodingDirectionDICOM": "ROW",
    "InstitutionAddress": "North_13th_1701_Philadelphia_PA_US_19122",
    "InstitutionName": "Temple_University_-_Weiss_Hall",
    "InstitutionalDepartmentName": "Department",
    "InversionTime": 1.15,
    "MRAcquisitionType": "3D",
    "MagneticFieldStrength": 3,
    "Manufacturer": "Siemens",
    "ManufacturersModelName": "Prisma",
    "Modality": "MR",
    "PartialFourier": 1,
    "PatientPosition": "HFS",
    "PercentPhaseFOV": 100,
    "PhaseEncodingSteps": 211,
    "PhaseOversampling": 0.1,
    "PhaseResolution": 1,
    "PixelBandwidth": 210,
    "ProcedureStepDescription": "SMITH_SRNDNA",
    "ProtocolName": "T1w-anat_mpg_07sag_iso",
    "PulseSequenceDetails": "%SiemensSeq%_tfl",
    "ReceiveCoilActiveElements": "HE1-4;NE1,2",
    "ReceiveCoilName": "HeadNeck_20",
    "ReconMatrixPE": 192,
    "RefLinesPE": 32,
    "RepetitionTime": 2.4,
    "SAR": 0.0394171,
    "ScanOptions": "IR_WE",
    "ScanningSequence": "GR_IR",
    "SequenceName": "_tfl3d1_16ns",
    "SequenceVariant": "SK_SP_MP_OSP",
    "SeriesDescription": "T1w-anat_mpg_07sag_iso",
    "SeriesNumber": 5,
    "ShimSetting": [
      1397,
      -7352,
      6423,
      173,
      -51,
      -103,
      -37,
      90
    ],
    "SliceThickness": 1,
    "SoftwareVersions": "syngo_MR_E11",
    "StationName": "AWP166048",
    "TxRefAmp": 250.969,
    "dataset": "<unset>",
    "modality": "T1w",
    "subject_id": "136"
  },
  "cjv": 0.3910159697157632,
  "cnr": 3.367175706132291,
  "efc": 0.6036404543901017,
  "fber": 29715.408760387814,
  "fwhm_avg": 3.979776666666666,
  "fwhm_x": 3.96715,
  "fwhm_y": 4.05765,
  "fwhm_z": 3.91453,
  "icvs_csf": 0.23210477563505896,
  "icvs_gm": 0.40261520291703945,
  "icvs_wm": 0.36528002144790156,
  "inu_med": 0.38950616121292114,
  "inu_range": 0.10695276260375974,
  "provenance": {
    "md5sum": "5fd5e06f7be7b31f90cfeff6af973073",
    "settings": {
      "testing": false
    },
    "software": "mriqc",
    "version": "22.0.6",
    "warnings": {
      "large_rot_frame": true,
      "small_air_mask": false
    },
    "webapi_port": null,
    "webapi_url": "https://mriqc.nimh.nih.gov/api/v1"
  },
  "qi_1": 0.0,
  "qi_2": 0.004906053533343742,
  "rpve_csf": 14.84248656971553,
  "rpve_gm": 8.392504807872914,
  "rpve_wm": 11.205564843181328,
  "size_x": 192,
  "size_y": 192,
  "size_z": 192,
  "snr_csf": 2.4985990958814788,
  "snr_gm": 11.979568339927916,
  "snr_total": 14.132396790396319,
  "snr_wm": 27.919022935379566,
  "snrd_csf": 29.47874373017397,
  "snrd_gm": 86.56510103166347,
  "snrd_total": 76.89346716601978,
  "snrd_wm": 114.6365567362219,
  "spacing_x": 1.0,
  "spacing_y": 1.0,
  "spacing_z": 1.0,
  "summary_bg_k": 10.379957783664496,
  "summary_bg_mad": 0.0,
  "summary_bg_mean": 3.5277489236976813,
  "summary_bg_median": 0.0,
  "summary_bg_n": 1434542.0,
  "summary_bg_p05": 0.0,
  "summary_bg_p95": 15.282169479876757,
  "summary_bg_stdv": 5.715236015325347,
  "summary_csf_k": 0.923443822150495,
  "summary_csf_mad": 88.16865427844326,
  "summary_csf_mean": 272.05068291716617,
  "summary_csf_median": 257.1647337153554,
  "summary_csf_n": 37896.0,
  "summary_csf_p05": 131.7055865842849,
  "summary_csf_p95": 474.7735949498601,
  "summary_csf_stdv": 102.92220992321961,
  "summary_gm_k": 0.18158026590181775,
  "summary_gm_mad": 61.88551291220212,
  "summary_gm_mean": 750.9748698749032,
  "summary_gm_median": 755.170958423987,
  "summary_gm_n": 21187.0,
  "summary_gm_p05": 643.2064776588231,
  "summary_gm_p95": 848.5277282016352,
  "summary_gm_stdv": 63.03675685313613,
  "summary_wm_k": 0.9841985879606807,
  "summary_wm_mad": 33.86957718441932,
  "summary_wm_mean": 1001.6130286678009,
  "summary_wm_median": 1000.058885037899,
  "summary_wm_n": 184785.0,
  "summary_wm_p05": 946.3945058360696,
  "summary_wm_p95": 1061.6786352414638,
  "summary_wm_stdv": 35.81988457627133,
  "tpm_overlap_csf": 0.15677923720793566,
  "tpm_overlap_gm": 0.44316586009832376,
  "tpm_overlap_wm": 0.496215825802902,
  "wm2max": 0.8984893406748553
}