{
  "bids_meta": {
    "AcquisitionMatrixPE": 192,
    "AcquisitionNumber": 1,
    "AcquisitionTime": "14:23:24.537500",
    "BaseResolution": 192,
    "BodyPartExamined": "BRAIN",
    "CoilString": "HE1-4;NE1_2",
    "ConsistencyInfo": "N4_VE11C_LATEST_20160120",
    "ConversionSoftware": "dcm2niix",
    "ConversionSoftwareVersion": "v1.0.20190410  GCC6.3.0",
    "DeviceSerialNumber": "166048",
    "DwellTime": 3.5e-06,
    "EchoTime": 0.567,
    "EchoTrainLength": 314,
    "FlipAngle": 120,
    "ImageOrientationPatientDICOM": [
      -0.0348995,
      0.999391,
      2.79774e-08,
      0.100995,
      0.00352684,
      -0.994881
    ],
    "ImageType": [
      "ORIGINAL",
      "PRIMARY",
      "M",
      "ND",
      "NORM"
    ],
    "ImagingFrequency": 123.246,
    "InPlanePhaseEncodingDirectionDICOM": "ROW",
    "InstitutionAddress": "North_13th_1701_Philadelphia_PA_US_19122",
    "InstitutionName": "Temple_University_-_Weiss_Hall",
    "InstitutionalDepartmentName": "Department",
    "MRAcquisitionType": "3D",
    "MagneticFieldStrength": 3,
    "Manufacturer": "Siemens",
    "ManufacturersModelName": "Prisma",
    "Modality": "MR",
    "PartialFourier": 1,
    "PatientPosition": "HFS",
    "PercentPhaseFOV": 100,
    "PhaseEncodingSteps": 209,
    "PhaseOversampling": 0.1,
    "PhaseResolution": 1,
    "PixelBandwidth": 745,
    "ProcedureStepDescription": "SMITH_SRNDNA",
    "ProtocolName": "T2w-anat_spc_07sag_iso",
    "PulseSequenceDetails": "%SiemensSeq%_tse_vfl",
    "ReceiveCoilActiveElements": "HE1-4;NE1,2",
    "ReceiveCoilName": "HeadNeck_20",
    "ReconMatrixPE": 192,
    "RefLinesPE": 32,
    "RepetitionTime": 3.2,
    "SAR": 0.187137,
    "ScanOptions": "PFP",
    "ScanningSequence": "SE",
    "SequenceName": "_spc_314ns",
    "SequenceVariant": "SK_SP_OSP",
    "SeriesDescription": "T2w-anat_spc_07sag_iso",
    "SeriesNumber": 3,
    "ShimSetting": [
      1428,
      -7444,
      6444,
      225,
      37,
      -117,
      -59,
      24
    ],
    "SliceThickness": 1,
    "SoftwareVersions": "syngo_MR_E11",
    "StationName": "AWP166048",
    "TxRefAmp": 282.602,
    "dataset": "<unset>",
    "modality": "T2w",
    "subject_id": "158"
  },
  "cjv": 0.5371979652464608,
  "cnr": 1.6896108231241047,
  "efc": 0.630381251381973,
  "fber": 6419.311027499305,
  "fwhm_avg": 2.4671766666666666,
  "fwhm_x": 2.42753,
  "fwhm_y": 2.66122,
  "fwhm_z": 2.31278,
  "icvs_csf": 0.2880778831555753,
  "icvs_gm": 0.561400882602999,
  "icvs_wm": 0.15052123424142566,
  "inu_med": 0.9634642899036407,
  "inu_range": 0.2293084353208542,
  "provenance": {
    "md5sum": "e33fa241ff16f96b28c1d7629309e96a",
    "settings": {
      "testing": false
    },
    "software": "mriqc",
    "version": "22.0.6",
    "warnings": {
      "large_rot_frame": true,
      "small_air_mask": false
    },
    "webapi_port": null,
    "webapi_url": "https://mriqc.nimh.nih.gov/api/v1"
  },
  "qi_1": 2.9916512984431446e-05,
  "qi_2": 0.0014698051413065182,
  "rpve_csf": 8.940551793315349,
  "rpve_gm": 5.924388037763582,
  "rpve_wm": 22.30765517525173,
  "size_x": 192,
  "size_y": 192,
  "size_z": 192,
  "snr_csf": 9.529582367015303,
  "snr_gm": 9.077917454415786,
  "snr_total": 7.085550624645069,
  "snr_wm": 2.6491520525041135,
  "snrd_csf": 75.10048519540821,
  "snrd_gm": 46.67389325327272,
  "snrd_total": 83.96697575633338,
  "snrd_wm": 130.12654882031921,
  "spacing_x": 1.0,
  "spacing_y": 1.0,
  "spacing_z": 1.0,
  "summary_bg_k": 6.744610485852318,
  "summary_bg_mad": 0.0,
  "summary_bg_mean": 3.2734048878147273,
  "summary_bg_median": 0.0,
  "summary_bg_n": 1334829.0,
  "summary_bg_p05": 0.0,
  "summary_bg_p95": 12.648028172552586,
  "summary_bg_stdv": 5.032504475467244,
  "summary_csf_k": 0.8560894778486872,
  "summary_csf_mad": 56.64917086918623,
  "summary_csf_mean": 579.8799438143118,
  "summary_csf_median": 576.8928849864751,
  "summary_csf_n": 18511.0,
  "summary_csf_p05": 486.92868459783494,
  "summary_csf_p95": 683.2077217949554,
  "summary_csf_stdv": 60.53542328763544,
  "summary_gm_k": -0.0841538799112942,
  "summary_gm_mad": 40.347033603574175,
  "summary_gm_mean": 358.4765226338126,
  "summary_gm_median": 358.5307986009866,
  "summary_gm_n": 253315.0,
  "summary_gm_p05": 293.9646547846496,
  "summary_gm_p95": 422.8317418266088,
  "summary_gm_stdv": 39.494751161027374,
  "summary_wm_k": 0.1371608404280762,
  "summary_wm_mad": 304.0242742002456,
  "summary_wm_mean": 891.596553629761,
  "summary_wm_median": 999.5818264950067,
  "summary_wm_n": 21691.0,
  "summary_wm_p05": 58.650130638852715,
  "summary_wm_p95": 1264.0582155967131,
  "summary_wm_stdv": 377.3127268738475,
  "tpm_overlap_csf": 0.11547356935346806,
  "tpm_overlap_gm": 0.3486483645405882,
  "tpm_overlap_wm": 0.0428389024137906,
  "wm2max": 0.8020650289457679
}