{
  "bids_meta": {
    "AcquisitionMatrixPE": 192,
    "AcquisitionNumber": 1,
    "AcquisitionTime": "14:27:27.275000",
    "BaseResolution": 192,
    "BodyPartExamined": "BRAIN",
    "CoilString": "HE1-4;NE1_2",
    "ConsistencyInfo": "N4_VE11C_LATEST_20160120",
    "ConversionSoftware": "dcm2niix",
    "ConversionSoftwareVersion": "v1.0.20190410  GCC6.3.0",
    "DeviceSerialNumber": "166048",
    "DwellTime": 1.24e-05,
    "EchoTime": 0.0022,
    "FlipAngle": 8,
    "ImageOrientationPatientDICOM": [
      -0.0348995,
      0.999391,
      2.79774e-08,
      0.100995,
      0.00352684,
      -0.994881
    ],
    "ImageType": [
      "ORIGINAL",
      "PRIMARY",
      "M",
      "ND",
      "NORM",
      "FM3",
      "2",
      "FIL"
    ],
    "ImagingFrequency": 123.246,
    "InPlanePhaseEncodingDirectionDICOM": "ROW",
    "InstitutionAddress": "North_13th_1701_Philadelphia_PA_US_19122",
    "InstitutionName": "Temple_University_-_Weiss_Hall",
    "InstitutionalDepartmentName": "Department",
    "InversionTime": 1.15,
    "MRAcquisitionType": "3D",
    "MagneticFieldStrength": 3,
    "Manufacturer": "Siemens",
    "ManufacturersModelName": "Prisma",
    "Modality": "MR",
    "PartialFourier": 1,
    "PatientPosition": "HFS",
    "PercentPhaseFOV": 100,
    "PhaseEncodingSteps": 211,
    "PhaseOversampling": 0.1,
    "PhaseResolution": 1,
    "PixelBandwidth": 210,
    "ProcedureStepDescription": "SMITH_SRNDNA",
    "ProtocolName": "T1w-anat_mpg_07sag_iso",
    "PulseSequenceDetails": "%SiemensSeq%_tfl",
    "ReceiveCoilActiveElements": "HE1-4;NE1,2",
    "ReceiveCoilName": "HeadNeck_20",
    "ReconMatrixPE": 192,
    "RefLinesPE": 32,
    "RepetitionTime": 2.4,
    "SAR": 0.0509455,
    "ScanOptions": "IR_WE",
    "ScanningSequence": "GR_IR",
    "SequenceName": "_tfl3d1_16ns",
    "SequenceVariant": "SK_SP_MP_OSP",
    "SeriesDescription": "T1w-anat_mpg_07sag_iso",
    "SeriesNumber": 5,
    "ShimSetting": [
      1428,
      -7444,
      6444,
      225,
      37,
      -117,
      -59,
      24
    ],
    "SliceThickness": 1,
    "SoftwareVersions": "syngo_MR_E11",
    "StationName": "AWP166048",
    "TxRefAmp": 282.602,
    "dataset": "<unset>",
    "modality": "T1w",
    "subject_id": "158"
  },
  "cjv": 0.33094919187403016,
  "cnr": 4.050349682510761,
  "efc": 0.6641217264928532,
  "fber": 31799.28114186851,
  "fwhm_avg": 3.956046666666667,
  "fwhm_x": 3.83781,
  "fwhm_y": 3.98812,
  "fwhm_z": 4.04221,
  "icvs_csf": 0.19529055800123973,
  "icvs_gm": 0.45427473319998046,
  "icvs_wm": 0.3504347087987798,
  "inu_med": 0.41375306248664856,
  "inu_range": 0.1460428863763809,
  "provenance": {
    "md5sum": "a501c7d4ffb96c8fa0755767872c06f1",
    "settings": {
      "testing": false
    },
    "software": "mriqc",
    "version": "22.0.6",
    "warnings": {
      "large_rot_frame": true,
      "small_air_mask": false
    },
    "webapi_port": null,
    "webapi_url": "https://mriqc.nimh.nih.gov/api/v1"
  },
  "qi_1": 0.0,
  "qi_2": 0.0065072996648281485,
  "rpve_csf": 14.484041969537303,
  "rpve_gm": 6.6397994943637215,
  "rpve_wm": 9.734191404803084,
  "size_x": 192,
  "size_y": 192,
  "size_z": 192,
  "snr_csf": 2.375492648359625,
  "snr_gm": 12.863496752155104,
  "snr_total": 14.82514379585507,
  "snr_wm": 29.236441987050483,
  "snrd_csf": 31.950750991363513,
  "snrd_gm": 87.8776485616139,
  "snrd_total": 80.0384462865574,
  "snrd_wm": 120.2869393066948,
  "spacing_x": 1.0,
  "spacing_y": 1.0,
  "spacing_z": 1.0,
  "summary_bg_k": 7.323475551448462,
  "summary_bg_mad": 0.0,
  "summary_bg_mean": 3.589445286389738,
  "summary_bg_median": 0.0,
  "summary_bg_n": 1322637.0,
  "summary_bg_p05": 0.0,
  "summary_bg_p95": 14.544400088489056,
  "summary_bg_stdv": 5.446672468176999,
  "summary_csf_k": 0.8775206827098323,
  "summary_csf_mad": 95.5001531857917,
  "summary_csf_mean": 279.35725955675514,
  "summary_csf_median": 265.6321275420487,
  "summary_csf_n": 26325.0,
  "summary_csf_p05": 117.83864664286375,
  "summary_csf_p95": 492.910133369267,
  "summary_csf_stdv": 111.81978712204116,
  "summary_gm_k": 0.03745540130401892,
  "summary_gm_mad": 56.827045157193524,
  "summary_gm_mean": 730.1982179184386,
  "summary_gm_median": 730.5971229635179,
  "summary_gm_n": 52739.0,
  "summary_gm_p05": 636.8023172076792,
  "summary_gm_p95": 823.2710568606853,
  "summary_gm_stdv": 56.79561401317057,
  "summary_wm_k": 0.8380080885661436,
  "summary_wm_mad": 32.34533975704042,
  "summary_wm_mean": 1001.1307162514204,
  "summary_wm_median": 1000.0414579361677,
  "summary_wm_n": 214430.0,
  "summary_wm_p05": 947.395702060312,
  "summary_wm_p95": 1057.7425323612988,
  "summary_wm_stdv": 34.20522670017237,
  "tpm_overlap_csf": 0.15584210569143575,
  "tpm_overlap_gm": 0.47259008137046915,
  "tpm_overlap_wm": 0.5124146844048454,
  "wm2max": 0.8882100730544873
}