{
  "aor": 0.0014180555555555556,
  "aqi": 0.00685745212962963,
  "bids_meta": {
    "AcquisitionMatrixPE": 74,
    "AcquisitionNumber": 1,
    "AcquisitionTime": "10:44:22.755000",
    "BandwidthPerPixelPhaseEncode": 27.579,
    "BaseResolution": 74,
    "BodyPartExamined": "BRAIN",
    "CogAtlasID": "http://www.cognitiveatlas.org/task/id/TODO",
    "CoilString": "HE1-4;NE1_2",
    "ConsistencyInfo": "N4_VE11C_LATEST_20160120",
    "ConversionSoftware": "dcm2niix",
    "ConversionSoftwareVersion": "v1.0.20190410  GCC6.3.0",
    "DerivedVendorReportedEchoSpacing": 0.000489993,
    "DeviceSerialNumber": "166048",
    "DwellTime": 2.9e-06,
    "EchoTime": 0.023,
    "EchoTrainLength": 74,
    "EffectiveEchoSpacing": 0.000489993,
    "FlipAngle": 76,
    "ImageOrientationPatientDICOM": [
      1,
      0,
      0,
      0,
      0.995056,
      -0.0993197
    ],
    "ImageType": [
      "ORIGINAL",
      "PRIMARY",
      "M",
      "ND",
      "NORM",
      "MOSAIC"
    ],
    "ImagingFrequency": 123.246,
    "InPlanePhaseEncodingDirectionDICOM": "COL",
    "InstitutionAddress": "North_13th_1701_Philadelphia_PA_US_19122",
    "InstitutionName": "Temple_University_-_Weiss_Hall",
    "InstitutionalDepartmentName": "Department",
    "MRAcquisitionType": "2D",
    "MagneticFieldStrength": 3,
    "Manufacturer": "Siemens",
    "ManufacturersModelName": "Prisma",
    "Modality": "MR",
    "PartialFourier": 1,
    "PatientPosition": "HFS",
    "PercentPhaseFOV": 100,
    "PhaseEncodingDirection": "j-",
    "PhaseEncodingSteps": 74,
    "PhaseResolution": 1,
    "PixelBandwidth": 2330,
    "ProcedureStepDescription": "SMITH_SRNDNA",
    "ProtocolName": "func-bold_trust_run4",
    "PulseSequenceDetails": "%SiemensSeq%_ep2d_bold",
    "ReceiveCoilActiveElements": "HE1-4;NE1,2",
    "ReceiveCoilName": "HeadNeck_20",
    "ReconMatrixPE": 74,
    "RepetitionTime": 2.02,
    "SAR": 0.0944631,
    "ScanOptions": "FS",
    "ScanningSequence": "EP",
    "SequenceName": "_epfid2d1_74",
    "SequenceVariant": "SK",
    "SeriesDescription": "func-bold_trust_run4",
    "SeriesNumber": 13,
    "ShimSetting": [
      1421,
      -7437,
      6439,
      432,
      78,
      134,
      -13,
      99
    ],
    "SliceThickness": 2.8,
    "SliceTiming": [
      1.945,
      1.8875,
      1.8325,
      1.7775,
      1.7225,
      1.6675,
      1.61,
      1.555,
      1.5,
      1.445,
      1.3875,
      1.3325,
      1.2775,
      1.2225,
      1.1675,
      1.11,
      1.055,
      1,
      0.945,
      0.8875,
      0.8325,
      0.7775,
      0.7225,
      0.6675,
      0.61,
      0.555,
      0.5,
      0.445,
      0.3875,
      0.3325,
      0.2775,
      0.2225,
      0.1675,
      0.11,
      0.055,
      0
    ],
    "SoftwareVersions": "syngo_MR_E11",
    "SpacingBetweenSlices": 3.22,
    "StationName": "AWP166048",
    "TaskName": "trust",
    "TotalReadoutTime": 0.0357695,
    "TxRefAmp": 262.666,
    "dataset": "<unset>",
    "modality": "bold",
    "run_id": 5,
    "subject_id": "159",
    "task_id": "trust"
  },
  "dummy_trs": 1,
  "dvars_nstd": 21.627871491023253,
  "dvars_std": 1.283109602186047,
  "dvars_vstd": 1.0070622561860467,
  "efc": 0.5055776658684864,
  "fber": 2370.9267578125,
  "fd_mean": 0.1280148823621872,
  "fd_num": 32,
  "fd_perc": 14.814814814814815,
  "fwhm_avg": 1.7436948642535708,
  "fwhm_x": 1.6067788739034088,
  "fwhm_y": 1.9105757935297114,
  "fwhm_z": 1.7137299253275924,
  "gcor": 0.0411649,
  "gsr_x": -0.011903801932930946,
  "gsr_y": 0.03979851305484772,
  "provenance": {
    "md5sum": "f74dbe15e95e89fd997e3405cdb0059e",
    "settings": {
      "fd_thres": 0.2,
      "testing": false
    },
    "software": "mriqc",
    "version": "22.0.6",
    "webapi_port": null,
    "webapi_url": "https://mriqc.nimh.nih.gov/api/v1"
  },
  "size_t": 216,
  "size_x": 74,
  "size_y": 74,
  "size_z": 36,
  "snr": 7.108653459937295,
  "spacing_tr": 2.0199999809265137,
  "spacing_x": 2.972972869873047,
  "spacing_y": 2.972972869873047,
  "spacing_z": 3.2199997901916504,
  "summary_bg_k": 56.699378831131725,
  "summary_bg_mad": 8.229815511477199,
  "summary_bg_mean": 39.179317474365234,
  "summary_bg_median": 18.296297073364258,
  "summary_bg_n": 124710.0,
  "summary_bg_p05": 10.703703880310059,
  "summary_bg_p95": 136.01180496215815,
  "summary_bg_stdv": 65.82953643798828,
  "summary_fg_k": 3.3876958997289996,
  "summary_fg_mad": 109.75034410265587,
  "summary_fg_mean": 912.4706420898438,
  "summary_fg_median": 899.3240966796875,
  "summary_fg_n": 35794.0,
  "summary_fg_p05": 746.1493133544922,
  "summary_fg_p95": 1125.7382080078123,
  "summary_fg_stdv": 126.50940704345703,
  "tsnr": 89.22822912642732
}