{
  "aor": 0.0016176851851851853,
  "aqi": 0.006132334444444444,
  "bids_meta": {
    "AcquisitionMatrixPE": 74,
    "AcquisitionNumber": 1,
    "AcquisitionTime": "10:36:18.892500",
    "BandwidthPerPixelPhaseEncode": 27.579,
    "BaseResolution": 74,
    "BodyPartExamined": "BRAIN",
    "CogAtlasID": "http://www.cognitiveatlas.org/task/id/TODO",
    "CoilString": "HE1-4;NE1_2",
    "ConsistencyInfo": "N4_VE11C_LATEST_20160120",
    "ConversionSoftware": "dcm2niix",
    "ConversionSoftwareVersion": "v1.0.20190410  GCC6.3.0",
    "DerivedVendorReportedEchoSpacing": 0.000489993,
    "DeviceSerialNumber": "166048",
    "DwellTime": 2.9e-06,
    "EchoTime": 0.023,
    "EchoTrainLength": 74,
    "EffectiveEchoSpacing": 0.000489993,
    "FlipAngle": 76,
    "ImageOrientationPatientDICOM": [
      1,
      0,
      0,
      0,
      0.995056,
      -0.0993197
    ],
    "ImageType": [
      "ORIGINAL",
      "PRIMARY",
      "M",
      "ND",
      "NORM",
      "MOSAIC"
    ],
    "ImagingFrequency": 123.246,
    "InPlanePhaseEncodingDirectionDICOM": "COL",
    "InstitutionAddress": "North_13th_1701_Philadelphia_PA_US_19122",
    "InstitutionName": "Temple_University_-_Weiss_Hall",
    "InstitutionalDepartmentName": "Department",
    "MRAcquisitionType": "2D",
    "MagneticFieldStrength": 3,
    "Manufacturer": "Siemens",
    "ManufacturersModelName": "Prisma",
    "Modality": "MR",
    "PartialFourier": 1,
    "PatientPosition": "HFS",
    "PercentPhaseFOV": 100,
    "PhaseEncodingDirection": "j-",
    "PhaseEncodingSteps": 74,
    "PhaseResolution": 1,
    "PixelBandwidth": 2330,
    "ProcedureStepDescription": "SMITH_SRNDNA",
    "ProtocolName": "func-bold_trust_run3",
    "PulseSequenceDetails": "%SiemensSeq%_ep2d_bold",
    "ReceiveCoilActiveElements": "HE1-4;NE1,2",
    "ReceiveCoilName": "HeadNeck_20",
    "ReconMatrixPE": 74,
    "RepetitionTime": 2.02,
    "SAR": 0.0944631,
    "ScanOptions": "FS",
    "ScanningSequence": "EP",
    "SequenceName": "_epfid2d1_74",
    "SequenceVariant": "SK",
    "SeriesDescription": "func-bold_trust_run3",
    "SeriesNumber": 12,
    "ShimSetting": [
      1421,
      -7437,
      6439,
      432,
      78,
      134,
      -13,
      99
    ],
    "SliceThickness": 2.8,
    "SliceTiming": [
      1.945,
      1.89,
      1.835,
      1.7775,
      1.7225,
      1.6675,
      1.6125,
      1.555,
      1.5,
      1.445,
      1.39,
      1.335,
      1.2775,
      1.2225,
      1.1675,
      1.1125,
      1.0575,
      1,
      0.945,
      0.89,
      0.835,
      0.7775,
      0.7225,
      0.6675,
      0.6125,
      0.5575,
      0.5,
      0.445,
      0.39,
      0.335,
      0.2775,
      0.2225,
      0.1675,
      0.1125,
      0.0575,
      0
    ],
    "SoftwareVersions": "syngo_MR_E11",
    "SpacingBetweenSlices": 3.22,
    "StationName": "AWP166048",
    "TaskName": "trust",
    "TotalReadoutTime": 0.0357695,
    "TxRefAmp": 262.666,
    "dataset": "<unset>",
    "modality": "bold",
    "run_id": 4,
    "subject_id": "159",
    "task_id": "trust"
  },
  "dummy_trs": 1,
  "dvars_nstd": 21.001973551348843,
  "dvars_std": 1.2847520077674421,
  "dvars_vstd": 1.010891344604651,
  "efc": 0.50462218258119,
  "fber": 2392.17626953125,
  "fd_mean": 0.11363486971310892,
  "fd_num": 20,
  "fd_perc": 9.25925925925926,
  "fwhm_avg": 1.7508687136208263,
  "fwhm_x": 1.612402874098444,
  "fwhm_y": 1.9196845211183207,
  "fwhm_z": 1.7205187456457138,
  "gcor": 0.0294191,
  "gsr_x": -0.011329523287713528,
  "gsr_y": 0.038904037326574326,
  "provenance": {
    "md5sum": "fa9716eee155f40b248c865d4fc696c2",
    "settings": {
      "fd_thres": 0.2,
      "testing": false
    },
    "software": "mriqc",
    "version": "22.0.6",
    "webapi_port": null,
    "webapi_url": "https://mriqc.nimh.nih.gov/api/v1"
  },
  "size_t": 216,
  "size_x": 74,
  "size_y": 74,
  "size_z": 36,
  "snr": 7.096039829721952,
  "spacing_tr": 2.0199999809265137,
  "spacing_x": 2.972972869873047,
  "spacing_y": 2.972972869873047,
  "spacing_z": 3.2199997901916504,
  "summary_bg_k": 57.19230317794759,
  "summary_bg_mad": 8.133721289812486,
  "summary_bg_mean": 38.70713806152344,
  "summary_bg_median": 18.226852416992188,
  "summary_bg_n": 124773.0,
  "summary_bg_p05": 10.675926208496094,
  "summary_bg_p95": 133.85555725097652,
  "summary_bg_stdv": 64.802490234375,
  "summary_fg_k": 3.277984465310248,
  "summary_fg_mad": 109.91164405715334,
  "summary_fg_mean": 913.3104248046875,
  "summary_fg_median": 899.5324096679688,
  "summary_fg_n": 35805.0,
  "summary_fg_p05": 747.0657348632812,
  "summary_fg_p95": 1128.1073974609374,
  "summary_fg_stdv": 126.76364135742188,
  "tsnr": 93.81114684639033
}