{
  "aor": 0.001175462962962963,
  "aqi": 0.005559073472222222,
  "bids_meta": {
    "AcquisitionMatrixPE": 74,
    "AcquisitionNumber": 1,
    "AcquisitionTime": "10:20:5.577500",
    "BandwidthPerPixelPhaseEncode": 27.579,
    "BaseResolution": 74,
    "BodyPartExamined": "BRAIN",
    "CogAtlasID": "http://www.cognitiveatlas.org/task/id/TODO",
    "CoilString": "HE1-4;NE1_2",
    "ConsistencyInfo": "N4_VE11C_LATEST_20160120",
    "ConversionSoftware": "dcm2niix",
    "ConversionSoftwareVersion": "v1.0.20190410  GCC6.3.0",
    "DerivedVendorReportedEchoSpacing": 0.000489993,
    "DeviceSerialNumber": "166048",
    "DwellTime": 2.9e-06,
    "EchoTime": 0.023,
    "EchoTrainLength": 74,
    "EffectiveEchoSpacing": 0.000489993,
    "FlipAngle": 76,
    "ImageOrientationPatientDICOM": [
      1,
      0,
      0,
      0,
      0.995056,
      -0.0993197
    ],
    "ImageType": [
      "ORIGINAL",
      "PRIMARY",
      "M",
      "ND",
      "NORM",
      "MOSAIC"
    ],
    "ImagingFrequency": 123.246,
    "InPlanePhaseEncodingDirectionDICOM": "COL",
    "InstitutionAddress": "North_13th_1701_Philadelphia_PA_US_19122",
    "InstitutionName": "Temple_University_-_Weiss_Hall",
    "InstitutionalDepartmentName": "Department",
    "MRAcquisitionType": "2D",
    "MagneticFieldStrength": 3,
    "Manufacturer": "Siemens",
    "ManufacturersModelName": "Prisma",
    "Modality": "MR",
    "PartialFourier": 1,
    "PatientPosition": "HFS",
    "PercentPhaseFOV": 100,
    "PhaseEncodingDirection": "j-",
    "PhaseEncodingSteps": 74,
    "PhaseResolution": 1,
    "PixelBandwidth": 2330,
    "ProcedureStepDescription": "SMITH_SRNDNA",
    "ProtocolName": "func-bold_trust_run1",
    "PulseSequenceDetails": "%SiemensSeq%_ep2d_bold",
    "ReceiveCoilActiveElements": "HE1-4;NE1,2",
    "ReceiveCoilName": "HeadNeck_20",
    "ReconMatrixPE": 74,
    "RepetitionTime": 2.02,
    "SAR": 0.0944631,
    "ScanOptions": "FS",
    "ScanningSequence": "EP",
    "SequenceName": "_epfid2d1_74",
    "SequenceVariant": "SK",
    "SeriesDescription": "func-bold_trust_run1",
    "SeriesNumber": 10,
    "ShimSetting": [
      1421,
      -7437,
      6439,
      432,
      78,
      134,
      -13,
      99
    ],
    "SliceThickness": 2.8,
    "SliceTiming": [
      1.945,
      1.89,
      1.835,
      1.7775,
      1.7225,
      1.6675,
      1.6125,
      1.5575,
      1.5,
      1.445,
      1.39,
      1.335,
      1.2775,
      1.2225,
      1.1675,
      1.1125,
      1.0575,
      1,
      0.945,
      0.89,
      0.835,
      0.7775,
      0.7225,
      0.6675,
      0.6125,
      0.5575,
      0.5,
      0.445,
      0.39,
      0.335,
      0.28,
      0.2225,
      0.1675,
      0.1125,
      0.0575,
      0
    ],
    "SoftwareVersions": "syngo_MR_E11",
    "SpacingBetweenSlices": 3.22,
    "StationName": "AWP166048",
    "TaskName": "trust",
    "TotalReadoutTime": 0.0357695,
    "TxRefAmp": 262.666,
    "dataset": "<unset>",
    "modality": "bold",
    "run_id": 2,
    "subject_id": "159",
    "task_id": "trust"
  },
  "dummy_trs": 1,
  "dvars_nstd": 20.729171025302314,
  "dvars_std": 1.2690639533953487,
  "dvars_vstd": 1.0048597426511625,
  "efc": 0.5022074280283532,
  "fber": 2460.35400390625,
  "fd_mean": 0.12371699593510047,
  "fd_num": 24,
  "fd_perc": 11.11111111111111,
  "fwhm_avg": 1.7441554451354027,
  "fwhm_x": 1.6011649646178148,
  "fwhm_y": 1.9149720664094427,
  "fwhm_z": 1.71632930437895,
  "gcor": 0.0237132,
  "gsr_x": -0.010213673114776611,
  "gsr_y": 0.03780370578169823,
  "provenance": {
    "md5sum": "8bc9e9df97d2c0aa454751e08a8624ad",
    "settings": {
      "fd_thres": 0.2,
      "testing": false
    },
    "software": "mriqc",
    "version": "22.0.6",
    "webapi_port": null,
    "webapi_url": "https://mriqc.nimh.nih.gov/api/v1"
  },
  "size_t": 216,
  "size_x": 74,
  "size_y": 74,
  "size_z": 36,
  "snr": 7.148483773918297,
  "spacing_tr": 2.0199999809265137,
  "spacing_x": 2.972972869873047,
  "spacing_y": 2.972972869873047,
  "spacing_z": 3.2199997901916504,
  "summary_bg_k": 60.5736618629995,
  "summary_bg_mad": 8.044490234163998,
  "summary_bg_mean": 37.69807052612305,
  "summary_bg_median": 18.018518447875977,
  "summary_bg_n": 125072.0,
  "summary_bg_p05": 10.564814567565918,
  "summary_bg_p95": 128.70324249267574,
  "summary_bg_stdv": 62.89264678955078,
  "summary_fg_k": 3.2731601040100715,
  "summary_fg_mad": 109.47914300104081,
  "summary_fg_mean": 913.4216918945312,
  "summary_fg_median": 899.9814453125,
  "summary_fg_n": 35620.0,
  "summary_fg_p05": 749.397671508789,
  "summary_fg_p95": 1126.3111083984375,
  "summary_fg_stdv": 125.8964614868164,
  "tsnr": 94.91673577507026
}