{
  "aor": 0.0026511499999999997,
  "aqi": 0.007187686499999999,
  "bids_meta": {
    "AcquisitionMatrixPE": 74,
    "AcquisitionNumber": 1,
    "AcquisitionTime": "11:01:7.130000",
    "BandwidthPerPixelPhaseEncode": 27.579,
    "BaseResolution": 74,
    "BodyPartExamined": "BRAIN",
    "CogAtlasID": "http://www.cognitiveatlas.org/task/id/TODO",
    "CoilString": "HE1-4;NE1_2",
    "ConsistencyInfo": "N4_VE11C_LATEST_20160120",
    "ConversionSoftware": "dcm2niix",
    "ConversionSoftwareVersion": "v1.0.20190410  GCC6.3.0",
    "DerivedVendorReportedEchoSpacing": 0.000489993,
    "DeviceSerialNumber": "166048",
    "DwellTime": 2.9e-06,
    "EchoTime": 0.023,
    "EchoTrainLength": 74,
    "EffectiveEchoSpacing": 0.000489993,
    "FlipAngle": 76,
    "ImageOrientationPatientDICOM": [
      1,
      0,
      0,
      0,
      0.995056,
      -0.0993197
    ],
    "ImageType": [
      "ORIGINAL",
      "PRIMARY",
      "M",
      "ND",
      "NORM",
      "MOSAIC"
    ],
    "ImagingFrequency": 123.246,
    "InPlanePhaseEncodingDirectionDICOM": "COL",
    "InstitutionAddress": "North_13th_1701_Philadelphia_PA_US_19122",
    "InstitutionName": "Temple_University_-_Weiss_Hall",
    "InstitutionalDepartmentName": "Department",
    "MRAcquisitionType": "2D",
    "MagneticFieldStrength": 3,
    "Manufacturer": "Siemens",
    "ManufacturersModelName": "Prisma",
    "Modality": "MR",
    "PartialFourier": 1,
    "PatientPosition": "HFS",
    "PercentPhaseFOV": 100,
    "PhaseEncodingDirection": "j-",
    "PhaseEncodingSteps": 74,
    "PhaseResolution": 1,
    "PixelBandwidth": 2330,
    "ProcedureStepDescription": "SMITH_SRNDNA",
    "ProtocolName": "func-bold_task-reward_run1",
    "PulseSequenceDetails": "%SiemensSeq%_ep2d_bold",
    "ReceiveCoilActiveElements": "HE1-4;NE1,2",
    "ReceiveCoilName": "HeadNeck_20",
    "ReconMatrixPE": 74,
    "RepetitionTime": 2.02,
    "SAR": 0.0944396,
    "ScanOptions": "FS",
    "ScanningSequence": "EP",
    "SequenceName": "_epfid2d1_74",
    "SequenceVariant": "SK",
    "SeriesDescription": "func-bold_task-reward_run1",
    "SeriesNumber": 15,
    "ShimSetting": [
      1421,
      -7437,
      6439,
      432,
      78,
      134,
      -13,
      99
    ],
    "SliceThickness": 2.8,
    "SliceTiming": [
      1.945,
      1.8875,
      1.8325,
      1.7775,
      1.7225,
      1.665,
      1.61,
      1.555,
      1.5,
      1.445,
      1.3875,
      1.3325,
      1.2775,
      1.2225,
      1.165,
      1.11,
      1.055,
      1,
      0.945,
      0.8875,
      0.8325,
      0.7775,
      0.7225,
      0.665,
      0.61,
      0.555,
      0.5,
      0.445,
      0.3875,
      0.3325,
      0.2775,
      0.2225,
      0.165,
      0.11,
      0.055,
      0
    ],
    "SoftwareVersions": "syngo_MR_E11",
    "SpacingBetweenSlices": 3.22,
    "StationName": "AWP166048",
    "TaskName": "sharedreward",
    "TotalReadoutTime": 0.0357695,
    "TxRefAmp": 262.666,
    "dataset": "<unset>",
    "modality": "bold",
    "run_id": 2,
    "subject_id": "159",
    "task_id": "sharedreward"
  },
  "dummy_trs": 2,
  "dvars_nstd": 20.782130131306527,
  "dvars_std": 1.2801569294472352,
  "dvars_vstd": 1.0091966124623115,
  "efc": 0.5055821309544171,
  "fber": 2369.142822265625,
  "fd_mean": 0.10880065247921915,
  "fd_num": 15,
  "fd_perc": 7.5,
  "fwhm_avg": 1.7604387787820304,
  "fwhm_x": 1.6167453287944908,
  "fwhm_y": 1.9359342489545737,
  "fwhm_z": 1.7286367585970266,
  "gcor": 0.0451335,
  "gsr_x": -0.011726289056241512,
  "gsr_y": 0.039712581783533096,
  "provenance": {
    "md5sum": "5a3e583b7019dd0c9fef2c63bc83e673",
    "settings": {
      "fd_thres": 0.2,
      "testing": false
    },
    "software": "mriqc",
    "version": "22.0.6",
    "webapi_port": null,
    "webapi_url": "https://mriqc.nimh.nih.gov/api/v1"
  },
  "size_t": 200,
  "size_x": 74,
  "size_y": 74,
  "size_z": 36,
  "snr": 7.073123487179658,
  "spacing_tr": 2.0199999809265137,
  "spacing_x": 2.972972869873047,
  "spacing_y": 2.972972869873047,
  "spacing_z": 3.2199997901916504,
  "summary_bg_k": 57.66237848885845,
  "summary_bg_mad": 8.324811117568236,
  "summary_bg_mean": 39.259071350097656,
  "summary_bg_median": 18.344999313354492,
  "summary_bg_n": 124723.0,
  "summary_bg_p05": 10.694999694824219,
  "summary_bg_p95": 137.3494918823242,
  "summary_bg_stdv": 65.54442596435547,
  "summary_fg_k": 3.218234490361989,
  "summary_fg_mad": 110.46128552902852,
  "summary_fg_mean": 913.4918823242188,
  "summary_fg_median": 900.4249877929688,
  "summary_fg_n": 35820.0,
  "summary_fg_p05": 745.6529693603516,
  "summary_fg_p95": 1129.5736999511716,
  "summary_fg_stdv": 127.300537109375,
  "tsnr": 85.0908393629361
}