{
  "aor": 0.0037004020100502516,
  "aqi": 0.0061096137688442225,
  "bids_meta": {
    "AcquisitionMatrixPE": 74,
    "AcquisitionNumber": 1,
    "AcquisitionTime": "11:17:47.880000",
    "BandwidthPerPixelPhaseEncode": 27.579,
    "BaseResolution": 74,
    "BodyPartExamined": "BRAIN",
    "CogAtlasID": "http://www.cognitiveatlas.org/task/id/TODO",
    "CoilString": "HE1-4;NE1_2",
    "ConsistencyInfo": "N4_VE11C_LATEST_20160120",
    "ConversionSoftware": "dcm2niix",
    "ConversionSoftwareVersion": "v1.0.20190410  GCC6.3.0",
    "DerivedVendorReportedEchoSpacing": 0.000489993,
    "DeviceSerialNumber": "166048",
    "DwellTime": 2.9e-06,
    "EchoTime": 0.023,
    "EchoTrainLength": 74,
    "EffectiveEchoSpacing": 0.000489993,
    "FlipAngle": 76,
    "ImageOrientationPatientDICOM": [
      1,
      0,
      0,
      0,
      0.995056,
      -0.0993197
    ],
    "ImageType": [
      "ORIGINAL",
      "PRIMARY",
      "M",
      "ND",
      "NORM",
      "MOSAIC"
    ],
    "ImagingFrequency": 123.246,
    "InPlanePhaseEncodingDirectionDICOM": "COL",
    "InstitutionAddress": "North_13th_1701_Philadelphia_PA_US_19122",
    "InstitutionName": "Temple_University_-_Weiss_Hall",
    "InstitutionalDepartmentName": "Department",
    "MRAcquisitionType": "2D",
    "MagneticFieldStrength": 3,
    "Manufacturer": "Siemens",
    "ManufacturersModelName": "Prisma",
    "Modality": "MR",
    "PartialFourier": 1,
    "PatientPosition": "HFS",
    "PercentPhaseFOV": 100,
    "PhaseEncodingDirection": "j-",
    "PhaseEncodingSteps": 74,
    "PhaseResolution": 1,
    "PixelBandwidth": 2330,
    "ProcedureStepDescription": "SMITH_SRNDNA",
    "ProtocolName": "func-bold_task-UG_run1",
    "PulseSequenceDetails": "%SiemensSeq%_ep2d_bold",
    "ReceiveCoilActiveElements": "HE1-4;NE1,2",
    "ReceiveCoilName": "HeadNeck_20",
    "ReconMatrixPE": 74,
    "RepetitionTime": 2.02,
    "SAR": 0.0944362,
    "ScanOptions": "FS",
    "ScanningSequence": "EP",
    "SequenceName": "_epfid2d1_74",
    "SequenceVariant": "SK",
    "SeriesDescription": "func-bold_task-UG_run1",
    "SeriesNumber": 17,
    "ShimSetting": [
      1421,
      -7437,
      6439,
      432,
      78,
      134,
      -13,
      99
    ],
    "SliceThickness": 2.8,
    "SliceTiming": [
      1.945,
      1.8875,
      1.8325,
      1.7775,
      1.7225,
      1.665,
      1.61,
      1.555,
      1.5,
      1.445,
      1.3875,
      1.3325,
      1.2775,
      1.2225,
      1.165,
      1.11,
      1.055,
      1,
      0.945,
      0.8875,
      0.8325,
      0.7775,
      0.7225,
      0.6675,
      0.61,
      0.555,
      0.5,
      0.445,
      0.3875,
      0.3325,
      0.2775,
      0.2225,
      0.1675,
      0.11,
      0.055,
      0
    ],
    "SoftwareVersions": "syngo_MR_E11",
    "SpacingBetweenSlices": 3.22,
    "StationName": "AWP166048",
    "TaskName": "ultimatum",
    "TotalReadoutTime": 0.0357695,
    "TxRefAmp": 262.666,
    "dataset": "<unset>",
    "modality": "bold",
    "run_id": 2,
    "subject_id": "159",
    "task_id": "ultimatum"
  },
  "dummy_trs": 1,
  "dvars_nstd": 20.574857750303025,
  "dvars_std": 1.3306974294949494,
  "dvars_vstd": 1.0479228749494949,
  "efc": 0.5060811381335838,
  "fber": 2362.861572265625,
  "fd_mean": 0.10097181340145099,
  "fd_num": 15,
  "fd_perc": 7.5376884422110555,
  "fwhm_avg": 1.7544293239672157,
  "fwhm_x": 1.6192983288830263,
  "fwhm_y": 1.9213528848125419,
  "fwhm_z": 1.7226367582060793,
  "gcor": 0.0520359,
  "gsr_x": -0.011920567601919174,
  "gsr_y": 0.03980054706335068,
  "provenance": {
    "md5sum": "f93d6b14fc74e2c992a5cade8cda8c31",
    "settings": {
      "fd_thres": 0.2,
      "testing": false
    },
    "software": "mriqc",
    "version": "22.0.6",
    "webapi_port": null,
    "webapi_url": "https://mriqc.nimh.nih.gov/api/v1"
  },
  "size_t": 199,
  "size_x": 74,
  "size_y": 74,
  "size_z": 36,
  "snr": 7.095563527559492,
  "spacing_tr": 2.0199999809265137,
  "spacing_x": 2.972972869873047,
  "spacing_y": 2.972972869873047,
  "spacing_z": 3.2199997901916504,
  "summary_bg_k": 54.725784633440036,
  "summary_bg_mad": 8.314493745829388,
  "summary_bg_mean": 39.35089111328125,
  "summary_bg_median": 18.36683464050293,
  "summary_bg_n": 124659.0,
  "summary_bg_p05": 10.723617553710938,
  "summary_bg_p95": 138.508543395996,
  "summary_bg_stdv": 65.0544204711914,
  "summary_fg_k": 3.117121493637935,
  "summary_fg_mad": 110.85238701757717,
  "summary_fg_mean": 914.2562255859375,
  "summary_fg_median": 900.96484375,
  "summary_fg_n": 35893.0,
  "summary_fg_p05": 746.5236206054688,
  "summary_fg_p95": 1130.2260986328126,
  "summary_fg_stdv": 126.97402954101562,
  "tsnr": 91.19612890365534
}