{
  "bids_meta": {
    "AcquisitionMatrixPE": 192,
    "AcquisitionNumber": 1,
    "AcquisitionTime": "10:38:0.280000",
    "BaseResolution": 192,
    "BodyPartExamined": "BRAIN",
    "CoilString": "HE1-4;NE1_2",
    "ConsistencyInfo": "N4_VE11C_LATEST_20160120",
    "ConversionSoftware": "dcm2niix",
    "ConversionSoftwareVersion": "v1.0.20190410  GCC6.3.0",
    "DeviceSerialNumber": "166048",
    "DwellTime": 1.24e-05,
    "EchoTime": 0.0022,
    "FlipAngle": 8,
    "ImageOrientationPatientDICOM": [
      0.109734,
      0.993961,
      -4.85601e-08,
      0.223593,
      -0.0246849,
      -0.97437
    ],
    "ImageType": [
      "ORIGINAL",
      "PRIMARY",
      "M",
      "ND",
      "NORM",
      "FM3",
      "2",
      "FIL"
    ],
    "ImagingFrequency": 123.246,
    "InPlanePhaseEncodingDirectionDICOM": "ROW",
    "InstitutionAddress": "North_13th_1701_Philadelphia_PA_US_19122",
    "InstitutionName": "Temple_University_-_Weiss_Hall",
    "InstitutionalDepartmentName": "Department",
    "InversionTime": 1.15,
    "MRAcquisitionType": "3D",
    "MagneticFieldStrength": 3,
    "Manufacturer": "Siemens",
    "ManufacturersModelName": "Prisma",
    "Modality": "MR",
    "PartialFourier": 1,
    "PatientPosition": "HFS",
    "PercentPhaseFOV": 100,
    "PhaseEncodingSteps": 211,
    "PhaseOversampling": 0.1,
    "PhaseResolution": 1,
    "PixelBandwidth": 210,
    "ProcedureStepDescription": "SMITH_SRNDNA",
    "ProtocolName": "T1w-anat_mpg_07sag_iso",
    "PulseSequenceDetails": "%SiemensSeq%_tfl",
    "ReceiveCoilActiveElements": "HE1-4;NE1,2",
    "ReceiveCoilName": "HeadNeck_20",
    "ReconMatrixPE": 192,
    "RefLinesPE": 32,
    "RepetitionTime": 2.4,
    "SAR": 0.044839,
    "ScanOptions": "IR_WE",
    "ScanningSequence": "GR_IR",
    "SequenceName": "_tfl3d1_16ns",
    "SequenceVariant": "SK_SP_MP_OSP",
    "SeriesDescription": "T1w-anat_mpg_07sag_iso",
    "SeriesNumber": 5,
    "ShimSetting": [
      1322,
      -7137,
      6203,
      167,
      -356,
      812,
      611,
      303
    ],
    "SliceThickness": 1,
    "SoftwareVersions": "syngo_MR_E11",
    "StationName": "AWP166048",
    "TxRefAmp": 260.097,
    "dataset": "<unset>",
    "modality": "T1w",
    "subject_id": "150"
  },
  "cjv": 0.39174054694327215,
  "cnr": 3.457347102393922,
  "efc": 0.6128830721128621,
  "fber": 10787.54725382758,
  "fwhm_avg": 4.302053333333333,
  "fwhm_x": 4.16051,
  "fwhm_y": 4.43289,
  "fwhm_z": 4.31276,
  "icvs_csf": 0.2302610003225788,
  "icvs_gm": 0.39279452974004925,
  "icvs_wm": 0.37694446993737196,
  "inu_med": 0.5715500116348267,
  "inu_range": 0.22510237991809845,
  "provenance": {
    "md5sum": "1c55dcc2b5c6085e20c983f05ef5c0c8",
    "settings": {
      "testing": false
    },
    "software": "mriqc",
    "version": "22.0.6",
    "warnings": {
      "large_rot_frame": true,
      "small_air_mask": false
    },
    "webapi_port": null,
    "webapi_url": "https://mriqc.nimh.nih.gov/api/v1"
  },
  "qi_1": 7.031764751479716e-05,
  "qi_2": 0.0035528143796659667,
  "rpve_csf": 17.693655326921718,
  "rpve_gm": 9.733942874626493,
  "rpve_wm": 12.060282710352837,
  "size_x": 192,
  "size_y": 192,
  "size_z": 192,
  "snr_csf": 2.0930878804695356,
  "snr_gm": 10.22295928137738,
  "snr_total": 10.749181388117862,
  "snr_wm": 19.931497002506667,
  "snrd_csf": 17.134238882780558,
  "snrd_gm": 52.3925240543576,
  "snrd_total": 47.986439630490594,
  "snrd_wm": 74.43255595433361,
  "spacing_x": 1.0,
  "spacing_y": 1.0,
  "spacing_z": 1.0,
  "summary_bg_k": 13.981814687052687,
  "summary_bg_mad": 0.0,
  "summary_bg_mean": 5.448049249886548,
  "summary_bg_median": 0.0,
  "summary_bg_n": 1633356.0,
  "summary_bg_p05": 0.0,
  "summary_bg_p95": 22.637774109840393,
  "summary_bg_stdv": 8.802124117650335,
  "summary_csf_k": 0.0326844264597792,
  "summary_csf_mad": 106.71826351929188,
  "summary_csf_mean": 242.20275958572216,
  "summary_csf_median": 230.20808690786362,
  "summary_csf_n": 32569.0,
  "summary_csf_p05": 72.79378541707993,
  "summary_csf_p95": 440.6102733492851,
  "summary_csf_stdv": 109.98322376674938,
  "summary_gm_k": -0.06722983657075021,
  "summary_gm_mad": 71.24122045996376,
  "summary_gm_mean": 701.416508879637,
  "summary_gm_median": 703.922877073288,
  "summary_gm_n": 13797.0,
  "summary_gm_p05": 585.6641780257225,
  "summary_gm_p95": 808.8571372151374,
  "summary_gm_stdv": 68.85456033220888,
  "summary_wm_k": 1.0665766761081663,
  "summary_wm_mad": 44.761053428271005,
  "summary_wm_mean": 1005.5347956757101,
  "summary_wm_median": 1000.0430382192135,
  "summary_wm_n": 153875.0,
  "summary_wm_p05": 933.2486933171749,
  "summary_wm_p95": 1097.4586308002472,
  "summary_wm_stdv": 50.17384236405212,
  "tpm_overlap_csf": 0.1421002415682856,
  "tpm_overlap_gm": 0.448449667413243,
  "tpm_overlap_wm": 0.4993542575181324,
  "wm2max": 0.8103541474132069
}