{
  "bids_meta": {
    "AcquisitionMatrixPE": 192,
    "AcquisitionNumber": 1,
    "AcquisitionTime": "10:33:57.505000",
    "BaseResolution": 192,
    "BodyPartExamined": "BRAIN",
    "CoilString": "HE1-4;NE1_2",
    "ConsistencyInfo": "N4_VE11C_LATEST_20160120",
    "ConversionSoftware": "dcm2niix",
    "ConversionSoftwareVersion": "v1.0.20190410  GCC6.3.0",
    "DeviceSerialNumber": "166048",
    "DwellTime": 3.5e-06,
    "EchoTime": 0.567,
    "EchoTrainLength": 314,
    "FlipAngle": 120,
    "ImageOrientationPatientDICOM": [
      0.109734,
      0.993961,
      -4.85601e-08,
      0.223593,
      -0.0246849,
      -0.97437
    ],
    "ImageType": [
      "ORIGINAL",
      "PRIMARY",
      "M",
      "ND",
      "NORM"
    ],
    "ImagingFrequency": 123.246,
    "InPlanePhaseEncodingDirectionDICOM": "ROW",
    "InstitutionAddress": "North_13th_1701_Philadelphia_PA_US_19122",
    "InstitutionName": "Temple_University_-_Weiss_Hall",
    "InstitutionalDepartmentName": "Department",
    "MRAcquisitionType": "3D",
    "MagneticFieldStrength": 3,
    "Manufacturer": "Siemens",
    "ManufacturersModelName": "Prisma",
    "Modality": "MR",
    "PartialFourier": 1,
    "PatientPosition": "HFS",
    "PercentPhaseFOV": 100,
    "PhaseEncodingSteps": 209,
    "PhaseOversampling": 0.1,
    "PhaseResolution": 1,
    "PixelBandwidth": 745,
    "ProcedureStepDescription": "SMITH_SRNDNA",
    "ProtocolName": "T2w-anat_spc_07sag_iso",
    "PulseSequenceDetails": "%SiemensSeq%_tse_vfl",
    "ReceiveCoilActiveElements": "HE1-4;NE1,2",
    "ReceiveCoilName": "HeadNeck_20",
    "ReconMatrixPE": 192,
    "RefLinesPE": 32,
    "RepetitionTime": 3.2,
    "SAR": 0.164706,
    "ScanOptions": "PFP",
    "ScanningSequence": "SE",
    "SequenceName": "_spc_314ns",
    "SequenceVariant": "SK_SP_OSP",
    "SeriesDescription": "T2w-anat_spc_07sag_iso",
    "SeriesNumber": 3,
    "ShimSetting": [
      1322,
      -7137,
      6203,
      167,
      -356,
      812,
      611,
      303
    ],
    "SliceThickness": 1,
    "SoftwareVersions": "syngo_MR_E11",
    "StationName": "AWP166048",
    "TxRefAmp": 260.097,
    "dataset": "<unset>",
    "modality": "T2w",
    "subject_id": "150"
  },
  "cjv": 0.2875302232612714,
  "cnr": 1.394606693094429,
  "efc": 0.5791430361537333,
  "fber": 5889.226133016509,
  "fwhm_avg": 2.62533,
  "fwhm_x": 2.60402,
  "fwhm_y": 2.75436,
  "fwhm_z": 2.51761,
  "icvs_csf": 0.3097984414680611,
  "icvs_gm": 0.6073026556488366,
  "icvs_wm": 0.08289890288310231,
  "inu_med": 0.881559431552887,
  "inu_range": 0.19368674755096438,
  "provenance": {
    "md5sum": "d98d62e110841011a282b127bfce275d",
    "settings": {
      "testing": false
    },
    "software": "mriqc",
    "version": "22.0.6",
    "warnings": {
      "large_rot_frame": true,
      "small_air_mask": false
    },
    "webapi_port": null,
    "webapi_url": "https://mriqc.nimh.nih.gov/api/v1"
  },
  "qi_1": 0.0,
  "qi_2": 0.00045338913496690945,
  "rpve_csf": 11.594487559670789,
  "rpve_gm": 7.5848764607114845,
  "rpve_wm": 54.1635644111083,
  "size_x": 192,
  "size_y": 192,
  "size_z": 192,
  "snr_csf": 5.343956537622773,
  "snr_gm": 7.678276455500351,
  "snr_total": 5.045435674719664,
  "snr_wm": 2.114074031035868,
  "snrd_csf": 98.1278356102927,
  "snrd_gm": 42.5545066447508,
  "snrd_total": 88.92791560804574,
  "snrd_wm": 126.10140456909373,
  "spacing_x": 1.0,
  "spacing_y": 1.0,
  "spacing_z": 1.0,
  "summary_bg_k": 11.701054430151391,
  "summary_bg_mad": 5.195855456077885,
  "summary_bg_mean": 4.6566029188268985,
  "summary_bg_median": 3.504551248624921,
  "summary_bg_n": 1657124.0,
  "summary_bg_p05": 0.0,
  "summary_bg_p95": 18.337327614426613,
  "summary_bg_stdv": 6.755779670057666,
  "summary_csf_k": -0.15446178485922424,
  "summary_csf_mad": 156.39524922794433,
  "summary_csf_mean": 765.3546425012576,
  "summary_csf_median": 778.2471711980179,
  "summary_csf_n": 26632.0,
  "summary_csf_p05": 524.1056392318569,
  "summary_csf_p95": 975.3346088365652,
  "summary_csf_stdv": 145.6285346733232,
  "summary_gm_k": -0.04357633765021518,
  "summary_gm_mad": 44.51584269126188,
  "summary_gm_mean": 339.21168709202345,
  "summary_gm_median": 337.4977570027113,
  "summary_gm_n": 199808.0,
  "summary_gm_p05": 269.7936155833304,
  "summary_gm_p95": 413.7643695808947,
  "summary_gm_stdv": 43.95477479906606,
  "summary_wm_k": -1.8388445340241364,
  "summary_wm_mad": 146.00353831578857,
  "summary_wm_mean": 640.5749260906189,
  "summary_wm_median": 1000.1042087562382,
  "summary_wm_n": 6804.0,
  "summary_wm_p05": 24.531858740374446,
  "summary_wm_p95": 1102.9968862398528,
  "summary_wm_stdv": 473.0348594855715,
  "tpm_overlap_csf": 0.13286078226847592,
  "tpm_overlap_gm": 0.3743976353709358,
  "tpm_overlap_wm": 0.022971012567107534,
  "wm2max": 0.9280331100782122
}