{
  "bids_meta": {
    "AcquisitionMatrixPE": 192,
    "AcquisitionNumber": 1,
    "AcquisitionTime": "14:04:2.282500",
    "BaseResolution": 192,
    "BodyPartExamined": "BRAIN",
    "CoilString": "HE1-4;NE1_2",
    "ConsistencyInfo": "N4_VE11C_LATEST_20160120",
    "ConversionSoftware": "dcm2niix",
    "ConversionSoftwareVersion": "v1.0.20190410  GCC6.3.0",
    "DeviceSerialNumber": "166048",
    "DwellTime": 1.24e-05,
    "EchoTime": 0.0022,
    "FlipAngle": 8,
    "ImageOrientationPatientDICOM": [
      0,
      1,
      0,
      0,
      0,
      -1
    ],
    "ImageType": [
      "ORIGINAL",
      "PRIMARY",
      "M",
      "ND",
      "NORM",
      "FM3",
      "2",
      "FIL"
    ],
    "ImagingFrequency": 123.246,
    "InPlanePhaseEncodingDirectionDICOM": "ROW",
    "InstitutionAddress": "North_13th_1701_Philadelphia_PA_US_19122",
    "InstitutionName": "Temple_University_-_Weiss_Hall",
    "InstitutionalDepartmentName": "Department",
    "InversionTime": 1.15,
    "MRAcquisitionType": "3D",
    "MagneticFieldStrength": 3,
    "Manufacturer": "Siemens",
    "ManufacturersModelName": "Prisma",
    "Modality": "MR",
    "PartialFourier": 1,
    "PatientPosition": "HFS",
    "PercentPhaseFOV": 100,
    "PhaseEncodingSteps": 211,
    "PhaseOversampling": 0.1,
    "PhaseResolution": 1,
    "PixelBandwidth": 210,
    "ProcedureStepDescription": "SMITH_SRNDNA",
    "ProtocolName": "T1w-anat_mpg_07sag_iso",
    "PulseSequenceDetails": "%SiemensSeq%_tfl",
    "ReceiveCoilActiveElements": "HE1-4;NE1,2",
    "ReceiveCoilName": "HeadNeck_20",
    "ReconMatrixPE": 192,
    "RefLinesPE": 32,
    "RepetitionTime": 2.4,
    "SAR": 0.0408515,
    "ScanOptions": "IR_WE",
    "ScanningSequence": "GR_IR",
    "SequenceName": "_tfl3d1_16ns",
    "SequenceVariant": "SK_SP_MP_OSP",
    "SeriesDescription": "T1w-anat_mpg_07sag_iso",
    "SeriesNumber": 5,
    "ShimSetting": [
      1412,
      -7456,
      6484,
      152,
      109,
      -63,
      11,
      52
    ],
    "SliceThickness": 1,
    "SoftwareVersions": "syngo_MR_E11",
    "StationName": "AWP166048",
    "TxRefAmp": 276.954,
    "dataset": "<unset>",
    "modality": "T1w",
    "subject_id": "132"
  },
  "cjv": 0.39093921841197027,
  "cnr": 3.395527151501911,
  "efc": 0.6422144920164123,
  "fber": 12804.434687506637,
  "fwhm_avg": 3.9353300000000004,
  "fwhm_x": 3.88579,
  "fwhm_y": 3.94425,
  "fwhm_z": 3.97595,
  "icvs_csf": 0.2866094852779767,
  "icvs_gm": 0.3820731410879539,
  "icvs_wm": 0.33131737363406943,
  "inu_med": 0.5373706519603729,
  "inu_range": 0.22943130433559422,
  "provenance": {
    "md5sum": "2f527f27b87439d9c8061e83521439a5",
    "settings": {
      "testing": false
    },
    "software": "mriqc",
    "version": "22.0.6",
    "warnings": {
      "large_rot_frame": true,
      "small_air_mask": false
    },
    "webapi_port": null,
    "webapi_url": "https://mriqc.nimh.nih.gov/api/v1"
  },
  "qi_1": 0.0,
  "qi_2": 0.005579112853328149,
  "rpve_csf": 12.769216045500533,
  "rpve_gm": 8.683600172434534,
  "rpve_wm": 11.719544067197852,
  "size_x": 192,
  "size_y": 192,
  "size_z": 192,
  "snr_csf": 3.1018164858361414,
  "snr_gm": 12.593284806739169,
  "snr_total": 12.680627493591679,
  "snr_wm": 22.346781188199728,
  "snrd_csf": 25.44527072708836,
  "snrd_gm": 79.31123104758055,
  "snrd_total": 70.32329030327139,
  "snrd_wm": 106.21336913514527,
  "spacing_x": 1.0,
  "spacing_y": 1.0,
  "spacing_z": 1.0,
  "summary_bg_k": 9.190047766478923,
  "summary_bg_mad": 6.168506819156763,
  "summary_bg_mean": 5.491897010164306,
  "summary_bg_median": 4.1605946235358715,
  "summary_bg_n": 1347132.0,
  "summary_bg_p05": 0.0,
  "summary_bg_p95": 18.627636842429638,
  "summary_bg_stdv": 6.786452117444667,
  "summary_csf_k": 2.4476004457287512,
  "summary_csf_mad": 61.93556593041664,
  "summary_csf_mean": 247.96048697376622,
  "summary_csf_median": 239.58266705274582,
  "summary_csf_n": 76395.0,
  "summary_csf_p05": 139.833994936198,
  "summary_csf_p95": 388.16024662926793,
  "summary_csf_stdv": 77.23896629268793,
  "summary_gm_k": 0.08092613990059405,
  "summary_gm_mad": 58.31900482578411,
  "summary_gm_mean": 742.1311198585511,
  "summary_gm_median": 746.7633756157011,
  "summary_gm_n": 15904.0,
  "summary_gm_p05": 637.6364697804675,
  "summary_gm_p95": 832.0101578934118,
  "summary_gm_stdv": 59.296673543683575,
  "summary_wm_k": 0.8862561822618868,
  "summary_wm_mad": 40.70588256296341,
  "summary_wm_mean": 1001.662463109509,
  "summary_wm_median": 1000.0633330643177,
  "summary_wm_n": 148729.0,
  "summary_wm_p05": 932.8813457675278,
  "summary_wm_p95": 1079.4314274564385,
  "summary_wm_stdv": 44.751857665957225,
  "tpm_overlap_csf": 0.16612650889319977,
  "tpm_overlap_gm": 0.4322774768636327,
  "tpm_overlap_wm": 0.49780245064032885,
  "wm2max": 0.8551605808608544
}