{
  "bids_meta": {
    "AcquisitionMatrixPE": 192,
    "AcquisitionNumber": 1,
    "AcquisitionTime": "13:59:59.550000",
    "BaseResolution": 192,
    "BodyPartExamined": "BRAIN",
    "CoilString": "HE1-4;NE1_2",
    "ConsistencyInfo": "N4_VE11C_LATEST_20160120",
    "ConversionSoftware": "dcm2niix",
    "ConversionSoftwareVersion": "v1.0.20190410  GCC6.3.0",
    "DeviceSerialNumber": "166048",
    "DwellTime": 3.5e-06,
    "EchoTime": 0.567,
    "EchoTrainLength": 314,
    "FlipAngle": 120,
    "ImageOrientationPatientDICOM": [
      0,
      1,
      0,
      0,
      0,
      -1
    ],
    "ImageType": [
      "ORIGINAL",
      "PRIMARY",
      "M",
      "ND",
      "NORM"
    ],
    "ImagingFrequency": 123.246,
    "InPlanePhaseEncodingDirectionDICOM": "ROW",
    "InstitutionAddress": "North_13th_1701_Philadelphia_PA_US_19122",
    "InstitutionName": "Temple_University_-_Weiss_Hall",
    "InstitutionalDepartmentName": "Department",
    "MRAcquisitionType": "3D",
    "MagneticFieldStrength": 3,
    "Manufacturer": "Siemens",
    "ManufacturersModelName": "Prisma",
    "Modality": "MR",
    "PartialFourier": 1,
    "PatientPosition": "HFS",
    "PercentPhaseFOV": 100,
    "PhaseEncodingSteps": 209,
    "PhaseOversampling": 0.1,
    "PhaseResolution": 1,
    "PixelBandwidth": 745,
    "ProcedureStepDescription": "SMITH_SRNDNA",
    "ProtocolName": "T2w-anat_spc_07sag_iso",
    "PulseSequenceDetails": "%SiemensSeq%_tse_vfl",
    "ReceiveCoilActiveElements": "HE1-4;NE1,2",
    "ReceiveCoilName": "HeadNeck_20",
    "ReconMatrixPE": 192,
    "RefLinesPE": 32,
    "RepetitionTime": 3.2,
    "SAR": 0.150059,
    "ScanOptions": "PFP",
    "ScanningSequence": "SE",
    "SequenceName": "_spc_314ns",
    "SequenceVariant": "SK_SP_OSP",
    "SeriesDescription": "T2w-anat_spc_07sag_iso",
    "SeriesNumber": 3,
    "ShimSetting": [
      1412,
      -7456,
      6484,
      152,
      109,
      -63,
      11,
      52
    ],
    "SliceThickness": 1,
    "SoftwareVersions": "syngo_MR_E11",
    "StationName": "AWP166048",
    "TxRefAmp": 276.954,
    "dataset": "<unset>",
    "modality": "T2w",
    "subject_id": "132"
  },
  "cjv": 0.4297629995181757,
  "cnr": 3.130765547305253,
  "efc": 0.6269569536042945,
  "fber": 219.62705949192437,
  "fwhm_avg": 2.551213333333333,
  "fwhm_x": 2.31214,
  "fwhm_y": 2.80937,
  "fwhm_z": 2.53213,
  "icvs_csf": 0.27867155899099316,
  "icvs_gm": 0.6346083672091379,
  "icvs_wm": 0.08672007379986893,
  "inu_med": 0.8644653558731079,
  "inu_range": 0.20591129958629606,
  "provenance": {
    "md5sum": "c73aeee2523570e1eccba943f27a328d",
    "settings": {
      "testing": false
    },
    "software": "mriqc",
    "version": "22.0.6",
    "warnings": {
      "large_rot_frame": true,
      "small_air_mask": false
    },
    "webapi_port": null,
    "webapi_url": "https://mriqc.nimh.nih.gov/api/v1"
  },
  "qi_1": 0.0,
  "qi_2": 0.0004973486181033551,
  "rpve_csf": 11.167304385692466,
  "rpve_gm": 6.280972035695113,
  "rpve_wm": 39.88539367806335,
  "size_x": 192,
  "size_y": 192,
  "size_z": 192,
  "snr_csf": 5.040183974322547,
  "snr_gm": 7.373297735487101,
  "snr_total": 4.700006187462863,
  "snr_wm": 1.6865368525789406,
  "snrd_csf": 30.05492125095006,
  "snrd_gm": 12.671901054294038,
  "snrd_total": 15.465897537312609,
  "snrd_wm": 3.6708703066937267,
  "spacing_x": 1.0,
  "spacing_y": 1.0,
  "spacing_z": 1.0,
  "summary_bg_k": 4.467458787388906,
  "summary_bg_mad": 178.64651889624872,
  "summary_bg_mean": 181.8053605991733,
  "summary_bg_median": 120.49524590373039,
  "summary_bg_n": 1360045.0,
  "summary_bg_p05": 0.0,
  "summary_bg_p95": 568.64912378788,
  "summary_bg_stdv": 206.81148816857083,
  "summary_csf_k": -0.8177435343827479,
  "summary_csf_mad": 2149.8223746441236,
  "summary_csf_mean": 8296.006551926352,
  "summary_csf_median": 8195.556005105376,
  "summary_csf_n": 57358.0,
  "summary_csf_p05": 5987.397714346647,
  "summary_csf_p95": 10626.354135543108,
  "summary_csf_stdv": 1626.0288522027888,
  "summary_gm_k": -0.02713624489293176,
  "summary_gm_mad": 472.02016001944617,
  "summary_gm_mean": 3464.299670349505,
  "summary_gm_median": 3455.4499050080776,
  "summary_gm_n": 235732.0,
  "summary_gm_p05": 2710.1481179594994,
  "summary_gm_p95": 4248.065421640873,
  "summary_gm_stdv": 468.64275657527145,
  "summary_wm_k": 1.8034548492092304,
  "summary_wm_mad": 582.8137809128996,
  "summary_wm_mean": 1092.8764970169984,
  "summary_wm_median": 1000.9949097782373,
  "summary_wm_n": 8642.0,
  "summary_wm_p05": 282.3568413645029,
  "summary_wm_p95": 2162.060568243265,
  "summary_wm_stdv": 593.4865828945092,
  "tpm_overlap_csf": 0.15219713242601499,
  "tpm_overlap_gm": 0.4064677363940678,
  "tpm_overlap_wm": 0.048431890630504494,
  "wm2max": 0.09149606935715296
}