{
  "aor": 0.004280251256281406,
  "aqi": 0.03049855497487437,
  "bids_meta": {
    "AcquisitionMatrixPE": 74,
    "AcquisitionNumber": 1,
    "AcquisitionTime": "17:25:36.265000",
    "BandwidthPerPixelPhaseEncode": 27.579,
    "BaseResolution": 74,
    "BodyPartExamined": "BRAIN",
    "CogAtlasID": "http://www.cognitiveatlas.org/task/id/TODO",
    "CoilString": "HE1-4;NE1_2",
    "ConsistencyInfo": "N4_VE11C_LATEST_20160120",
    "ConversionSoftware": "dcm2niix",
    "ConversionSoftwareVersion": "v1.0.20190410  GCC6.3.0",
    "DerivedVendorReportedEchoSpacing": 0.000489993,
    "DeviceSerialNumber": "166048",
    "DwellTime": 2.9e-06,
    "EchoTime": 0.023,
    "EchoTrainLength": 74,
    "EffectiveEchoSpacing": 0.000489993,
    "FlipAngle": 76,
    "ImageOrientationPatientDICOM": [
      1,
      0,
      0,
      0,
      0.958323,
      -0.285688
    ],
    "ImageType": [
      "ORIGINAL",
      "PRIMARY",
      "M",
      "ND",
      "NORM",
      "MOSAIC"
    ],
    "ImagingFrequency": 123.246,
    "InPlanePhaseEncodingDirectionDICOM": "COL",
    "InstitutionAddress": "North_13th_1701_Philadelphia_PA_US_19122",
    "InstitutionName": "Temple_University_-_Weiss_Hall",
    "InstitutionalDepartmentName": "Department",
    "MRAcquisitionType": "2D",
    "MagneticFieldStrength": 3,
    "Manufacturer": "Siemens",
    "ManufacturersModelName": "Prisma",
    "Modality": "MR",
    "PartialFourier": 1,
    "PatientPosition": "HFS",
    "PercentPhaseFOV": 100,
    "PhaseEncodingDirection": "j-",
    "PhaseEncodingSteps": 74,
    "PhaseResolution": 1,
    "PixelBandwidth": 2330,
    "ProcedureStepDescription": "SMITH_SRNDNA",
    "ProtocolName": "func-bold_task-UG_run0",
    "PulseSequenceDetails": "%SiemensSeq%_ep2d_bold",
    "ReceiveCoilActiveElements": "HE1-4;NE1,2",
    "ReceiveCoilName": "HeadNeck_20",
    "ReconMatrixPE": 74,
    "RepetitionTime": 2.02,
    "SAR": 0.108879,
    "ScanOptions": "FS",
    "ScanningSequence": "EP",
    "SequenceName": "_epfid2d1_74",
    "SequenceVariant": "SK",
    "SeriesDescription": "func-bold_task-UG_run0",
    "SeriesNumber": 16,
    "ShimSetting": [
      1424,
      -7436,
      6493,
      279,
      69,
      43,
      -163,
      34
    ],
    "SliceThickness": 2.8,
    "SliceTiming": [
      1.945,
      1.8875,
      1.8325,
      1.7775,
      1.7225,
      1.6675,
      1.61,
      1.555,
      1.5,
      1.445,
      1.3875,
      1.3325,
      1.2775,
      1.2225,
      1.1675,
      1.11,
      1.055,
      1,
      0.945,
      0.8875,
      0.8325,
      0.7775,
      0.7225,
      0.6675,
      0.61,
      0.555,
      0.5,
      0.445,
      0.39,
      0.3325,
      0.2775,
      0.2225,
      0.1675,
      0.11,
      0.055,
      0
    ],
    "SoftwareVersions": "syngo_MR_E11",
    "SpacingBetweenSlices": 3.22,
    "StationName": "AWP166048",
    "TaskName": "ultimatum",
    "TotalReadoutTime": 0.0357695,
    "TxRefAmp": 295.87,
    "dataset": "<unset>",
    "modality": "bold",
    "run_id": 1,
    "subject_id": "131",
    "task_id": "ultimatum"
  },
  "dummy_trs": 1,
  "dvars_nstd": 45.65594018126265,
  "dvars_std": 1.15026637489899,
  "dvars_vstd": 1.0017439314141412,
  "efc": 0.5571181978686869,
  "fber": 1384.0240478515625,
  "fd_mean": 0.8558777154671531,
  "fd_num": 189,
  "fd_perc": 94.9748743718593,
  "fwhm_avg": 1.6952654884669538,
  "fwhm_x": 1.614118328703389,
  "fwhm_y": 1.8498520641511418,
  "fwhm_z": 1.6218260725463303,
  "gcor": 0.0128739,
  "gsr_x": -0.0050377496518194675,
  "gsr_y": 0.06422077864408493,
  "provenance": {
    "md5sum": "eba292bc5423ef2cfa41d84968035c2a",
    "settings": {
      "fd_thres": 0.2,
      "testing": false
    },
    "software": "mriqc",
    "version": "22.0.6",
    "webapi_port": null,
    "webapi_url": "https://mriqc.nimh.nih.gov/api/v1"
  },
  "size_t": 199,
  "size_x": 74,
  "size_y": 74,
  "size_z": 36,
  "snr": 6.29873292202233,
  "spacing_tr": 2.0199999809265137,
  "spacing_x": 2.972972869873047,
  "spacing_y": 2.972972869873047,
  "spacing_z": 3.2200000286102295,
  "summary_bg_k": 19.452231073038973,
  "summary_bg_mad": 10.132357523860438,
  "summary_bg_mean": 59.65964889526367,
  "summary_bg_median": 20.71356773376465,
  "summary_bg_n": 119873.0,
  "summary_bg_p05": 12.231155395507812,
  "summary_bg_p95": 243.8814025878906,
  "summary_bg_stdv": 93.38005828857422,
  "summary_fg_k": 1.8918574240147104,
  "summary_fg_mad": 118.74228493209765,
  "summary_fg_mean": 793.46875,
  "summary_fg_median": 778.3517456054688,
  "summary_fg_n": 38856.0,
  "summary_fg_p05": 631.9020233154297,
  "summary_fg_p95": 1003.2487335205078,
  "summary_fg_stdv": 123.57115936279297,
  "tsnr": 34.76284944964573
}