{
  "bids_meta": {
    "AcquisitionMatrixPE": 192,
    "AcquisitionNumber": 1,
    "AcquisitionTime": "15:11:55.057500",
    "BaseResolution": 192,
    "BodyPartExamined": "BRAIN",
    "CoilString": "HE1-4;NE1_2",
    "ConsistencyInfo": "N4_VE11C_LATEST_20160120",
    "ConversionSoftware": "dcm2niix",
    "ConversionSoftwareVersion": "v1.0.20190410  GCC6.3.0",
    "DeviceSerialNumber": "166048",
    "DwellTime": 1.24e-05,
    "EchoTime": 0.0022,
    "FlipAngle": 8,
    "ImageOrientationPatientDICOM": [
      0,
      1,
      0,
      0,
      0,
      -1
    ],
    "ImageType": [
      "ORIGINAL",
      "PRIMARY",
      "M",
      "ND",
      "NORM",
      "FM3",
      "2",
      "FIL"
    ],
    "ImagingFrequency": 123.246,
    "InPlanePhaseEncodingDirectionDICOM": "ROW",
    "InstitutionAddress": "North_13th_1701_Philadelphia_PA_US_19122",
    "InstitutionName": "Temple_University_-_Weiss_Hall",
    "InstitutionalDepartmentName": "Department",
    "InversionTime": 1.15,
    "MRAcquisitionType": "3D",
    "MagneticFieldStrength": 3,
    "Manufacturer": "Siemens",
    "ManufacturersModelName": "Prisma",
    "Modality": "MR",
    "PartialFourier": 1,
    "PatientPosition": "HFS",
    "PercentPhaseFOV": 100,
    "PhaseEncodingSteps": 211,
    "PhaseOversampling": 0.1,
    "PhaseResolution": 1,
    "PixelBandwidth": 210,
    "ProcedureStepDescription": "SMITH_SRNDNA",
    "ProtocolName": "T1w-anat_mpg_07sag_iso",
    "PulseSequenceDetails": "%SiemensSeq%_tfl",
    "ReceiveCoilActiveElements": "HE1-4;NE1,2",
    "ReceiveCoilName": "HeadNeck_20",
    "ReconMatrixPE": 192,
    "RefLinesPE": 32,
    "RepetitionTime": 2.4,
    "SAR": 0.0505824,
    "ScanOptions": "IR_WE",
    "ScanningSequence": "GR_IR",
    "SequenceName": "_tfl3d1_16ns",
    "SequenceVariant": "SK_SP_MP_OSP",
    "SeriesDescription": "T1w-anat_mpg_07sag_iso",
    "SeriesNumber": 5,
    "ShimSetting": [
      1415,
      -7470,
      6504,
      145,
      75,
      -114,
      49,
      60
    ],
    "SliceThickness": 1,
    "SoftwareVersions": "syngo_MR_E11",
    "StationName": "AWP166048",
    "TxRefAmp": 295.882,
    "dataset": "<unset>",
    "modality": "T1w",
    "subject_id": "153"
  },
  "cjv": 0.3324209671133633,
  "cnr": 3.9918481691040983,
  "efc": 0.6587367903055779,
  "fber": 32654.187874420073,
  "fwhm_avg": 4.308086666666667,
  "fwhm_x": 4.26829,
  "fwhm_y": 4.38182,
  "fwhm_z": 4.27415,
  "icvs_csf": 0.2040931197534023,
  "icvs_gm": 0.42028750696199413,
  "icvs_wm": 0.3756193732846036,
  "inu_med": 0.3925325274467468,
  "inu_range": 0.16660325527191155,
  "provenance": {
    "md5sum": "66d76ced0a94b52cf3c65eff69aedc91",
    "settings": {
      "testing": false
    },
    "software": "mriqc",
    "version": "22.0.6",
    "warnings": {
      "large_rot_frame": true,
      "small_air_mask": false
    },
    "webapi_port": null,
    "webapi_url": "https://mriqc.nimh.nih.gov/api/v1"
  },
  "qi_1": 0.0,
  "qi_2": 0.009719548889432154,
  "rpve_csf": 12.874656089339323,
  "rpve_gm": 6.427347564474458,
  "rpve_wm": 8.610182831672086,
  "size_x": 192,
  "size_y": 192,
  "size_z": 192,
  "snr_csf": 2.052167168653713,
  "snr_gm": 11.583936153252614,
  "snr_total": 14.96676837215876,
  "snr_wm": 31.264201794569953,
  "snrd_csf": 34.79742180038827,
  "snrd_gm": 115.12862093525649,
  "snrd_total": 103.24818876565173,
  "snrd_wm": 159.81852356131049,
  "spacing_x": 1.0,
  "spacing_y": 1.0,
  "spacing_z": 1.0,
  "summary_bg_k": 7.650132508618373,
  "summary_bg_mad": 0.0,
  "summary_bg_mean": 2.407564934707678,
  "summary_bg_median": 0.0,
  "summary_bg_n": 1393551.0,
  "summary_bg_p05": 0.0,
  "summary_bg_p95": 10.29463928937912,
  "summary_bg_stdv": 4.099433724682741,
  "summary_csf_k": 0.48593406756690305,
  "summary_csf_mad": 104.07688227479653,
  "summary_csf_mean": 231.92098501228867,
  "summary_csf_median": 217.74049565941095,
  "summary_csf_n": 45106.0,
  "summary_csf_p05": 83.52746393252164,
  "summary_csf_p95": 428.04289256501943,
  "summary_csf_stdv": 106.10153272042167,
  "summary_gm_k": 0.07040717438342181,
  "summary_gm_mad": 62.334289478741916,
  "summary_gm_mean": 719.421846941764,
  "summary_gm_median": 720.4028830304742,
  "summary_gm_n": 40822.0,
  "summary_gm_p05": 616.3249672837555,
  "summary_gm_p95": 819.7772135846317,
  "summary_gm_stdv": 62.18905644307589,
  "summary_wm_k": 0.6538235697177792,
  "summary_wm_mad": 30.624392350769774,
  "summary_wm_mean": 999.9757503818718,
  "summary_wm_median": 1000.0443347617984,
  "summary_wm_n": 259461.0,
  "summary_wm_p05": 947.9055366367102,
  "summary_wm_p95": 1051.1181702017784,
  "summary_wm_stdv": 31.98682039521328,
  "tpm_overlap_csf": 0.15142446152684455,
  "tpm_overlap_gm": 0.4500098222973368,
  "tpm_overlap_wm": 0.5107218706587873,
  "wm2max": 0.8943431417290025
}