{
  "bids_meta": {
    "AcquisitionMatrixPE": 192,
    "AcquisitionNumber": 1,
    "AcquisitionTime": "15:07:52.492500",
    "BaseResolution": 192,
    "BodyPartExamined": "BRAIN",
    "CoilString": "HE1-4;NE1_2",
    "ConsistencyInfo": "N4_VE11C_LATEST_20160120",
    "ConversionSoftware": "dcm2niix",
    "ConversionSoftwareVersion": "v1.0.20190410  GCC6.3.0",
    "DeviceSerialNumber": "166048",
    "DwellTime": 3.5e-06,
    "EchoTime": 0.567,
    "EchoTrainLength": 314,
    "FlipAngle": 120,
    "ImageOrientationPatientDICOM": [
      0,
      1,
      0,
      0,
      0,
      -1
    ],
    "ImageType": [
      "ORIGINAL",
      "PRIMARY",
      "M",
      "ND",
      "NORM"
    ],
    "ImagingFrequency": 123.246,
    "InPlanePhaseEncodingDirectionDICOM": "ROW",
    "InstitutionAddress": "North_13th_1701_Philadelphia_PA_US_19122",
    "InstitutionName": "Temple_University_-_Weiss_Hall",
    "InstitutionalDepartmentName": "Department",
    "MRAcquisitionType": "3D",
    "MagneticFieldStrength": 3,
    "Manufacturer": "Siemens",
    "ManufacturersModelName": "Prisma",
    "Modality": "MR",
    "PartialFourier": 1,
    "PatientPosition": "HFS",
    "PercentPhaseFOV": 100,
    "PhaseEncodingSteps": 209,
    "PhaseOversampling": 0.1,
    "PhaseResolution": 1,
    "PixelBandwidth": 745,
    "ProcedureStepDescription": "SMITH_SRNDNA",
    "ProtocolName": "T2w-anat_spc_07sag_iso",
    "PulseSequenceDetails": "%SiemensSeq%_tse_vfl",
    "ReceiveCoilActiveElements": "HE1-4;NE1,2",
    "ReceiveCoilName": "HeadNeck_20",
    "ReconMatrixPE": 192,
    "RefLinesPE": 32,
    "RepetitionTime": 3.2,
    "SAR": 0.185803,
    "ScanOptions": "PFP",
    "ScanningSequence": "SE",
    "SequenceName": "_spc_314ns",
    "SequenceVariant": "SK_SP_OSP",
    "SeriesDescription": "T2w-anat_spc_07sag_iso",
    "SeriesNumber": 3,
    "ShimSetting": [
      1415,
      -7470,
      6504,
      145,
      75,
      -114,
      49,
      60
    ],
    "SliceThickness": 1,
    "SoftwareVersions": "syngo_MR_E11",
    "StationName": "AWP166048",
    "TxRefAmp": 295.882,
    "dataset": "<unset>",
    "modality": "T2w",
    "subject_id": "153"
  },
  "cjv": 0.2383334775163031,
  "cnr": 1.7523953577701794,
  "efc": 0.6271290571493797,
  "fber": 6730.487439752305,
  "fwhm_avg": 2.54737,
  "fwhm_x": 2.468,
  "fwhm_y": 2.8061,
  "fwhm_z": 2.36801,
  "icvs_csf": 0.2911919153718836,
  "icvs_gm": 0.5942245751261345,
  "icvs_wm": 0.11458350950198194,
  "inu_med": 0.9251433908939362,
  "inu_range": 0.31281666457653046,
  "provenance": {
    "md5sum": "45146cfe81b6541426c7ad4d287b0a4e",
    "settings": {
      "testing": false
    },
    "software": "mriqc",
    "version": "22.0.6",
    "warnings": {
      "large_rot_frame": true,
      "small_air_mask": false
    },
    "webapi_port": null,
    "webapi_url": "https://mriqc.nimh.nih.gov/api/v1"
  },
  "qi_1": 0.0,
  "qi_2": 0.0026026478243842337,
  "rpve_csf": 8.192367490411778,
  "rpve_gm": 5.227275137626007,
  "rpve_wm": 27.889535916969777,
  "size_x": 192,
  "size_y": 192,
  "size_z": 192,
  "snr_csf": 6.729406059862512,
  "snr_gm": 8.038532941372521,
  "snr_total": 5.822034430551811,
  "snr_wm": 2.6981642904203986,
  "snrd_csf": 96.02472227158906,
  "snrd_gm": 52.13049596776296,
  "snrd_total": 99.58842574175988,
  "snrd_wm": 150.61005898592762,
  "spacing_x": 1.0,
  "spacing_y": 1.0,
  "spacing_z": 1.0,
  "summary_bg_k": 4.223495175114791,
  "summary_bg_mad": 0.0,
  "summary_bg_mean": 2.7789000465840146,
  "summary_bg_median": 0.0,
  "summary_bg_n": 1355166.0,
  "summary_bg_p05": 0.0,
  "summary_bg_p95": 12.038709372282028,
  "summary_bg_stdv": 4.34968345219294,
  "summary_csf_k": 1.6702084278285705,
  "summary_csf_mad": 80.6276958798213,
  "summary_csf_mean": 649.261288079145,
  "summary_csf_median": 637.5422667190433,
  "summary_csf_n": 32707.0,
  "summary_csf_p05": 521.3131580024958,
  "summary_csf_p95": 820.3246020365505,
  "summary_csf_stdv": 94.73830449625524,
  "summary_gm_k": 0.09495725821126655,
  "summary_gm_mad": 43.11127544702237,
  "summary_gm_mean": 347.51402834267293,
  "summary_gm_median": 346.1128944531083,
  "summary_gm_n": 339866.0,
  "summary_gm_p05": 279.4138142578304,
  "summary_gm_p95": 420.1972598209977,
  "summary_gm_stdv": 43.05666068507845,
  "summary_wm_k": 0.22477385991124077,
  "summary_wm_mad": 112.72088261785149,
  "summary_wm_mean": 834.9292113042522,
  "summary_wm_median": 999.9537215530872,
  "summary_wm_n": 17206.0,
  "summary_wm_p05": 37.62096678838134,
  "summary_wm_p95": 1153.302570023574,
  "summary_wm_stdv": 370.5944320720141,
  "tpm_overlap_csf": 0.11782972380106776,
  "tpm_overlap_gm": 0.3564797986405924,
  "tpm_overlap_wm": 0.03363037157632287,
  "wm2max": 0.8497659553090253
}