{
  "aor": 0.00713165,
  "aqi": 0.019124952799999997,
  "bids_meta": {
    "AcquisitionMatrixPE": 74,
    "AcquisitionNumber": 1,
    "AcquisitionTime": "18:41:50.757500",
    "BandwidthPerPixelPhaseEncode": 27.579,
    "BaseResolution": 74,
    "BodyPartExamined": "BRAIN",
    "CogAtlasID": "http://www.cognitiveatlas.org/task/id/TODO",
    "CoilString": "HE1-4;NE1_2",
    "ConsistencyInfo": "N4_VE11C_LATEST_20160120",
    "ConversionSoftware": "dcm2niix",
    "ConversionSoftwareVersion": "v1.0.20190410  GCC6.3.0",
    "DerivedVendorReportedEchoSpacing": 0.000489993,
    "DeviceSerialNumber": "166048",
    "DwellTime": 2.9e-06,
    "EchoTime": 0.023,
    "EchoTrainLength": 74,
    "EffectiveEchoSpacing": 0.000489993,
    "FlipAngle": 76,
    "ImageOrientationPatientDICOM": [
      1,
      0,
      0,
      0,
      0.966376,
      -0.257133
    ],
    "ImageType": [
      "ORIGINAL",
      "PRIMARY",
      "M",
      "ND",
      "NORM",
      "MOSAIC"
    ],
    "ImagingFrequency": 123.246,
    "InPlanePhaseEncodingDirectionDICOM": "COL",
    "InstitutionAddress": "North_13th_1701_Philadelphia_PA_US_19122",
    "InstitutionName": "Temple_University_-_Weiss_Hall",
    "InstitutionalDepartmentName": "Department",
    "MRAcquisitionType": "2D",
    "MagneticFieldStrength": 3,
    "Manufacturer": "Siemens",
    "ManufacturersModelName": "Prisma",
    "Modality": "MR",
    "PartialFourier": 1,
    "PatientPosition": "HFS",
    "PercentPhaseFOV": 100,
    "PhaseEncodingDirection": "j-",
    "PhaseEncodingSteps": 74,
    "PhaseResolution": 1,
    "PixelBandwidth": 2330,
    "ProcedureStepDescription": "SMITH_SRNDNA",
    "ProtocolName": "func-bold_task-reward_run1",
    "PulseSequenceDetails": "%SiemensSeq%_ep2d_bold",
    "ReceiveCoilActiveElements": "HE1-4;NE1,2",
    "ReceiveCoilName": "HeadNeck_20",
    "ReconMatrixPE": 74,
    "RepetitionTime": 2.02,
    "SAR": 0.148344,
    "ScanOptions": "FS",
    "ScanningSequence": "EP",
    "SequenceName": "_epfid2d1_74",
    "SequenceVariant": "SK",
    "SeriesDescription": "func-bold_task-reward_run1",
    "SeriesNumber": 12,
    "ShimSetting": [
      1417,
      -7468,
      6593,
      256,
      6,
      7,
      -153,
      117
    ],
    "SliceThickness": 2.8,
    "SliceTiming": [
      1.945,
      1.89,
      1.835,
      1.78,
      1.7225,
      1.6675,
      1.6125,
      1.5575,
      1.5,
      1.445,
      1.39,
      1.335,
      1.28,
      1.2225,
      1.1675,
      1.1125,
      1.0575,
      1,
      0.945,
      0.89,
      0.835,
      0.78,
      0.7225,
      0.6675,
      0.6125,
      0.5575,
      0.5,
      0.445,
      0.39,
      0.335,
      0.28,
      0.2225,
      0.1675,
      0.1125,
      0.0575,
      0
    ],
    "SoftwareVersions": "syngo_MR_E11",
    "SpacingBetweenSlices": 3.22,
    "StationName": "AWP166048",
    "TaskName": "sharedreward",
    "TotalReadoutTime": 0.0357695,
    "TxRefAmp": 334.047,
    "dataset": "<unset>",
    "modality": "bold",
    "run_id": 2,
    "subject_id": "152",
    "task_id": "sharedreward"
  },
  "dummy_trs": 2,
  "dvars_nstd": 58.8232994081407,
  "dvars_std": 1.3882795595477386,
  "dvars_vstd": 1.0474583068341716,
  "efc": 0.5620343476821679,
  "fber": 1361.39306640625,
  "fd_mean": 0.6124943971564232,
  "fd_num": 178,
  "fd_perc": 89.0,
  "fwhm_avg": 1.7594183278118072,
  "fwhm_x": 1.6925717859695362,
  "fwhm_y": 1.8422670638881011,
  "fwhm_z": 1.743416133577784,
  "gcor": 0.0194029,
  "gsr_x": -0.01594630256295204,
  "gsr_y": 0.04175860807299614,
  "provenance": {
    "md5sum": "b5b4f507a61678c0e9a66a97e8de9d37",
    "settings": {
      "fd_thres": 0.2,
      "testing": false
    },
    "software": "mriqc",
    "version": "22.0.6",
    "webapi_port": null,
    "webapi_url": "https://mriqc.nimh.nih.gov/api/v1"
  },
  "size_t": 200,
  "size_x": 74,
  "size_y": 74,
  "size_z": 36,
  "snr": 5.921811897309327,
  "spacing_tr": 2.0199999809265137,
  "spacing_x": 2.972972869873047,
  "spacing_y": 2.972972869873047,
  "spacing_z": 3.2200000286102295,
  "summary_bg_k": 17.225024580590777,
  "summary_bg_mad": 9.837066059125387,
  "summary_bg_mean": 50.47613525390625,
  "summary_bg_median": 18.045000076293945,
  "summary_bg_n": 117285.0,
  "summary_bg_p05": 10.010000228881836,
  "summary_bg_p95": 207.71999816894444,
  "summary_bg_stdv": 82.78227996826172,
  "summary_fg_k": 0.7421318519790798,
  "summary_fg_mad": 118.04478139814738,
  "summary_fg_mean": 692.41455078125,
  "summary_fg_median": 677.7274780273438,
  "summary_fg_n": 41088.0,
  "summary_fg_p05": 537.693734741211,
  "summary_fg_p95": 892.6624969482423,
  "summary_fg_stdv": 114.44457244873047,
  "tsnr": 40.705926847294904
}