{
  "aor": 0.00397915,
  "aqi": 0.0210650998,
  "bids_meta": {
    "AcquisitionMatrixPE": 74,
    "AcquisitionNumber": 1,
    "AcquisitionTime": "18:52:9.952500",
    "BandwidthPerPixelPhaseEncode": 27.579,
    "BaseResolution": 74,
    "BodyPartExamined": "BRAIN",
    "CogAtlasID": "http://www.cognitiveatlas.org/task/id/TODO",
    "CoilString": "HE1-4;NE1_2",
    "ConsistencyInfo": "N4_VE11C_LATEST_20160120",
    "ConversionSoftware": "dcm2niix",
    "ConversionSoftwareVersion": "v1.0.20190410  GCC6.3.0",
    "DerivedVendorReportedEchoSpacing": 0.000489993,
    "DeviceSerialNumber": "166048",
    "DwellTime": 2.9e-06,
    "EchoTime": 0.023,
    "EchoTrainLength": 74,
    "EffectiveEchoSpacing": 0.000489993,
    "FlipAngle": 76,
    "ImageOrientationPatientDICOM": [
      1,
      0,
      0,
      0,
      0.966376,
      -0.257133
    ],
    "ImageType": [
      "ORIGINAL",
      "PRIMARY",
      "M",
      "ND",
      "NORM",
      "MOSAIC"
    ],
    "ImagingFrequency": 123.246,
    "InPlanePhaseEncodingDirectionDICOM": "COL",
    "InstitutionAddress": "North_13th_1701_Philadelphia_PA_US_19122",
    "InstitutionName": "Temple_University_-_Weiss_Hall",
    "InstitutionalDepartmentName": "Department",
    "MRAcquisitionType": "2D",
    "MagneticFieldStrength": 3,
    "Manufacturer": "Siemens",
    "ManufacturersModelName": "Prisma",
    "Modality": "MR",
    "PartialFourier": 1,
    "PatientPosition": "HFS",
    "PercentPhaseFOV": 100,
    "PhaseEncodingDirection": "j-",
    "PhaseEncodingSteps": 74,
    "PhaseResolution": 1,
    "PixelBandwidth": 2330,
    "ProcedureStepDescription": "SMITH_SRNDNA",
    "ProtocolName": "func-bold_task-UG_run0",
    "PulseSequenceDetails": "%SiemensSeq%_ep2d_bold",
    "ReceiveCoilActiveElements": "HE1-4;NE1,2",
    "ReceiveCoilName": "HeadNeck_20",
    "ReconMatrixPE": 74,
    "RepetitionTime": 2.02,
    "SAR": 0.148338,
    "ScanOptions": "FS",
    "ScanningSequence": "EP",
    "SequenceName": "_epfid2d1_74",
    "SequenceVariant": "SK",
    "SeriesDescription": "func-bold_task-UG_run0",
    "SeriesNumber": 13,
    "ShimSetting": [
      1417,
      -7468,
      6593,
      256,
      6,
      7,
      -153,
      117
    ],
    "SliceThickness": 2.8,
    "SliceTiming": [
      1.945,
      1.8875,
      1.8325,
      1.7775,
      1.7225,
      1.6675,
      1.61,
      1.555,
      1.5,
      1.445,
      1.3875,
      1.3325,
      1.2775,
      1.2225,
      1.1675,
      1.11,
      1.055,
      1,
      0.945,
      0.8875,
      0.8325,
      0.7775,
      0.7225,
      0.6675,
      0.61,
      0.555,
      0.5,
      0.445,
      0.39,
      0.3325,
      0.2775,
      0.2225,
      0.1675,
      0.11,
      0.055,
      0
    ],
    "SoftwareVersions": "syngo_MR_E11",
    "SpacingBetweenSlices": 3.22,
    "StationName": "AWP166048",
    "TaskName": "ultimatum",
    "TotalReadoutTime": 0.0357695,
    "TxRefAmp": 334.047,
    "dataset": "<unset>",
    "modality": "bold",
    "run_id": 1,
    "subject_id": "152",
    "task_id": "ultimatum"
  },
  "dummy_trs": 0,
  "dvars_nstd": 51.571146518944744,
  "dvars_std": 1.3237092723115578,
  "dvars_vstd": 0.9837909353768851,
  "efc": 0.5612698708485745,
  "fber": 1397.7587890625,
  "fd_mean": 0.5464513352762934,
  "fd_num": 180,
  "fd_perc": 90.0,
  "fwhm_avg": 1.751907344584873,
  "fwhm_x": 1.6958311497189313,
  "fwhm_y": 1.8359064273038839,
  "fwhm_z": 1.7239844567318041,
  "gcor": 0.0272874,
  "gsr_x": -0.015866417437791824,
  "gsr_y": 0.04090344160795212,
  "provenance": {
    "md5sum": "82bf4057d6397370d2fe4b3bb5b19b2a",
    "settings": {
      "fd_thres": 0.2,
      "testing": false
    },
    "software": "mriqc",
    "version": "22.0.6",
    "webapi_port": null,
    "webapi_url": "https://mriqc.nimh.nih.gov/api/v1"
  },
  "size_t": 200,
  "size_x": 74,
  "size_y": 74,
  "size_z": 36,
  "snr": 5.920106136876248,
  "spacing_tr": 2.0199999809265137,
  "spacing_x": 2.972972869873047,
  "spacing_y": 2.972972869873047,
  "spacing_z": 3.2200000286102295,
  "summary_bg_k": 17.943199212390137,
  "summary_bg_mad": 9.800000155310952,
  "summary_bg_mean": 50.351558685302734,
  "summary_bg_median": 17.934999465942383,
  "summary_bg_n": 117308.0,
  "summary_bg_p05": 9.899999618530273,
  "summary_bg_p95": 204.897742462158,
  "summary_bg_stdv": 82.61491394042969,
  "summary_fg_k": 0.8766619998811032,
  "summary_fg_mad": 117.81502510952521,
  "summary_fg_mean": 693.06591796875,
  "summary_fg_median": 678.9849853515625,
  "summary_fg_n": 41056.0,
  "summary_fg_p05": 538.3949584960938,
  "summary_fg_p95": 892.5499877929688,
  "summary_fg_stdv": 114.68995666503906,
  "tsnr": 39.68734831933398
}