{
  "aor": 0.006044490740740742,
  "aqi": 0.017992767916666666,
  "bids_meta": {
    "AcquisitionMatrixPE": 74,
    "AcquisitionNumber": 1,
    "AcquisitionTime": "18:23:26.587500",
    "BandwidthPerPixelPhaseEncode": 27.579,
    "BaseResolution": 74,
    "BodyPartExamined": "BRAIN",
    "CogAtlasID": "http://www.cognitiveatlas.org/task/id/TODO",
    "CoilString": "HE1-4;NE1_2",
    "ConsistencyInfo": "N4_VE11C_LATEST_20160120",
    "ConversionSoftware": "dcm2niix",
    "ConversionSoftwareVersion": "v1.0.20190410  GCC6.3.0",
    "DerivedVendorReportedEchoSpacing": 0.000489993,
    "DeviceSerialNumber": "166048",
    "DwellTime": 2.9e-06,
    "EchoTime": 0.023,
    "EchoTrainLength": 74,
    "EffectiveEchoSpacing": 0.000489993,
    "FlipAngle": 76,
    "ImageOrientationPatientDICOM": [
      1,
      0,
      0,
      0,
      0.966376,
      -0.257133
    ],
    "ImageType": [
      "ORIGINAL",
      "PRIMARY",
      "M",
      "ND",
      "NORM",
      "MOSAIC"
    ],
    "ImagingFrequency": 123.246,
    "InPlanePhaseEncodingDirectionDICOM": "COL",
    "InstitutionAddress": "North_13th_1701_Philadelphia_PA_US_19122",
    "InstitutionName": "Temple_University_-_Weiss_Hall",
    "InstitutionalDepartmentName": "Department",
    "MRAcquisitionType": "2D",
    "MagneticFieldStrength": 3,
    "Manufacturer": "Siemens",
    "ManufacturersModelName": "Prisma",
    "Modality": "MR",
    "PartialFourier": 1,
    "PatientPosition": "HFS",
    "PercentPhaseFOV": 100,
    "PhaseEncodingDirection": "j-",
    "PhaseEncodingSteps": 74,
    "PhaseResolution": 1,
    "PixelBandwidth": 2330,
    "ProcedureStepDescription": "SMITH_SRNDNA",
    "ProtocolName": "func-bold_trust_run1",
    "PulseSequenceDetails": "%SiemensSeq%_ep2d_bold",
    "ReceiveCoilActiveElements": "HE1-4;NE1,2",
    "ReceiveCoilName": "HeadNeck_20",
    "ReconMatrixPE": 74,
    "RepetitionTime": 2.02,
    "SAR": 0.148381,
    "ScanOptions": "FS",
    "ScanningSequence": "EP",
    "SequenceName": "_epfid2d1_74",
    "SequenceVariant": "SK",
    "SeriesDescription": "func-bold_trust_run1",
    "SeriesNumber": 10,
    "ShimSetting": [
      1417,
      -7468,
      6593,
      256,
      6,
      7,
      -153,
      117
    ],
    "SliceThickness": 2.8,
    "SliceTiming": [
      1.945,
      1.89,
      1.835,
      1.7775,
      1.7225,
      1.6675,
      1.6125,
      1.5575,
      1.5,
      1.445,
      1.39,
      1.335,
      1.2775,
      1.2225,
      1.1675,
      1.1125,
      1.0575,
      1,
      0.945,
      0.89,
      0.835,
      0.78,
      0.7225,
      0.6675,
      0.6125,
      0.5575,
      0.5,
      0.445,
      0.39,
      0.335,
      0.28,
      0.2225,
      0.1675,
      0.1125,
      0.0575,
      0
    ],
    "SoftwareVersions": "syngo_MR_E11",
    "SpacingBetweenSlices": 3.22,
    "StationName": "AWP166048",
    "TaskName": "trust",
    "TotalReadoutTime": 0.0357695,
    "TxRefAmp": 334.047,
    "dataset": "<unset>",
    "modality": "bold",
    "run_id": 2,
    "subject_id": "152",
    "task_id": "trust"
  },
  "dummy_trs": 1,
  "dvars_nstd": 54.52498419106975,
  "dvars_std": 1.3514534560000002,
  "dvars_vstd": 1.0244374123720932,
  "efc": 0.5590972682791927,
  "fber": 1427.87890625,
  "fd_mean": 0.6602334650179634,
  "fd_num": 199,
  "fd_perc": 92.12962962962963,
  "fwhm_avg": 1.7718979495517913,
  "fwhm_x": 1.7076341501282484,
  "fwhm_y": 1.8517491551260223,
  "fwhm_z": 1.756310543401103,
  "gcor": 0.0267694,
  "gsr_x": -0.012347952462732792,
  "gsr_y": 0.04267384484410286,
  "provenance": {
    "md5sum": "70095eb467fba3408c4dfd2b9aef0434",
    "settings": {
      "fd_thres": 0.2,
      "testing": false
    },
    "software": "mriqc",
    "version": "22.0.6",
    "webapi_port": null,
    "webapi_url": "https://mriqc.nimh.nih.gov/api/v1"
  },
  "size_t": 216,
  "size_x": 74,
  "size_y": 74,
  "size_z": 36,
  "snr": 5.909604198101698,
  "spacing_tr": 2.0199999809265137,
  "spacing_x": 2.972972869873047,
  "spacing_y": 2.972972869873047,
  "spacing_z": 3.2200000286102295,
  "summary_bg_k": 19.86493295619,
  "summary_bg_mad": 9.609460342301867,
  "summary_bg_mean": 47.752708435058594,
  "summary_bg_median": 17.70833396911621,
  "summary_bg_n": 116776.0,
  "summary_bg_p05": 9.587963104248047,
  "summary_bg_p95": 190.51504516601562,
  "summary_bg_stdv": 78.82273864746094,
  "summary_fg_k": 0.8799433198892572,
  "summary_fg_mad": 119.08859344590508,
  "summary_fg_mean": 697.6604614257812,
  "summary_fg_median": 683.3379516601562,
  "summary_fg_n": 41089.0,
  "summary_fg_p05": 542.013916015625,
  "summary_fg_p95": 897.7777954101563,
  "summary_fg_stdv": 115.63035583496094,
  "tsnr": 42.023657587124035
}