{
  "aor": 0.0032932499999999997,
  "aqi": 0.01256935745,
  "bids_meta": {
    "AcquisitionMatrixPE": 74,
    "AcquisitionNumber": 1,
    "AcquisitionTime": "18:59:27.230000",
    "BandwidthPerPixelPhaseEncode": 27.579,
    "BaseResolution": 74,
    "BodyPartExamined": "BRAIN",
    "CogAtlasID": "http://www.cognitiveatlas.org/task/id/TODO",
    "CoilString": "HE1-4;NE1_2",
    "ConsistencyInfo": "N4_VE11C_LATEST_20160120",
    "ConversionSoftware": "dcm2niix",
    "ConversionSoftwareVersion": "v1.0.20190410  GCC6.3.0",
    "DerivedVendorReportedEchoSpacing": 0.000489993,
    "DeviceSerialNumber": "166048",
    "DwellTime": 2.9e-06,
    "EchoTime": 0.023,
    "EchoTrainLength": 74,
    "EffectiveEchoSpacing": 0.000489993,
    "FlipAngle": 76,
    "ImageOrientationPatientDICOM": [
      1,
      0,
      0,
      0,
      0.966376,
      -0.257133
    ],
    "ImageType": [
      "ORIGINAL",
      "PRIMARY",
      "M",
      "ND",
      "NORM",
      "MOSAIC"
    ],
    "ImagingFrequency": 123.246,
    "InPlanePhaseEncodingDirectionDICOM": "COL",
    "InstitutionAddress": "North_13th_1701_Philadelphia_PA_US_19122",
    "InstitutionName": "Temple_University_-_Weiss_Hall",
    "InstitutionalDepartmentName": "Department",
    "MRAcquisitionType": "2D",
    "MagneticFieldStrength": 3,
    "Manufacturer": "Siemens",
    "ManufacturersModelName": "Prisma",
    "Modality": "MR",
    "PartialFourier": 1,
    "PatientPosition": "HFS",
    "PercentPhaseFOV": 100,
    "PhaseEncodingDirection": "j-",
    "PhaseEncodingSteps": 74,
    "PhaseResolution": 1,
    "PixelBandwidth": 2330,
    "ProcedureStepDescription": "SMITH_SRNDNA",
    "ProtocolName": "func-bold_task-UG_run1",
    "PulseSequenceDetails": "%SiemensSeq%_ep2d_bold",
    "ReceiveCoilActiveElements": "HE1-4;NE1,2",
    "ReceiveCoilName": "HeadNeck_20",
    "ReconMatrixPE": 74,
    "RepetitionTime": 2.02,
    "SAR": 0.148338,
    "ScanOptions": "FS",
    "ScanningSequence": "EP",
    "SequenceName": "_epfid2d1_74",
    "SequenceVariant": "SK",
    "SeriesDescription": "func-bold_task-UG_run1",
    "SeriesNumber": 14,
    "ShimSetting": [
      1417,
      -7468,
      6593,
      256,
      6,
      7,
      -153,
      117
    ],
    "SliceThickness": 2.8,
    "SliceTiming": [
      1.945,
      1.89,
      1.8325,
      1.7775,
      1.7225,
      1.6675,
      1.6125,
      1.555,
      1.5,
      1.445,
      1.39,
      1.3325,
      1.2775,
      1.2225,
      1.1675,
      1.1125,
      1.055,
      1,
      0.945,
      0.89,
      0.835,
      0.7775,
      0.7225,
      0.6675,
      0.6125,
      0.555,
      0.5,
      0.445,
      0.39,
      0.335,
      0.2775,
      0.2225,
      0.1675,
      0.1125,
      0.055,
      0
    ],
    "SoftwareVersions": "syngo_MR_E11",
    "SpacingBetweenSlices": 3.22,
    "StationName": "AWP166048",
    "TaskName": "ultimatum",
    "TotalReadoutTime": 0.0357695,
    "TxRefAmp": 334.047,
    "dataset": "<unset>",
    "modality": "bold",
    "run_id": 2,
    "subject_id": "152",
    "task_id": "ultimatum"
  },
  "dummy_trs": 0,
  "dvars_nstd": 49.054570950502516,
  "dvars_std": 1.411204071859296,
  "dvars_vstd": 1.0167465377889453,
  "efc": 0.5625529290764248,
  "fber": 1351.6922607421875,
  "fd_mean": 0.40526711454875847,
  "fd_num": 172,
  "fd_perc": 86.0,
  "fwhm_avg": 1.7794546614643838,
  "fwhm_x": 1.7266756962431369,
  "fwhm_y": 1.8553684279788079,
  "fwhm_z": 1.756319860171207,
  "gcor": 0.0324099,
  "gsr_x": -0.013437553308904171,
  "gsr_y": 0.042784348130226135,
  "provenance": {
    "md5sum": "6384bb56f643ac51aeb67e3c99e30044",
    "settings": {
      "fd_thres": 0.2,
      "testing": false
    },
    "software": "mriqc",
    "version": "22.0.6",
    "webapi_port": null,
    "webapi_url": "https://mriqc.nimh.nih.gov/api/v1"
  },
  "size_t": 200,
  "size_x": 74,
  "size_y": 74,
  "size_z": 36,
  "snr": 5.829710352589101,
  "spacing_tr": 2.0199999809265137,
  "spacing_x": 2.972972869873047,
  "spacing_y": 2.972972869873047,
  "spacing_z": 3.2200000286102295,
  "summary_bg_k": 18.172022476290827,
  "summary_bg_mad": 9.711044813995624,
  "summary_bg_mean": 49.63761520385742,
  "summary_bg_median": 18.0,
  "summary_bg_n": 116698.0,
  "summary_bg_p05": 10.085000038146973,
  "summary_bg_p95": 200.9757415771484,
  "summary_bg_stdv": 80.79678344726562,
  "summary_fg_k": 0.8969685005549901,
  "summary_fg_mad": 118.83051351870915,
  "summary_fg_mean": 690.5567016601562,
  "summary_fg_median": 675.739990234375,
  "summary_fg_n": 41031.0,
  "summary_fg_p05": 533.7599792480469,
  "summary_fg_p95": 892.2674560546875,
  "summary_fg_stdv": 115.9117202758789,
  "tsnr": 52.15641635004431
}