{
  "aor": 0.003875510204081632,
  "aqi": 0.00715256168367347,
  "bids_meta": {
    "AcquisitionMatrixPE": 74,
    "AcquisitionNumber": 1,
    "AcquisitionTime": "12:08:8.917500",
    "BandwidthPerPixelPhaseEncode": 27.579,
    "BaseResolution": 74,
    "BodyPartExamined": "BRAIN",
    "CogAtlasID": "http://www.cognitiveatlas.org/task/id/TODO",
    "CoilString": "HE1-4;NE1_2",
    "ConsistencyInfo": "N4_VE11C_LATEST_20160120",
    "ConversionSoftware": "dcm2niix",
    "ConversionSoftwareVersion": "v1.0.20190410  GCC6.3.0",
    "DerivedVendorReportedEchoSpacing": 0.000489993,
    "DeviceSerialNumber": "166048",
    "DwellTime": 2.9e-06,
    "EchoTime": 0.023,
    "EchoTrainLength": 74,
    "EffectiveEchoSpacing": 0.000489993,
    "FlipAngle": 76,
    "ImageOrientationPatientDICOM": [
      1,
      0,
      0,
      0,
      0.949425,
      -0.313992
    ],
    "ImageType": [
      "ORIGINAL",
      "PRIMARY",
      "M",
      "ND",
      "NORM",
      "MOSAIC"
    ],
    "ImagingFrequency": 123.246,
    "InPlanePhaseEncodingDirectionDICOM": "COL",
    "InstitutionAddress": "North_13th_1701_Philadelphia_PA_US_19122",
    "InstitutionName": "Temple_University_-_Weiss_Hall",
    "InstitutionalDepartmentName": "Department",
    "MRAcquisitionType": "2D",
    "MagneticFieldStrength": 3,
    "Manufacturer": "Siemens",
    "ManufacturersModelName": "Prisma",
    "Modality": "MR",
    "PartialFourier": 1,
    "PatientPosition": "HFS",
    "PercentPhaseFOV": 100,
    "PhaseEncodingDirection": "j-",
    "PhaseEncodingSteps": 74,
    "PhaseResolution": 1,
    "PixelBandwidth": 2330,
    "ProcedureStepDescription": "SMITH_SRNDNA",
    "ProtocolName": "func-bold_task-UG_run1",
    "PulseSequenceDetails": "%SiemensSeq%_ep2d_bold",
    "ReceiveCoilActiveElements": "HE1-4;NE1,2",
    "ReceiveCoilName": "HeadNeck_20",
    "ReconMatrixPE": 74,
    "RepetitionTime": 2.02,
    "SAR": 0.0854979,
    "ScanOptions": "FS",
    "ScanningSequence": "EP",
    "SequenceName": "_epfid2d1_74",
    "SequenceVariant": "SK",
    "SeriesDescription": "func-bold_task-UG_run1",
    "SeriesNumber": 17,
    "ShimSetting": [
      1430,
      -7383,
      6459,
      402,
      29,
      49,
      -113,
      63
    ],
    "SliceThickness": 2.8,
    "SliceTiming": [
      1.945,
      1.8875,
      1.8325,
      1.7775,
      1.7225,
      1.665,
      1.61,
      1.555,
      1.5,
      1.445,
      1.3875,
      1.3325,
      1.2775,
      1.2225,
      1.165,
      1.11,
      1.055,
      1,
      0.945,
      0.8875,
      0.8325,
      0.7775,
      0.7225,
      0.665,
      0.61,
      0.555,
      0.5,
      0.445,
      0.3875,
      0.3325,
      0.2775,
      0.2225,
      0.165,
      0.11,
      0.055,
      0
    ],
    "SoftwareVersions": "syngo_MR_E11",
    "SpacingBetweenSlices": 3.22,
    "StationName": "AWP166048",
    "TaskName": "ultimatum",
    "TotalReadoutTime": 0.0357695,
    "TxRefAmp": 249.419,
    "dataset": "<unset>",
    "modality": "bold",
    "run_id": 2,
    "subject_id": "124",
    "task_id": "ultimatum"
  },
  "dummy_trs": 4,
  "dvars_nstd": 18.786932162512823,
  "dvars_std": 1.1971048456923077,
  "dvars_vstd": 1.0381264368205134,
  "efc": 0.5118606731993053,
  "fber": 1983.801025390625,
  "fd_mean": 0.15797357720270044,
  "fd_num": 36,
  "fd_perc": 18.367346938775512,
  "fwhm_avg": 1.7499959436712569,
  "fwhm_x": 1.694677422406194,
  "fwhm_y": 1.9196643392994392,
  "fwhm_z": 1.6356460693081374,
  "gcor": 0.0682248,
  "gsr_x": -0.010339679196476936,
  "gsr_y": 0.031039368361234665,
  "provenance": {
    "md5sum": "12b04fbb8b46424b72fbdd5bac5bb270",
    "settings": {
      "fd_thres": 0.2,
      "testing": false
    },
    "software": "mriqc",
    "version": "22.0.6",
    "webapi_port": null,
    "webapi_url": "https://mriqc.nimh.nih.gov/api/v1"
  },
  "size_t": 196,
  "size_x": 74,
  "size_y": 74,
  "size_z": 36,
  "snr": 7.278783867750106,
  "spacing_tr": 2.0199999809265137,
  "spacing_x": 2.972972869873047,
  "spacing_y": 2.972972869873047,
  "spacing_z": 3.2199997901916504,
  "summary_bg_k": 25.0121667057029,
  "summary_bg_mad": 8.895613311033612,
  "summary_bg_mean": 50.225406646728516,
  "summary_bg_median": 18.821428298950195,
  "summary_bg_n": 127274.0,
  "summary_bg_p05": 9.989795684814453,
  "summary_bg_p95": 234.6038192749023,
  "summary_bg_stdv": 88.79959869384766,
  "summary_fg_k": 2.9225921297410933,
  "summary_fg_mad": 113.23003431318476,
  "summary_fg_mean": 858.2127685546875,
  "summary_fg_median": 850.6785278320312,
  "summary_fg_n": 32493.0,
  "summary_fg_p05": 697.9877563476563,
  "summary_fg_p95": 1039.9336181640624,
  "summary_fg_stdv": 116.86917114257812,
  "tsnr": 84.32903881883249
}