{
  "aor": 0.004171584158415841,
  "aqi": 0.008255570346534652,
  "bids_meta": {
    "AcquisitionMatrixPE": 74,
    "AcquisitionNumber": 1,
    "AcquisitionTime": "11:39:53.547500",
    "BandwidthPerPixelPhaseEncode": 27.579,
    "BaseResolution": 74,
    "BodyPartExamined": "BRAIN",
    "CogAtlasID": "http://www.cognitiveatlas.org/task/id/TODO",
    "CoilString": "HE1-4;NE1_2",
    "ConsistencyInfo": "N4_VE11C_LATEST_20160120",
    "ConversionSoftware": "dcm2niix",
    "ConversionSoftwareVersion": "v1.0.20190410  GCC6.3.0",
    "DerivedVendorReportedEchoSpacing": 0.000489993,
    "DeviceSerialNumber": "166048",
    "DwellTime": 2.9e-06,
    "EchoTime": 0.023,
    "EchoTrainLength": 74,
    "EffectiveEchoSpacing": 0.000489993,
    "FlipAngle": 76,
    "ImageOrientationPatientDICOM": [
      1,
      0,
      0,
      0,
      0.949425,
      -0.313992
    ],
    "ImageType": [
      "ORIGINAL",
      "PRIMARY",
      "M",
      "ND",
      "NORM",
      "MOSAIC"
    ],
    "ImagingFrequency": 123.246,
    "InPlanePhaseEncodingDirectionDICOM": "COL",
    "InstitutionAddress": "North_13th_1701_Philadelphia_PA_US_19122",
    "InstitutionName": "Temple_University_-_Weiss_Hall",
    "InstitutionalDepartmentName": "Department",
    "MRAcquisitionType": "2D",
    "MagneticFieldStrength": 3,
    "Manufacturer": "Siemens",
    "ManufacturersModelName": "Prisma",
    "Modality": "MR",
    "PartialFourier": 1,
    "PatientPosition": "HFS",
    "PercentPhaseFOV": 100,
    "PhaseEncodingDirection": "j-",
    "PhaseEncodingSteps": 74,
    "PhaseResolution": 1,
    "PixelBandwidth": 2330,
    "ProcedureStepDescription": "SMITH_SRNDNA",
    "ProtocolName": "func-bold_task-reward_run0",
    "PulseSequenceDetails": "%SiemensSeq%_ep2d_bold",
    "ReceiveCoilActiveElements": "HE1-4;NE1,2",
    "ReceiveCoilName": "HeadNeck_20",
    "ReconMatrixPE": 74,
    "RepetitionTime": 2.02,
    "SAR": 0.0855009,
    "ScanOptions": "FS",
    "ScanningSequence": "EP",
    "SequenceName": "_epfid2d1_74",
    "SequenceVariant": "SK",
    "SeriesDescription": "func-bold_task-reward_run0",
    "SeriesNumber": 14,
    "ShimSetting": [
      1430,
      -7383,
      6459,
      402,
      29,
      49,
      -113,
      63
    ],
    "SliceThickness": 2.8,
    "SliceTiming": [
      1.9425,
      1.8875,
      1.8325,
      1.7775,
      1.7225,
      1.665,
      1.61,
      1.555,
      1.5,
      1.445,
      1.3875,
      1.3325,
      1.2775,
      1.2225,
      1.165,
      1.11,
      1.055,
      1,
      0.945,
      0.8875,
      0.8325,
      0.7775,
      0.7225,
      0.665,
      0.61,
      0.555,
      0.5,
      0.445,
      0.3875,
      0.3325,
      0.2775,
      0.2225,
      0.165,
      0.11,
      0.055,
      0
    ],
    "SoftwareVersions": "syngo_MR_E11",
    "SpacingBetweenSlices": 3.22,
    "StationName": "AWP166048",
    "TaskName": "sharedreward",
    "TotalReadoutTime": 0.0357695,
    "TxRefAmp": 249.419,
    "dataset": "<unset>",
    "modality": "bold",
    "run_id": 1,
    "subject_id": "124",
    "task_id": "sharedreward"
  },
  "dummy_trs": 0,
  "dvars_nstd": 19.19674441109454,
  "dvars_std": 1.1780296930845768,
  "dvars_vstd": 1.0293795656218907,
  "efc": 0.5107697038702322,
  "fber": 2023.5552978515625,
  "fd_mean": 0.17436385720169378,
  "fd_num": 47,
  "fd_perc": 23.26732673267327,
  "fwhm_avg": 1.7495028311653555,
  "fwhm_x": 1.6873816948804576,
  "fwhm_y": 1.9190521574600274,
  "fwhm_z": 1.6420746411555809,
  "gcor": 0.0560109,
  "gsr_x": -0.009844970889389515,
  "gsr_y": 0.031400419771671295,
  "provenance": {
    "md5sum": "62e602e2f05813354447d107eaea1dbe",
    "settings": {
      "fd_thres": 0.2,
      "testing": false
    },
    "software": "mriqc",
    "version": "22.0.6",
    "webapi_port": null,
    "webapi_url": "https://mriqc.nimh.nih.gov/api/v1"
  },
  "size_t": 202,
  "size_x": 74,
  "size_y": 74,
  "size_z": 36,
  "snr": 7.313673208696559,
  "spacing_tr": 2.0199999809265137,
  "spacing_x": 2.972972869873047,
  "spacing_y": 2.972972869873047,
  "spacing_z": 3.2199997901916504,
  "summary_bg_k": 25.33397101995568,
  "summary_bg_mad": 8.888272240173244,
  "summary_bg_mean": 49.429908752441406,
  "summary_bg_median": 18.6782169342041,
  "summary_bg_n": 127314.0,
  "summary_bg_p05": 9.935643196105957,
  "summary_bg_p95": 230.2759811401365,
  "summary_bg_stdv": 86.91215515136719,
  "summary_fg_k": 2.7972034100396588,
  "summary_fg_mad": 113.14750665063123,
  "summary_fg_mean": 859.3967895507812,
  "summary_fg_median": 851.663330078125,
  "summary_fg_n": 32472.0,
  "summary_fg_p05": 699.2952667236328,
  "summary_fg_p95": 1040.2002502441405,
  "summary_fg_stdv": 116.44630432128906,
  "tsnr": 77.68963717739098
}