{
  "aor": 0.0073162672811059905,
  "aqi": 0.008700229723502304,
  "bids_meta": {
    "AcquisitionMatrixPE": 74,
    "AcquisitionNumber": 1,
    "AcquisitionTime": "11:21:20.672500",
    "BandwidthPerPixelPhaseEncode": 27.579,
    "BaseResolution": 74,
    "BodyPartExamined": "BRAIN",
    "CogAtlasID": "http://www.cognitiveatlas.org/task/id/TODO",
    "CoilString": "HE1-4;NE1_2",
    "ConsistencyInfo": "N4_VE11C_LATEST_20160120",
    "ConversionSoftware": "dcm2niix",
    "ConversionSoftwareVersion": "v1.0.20190410  GCC6.3.0",
    "DerivedVendorReportedEchoSpacing": 0.000489993,
    "DeviceSerialNumber": "166048",
    "DwellTime": 2.9e-06,
    "EchoTime": 0.023,
    "EchoTrainLength": 74,
    "EffectiveEchoSpacing": 0.000489993,
    "FlipAngle": 76,
    "ImageOrientationPatientDICOM": [
      1,
      0,
      0,
      0,
      0.949425,
      -0.313992
    ],
    "ImageType": [
      "ORIGINAL",
      "PRIMARY",
      "M",
      "ND",
      "NORM",
      "MOSAIC"
    ],
    "ImagingFrequency": 123.246,
    "InPlanePhaseEncodingDirectionDICOM": "COL",
    "InstitutionAddress": "North_13th_1701_Philadelphia_PA_US_19122",
    "InstitutionName": "Temple_University_-_Weiss_Hall",
    "InstitutionalDepartmentName": "Department",
    "MRAcquisitionType": "2D",
    "MagneticFieldStrength": 3,
    "Manufacturer": "Siemens",
    "ManufacturersModelName": "Prisma",
    "Modality": "MR",
    "PartialFourier": 1,
    "PatientPosition": "HFS",
    "PercentPhaseFOV": 100,
    "PhaseEncodingDirection": "j-",
    "PhaseEncodingSteps": 74,
    "PhaseResolution": 1,
    "PixelBandwidth": 2330,
    "ProcedureStepDescription": "SMITH_SRNDNA",
    "ProtocolName": "func-bold_trust_run3",
    "PulseSequenceDetails": "%SiemensSeq%_ep2d_bold",
    "ReceiveCoilActiveElements": "HE1-4;NE1,2",
    "ReceiveCoilName": "HeadNeck_20",
    "ReconMatrixPE": 74,
    "RepetitionTime": 2.02,
    "SAR": 0.0855222,
    "ScanOptions": "FS",
    "ScanningSequence": "EP",
    "SequenceName": "_epfid2d1_74",
    "SequenceVariant": "SK",
    "SeriesDescription": "func-bold_trust_run3",
    "SeriesNumber": 12,
    "ShimSetting": [
      1430,
      -7383,
      6459,
      402,
      29,
      49,
      -113,
      63
    ],
    "SliceThickness": 2.8,
    "SliceTiming": [
      1.9425,
      1.8875,
      1.8325,
      1.7775,
      1.72,
      1.665,
      1.61,
      1.555,
      1.5,
      1.4425,
      1.3875,
      1.3325,
      1.2775,
      1.22,
      1.165,
      1.11,
      1.055,
      1,
      0.9425,
      0.8875,
      0.8325,
      0.7775,
      0.72,
      0.665,
      0.61,
      0.555,
      0.5,
      0.4425,
      0.3875,
      0.3325,
      0.2775,
      0.22,
      0.165,
      0.11,
      0.055,
      0
    ],
    "SoftwareVersions": "syngo_MR_E11",
    "SpacingBetweenSlices": 3.22,
    "StationName": "AWP166048",
    "TaskName": "trust",
    "TotalReadoutTime": 0.0357695,
    "TxRefAmp": 249.419,
    "dataset": "<unset>",
    "modality": "bold",
    "run_id": 4,
    "subject_id": "124",
    "task_id": "trust"
  },
  "dummy_trs": 0,
  "dvars_nstd": 20.307906477777767,
  "dvars_std": 1.2303683293518521,
  "dvars_vstd": 1.0549371350925927,
  "efc": 0.5120601137042108,
  "fber": 1978.2882080078125,
  "fd_mean": 0.18201045031768945,
  "fd_num": 48,
  "fd_perc": 22.119815668202765,
  "fwhm_avg": 1.741924950945193,
  "fwhm_x": 1.6881452403614823,
  "fwhm_y": 1.9180363392429818,
  "fwhm_z": 1.6195932732311153,
  "gcor": 0.0833368,
  "gsr_x": -0.010780378244817257,
  "gsr_y": 0.03189670667052269,
  "provenance": {
    "md5sum": "9bf440d97876fa1bddbcd631f845927b",
    "settings": {
      "fd_thres": 0.2,
      "testing": false
    },
    "software": "mriqc",
    "version": "22.0.6",
    "webapi_port": null,
    "webapi_url": "https://mriqc.nimh.nih.gov/api/v1"
  },
  "size_t": 217,
  "size_x": 74,
  "size_y": 74,
  "size_z": 36,
  "snr": 7.321686259474739,
  "spacing_tr": 2.0199999809265137,
  "spacing_x": 2.972972869873047,
  "spacing_y": 2.972972869873047,
  "spacing_z": 3.2199997901916504,
  "summary_bg_k": 24.143912050522335,
  "summary_bg_mad": 8.916109490384901,
  "summary_bg_mean": 49.99718475341797,
  "summary_bg_median": 18.820276260375977,
  "summary_bg_n": 127111.0,
  "summary_bg_p05": 9.99078369140625,
  "summary_bg_p95": 230.91705322265625,
  "summary_bg_stdv": 87.65365600585938,
  "summary_fg_k": 2.993926926338962,
  "summary_fg_mad": 112.21314329570083,
  "summary_fg_mean": 857.9196166992188,
  "summary_fg_median": 849.725830078125,
  "summary_fg_n": 32534.0,
  "summary_fg_p05": 698.4060089111329,
  "summary_fg_p95": 1038.8375427246094,
  "summary_fg_stdv": 116.05424499511719,
  "tsnr": 75.04952571145259
}