{
  "aor": 0.007160645161290322,
  "aqi": 0.012693430046082949,
  "bids_meta": {
    "AcquisitionMatrixPE": 74,
    "AcquisitionNumber": 1,
    "AcquisitionTime": "11:29:10.442500",
    "BandwidthPerPixelPhaseEncode": 27.579,
    "BaseResolution": 74,
    "BodyPartExamined": "BRAIN",
    "CogAtlasID": "http://www.cognitiveatlas.org/task/id/TODO",
    "CoilString": "HE1-4;NE1_2",
    "ConsistencyInfo": "N4_VE11C_LATEST_20160120",
    "ConversionSoftware": "dcm2niix",
    "ConversionSoftwareVersion": "v1.0.20190410  GCC6.3.0",
    "DerivedVendorReportedEchoSpacing": 0.000489993,
    "DeviceSerialNumber": "166048",
    "DwellTime": 2.9e-06,
    "EchoTime": 0.023,
    "EchoTrainLength": 74,
    "EffectiveEchoSpacing": 0.000489993,
    "FlipAngle": 76,
    "ImageOrientationPatientDICOM": [
      1,
      0,
      0,
      0,
      0.949425,
      -0.313992
    ],
    "ImageType": [
      "ORIGINAL",
      "PRIMARY",
      "M",
      "ND",
      "NORM",
      "MOSAIC"
    ],
    "ImagingFrequency": 123.246,
    "InPlanePhaseEncodingDirectionDICOM": "COL",
    "InstitutionAddress": "North_13th_1701_Philadelphia_PA_US_19122",
    "InstitutionName": "Temple_University_-_Weiss_Hall",
    "InstitutionalDepartmentName": "Department",
    "MRAcquisitionType": "2D",
    "MagneticFieldStrength": 3,
    "Manufacturer": "Siemens",
    "ManufacturersModelName": "Prisma",
    "Modality": "MR",
    "PartialFourier": 1,
    "PatientPosition": "HFS",
    "PercentPhaseFOV": 100,
    "PhaseEncodingDirection": "j-",
    "PhaseEncodingSteps": 74,
    "PhaseResolution": 1,
    "PixelBandwidth": 2330,
    "ProcedureStepDescription": "SMITH_SRNDNA",
    "ProtocolName": "func-bold_trust_run4",
    "PulseSequenceDetails": "%SiemensSeq%_ep2d_bold",
    "ReceiveCoilActiveElements": "HE1-4;NE1,2",
    "ReceiveCoilName": "HeadNeck_20",
    "ReconMatrixPE": 74,
    "RepetitionTime": 2.02,
    "SAR": 0.0855222,
    "ScanOptions": "FS",
    "ScanningSequence": "EP",
    "SequenceName": "_epfid2d1_74",
    "SequenceVariant": "SK",
    "SeriesDescription": "func-bold_trust_run4",
    "SeriesNumber": 13,
    "ShimSetting": [
      1430,
      -7383,
      6459,
      402,
      29,
      49,
      -113,
      63
    ],
    "SliceThickness": 2.8,
    "SliceTiming": [
      1.9425,
      1.8875,
      1.8325,
      1.7775,
      1.7225,
      1.665,
      1.61,
      1.555,
      1.5,
      1.445,
      1.3875,
      1.3325,
      1.2775,
      1.2225,
      1.165,
      1.11,
      1.055,
      1,
      0.945,
      0.8875,
      0.8325,
      0.7775,
      0.7225,
      0.665,
      0.61,
      0.555,
      0.5,
      0.445,
      0.3875,
      0.3325,
      0.2775,
      0.2225,
      0.165,
      0.11,
      0.055,
      0
    ],
    "SoftwareVersions": "syngo_MR_E11",
    "SpacingBetweenSlices": 3.22,
    "StationName": "AWP166048",
    "TaskName": "trust",
    "TotalReadoutTime": 0.0357695,
    "TxRefAmp": 249.419,
    "dataset": "<unset>",
    "modality": "bold",
    "run_id": 5,
    "subject_id": "124",
    "task_id": "trust"
  },
  "dummy_trs": 0,
  "dvars_nstd": 21.974473962175935,
  "dvars_std": 1.1688157967129629,
  "dvars_vstd": 1.025832824120371,
  "efc": 0.5118800670068832,
  "fber": 2010.5692138671875,
  "fd_mean": 0.22810498318460878,
  "fd_num": 77,
  "fd_perc": 35.483870967741936,
  "fwhm_avg": 1.7556992352809682,
  "fwhm_x": 1.6977719679680554,
  "fwhm_y": 1.928648612338278,
  "fwhm_z": 1.6406771255365715,
  "gcor": 0.0774008,
  "gsr_x": -0.010733070783317089,
  "gsr_y": 0.031408943235874176,
  "provenance": {
    "md5sum": "5e81fcc85c174a393fdbda5410f4a5cb",
    "settings": {
      "fd_thres": 0.2,
      "testing": false
    },
    "software": "mriqc",
    "version": "22.0.6",
    "webapi_port": null,
    "webapi_url": "https://mriqc.nimh.nih.gov/api/v1"
  },
  "size_t": 217,
  "size_x": 74,
  "size_y": 74,
  "size_z": 36,
  "snr": 7.321205088779153,
  "spacing_tr": 2.0199999809265137,
  "spacing_x": 2.972972869873047,
  "spacing_y": 2.972972869873047,
  "spacing_z": 3.2199997901916504,
  "summary_bg_k": 24.18326902313751,
  "summary_bg_mad": 8.977600856278082,
  "summary_bg_mean": 50.05022048950195,
  "summary_bg_median": 18.755760192871094,
  "summary_bg_n": 127153.0,
  "summary_bg_p05": 9.944700241088867,
  "summary_bg_p95": 231.5188934326171,
  "summary_bg_stdv": 87.58702850341797,
  "summary_fg_k": 2.94815390555632,
  "summary_fg_mad": 112.77341744339843,
  "summary_fg_mean": 860.0363159179688,
  "summary_fg_median": 852.16357421875,
  "summary_fg_n": 32512.0,
  "summary_fg_p05": 701.0101379394531,
  "summary_fg_p95": 1041.1168029785156,
  "summary_fg_stdv": 116.39483642578125,
  "tsnr": 62.555764817632735
}