{
  "aor": 0.003882970297029703,
  "aqi": 0.04943218811881188,
  "bids_meta": {
    "AcquisitionMatrixPE": 74,
    "AcquisitionNumber": 1,
    "AcquisitionTime": "17:52:35.745000",
    "BandwidthPerPixelPhaseEncode": 27.579,
    "BaseResolution": 74,
    "BodyPartExamined": "BRAIN",
    "CogAtlasID": "http://www.cognitiveatlas.org/task/id/TODO",
    "CoilString": "HE1-4;NE1_2",
    "ConsistencyInfo": "N4_VE11C_LATEST_20160120",
    "ConversionSoftware": "dcm2niix",
    "ConversionSoftwareVersion": "v1.0.20190410  GCC6.3.0",
    "DerivedVendorReportedEchoSpacing": 0.000489993,
    "DeviceSerialNumber": "166048",
    "DwellTime": 2.9e-06,
    "EchoTime": 0.023,
    "EchoTrainLength": 74,
    "EffectiveEchoSpacing": 0.000489993,
    "FlipAngle": 76,
    "ImageOrientationPatientDICOM": [
      1,
      0,
      0,
      0,
      0.965016,
      -0.262189
    ],
    "ImageType": [
      "ORIGINAL",
      "PRIMARY",
      "M",
      "ND",
      "NORM",
      "MOSAIC"
    ],
    "ImagingFrequency": 123.246,
    "InPlanePhaseEncodingDirectionDICOM": "COL",
    "InstitutionAddress": "North_13th_1701_Philadelphia_PA_US_19122",
    "InstitutionName": "Temple_University_-_Weiss_Hall",
    "InstitutionalDepartmentName": "Department",
    "MRAcquisitionType": "2D",
    "MagneticFieldStrength": 3,
    "Manufacturer": "Siemens",
    "ManufacturersModelName": "Prisma",
    "Modality": "MR",
    "PartialFourier": 1,
    "PatientPosition": "HFS",
    "PercentPhaseFOV": 100,
    "PhaseEncodingDirection": "j-",
    "PhaseEncodingSteps": 74,
    "PhaseResolution": 1,
    "PixelBandwidth": 2330,
    "ProcedureStepDescription": "SMITH_SRNDNA",
    "ProtocolName": "func-bold_task-reward_run0",
    "PulseSequenceDetails": "%SiemensSeq%_ep2d_bold",
    "ReceiveCoilActiveElements": "HE1-4;NE1,2",
    "ReceiveCoilName": "HeadNeck_20",
    "ReconMatrixPE": 74,
    "RepetitionTime": 2.02,
    "SAR": 0.117115,
    "ScanOptions": "FS",
    "ScanningSequence": "EP",
    "SequenceName": "_epfid2d1_74",
    "SequenceVariant": "SK",
    "SeriesDescription": "func-bold_task-reward_run0",
    "SeriesNumber": 14,
    "ShimSetting": [
      1423,
      -7406,
      6532,
      243,
      -8,
      9,
      96,
      12
    ],
    "SliceThickness": 2.8,
    "SliceTiming": [
      1.9425,
      1.8875,
      1.8325,
      1.7775,
      1.72,
      1.665,
      1.61,
      1.555,
      1.4975,
      1.4425,
      1.3875,
      1.3325,
      1.2775,
      1.22,
      1.165,
      1.11,
      1.055,
      0.9975,
      0.9425,
      0.8875,
      0.8325,
      0.7775,
      0.72,
      0.665,
      0.61,
      0.555,
      0.4975,
      0.4425,
      0.3875,
      0.3325,
      0.2775,
      0.22,
      0.165,
      0.11,
      0.055,
      0
    ],
    "SoftwareVersions": "syngo_MR_E11",
    "SpacingBetweenSlices": 3.22,
    "StationName": "AWP166048",
    "TaskName": "sharedreward",
    "TotalReadoutTime": 0.0357695,
    "TxRefAmp": 330.829,
    "dataset": "<unset>",
    "modality": "bold",
    "run_id": 1,
    "subject_id": "145",
    "task_id": "sharedreward"
  },
  "dummy_trs": 0,
  "dvars_nstd": 72.52435936636812,
  "dvars_std": 1.2649871370646768,
  "dvars_vstd": 1.0049621988557218,
  "efc": 0.5909928654443158,
  "fber": 1287.8924560546875,
  "fd_mean": 1.4407692914379788,
  "fd_num": 201,
  "fd_perc": 99.5049504950495,
  "fwhm_avg": 1.8935220430020436,
  "fwhm_x": 1.7929393349047342,
  "fwhm_y": 2.067701344433224,
  "fwhm_z": 1.8199254496681723,
  "gcor": 0.0185794,
  "gsr_x": -0.02802392840385437,
  "gsr_y": 0.06433408707380295,
  "provenance": {
    "md5sum": "f3fb92bc834dd3e98b8c58b600c128cf",
    "settings": {
      "fd_thres": 0.2,
      "testing": false
    },
    "software": "mriqc",
    "version": "22.0.6",
    "webapi_port": null,
    "webapi_url": "https://mriqc.nimh.nih.gov/api/v1"
  },
  "size_t": 202,
  "size_x": 74,
  "size_y": 74,
  "size_z": 36,
  "snr": 6.72407996792639,
  "spacing_tr": 2.0199999809265137,
  "spacing_x": 2.972972869873047,
  "spacing_y": 2.972972869873047,
  "spacing_z": 3.2200000286102295,
  "summary_bg_k": 15.578890754085066,
  "summary_bg_mad": 13.475532377563551,
  "summary_bg_mean": 48.2616081237793,
  "summary_bg_median": 19.97524642944336,
  "summary_bg_n": 108146.0,
  "summary_bg_p05": 9.396039009094238,
  "summary_bg_p95": 178.07549285888672,
  "summary_bg_stdv": 66.97611999511719,
  "summary_fg_k": 2.6621484033998204,
  "summary_fg_mad": 95.6131835746051,
  "summary_fg_mean": 743.3999633789062,
  "summary_fg_median": 734.5989990234375,
  "summary_fg_n": 48486.0,
  "summary_fg_p05": 596.0296783447266,
  "summary_fg_p95": 931.6509704589844,
  "summary_fg_stdv": 109.24787139892578,
  "tsnr": 28.312713044229895
}