{
  "aor": 0.004341507537688443,
  "aqi": 0.06768176080402011,
  "bids_meta": {
    "AcquisitionMatrixPE": 74,
    "AcquisitionNumber": 1,
    "AcquisitionTime": "18:10:28.302500",
    "BandwidthPerPixelPhaseEncode": 27.579,
    "BaseResolution": 74,
    "BodyPartExamined": "BRAIN",
    "CogAtlasID": "http://www.cognitiveatlas.org/task/id/TODO",
    "CoilString": "HE1-4;NE1_2",
    "ConsistencyInfo": "N4_VE11C_LATEST_20160120",
    "ConversionSoftware": "dcm2niix",
    "ConversionSoftwareVersion": "v1.0.20190410  GCC6.3.0",
    "DerivedVendorReportedEchoSpacing": 0.000489993,
    "DeviceSerialNumber": "166048",
    "DwellTime": 2.9e-06,
    "EchoTime": 0.023,
    "EchoTrainLength": 74,
    "EffectiveEchoSpacing": 0.000489993,
    "FlipAngle": 76,
    "ImageOrientationPatientDICOM": [
      1,
      0,
      0,
      0,
      0.965016,
      -0.262189
    ],
    "ImageType": [
      "ORIGINAL",
      "PRIMARY",
      "M",
      "ND",
      "NORM",
      "MOSAIC"
    ],
    "ImagingFrequency": 123.246,
    "InPlanePhaseEncodingDirectionDICOM": "COL",
    "InstitutionAddress": "North_13th_1701_Philadelphia_PA_US_19122",
    "InstitutionName": "Temple_University_-_Weiss_Hall",
    "InstitutionalDepartmentName": "Department",
    "MRAcquisitionType": "2D",
    "MagneticFieldStrength": 3,
    "Manufacturer": "Siemens",
    "ManufacturersModelName": "Prisma",
    "Modality": "MR",
    "PartialFourier": 1,
    "PatientPosition": "HFS",
    "PercentPhaseFOV": 100,
    "PhaseEncodingDirection": "j-",
    "PhaseEncodingSteps": 74,
    "PhaseResolution": 1,
    "PixelBandwidth": 2330,
    "ProcedureStepDescription": "SMITH_SRNDNA",
    "ProtocolName": "func-bold_task-UG_run0",
    "PulseSequenceDetails": "%SiemensSeq%_ep2d_bold",
    "ReceiveCoilActiveElements": "HE1-4;NE1,2",
    "ReceiveCoilName": "HeadNeck_20",
    "ReconMatrixPE": 74,
    "RepetitionTime": 2.02,
    "SAR": 0.117111,
    "ScanOptions": "FS",
    "ScanningSequence": "EP",
    "SequenceName": "_epfid2d1_74",
    "SequenceVariant": "SK",
    "SeriesDescription": "func-bold_task-UG_run0",
    "SeriesNumber": 16,
    "ShimSetting": [
      1425,
      -7446,
      6539,
      259,
      -4,
      -37,
      82,
      -15
    ],
    "SliceThickness": 2.8,
    "SliceTiming": [
      1.945,
      1.89,
      1.835,
      1.7775,
      1.7225,
      1.6675,
      1.6125,
      1.555,
      1.5,
      1.445,
      1.39,
      1.335,
      1.2775,
      1.2225,
      1.1675,
      1.1125,
      1.055,
      1,
      0.945,
      0.89,
      0.835,
      0.7775,
      0.7225,
      0.6675,
      0.6125,
      0.555,
      0.5,
      0.445,
      0.39,
      0.335,
      0.2775,
      0.2225,
      0.1675,
      0.1125,
      0.0575,
      0
    ],
    "SoftwareVersions": "syngo_MR_E11",
    "SpacingBetweenSlices": 3.22,
    "StationName": "AWP166048",
    "TaskName": "ultimatum",
    "TotalReadoutTime": 0.0357695,
    "TxRefAmp": 330.829,
    "dataset": "<unset>",
    "modality": "bold",
    "run_id": 1,
    "subject_id": "145",
    "task_id": "ultimatum"
  },
  "dummy_trs": 1,
  "dvars_nstd": 87.64429290883841,
  "dvars_std": 1.2848576163131304,
  "dvars_vstd": 1.0145661000000004,
  "efc": 0.5384592351904934,
  "fber": 2135.458251953125,
  "fd_mean": 2.3475379863178354,
  "fd_num": 198,
  "fd_perc": 99.49748743718592,
  "fwhm_avg": 1.8709163291000932,
  "fwhm_x": 1.711630150266826,
  "fwhm_y": 2.070876617270612,
  "fwhm_z": 1.8302422197628416,
  "gcor": 0.0217459,
  "gsr_x": 0.0017122329445555806,
  "gsr_y": 0.06337282061576843,
  "provenance": {
    "md5sum": "154fc396c1d07e468eea57e22a400754",
    "settings": {
      "fd_thres": 0.2,
      "testing": false
    },
    "software": "mriqc",
    "version": "22.0.6",
    "webapi_port": null,
    "webapi_url": "https://mriqc.nimh.nih.gov/api/v1"
  },
  "size_t": 199,
  "size_x": 74,
  "size_y": 74,
  "size_z": 36,
  "snr": 6.835286754265397,
  "spacing_tr": 2.0199999809265137,
  "spacing_x": 2.972972869873047,
  "spacing_y": 2.972972869873047,
  "spacing_z": 3.2200000286102295,
  "summary_bg_k": 10.738669430456781,
  "summary_bg_mad": 7.036773434376042,
  "summary_bg_mean": 34.99567794799805,
  "summary_bg_median": 15.51507568359375,
  "summary_bg_n": 119236.0,
  "summary_bg_p05": 9.346733093261719,
  "summary_bg_p95": 138.2964859008789,
  "summary_bg_stdv": 46.585548400878906,
  "summary_fg_k": 2.952672530837509,
  "summary_fg_mad": 89.5074939085145,
  "summary_fg_mean": 719.3388061523438,
  "summary_fg_median": 709.4472045898438,
  "summary_fg_n": 41941.0,
  "summary_fg_p05": 580.7738647460938,
  "summary_fg_p95": 900.8140869140625,
  "summary_fg_stdv": 103.79063415527344,
  "tsnr": 27.048649019212462
}