{
  "aor": 0.0021335185185185185,
  "aqi": 0.02400110162037037,
  "bids_meta": {
    "AcquisitionMatrixPE": 74,
    "AcquisitionNumber": 1,
    "AcquisitionTime": "17:27:36.325000",
    "BandwidthPerPixelPhaseEncode": 27.579,
    "BaseResolution": 74,
    "BodyPartExamined": "BRAIN",
    "CogAtlasID": "http://www.cognitiveatlas.org/task/id/TODO",
    "CoilString": "HE1-4;NE1_2",
    "ConsistencyInfo": "N4_VE11C_LATEST_20160120",
    "ConversionSoftware": "dcm2niix",
    "ConversionSoftwareVersion": "v1.0.20190410  GCC6.3.0",
    "DerivedVendorReportedEchoSpacing": 0.000489993,
    "DeviceSerialNumber": "166048",
    "DwellTime": 2.9e-06,
    "EchoTime": 0.023,
    "EchoTrainLength": 74,
    "EffectiveEchoSpacing": 0.000489993,
    "FlipAngle": 76,
    "ImageOrientationPatientDICOM": [
      1,
      0,
      0,
      0,
      0.965016,
      -0.262189
    ],
    "ImageType": [
      "ORIGINAL",
      "PRIMARY",
      "M",
      "ND",
      "NORM",
      "MOSAIC"
    ],
    "ImagingFrequency": 123.246,
    "InPlanePhaseEncodingDirectionDICOM": "COL",
    "InstitutionAddress": "North_13th_1701_Philadelphia_PA_US_19122",
    "InstitutionName": "Temple_University_-_Weiss_Hall",
    "InstitutionalDepartmentName": "Department",
    "MRAcquisitionType": "2D",
    "MagneticFieldStrength": 3,
    "Manufacturer": "Siemens",
    "ManufacturersModelName": "Prisma",
    "Modality": "MR",
    "PartialFourier": 1,
    "PatientPosition": "HFS",
    "PercentPhaseFOV": 100,
    "PhaseEncodingDirection": "j-",
    "PhaseEncodingSteps": 74,
    "PhaseResolution": 1,
    "PixelBandwidth": 2330,
    "ProcedureStepDescription": "SMITH_SRNDNA",
    "ProtocolName": "func-bold_trust_run1",
    "PulseSequenceDetails": "%SiemensSeq%_ep2d_bold",
    "ReceiveCoilActiveElements": "HE1-4;NE1,2",
    "ReceiveCoilName": "HeadNeck_20",
    "ReconMatrixPE": 74,
    "RepetitionTime": 2.02,
    "SAR": 0.137214,
    "ScanOptions": "FS",
    "ScanningSequence": "EP",
    "SequenceName": "_epfid2d1_74",
    "SequenceVariant": "SK",
    "SeriesDescription": "func-bold_trust_run1",
    "SeriesNumber": 10,
    "ShimSetting": [
      1415,
      -7378,
      6588,
      263,
      -32,
      12,
      133,
      41
    ],
    "SliceThickness": 2.8,
    "SliceTiming": [
      1.945,
      1.8875,
      1.8325,
      1.7775,
      1.7225,
      1.6675,
      1.61,
      1.555,
      1.5,
      1.445,
      1.3875,
      1.3325,
      1.2775,
      1.2225,
      1.1675,
      1.11,
      1.055,
      1,
      0.945,
      0.8875,
      0.8325,
      0.7775,
      0.7225,
      0.6675,
      0.61,
      0.555,
      0.5,
      0.445,
      0.3875,
      0.3325,
      0.2775,
      0.2225,
      0.1675,
      0.11,
      0.055,
      0
    ],
    "SoftwareVersions": "syngo_MR_E11",
    "SpacingBetweenSlices": 3.22,
    "StationName": "AWP166048",
    "TaskName": "trust",
    "TotalReadoutTime": 0.0357695,
    "TxRefAmp": 359.52,
    "dataset": "<unset>",
    "modality": "bold",
    "run_id": 2,
    "subject_id": "145",
    "task_id": "trust"
  },
  "dummy_trs": 1,
  "dvars_nstd": 59.77737554497674,
  "dvars_std": 1.26303496972093,
  "dvars_vstd": 0.9889584652093023,
  "efc": 0.5823855328262267,
  "fber": 1362.7861328125,
  "fd_mean": 0.8395007033379872,
  "fd_num": 215,
  "fd_perc": 99.53703703703704,
  "fwhm_avg": 1.8641129251585118,
  "fwhm_x": 1.8046279716737217,
  "fwhm_y": 2.049648707443539,
  "fwhm_z": 1.7380620963582747,
  "gcor": 0.0209131,
  "gsr_x": -0.02986948750913143,
  "gsr_y": 0.060792092233896255,
  "provenance": {
    "md5sum": "468c0df9f31b5e69bb659ca387cf0371",
    "settings": {
      "fd_thres": 0.2,
      "testing": false
    },
    "software": "mriqc",
    "version": "22.0.6",
    "webapi_port": null,
    "webapi_url": "https://mriqc.nimh.nih.gov/api/v1"
  },
  "size_t": 216,
  "size_x": 74,
  "size_y": 74,
  "size_z": 36,
  "snr": 6.263522998431855,
  "spacing_tr": 2.0199999809265137,
  "spacing_x": 2.972972869873047,
  "spacing_y": 2.972972869873047,
  "spacing_z": 3.2200000286102295,
  "summary_bg_k": 18.872700689883146,
  "summary_bg_mad": 11.853953168108935,
  "summary_bg_mean": 45.49769973754883,
  "summary_bg_median": 18.80555534362793,
  "summary_bg_n": 109579.0,
  "summary_bg_p05": 9.185185432434082,
  "summary_bg_p95": 166.25647583007796,
  "summary_bg_stdv": 65.82699584960938,
  "summary_fg_k": 2.609874917206617,
  "summary_fg_mad": 100.80324149338438,
  "summary_fg_mean": 717.5765380859375,
  "summary_fg_median": 706.6481323242188,
  "summary_fg_n": 47080.0,
  "summary_fg_p05": 569.254638671875,
  "summary_fg_p95": 911.1187316894528,
  "summary_fg_stdv": 112.81839752197266,
  "tsnr": 40.1695562688401
}