{
  "aor": 0.0020408040201005022,
  "aqi": 0.05141087336683418,
  "bids_meta": {
    "AcquisitionMatrixPE": 74,
    "AcquisitionNumber": 1,
    "AcquisitionTime": "18:18:18.137500",
    "BandwidthPerPixelPhaseEncode": 27.579,
    "BaseResolution": 74,
    "BodyPartExamined": "BRAIN",
    "CogAtlasID": "http://www.cognitiveatlas.org/task/id/TODO",
    "CoilString": "HE1-4;NE1_2",
    "ConsistencyInfo": "N4_VE11C_LATEST_20160120",
    "ConversionSoftware": "dcm2niix",
    "ConversionSoftwareVersion": "v1.0.20190410  GCC6.3.0",
    "DerivedVendorReportedEchoSpacing": 0.000489993,
    "DeviceSerialNumber": "166048",
    "DwellTime": 2.9e-06,
    "EchoTime": 0.023,
    "EchoTrainLength": 74,
    "EffectiveEchoSpacing": 0.000489993,
    "FlipAngle": 76,
    "ImageOrientationPatientDICOM": [
      1,
      0,
      0,
      0,
      0.965016,
      -0.262189
    ],
    "ImageType": [
      "ORIGINAL",
      "PRIMARY",
      "M",
      "ND",
      "NORM",
      "MOSAIC"
    ],
    "ImagingFrequency": 123.246,
    "InPlanePhaseEncodingDirectionDICOM": "COL",
    "InstitutionAddress": "North_13th_1701_Philadelphia_PA_US_19122",
    "InstitutionName": "Temple_University_-_Weiss_Hall",
    "InstitutionalDepartmentName": "Department",
    "MRAcquisitionType": "2D",
    "MagneticFieldStrength": 3,
    "Manufacturer": "Siemens",
    "ManufacturersModelName": "Prisma",
    "Modality": "MR",
    "PartialFourier": 1,
    "PatientPosition": "HFS",
    "PercentPhaseFOV": 100,
    "PhaseEncodingDirection": "j-",
    "PhaseEncodingSteps": 74,
    "PhaseResolution": 1,
    "PixelBandwidth": 2330,
    "ProcedureStepDescription": "SMITH_SRNDNA",
    "ProtocolName": "func-bold_task-UG_run1",
    "PulseSequenceDetails": "%SiemensSeq%_ep2d_bold",
    "ReceiveCoilActiveElements": "HE1-4;NE1,2",
    "ReceiveCoilName": "HeadNeck_20",
    "ReconMatrixPE": 74,
    "RepetitionTime": 2.02,
    "SAR": 0.117111,
    "ScanOptions": "FS",
    "ScanningSequence": "EP",
    "SequenceName": "_epfid2d1_74",
    "SequenceVariant": "SK",
    "SeriesDescription": "func-bold_task-UG_run1",
    "SeriesNumber": 17,
    "ShimSetting": [
      1425,
      -7446,
      6539,
      259,
      -4,
      -37,
      82,
      -15
    ],
    "SliceThickness": 2.8,
    "SliceTiming": [
      1.945,
      1.8875,
      1.8325,
      1.7775,
      1.7225,
      1.665,
      1.61,
      1.555,
      1.5,
      1.445,
      1.3875,
      1.3325,
      1.2775,
      1.2225,
      1.165,
      1.11,
      1.055,
      1,
      0.945,
      0.8875,
      0.8325,
      0.7775,
      0.7225,
      0.6675,
      0.61,
      0.555,
      0.5,
      0.445,
      0.3875,
      0.3325,
      0.2775,
      0.2225,
      0.1675,
      0.11,
      0.055,
      0
    ],
    "SoftwareVersions": "syngo_MR_E11",
    "SpacingBetweenSlices": 3.22,
    "StationName": "AWP166048",
    "TaskName": "ultimatum",
    "TotalReadoutTime": 0.0357695,
    "TxRefAmp": 330.829,
    "dataset": "<unset>",
    "modality": "bold",
    "run_id": 2,
    "subject_id": "145",
    "task_id": "ultimatum"
  },
  "dummy_trs": 1,
  "dvars_nstd": 83.00009016550504,
  "dvars_std": 1.2625419137373737,
  "dvars_vstd": 0.9885651108080806,
  "efc": 0.543085921150405,
  "fber": 2086.778564453125,
  "fd_mean": 1.5683084666675449,
  "fd_num": 198,
  "fd_perc": 99.49748743718592,
  "fwhm_avg": 1.8484299039563876,
  "fwhm_x": 1.7006176044303756,
  "fwhm_y": 2.0190261609270324,
  "fwhm_z": 1.825645946511755,
  "gcor": 0.0197767,
  "gsr_x": 0.001083456096239388,
  "gsr_y": 0.06165216118097305,
  "provenance": {
    "md5sum": "2ac31e9cabec07a122cff71147802fd5",
    "settings": {
      "fd_thres": 0.2,
      "testing": false
    },
    "software": "mriqc",
    "version": "22.0.6",
    "webapi_port": null,
    "webapi_url": "https://mriqc.nimh.nih.gov/api/v1"
  },
  "size_t": 199,
  "size_x": 74,
  "size_y": 74,
  "size_z": 36,
  "snr": 6.753858934899977,
  "spacing_tr": 2.0199999809265137,
  "spacing_x": 2.972972869873047,
  "spacing_y": 2.972972869873047,
  "spacing_z": 3.2200000286102295,
  "summary_bg_k": 11.227621020914352,
  "summary_bg_mad": 7.301257710659413,
  "summary_bg_mean": 35.79286193847656,
  "summary_bg_median": 15.668341636657715,
  "summary_bg_n": 118351.0,
  "summary_bg_p05": 9.341708183288574,
  "summary_bg_p95": 142.7638168334961,
  "summary_bg_stdv": 48.525726318359375,
  "summary_fg_k": 3.091004120545601,
  "summary_fg_mad": 90.28236712610871,
  "summary_fg_mean": 719.7808837890625,
  "summary_fg_median": 711.1005249023438,
  "summary_fg_n": 42565.0,
  "summary_fg_p05": 577.854248046875,
  "summary_fg_p95": 905.5115600585934,
  "summary_fg_stdv": 105.28679656982422,
  "tsnr": 31.125542437192053
}