{
  "aor": 0.0023982673267326734,
  "aqi": 0.006240805643564357,
  "bids_meta": {
    "AcquisitionMatrixPE": 74,
    "AcquisitionNumber": 1,
    "AcquisitionTime": "13:16:42.872500",
    "BandwidthPerPixelPhaseEncode": 27.579,
    "BaseResolution": 74,
    "BodyPartExamined": "BRAIN",
    "CogAtlasID": "http://www.cognitiveatlas.org/task/id/TODO",
    "CoilString": "HE1-4;NE1_2",
    "ConsistencyInfo": "N4_VE11C_LATEST_20160120",
    "ConversionSoftware": "dcm2niix",
    "ConversionSoftwareVersion": "v1.0.20190410  GCC6.3.0",
    "DerivedVendorReportedEchoSpacing": 0.000489993,
    "DeviceSerialNumber": "166048",
    "DwellTime": 2.9e-06,
    "EchoTime": 0.023,
    "EchoTrainLength": 74,
    "EffectiveEchoSpacing": 0.000489993,
    "FlipAngle": 76,
    "ImageOrientationPatientDICOM": [
      1,
      0,
      0,
      0,
      0.97437,
      -0.224951
    ],
    "ImageType": [
      "ORIGINAL",
      "PRIMARY",
      "M",
      "ND",
      "NORM",
      "MOSAIC"
    ],
    "ImagingFrequency": 123.246,
    "InPlanePhaseEncodingDirectionDICOM": "COL",
    "InstitutionAddress": "North_13th_1701_Philadelphia_PA_US_19122",
    "InstitutionName": "Temple_University_-_Weiss_Hall",
    "InstitutionalDepartmentName": "Department",
    "MRAcquisitionType": "2D",
    "MagneticFieldStrength": 3,
    "Manufacturer": "Siemens",
    "ManufacturersModelName": "Prisma",
    "Modality": "MR",
    "PartialFourier": 1,
    "PatientPosition": "HFS",
    "PercentPhaseFOV": 100,
    "PhaseEncodingDirection": "j-",
    "PhaseEncodingSteps": 74,
    "PhaseResolution": 1,
    "PixelBandwidth": 2330,
    "ProcedureStepDescription": "SMITH_SRNDNA",
    "ProtocolName": "func-bold_task-reward_run0",
    "PulseSequenceDetails": "%SiemensSeq%_ep2d_bold",
    "ReceiveCoilActiveElements": "HE1-4;NE1,2",
    "ReceiveCoilName": "HeadNeck_20",
    "ReconMatrixPE": 74,
    "RepetitionTime": 2.02,
    "SAR": 0.0897492,
    "ScanOptions": "FS",
    "ScanningSequence": "EP",
    "SequenceName": "_epfid2d1_74",
    "SequenceVariant": "SK",
    "SeriesDescription": "func-bold_task-reward_run0",
    "SeriesNumber": 14,
    "ShimSetting": [
      1445,
      -7463,
      6514,
      538,
      73,
      -39,
      73,
      40
    ],
    "SliceThickness": 2.8,
    "SliceTiming": [
      1.945,
      1.8875,
      1.8325,
      1.7775,
      1.7225,
      1.665,
      1.61,
      1.555,
      1.5,
      1.445,
      1.3875,
      1.3325,
      1.2775,
      1.2225,
      1.165,
      1.11,
      1.055,
      1,
      0.945,
      0.8875,
      0.8325,
      0.7775,
      0.7225,
      0.6675,
      0.61,
      0.555,
      0.5,
      0.445,
      0.3875,
      0.3325,
      0.2775,
      0.2225,
      0.1675,
      0.11,
      0.055,
      0
    ],
    "SoftwareVersions": "syngo_MR_E11",
    "SpacingBetweenSlices": 3.22,
    "StationName": "AWP166048",
    "TaskName": "sharedreward",
    "TotalReadoutTime": 0.0357695,
    "TxRefAmp": 251.034,
    "dataset": "<unset>",
    "modality": "bold",
    "run_id": 1,
    "subject_id": "105",
    "task_id": "sharedreward"
  },
  "dummy_trs": 0,
  "dvars_nstd": 23.580072274676617,
  "dvars_std": 1.41241537915423,
  "dvars_vstd": 1.0102294427363183,
  "efc": 0.5263998048235412,
  "fber": 2512.67919921875,
  "fd_mean": 0.0892819291527786,
  "fd_num": 6,
  "fd_perc": 2.9702970297029703,
  "fwhm_avg": 1.7434759460713323,
  "fwhm_x": 1.698289967986019,
  "fwhm_y": 1.8632527918885937,
  "fwhm_z": 1.6688850783393834,
  "gcor": 0.0191227,
  "gsr_x": -0.007627962157130241,
  "gsr_y": 0.027687354013323784,
  "provenance": {
    "md5sum": "135b3f649010807c64a56be418c453a5",
    "settings": {
      "fd_thres": 0.2,
      "testing": false
    },
    "software": "mriqc",
    "version": "22.0.6",
    "webapi_port": null,
    "webapi_url": "https://mriqc.nimh.nih.gov/api/v1"
  },
  "size_t": 202,
  "size_x": 74,
  "size_y": 74,
  "size_z": 36,
  "snr": 6.735606164174484,
  "spacing_tr": 2.0199999809265137,
  "spacing_x": 2.972972869873047,
  "spacing_y": 2.972972869873047,
  "spacing_z": 3.2200000286102295,
  "summary_bg_k": 38.860075334938905,
  "summary_bg_mad": 9.592876478642149,
  "summary_bg_mean": 40.92242431640625,
  "summary_bg_median": 18.831682205200195,
  "summary_bg_n": 118035.0,
  "summary_bg_p05": 9.722772598266602,
  "summary_bg_p95": 149.47574310302693,
  "summary_bg_stdv": 72.78316497802734,
  "summary_fg_k": 3.4069178338375554,
  "summary_fg_mad": 129.89645956952782,
  "summary_fg_mean": 970.8967895507812,
  "summary_fg_median": 957.7029418945312,
  "summary_fg_n": 40254.0,
  "summary_fg_p05": 781.4915740966796,
  "summary_fg_p95": 1203.1346557617187,
  "summary_fg_stdv": 142.183349609375,
  "tsnr": 92.96301920793485
}