{
  "aor": 0.0008820853080568721,
  "aqi": 0.004547215071090047,
  "bids_meta": {
    "AcquisitionMatrixPE": 74,
    "AcquisitionNumber": 1,
    "AcquisitionTime": "12:43:43.435000",
    "BandwidthPerPixelPhaseEncode": 27.579,
    "BaseResolution": 74,
    "BodyPartExamined": "BRAIN",
    "CogAtlasID": "http://www.cognitiveatlas.org/task/id/TODO",
    "CoilString": "HE1-4;NE1_2",
    "ConsistencyInfo": "N4_VE11C_LATEST_20160120",
    "ConversionSoftware": "dcm2niix",
    "ConversionSoftwareVersion": "v1.0.20190410  GCC6.3.0",
    "DerivedVendorReportedEchoSpacing": 0.000489993,
    "DeviceSerialNumber": "166048",
    "DwellTime": 2.9e-06,
    "EchoTime": 0.023,
    "EchoTrainLength": 74,
    "EffectiveEchoSpacing": 0.000489993,
    "FlipAngle": 76,
    "ImageOrientationPatientDICOM": [
      1,
      0,
      0,
      0,
      0.97437,
      -0.224951
    ],
    "ImageType": [
      "ORIGINAL",
      "PRIMARY",
      "M",
      "ND",
      "NORM",
      "MOSAIC"
    ],
    "ImagingFrequency": 123.246,
    "InPlanePhaseEncodingDirectionDICOM": "COL",
    "InstitutionAddress": "North_13th_1701_Philadelphia_PA_US_19122",
    "InstitutionName": "Temple_University_-_Weiss_Hall",
    "InstitutionalDepartmentName": "Department",
    "MRAcquisitionType": "2D",
    "MagneticFieldStrength": 3,
    "Manufacturer": "Siemens",
    "ManufacturersModelName": "Prisma",
    "Modality": "MR",
    "PartialFourier": 1,
    "PatientPosition": "HFS",
    "PercentPhaseFOV": 100,
    "PhaseEncodingDirection": "j-",
    "PhaseEncodingSteps": 74,
    "PhaseResolution": 1,
    "PixelBandwidth": 2330,
    "ProcedureStepDescription": "SMITH_SRNDNA",
    "ProtocolName": "func-bold_trust_run1",
    "PulseSequenceDetails": "%SiemensSeq%_ep2d_bold",
    "ReceiveCoilActiveElements": "HE1-4;NE1,2",
    "ReceiveCoilName": "HeadNeck_20",
    "ReconMatrixPE": 74,
    "RepetitionTime": 2.02,
    "SAR": 0.0897715,
    "ScanOptions": "FS",
    "ScanningSequence": "EP",
    "SequenceName": "_epfid2d1_74",
    "SequenceVariant": "SK",
    "SeriesDescription": "func-bold_trust_run1",
    "SeriesNumber": 10,
    "ShimSetting": [
      1445,
      -7463,
      6514,
      538,
      73,
      -39,
      73,
      40
    ],
    "SliceThickness": 2.8,
    "SliceTiming": [
      1.945,
      1.89,
      1.8325,
      1.7775,
      1.7225,
      1.6675,
      1.61,
      1.555,
      1.5,
      1.445,
      1.39,
      1.3325,
      1.2775,
      1.2225,
      1.1675,
      1.11,
      1.055,
      1,
      0.945,
      0.89,
      0.8325,
      0.7775,
      0.7225,
      0.6675,
      0.61,
      0.555,
      0.5,
      0.445,
      0.39,
      0.3325,
      0.2775,
      0.2225,
      0.1675,
      0.11,
      0.055,
      0
    ],
    "SoftwareVersions": "syngo_MR_E11",
    "SpacingBetweenSlices": 3.22,
    "StationName": "AWP166048",
    "TaskName": "trust",
    "TotalReadoutTime": 0.0357695,
    "TxRefAmp": 251.034,
    "dataset": "<unset>",
    "modality": "bold",
    "run_id": 2,
    "subject_id": "105",
    "task_id": "trust"
  },
  "dummy_trs": 6,
  "dvars_nstd": 23.313944853000002,
  "dvars_std": 1.3996385855714284,
  "dvars_vstd": 1.006412648904762,
  "efc": 0.5265823321241637,
  "fber": 2512.35546875,
  "fd_mean": 0.07476845038426465,
  "fd_num": 0,
  "fd_perc": 0.0,
  "fwhm_avg": 1.732155916302571,
  "fwhm_x": 1.67853196730083,
  "fwhm_y": 1.8480693368165912,
  "fwhm_z": 1.6698664447902913,
  "gcor": 0.0200638,
  "gsr_x": -0.008029383607208729,
  "gsr_y": 0.027632854878902435,
  "provenance": {
    "md5sum": "2559822e097e881c7551f5195399fc62",
    "settings": {
      "fd_thres": 0.2,
      "testing": false
    },
    "software": "mriqc",
    "version": "22.0.6",
    "webapi_port": null,
    "webapi_url": "https://mriqc.nimh.nih.gov/api/v1"
  },
  "size_t": 211,
  "size_x": 74,
  "size_y": 74,
  "size_z": 36,
  "snr": 6.765771077532854,
  "spacing_tr": 2.0199999809265137,
  "spacing_x": 2.972972869873047,
  "spacing_y": 2.972972869873047,
  "spacing_z": 3.2200000286102295,
  "summary_bg_k": 40.41708553611174,
  "summary_bg_mad": 9.38044636149974,
  "summary_bg_mean": 40.38764572143555,
  "summary_bg_median": 18.772512435913086,
  "summary_bg_n": 117930.0,
  "summary_bg_p05": 9.864692211151127,
  "summary_bg_p95": 146.37442016601562,
  "summary_bg_stdv": 72.16215515136719,
  "summary_fg_k": 3.498502159379484,
  "summary_fg_mad": 128.62804921205756,
  "summary_fg_mean": 969.3829956054688,
  "summary_fg_median": 955.7867431640625,
  "summary_fg_n": 40373.0,
  "summary_fg_p05": 782.9298706054688,
  "summary_fg_p95": 1200.836083984375,
  "summary_fg_stdv": 141.26622009277344,
  "tsnr": 109.14543232880533
}