{
  "aor": 0.0011013861386138615,
  "aqi": 0.0046164817821782176,
  "bids_meta": {
    "AcquisitionMatrixPE": 74,
    "AcquisitionNumber": 1,
    "AcquisitionTime": "13:24:0.272500",
    "BandwidthPerPixelPhaseEncode": 27.579,
    "BaseResolution": 74,
    "BodyPartExamined": "BRAIN",
    "CogAtlasID": "http://www.cognitiveatlas.org/task/id/TODO",
    "CoilString": "HE1-4;NE1_2",
    "ConsistencyInfo": "N4_VE11C_LATEST_20160120",
    "ConversionSoftware": "dcm2niix",
    "ConversionSoftwareVersion": "v1.0.20190410  GCC6.3.0",
    "DerivedVendorReportedEchoSpacing": 0.000489993,
    "DeviceSerialNumber": "166048",
    "DwellTime": 2.9e-06,
    "EchoTime": 0.023,
    "EchoTrainLength": 74,
    "EffectiveEchoSpacing": 0.000489993,
    "FlipAngle": 76,
    "ImageOrientationPatientDICOM": [
      1,
      0,
      0,
      0,
      0.97437,
      -0.224951
    ],
    "ImageType": [
      "ORIGINAL",
      "PRIMARY",
      "M",
      "ND",
      "NORM",
      "MOSAIC"
    ],
    "ImagingFrequency": 123.246,
    "InPlanePhaseEncodingDirectionDICOM": "COL",
    "InstitutionAddress": "North_13th_1701_Philadelphia_PA_US_19122",
    "InstitutionName": "Temple_University_-_Weiss_Hall",
    "InstitutionalDepartmentName": "Department",
    "MRAcquisitionType": "2D",
    "MagneticFieldStrength": 3,
    "Manufacturer": "Siemens",
    "ManufacturersModelName": "Prisma",
    "Modality": "MR",
    "PartialFourier": 1,
    "PatientPosition": "HFS",
    "PercentPhaseFOV": 100,
    "PhaseEncodingDirection": "j-",
    "PhaseEncodingSteps": 74,
    "PhaseResolution": 1,
    "PixelBandwidth": 2330,
    "ProcedureStepDescription": "SMITH_SRNDNA",
    "ProtocolName": "func-bold_task-reward_run1",
    "PulseSequenceDetails": "%SiemensSeq%_ep2d_bold",
    "ReceiveCoilActiveElements": "HE1-4;NE1,2",
    "ReceiveCoilName": "HeadNeck_20",
    "ReconMatrixPE": 74,
    "RepetitionTime": 2.02,
    "SAR": 0.0897492,
    "ScanOptions": "FS",
    "ScanningSequence": "EP",
    "SequenceName": "_epfid2d1_74",
    "SequenceVariant": "SK",
    "SeriesDescription": "func-bold_task-reward_run1",
    "SeriesNumber": 15,
    "ShimSetting": [
      1445,
      -7463,
      6514,
      538,
      73,
      -39,
      73,
      40
    ],
    "SliceThickness": 2.8,
    "SliceTiming": [
      1.945,
      1.89,
      1.835,
      1.78,
      1.7225,
      1.6675,
      1.6125,
      1.5575,
      1.5,
      1.445,
      1.39,
      1.335,
      1.28,
      1.2225,
      1.1675,
      1.1125,
      1.0575,
      1,
      0.945,
      0.89,
      0.835,
      0.78,
      0.7225,
      0.6675,
      0.6125,
      0.5575,
      0.5,
      0.445,
      0.39,
      0.335,
      0.28,
      0.2225,
      0.1675,
      0.1125,
      0.0575,
      0
    ],
    "SoftwareVersions": "syngo_MR_E11",
    "SpacingBetweenSlices": 3.22,
    "StationName": "AWP166048",
    "TaskName": "sharedreward",
    "TotalReadoutTime": 0.0357695,
    "TxRefAmp": 251.034,
    "dataset": "<unset>",
    "modality": "bold",
    "run_id": 2,
    "subject_id": "105",
    "task_id": "sharedreward"
  },
  "dummy_trs": 0,
  "dvars_nstd": 23.92423592776118,
  "dvars_std": 1.4366308884079597,
  "dvars_vstd": 1.0157949551243777,
  "efc": 0.5272485770672811,
  "fber": 2482.305908203125,
  "fd_mean": 0.08540852907217188,
  "fd_num": 2,
  "fd_perc": 0.9900990099009901,
  "fwhm_avg": 1.738442967907156,
  "fwhm_x": 1.693342058723521,
  "fwhm_y": 1.8523377915100718,
  "fwhm_z": 1.669649053487875,
  "gcor": 0.0180047,
  "gsr_x": -0.007873204536736012,
  "gsr_y": 0.02764618955552578,
  "provenance": {
    "md5sum": "6d1642f96fa6c205aa57515ba94d00bc",
    "settings": {
      "fd_thres": 0.2,
      "testing": false
    },
    "software": "mriqc",
    "version": "22.0.6",
    "webapi_port": null,
    "webapi_url": "https://mriqc.nimh.nih.gov/api/v1"
  },
  "size_t": 202,
  "size_x": 74,
  "size_y": 74,
  "size_z": 36,
  "snr": 6.7096350851136775,
  "spacing_tr": 2.0199999809265137,
  "spacing_x": 2.972972869873047,
  "spacing_y": 2.972972869873047,
  "spacing_z": 3.2200000286102295,
  "summary_bg_k": 38.674035811350876,
  "summary_bg_mad": 9.548838536997884,
  "summary_bg_mean": 41.319496154785156,
  "summary_bg_median": 18.900989532470703,
  "summary_bg_n": 117988.0,
  "summary_bg_p05": 9.876237869262695,
  "summary_bg_p95": 151.6485137939453,
  "summary_bg_stdv": 73.91690826416016,
  "summary_fg_k": 3.533118594138803,
  "summary_fg_mad": 129.82307148363867,
  "summary_fg_mean": 969.7954711914062,
  "summary_fg_median": 956.339111328125,
  "summary_fg_n": 40312.0,
  "summary_fg_p05": 780.9230072021485,
  "summary_fg_p95": 1202.9386230468747,
  "summary_fg_stdv": 142.5304412841797,
  "tsnr": 105.33588897250593
}