{
  "aor": 0.0011573708920187794,
  "aqi": 0.004762777323943662,
  "bids_meta": {
    "AcquisitionMatrixPE": 74,
    "AcquisitionNumber": 1,
    "AcquisitionTime": "12:51:23.527500",
    "BandwidthPerPixelPhaseEncode": 27.579,
    "BaseResolution": 74,
    "BodyPartExamined": "BRAIN",
    "CogAtlasID": "http://www.cognitiveatlas.org/task/id/TODO",
    "CoilString": "HE1-4;NE1_2",
    "ConsistencyInfo": "N4_VE11C_LATEST_20160120",
    "ConversionSoftware": "dcm2niix",
    "ConversionSoftwareVersion": "v1.0.20190410  GCC6.3.0",
    "DerivedVendorReportedEchoSpacing": 0.000489993,
    "DeviceSerialNumber": "166048",
    "DwellTime": 2.9e-06,
    "EchoTime": 0.023,
    "EchoTrainLength": 74,
    "EffectiveEchoSpacing": 0.000489993,
    "FlipAngle": 76,
    "ImageOrientationPatientDICOM": [
      1,
      0,
      0,
      0,
      0.97437,
      -0.224951
    ],
    "ImageType": [
      "ORIGINAL",
      "PRIMARY",
      "M",
      "ND",
      "NORM",
      "MOSAIC"
    ],
    "ImagingFrequency": 123.246,
    "InPlanePhaseEncodingDirectionDICOM": "COL",
    "InstitutionAddress": "North_13th_1701_Philadelphia_PA_US_19122",
    "InstitutionName": "Temple_University_-_Weiss_Hall",
    "InstitutionalDepartmentName": "Department",
    "MRAcquisitionType": "2D",
    "MagneticFieldStrength": 3,
    "Manufacturer": "Siemens",
    "ManufacturersModelName": "Prisma",
    "Modality": "MR",
    "PartialFourier": 1,
    "PatientPosition": "HFS",
    "PercentPhaseFOV": 100,
    "PhaseEncodingDirection": "j-",
    "PhaseEncodingSteps": 74,
    "PhaseResolution": 1,
    "PixelBandwidth": 2330,
    "ProcedureStepDescription": "SMITH_SRNDNA",
    "ProtocolName": "func-bold_trust_run2",
    "PulseSequenceDetails": "%SiemensSeq%_ep2d_bold",
    "ReceiveCoilActiveElements": "HE1-4;NE1,2",
    "ReceiveCoilName": "HeadNeck_20",
    "ReconMatrixPE": 74,
    "RepetitionTime": 2.02,
    "SAR": 0.0897715,
    "ScanOptions": "FS",
    "ScanningSequence": "EP",
    "SequenceName": "_epfid2d1_74",
    "SequenceVariant": "SK",
    "SeriesDescription": "func-bold_trust_run2",
    "SeriesNumber": 11,
    "ShimSetting": [
      1445,
      -7463,
      6514,
      538,
      73,
      -39,
      73,
      40
    ],
    "SliceThickness": 2.8,
    "SliceTiming": [
      1.945,
      1.89,
      1.835,
      1.7775,
      1.7225,
      1.6675,
      1.6125,
      1.555,
      1.5,
      1.445,
      1.39,
      1.335,
      1.2775,
      1.2225,
      1.1675,
      1.1125,
      1.055,
      1,
      0.945,
      0.89,
      0.835,
      0.7775,
      0.7225,
      0.6675,
      0.6125,
      0.555,
      0.5,
      0.445,
      0.39,
      0.335,
      0.2775,
      0.2225,
      0.1675,
      0.1125,
      0.055,
      0
    ],
    "SoftwareVersions": "syngo_MR_E11",
    "SpacingBetweenSlices": 3.22,
    "StationName": "AWP166048",
    "TaskName": "trust",
    "TotalReadoutTime": 0.0357695,
    "TxRefAmp": 251.034,
    "dataset": "<unset>",
    "modality": "bold",
    "run_id": 3,
    "subject_id": "105",
    "task_id": "trust"
  },
  "dummy_trs": 4,
  "dvars_nstd": 19.344840503867932,
  "dvars_std": 1.2830956928301878,
  "dvars_vstd": 1.0092078875943393,
  "efc": 0.5269219943680452,
  "fber": 2495.55908203125,
  "fd_mean": 0.07882478868787539,
  "fd_num": 1,
  "fd_perc": 0.4694835680751174,
  "fwhm_avg": 1.731242541973255,
  "fwhm_x": 1.688262967638292,
  "fwhm_y": 1.8531820642666232,
  "fwhm_z": 1.6522825940148498,
  "gcor": 0.0300476,
  "gsr_x": -0.008045348338782787,
  "gsr_y": 0.027825025841593742,
  "provenance": {
    "md5sum": "d8a8eaf17c93bf9f612687ce27103138",
    "settings": {
      "fd_thres": 0.2,
      "testing": false
    },
    "software": "mriqc",
    "version": "22.0.6",
    "webapi_port": null,
    "webapi_url": "https://mriqc.nimh.nih.gov/api/v1"
  },
  "size_t": 213,
  "size_x": 74,
  "size_y": 74,
  "size_z": 36,
  "snr": 6.7471686177197805,
  "spacing_tr": 2.0199999809265137,
  "spacing_x": 2.972972869873047,
  "spacing_y": 2.972972869873047,
  "spacing_z": 3.2200000286102295,
  "summary_bg_k": 40.127723513681474,
  "summary_bg_mad": 9.382852852756356,
  "summary_bg_mean": 40.60268020629883,
  "summary_bg_median": 18.779342651367188,
  "summary_bg_n": 117896.0,
  "summary_bg_p05": 9.863849639892578,
  "summary_bg_p95": 148.48004913330078,
  "summary_bg_stdv": 72.47331237792969,
  "summary_fg_k": 3.5970766792476034,
  "summary_fg_mad": 127.97714847000977,
  "summary_fg_mean": 966.3385620117188,
  "summary_fg_median": 953.3310546875,
  "summary_fg_n": 40374.0,
  "summary_fg_p05": 780.2220733642578,
  "summary_fg_p95": 1196.5526062011718,
  "summary_fg_stdv": 141.291748046875,
  "tsnr": 107.41166650736704
}