{
  "aor": 0.0033213861386138612,
  "aqi": 0.01777368821782178,
  "bids_meta": {
    "AcquisitionMatrixPE": 74,
    "AcquisitionNumber": 1,
    "AcquisitionTime": "17:42:21.120000",
    "BandwidthPerPixelPhaseEncode": 27.579,
    "BaseResolution": 74,
    "BodyPartExamined": "BRAIN",
    "CogAtlasID": "http://www.cognitiveatlas.org/task/id/TODO",
    "CoilString": "HE1-4;NE1_2",
    "ConsistencyInfo": "N4_VE11C_LATEST_20160120",
    "ConversionSoftware": "dcm2niix",
    "ConversionSoftwareVersion": "v1.0.20190410  GCC6.3.0",
    "DerivedVendorReportedEchoSpacing": 0.000489993,
    "DeviceSerialNumber": "166048",
    "DwellTime": 2.9e-06,
    "EchoTime": 0.023,
    "EchoTrainLength": 74,
    "EffectiveEchoSpacing": 0.000489993,
    "FlipAngle": 76,
    "ImageOrientationPatientDICOM": [
      1,
      0,
      0,
      0,
      0.957823,
      -0.287361
    ],
    "ImageType": [
      "ORIGINAL",
      "PRIMARY",
      "M",
      "ND",
      "NORM",
      "MOSAIC"
    ],
    "ImagingFrequency": 123.246,
    "InPlanePhaseEncodingDirectionDICOM": "COL",
    "InstitutionAddress": "North_13th_1701_Philadelphia_PA_US_19122",
    "InstitutionName": "Temple_University_-_Weiss_Hall",
    "InstitutionalDepartmentName": "Department",
    "MRAcquisitionType": "2D",
    "MagneticFieldStrength": 3,
    "Manufacturer": "Siemens",
    "ManufacturersModelName": "Prisma",
    "Modality": "MR",
    "PartialFourier": 1,
    "PatientPosition": "HFS",
    "PercentPhaseFOV": 100,
    "PhaseEncodingDirection": "j-",
    "PhaseEncodingSteps": 74,
    "PhaseResolution": 1,
    "PixelBandwidth": 2330,
    "ProcedureStepDescription": "SMITH_SRNDNA",
    "ProtocolName": "func-bold_task-reward_run1",
    "PulseSequenceDetails": "%SiemensSeq%_ep2d_bold",
    "ReceiveCoilActiveElements": "HE1-4;NE1,2",
    "ReceiveCoilName": "HeadNeck_20",
    "ReconMatrixPE": 74,
    "RepetitionTime": 2.02,
    "SAR": 0.0856084,
    "ScanOptions": "FS",
    "ScanningSequence": "EP",
    "SequenceName": "_epfid2d1_74",
    "SequenceVariant": "SK",
    "SeriesDescription": "func-bold_task-reward_run1",
    "SeriesNumber": 15,
    "ShimSetting": [
      1424,
      -7408,
      6537,
      26,
      -50,
      -134,
      -134,
      43
    ],
    "SliceThickness": 2.8,
    "SliceTiming": [
      1.945,
      1.89,
      1.835,
      1.78,
      1.7225,
      1.6675,
      1.6125,
      1.5575,
      1.5,
      1.445,
      1.39,
      1.335,
      1.28,
      1.2225,
      1.1675,
      1.1125,
      1.0575,
      1,
      0.945,
      0.89,
      0.835,
      0.78,
      0.7225,
      0.6675,
      0.6125,
      0.5575,
      0.5,
      0.445,
      0.39,
      0.335,
      0.28,
      0.2225,
      0.1675,
      0.1125,
      0.0575,
      0
    ],
    "SoftwareVersions": "syngo_MR_E11",
    "SpacingBetweenSlices": 3.22,
    "StationName": "AWP166048",
    "TaskName": "sharedreward",
    "TotalReadoutTime": 0.0357695,
    "TxRefAmp": 302.849,
    "dataset": "<unset>",
    "modality": "bold",
    "run_id": 2,
    "subject_id": "134",
    "task_id": "sharedreward"
  },
  "dummy_trs": 0,
  "dvars_nstd": 33.2551343546766,
  "dvars_std": 1.22404880278607,
  "dvars_vstd": 1.0078970150746267,
  "efc": 0.538183572511619,
  "fber": 1268.2239990234375,
  "fd_mean": 0.3555239210909316,
  "fd_num": 125,
  "fd_perc": 61.881188118811885,
  "fwhm_avg": 1.831620140795735,
  "fwhm_x": 1.762192333838457,
  "fwhm_y": 1.9514103404003609,
  "fwhm_z": 1.781257748148387,
  "gcor": 0.0342333,
  "gsr_x": -0.016526618972420692,
  "gsr_y": 0.030639640986919403,
  "provenance": {
    "md5sum": "99ec18b1a4894d49177a39c82f12ed11",
    "settings": {
      "fd_thres": 0.2,
      "testing": false
    },
    "software": "mriqc",
    "version": "22.0.6",
    "webapi_port": null,
    "webapi_url": "https://mriqc.nimh.nih.gov/api/v1"
  },
  "size_t": 202,
  "size_x": 74,
  "size_y": 74,
  "size_z": 36,
  "snr": 6.531179196927862,
  "spacing_tr": 2.0199999809265137,
  "spacing_x": 2.972972869873047,
  "spacing_y": 2.972972869873047,
  "spacing_z": 3.2200000286102295,
  "summary_bg_k": 27.906273699300236,
  "summary_bg_mad": 12.591108664926722,
  "summary_bg_mean": 44.58439636230469,
  "summary_bg_median": 20.779701232910156,
  "summary_bg_n": 121094.0,
  "summary_bg_p05": 10.341584205627441,
  "summary_bg_p95": 143.0148468017578,
  "summary_bg_stdv": 68.50469207763672,
  "summary_fg_k": 3.3702856783071784,
  "summary_fg_mad": 97.60950239433485,
  "summary_fg_mean": 769.1742553710938,
  "summary_fg_median": 754.841552734375,
  "summary_fg_n": 38105.0,
  "summary_fg_p05": 618.0712646484375,
  "summary_fg_p95": 965.4593749999996,
  "summary_fg_stdv": 115.57356262207031,
  "tsnr": 47.64473277144134
}