{
  "aor": 0.0028481944444444444,
  "aqi": 0.013366522083333334,
  "bids_meta": {
    "AcquisitionMatrixPE": 74,
    "AcquisitionNumber": 1,
    "AcquisitionTime": "16:59:19.127500",
    "BandwidthPerPixelPhaseEncode": 27.579,
    "BaseResolution": 74,
    "BodyPartExamined": "BRAIN",
    "CogAtlasID": "http://www.cognitiveatlas.org/task/id/TODO",
    "CoilString": "HE1-4;NE1_2",
    "ConsistencyInfo": "N4_VE11C_LATEST_20160120",
    "ConversionSoftware": "dcm2niix",
    "ConversionSoftwareVersion": "v1.0.20190410  GCC6.3.0",
    "DerivedVendorReportedEchoSpacing": 0.000489993,
    "DeviceSerialNumber": "166048",
    "DwellTime": 2.9e-06,
    "EchoTime": 0.023,
    "EchoTrainLength": 74,
    "EffectiveEchoSpacing": 0.000489993,
    "FlipAngle": 76,
    "ImageOrientationPatientDICOM": [
      1,
      0,
      0,
      0,
      0.957823,
      -0.287361
    ],
    "ImageType": [
      "ORIGINAL",
      "PRIMARY",
      "M",
      "ND",
      "NORM",
      "MOSAIC"
    ],
    "ImagingFrequency": 123.246,
    "InPlanePhaseEncodingDirectionDICOM": "COL",
    "InstitutionAddress": "North_13th_1701_Philadelphia_PA_US_19122",
    "InstitutionName": "Temple_University_-_Weiss_Hall",
    "InstitutionalDepartmentName": "Department",
    "MRAcquisitionType": "2D",
    "MagneticFieldStrength": 3,
    "Manufacturer": "Siemens",
    "ManufacturersModelName": "Prisma",
    "Modality": "MR",
    "PartialFourier": 1,
    "PatientPosition": "HFS",
    "PercentPhaseFOV": 100,
    "PhaseEncodingDirection": "j-",
    "PhaseEncodingSteps": 74,
    "PhaseResolution": 1,
    "PixelBandwidth": 2330,
    "ProcedureStepDescription": "SMITH_SRNDNA",
    "ProtocolName": "func-bold_trust_run1",
    "PulseSequenceDetails": "%SiemensSeq%_ep2d_bold",
    "ReceiveCoilActiveElements": "HE1-4;NE1,2",
    "ReceiveCoilName": "HeadNeck_20",
    "ReconMatrixPE": 74,
    "RepetitionTime": 2.02,
    "SAR": 0.0856297,
    "ScanOptions": "FS",
    "ScanningSequence": "EP",
    "SequenceName": "_epfid2d1_74",
    "SequenceVariant": "SK",
    "SeriesDescription": "func-bold_trust_run1",
    "SeriesNumber": 10,
    "ShimSetting": [
      1424,
      -7408,
      6537,
      26,
      -50,
      -134,
      -134,
      43
    ],
    "SliceThickness": 2.8,
    "SliceTiming": [
      1.945,
      1.8875,
      1.8325,
      1.7775,
      1.7225,
      1.6675,
      1.61,
      1.555,
      1.5,
      1.445,
      1.3875,
      1.3325,
      1.2775,
      1.2225,
      1.1675,
      1.11,
      1.055,
      1,
      0.945,
      0.89,
      0.8325,
      0.7775,
      0.7225,
      0.6675,
      0.61,
      0.555,
      0.5,
      0.445,
      0.39,
      0.3325,
      0.2775,
      0.2225,
      0.1675,
      0.11,
      0.055,
      0
    ],
    "SoftwareVersions": "syngo_MR_E11",
    "SpacingBetweenSlices": 3.22,
    "StationName": "AWP166048",
    "TaskName": "trust",
    "TotalReadoutTime": 0.0357695,
    "TxRefAmp": 302.849,
    "dataset": "<unset>",
    "modality": "bold",
    "run_id": 2,
    "subject_id": "134",
    "task_id": "trust"
  },
  "dummy_trs": 1,
  "dvars_nstd": 30.855844195534882,
  "dvars_std": 1.245739698744185,
  "dvars_vstd": 1.0057801348372093,
  "efc": 0.5356650836391795,
  "fber": 1344.9942626953125,
  "fd_mean": 0.232551684166275,
  "fd_num": 96,
  "fd_perc": 44.44444444444444,
  "fwhm_avg": 1.8275931530462177,
  "fwhm_x": 1.7671503340103958,
  "fwhm_y": 1.945113612909269,
  "fwhm_z": 1.770515512218989,
  "gcor": 0.0149262,
  "gsr_x": -0.01687101647257805,
  "gsr_y": 0.03044271096587181,
  "provenance": {
    "md5sum": "1bf618580e22431633b5e77498825fe5",
    "settings": {
      "fd_thres": 0.2,
      "testing": false
    },
    "software": "mriqc",
    "version": "22.0.6",
    "webapi_port": null,
    "webapi_url": "https://mriqc.nimh.nih.gov/api/v1"
  },
  "size_t": 216,
  "size_x": 74,
  "size_y": 74,
  "size_z": 36,
  "snr": 6.508229505238275,
  "spacing_tr": 2.0199999809265137,
  "spacing_x": 2.972972869873047,
  "spacing_y": 2.972972869873047,
  "spacing_z": 3.2200000286102295,
  "summary_bg_k": 28.611443790009425,
  "summary_bg_mad": 12.499161469616682,
  "summary_bg_mean": 43.38502502441406,
  "summary_bg_median": 20.370370864868164,
  "summary_bg_n": 121068.0,
  "summary_bg_p05": 9.777777671813965,
  "summary_bg_p95": 136.74537658691406,
  "summary_bg_stdv": 66.80805206298828,
  "summary_fg_k": 3.2025921128060624,
  "summary_fg_mad": 99.20051266080003,
  "summary_fg_mean": 773.9303588867188,
  "summary_fg_median": 759.3425903320312,
  "summary_fg_n": 38204.0,
  "summary_fg_p05": 621.0205810546875,
  "summary_fg_p95": 972.4951385498047,
  "summary_fg_stdv": 116.67269134521484,
  "tsnr": 55.12024688627571
}