{
  "aor": 0.001603316582914573,
  "aqi": 0.012075889547738696,
  "bids_meta": {
    "AcquisitionMatrixPE": 74,
    "AcquisitionNumber": 1,
    "AcquisitionTime": "18:00:6.172500",
    "BandwidthPerPixelPhaseEncode": 27.579,
    "BaseResolution": 74,
    "BodyPartExamined": "BRAIN",
    "CogAtlasID": "http://www.cognitiveatlas.org/task/id/TODO",
    "CoilString": "HE1-4;NE1_2",
    "ConsistencyInfo": "N4_VE11C_LATEST_20160120",
    "ConversionSoftware": "dcm2niix",
    "ConversionSoftwareVersion": "v1.0.20190410  GCC6.3.0",
    "DerivedVendorReportedEchoSpacing": 0.000489993,
    "DeviceSerialNumber": "166048",
    "DwellTime": 2.9e-06,
    "EchoTime": 0.023,
    "EchoTrainLength": 74,
    "EffectiveEchoSpacing": 0.000489993,
    "FlipAngle": 76,
    "ImageOrientationPatientDICOM": [
      1,
      0,
      0,
      0,
      0.957823,
      -0.287361
    ],
    "ImageType": [
      "ORIGINAL",
      "PRIMARY",
      "M",
      "ND",
      "NORM",
      "MOSAIC"
    ],
    "ImagingFrequency": 123.246,
    "InPlanePhaseEncodingDirectionDICOM": "COL",
    "InstitutionAddress": "North_13th_1701_Philadelphia_PA_US_19122",
    "InstitutionName": "Temple_University_-_Weiss_Hall",
    "InstitutionalDepartmentName": "Department",
    "MRAcquisitionType": "2D",
    "MagneticFieldStrength": 3,
    "Manufacturer": "Siemens",
    "ManufacturersModelName": "Prisma",
    "Modality": "MR",
    "PartialFourier": 1,
    "PatientPosition": "HFS",
    "PercentPhaseFOV": 100,
    "PhaseEncodingDirection": "j-",
    "PhaseEncodingSteps": 74,
    "PhaseResolution": 1,
    "PixelBandwidth": 2330,
    "ProcedureStepDescription": "SMITH_SRNDNA",
    "ProtocolName": "func-bold_task-UG_run1",
    "PulseSequenceDetails": "%SiemensSeq%_ep2d_bold",
    "ReceiveCoilActiveElements": "HE1-4;NE1,2",
    "ReceiveCoilName": "HeadNeck_20",
    "ReconMatrixPE": 74,
    "RepetitionTime": 2.02,
    "SAR": 0.0856053,
    "ScanOptions": "FS",
    "ScanningSequence": "EP",
    "SequenceName": "_epfid2d1_74",
    "SequenceVariant": "SK",
    "SeriesDescription": "func-bold_task-UG_run1",
    "SeriesNumber": 18,
    "ShimSetting": [
      1424,
      -7408,
      6537,
      26,
      -50,
      -134,
      -134,
      43
    ],
    "SliceThickness": 2.8,
    "SliceTiming": [
      1.9425,
      1.8875,
      1.8325,
      1.7775,
      1.7225,
      1.665,
      1.61,
      1.555,
      1.5,
      1.4425,
      1.3875,
      1.3325,
      1.2775,
      1.2225,
      1.165,
      1.11,
      1.055,
      1,
      0.9425,
      0.8875,
      0.8325,
      0.7775,
      0.7225,
      0.665,
      0.61,
      0.555,
      0.5,
      0.4425,
      0.3875,
      0.3325,
      0.2775,
      0.2225,
      0.165,
      0.11,
      0.055,
      0
    ],
    "SoftwareVersions": "syngo_MR_E11",
    "SpacingBetweenSlices": 3.22,
    "StationName": "AWP166048",
    "TaskName": "ultimatum",
    "TotalReadoutTime": 0.0357695,
    "TxRefAmp": 302.849,
    "dataset": "<unset>",
    "modality": "bold",
    "run_id": 2,
    "subject_id": "134",
    "task_id": "ultimatum"
  },
  "dummy_trs": 1,
  "dvars_nstd": 31.950475345959607,
  "dvars_std": 1.2384854049494944,
  "dvars_vstd": 0.9974375017676769,
  "efc": 0.5381245341532017,
  "fber": 1276.1429443359375,
  "fd_mean": 0.2872931510624462,
  "fd_num": 119,
  "fd_perc": 59.79899497487437,
  "fwhm_avg": 1.8254477701346457,
  "fwhm_x": 1.7617146974582565,
  "fwhm_y": 1.943932976504689,
  "fwhm_z": 1.7706956364409911,
  "gcor": 0.0298103,
  "gsr_x": -0.016258565708994865,
  "gsr_y": 0.02828005701303482,
  "provenance": {
    "md5sum": "8ba25306773aabe19f0abf84adc1ab7b",
    "settings": {
      "fd_thres": 0.2,
      "testing": false
    },
    "software": "mriqc",
    "version": "22.0.6",
    "webapi_port": null,
    "webapi_url": "https://mriqc.nimh.nih.gov/api/v1"
  },
  "size_t": 199,
  "size_x": 74,
  "size_y": 74,
  "size_z": 36,
  "snr": 6.448329392116563,
  "spacing_tr": 2.0199999809265137,
  "spacing_x": 2.972972869873047,
  "spacing_y": 2.972972869873047,
  "spacing_z": 3.2200000286102295,
  "summary_bg_k": 27.319996301352187,
  "summary_bg_mad": 12.508991039073786,
  "summary_bg_mean": 44.5844612121582,
  "summary_bg_median": 20.68844223022461,
  "summary_bg_n": 121055.0,
  "summary_bg_p05": 10.271356582641602,
  "summary_bg_p95": 143.87939453125,
  "summary_bg_stdv": 68.64636993408203,
  "summary_fg_k": 3.3689155900566794,
  "summary_fg_mad": 98.01571585618004,
  "summary_fg_mean": 770.3391723632812,
  "summary_fg_median": 755.482421875,
  "summary_fg_n": 38149.0,
  "summary_fg_p05": 616.889453125,
  "summary_fg_p95": 970.4643188476563,
  "summary_fg_stdv": 117.15786743164062,
  "tsnr": 56.84354589879513
}