{
  "bids_meta": {
    "AcquisitionMatrixPE": 192,
    "AcquisitionNumber": 1,
    "AcquisitionTime": "10:48:47.532500",
    "BaseResolution": 192,
    "BodyPartExamined": "BRAIN",
    "CoilString": "HE1-4;NE1_2",
    "ConsistencyInfo": "N4_VE11C_LATEST_20160120",
    "ConversionSoftware": "dcm2niix",
    "ConversionSoftwareVersion": "v1.0.20190410  GCC6.3.0",
    "DeviceSerialNumber": "166048",
    "DwellTime": 3.5e-06,
    "EchoTime": 0.567,
    "EchoTrainLength": 314,
    "FlipAngle": 120,
    "ImageOrientationPatientDICOM": [
      0,
      1,
      0,
      0,
      0,
      -1
    ],
    "ImageType": [
      "ORIGINAL",
      "PRIMARY",
      "M",
      "ND",
      "NORM"
    ],
    "ImagingFrequency": 123.246,
    "InPlanePhaseEncodingDirectionDICOM": "ROW",
    "InstitutionAddress": "North_13th_1701_Philadelphia_PA_US_19122",
    "InstitutionName": "Temple_University_-_Weiss_Hall",
    "InstitutionalDepartmentName": "Department",
    "MRAcquisitionType": "3D",
    "MagneticFieldStrength": 3,
    "Manufacturer": "Siemens",
    "ManufacturersModelName": "Prisma",
    "Modality": "MR",
    "PartialFourier": 1,
    "PatientPosition": "HFS",
    "PercentPhaseFOV": 100,
    "PhaseEncodingSteps": 194,
    "PhaseOversampling": 0.03,
    "PhaseResolution": 1,
    "PixelBandwidth": 745,
    "ProcedureStepDescription": "SMITH_SRNDNA",
    "ProtocolName": "T2w-anat_spc_07sag_iso",
    "PulseSequenceDetails": "%SiemensSeq%_tse_vfl",
    "ReceiveCoilActiveElements": "HE1-4;NE1,2",
    "ReceiveCoilName": "HeadNeck_20",
    "ReconMatrixPE": 192,
    "RefLinesPE": 32,
    "RepetitionTime": 3.2,
    "SAR": 0.211619,
    "ScanOptions": "PFP",
    "ScanningSequence": "SE",
    "SequenceName": "_spc_314ns",
    "SequenceVariant": "SK_SP_OSP",
    "SeriesDescription": "T2w-anat_spc_07sag_iso",
    "SeriesNumber": 3,
    "ShimSetting": [
      1411,
      -7601,
      6498,
      76,
      4,
      -342,
      -196,
      83
    ],
    "SliceThickness": 1,
    "SoftwareVersions": "syngo_MR_E11",
    "StationName": "AWP166048",
    "TxRefAmp": 262.205,
    "dataset": "<unset>",
    "modality": "T2w",
    "subject_id": "156"
  },
  "cjv": 0.33802849301828786,
  "cnr": 1.6168050165865893,
  "efc": 0.625656976252773,
  "fber": 360.52366820294617,
  "fwhm_avg": 2.6453066666666665,
  "fwhm_x": 2.53738,
  "fwhm_y": 2.86983,
  "fwhm_z": 2.52871,
  "icvs_csf": 0.3207422622499083,
  "icvs_gm": 0.5537214963527697,
  "icvs_wm": 0.12553624139732197,
  "inu_med": 0.984271764755249,
  "inu_range": 0.3159511089324951,
  "provenance": {
    "md5sum": "d4b54ca74e8ee15183a9287d77405043",
    "settings": {
      "testing": false
    },
    "software": "mriqc",
    "version": "22.0.6",
    "warnings": {
      "large_rot_frame": true,
      "small_air_mask": false
    },
    "webapi_port": null,
    "webapi_url": "https://mriqc.nimh.nih.gov/api/v1"
  },
  "qi_1": 0.0,
  "qi_2": 0.0005585410787260987,
  "rpve_csf": 10.968594586236494,
  "rpve_gm": 7.455894176982246,
  "rpve_wm": 33.980658846416844,
  "size_x": 192,
  "size_y": 192,
  "size_z": 192,
  "snr_csf": 7.372845350381619,
  "snr_gm": 6.421584442693646,
  "snr_total": 5.397310630235668,
  "snr_wm": 2.397502097631739,
  "snrd_csf": 51.578387353500666,
  "snrd_gm": 28.156694986957177,
  "snrd_total": 55.913092420660014,
  "snrd_wm": 88.00419492152221,
  "spacing_x": 1.0,
  "spacing_y": 1.0,
  "spacing_z": 1.0,
  "summary_bg_k": 7.3231836519766595,
  "summary_bg_mad": 7.442444171997804,
  "summary_bg_mean": 15.497421302354592,
  "summary_bg_median": 5.019852310419083,
  "summary_bg_n": 1183763.0,
  "summary_bg_p05": 0.0,
  "summary_bg_p95": 59.41601053625345,
  "summary_bg_stdv": 21.72316849291038,
  "summary_csf_k": 0.412874438749387,
  "summary_csf_mad": 77.47199429040818,
  "summary_csf_mean": 589.5999761866428,
  "summary_csf_median": 585.9379334747791,
  "summary_csf_n": 18870.0,
  "summary_csf_p05": 466.5509157998487,
  "summary_csf_p95": 723.4515945680438,
  "summary_csf_stdv": 79.47032384062392,
  "summary_gm_k": 0.04805244382519147,
  "summary_gm_mad": 49.59490814615778,
  "summary_gm_mean": 320.73741571898523,
  "summary_gm_median": 319.8641237281263,
  "summary_gm_n": 126608.0,
  "summary_gm_p05": 240.41197853907943,
  "summary_gm_p95": 403.7302769832313,
  "summary_gm_stdv": 49.810582321775826,
  "summary_wm_k": -1.0542494651680618,
  "summary_wm_mad": 180.2226351650158,
  "summary_wm_mean": 782.5186020231885,
  "summary_wm_median": 999.7403710205108,
  "summary_wm_n": 16700.0,
  "summary_wm_p05": 66.40485664084554,
  "summary_wm_p95": 1191.5084660610182,
  "summary_wm_stdv": 416.98000565400463,
  "tpm_overlap_csf": 0.11895155623674826,
  "tpm_overlap_gm": 0.3634712777770673,
  "tpm_overlap_wm": 0.05568512858833254,
  "wm2max": 0.8918218692530037
}