{
  "bids_meta": {
    "AcquisitionMatrixPE": 192,
    "AcquisitionNumber": 1,
    "AcquisitionTime": "10:55:12.330000",
    "BaseResolution": 192,
    "BodyPartExamined": "BRAIN",
    "CoilString": "HE1-4;NE1_2",
    "ConsistencyInfo": "N4_VE11C_LATEST_20160120",
    "ConversionSoftware": "dcm2niix",
    "ConversionSoftwareVersion": "v1.0.20190410  GCC6.3.0",
    "DeviceSerialNumber": "166048",
    "DwellTime": 1.24e-05,
    "EchoTime": 0.0022,
    "FlipAngle": 8,
    "ImageOrientationPatientDICOM": [
      0,
      1,
      0,
      0,
      0,
      -1
    ],
    "ImageType": [
      "ORIGINAL",
      "PRIMARY",
      "M",
      "ND",
      "NORM",
      "FM3",
      "2",
      "FIL"
    ],
    "ImagingFrequency": 123.246,
    "InPlanePhaseEncodingDirectionDICOM": "ROW",
    "InstitutionAddress": "North_13th_1701_Philadelphia_PA_US_19122",
    "InstitutionName": "Temple_University_-_Weiss_Hall",
    "InstitutionalDepartmentName": "Department",
    "InversionTime": 1.15,
    "MRAcquisitionType": "3D",
    "MagneticFieldStrength": 3,
    "Manufacturer": "Siemens",
    "ManufacturersModelName": "Prisma",
    "Modality": "MR",
    "PartialFourier": 1,
    "PatientPosition": "HFS",
    "PercentPhaseFOV": 100,
    "PhaseEncodingSteps": 211,
    "PhaseOversampling": 0.1,
    "PhaseResolution": 1,
    "PixelBandwidth": 210,
    "ProcedureStepDescription": "SMITH_SRNDNA",
    "ProtocolName": "T1w-anat_mpg_07sag_iso",
    "PulseSequenceDetails": "%SiemensSeq%_tfl",
    "ReceiveCoilActiveElements": "HE1-4;NE1,2",
    "ReceiveCoilName": "HeadNeck_20",
    "ReconMatrixPE": 192,
    "RefLinesPE": 32,
    "RepetitionTime": 2.4,
    "SAR": 0.05763,
    "ScanOptions": "IR_WE",
    "ScanningSequence": "GR_IR",
    "SequenceName": "_tfl3d1_16ns",
    "SequenceVariant": "SK_SP_MP_OSP",
    "SeriesDescription": "T1w-anat_mpg_07sag_iso",
    "SeriesNumber": 5,
    "ShimSetting": [
      1411,
      -7595,
      6486,
      48,
      4,
      -315,
      -175,
      74
    ],
    "SliceThickness": 1,
    "SoftwareVersions": "syngo_MR_E11",
    "StationName": "AWP166048",
    "TxRefAmp": 262.205,
    "dataset": "<unset>",
    "modality": "T1w",
    "subject_id": "156"
  },
  "cjv": 0.37758035276747015,
  "cnr": 3.492452999934954,
  "efc": 0.6526836704071544,
  "fber": 3513.15932836763,
  "fwhm_avg": 3.8770466666666668,
  "fwhm_x": 3.73334,
  "fwhm_y": 3.82562,
  "fwhm_z": 4.07218,
  "icvs_csf": 0.19569561575228256,
  "icvs_gm": 0.41101444550427957,
  "icvs_wm": 0.3932899387434379,
  "inu_med": 0.5405425429344177,
  "inu_range": 0.23004661947488791,
  "provenance": {
    "md5sum": "568d0b74d38cffdc04717591450803c6",
    "settings": {
      "testing": false
    },
    "software": "mriqc",
    "version": "22.0.6",
    "warnings": {
      "large_rot_frame": true,
      "small_air_mask": false
    },
    "webapi_port": null,
    "webapi_url": "https://mriqc.nimh.nih.gov/api/v1"
  },
  "qi_1": 0.0,
  "qi_2": 0.004398272898279428,
  "rpve_csf": 19.266155621496868,
  "rpve_gm": 9.032540821901376,
  "rpve_wm": 11.01134443259725,
  "size_x": 192,
  "size_y": 192,
  "size_z": 192,
  "snr_csf": 2.254467050591967,
  "snr_gm": 10.54151355752494,
  "snr_total": 10.06506906389741,
  "snr_wm": 17.39922658357532,
  "snrd_csf": 14.565268970542974,
  "snrd_gm": 40.59808631450095,
  "snrd_total": 37.92561955249507,
  "snrd_wm": 58.613503372441286,
  "spacing_x": 1.0,
  "spacing_y": 1.0,
  "spacing_z": 1.0,
  "summary_bg_k": 16.349288681852702,
  "summary_bg_mad": 0.0,
  "summary_bg_mean": 6.447599392291465,
  "summary_bg_median": 0.0,
  "summary_bg_n": 1197224.0,
  "summary_bg_p05": 0.0,
  "summary_bg_p95": 29.111565589904785,
  "summary_bg_stdv": 11.177970794147523,
  "summary_csf_k": 0.6771187562671157,
  "summary_csf_mad": 103.65846555959216,
  "summary_csf_mean": 260.28678743870813,
  "summary_csf_median": 248.51336479187012,
  "summary_csf_n": 22539.0,
  "summary_csf_p05": 97.35289178788663,
  "summary_csf_p95": 459.2482603967189,
  "summary_csf_stdv": 110.2290901532818,
  "summary_gm_k": 0.11065632066882802,
  "summary_gm_mad": 64.77420459753633,
  "summary_gm_mean": 691.9424105645685,
  "summary_gm_median": 692.686626970768,
  "summary_gm_n": 18429.0,
  "summary_gm_p05": 581.4946471810341,
  "summary_gm_p95": 797.816655755043,
  "summary_gm_stdv": 65.7085749166644,
  "summary_wm_k": 1.3466267617460765,
  "summary_wm_mad": 51.28643218261002,
  "summary_wm_mean": 1003.0637565429244,
  "summary_wm_median": 1000.0665950477123,
  "summary_wm_n": 157775.0,
  "summary_wm_p05": 917.4359012544155,
  "summary_wm_p95": 1103.4659057557583,
  "summary_wm_stdv": 57.47746435498559,
  "tpm_overlap_csf": 0.15412387701688782,
  "tpm_overlap_gm": 0.4405273830792784,
  "tpm_overlap_wm": 0.4764232248759789,
  "wm2max": 0.8380624767571588
}