{
  "bids_meta": {
    "AcquisitionMatrixPE": 192,
    "AcquisitionNumber": 1,
    "AcquisitionTime": "16:02:19.535000",
    "BaseResolution": 192,
    "BodyPartExamined": "BRAIN",
    "CoilString": "HE1-4;NE1_2",
    "ConsistencyInfo": "N4_VE11C_LATEST_20160120",
    "ConversionSoftware": "dcm2niix",
    "ConversionSoftwareVersion": "v1.0.20190410  GCC6.3.0",
    "DeviceSerialNumber": "166048",
    "DwellTime": 3.5e-06,
    "EchoTime": 0.567,
    "EchoTrainLength": 314,
    "FlipAngle": 120,
    "ImageOrientationPatientDICOM": [
      0,
      1,
      0,
      0,
      0,
      -1
    ],
    "ImageType": [
      "ORIGINAL",
      "PRIMARY",
      "M",
      "ND",
      "NORM"
    ],
    "ImagingFrequency": 123.246,
    "InPlanePhaseEncodingDirectionDICOM": "ROW",
    "InstitutionAddress": "North_13th_1701_Philadelphia_PA_US_19122",
    "InstitutionName": "Temple_University_-_Weiss_Hall",
    "InstitutionalDepartmentName": "Department",
    "MRAcquisitionType": "3D",
    "MagneticFieldStrength": 3,
    "Manufacturer": "Siemens",
    "ManufacturersModelName": "Prisma",
    "Modality": "MR",
    "PartialFourier": 1,
    "PatientPosition": "HFS",
    "PercentPhaseFOV": 100,
    "PhaseEncodingSteps": 209,
    "PhaseOversampling": 0.1,
    "PhaseResolution": 1,
    "PixelBandwidth": 745,
    "ProcedureStepDescription": "SMITH_SRNDNA",
    "ProtocolName": "T2w-anat_spc_07sag_iso",
    "PulseSequenceDetails": "%SiemensSeq%_tse_vfl",
    "ReceiveCoilActiveElements": "HE1-4;NE1,2",
    "ReceiveCoilName": "HeadNeck_20",
    "ReconMatrixPE": 192,
    "RefLinesPE": 32,
    "RepetitionTime": 3.2,
    "SAR": 0.187489,
    "ScanOptions": "PFP",
    "ScanningSequence": "SE",
    "SequenceName": "_spc_314ns",
    "SequenceVariant": "SK_SP_OSP",
    "SeriesDescription": "T2w-anat_spc_07sag_iso",
    "SeriesNumber": 3,
    "ShimSetting": [
      1436,
      -7415,
      6461,
      152,
      -43,
      -246,
      34,
      -15
    ],
    "SliceThickness": 1,
    "SoftwareVersions": "syngo_MR_E11",
    "StationName": "AWP166048",
    "TxRefAmp": 316.624,
    "dataset": "<unset>",
    "modality": "T2w",
    "subject_id": "138"
  },
  "cjv": 0.6071185011669584,
  "cnr": 2.1234227040913907,
  "efc": 0.643076090530186,
  "fber": 37.44389548536064,
  "fwhm_avg": 3.069793333333333,
  "fwhm_x": 2.80573,
  "fwhm_y": 3.41301,
  "fwhm_z": 2.99064,
  "icvs_csf": 0.2491494474496934,
  "icvs_gm": 0.5661745240478046,
  "icvs_wm": 0.18467602850250212,
  "inu_med": 0.871281236410141,
  "inu_range": 0.37879503667354597,
  "provenance": {
    "md5sum": "40a3f310442ebc546d78241def194c60",
    "settings": {
      "testing": false
    },
    "software": "mriqc",
    "version": "22.0.6",
    "warnings": {
      "large_rot_frame": true,
      "small_air_mask": false
    },
    "webapi_port": null,
    "webapi_url": "https://mriqc.nimh.nih.gov/api/v1"
  },
  "qi_1": 0.0,
  "qi_2": 0.0004299017757892141,
  "rpve_csf": 11.985530093832859,
  "rpve_gm": 6.028988638630057,
  "rpve_wm": 15.588416463832266,
  "size_x": 192,
  "size_y": 192,
  "size_z": 192,
  "snr_csf": 5.8918937069419055,
  "snr_gm": 4.680809047024641,
  "snr_total": 4.304795778818128,
  "snr_wm": 2.3416845824878356,
  "snrd_csf": 28.403097880839088,
  "snrd_gm": 9.144482359068938,
  "snrd_total": 13.672141892459393,
  "snrd_wm": 3.468845437470157,
  "spacing_x": 1.0,
  "spacing_y": 1.0,
  "spacing_z": 1.0,
  "summary_bg_k": 1.4132358296945275,
  "summary_bg_mad": 188.97010627009598,
  "summary_bg_mean": 251.85037520747088,
  "summary_bg_median": 127.45839977264404,
  "summary_bg_n": 1185014.0,
  "summary_bg_p05": 0.0,
  "summary_bg_p95": 866.8684043884277,
  "summary_bg_stdv": 307.0995850877341,
  "summary_csf_k": 1.1644354077577193,
  "summary_csf_mad": 1104.1013034000562,
  "summary_csf_mean": 7937.926883719072,
  "summary_csf_median": 8192.700672626495,
  "summary_csf_n": 69749.0,
  "summary_csf_p05": 5268.419202709198,
  "summary_csf_p95": 9886.157601356506,
  "summary_csf_stdv": 1390.4938462966886,
  "summary_gm_k": 0.02540971559601113,
  "summary_gm_mad": 561.0225261816944,
  "summary_gm_mean": 2656.1939141340295,
  "summary_gm_median": 2637.6702671051025,
  "summary_gm_n": 77624.0,
  "summary_gm_p05": 1761.53559923172,
  "summary_gm_p95": 3610.8170404434204,
  "summary_gm_stdv": 563.5037128215151,
  "summary_wm_k": 0.20442279377153927,
  "summary_wm_mad": 432.89294374039787,
  "summary_wm_mean": 1011.1524756903764,
  "summary_wm_median": 1000.5673489570618,
  "summary_wm_n": 9632.0,
  "summary_wm_p05": 323.77081046104433,
  "summary_wm_p95": 1727.4962639808655,
  "summary_wm_stdv": 427.26309740471976,
  "tpm_overlap_csf": 0.16011809689623877,
  "tpm_overlap_gm": 0.410898409579543,
  "tpm_overlap_wm": 0.21725208084958367,
  "wm2max": 0.0988159270880024
}