{
  "bids_meta": {
    "AcquisitionMatrixPE": 192,
    "AcquisitionNumber": 1,
    "AcquisitionTime": "16:06:22.305000",
    "BaseResolution": 192,
    "BodyPartExamined": "BRAIN",
    "CoilString": "HE1-4;NE1_2",
    "ConsistencyInfo": "N4_VE11C_LATEST_20160120",
    "ConversionSoftware": "dcm2niix",
    "ConversionSoftwareVersion": "v1.0.20190410  GCC6.3.0",
    "DeviceSerialNumber": "166048",
    "DwellTime": 1.24e-05,
    "EchoTime": 0.0022,
    "FlipAngle": 8,
    "ImageOrientationPatientDICOM": [
      0,
      1,
      0,
      0,
      0,
      -1
    ],
    "ImageType": [
      "ORIGINAL",
      "PRIMARY",
      "M",
      "ND",
      "NORM",
      "FM3",
      "2",
      "FIL"
    ],
    "ImagingFrequency": 123.246,
    "InPlanePhaseEncodingDirectionDICOM": "ROW",
    "InstitutionAddress": "North_13th_1701_Philadelphia_PA_US_19122",
    "InstitutionName": "Temple_University_-_Weiss_Hall",
    "InstitutionalDepartmentName": "Department",
    "InversionTime": 1.15,
    "MRAcquisitionType": "3D",
    "MagneticFieldStrength": 3,
    "Manufacturer": "Siemens",
    "ManufacturersModelName": "Prisma",
    "Modality": "MR",
    "PartialFourier": 1,
    "PatientPosition": "HFS",
    "PercentPhaseFOV": 100,
    "PhaseEncodingSteps": 211,
    "PhaseOversampling": 0.1,
    "PhaseResolution": 1,
    "PixelBandwidth": 210,
    "ProcedureStepDescription": "SMITH_SRNDNA",
    "ProtocolName": "T1w-anat_mpg_07sag_iso",
    "PulseSequenceDetails": "%SiemensSeq%_tfl",
    "ReceiveCoilActiveElements": "HE1-4;NE1,2",
    "ReceiveCoilName": "HeadNeck_20",
    "ReconMatrixPE": 192,
    "RefLinesPE": 32,
    "RepetitionTime": 2.4,
    "SAR": 0.0510414,
    "ScanOptions": "IR_WE",
    "ScanningSequence": "GR_IR",
    "SequenceName": "_tfl3d1_16ns",
    "SequenceVariant": "SK_SP_MP_OSP",
    "SeriesDescription": "T1w-anat_mpg_07sag_iso",
    "SeriesNumber": 5,
    "ShimSetting": [
      1436,
      -7415,
      6461,
      152,
      -43,
      -246,
      34,
      -15
    ],
    "SliceThickness": 1,
    "SoftwareVersions": "syngo_MR_E11",
    "StationName": "AWP166048",
    "TxRefAmp": 316.624,
    "dataset": "<unset>",
    "modality": "T1w",
    "subject_id": "138"
  },
  "cjv": 0.4696295229592183,
  "cnr": 2.934462600500307,
  "efc": 0.699107256829692,
  "fber": 4634.497379591836,
  "fwhm_avg": 4.05069,
  "fwhm_x": 3.8805,
  "fwhm_y": 4.12375,
  "fwhm_z": 4.14782,
  "icvs_csf": 0.24406451193054876,
  "icvs_gm": 0.3476974334618583,
  "icvs_wm": 0.408238054607593,
  "inu_med": 0.563730776309967,
  "inu_range": 0.2202460914850235,
  "provenance": {
    "md5sum": "4460df8a35595ef4cf65fa06d40acbb2",
    "settings": {
      "testing": false
    },
    "software": "mriqc",
    "version": "22.0.6",
    "warnings": {
      "large_rot_frame": true,
      "small_air_mask": false
    },
    "webapi_port": null,
    "webapi_url": "https://mriqc.nimh.nih.gov/api/v1"
  },
  "qi_1": 0.0,
  "qi_2": 0.00304842474510384,
  "rpve_csf": 13.601468353741708,
  "rpve_gm": 8.493684932736418,
  "rpve_wm": 8.998443327053378,
  "size_x": 192,
  "size_y": 192,
  "size_z": 192,
  "snr_csf": 2.861839558424772,
  "snr_gm": 10.668341646359348,
  "snr_total": 10.31371041359452,
  "snr_wm": 17.41095003599944,
  "snrd_csf": 10.431623659830997,
  "snrd_gm": 29.547866360002544,
  "snrd_total": 26.76455432629619,
  "snrd_wm": 40.31417295905502,
  "spacing_x": 1.0,
  "spacing_y": 1.0,
  "spacing_z": 1.0,
  "summary_bg_k": 34.994633548988865,
  "summary_bg_mad": 0.0,
  "summary_bg_mean": 9.150158198179655,
  "summary_bg_median": 0.0,
  "summary_bg_n": 1113121.0,
  "summary_bg_p05": 0.0,
  "summary_bg_p95": 40.587177542969584,
  "summary_bg_stdv": 16.25199090852599,
  "summary_csf_k": 1.2108411089915805,
  "summary_csf_mad": 77.0072250001341,
  "summary_csf_mean": 266.5704006933013,
  "summary_csf_median": 258.7776421532035,
  "summary_csf_n": 77180.0,
  "summary_csf_p05": 132.41347857741638,
  "summary_csf_p95": 433.60759712588055,
  "summary_csf_stdv": 90.4229466430664,
  "summary_gm_k": 0.0022351457269693675,
  "summary_gm_mad": 69.59198908293293,
  "summary_gm_mean": 732.847166489778,
  "summary_gm_median": 732.99492357485,
  "summary_gm_n": 12209.0,
  "summary_gm_p05": 619.9860170334578,
  "summary_gm_p95": 845.5586965609342,
  "summary_gm_stdv": 68.70467113130064,
  "summary_wm_k": 0.465957621885837,
  "summary_wm_mad": 55.83672645652477,
  "summary_wm_mean": 1004.1148165860612,
  "summary_wm_median": 1000.0750567596406,
  "summary_wm_n": 208898.0,
  "summary_wm_p05": 918.2505065929145,
  "summary_wm_p95": 1104.03124717623,
  "summary_wm_stdv": 57.43929314579162,
  "tpm_overlap_csf": 0.17386726257282373,
  "tpm_overlap_gm": 0.39651489344829444,
  "tpm_overlap_wm": 0.4920099247009522,
  "wm2max": 0.8017441860465117
}