{
  "bids_meta": {
    "AcquisitionMatrixPE": 192,
    "AcquisitionNumber": 1,
    "AcquisitionTime": "16:37:33.537500",
    "BaseResolution": 192,
    "BodyPartExamined": "BRAIN",
    "CoilString": "HE1-4;NE1_2",
    "ConsistencyInfo": "N4_VE11C_LATEST_20160120",
    "ConversionSoftware": "dcm2niix",
    "ConversionSoftwareVersion": "v1.0.20190410  GCC6.3.0",
    "DeviceSerialNumber": "166048",
    "DwellTime": 3.5e-06,
    "EchoTime": 0.567,
    "EchoTrainLength": 314,
    "FlipAngle": 120,
    "ImageOrientationPatientDICOM": [
      0,
      1,
      0,
      0,
      0,
      -1
    ],
    "ImageType": [
      "ORIGINAL",
      "PRIMARY",
      "M",
      "ND",
      "NORM"
    ],
    "ImagingFrequency": 123.246,
    "InPlanePhaseEncodingDirectionDICOM": "ROW",
    "InstitutionAddress": "North_13th_1701_Philadelphia_PA_US_19122",
    "InstitutionName": "Temple_University_-_Weiss_Hall",
    "InstitutionalDepartmentName": "Department",
    "MRAcquisitionType": "3D",
    "MagneticFieldStrength": 3,
    "Manufacturer": "Siemens",
    "ManufacturersModelName": "Prisma",
    "Modality": "MR",
    "PartialFourier": 1,
    "PatientPosition": "HFS",
    "PercentPhaseFOV": 100,
    "PhaseEncodingSteps": 209,
    "PhaseOversampling": 0.1,
    "PhaseResolution": 1,
    "PixelBandwidth": 745,
    "ProcedureStepDescription": "SMITH_SRNDNA",
    "ProtocolName": "T2w-anat_spc_07sag_iso",
    "PulseSequenceDetails": "%SiemensSeq%_tse_vfl",
    "ReceiveCoilActiveElements": "HE1-4;NE1,2",
    "ReceiveCoilName": "HeadNeck_20",
    "ReconMatrixPE": 192,
    "RefLinesPE": 32,
    "RepetitionTime": 3.2,
    "SAR": 0.152572,
    "ScanOptions": "PFP",
    "ScanningSequence": "SE",
    "SequenceName": "_spc_314ns",
    "SequenceVariant": "SK_SP_OSP",
    "SeriesDescription": "T2w-anat_spc_07sag_iso",
    "SeriesNumber": 3,
    "ShimSetting": [
      1427,
      -7409,
      6525,
      -58,
      -35,
      -294,
      -76,
      59
    ],
    "SliceThickness": 1,
    "SoftwareVersions": "syngo_MR_E11",
    "StationName": "AWP166048",
    "TxRefAmp": 302.849,
    "dataset": "<unset>",
    "modality": "T2w",
    "subject_id": "134"
  },
  "cjv": 0.43627393151107463,
  "cnr": 2.878975477778009,
  "efc": 0.6065748241943595,
  "fber": 4944.509220719158,
  "fwhm_avg": 2.77099,
  "fwhm_x": 2.68946,
  "fwhm_y": 3.03302,
  "fwhm_z": 2.59049,
  "icvs_csf": 0.27192326253618526,
  "icvs_gm": 0.6759253721624755,
  "icvs_wm": 0.052151365301339236,
  "inu_med": 0.9063120484352112,
  "inu_range": 0.2557542204856872,
  "provenance": {
    "md5sum": "84dcfea5eaa82df603f263845480e10e",
    "settings": {
      "testing": false
    },
    "software": "mriqc",
    "version": "22.0.6",
    "warnings": {
      "large_rot_frame": true,
      "small_air_mask": false
    },
    "webapi_port": null,
    "webapi_url": "https://mriqc.nimh.nih.gov/api/v1"
  },
  "qi_1": 0.0,
  "qi_2": 0.0003803432773026426,
  "rpve_csf": 10.647760697634682,
  "rpve_gm": 5.956128105743281,
  "rpve_wm": 69.58701518703094,
  "size_x": 192,
  "size_y": 192,
  "size_z": 192,
  "snr_csf": 4.2131329911926185,
  "snr_gm": 7.059070788215307,
  "snr_total": 4.154530415609806,
  "snr_wm": 1.1913874674214933,
  "snrd_csf": 125.70667498956247,
  "snrd_gm": 37.794201357900825,
  "snrd_total": 57.73162387408147,
  "snrd_wm": 9.693995274781143,
  "spacing_x": 1.0,
  "spacing_y": 1.0,
  "spacing_z": 1.0,
  "summary_bg_k": 301.48246841259504,
  "summary_bg_mad": 0.0,
  "summary_bg_mean": 42.39547283546125,
  "summary_bg_median": 0.0,
  "summary_bg_n": 1582190.0,
  "summary_bg_p05": 0.0,
  "summary_bg_p95": 167.8051632642746,
  "summary_bg_stdv": 67.58166923972081,
  "summary_csf_k": 0.02798152001838794,
  "summary_csf_mad": 2866.7898670566246,
  "summary_csf_mean": 13419.725261761905,
  "summary_csf_median": 12967.478116571903,
  "summary_csf_n": 64738.0,
  "summary_csf_p05": 8168.057397025824,
  "summary_csf_p95": 17952.18246638775,
  "summary_csf_stdv": 3077.8468160785537,
  "summary_gm_k": 0.16675907569548354,
  "summary_gm_mad": 540.7292768213708,
  "summary_gm_mean": 3929.8322581575358,
  "summary_gm_median": 3898.7227932214737,
  "summary_gm_n": 389559.0,
  "summary_gm_p05": 3074.2499910593033,
  "summary_gm_p95": 4891.594759225845,
  "summary_gm_stdv": 552.2990073574539,
  "summary_wm_k": 8.850274103488688,
  "summary_wm_mad": 723.90792434392,
  "summary_wm_mean": 1164.6505806763887,
  "summary_wm_median": 999.9999729394913,
  "summary_wm_n": 1973.0,
  "summary_wm_p05": 176.89337210655214,
  "summary_wm_p95": 2708.2268349409096,
  "summary_wm_stdv": 839.144734168465,
  "tpm_overlap_csf": 0.16069109336567458,
  "tpm_overlap_gm": 0.4070201113742825,
  "tpm_overlap_wm": 0.012044675276216653,
  "wm2max": 0.055359168708176455
}