{
  "bids_meta": {
    "AcquisitionMatrixPE": 192,
    "AcquisitionNumber": 1,
    "AcquisitionTime": "16:41:36.262500",
    "BaseResolution": 192,
    "BodyPartExamined": "BRAIN",
    "CoilString": "HE1-4;NE1_2",
    "ConsistencyInfo": "N4_VE11C_LATEST_20160120",
    "ConversionSoftware": "dcm2niix",
    "ConversionSoftwareVersion": "v1.0.20190410  GCC6.3.0",
    "DeviceSerialNumber": "166048",
    "DwellTime": 1.24e-05,
    "EchoTime": 0.0022,
    "FlipAngle": 8,
    "ImageOrientationPatientDICOM": [
      0,
      1,
      0,
      0,
      0,
      -1
    ],
    "ImageType": [
      "ORIGINAL",
      "PRIMARY",
      "M",
      "ND",
      "NORM",
      "FM3",
      "2",
      "FIL"
    ],
    "ImagingFrequency": 123.246,
    "InPlanePhaseEncodingDirectionDICOM": "ROW",
    "InstitutionAddress": "North_13th_1701_Philadelphia_PA_US_19122",
    "InstitutionName": "Temple_University_-_Weiss_Hall",
    "InstitutionalDepartmentName": "Department",
    "InversionTime": 1.15,
    "MRAcquisitionType": "3D",
    "MagneticFieldStrength": 3,
    "Manufacturer": "Siemens",
    "ManufacturersModelName": "Prisma",
    "Modality": "MR",
    "PartialFourier": 1,
    "PatientPosition": "HFS",
    "PercentPhaseFOV": 100,
    "PhaseEncodingSteps": 211,
    "PhaseOversampling": 0.1,
    "PhaseResolution": 1,
    "PixelBandwidth": 210,
    "ProcedureStepDescription": "SMITH_SRNDNA",
    "ProtocolName": "T1w-anat_mpg_07sag_iso",
    "PulseSequenceDetails": "%SiemensSeq%_tfl",
    "ReceiveCoilActiveElements": "HE1-4;NE1,2",
    "ReceiveCoilName": "HeadNeck_20",
    "ReconMatrixPE": 192,
    "RefLinesPE": 32,
    "RepetitionTime": 2.4,
    "SAR": 0.0415356,
    "ScanOptions": "IR_WE",
    "ScanningSequence": "GR_IR",
    "SequenceName": "_tfl3d1_16ns",
    "SequenceVariant": "SK_SP_MP_OSP",
    "SeriesDescription": "T1w-anat_mpg_07sag_iso",
    "SeriesNumber": 5,
    "ShimSetting": [
      1427,
      -7409,
      6525,
      -58,
      -35,
      -294,
      -76,
      59
    ],
    "SliceThickness": 1,
    "SoftwareVersions": "syngo_MR_E11",
    "StationName": "AWP166048",
    "TxRefAmp": 302.849,
    "dataset": "<unset>",
    "modality": "T1w",
    "subject_id": "134"
  },
  "cjv": 0.38159752756431514,
  "cnr": 3.4585319657222087,
  "efc": 0.6471002013722548,
  "fber": 23683.88817795175,
  "fwhm_avg": 4.004616666666666,
  "fwhm_x": 3.92108,
  "fwhm_y": 4.07362,
  "fwhm_z": 4.01915,
  "icvs_csf": 0.2745282055558521,
  "icvs_gm": 0.37742825304483624,
  "icvs_wm": 0.34804354139931165,
  "inu_med": 0.3817611634731293,
  "inu_range": 0.10410297214984898,
  "provenance": {
    "md5sum": "821ef808191e3cab2401d0c18ec9c2f3",
    "settings": {
      "testing": false
    },
    "software": "mriqc",
    "version": "22.0.6",
    "warnings": {
      "large_rot_frame": true,
      "small_air_mask": false
    },
    "webapi_port": null,
    "webapi_url": "https://mriqc.nimh.nih.gov/api/v1"
  },
  "qi_1": 0.0,
  "qi_2": 0.004719584948803142,
  "rpve_csf": 12.370232880441508,
  "rpve_gm": 8.35849387885626,
  "rpve_wm": 10.969774489076814,
  "size_x": 192,
  "size_y": 192,
  "size_z": 192,
  "snr_csf": 2.6900896027814203,
  "snr_gm": 13.089010483580752,
  "snr_total": 14.489879534309894,
  "snr_wm": 27.690538516567514,
  "snrd_csf": 36.907321125923026,
  "snrd_gm": 112.66278189225537,
  "snrd_total": 99.17813658848085,
  "snrd_wm": 147.96430674726415,
  "spacing_x": 1.0,
  "spacing_y": 1.0,
  "spacing_z": 1.0,
  "summary_bg_k": 5117.3895327871,
  "summary_bg_mad": 4.427924338221704,
  "summary_bg_mean": 4.386272047560535,
  "summary_bg_median": 2.9865895807743073,
  "summary_bg_n": 1573716.0,
  "summary_bg_p05": 0.0,
  "summary_bg_p95": 15.596634477376938,
  "summary_bg_stdv": 8.4093634650461,
  "summary_csf_k": 2.0849216109235638,
  "summary_csf_mad": 67.6633143971395,
  "summary_csf_mean": 260.46637161389197,
  "summary_csf_median": 249.44855067133904,
  "summary_csf_n": 71463.0,
  "summary_csf_p05": 126.93981727957726,
  "summary_csf_p95": 438.81394624710083,
  "summary_csf_stdv": 92.72806567807142,
  "summary_gm_k": 0.47893361607649565,
  "summary_gm_mad": 55.07411774925426,
  "summary_gm_mean": 758.437204638043,
  "summary_gm_median": 761.463221937418,
  "summary_gm_n": 17538.0,
  "summary_gm_p05": 658.4014811590314,
  "summary_gm_p95": 849.8535854026675,
  "summary_gm_stdv": 58.17410824374485,
  "summary_wm_k": 0.3543297098007967,
  "summary_wm_mad": 35.97326766280769,
  "summary_wm_mean": 1000.1979767843966,
  "summary_wm_median": 1000.0585451126099,
  "summary_wm_n": 191381.0,
  "summary_wm_p05": 941.9078891575336,
  "summary_wm_p95": 1057.6235952675343,
  "summary_wm_stdv": 36.1154381944704,
  "tpm_overlap_csf": 0.16690760400044255,
  "tpm_overlap_gm": 0.434754962767473,
  "tpm_overlap_wm": 0.4977896629096644,
  "wm2max": 0.8852334381587587
}