{
  "bids_meta": {
    "AcquisitionMatrixPE": 192,
    "AcquisitionNumber": 1,
    "AcquisitionTime": "16:09:34.537500",
    "BaseResolution": 192,
    "BodyPartExamined": "BRAIN",
    "CoilString": "HE1-4;NE1_2",
    "ConsistencyInfo": "N4_VE11C_LATEST_20160120",
    "ConversionSoftware": "dcm2niix",
    "ConversionSoftwareVersion": "v1.0.20190410  GCC6.3.0",
    "DeviceSerialNumber": "166048",
    "DwellTime": 3.5e-06,
    "EchoTime": 0.567,
    "EchoTrainLength": 314,
    "FlipAngle": 120,
    "ImageOrientationPatientDICOM": [
      0,
      1,
      0,
      0,
      0,
      -1
    ],
    "ImageType": [
      "ORIGINAL",
      "PRIMARY",
      "M",
      "ND",
      "NORM"
    ],
    "ImagingFrequency": 123.246,
    "InPlanePhaseEncodingDirectionDICOM": "ROW",
    "InstitutionAddress": "North_13th_1701_Philadelphia_PA_US_19122",
    "InstitutionName": "Temple_University_-_Weiss_Hall",
    "InstitutionalDepartmentName": "Department",
    "MRAcquisitionType": "3D",
    "MagneticFieldStrength": 3,
    "Manufacturer": "Siemens",
    "ManufacturersModelName": "Prisma",
    "Modality": "MR",
    "PartialFourier": 1,
    "PatientPosition": "HFS",
    "PercentPhaseFOV": 100,
    "PhaseEncodingSteps": 209,
    "PhaseOversampling": 0.1,
    "PhaseResolution": 1,
    "PixelBandwidth": 745,
    "ProcedureStepDescription": "SMITH_SRNDNA",
    "ProtocolName": "T2w-anat_spc_07sag_iso",
    "PulseSequenceDetails": "%SiemensSeq%_tse_vfl",
    "ReceiveCoilActiveElements": "HE1-4;NE1,2",
    "ReceiveCoilName": "HeadNeck_20",
    "ReconMatrixPE": 192,
    "RefLinesPE": 32,
    "RepetitionTime": 3.2,
    "SAR": 0.194051,
    "ScanOptions": "PFP",
    "ScanningSequence": "SE",
    "SequenceName": "_spc_314ns",
    "SequenceVariant": "SK_SP_OSP",
    "SeriesDescription": "T2w-anat_spc_07sag_iso",
    "SeriesNumber": 3,
    "ShimSetting": [
      1422,
      -7449,
      6471,
      49,
      39,
      -264,
      -32,
      45
    ],
    "SliceThickness": 1,
    "SoftwareVersions": "syngo_MR_E11",
    "StationName": "AWP166048",
    "TxRefAmp": 295.87,
    "dataset": "<unset>",
    "modality": "T2w",
    "subject_id": "131"
  },
  "cjv": 0.5044554048465312,
  "cnr": 2.463651387833792,
  "efc": 0.6475061035431768,
  "fber": 346.39943593596126,
  "fwhm_avg": 2.78206,
  "fwhm_x": 2.53752,
  "fwhm_y": 3.08942,
  "fwhm_z": 2.71924,
  "icvs_csf": 0.3256352571452586,
  "icvs_gm": 0.5917738425510626,
  "icvs_wm": 0.08259090030367884,
  "inu_med": 0.8809801042079926,
  "inu_range": 0.248123899102211,
  "provenance": {
    "md5sum": "64f577aced194531c39a439864e7ca46",
    "settings": {
      "testing": false
    },
    "software": "mriqc",
    "version": "22.0.6",
    "warnings": {
      "large_rot_frame": true,
      "small_air_mask": false
    },
    "webapi_port": null,
    "webapi_url": "https://mriqc.nimh.nih.gov/api/v1"
  },
  "qi_1": 0.0,
  "qi_2": 0.000579679268125532,
  "rpve_csf": 9.150083018250827,
  "rpve_gm": 5.882687068397082,
  "rpve_wm": 37.67305789014728,
  "size_x": 192,
  "size_y": 192,
  "size_z": 192,
  "snr_csf": 5.227371744137954,
  "snr_gm": 5.669245549188663,
  "snr_total": 4.085518061389639,
  "snr_wm": 1.3599368908422989,
  "snrd_csf": 93.63561554750727,
  "snrd_gm": 37.13774495201835,
  "snrd_total": 47.26331849802809,
  "snrd_wm": 11.016594994558636,
  "spacing_x": 1.0,
  "spacing_y": 1.0,
  "spacing_z": 1.0,
  "summary_bg_k": 3.496527418910544,
  "summary_bg_mad": 59.40944744951788,
  "summary_bg_mean": 133.64641146913948,
  "summary_bg_median": 40.07106336951256,
  "summary_bg_n": 1530465.0,
  "summary_bg_p05": 0.0,
  "summary_bg_p95": 496.44691810011864,
  "summary_bg_stdv": 178.9988266532722,
  "summary_csf_k": -0.447507634709571,
  "summary_csf_mad": 1835.839723403082,
  "summary_csf_mean": 8516.501929692231,
  "summary_csf_median": 8491.117546319962,
  "summary_csf_n": 59302.0,
  "summary_csf_p05": 5819.6212042987345,
  "summary_csf_p95": 10900.306338791548,
  "summary_csf_stdv": 1624.3432396732976,
  "summary_gm_k": 0.03818925027752007,
  "summary_gm_mad": 590.8752433525941,
  "summary_gm_mean": 3378.9617875354847,
  "summary_gm_median": 3367.74587264657,
  "summary_gm_n": 142260.0,
  "summary_gm_p05": 2421.0423262417316,
  "summary_gm_p95": 4376.03647211194,
  "summary_gm_stdv": 594.0356625618805,
  "summary_wm_k": 70.42002666903204,
  "summary_wm_mad": 604.0448252995316,
  "summary_wm_mean": 1102.822878371007,
  "summary_wm_median": 999.0130626261234,
  "summary_wm_n": 4131.0,
  "summary_wm_p05": 217.62732692062855,
  "summary_wm_p95": 2197.3944700956345,
  "summary_wm_stdv": 734.5135979620297,
  "tpm_overlap_csf": 0.14726900031278028,
  "tpm_overlap_gm": 0.381522417491962,
  "tpm_overlap_wm": 0.06381346888670873,
  "wm2max": 0.09008695259949773
}