{
  "bids_meta": {
    "AcquisitionMatrixPE": 192,
    "AcquisitionNumber": 1,
    "AcquisitionTime": "16:13:38.285000",
    "BaseResolution": 192,
    "BodyPartExamined": "BRAIN",
    "CoilString": "HE1-4;NE1_2",
    "ConsistencyInfo": "N4_VE11C_LATEST_20160120",
    "ConversionSoftware": "dcm2niix",
    "ConversionSoftwareVersion": "v1.0.20190410  GCC6.3.0",
    "DeviceSerialNumber": "166048",
    "DwellTime": 1.24e-05,
    "EchoTime": 0.0022,
    "FlipAngle": 8,
    "ImageOrientationPatientDICOM": [
      0,
      1,
      0,
      0,
      0,
      -1
    ],
    "ImageType": [
      "ORIGINAL",
      "PRIMARY",
      "M",
      "ND",
      "NORM",
      "FM3",
      "2",
      "FIL"
    ],
    "ImagingFrequency": 123.246,
    "InPlanePhaseEncodingDirectionDICOM": "ROW",
    "InstitutionAddress": "North_13th_1701_Philadelphia_PA_US_19122",
    "InstitutionName": "Temple_University_-_Weiss_Hall",
    "InstitutionalDepartmentName": "Department",
    "InversionTime": 1.15,
    "MRAcquisitionType": "3D",
    "MagneticFieldStrength": 3,
    "Manufacturer": "Siemens",
    "ManufacturersModelName": "Prisma",
    "Modality": "MR",
    "PartialFourier": 1,
    "PatientPosition": "HFS",
    "PercentPhaseFOV": 100,
    "PhaseEncodingSteps": 211,
    "PhaseOversampling": 0.1,
    "PhaseResolution": 1,
    "PixelBandwidth": 210,
    "ProcedureStepDescription": "SMITH_SRNDNA",
    "ProtocolName": "T1w-anat_mpg_07sag_iso",
    "PulseSequenceDetails": "%SiemensSeq%_tfl",
    "ReceiveCoilActiveElements": "HE1-4;NE1,2",
    "ReceiveCoilName": "HeadNeck_20",
    "ReconMatrixPE": 192,
    "RefLinesPE": 32,
    "RepetitionTime": 2.4,
    "SAR": 0.0528277,
    "ScanOptions": "IR_WE",
    "ScanningSequence": "GR_IR",
    "SequenceName": "_tfl3d1_16ns",
    "SequenceVariant": "SK_SP_MP_OSP",
    "SeriesDescription": "T1w-anat_mpg_07sag_iso",
    "SeriesNumber": 5,
    "ShimSetting": [
      1422,
      -7449,
      6471,
      49,
      39,
      -264,
      -32,
      45
    ],
    "SliceThickness": 1,
    "SoftwareVersions": "syngo_MR_E11",
    "StationName": "AWP166048",
    "TxRefAmp": 295.87,
    "dataset": "<unset>",
    "modality": "T1w",
    "subject_id": "131"
  },
  "cjv": 0.5062591343722808,
  "cnr": 2.6205101388736485,
  "efc": 0.6991653794483695,
  "fber": 3973.786252203173,
  "fwhm_avg": 4.18436,
  "fwhm_x": 3.97029,
  "fwhm_y": 4.35859,
  "fwhm_z": 4.2242,
  "icvs_csf": 0.18201291368140166,
  "icvs_gm": 0.3687282814594511,
  "icvs_wm": 0.4492588048591472,
  "inu_med": 0.7418207824230194,
  "inu_range": 0.3885020494461059,
  "provenance": {
    "md5sum": "3d14dff70db16cc7a97ba599eac448ed",
    "settings": {
      "testing": false
    },
    "software": "mriqc",
    "version": "22.0.6",
    "warnings": {
      "large_rot_frame": true,
      "small_air_mask": false
    },
    "webapi_port": null,
    "webapi_url": "https://mriqc.nimh.nih.gov/api/v1"
  },
  "qi_1": 6.906765459832064e-05,
  "qi_2": 0.0027365830761169876,
  "rpve_csf": 17.347942854595704,
  "rpve_gm": 8.001511233775435,
  "rpve_wm": 8.078732260633172,
  "size_x": 192,
  "size_y": 192,
  "size_z": 192,
  "snr_csf": 2.5207447187165593,
  "snr_gm": 11.025473929384907,
  "snr_total": 8.939855011206157,
  "snr_wm": 13.27334638551701,
  "snrd_csf": 20.94524409338907,
  "snrd_gm": 50.146331586457876,
  "snrd_total": 46.68409812188805,
  "snrd_wm": 68.96071868581721,
  "spacing_x": 1.0,
  "spacing_y": 1.0,
  "spacing_z": 1.0,
  "summary_bg_k": 8.078619299124378,
  "summary_bg_mad": 9.50081502094981,
  "summary_bg_mean": 18.628494968874072,
  "summary_bg_median": 6.408202350139618,
  "summary_bg_n": 1581745.0,
  "summary_bg_p05": 0.0,
  "summary_bg_p95": 78.74968665838242,
  "summary_bg_stdv": 28.531583410812893,
  "summary_csf_k": 0.07281176928223587,
  "summary_csf_mad": 122.87720760428421,
  "summary_csf_mean": 306.64434665160775,
  "summary_csf_median": 303.7487913966179,
  "summary_csf_n": 29209.0,
  "summary_csf_p05": 112.08657932877541,
  "summary_csf_p95": 507.40858230888836,
  "summary_csf_stdv": 120.49756150295113,
  "summary_gm_k": 0.03541093886571378,
  "summary_gm_mad": 64.92223597649037,
  "summary_gm_mean": 727.1929912865777,
  "summary_gm_median": 727.2241633683443,
  "summary_gm_n": 11390.0,
  "summary_gm_p05": 617.5816012136638,
  "summary_gm_p95": 836.9308075465261,
  "summary_gm_stdv": 65.95564449429632,
  "summary_wm_k": 0.3426918634009275,
  "summary_wm_mad": 73.20905796698548,
  "summary_wm_mean": 1007.8986390846184,
  "summary_wm_median": 1000.0711789876223,
  "summary_wm_n": 193793.0,
  "summary_wm_p05": 900.2669874966144,
  "summary_wm_p95": 1146.6410071849823,
  "summary_wm_stdv": 75.34411968780556,
  "tpm_overlap_csf": 0.16229676420227504,
  "tpm_overlap_gm": 0.38771520346658594,
  "tpm_overlap_wm": 0.4698778441309033,
  "wm2max": 0.6226532195500388
}