{
  "bids_meta": {
    "AcquisitionMatrixPE": 192,
    "AcquisitionNumber": 1,
    "AcquisitionTime": "13:48:47.550000",
    "BaseResolution": 192,
    "BodyPartExamined": "BRAIN",
    "CoilString": "HE1-4;NE1_2",
    "ConsistencyInfo": "N4_VE11C_LATEST_20160120",
    "ConversionSoftware": "dcm2niix",
    "ConversionSoftwareVersion": "v1.0.20190410  GCC6.3.0",
    "DeviceSerialNumber": "166048",
    "DwellTime": 3.5e-06,
    "EchoTime": 0.567,
    "EchoTrainLength": 314,
    "FlipAngle": 120,
    "ImageOrientationPatientDICOM": [
      0,
      1,
      0,
      0,
      0,
      -1
    ],
    "ImageType": [
      "ORIGINAL",
      "PRIMARY",
      "M",
      "ND",
      "NORM"
    ],
    "ImagingFrequency": 123.246,
    "InPlanePhaseEncodingDirectionDICOM": "ROW",
    "InstitutionAddress": "North_13th_1701_Philadelphia_PA_US_19122",
    "InstitutionName": "Temple_University_-_Weiss_Hall",
    "InstitutionalDepartmentName": "Department",
    "MRAcquisitionType": "3D",
    "MagneticFieldStrength": 3,
    "Manufacturer": "Siemens",
    "ManufacturersModelName": "Prisma",
    "Modality": "MR",
    "PartialFourier": 1,
    "PatientPosition": "HFS",
    "PercentPhaseFOV": 100,
    "PhaseEncodingSteps": 209,
    "PhaseOversampling": 0.1,
    "PhaseResolution": 1,
    "PixelBandwidth": 745,
    "ProcedureStepDescription": "SMITH_SRNDNA",
    "ProtocolName": "T2w-anat_spc_07sag_iso",
    "PulseSequenceDetails": "%SiemensSeq%_tse_vfl",
    "ReceiveCoilActiveElements": "HE1-4;NE1,2",
    "ReceiveCoilName": "HeadNeck_20",
    "ReconMatrixPE": 192,
    "RefLinesPE": 32,
    "RepetitionTime": 3.2,
    "SAR": 0.155292,
    "ScanOptions": "PFP",
    "ScanningSequence": "SE",
    "SequenceName": "_spc_314ns",
    "SequenceVariant": "SK_SP_OSP",
    "SeriesDescription": "T2w-anat_spc_07sag_iso",
    "SeriesNumber": 3,
    "ShimSetting": [
      1431,
      -7440,
      6453,
      302,
      115,
      -288,
      -37,
      18
    ],
    "SliceThickness": 1,
    "SoftwareVersions": "syngo_MR_E11",
    "StationName": "AWP166048",
    "TxRefAmp": 263.168,
    "dataset": "<unset>",
    "modality": "T2w",
    "subject_id": "110"
  },
  "cjv": 0.23382173291221955,
  "cnr": 2.25387406031252,
  "efc": 0.6344462720800373,
  "fber": 5157.03515625,
  "fwhm_avg": 2.5798433333333333,
  "fwhm_x": 2.4881,
  "fwhm_y": 2.87089,
  "fwhm_z": 2.38054,
  "icvs_csf": 0.3623434016598091,
  "icvs_gm": 0.12626611750620945,
  "icvs_wm": 0.5113904808339814,
  "inu_med": 0.9660769104957581,
  "inu_range": 0.26261415183544146,
  "provenance": {
    "md5sum": "2f9b3fca6ab694c67e418c7139c896ef",
    "settings": {
      "testing": false
    },
    "software": "mriqc",
    "version": "22.0.6",
    "warnings": {
      "large_rot_frame": true,
      "small_air_mask": false
    },
    "webapi_port": null,
    "webapi_url": "https://mriqc.nimh.nih.gov/api/v1"
  },
  "qi_1": 0.0,
  "qi_2": 0.0018226691563350114,
  "rpve_csf": 7.47388878345037,
  "rpve_gm": 26.816984790874525,
  "rpve_wm": 6.107625630431357,
  "size_x": 192,
  "size_y": 192,
  "size_z": 192,
  "snr_csf": 9.205600426220558,
  "snr_gm": 3.1681121885804084,
  "snr_total": 6.97771253111609,
  "snr_wm": 8.559424978547302,
  "snrd_csf": 89.56218316533578,
  "snrd_gm": 170.83569436386162,
  "snrd_total": 103.00615792362369,
  "snrd_wm": 48.62059624167364,
  "spacing_x": 1.0,
  "spacing_y": 1.0,
  "spacing_z": 1.0,
  "summary_bg_k": 6.551688299604116,
  "summary_bg_mad": 0.0,
  "summary_bg_mean": 8.057603128223327,
  "summary_bg_median": 0.0,
  "summary_bg_n": 1297632.0,
  "summary_bg_p05": 0.0,
  "summary_bg_p95": 32.05353997647762,
  "summary_bg_stdv": 13.474937102852648,
  "summary_csf_k": 0.8981586983827019,
  "summary_csf_mad": 188.00169025088067,
  "summary_csf_mean": 1847.395821681506,
  "summary_csf_median": 1842.1275095492601,
  "summary_csf_n": 35722.0,
  "summary_csf_p05": 1534.2726310938597,
  "summary_csf_p95": 2178.8552305527023,
  "summary_csf_stdv": 200.10663507685567,
  "summary_gm_k": 0.9782059756815711,
  "summary_gm_mad": 477.41984785376417,
  "summary_gm_mean": 2987.8586194865447,
  "summary_gm_median": 3513.772454828024,
  "summary_gm_n": 19715.0,
  "summary_gm_p05": 284.33251142650846,
  "summary_gm_p95": 3900.3733706146477,
  "summary_gm_stdv": 1109.0779399083858,
  "summary_wm_k": 0.9657739780804229,
  "summary_wm_mad": 110.34654763891967,
  "summary_wm_mean": 1005.3059793231077,
  "summary_wm_median": 1000.035223595798,
  "summary_wm_n": 241512.0,
  "summary_wm_p05": 824.5156744718552,
  "summary_wm_p95": 1201.761183425784,
  "summary_wm_stdv": 116.83415132869749,
  "tpm_overlap_csf": 0.11395007357018884,
  "tpm_overlap_gm": 0.08259103512034542,
  "tpm_overlap_wm": 0.46603916492957786,
  "wm2max": 0.2583348498635123
}