{
  "bids_meta": {
    "AcquisitionMatrixPE": 192,
    "AcquisitionNumber": 1,
    "AcquisitionTime": "13:52:50.255000",
    "BaseResolution": 192,
    "BodyPartExamined": "BRAIN",
    "CoilString": "HE1-4;NE1_2",
    "ConsistencyInfo": "N4_VE11C_LATEST_20160120",
    "ConversionSoftware": "dcm2niix",
    "ConversionSoftwareVersion": "v1.0.20190410  GCC6.3.0",
    "DeviceSerialNumber": "166048",
    "DwellTime": 1.24e-05,
    "EchoTime": 0.0022,
    "FlipAngle": 8,
    "ImageOrientationPatientDICOM": [
      0,
      1,
      0,
      0,
      0,
      -1
    ],
    "ImageType": [
      "ORIGINAL",
      "PRIMARY",
      "M",
      "ND",
      "NORM",
      "FM3",
      "2",
      "FIL"
    ],
    "ImagingFrequency": 123.246,
    "InPlanePhaseEncodingDirectionDICOM": "ROW",
    "InstitutionAddress": "North_13th_1701_Philadelphia_PA_US_19122",
    "InstitutionName": "Temple_University_-_Weiss_Hall",
    "InstitutionalDepartmentName": "Department",
    "InversionTime": 1.15,
    "MRAcquisitionType": "3D",
    "MagneticFieldStrength": 3,
    "Manufacturer": "Siemens",
    "ManufacturersModelName": "Prisma",
    "Modality": "MR",
    "PartialFourier": 1,
    "PatientPosition": "HFS",
    "PercentPhaseFOV": 100,
    "PhaseEncodingSteps": 211,
    "PhaseOversampling": 0.1,
    "PhaseResolution": 1,
    "PixelBandwidth": 210,
    "ProcedureStepDescription": "SMITH_SRNDNA",
    "ProtocolName": "T1w-anat_mpg_07sag_iso",
    "PulseSequenceDetails": "%SiemensSeq%_tfl",
    "ReceiveCoilActiveElements": "HE1-4;NE1,2",
    "ReceiveCoilName": "HeadNeck_20",
    "ReconMatrixPE": 192,
    "RefLinesPE": 32,
    "RepetitionTime": 2.4,
    "SAR": 0.0422761,
    "ScanOptions": "IR_WE",
    "ScanningSequence": "GR_IR",
    "SequenceName": "_tfl3d1_16ns",
    "SequenceVariant": "SK_SP_MP_OSP",
    "SeriesDescription": "T1w-anat_mpg_07sag_iso",
    "SeriesNumber": 5,
    "ShimSetting": [
      1431,
      -7440,
      6453,
      302,
      115,
      -288,
      -37,
      18
    ],
    "SliceThickness": 1,
    "SoftwareVersions": "syngo_MR_E11",
    "StationName": "AWP166048",
    "TxRefAmp": 263.168,
    "dataset": "<unset>",
    "modality": "T1w",
    "subject_id": "110"
  },
  "cjv": 0.31664875495093997,
  "cnr": 4.235374413999151,
  "efc": 0.6733213500615426,
  "fber": 41665.55760204082,
  "fwhm_avg": 4.1306199999999995,
  "fwhm_x": 3.97924,
  "fwhm_y": 4.32229,
  "fwhm_z": 4.09033,
  "icvs_csf": 0.19545718798975553,
  "icvs_gm": 0.4398013371593567,
  "icvs_wm": 0.36474147485088776,
  "inu_med": 0.401745930314064,
  "inu_range": 0.1534346267580986,
  "provenance": {
    "md5sum": "ec4ea5954b53bc8c32484099185ecfc8",
    "settings": {
      "testing": false
    },
    "software": "mriqc",
    "version": "22.0.6",
    "warnings": {
      "large_rot_frame": true,
      "small_air_mask": false
    },
    "webapi_port": null,
    "webapi_url": "https://mriqc.nimh.nih.gov/api/v1"
  },
  "qi_1": 0.0,
  "qi_2": 0.009508841519375503,
  "rpve_csf": 13.508762431281696,
  "rpve_gm": 6.6200814932357925,
  "rpve_wm": 9.515288799775826,
  "size_x": 192,
  "size_y": 192,
  "size_z": 192,
  "snr_csf": 2.65129945029993,
  "snr_gm": 11.913216969379683,
  "snr_total": 14.815286129726573,
  "snr_wm": 29.881341969500106,
  "snrd_csf": 36.76638761063527,
  "snrd_gm": 98.21748485673956,
  "snrd_total": 91.1151970265419,
  "snrd_wm": 138.36171861225088,
  "spacing_x": 1.0,
  "spacing_y": 1.0,
  "spacing_z": 1.0,
  "summary_bg_k": 824.908539757949,
  "summary_bg_mad": 0.0,
  "summary_bg_mean": 2.5924202263628806,
  "summary_bg_median": 0.0,
  "summary_bg_n": 1291145.0,
  "summary_bg_p05": 0.0,
  "summary_bg_p95": 11.56874754279852,
  "summary_bg_stdv": 4.735254092328473,
  "summary_csf_k": 1.104164305970614,
  "summary_csf_mad": 85.79055285918122,
  "summary_csf_mean": 281.7425149181215,
  "summary_csf_median": 265.7434198334813,
  "summary_csf_n": 28185.0,
  "summary_csf_p05": 143.17380626872182,
  "summary_csf_p95": 473.7233231950551,
  "summary_csf_stdv": 100.22960834969045,
  "summary_gm_k": -0.002536666324657766,
  "summary_gm_mad": 60.04712720187493,
  "summary_gm_mean": 710.2289814626414,
  "summary_gm_median": 709.9052153201774,
  "summary_gm_n": 54054.0,
  "summary_gm_p05": 613.1225089151412,
  "summary_gm_p95": 808.2364028059877,
  "summary_gm_stdv": 59.58916474740929,
  "summary_wm_k": 0.8167695136538198,
  "summary_wm_mad": 31.83108072155684,
  "summary_wm_mean": 1000.6394991075485,
  "summary_wm_median": 1000.0633368566632,
  "summary_wm_n": 237618.0,
  "summary_wm_p05": 946.8006542827934,
  "summary_wm_p95": 1053.983622507099,
  "summary_wm_stdv": 33.46774832014718,
  "tpm_overlap_csf": 0.18435428739046192,
  "tpm_overlap_gm": 0.4711972445258246,
  "tpm_overlap_wm": 0.5215595978700424,
  "wm2max": 0.8917576449624093
}