{
  "aor": 0.0053236,
  "aqi": 0.014869182000000002,
  "bids_meta": {
    "AcquisitionMatrixPE": 74,
    "AcquisitionNumber": 1,
    "AcquisitionTime": "15:56:32.700000",
    "BandwidthPerPixelPhaseEncode": 27.579,
    "BaseResolution": 74,
    "BodyPartExamined": "BRAIN",
    "CogAtlasID": "http://www.cognitiveatlas.org/task/id/TODO",
    "CoilString": "HE1-4;NE1_2",
    "ConsistencyInfo": "N4_VE11C_LATEST_20160120",
    "ConversionSoftware": "dcm2niix",
    "ConversionSoftwareVersion": "v1.0.20190410  GCC6.3.0",
    "DerivedVendorReportedEchoSpacing": 0.000489993,
    "DeviceSerialNumber": "166048",
    "DwellTime": 2.9e-06,
    "EchoTime": 0.023,
    "EchoTrainLength": 74,
    "EffectiveEchoSpacing": 0.000489993,
    "FlipAngle": 76,
    "ImageOrientationPatientDICOM": [
      1,
      0,
      0,
      0,
      0.953717,
      -0.300706
    ],
    "ImageType": [
      "ORIGINAL",
      "PRIMARY",
      "M",
      "ND",
      "NORM",
      "MOSAIC"
    ],
    "ImagingFrequency": 123.246,
    "InPlanePhaseEncodingDirectionDICOM": "COL",
    "InstitutionAddress": "North_13th_1701_Philadelphia_PA_US_19122",
    "InstitutionName": "Temple_University_-_Weiss_Hall",
    "InstitutionalDepartmentName": "Department",
    "MRAcquisitionType": "2D",
    "MagneticFieldStrength": 3,
    "Manufacturer": "Siemens",
    "ManufacturersModelName": "Prisma",
    "Modality": "MR",
    "PartialFourier": 1,
    "PatientPosition": "HFS",
    "PercentPhaseFOV": 100,
    "PhaseEncodingDirection": "j-",
    "PhaseEncodingSteps": 74,
    "PhaseResolution": 1,
    "PixelBandwidth": 2330,
    "ProcedureStepDescription": "SMITH_SRNDNA",
    "ProtocolName": "func-bold_task-UG_run1",
    "PulseSequenceDetails": "%SiemensSeq%_ep2d_bold",
    "ReceiveCoilActiveElements": "HE1-4;NE1,2",
    "ReceiveCoilName": "HeadNeck_20",
    "ReconMatrixPE": 74,
    "RepetitionTime": 2.02,
    "SAR": 0.102636,
    "ScanOptions": "FS",
    "ScanningSequence": "EP",
    "SequenceName": "_epfid2d1_74",
    "SequenceVariant": "SK",
    "SeriesDescription": "func-bold_task-UG_run1",
    "SeriesNumber": 17,
    "ShimSetting": [
      1407,
      -7355,
      6440,
      254,
      12,
      -81,
      -172,
      59
    ],
    "SliceThickness": 2.8,
    "SliceTiming": [
      1.945,
      1.89,
      1.835,
      1.7775,
      1.7225,
      1.6675,
      1.6125,
      1.555,
      1.5,
      1.445,
      1.39,
      1.335,
      1.2775,
      1.2225,
      1.1675,
      1.1125,
      1.055,
      1,
      0.945,
      0.89,
      0.835,
      0.7775,
      0.7225,
      0.6675,
      0.6125,
      0.555,
      0.5,
      0.445,
      0.39,
      0.335,
      0.2775,
      0.2225,
      0.1675,
      0.1125,
      0.0575,
      0
    ],
    "SoftwareVersions": "syngo_MR_E11",
    "SpacingBetweenSlices": 3.22,
    "StationName": "AWP166048",
    "TaskName": "ultimatum",
    "TotalReadoutTime": 0.0357695,
    "TxRefAmp": 257.362,
    "dataset": "<unset>",
    "modality": "bold",
    "run_id": 2,
    "subject_id": "137",
    "task_id": "ultimatum"
  },
  "dummy_trs": 0,
  "dvars_nstd": 33.29589576336683,
  "dvars_std": 1.3191267368341708,
  "dvars_vstd": 1.0063327107537687,
  "efc": 0.5339634799826717,
  "fber": 1646.679931640625,
  "fd_mean": 0.3824955455654012,
  "fd_num": 142,
  "fd_perc": 71.0,
  "fwhm_avg": 1.785493511105889,
  "fwhm_x": 1.6669576941721724,
  "fwhm_y": 1.9725104320411833,
  "fwhm_z": 1.717012407104311,
  "gcor": 0.0400071,
  "gsr_x": -0.0128104193136096,
  "gsr_y": 0.05096382647752762,
  "provenance": {
    "md5sum": "02ed23214a0da2ffd676a5d5d52c388a",
    "settings": {
      "fd_thres": 0.2,
      "testing": false
    },
    "software": "mriqc",
    "version": "22.0.6",
    "webapi_port": null,
    "webapi_url": "https://mriqc.nimh.nih.gov/api/v1"
  },
  "size_t": 200,
  "size_x": 74,
  "size_y": 74,
  "size_z": 36,
  "snr": 6.395427073860921,
  "spacing_tr": 2.0199999809265137,
  "spacing_x": 2.972972869873047,
  "spacing_y": 2.972972869873047,
  "spacing_z": 3.2200000286102295,
  "summary_bg_k": 21.920417877400133,
  "summary_bg_mad": 12.246293250277333,
  "summary_bg_mean": 56.15894317626953,
  "summary_bg_median": 21.904998779296875,
  "summary_bg_n": 121852.0,
  "summary_bg_p05": 10.289999961853027,
  "summary_bg_p95": 230.09449386596677,
  "summary_bg_stdv": 96.09123992919922,
  "summary_fg_k": 3.834165343520416,
  "summary_fg_mad": 108.85262954524104,
  "summary_fg_mean": 914.1221313476562,
  "summary_fg_median": 895.1900024414062,
  "summary_fg_n": 36951.0,
  "summary_fg_p05": 739.8924560546875,
  "summary_fg_p95": 1158.2100219726562,
  "summary_fg_stdv": 139.9715576171875,
  "tsnr": 57.68234081065748
}