{
  "aor": 0.002692165898617512,
  "aqi": 0.00761827405529954,
  "bids_meta": {
    "AcquisitionMatrixPE": 74,
    "AcquisitionNumber": 1,
    "AcquisitionTime": "14:50:27.567500",
    "BandwidthPerPixelPhaseEncode": 27.579,
    "BaseResolution": 74,
    "BodyPartExamined": "BRAIN",
    "CogAtlasID": "http://www.cognitiveatlas.org/task/id/TODO",
    "CoilString": "HE1-4;NE1_2",
    "ConsistencyInfo": "N4_VE11C_LATEST_20160120",
    "ConversionSoftware": "dcm2niix",
    "ConversionSoftwareVersion": "v1.0.20190410  GCC6.3.0",
    "DerivedVendorReportedEchoSpacing": 0.000489993,
    "DeviceSerialNumber": "166048",
    "DwellTime": 2.9e-06,
    "EchoTime": 0.023,
    "EchoTrainLength": 74,
    "EffectiveEchoSpacing": 0.000489993,
    "FlipAngle": 76,
    "ImageOrientationPatientDICOM": [
      1,
      0,
      0,
      0,
      0.943801,
      -0.330514
    ],
    "ImageType": [
      "ORIGINAL",
      "PRIMARY",
      "M",
      "ND",
      "NORM",
      "MOSAIC"
    ],
    "ImagingFrequency": 123.246,
    "InPlanePhaseEncodingDirectionDICOM": "COL",
    "InstitutionAddress": "North_13th_1701_Philadelphia_PA_US_19122",
    "InstitutionName": "Temple_University_-_Weiss_Hall",
    "InstitutionalDepartmentName": "Department",
    "MRAcquisitionType": "2D",
    "MagneticFieldStrength": 3,
    "Manufacturer": "Siemens",
    "ManufacturersModelName": "Prisma",
    "Modality": "MR",
    "PartialFourier": 1,
    "PatientPosition": "HFS",
    "PercentPhaseFOV": 100,
    "PhaseEncodingDirection": "j-",
    "PhaseEncodingSteps": 74,
    "PhaseResolution": 1,
    "PixelBandwidth": 2330,
    "ProcedureStepDescription": "SMITH_SRNDNA",
    "ProtocolName": "func-bold_trust_run0",
    "PulseSequenceDetails": "%SiemensSeq%_ep2d_bold",
    "ReceiveCoilActiveElements": "HE1-4;NE1,2",
    "ReceiveCoilName": "HeadNeck_20",
    "ReconMatrixPE": 74,
    "RepetitionTime": 2.02,
    "SAR": 0.102666,
    "ScanOptions": "FS",
    "ScanningSequence": "EP",
    "SequenceName": "_epfid2d1_74",
    "SequenceVariant": "SK",
    "SeriesDescription": "func-bold_trust_run0",
    "SeriesNumber": 9,
    "ShimSetting": [
      1406,
      -7353,
      6438,
      221,
      30,
      -67,
      -161,
      58
    ],
    "SliceThickness": 2.8,
    "SliceTiming": [
      1.945,
      1.8875,
      1.8325,
      1.7775,
      1.7225,
      1.6675,
      1.61,
      1.555,
      1.5,
      1.445,
      1.39,
      1.3325,
      1.2775,
      1.2225,
      1.1675,
      1.11,
      1.055,
      1,
      0.945,
      0.89,
      0.8325,
      0.7775,
      0.7225,
      0.6675,
      0.61,
      0.555,
      0.5,
      0.445,
      0.39,
      0.3325,
      0.2775,
      0.2225,
      0.1675,
      0.11,
      0.055,
      0
    ],
    "SoftwareVersions": "syngo_MR_E11",
    "SpacingBetweenSlices": 3.22,
    "StationName": "AWP166048",
    "TaskName": "trust",
    "TotalReadoutTime": 0.0357695,
    "TxRefAmp": 257.362,
    "dataset": "<unset>",
    "modality": "bold",
    "run_id": 1,
    "subject_id": "137",
    "task_id": "trust"
  },
  "dummy_trs": 0,
  "dvars_nstd": 29.630849573564813,
  "dvars_std": 1.4344442659259258,
  "dvars_vstd": 1.0095954405555554,
  "efc": 0.5313289890797896,
  "fber": 1758.224609375,
  "fd_mean": 0.23564504333103084,
  "fd_num": 120,
  "fd_perc": 55.29953917050691,
  "fwhm_avg": 1.7673267108347221,
  "fwhm_x": 1.6483971480739645,
  "fwhm_y": 1.9431357946588619,
  "fwhm_z": 1.7104471897713396,
  "gcor": 0.0365735,
  "gsr_x": -0.015534119680523872,
  "gsr_y": 0.041625071316957474,
  "provenance": {
    "md5sum": "38f26a90251ce363eb3db395d5d50ef5",
    "settings": {
      "fd_thres": 0.2,
      "testing": false
    },
    "software": "mriqc",
    "version": "22.0.6",
    "webapi_port": null,
    "webapi_url": "https://mriqc.nimh.nih.gov/api/v1"
  },
  "size_t": 217,
  "size_x": 74,
  "size_y": 74,
  "size_z": 36,
  "snr": 6.400461804345619,
  "spacing_tr": 2.0199999809265137,
  "spacing_x": 2.972972869873047,
  "spacing_y": 2.972972869873047,
  "spacing_z": 3.2200000286102295,
  "summary_bg_k": 24.41558537295347,
  "summary_bg_mad": 11.799326382151634,
  "summary_bg_mean": 54.212284088134766,
  "summary_bg_median": 21.322580337524414,
  "summary_bg_n": 121656.0,
  "summary_bg_p05": 10.0,
  "summary_bg_p95": 217.6048355102539,
  "summary_bg_stdv": 95.69949340820312,
  "summary_fg_k": 3.9799611946487774,
  "summary_fg_mad": 108.8517246366604,
  "summary_fg_mean": 924.7385864257812,
  "summary_fg_median": 905.0875854492188,
  "summary_fg_n": 37319.0,
  "summary_fg_p05": 752.5272033691406,
  "summary_fg_p95": 1172.333605957031,
  "summary_fg_stdv": 141.4078369140625,
  "tsnr": 83.50937033258379
}