{
  "aor": 0.0043012,
  "aqi": 0.014188400449999998,
  "bids_meta": {
    "AcquisitionMatrixPE": 74,
    "AcquisitionNumber": 1,
    "AcquisitionTime": "15:49:30.842500",
    "BandwidthPerPixelPhaseEncode": 27.579,
    "BaseResolution": 74,
    "BodyPartExamined": "BRAIN",
    "CogAtlasID": "http://www.cognitiveatlas.org/task/id/TODO",
    "CoilString": "HE1-4;NE1_2",
    "ConsistencyInfo": "N4_VE11C_LATEST_20160120",
    "ConversionSoftware": "dcm2niix",
    "ConversionSoftwareVersion": "v1.0.20190410  GCC6.3.0",
    "DerivedVendorReportedEchoSpacing": 0.000489993,
    "DeviceSerialNumber": "166048",
    "DwellTime": 2.9e-06,
    "EchoTime": 0.023,
    "EchoTrainLength": 74,
    "EffectiveEchoSpacing": 0.000489993,
    "FlipAngle": 76,
    "ImageOrientationPatientDICOM": [
      1,
      0,
      0,
      0,
      0.953717,
      -0.300706
    ],
    "ImageType": [
      "ORIGINAL",
      "PRIMARY",
      "M",
      "ND",
      "NORM",
      "MOSAIC"
    ],
    "ImagingFrequency": 123.246,
    "InPlanePhaseEncodingDirectionDICOM": "COL",
    "InstitutionAddress": "North_13th_1701_Philadelphia_PA_US_19122",
    "InstitutionName": "Temple_University_-_Weiss_Hall",
    "InstitutionalDepartmentName": "Department",
    "MRAcquisitionType": "2D",
    "MagneticFieldStrength": 3,
    "Manufacturer": "Siemens",
    "ManufacturersModelName": "Prisma",
    "Modality": "MR",
    "PartialFourier": 1,
    "PatientPosition": "HFS",
    "PercentPhaseFOV": 100,
    "PhaseEncodingDirection": "j-",
    "PhaseEncodingSteps": 74,
    "PhaseResolution": 1,
    "PixelBandwidth": 2330,
    "ProcedureStepDescription": "SMITH_SRNDNA",
    "ProtocolName": "func-bold_task-UG_run0",
    "PulseSequenceDetails": "%SiemensSeq%_ep2d_bold",
    "ReceiveCoilActiveElements": "HE1-4;NE1,2",
    "ReceiveCoilName": "HeadNeck_20",
    "ReconMatrixPE": 74,
    "RepetitionTime": 2.02,
    "SAR": 0.102636,
    "ScanOptions": "FS",
    "ScanningSequence": "EP",
    "SequenceName": "_epfid2d1_74",
    "SequenceVariant": "SK",
    "SeriesDescription": "func-bold_task-UG_run0",
    "SeriesNumber": 16,
    "ShimSetting": [
      1407,
      -7355,
      6440,
      254,
      12,
      -81,
      -172,
      59
    ],
    "SliceThickness": 2.8,
    "SliceTiming": [
      1.945,
      1.89,
      1.835,
      1.7775,
      1.7225,
      1.6675,
      1.6125,
      1.555,
      1.5,
      1.445,
      1.39,
      1.335,
      1.2775,
      1.2225,
      1.1675,
      1.1125,
      1.055,
      1,
      0.945,
      0.89,
      0.835,
      0.7775,
      0.7225,
      0.6675,
      0.6125,
      0.555,
      0.5,
      0.445,
      0.39,
      0.335,
      0.2775,
      0.2225,
      0.1675,
      0.1125,
      0.055,
      0
    ],
    "SoftwareVersions": "syngo_MR_E11",
    "SpacingBetweenSlices": 3.22,
    "StationName": "AWP166048",
    "TaskName": "ultimatum",
    "TotalReadoutTime": 0.0357695,
    "TxRefAmp": 257.362,
    "dataset": "<unset>",
    "modality": "bold",
    "run_id": 1,
    "subject_id": "137",
    "task_id": "ultimatum"
  },
  "dummy_trs": 0,
  "dvars_nstd": 33.55202745798995,
  "dvars_std": 1.284798882311558,
  "dvars_vstd": 0.981852169296483,
  "efc": 0.5329349316528725,
  "fber": 1646.06494140625,
  "fd_mean": 0.357230722076884,
  "fd_num": 144,
  "fd_perc": 72.0,
  "fwhm_avg": 1.7856007191769152,
  "fwhm_x": 1.6602775121223279,
  "fwhm_y": 1.9725339774965451,
  "fwhm_z": 1.723990667911873,
  "gcor": 0.0358573,
  "gsr_x": -0.013903210870921612,
  "gsr_y": 0.05102340131998062,
  "provenance": {
    "md5sum": "446ed81c6dd7db37a7f6040923da4b5e",
    "settings": {
      "fd_thres": 0.2,
      "testing": false
    },
    "software": "mriqc",
    "version": "22.0.6",
    "webapi_port": null,
    "webapi_url": "https://mriqc.nimh.nih.gov/api/v1"
  },
  "size_t": 200,
  "size_x": 74,
  "size_y": 74,
  "size_z": 36,
  "snr": 6.405867076812175,
  "spacing_tr": 2.0199999809265137,
  "spacing_x": 2.972972869873047,
  "spacing_y": 2.972972869873047,
  "spacing_z": 3.2200000286102295,
  "summary_bg_k": 21.587344090690827,
  "summary_bg_mad": 12.112860238304341,
  "summary_bg_mean": 56.123443603515625,
  "summary_bg_median": 21.904998779296875,
  "summary_bg_n": 122187.0,
  "summary_bg_p05": 10.274999618530273,
  "summary_bg_p95": 229.720491027832,
  "summary_bg_stdv": 96.30770111083984,
  "summary_fg_k": 3.952255767827338,
  "summary_fg_mad": 108.51165999205932,
  "summary_fg_mean": 914.033447265625,
  "summary_fg_median": 895.010009765625,
  "summary_fg_n": 36789.0,
  "summary_fg_p05": 742.6179931640625,
  "summary_fg_p95": 1156.532958984375,
  "summary_fg_stdv": 139.71533203125,
  "tsnr": 58.61748137511313
}