{
  "aor": 0.00612089108910891,
  "aqi": 0.007113913613861386,
  "bids_meta": {
    "AcquisitionMatrixPE": 74,
    "AcquisitionNumber": 1,
    "AcquisitionTime": "15:39:16.430000",
    "BandwidthPerPixelPhaseEncode": 27.579,
    "BaseResolution": 74,
    "BodyPartExamined": "BRAIN",
    "CogAtlasID": "http://www.cognitiveatlas.org/task/id/TODO",
    "CoilString": "HE1-4;NE1_2",
    "ConsistencyInfo": "N4_VE11C_LATEST_20160120",
    "ConversionSoftware": "dcm2niix",
    "ConversionSoftwareVersion": "v1.0.20190410  GCC6.3.0",
    "DerivedVendorReportedEchoSpacing": 0.000489993,
    "DeviceSerialNumber": "166048",
    "DwellTime": 2.9e-06,
    "EchoTime": 0.023,
    "EchoTrainLength": 74,
    "EffectiveEchoSpacing": 0.000489993,
    "FlipAngle": 76,
    "ImageOrientationPatientDICOM": [
      1,
      0,
      0,
      0,
      0.953717,
      -0.300706
    ],
    "ImageType": [
      "ORIGINAL",
      "PRIMARY",
      "M",
      "ND",
      "NORM",
      "MOSAIC"
    ],
    "ImagingFrequency": 123.246,
    "InPlanePhaseEncodingDirectionDICOM": "COL",
    "InstitutionAddress": "North_13th_1701_Philadelphia_PA_US_19122",
    "InstitutionName": "Temple_University_-_Weiss_Hall",
    "InstitutionalDepartmentName": "Department",
    "MRAcquisitionType": "2D",
    "MagneticFieldStrength": 3,
    "Manufacturer": "Siemens",
    "ManufacturersModelName": "Prisma",
    "Modality": "MR",
    "PartialFourier": 1,
    "PatientPosition": "HFS",
    "PercentPhaseFOV": 100,
    "PhaseEncodingDirection": "j-",
    "PhaseEncodingSteps": 74,
    "PhaseResolution": 1,
    "PixelBandwidth": 2330,
    "ProcedureStepDescription": "SMITH_SRNDNA",
    "ProtocolName": "func-bold_task-reward_run1",
    "PulseSequenceDetails": "%SiemensSeq%_ep2d_bold",
    "ReceiveCoilActiveElements": "HE1-4;NE1,2",
    "ReceiveCoilName": "HeadNeck_20",
    "ReconMatrixPE": 74,
    "RepetitionTime": 2.02,
    "SAR": 0.10264,
    "ScanOptions": "FS",
    "ScanningSequence": "EP",
    "SequenceName": "_epfid2d1_74",
    "SequenceVariant": "SK",
    "SeriesDescription": "func-bold_task-reward_run1",
    "SeriesNumber": 15,
    "ShimSetting": [
      1407,
      -7355,
      6440,
      254,
      12,
      -81,
      -172,
      59
    ],
    "SliceThickness": 2.8,
    "SliceTiming": [
      1.945,
      1.89,
      1.8325,
      1.7775,
      1.7225,
      1.6675,
      1.6125,
      1.555,
      1.5,
      1.445,
      1.39,
      1.3325,
      1.2775,
      1.2225,
      1.1675,
      1.1125,
      1.055,
      1,
      0.945,
      0.89,
      0.8325,
      0.7775,
      0.7225,
      0.6675,
      0.6125,
      0.555,
      0.5,
      0.445,
      0.39,
      0.3325,
      0.2775,
      0.2225,
      0.1675,
      0.1125,
      0.055,
      0
    ],
    "SoftwareVersions": "syngo_MR_E11",
    "SpacingBetweenSlices": 3.22,
    "StationName": "AWP166048",
    "TaskName": "sharedreward",
    "TotalReadoutTime": 0.0357695,
    "TxRefAmp": 257.362,
    "dataset": "<unset>",
    "modality": "bold",
    "run_id": 2,
    "subject_id": "137",
    "task_id": "sharedreward"
  },
  "dummy_trs": 0,
  "dvars_nstd": 29.77454383820897,
  "dvars_std": 1.462466901890546,
  "dvars_vstd": 1.0610489409950243,
  "efc": 0.5329352022641412,
  "fber": 1654.85107421875,
  "fd_mean": 0.2497277415181622,
  "fd_num": 111,
  "fd_perc": 54.95049504950495,
  "fwhm_avg": 1.7727241560322966,
  "fwhm_x": 1.6580776938642223,
  "fwhm_y": 1.9540575223103445,
  "fwhm_z": 1.7060372519223237,
  "gcor": 0.0360773,
  "gsr_x": -0.01303364709019661,
  "gsr_y": 0.04925789311528206,
  "provenance": {
    "md5sum": "0f2d53b979296e9d34846bd949576a45",
    "settings": {
      "fd_thres": 0.2,
      "testing": false
    },
    "software": "mriqc",
    "version": "22.0.6",
    "webapi_port": null,
    "webapi_url": "https://mriqc.nimh.nih.gov/api/v1"
  },
  "size_t": 202,
  "size_x": 74,
  "size_y": 74,
  "size_z": 36,
  "snr": 6.389328927109365,
  "spacing_tr": 2.0199999809265137,
  "spacing_x": 2.972972869873047,
  "spacing_y": 2.972972869873047,
  "spacing_z": 3.2200000286102295,
  "summary_bg_k": 22.687702586104674,
  "summary_bg_mad": 11.846137020243738,
  "summary_bg_mean": 55.29197692871094,
  "summary_bg_median": 21.841583251953125,
  "summary_bg_n": 121763.0,
  "summary_bg_p05": 10.396039009094238,
  "summary_bg_p95": 225.7292007446287,
  "summary_bg_stdv": 94.97573852539062,
  "summary_fg_k": 3.99161117432661,
  "summary_fg_mad": 108.98592257916796,
  "summary_fg_mean": 917.1513061523438,
  "summary_fg_median": 897.7103271484375,
  "summary_fg_n": 36950.0,
  "summary_fg_p05": 744.3989898681641,
  "summary_fg_p95": 1162.989337158203,
  "summary_fg_stdv": 140.49960327148438,
  "tsnr": 82.82060475321487
}