{
  "bids_meta": {
    "AcquisitionMatrixPE": 192,
    "AcquisitionNumber": 1,
    "AcquisitionTime": "18:05:22.287500",
    "BaseResolution": 192,
    "BodyPartExamined": "HEAD",
    "CoilString": "HE1-4;NE1_2",
    "ConsistencyInfo": "N4_VE11C_LATEST_20160120",
    "ConversionSoftware": "dcm2niix",
    "ConversionSoftwareVersion": "v1.0.20190410  GCC6.3.0",
    "DeviceSerialNumber": "166048",
    "DwellTime": 1.24e-05,
    "EchoTime": 0.0022,
    "FlipAngle": 8,
    "ImageOrientationPatientDICOM": [
      -0.00174532,
      0.999998,
      9.49234e-09,
      -0.00523598,
      -9.12897e-06,
      -0.999986
    ],
    "ImageType": [
      "ORIGINAL",
      "PRIMARY",
      "M",
      "ND",
      "NORM",
      "FM3",
      "2",
      "FIL"
    ],
    "ImagingFrequency": 123.245,
    "InPlanePhaseEncodingDirectionDICOM": "ROW",
    "InstitutionAddress": "North_13th_1701_Philadelphia_PA_US_19122",
    "InstitutionName": "Temple_University_-_Weiss_Hall",
    "InstitutionalDepartmentName": "Department",
    "InversionTime": 1.15,
    "MRAcquisitionType": "3D",
    "MagneticFieldStrength": 3,
    "Manufacturer": "Siemens",
    "ManufacturersModelName": "Prisma",
    "Modality": "MR",
    "PartialFourier": 1,
    "PatientPosition": "HFS",
    "PercentPhaseFOV": 100,
    "PhaseEncodingSteps": 211,
    "PhaseOversampling": 0.1,
    "PhaseResolution": 1,
    "PixelBandwidth": 210,
    "ProcedureStepDescription": "SMITH_SRNDNA",
    "ProtocolName": "T1w-anat_mpg_07sag_iso",
    "PulseSequenceDetails": "%SiemensSeq%_tfl",
    "ReceiveCoilActiveElements": "HE1-4;NE1,2",
    "ReceiveCoilName": "HeadNeck_20",
    "ReconMatrixPE": 192,
    "RefLinesPE": 32,
    "RepetitionTime": 2.4,
    "SAR": 0.0488152,
    "ScanOptions": "IR_WE",
    "ScanningSequence": "GR_IR",
    "SequenceName": "_tfl3d1_16ns",
    "SequenceVariant": "SK_SP_MP_OSP",
    "SeriesDescription": "T1w-anat_mpg_07sag_iso",
    "SeriesNumber": 5,
    "ShimSetting": [
      1433,
      -7388,
      6485,
      141,
      65,
      -68,
      -26,
      30
    ],
    "SliceThickness": 1,
    "SoftwareVersions": "syngo_MR_E11",
    "StationName": "AWP166048",
    "TxRefAmp": 278.284,
    "dataset": "<unset>",
    "modality": "T1w",
    "subject_id": "120"
  },
  "cjv": 0.337784307370767,
  "cnr": 4.005500379303189,
  "efc": 0.6574845901821875,
  "fber": 46152.788223999996,
  "fwhm_avg": 4.09404,
  "fwhm_x": 3.95818,
  "fwhm_y": 4.1291,
  "fwhm_z": 4.19484,
  "icvs_csf": 0.216530178004161,
  "icvs_gm": 0.43081385862899046,
  "icvs_wm": 0.3526559633668485,
  "inu_med": 0.4245873987674713,
  "inu_range": 0.1767538666725158,
  "provenance": {
    "md5sum": "26c202392e69f6b38a0f025c5ce6d7ca",
    "settings": {
      "testing": false
    },
    "software": "mriqc",
    "version": "22.0.6",
    "warnings": {
      "large_rot_frame": true,
      "small_air_mask": false
    },
    "webapi_port": null,
    "webapi_url": "https://mriqc.nimh.nih.gov/api/v1"
  },
  "qi_1": 4.597308604191432e-06,
  "qi_2": 0.007195663935529194,
  "rpve_csf": 12.582847061282893,
  "rpve_gm": 6.519507048110109,
  "rpve_wm": 9.384217434014525,
  "size_x": 192,
  "size_y": 192,
  "size_z": 192,
  "snr_csf": 2.513501086160155,
  "snr_gm": 11.240165370664164,
  "snr_total": 14.562850395483196,
  "snr_wm": 29.934884729625267,
  "snrd_csf": 40.07096528563087,
  "snrd_gm": 118.48757362593048,
  "snrd_total": 108.28179356964002,
  "snrd_wm": 166.28684179735868,
  "spacing_x": 1.0,
  "spacing_y": 1.0,
  "spacing_z": 1.0,
  "summary_bg_k": 13.624392630030798,
  "summary_bg_mad": 0.0,
  "summary_bg_mean": 2.132769244919331,
  "summary_bg_median": 0.0,
  "summary_bg_n": 1345327.0,
  "summary_bg_p05": 0.0,
  "summary_bg_p95": 9.754319991916418,
  "summary_bg_stdv": 3.939966010091362,
  "summary_csf_k": 1.8195558780117107,
  "summary_csf_mad": 79.36495784767469,
  "summary_csf_mean": 251.41862792725968,
  "summary_csf_median": 240.98529896512628,
  "summary_csf_n": 42704.0,
  "summary_csf_p05": 110.98486724868417,
  "summary_csf_p95": 429.93719624150543,
  "summary_csf_stdv": 95.87522308938485,
  "summary_gm_k": -0.019593845623848694,
  "summary_gm_mad": 64.87139726355788,
  "summary_gm_mean": 713.6758787976404,
  "summary_gm_median": 712.5798729918897,
  "summary_gm_n": 46546.0,
  "summary_gm_p05": 612.2979601519182,
  "summary_gm_p95": 818.714377827011,
  "summary_gm_stdv": 63.395172123857215,
  "summary_wm_k": 0.6811816882197173,
  "summary_wm_mad": 32.2291018252071,
  "summary_wm_mean": 1001.3556529873129,
  "summary_wm_median": 1000.042898863554,
  "summary_wm_n": 231805.0,
  "summary_wm_p05": 948.9345497190952,
  "summary_wm_p95": 1056.0391270369291,
  "summary_wm_stdv": 33.40720202585584,
  "tpm_overlap_csf": 0.17200456382757487,
  "tpm_overlap_gm": 0.4581454303441799,
  "tpm_overlap_wm": 0.5109034595770438,
  "wm2max": 0.8966975510361002
}