{
  "bids_meta": {
    "AcquisitionMatrixPE": 192,
    "AcquisitionNumber": 1,
    "AcquisitionTime": "18:01:19.550000",
    "BaseResolution": 192,
    "BodyPartExamined": "HEAD",
    "CoilString": "HE1-4;NE1_2",
    "ConsistencyInfo": "N4_VE11C_LATEST_20160120",
    "ConversionSoftware": "dcm2niix",
    "ConversionSoftwareVersion": "v1.0.20190410  GCC6.3.0",
    "DeviceSerialNumber": "166048",
    "DwellTime": 3.5e-06,
    "EchoTime": 0.567,
    "EchoTrainLength": 314,
    "FlipAngle": 120,
    "ImageOrientationPatientDICOM": [
      -0.00174532,
      0.999998,
      9.49234e-09,
      -0.00523598,
      -9.12897e-06,
      -0.999986
    ],
    "ImageType": [
      "ORIGINAL",
      "PRIMARY",
      "M",
      "ND",
      "NORM"
    ],
    "ImagingFrequency": 123.245,
    "InPlanePhaseEncodingDirectionDICOM": "ROW",
    "InstitutionAddress": "North_13th_1701_Philadelphia_PA_US_19122",
    "InstitutionName": "Temple_University_-_Weiss_Hall",
    "InstitutionalDepartmentName": "Department",
    "MRAcquisitionType": "3D",
    "MagneticFieldStrength": 3,
    "Manufacturer": "Siemens",
    "ManufacturersModelName": "Prisma",
    "Modality": "MR",
    "PartialFourier": 1,
    "PatientPosition": "HFS",
    "PercentPhaseFOV": 100,
    "PhaseEncodingSteps": 209,
    "PhaseOversampling": 0.1,
    "PhaseResolution": 1,
    "PixelBandwidth": 745,
    "ProcedureStepDescription": "SMITH_SRNDNA",
    "ProtocolName": "T2w-anat_spc_07sag_iso",
    "PulseSequenceDetails": "%SiemensSeq%_tse_vfl",
    "ReceiveCoilActiveElements": "HE1-4;NE1,2",
    "ReceiveCoilName": "HeadNeck_20",
    "ReconMatrixPE": 192,
    "RefLinesPE": 32,
    "RepetitionTime": 3.2,
    "SAR": 0.179312,
    "ScanOptions": "PFP",
    "ScanningSequence": "SE",
    "SequenceName": "_spc_314ns",
    "SequenceVariant": "SK_SP_OSP",
    "SeriesDescription": "T2w-anat_spc_07sag_iso",
    "SeriesNumber": 3,
    "ShimSetting": [
      1433,
      -7388,
      6485,
      141,
      65,
      -68,
      -26,
      30
    ],
    "SliceThickness": 1,
    "SoftwareVersions": "syngo_MR_E11",
    "StationName": "AWP166048",
    "TxRefAmp": 278.284,
    "dataset": "<unset>",
    "modality": "T2w",
    "subject_id": "120"
  },
  "cjv": 0.18924663495307012,
  "cnr": 2.367309191527962,
  "efc": 0.6174791849757326,
  "fber": 5008.7448839618155,
  "fwhm_avg": 2.58905,
  "fwhm_x": 2.46034,
  "fwhm_y": 2.85026,
  "fwhm_z": 2.45655,
  "icvs_csf": 0.3032182715811894,
  "icvs_gm": 0.5684108772295009,
  "icvs_wm": 0.12837085118930966,
  "inu_med": 0.9498174786567688,
  "inu_range": 0.29052523374557493,
  "provenance": {
    "md5sum": "d4fc20bc09d967873cb1beca65296f84",
    "settings": {
      "testing": false
    },
    "software": "mriqc",
    "version": "22.0.6",
    "warnings": {
      "large_rot_frame": true,
      "small_air_mask": false
    },
    "webapi_port": null,
    "webapi_url": "https://mriqc.nimh.nih.gov/api/v1"
  },
  "qi_1": 4.839479690534893e-05,
  "qi_2": 0.0012399337131991798,
  "rpve_csf": 7.9842940116579815,
  "rpve_gm": 5.605145874169579,
  "rpve_wm": 25.01468981468343,
  "size_x": 192,
  "size_y": 192,
  "size_z": 192,
  "snr_csf": 7.755030950838068,
  "snr_gm": 8.71737071440053,
  "snr_total": 6.58094283473918,
  "snr_wm": 3.270426838978945,
  "snrd_csf": 101.67803033547806,
  "snrd_gm": 57.08162311912035,
  "snrd_total": 122.78172941738246,
  "snrd_wm": 209.58553479754897,
  "spacing_x": 1.0,
  "spacing_y": 1.0,
  "spacing_z": 1.0,
  "summary_bg_k": 17.340235795095747,
  "summary_bg_mad": 0.0,
  "summary_bg_mean": 1.7277482289824895,
  "summary_bg_median": 0.0,
  "summary_bg_n": 1352799.0,
  "summary_bg_p05": 0.0,
  "summary_bg_p95": 7.6148979645222425,
  "summary_bg_stdv": 3.1252939078432953,
  "summary_csf_k": 1.0681996034636416,
  "summary_csf_mad": 57.93558373776732,
  "summary_csf_mean": 490.28676215396246,
  "summary_csf_median": 485.04972211737186,
  "summary_csf_n": 22106.0,
  "summary_csf_p05": 399.89299291791394,
  "summary_csf_p95": 601.3215027465485,
  "summary_csf_stdv": 62.545043865210765,
  "summary_gm_k": 0.5737286720293526,
  "summary_gm_mad": 29.86812284458157,
  "summary_gm_mean": 273.16351863504235,
  "summary_gm_median": 272.3048955667764,
  "summary_gm_n": 301658.0,
  "summary_gm_p05": 224.07078238390386,
  "summary_gm_p95": 325.859798213467,
  "summary_gm_stdv": 31.236992568128965,
  "summary_wm_k": 1.9494021746326355,
  "summary_wm_mad": 107.81106159785807,
  "summary_wm_mean": 854.5194063640209,
  "summary_wm_median": 999.8168245190755,
  "summary_wm_n": 24924.0,
  "summary_wm_p05": 33.44771637581289,
  "summary_wm_p95": 1086.3856835309416,
  "summary_wm_stdv": 305.70834213167007,
  "tpm_overlap_csf": 0.11961324438631252,
  "tpm_overlap_gm": 0.3459428091122098,
  "tpm_overlap_wm": 0.03331306330350791,
  "wm2max": 0.9279056036642096
}