{
  "bids_meta": {
    "AcquisitionMatrixPE": 192,
    "AcquisitionNumber": 1,
    "AcquisitionTime": "14:56:25.312500",
    "BaseResolution": 192,
    "BodyPartExamined": "BRAIN",
    "CoilString": "HE1-4;NE1_2",
    "ConsistencyInfo": "N4_VE11C_LATEST_20160120",
    "ConversionSoftware": "dcm2niix",
    "ConversionSoftwareVersion": "v1.0.20190410  GCC6.3.0",
    "DeviceSerialNumber": "166048",
    "DwellTime": 1.24e-05,
    "EchoTime": 0.0022,
    "FlipAngle": 8,
    "ImageOrientationPatientDICOM": [
      0,
      1,
      0,
      0,
      0,
      -1
    ],
    "ImageType": [
      "ORIGINAL",
      "PRIMARY",
      "M",
      "ND",
      "NORM",
      "FM3",
      "2",
      "FIL"
    ],
    "ImagingFrequency": 123.246,
    "InPlanePhaseEncodingDirectionDICOM": "ROW",
    "InstitutionAddress": "North_13th_1701_Philadelphia_PA_US_19122",
    "InstitutionName": "Temple_University_-_Weiss_Hall",
    "InstitutionalDepartmentName": "Department",
    "InversionTime": 1.15,
    "MRAcquisitionType": "3D",
    "MagneticFieldStrength": 3,
    "Manufacturer": "Siemens",
    "ManufacturersModelName": "Prisma",
    "Modality": "MR",
    "PartialFourier": 1,
    "PatientPosition": "HFS",
    "PercentPhaseFOV": 100,
    "PhaseEncodingSteps": 211,
    "PhaseOversampling": 0.1,
    "PhaseResolution": 1,
    "PixelBandwidth": 210,
    "ProcedureStepDescription": "SMITH_SRNDNA",
    "ProtocolName": "T1w-anat_mpg_07sag_iso",
    "PulseSequenceDetails": "%SiemensSeq%_tfl",
    "ReceiveCoilActiveElements": "HE1-4;NE1,2",
    "ReceiveCoilName": "HeadNeck_20",
    "ReconMatrixPE": 192,
    "RefLinesPE": 32,
    "RepetitionTime": 2.4,
    "SAR": 0.0734189,
    "ScanOptions": "IR_WE",
    "ScanningSequence": "GR_IR",
    "SequenceName": "_tfl3d1_16ns",
    "SequenceVariant": "SK_SP_MP_OSP",
    "SeriesDescription": "T1w-anat_mpg_07sag_iso",
    "SeriesNumber": 5,
    "ShimSetting": [
      1364,
      -7571,
      6376,
      -213,
      2,
      -201,
      43,
      -82
    ],
    "SliceThickness": 1,
    "SoftwareVersions": "syngo_MR_E11",
    "StationName": "AWP166048",
    "TxRefAmp": 304.996,
    "dataset": "<unset>",
    "modality": "T1w",
    "subject_id": "154"
  },
  "cjv": 0.3930116813563962,
  "cnr": 3.401304889253901,
  "efc": 0.687496363745568,
  "fber": 12058.505023948353,
  "fwhm_avg": 4.26649,
  "fwhm_x": 4.11534,
  "fwhm_y": 4.3876,
  "fwhm_z": 4.29653,
  "icvs_csf": 0.24731557922743305,
  "icvs_gm": 0.3754812387944153,
  "icvs_wm": 0.3772031819781516,
  "inu_med": 0.512779027223587,
  "inu_range": 0.21414418816566472,
  "provenance": {
    "md5sum": "09bd0eda503c72483cc296fda19f6ec1",
    "settings": {
      "testing": false
    },
    "software": "mriqc",
    "version": "22.0.6",
    "warnings": {
      "large_rot_frame": true,
      "small_air_mask": false
    },
    "webapi_port": null,
    "webapi_url": "https://mriqc.nimh.nih.gov/api/v1"
  },
  "qi_1": 0.0,
  "qi_2": 0.004430058762285356,
  "rpve_csf": 16.734451666766056,
  "rpve_gm": 10.20666593204775,
  "rpve_wm": 12.248548048538785,
  "size_x": 192,
  "size_y": 192,
  "size_z": 192,
  "snr_csf": 1.9661155709849663,
  "snr_gm": 11.109397485266058,
  "snr_total": 12.365098545586653,
  "snr_wm": 24.019782580508934,
  "snrd_csf": 18.183205470999603,
  "snrd_gm": 63.661399107841426,
  "snrd_total": 56.21888848846149,
  "snrd_wm": 86.81206088654343,
  "spacing_x": 1.0,
  "spacing_y": 1.0,
  "spacing_z": 1.0,
  "summary_bg_k": 430.659735205697,
  "summary_bg_mad": 0.0,
  "summary_bg_mean": 3.6014353722605827,
  "summary_bg_median": 0.0,
  "summary_bg_n": 645410.0,
  "summary_bg_p05": 0.0,
  "summary_bg_p95": 17.887730373069644,
  "summary_bg_stdv": 7.546974999733997,
  "summary_csf_k": 1.0356911732528706,
  "summary_csf_mad": 86.49057010202617,
  "summary_csf_mean": 230.3293142248295,
  "summary_csf_median": 209.46507796645164,
  "summary_csf_n": 48560.0,
  "summary_csf_p05": 89.85219857301564,
  "summary_csf_p95": 443.93872014805675,
  "summary_csf_stdv": 106.53642353525704,
  "summary_gm_k": 0.030087806967790343,
  "summary_gm_mad": 65.92003602155268,
  "summary_gm_mean": 730.8113810596276,
  "summary_gm_median": 733.3602399667725,
  "summary_gm_n": 17010.0,
  "summary_gm_p05": 618.9717524128034,
  "summary_gm_p95": 835.0756008993834,
  "summary_gm_stdv": 66.01066204392701,
  "summary_wm_k": 0.9040819962490487,
  "summary_wm_mad": 38.891732864669486,
  "summary_wm_mean": 1001.6571558337666,
  "summary_wm_median": 1000.048925973475,
  "summary_wm_n": 169557.0,
  "summary_wm_p05": 936.7934088539332,
  "summary_wm_p95": 1071.820079440251,
  "summary_wm_stdv": 41.63426432408643,
  "tpm_overlap_csf": 0.1537496800701072,
  "tpm_overlap_gm": 0.4288179884982316,
  "tpm_overlap_wm": 0.48007220853288135,
  "wm2max": 0.7972523937348042
}