{
  "bids_meta": {
    "AcquisitionMatrixPE": 192,
    "AcquisitionNumber": 1,
    "AcquisitionTime": "14:52:22.567500",
    "BaseResolution": 192,
    "BodyPartExamined": "BRAIN",
    "CoilString": "HE1-4;NE1_2",
    "ConsistencyInfo": "N4_VE11C_LATEST_20160120",
    "ConversionSoftware": "dcm2niix",
    "ConversionSoftwareVersion": "v1.0.20190410  GCC6.3.0",
    "DeviceSerialNumber": "166048",
    "DwellTime": 3.5e-06,
    "EchoTime": 0.567,
    "EchoTrainLength": 314,
    "FlipAngle": 120,
    "ImageOrientationPatientDICOM": [
      0,
      1,
      0,
      0,
      0,
      -1
    ],
    "ImageType": [
      "ORIGINAL",
      "PRIMARY",
      "M",
      "ND",
      "NORM"
    ],
    "ImagingFrequency": 123.246,
    "InPlanePhaseEncodingDirectionDICOM": "ROW",
    "InstitutionAddress": "North_13th_1701_Philadelphia_PA_US_19122",
    "InstitutionName": "Temple_University_-_Weiss_Hall",
    "InstitutionalDepartmentName": "Department",
    "MRAcquisitionType": "3D",
    "MagneticFieldStrength": 3,
    "Manufacturer": "Siemens",
    "ManufacturersModelName": "Prisma",
    "Modality": "MR",
    "PartialFourier": 1,
    "PatientPosition": "HFS",
    "PercentPhaseFOV": 100,
    "PhaseEncodingSteps": 209,
    "PhaseOversampling": 0.1,
    "PhaseResolution": 1,
    "PixelBandwidth": 745,
    "ProcedureStepDescription": "SMITH_SRNDNA",
    "ProtocolName": "T2w-anat_spc_07sag_iso",
    "PulseSequenceDetails": "%SiemensSeq%_tse_vfl",
    "ReceiveCoilActiveElements": "HE1-4;NE1,2",
    "ReceiveCoilName": "HeadNeck_20",
    "ReconMatrixPE": 192,
    "RefLinesPE": 32,
    "RepetitionTime": 3.2,
    "SAR": 0.269688,
    "ScanOptions": "PFP",
    "ScanningSequence": "SE",
    "SequenceName": "_spc_314ns",
    "SequenceVariant": "SK_SP_OSP",
    "SeriesDescription": "T2w-anat_spc_07sag_iso",
    "SeriesNumber": 3,
    "ShimSetting": [
      1364,
      -7571,
      6376,
      -213,
      2,
      -201,
      43,
      -82
    ],
    "SliceThickness": 1,
    "SoftwareVersions": "syngo_MR_E11",
    "StationName": "AWP166048",
    "TxRefAmp": 304.996,
    "dataset": "<unset>",
    "modality": "T2w",
    "subject_id": "154"
  },
  "cjv": 0.2040726330584039,
  "cnr": 2.105432783207067,
  "efc": 0.6726540202603103,
  "fber": 4043.627009401041,
  "fwhm_avg": 2.6852366666666665,
  "fwhm_x": 2.54323,
  "fwhm_y": 2.96884,
  "fwhm_z": 2.54364,
  "icvs_csf": 0.2699272175727248,
  "icvs_gm": 0.6076312883755317,
  "icvs_wm": 0.12244149405174352,
  "inu_med": 0.9516894817352295,
  "inu_range": 0.2454429268836975,
  "provenance": {
    "md5sum": "4cc790cdeb34f8ef928f77f1e7b4ce7b",
    "settings": {
      "testing": false
    },
    "software": "mriqc",
    "version": "22.0.6",
    "warnings": {
      "large_rot_frame": true,
      "small_air_mask": false
    },
    "webapi_port": null,
    "webapi_url": "https://mriqc.nimh.nih.gov/api/v1"
  },
  "qi_1": 0.0,
  "qi_2": 0.0005603944114587367,
  "rpve_csf": 12.885655431542666,
  "rpve_gm": 7.572714316021955,
  "rpve_wm": 37.95836758818946,
  "size_x": 192,
  "size_y": 192,
  "size_z": 192,
  "snr_csf": 6.150422080602416,
  "snr_gm": 6.6480325968121,
  "snr_total": 5.242140516445833,
  "snr_wm": 2.9279668719229814,
  "snrd_csf": 61.81198427172489,
  "snrd_gm": 30.11756381106688,
  "snrd_total": 67.07547336596193,
  "snrd_wm": 109.29687201509402,
  "spacing_x": 1.0,
  "spacing_y": 1.0,
  "spacing_z": 1.0,
  "summary_bg_k": 36.48932933140222,
  "summary_bg_mad": 0.0,
  "summary_bg_mean": 3.349246339177387,
  "summary_bg_median": 0.0,
  "summary_bg_n": 619712.0,
  "summary_bg_p05": 0.0,
  "summary_bg_p95": 15.6687893550843,
  "summary_bg_stdv": 5.988209533039463,
  "summary_csf_k": 0.2499781405780901,
  "summary_csf_mad": 96.61871502624628,
  "summary_csf_mean": 564.2903758795786,
  "summary_csf_median": 564.9863348640501,
  "summary_csf_n": 13151.0,
  "summary_csf_p05": 419.56322715617716,
  "summary_csf_p95": 708.8898793766275,
  "summary_csf_stdv": 91.85789955796321,
  "summary_gm_k": 0.030159847734453127,
  "summary_gm_mad": 41.41572956305167,
  "summary_gm_mean": 276.3335939599677,
  "summary_gm_median": 275.2866162303835,
  "summary_gm_n": 223607.0,
  "summary_gm_p05": 209.9726963751018,
  "summary_gm_p95": 346.0727834248912,
  "summary_gm_stdv": 41.40864182926412,
  "summary_wm_k": 0.6801008497171956,
  "summary_wm_mad": 106.27788843573975,
  "summary_wm_mean": 834.0578129611578,
  "summary_wm_median": 999.0172595083714,
  "summary_wm_n": 17597.0,
  "summary_wm_p05": 62.20200001820922,
  "summary_wm_p95": 1086.263844788447,
  "summary_wm_stdv": 341.1885847049601,
  "tpm_overlap_csf": 0.12503059176449474,
  "tpm_overlap_gm": 0.3792638663007546,
  "tpm_overlap_wm": 0.042850018556288325,
  "wm2max": 0.934972919576251
}