{
  "aor": 0.0037865151515151514,
  "aqi": 0.0072782979292929295,
  "bids_meta": {
    "AcquisitionMatrixPE": 74,
    "AcquisitionNumber": 1,
    "AcquisitionTime": "11:43:25.480000",
    "BandwidthPerPixelPhaseEncode": 27.579,
    "BaseResolution": 74,
    "BodyPartExamined": "BRAIN",
    "CogAtlasID": "http://www.cognitiveatlas.org/task/id/TODO",
    "CoilString": "HE1-4;NE1_2",
    "ConsistencyInfo": "N4_VE11C_LATEST_20160120",
    "ConversionSoftware": "dcm2niix",
    "ConversionSoftwareVersion": "v1.0.20190410  GCC6.3.0",
    "DerivedVendorReportedEchoSpacing": 0.000489993,
    "DeviceSerialNumber": "166048",
    "DwellTime": 2.9e-06,
    "EchoTime": 0.023,
    "EchoTrainLength": 74,
    "EffectiveEchoSpacing": 0.000489993,
    "FlipAngle": 76,
    "ImageOrientationPatientDICOM": [
      0.970385,
      0.0711182,
      0.230858,
      -5.1006e-08,
      0.95568,
      -0.294407
    ],
    "ImageType": [
      "ORIGINAL",
      "PRIMARY",
      "M",
      "ND",
      "NORM",
      "MOSAIC"
    ],
    "ImagingFrequency": 123.246,
    "InPlanePhaseEncodingDirectionDICOM": "COL",
    "InstitutionAddress": "North_13th_1701_Philadelphia_PA_US_19122",
    "InstitutionName": "Temple_University_-_Weiss_Hall",
    "InstitutionalDepartmentName": "Department",
    "MRAcquisitionType": "2D",
    "MagneticFieldStrength": 3,
    "Manufacturer": "Siemens",
    "ManufacturersModelName": "Prisma",
    "Modality": "MR",
    "PartialFourier": 1,
    "PatientPosition": "HFS",
    "PercentPhaseFOV": 100,
    "PhaseEncodingDirection": "j-",
    "PhaseEncodingSteps": 74,
    "PhaseResolution": 1,
    "PixelBandwidth": 2330,
    "ProcedureStepDescription": "SMITH_SRNDNA",
    "ProtocolName": "func-bold_task-UG_run0",
    "PulseSequenceDetails": "%SiemensSeq%_ep2d_bold",
    "ReceiveCoilActiveElements": "HE1-4;NE1,2",
    "ReceiveCoilName": "HeadNeck_20",
    "ReconMatrixPE": 74,
    "RepetitionTime": 2.02,
    "SAR": 0.0924138,
    "ScanOptions": "FS",
    "ScanningSequence": "EP",
    "SequenceName": "_epfid2d1_74",
    "SequenceVariant": "SK",
    "SeriesDescription": "func-bold_task-UG_run0",
    "SeriesNumber": 16,
    "ShimSetting": [
      1321,
      -7039,
      6165,
      54,
      -389,
      1349,
      545,
      412
    ],
    "SliceThickness": 2.8,
    "SliceTiming": [
      1.945,
      1.89,
      1.835,
      1.7775,
      1.7225,
      1.6675,
      1.6125,
      1.5575,
      1.5,
      1.445,
      1.39,
      1.335,
      1.28,
      1.2225,
      1.1675,
      1.1125,
      1.0575,
      1,
      0.945,
      0.89,
      0.835,
      0.78,
      0.7225,
      0.6675,
      0.6125,
      0.5575,
      0.5,
      0.445,
      0.39,
      0.335,
      0.28,
      0.2225,
      0.1675,
      0.1125,
      0.0575,
      0
    ],
    "SoftwareVersions": "syngo_MR_E11",
    "SpacingBetweenSlices": 3.22,
    "StationName": "AWP166048",
    "TaskName": "ultimatum",
    "TotalReadoutTime": 0.0357695,
    "TxRefAmp": 260.097,
    "dataset": "<unset>",
    "modality": "bold",
    "run_id": 1,
    "subject_id": "150",
    "task_id": "ultimatum"
  },
  "dummy_trs": 2,
  "dvars_nstd": 20.066054964060914,
  "dvars_std": 1.1643201639593916,
  "dvars_vstd": 0.9957251140609136,
  "efc": 0.5055470416932646,
  "fber": 1676.760009765625,
  "fd_mean": 0.18834916777067984,
  "fd_num": 42,
  "fd_perc": 21.21212121212121,
  "fwhm_avg": 1.8566676686581143,
  "fwhm_x": 1.8010423351857388,
  "fwhm_y": 1.9866377052583766,
  "fwhm_z": 1.782322965530227,
  "gcor": 0.0180671,
  "gsr_x": -0.021183550357818604,
  "gsr_y": 0.014871638268232346,
  "provenance": {
    "md5sum": "57372a5bf87b1a6eadb86eebb49a5b23",
    "settings": {
      "fd_thres": 0.2,
      "testing": false
    },
    "software": "mriqc",
    "version": "22.0.6",
    "webapi_port": null,
    "webapi_url": "https://mriqc.nimh.nih.gov/api/v1"
  },
  "size_t": 198,
  "size_x": 74,
  "size_y": 74,
  "size_z": 36,
  "snr": 6.833247331609493,
  "spacing_tr": 2.0199999809265137,
  "spacing_x": 2.972972869873047,
  "spacing_y": 2.972972869873047,
  "spacing_z": 3.2200000286102295,
  "summary_bg_k": 18.80545995258253,
  "summary_bg_mad": 12.781828045732276,
  "summary_bg_mean": 60.982295989990234,
  "summary_bg_median": 23.969696044921875,
  "summary_bg_n": 130162.0,
  "summary_bg_p05": 12.858586311340332,
  "summary_bg_p95": 257.9252502441404,
  "summary_bg_stdv": 106.31905364990234,
  "summary_fg_k": 2.8488888719312015,
  "summary_fg_mad": 134.45258378214615,
  "summary_fg_mean": 1009.9422607421875,
  "summary_fg_median": 1001.6666870117188,
  "summary_fg_n": 29717.0,
  "summary_fg_p05": 806.131298828125,
  "summary_fg_p95": 1239.7343261718747,
  "summary_fg_stdv": 146.58474731445312,
  "tsnr": 69.22810072801076
}