{
  "aor": 0.0027391542288557214,
  "aqi": 0.00792814263681592,
  "bids_meta": {
    "AcquisitionMatrixPE": 74,
    "AcquisitionNumber": 1,
    "AcquisitionTime": "11:26:17.430000",
    "BandwidthPerPixelPhaseEncode": 27.579,
    "BaseResolution": 74,
    "BodyPartExamined": "BRAIN",
    "CogAtlasID": "http://www.cognitiveatlas.org/task/id/TODO",
    "CoilString": "HE1-4;NE1_2",
    "ConsistencyInfo": "N4_VE11C_LATEST_20160120",
    "ConversionSoftware": "dcm2niix",
    "ConversionSoftwareVersion": "v1.0.20190410  GCC6.3.0",
    "DerivedVendorReportedEchoSpacing": 0.000489993,
    "DeviceSerialNumber": "166048",
    "DwellTime": 2.9e-06,
    "EchoTime": 0.023,
    "EchoTrainLength": 74,
    "EffectiveEchoSpacing": 0.000489993,
    "FlipAngle": 76,
    "ImageOrientationPatientDICOM": [
      0.970385,
      0.0711182,
      0.230858,
      -5.1006e-08,
      0.95568,
      -0.294407
    ],
    "ImageType": [
      "ORIGINAL",
      "PRIMARY",
      "M",
      "ND",
      "NORM",
      "MOSAIC"
    ],
    "ImagingFrequency": 123.246,
    "InPlanePhaseEncodingDirectionDICOM": "COL",
    "InstitutionAddress": "North_13th_1701_Philadelphia_PA_US_19122",
    "InstitutionName": "Temple_University_-_Weiss_Hall",
    "InstitutionalDepartmentName": "Department",
    "MRAcquisitionType": "2D",
    "MagneticFieldStrength": 3,
    "Manufacturer": "Siemens",
    "ManufacturersModelName": "Prisma",
    "Modality": "MR",
    "PartialFourier": 1,
    "PatientPosition": "HFS",
    "PercentPhaseFOV": 100,
    "PhaseEncodingDirection": "j-",
    "PhaseEncodingSteps": 74,
    "PhaseResolution": 1,
    "PixelBandwidth": 2330,
    "ProcedureStepDescription": "SMITH_SRNDNA",
    "ProtocolName": "func-bold_task-reward_run0",
    "PulseSequenceDetails": "%SiemensSeq%_ep2d_bold",
    "ReceiveCoilActiveElements": "HE1-4;NE1,2",
    "ReceiveCoilName": "HeadNeck_20",
    "ReconMatrixPE": 74,
    "RepetitionTime": 2.02,
    "SAR": 0.0924171,
    "ScanOptions": "FS",
    "ScanningSequence": "EP",
    "SequenceName": "_epfid2d1_74",
    "SequenceVariant": "SK",
    "SeriesDescription": "func-bold_task-reward_run0",
    "SeriesNumber": 14,
    "ShimSetting": [
      1321,
      -7039,
      6165,
      54,
      -389,
      1349,
      545,
      412
    ],
    "SliceThickness": 2.8,
    "SliceTiming": [
      1.9425,
      1.8875,
      1.8325,
      1.7775,
      1.72,
      1.665,
      1.61,
      1.555,
      1.4975,
      1.4425,
      1.3875,
      1.3325,
      1.2775,
      1.22,
      1.165,
      1.11,
      1.055,
      0.9975,
      0.9425,
      0.8875,
      0.8325,
      0.7775,
      0.72,
      0.665,
      0.61,
      0.555,
      0.5,
      0.4425,
      0.3875,
      0.3325,
      0.2775,
      0.22,
      0.165,
      0.11,
      0.055,
      0
    ],
    "SoftwareVersions": "syngo_MR_E11",
    "SpacingBetweenSlices": 3.22,
    "StationName": "AWP166048",
    "TaskName": "sharedreward",
    "TotalReadoutTime": 0.0357695,
    "TxRefAmp": 260.097,
    "dataset": "<unset>",
    "modality": "bold",
    "run_id": 1,
    "subject_id": "150",
    "task_id": "sharedreward"
  },
  "dummy_trs": 1,
  "dvars_nstd": 19.551816411049998,
  "dvars_std": 1.1490721153500003,
  "dvars_vstd": 0.9763656193999999,
  "efc": 0.5047290740322588,
  "fber": 1697.8502197265625,
  "fd_mean": 0.18459736038906327,
  "fd_num": 31,
  "fd_perc": 15.422885572139304,
  "fwhm_avg": 1.837536277075376,
  "fwhm_x": 1.7802920617388662,
  "fwhm_y": 1.9635497044577062,
  "fwhm_z": 1.7687670650295555,
  "gcor": 0.0093988,
  "gsr_x": -0.020792730152606964,
  "gsr_y": 0.015574578195810318,
  "provenance": {
    "md5sum": "b1c8e02893de4bd771ac67eadde29ea4",
    "settings": {
      "fd_thres": 0.2,
      "testing": false
    },
    "software": "mriqc",
    "version": "22.0.6",
    "webapi_port": null,
    "webapi_url": "https://mriqc.nimh.nih.gov/api/v1"
  },
  "size_t": 201,
  "size_x": 74,
  "size_y": 74,
  "size_z": 36,
  "snr": 6.850403516046417,
  "spacing_tr": 2.0199999809265137,
  "spacing_x": 2.972972869873047,
  "spacing_y": 2.972972869873047,
  "spacing_z": 3.2200000286102295,
  "summary_bg_k": 18.304688246805338,
  "summary_bg_mad": 12.893476797546239,
  "summary_bg_mean": 61.438167572021484,
  "summary_bg_median": 23.930347442626953,
  "summary_bg_n": 130402.0,
  "summary_bg_p05": 12.741292953491211,
  "summary_bg_p95": 260.6392974853514,
  "summary_bg_stdv": 107.98310089111328,
  "summary_fg_k": 2.9708164224233027,
  "summary_fg_mad": 134.48534147276496,
  "summary_fg_mean": 1013.1103515625,
  "summary_fg_median": 1003.7586669921875,
  "summary_fg_n": 29658.0,
  "summary_fg_p05": 811.8420288085938,
  "summary_fg_p95": 1244.0905639648436,
  "summary_fg_stdv": 146.52301025390625,
  "tsnr": 66.47474275482818
}