{
  "aor": 0.013111758793969851,
  "aqi": 0.01655987296482412,
  "bids_meta": {
    "AcquisitionMatrixPE": 74,
    "AcquisitionNumber": 1,
    "AcquisitionTime": "11:50:42.805000",
    "BandwidthPerPixelPhaseEncode": 27.579,
    "BaseResolution": 74,
    "BodyPartExamined": "BRAIN",
    "CogAtlasID": "http://www.cognitiveatlas.org/task/id/TODO",
    "CoilString": "HE1-4;NE1_2",
    "ConsistencyInfo": "N4_VE11C_LATEST_20160120",
    "ConversionSoftware": "dcm2niix",
    "ConversionSoftwareVersion": "v1.0.20190410  GCC6.3.0",
    "DerivedVendorReportedEchoSpacing": 0.000489993,
    "DeviceSerialNumber": "166048",
    "DwellTime": 2.9e-06,
    "EchoTime": 0.023,
    "EchoTrainLength": 74,
    "EffectiveEchoSpacing": 0.000489993,
    "FlipAngle": 76,
    "ImageOrientationPatientDICOM": [
      0.970385,
      0.0711182,
      0.230858,
      -5.1006e-08,
      0.95568,
      -0.294407
    ],
    "ImageType": [
      "ORIGINAL",
      "PRIMARY",
      "M",
      "ND",
      "NORM",
      "MOSAIC"
    ],
    "ImagingFrequency": 123.246,
    "InPlanePhaseEncodingDirectionDICOM": "COL",
    "InstitutionAddress": "North_13th_1701_Philadelphia_PA_US_19122",
    "InstitutionName": "Temple_University_-_Weiss_Hall",
    "InstitutionalDepartmentName": "Department",
    "MRAcquisitionType": "2D",
    "MagneticFieldStrength": 3,
    "Manufacturer": "Siemens",
    "ManufacturersModelName": "Prisma",
    "Modality": "MR",
    "PartialFourier": 1,
    "PatientPosition": "HFS",
    "PercentPhaseFOV": 100,
    "PhaseEncodingDirection": "j-",
    "PhaseEncodingSteps": 74,
    "PhaseResolution": 1,
    "PixelBandwidth": 2330,
    "ProcedureStepDescription": "SMITH_SRNDNA",
    "ProtocolName": "func-bold_task-UG_run1",
    "PulseSequenceDetails": "%SiemensSeq%_ep2d_bold",
    "ReceiveCoilActiveElements": "HE1-4;NE1,2",
    "ReceiveCoilName": "HeadNeck_20",
    "ReconMatrixPE": 74,
    "RepetitionTime": 2.02,
    "SAR": 0.0924138,
    "ScanOptions": "FS",
    "ScanningSequence": "EP",
    "SequenceName": "_epfid2d1_74",
    "SequenceVariant": "SK",
    "SeriesDescription": "func-bold_task-UG_run1",
    "SeriesNumber": 17,
    "ShimSetting": [
      1321,
      -7039,
      6165,
      54,
      -389,
      1349,
      545,
      412
    ],
    "SliceThickness": 2.8,
    "SliceTiming": [
      1.945,
      1.8875,
      1.8325,
      1.7775,
      1.7225,
      1.6675,
      1.61,
      1.555,
      1.5,
      1.445,
      1.39,
      1.3325,
      1.2775,
      1.2225,
      1.1675,
      1.11,
      1.055,
      1,
      0.945,
      0.89,
      0.8325,
      0.7775,
      0.7225,
      0.6675,
      0.61,
      0.555,
      0.5,
      0.445,
      0.39,
      0.3325,
      0.2775,
      0.2225,
      0.1675,
      0.11,
      0.055,
      0
    ],
    "SoftwareVersions": "syngo_MR_E11",
    "SpacingBetweenSlices": 3.22,
    "StationName": "AWP166048",
    "TaskName": "ultimatum",
    "TotalReadoutTime": 0.0357695,
    "TxRefAmp": 260.097,
    "dataset": "<unset>",
    "modality": "bold",
    "run_id": 2,
    "subject_id": "150",
    "task_id": "ultimatum"
  },
  "dummy_trs": 1,
  "dvars_nstd": 21.5207823119697,
  "dvars_std": 1.1528398374242421,
  "dvars_vstd": 1.0381502997979797,
  "efc": 0.5058419177722046,
  "fber": 1669.8367919921875,
  "fd_mean": 0.27854750561082076,
  "fd_num": 66,
  "fd_perc": 33.165829145728644,
  "fwhm_avg": 1.873123200274475,
  "fwhm_x": 1.828237336128836,
  "fwhm_y": 2.0016260694145225,
  "fwhm_z": 1.7895061952800673,
  "gcor": 0.0169116,
  "gsr_x": -0.020014431327581406,
  "gsr_y": 0.01490172278136015,
  "provenance": {
    "md5sum": "d02bfc977c1f4bee1c5495234a768710",
    "settings": {
      "fd_thres": 0.2,
      "testing": false
    },
    "software": "mriqc",
    "version": "22.0.6",
    "webapi_port": null,
    "webapi_url": "https://mriqc.nimh.nih.gov/api/v1"
  },
  "size_t": 199,
  "size_x": 74,
  "size_y": 74,
  "size_z": 36,
  "snr": 6.787387679380756,
  "spacing_tr": 2.0199999809265137,
  "spacing_x": 2.972972869873047,
  "spacing_y": 2.972972869873047,
  "spacing_z": 3.2200000286102295,
  "summary_bg_k": 18.14702394867233,
  "summary_bg_mad": 12.68034537625384,
  "summary_bg_mean": 61.89455795288086,
  "summary_bg_median": 24.01004981994629,
  "summary_bg_n": 130450.0,
  "summary_bg_p05": 13.020100593566895,
  "summary_bg_p95": 263.435932922363,
  "summary_bg_stdv": 108.3712387084961,
  "summary_fg_k": 3.0551273748137984,
  "summary_fg_mad": 134.04510344828807,
  "summary_fg_mean": 1009.388671875,
  "summary_fg_median": 1000.6834106445312,
  "summary_fg_n": 29741.0,
  "summary_fg_p05": 805.6331787109375,
  "summary_fg_p95": 1240.43212890625,
  "summary_fg_stdv": 147.4302978515625,
  "tsnr": 47.3560144349467
}