{
  "aor": 0.002734722222222222,
  "aqi": 0.008249372083333333,
  "bids_meta": {
    "AcquisitionMatrixPE": 74,
    "AcquisitionNumber": 1,
    "AcquisitionTime": "10:44:57.432500",
    "BandwidthPerPixelPhaseEncode": 27.579,
    "BaseResolution": 74,
    "BodyPartExamined": "BRAIN",
    "CogAtlasID": "http://www.cognitiveatlas.org/task/id/TODO",
    "CoilString": "HE1-4;NE1_2",
    "ConsistencyInfo": "N4_VE11C_LATEST_20160120",
    "ConversionSoftware": "dcm2niix",
    "ConversionSoftwareVersion": "v1.0.20190410  GCC6.3.0",
    "DerivedVendorReportedEchoSpacing": 0.000489993,
    "DeviceSerialNumber": "166048",
    "DwellTime": 2.9e-06,
    "EchoTime": 0.023,
    "EchoTrainLength": 74,
    "EffectiveEchoSpacing": 0.000489993,
    "FlipAngle": 76,
    "ImageOrientationPatientDICOM": [
      0.969523,
      0.0594212,
      0.237687,
      2.46409e-09,
      0.970143,
      -0.242534
    ],
    "ImageType": [
      "ORIGINAL",
      "PRIMARY",
      "M",
      "ND",
      "NORM",
      "MOSAIC"
    ],
    "ImagingFrequency": 123.246,
    "InPlanePhaseEncodingDirectionDICOM": "COL",
    "InstitutionAddress": "North_13th_1701_Philadelphia_PA_US_19122",
    "InstitutionName": "Temple_University_-_Weiss_Hall",
    "InstitutionalDepartmentName": "Department",
    "MRAcquisitionType": "2D",
    "MagneticFieldStrength": 3,
    "Manufacturer": "Siemens",
    "ManufacturersModelName": "Prisma",
    "Modality": "MR",
    "PartialFourier": 1,
    "PatientPosition": "HFS",
    "PercentPhaseFOV": 100,
    "PhaseEncodingDirection": "j-",
    "PhaseEncodingSteps": 74,
    "PhaseResolution": 1,
    "PixelBandwidth": 2330,
    "ProcedureStepDescription": "SMITH_SRNDNA",
    "ProtocolName": "func-bold_trust_run0",
    "PulseSequenceDetails": "%SiemensSeq%_ep2d_bold",
    "ReceiveCoilActiveElements": "HE1-4;NE1,2",
    "ReceiveCoilName": "HeadNeck_20",
    "ReconMatrixPE": 74,
    "RepetitionTime": 2.02,
    "SAR": 0.09244,
    "ScanOptions": "FS",
    "ScanningSequence": "EP",
    "SequenceName": "_epfid2d1_74",
    "SequenceVariant": "SK",
    "SeriesDescription": "func-bold_trust_run0",
    "SeriesNumber": 9,
    "ShimSetting": [
      1322,
      -7038,
      6167,
      69,
      -378,
      1354,
      545,
      409
    ],
    "SliceThickness": 2.8,
    "SliceTiming": [
      1.945,
      1.8875,
      1.8325,
      1.7775,
      1.7225,
      1.6675,
      1.61,
      1.555,
      1.5,
      1.445,
      1.3875,
      1.3325,
      1.2775,
      1.2225,
      1.1675,
      1.11,
      1.055,
      1,
      0.945,
      0.89,
      0.8325,
      0.7775,
      0.7225,
      0.6675,
      0.61,
      0.555,
      0.5,
      0.445,
      0.39,
      0.3325,
      0.2775,
      0.2225,
      0.1675,
      0.11,
      0.055,
      0
    ],
    "SoftwareVersions": "syngo_MR_E11",
    "SpacingBetweenSlices": 3.22,
    "StationName": "AWP166048",
    "TaskName": "trust",
    "TotalReadoutTime": 0.0357695,
    "TxRefAmp": 260.097,
    "dataset": "<unset>",
    "modality": "bold",
    "run_id": 1,
    "subject_id": "150",
    "task_id": "trust"
  },
  "dummy_trs": 1,
  "dvars_nstd": 20.62353078251163,
  "dvars_std": 1.1484366162790696,
  "dvars_vstd": 0.9761555546976743,
  "efc": 0.5057101300844311,
  "fber": 1688.6934814453125,
  "fd_mean": 0.20803889967482586,
  "fd_num": 67,
  "fd_perc": 31.01851851851852,
  "fwhm_avg": 1.8615672917551784,
  "fwhm_x": 1.7948364258796148,
  "fwhm_y": 2.0154741608038527,
  "fwhm_z": 1.7743912885820676,
  "gcor": 0.0106576,
  "gsr_x": -0.02153763175010681,
  "gsr_y": 0.01594308391213417,
  "provenance": {
    "md5sum": "c27368ed4a42458eb09f6f289ca63b57",
    "settings": {
      "fd_thres": 0.2,
      "testing": false
    },
    "software": "mriqc",
    "version": "22.0.6",
    "webapi_port": null,
    "webapi_url": "https://mriqc.nimh.nih.gov/api/v1"
  },
  "size_t": 216,
  "size_x": 74,
  "size_y": 74,
  "size_z": 36,
  "snr": 6.866774847010725,
  "spacing_tr": 2.0199999809265137,
  "spacing_x": 2.972972869873047,
  "spacing_y": 2.972972869873047,
  "spacing_z": 3.2200000286102295,
  "summary_bg_k": 18.56751861121779,
  "summary_bg_mad": 12.862948858226861,
  "summary_bg_mean": 60.96754455566406,
  "summary_bg_median": 23.953704833984375,
  "summary_bg_n": 130046.0,
  "summary_bg_p05": 12.657407760620117,
  "summary_bg_p95": 256.5023193359375,
  "summary_bg_stdv": 106.4736099243164,
  "summary_fg_k": 3.0043660546019844,
  "summary_fg_mad": 134.13432743433827,
  "summary_fg_mean": 1007.7322387695312,
  "summary_fg_median": 999.4768676757812,
  "summary_fg_n": 29889.0,
  "summary_fg_p05": 805.3037109375,
  "summary_fg_p95": 1234.74169921875,
  "summary_fg_stdv": 145.55015563964844,
  "tsnr": 65.79583816509694
}