{
  "bids_meta": {
    "AcquisitionMatrixPE": 192,
    "AcquisitionNumber": 1,
    "AcquisitionTime": "12:12:51.560000",
    "BaseResolution": 192,
    "BodyPartExamined": "BRAIN",
    "CoilString": "HE1-4;NE1_2",
    "ConsistencyInfo": "N4_VE11C_LATEST_20160120",
    "ConversionSoftware": "dcm2niix",
    "ConversionSoftwareVersion": "v1.0.20190410  GCC6.3.0",
    "DeviceSerialNumber": "166048",
    "DwellTime": 3.5e-06,
    "EchoTime": 0.567,
    "EchoTrainLength": 314,
    "FlipAngle": 120,
    "ImageOrientationPatientDICOM": [
      0,
      1,
      0,
      0,
      0,
      -1
    ],
    "ImageType": [
      "ORIGINAL",
      "PRIMARY",
      "M",
      "ND",
      "NORM"
    ],
    "ImagingFrequency": 123.246,
    "InPlanePhaseEncodingDirectionDICOM": "ROW",
    "InstitutionAddress": "North_13th_1701_Philadelphia_PA_US_19122",
    "InstitutionName": "Temple_University_-_Weiss_Hall",
    "InstitutionalDepartmentName": "Department",
    "MRAcquisitionType": "3D",
    "MagneticFieldStrength": 3,
    "Manufacturer": "Siemens",
    "ManufacturersModelName": "Prisma",
    "Modality": "MR",
    "PartialFourier": 1,
    "PatientPosition": "HFS",
    "PercentPhaseFOV": 100,
    "PhaseEncodingSteps": 209,
    "PhaseOversampling": 0.1,
    "PhaseResolution": 1,
    "PixelBandwidth": 745,
    "ProcedureStepDescription": "SMITH_SRNDNA",
    "ProtocolName": "T2w-anat_spc_07sag_iso",
    "PulseSequenceDetails": "%SiemensSeq%_tse_vfl",
    "ReceiveCoilActiveElements": "HE1-4;NE1,2",
    "ReceiveCoilName": "HeadNeck_20",
    "ReconMatrixPE": 192,
    "RefLinesPE": 32,
    "RepetitionTime": 3.2,
    "SAR": 0.159952,
    "ScanOptions": "PFP",
    "ScanningSequence": "SE",
    "SequenceName": "_spc_314ns",
    "SequenceVariant": "SK_SP_OSP",
    "SeriesDescription": "T2w-anat_spc_07sag_iso",
    "SeriesNumber": 3,
    "ShimSetting": [
      1439,
      -7474,
      6479,
      393,
      36,
      -201,
      -39,
      28
    ],
    "SliceThickness": 1,
    "SoftwareVersions": "syngo_MR_E11",
    "StationName": "AWP166048",
    "TxRefAmp": 251.034,
    "dataset": "<unset>",
    "modality": "T2w",
    "subject_id": "105"
  },
  "cjv": 0.3444926908806252,
  "cnr": 2.027238293799722,
  "efc": 0.5908527293506406,
  "fber": 7534.417143898376,
  "fwhm_avg": 2.3918766666666667,
  "fwhm_x": 2.31475,
  "fwhm_y": 2.66461,
  "fwhm_z": 2.19627,
  "icvs_csf": 0.2911987392592917,
  "icvs_gm": 0.5723378615767795,
  "icvs_wm": 0.13646339916392886,
  "inu_med": 0.9542155265808105,
  "inu_range": 0.239665600657463,
  "provenance": {
    "md5sum": "69280acc51939fe6c181073b32521a68",
    "settings": {
      "testing": false
    },
    "software": "mriqc",
    "version": "22.0.6",
    "warnings": {
      "large_rot_frame": true,
      "small_air_mask": false
    },
    "webapi_port": null,
    "webapi_url": "https://mriqc.nimh.nih.gov/api/v1"
  },
  "qi_1": 0.0,
  "qi_2": 0.0035194212346534312,
  "rpve_csf": 9.501328858526305,
  "rpve_gm": 6.272304953998072,
  "rpve_wm": 26.90760430173137,
  "size_x": 192,
  "size_y": 192,
  "size_z": 192,
  "snr_csf": 8.663584435264221,
  "snr_gm": 8.885601346701366,
  "snr_total": 6.868444388835893,
  "snr_wm": 3.0561473845420886,
  "snrd_csf": 142.29658804412347,
  "snrd_gm": 85.07948122331646,
  "snrd_total": 161.12358049807042,
  "snrd_wm": 255.9946722267713,
  "spacing_x": 1.0,
  "spacing_y": 1.0,
  "spacing_z": 1.0,
  "summary_bg_k": 3.379125685366051,
  "summary_bg_mad": 0.0,
  "summary_bg_mean": 1.636889305191829,
  "summary_bg_median": 0.0,
  "summary_bg_n": 1500031.0,
  "summary_bg_p05": 0.0,
  "summary_bg_p95": 7.691930577158928,
  "summary_bg_stdv": 2.558376430999922,
  "summary_csf_k": 1.7255381053697025,
  "summary_csf_mad": 56.87490657232371,
  "summary_csf_mean": 561.7449555317396,
  "summary_csf_median": 555.683117384091,
  "summary_csf_n": 18700.0,
  "summary_csf_p05": 470.384120405931,
  "summary_csf_p95": 674.8501556280069,
  "summary_csf_stdv": 64.13837869303823,
  "summary_gm_k": 0.2712007799185674,
  "summary_gm_mad": 37.179606444721074,
  "summary_gm_mean": 333.5682633083143,
  "summary_gm_median": 332.24430748075247,
  "summary_gm_n": 244488.0,
  "summary_gm_p05": 275.3004744835198,
  "summary_gm_p95": 396.7427151519805,
  "summary_gm_stdv": 37.3912372440429,
  "summary_wm_k": 0.9856722688601782,
  "summary_wm_mad": 192.74920383372415,
  "summary_wm_mean": 866.5631096935113,
  "summary_wm_median": 999.6860743602738,
  "summary_wm_n": 16656.0,
  "summary_wm_p05": 58.292864189017564,
  "summary_wm_p95": 1173.6816646927036,
  "summary_wm_stdv": 327.09681122630514,
  "tpm_overlap_csf": 0.11302887779487039,
  "tpm_overlap_gm": 0.35476707963079135,
  "tpm_overlap_wm": 0.039193715075390496,
  "wm2max": 0.8752791808404632
}