{
  "bids_meta": {
    "AcquisitionMatrixPE": 192,
    "AcquisitionNumber": 1,
    "AcquisitionTime": "12:16:54.305000",
    "BaseResolution": 192,
    "BodyPartExamined": "BRAIN",
    "CoilString": "HE1-4;NE1_2",
    "ConsistencyInfo": "N4_VE11C_LATEST_20160120",
    "ConversionSoftware": "dcm2niix",
    "ConversionSoftwareVersion": "v1.0.20190410  GCC6.3.0",
    "DeviceSerialNumber": "166048",
    "DwellTime": 1.24e-05,
    "EchoTime": 0.0022,
    "FlipAngle": 8,
    "ImageOrientationPatientDICOM": [
      0,
      1,
      0,
      0,
      0,
      -1
    ],
    "ImageType": [
      "ORIGINAL",
      "PRIMARY",
      "M",
      "ND",
      "NORM",
      "FM3",
      "2",
      "FIL"
    ],
    "ImagingFrequency": 123.246,
    "InPlanePhaseEncodingDirectionDICOM": "ROW",
    "InstitutionAddress": "North_13th_1701_Philadelphia_PA_US_19122",
    "InstitutionName": "Temple_University_-_Weiss_Hall",
    "InstitutionalDepartmentName": "Department",
    "InversionTime": 1.15,
    "MRAcquisitionType": "3D",
    "MagneticFieldStrength": 3,
    "Manufacturer": "Siemens",
    "ManufacturersModelName": "Prisma",
    "Modality": "MR",
    "PartialFourier": 1,
    "PatientPosition": "HFS",
    "PercentPhaseFOV": 100,
    "PhaseEncodingSteps": 211,
    "PhaseOversampling": 0.1,
    "PhaseResolution": 1,
    "PixelBandwidth": 210,
    "ProcedureStepDescription": "SMITH_SRNDNA",
    "ProtocolName": "T1w-anat_mpg_07sag_iso",
    "PulseSequenceDetails": "%SiemensSeq%_tfl",
    "ReceiveCoilActiveElements": "HE1-4;NE1,2",
    "ReceiveCoilName": "HeadNeck_20",
    "ReconMatrixPE": 192,
    "RefLinesPE": 32,
    "RepetitionTime": 2.4,
    "SAR": 0.0435446,
    "ScanOptions": "IR_WE",
    "ScanningSequence": "GR_IR",
    "SequenceName": "_tfl3d1_16ns",
    "SequenceVariant": "SK_SP_MP_OSP",
    "SeriesDescription": "T1w-anat_mpg_07sag_iso",
    "SeriesNumber": 5,
    "ShimSetting": [
      1439,
      -7474,
      6479,
      393,
      36,
      -201,
      -39,
      28
    ],
    "SliceThickness": 1,
    "SoftwareVersions": "syngo_MR_E11",
    "StationName": "AWP166048",
    "TxRefAmp": 251.034,
    "dataset": "<unset>",
    "modality": "T1w",
    "subject_id": "105"
  },
  "cjv": 0.30990955464513187,
  "cnr": 4.202970105310817,
  "efc": 0.6268102215462046,
  "fber": 42656.658193618176,
  "fwhm_avg": 3.86211,
  "fwhm_x": 3.81813,
  "fwhm_y": 3.85964,
  "fwhm_z": 3.90856,
  "icvs_csf": 0.20409405894527613,
  "icvs_gm": 0.44679396114965275,
  "icvs_wm": 0.34911197990507115,
  "inu_med": 0.45027780532836914,
  "inu_range": 0.18663938790559775,
  "provenance": {
    "md5sum": "a6ca338f80511b0479cb341aa5f5c084",
    "settings": {
      "testing": false
    },
    "software": "mriqc",
    "version": "22.0.6",
    "warnings": {
      "large_rot_frame": true,
      "small_air_mask": false
    },
    "webapi_port": null,
    "webapi_url": "https://mriqc.nimh.nih.gov/api/v1"
  },
  "qi_1": 0.0,
  "qi_2": 0.00919163119837757,
  "rpve_csf": 14.656353980371232,
  "rpve_gm": 7.131883766294083,
  "rpve_wm": 10.609080845837155,
  "size_x": 192,
  "size_y": 192,
  "size_z": 192,
  "snr_csf": 2.331197260664841,
  "snr_gm": 13.560061497997888,
  "snr_total": 14.940193214222967,
  "snr_wm": 28.929320884006174,
  "snrd_csf": 39.10535004314381,
  "snrd_gm": 113.2021515235903,
  "snrd_total": 102.43021707470082,
  "snrd_wm": 154.98314965736836,
  "spacing_x": 1.0,
  "spacing_y": 1.0,
  "spacing_z": 1.0,
  "summary_bg_k": 9.376052960487629,
  "summary_bg_mad": 0.0,
  "summary_bg_mean": 2.4465491417244003,
  "summary_bg_median": 0.0,
  "summary_bg_n": 1525838.0,
  "summary_bg_p05": 0.0,
  "summary_bg_p95": 11.039111031219363,
  "summary_bg_stdv": 4.227243711222858,
  "summary_csf_k": 3.182293375521642,
  "summary_csf_mad": 92.50394532926826,
  "summary_csf_mean": 263.98083928220717,
  "summary_csf_median": 252.32584396936,
  "summary_csf_n": 29659.0,
  "summary_csf_p05": 116.17680791765451,
  "summary_csf_p95": 473.2608070105312,
  "summary_csf_stdv": 108.23691088221673,
  "summary_gm_k": 0.38768417091569374,
  "summary_gm_mad": 51.12421310853476,
  "summary_gm_mean": 728.4027393762484,
  "summary_gm_median": 730.4327512942255,
  "summary_gm_n": 31545.0,
  "summary_gm_p05": 635.9222237695009,
  "summary_gm_p95": 813.4413119792938,
  "summary_gm_stdv": 53.86562396336712,
  "summary_wm_k": 0.7704631184600368,
  "summary_wm_mad": 32.424417038634466,
  "summary_wm_mean": 1000.6551585241834,
  "summary_wm_median": 1000.0231169182807,
  "summary_wm_n": 184456.0,
  "summary_wm_p05": 944.9895612951368,
  "summary_wm_p95": 1057.2783804219216,
  "summary_wm_stdv": 34.56771108412939,
  "tpm_overlap_csf": 0.16111888588289455,
  "tpm_overlap_gm": 0.4566201785357655,
  "tpm_overlap_wm": 0.49392009049881247,
  "wm2max": 0.8869799043455057
}