{
  "aor": 0.00543245,
  "aqi": 0.025440958899999998,
  "bids_meta": {
    "AcquisitionMatrixPE": 74,
    "AcquisitionNumber": 1,
    "AcquisitionTime": "11:52:54.027500",
    "BandwidthPerPixelPhaseEncode": 27.579,
    "BaseResolution": 74,
    "BodyPartExamined": "BRAIN",
    "CogAtlasID": "http://www.cognitiveatlas.org/task/id/TODO",
    "CoilString": "HE1-4;NE1_2",
    "ConsistencyInfo": "N4_VE11C_LATEST_20160120",
    "ConversionSoftware": "dcm2niix",
    "ConversionSoftwareVersion": "v1.0.20190410  GCC6.3.0",
    "DerivedVendorReportedEchoSpacing": 0.000489993,
    "DeviceSerialNumber": "166048",
    "DwellTime": 2.9e-06,
    "EchoTime": 0.023,
    "EchoTrainLength": 74,
    "EffectiveEchoSpacing": 0.000489993,
    "FlipAngle": 76,
    "ImageOrientationPatientDICOM": [
      1,
      0,
      0,
      0,
      0.954761,
      -0.297375
    ],
    "ImageType": [
      "ORIGINAL",
      "PRIMARY",
      "M",
      "ND",
      "NORM",
      "MOSAIC"
    ],
    "ImagingFrequency": 123.246,
    "InPlanePhaseEncodingDirectionDICOM": "COL",
    "InstitutionAddress": "North_13th_1701_Philadelphia_PA_US_19122",
    "InstitutionName": "Temple_University_-_Weiss_Hall",
    "InstitutionalDepartmentName": "Department",
    "MRAcquisitionType": "2D",
    "MagneticFieldStrength": 3,
    "Manufacturer": "Siemens",
    "ManufacturersModelName": "Prisma",
    "Modality": "MR",
    "PartialFourier": 1,
    "PatientPosition": "HFS",
    "PercentPhaseFOV": 100,
    "PhaseEncodingDirection": "j-",
    "PhaseEncodingSteps": 74,
    "PhaseResolution": 1,
    "PixelBandwidth": 2330,
    "ProcedureStepDescription": "SMITH_SRNDNA",
    "ProtocolName": "func-bold_task-UG_run0",
    "PulseSequenceDetails": "%SiemensSeq%_ep2d_bold",
    "ReceiveCoilActiveElements": "HE1-4;NE1,2",
    "ReceiveCoilName": "HeadNeck_20",
    "ReconMatrixPE": 74,
    "RepetitionTime": 2.02,
    "SAR": 0.095774,
    "ScanOptions": "FS",
    "ScanningSequence": "EP",
    "SequenceName": "_epfid2d1_74",
    "SequenceVariant": "SK",
    "SeriesDescription": "func-bold_task-UG_run0",
    "SeriesNumber": 16,
    "ShimSetting": [
      1450,
      -7409,
      6556,
      526,
      104,
      87,
      -106,
      53
    ],
    "SliceThickness": 2.8,
    "SliceTiming": [
      1.9425,
      1.8875,
      1.8325,
      1.7775,
      1.72,
      1.665,
      1.61,
      1.555,
      1.4975,
      1.4425,
      1.3875,
      1.3325,
      1.2775,
      1.22,
      1.165,
      1.11,
      1.055,
      0.9975,
      0.9425,
      0.8875,
      0.8325,
      0.7775,
      0.72,
      0.665,
      0.61,
      0.555,
      0.5,
      0.4425,
      0.3875,
      0.3325,
      0.2775,
      0.22,
      0.165,
      0.11,
      0.055,
      0
    ],
    "SoftwareVersions": "syngo_MR_E11",
    "SpacingBetweenSlices": 3.22,
    "StationName": "AWP166048",
    "TaskName": "ultimatum",
    "TotalReadoutTime": 0.0357695,
    "TxRefAmp": 257.693,
    "dataset": "<unset>",
    "modality": "bold",
    "run_id": 1,
    "subject_id": "130",
    "task_id": "ultimatum"
  },
  "dummy_trs": 0,
  "dvars_nstd": 38.48284136738694,
  "dvars_std": 1.2062154452261304,
  "dvars_vstd": 0.9902530234673365,
  "efc": 0.5011148350316689,
  "fber": 1825.7122802734375,
  "fd_mean": 0.5233600076676171,
  "fd_num": 160,
  "fd_perc": 80.0,
  "fwhm_avg": 1.696750061375413,
  "fwhm_x": 1.662040057637997,
  "fwhm_y": 1.7751356070145903,
  "fwhm_z": 1.6530745194736516,
  "gcor": 0.0280605,
  "gsr_x": -0.010143568739295006,
  "gsr_y": 0.02238258719444275,
  "provenance": {
    "md5sum": "845eac5723b9f26ab621a4753ece452e",
    "settings": {
      "fd_thres": 0.2,
      "testing": false
    },
    "software": "mriqc",
    "version": "22.0.6",
    "webapi_port": null,
    "webapi_url": "https://mriqc.nimh.nih.gov/api/v1"
  },
  "size_t": 200,
  "size_x": 74,
  "size_y": 74,
  "size_z": 36,
  "snr": 6.394730302843249,
  "spacing_tr": 2.0199999809265137,
  "spacing_x": 2.972972869873047,
  "spacing_y": 2.972972869873047,
  "spacing_z": 3.2200000286102295,
  "summary_bg_k": 56.99855372331874,
  "summary_bg_mad": 9.488652218948332,
  "summary_bg_mean": 36.75467300415039,
  "summary_bg_median": 18.07499885559082,
  "summary_bg_n": 126078.0,
  "summary_bg_p05": 9.125,
  "summary_bg_p95": 122.96499633789062,
  "summary_bg_stdv": 55.691123962402344,
  "summary_fg_k": 2.4232243381799163,
  "summary_fg_mad": 110.84677658437727,
  "summary_fg_mean": 796.7396850585938,
  "summary_fg_median": 779.97998046875,
  "summary_fg_n": 33634.0,
  "summary_fg_p05": 639.6982604980469,
  "summary_fg_p95": 1010.8494537353515,
  "summary_fg_stdv": 121.97048950195312,
  "tsnr": 40.53348513226956
}